{
  "aor": 0.00035296296296296296,
  "aqi": 0.01893999953703704,
  "bids_meta": {
    "AccelFactPE": 2,
    "AcquisitionNumber": 1,
    "AcquisitionTime": "10:39:18.825000",
    "BandwidthPerPixelPhaseEncode": 65.104,
    "ConversionSoftware": "dcm2niix",
    "ConversionSoftwareVersion": "v1.0.20170724 GCC4.4.7",
    "DeviceSerialNumber": "35193",
    "EchoTime": 0.025,
    "EffectiveEchoSpacing": 0.000240001,
    "FlipAngle": 90,
    "ImageType": [
      "ORIGINAL",
      "PRIMARY",
      "M",
      "ND",
      "NORM",
      "MOSAIC"
    ],
    "InstitutionAddress": "Xinjiekouwai_Street_No_19_Beijing_Haidian_District_CN_100875",
    "InstitutionName": "BNU_MRI_Center",
    "MagneticFieldStrength": 3,
    "Manufacturer": "Siemens",
    "ManufacturersModelName": "TrioTim",
    "PhaseEncodingDirection": "j-",
    "PhaseEncodingLines": 64,
    "ProcedureStepDescription": "BNU_cst_2019_Zhu.Bi",
    "ProtocolName": "Test1_216",
    "RepetitionTime": 2,
    "ScanningSequence": "EP",
    "SequenceName": "_epfid2d1_64",
    "SequenceVariant": "SK",
    "SeriesDescription": "Test1_216",
    "SliceTiming": [
      0,
      1.0175,
      0.0475,
      1.0675,
      0.0975,
      1.115,
      0.145,
      1.1625,
      0.195,
      1.2125,
      0.2425,
      1.26,
      0.29,
      1.31,
      0.34,
      1.3575,
      0.3875,
      1.405,
      0.4375,
      1.455,
      0.485,
      1.5025,
      0.5325,
      1.55,
      0.5825,
      1.6,
      0.63,
      1.6475,
      0.6775,
      1.6975,
      0.7275,
      1.745,
      0.775,
      1.7925,
      0.825,
      1.8425,
      0.8725,
      1.89,
      0.92,
      1.94,
      0.97
    ],
    "SoftwareVersions": "syngo_MR_B17",
    "TaskName": "retrieval",
    "TotalReadoutTime": 0.01488,
    "TrueEchoSpacing": 0.000480001,
    "dataset": "ds003789",
    "modality": "bold",
    "run_id": 1,
    "subject_id": "5419",
    "task_id": "retrieval"
  },
  "dummy_trs": 0,
  "dvars_nstd": 29.996393345534877,
  "dvars_std": 1.0607979832093022,
  "dvars_vstd": 0.9864801297209309,
  "efc": 0.5984514642196673,
  "fber": 724.9146728515625,
  "fd_mean": 0.05308440121895208,
  "fd_num": 0,
  "fd_perc": 0.0,
  "fwhm_avg": 1.60669917960704,
  "fwhm_x": 1.5285966666666668,
  "fwhm_y": 1.7416465282530365,
  "fwhm_z": 1.549854343901416,
  "gcor": 0.00174806,
  "gsr_x": 0.026549266651272774,
  "gsr_y": 0.022430850192904472,
  "provenance": {
    "md5sum": "304c4ca3571105d3e1a90f59b58db173",
    "settings": {
      "fd_thres": 0.2,
      "testing": false
    },
    "software": "mriqc",
    "version": "23.1.0"
  },
  "size_t": 216,
  "size_x": 64,
  "size_y": 64,
  "size_z": 41,
  "snr": 6.425255812515984,
  "spacing_tr": 2.0,
  "spacing_x": 3.0,
  "spacing_y": 3.000000238418579,
  "spacing_z": 3.3000004291534424,
  "summary_bg_k": 9.740253771800377,
  "summary_bg_mad": 23.632405854360798,
  "summary_bg_mean": 68.05851200978019,
  "summary_bg_median": 28.476852416992188,
  "summary_bg_n": 120415.0,
  "summary_bg_p05": 8.495370864868164,
  "summary_bg_p95": 275.3240661621094,
  "summary_bg_stdv": 94.88324728845245,
  "summary_fg_k": 3.252664637474542,
  "summary_fg_mad": 87.04795238635982,
  "summary_fg_mean": 756.7685122386878,
  "summary_fg_median": 766.7175903320312,
  "summary_fg_n": 47521.0,
  "summary_fg_p05": 518.8055419921875,
  "summary_fg_p95": 920.1990966796875,
  "summary_fg_stdv": 119.32747045668442,
  "tsnr": 48.83723950665444
}