{
  "aor": 0.0005912337662337663,
  "aqi": 0.014452388961038964,
  "bids_meta": {
    "AccelFactPE": 2,
    "AcquisitionNumber": 1,
    "AcquisitionTime": "11:53:29.560000",
    "BandwidthPerPixelPhaseEncode": 65.104,
    "ConversionSoftware": "dcm2niix",
    "ConversionSoftwareVersion": "v1.0.20170724 GCC4.4.7",
    "DeviceSerialNumber": "35193",
    "EchoTime": 0.025,
    "EffectiveEchoSpacing": 0.000240001,
    "FlipAngle": 90,
    "ImageType": [
      "ORIGINAL",
      "PRIMARY",
      "M",
      "ND",
      "NORM",
      "MOSAIC"
    ],
    "InstitutionAddress": "Xinjiekouwai_Street_No_19_Beijing_Haidian_District_CN_100875",
    "InstitutionName": "BNU_MRI_Center",
    "MagneticFieldStrength": 3,
    "Manufacturer": "Siemens",
    "ManufacturersModelName": "TrioTim",
    "PhaseEncodingDirection": "j-",
    "PhaseEncodingLines": 64,
    "ProcedureStepDescription": "BNU_cst_2019_Zhu.Bi",
    "ProtocolName": "Learning8_154",
    "RepetitionTime": 2,
    "ScanningSequence": "EP",
    "SequenceName": "_epfid2d1_64",
    "SequenceVariant": "SK",
    "SeriesDescription": "Learning8_154",
    "SliceTiming": [
      0,
      1.02,
      0.05,
      1.0675,
      0.0975,
      1.115,
      0.1475,
      1.165,
      0.195,
      1.2125,
      0.2425,
      1.2625,
      0.2925,
      1.31,
      0.34,
      1.3575,
      0.3875,
      1.4075,
      0.4375,
      1.455,
      0.485,
      1.5025,
      0.535,
      1.5525,
      0.5825,
      1.6,
      0.63,
      1.65,
      0.68,
      1.6975,
      0.7275,
      1.745,
      0.7775,
      1.795,
      0.825,
      1.8425,
      0.8725,
      1.8925,
      0.9225,
      1.94,
      0.97
    ],
    "SoftwareVersions": "syngo_MR_B17",
    "TaskName": "encoding",
    "TotalReadoutTime": 0.01488,
    "TrueEchoSpacing": 0.000480001,
    "dataset": "ds003789",
    "modality": "bold",
    "run_id": 8,
    "subject_id": "5419",
    "task_id": "encoding"
  },
  "dummy_trs": 0,
  "dvars_nstd": 30.747427485359484,
  "dvars_std": 1.091358543986928,
  "dvars_vstd": 1.0137277278431374,
  "efc": 0.6058751004718282,
  "fber": 624.46728515625,
  "fd_mean": 0.08586094596204893,
  "fd_num": 6,
  "fd_perc": 3.896103896103896,
  "fwhm_avg": 1.6737783915561548,
  "fwhm_x": 1.6057533333333334,
  "fwhm_y": 1.8132333333333335,
  "fwhm_z": 1.6023485080017972,
  "gcor": 0.00969241,
  "gsr_x": 0.02677926979959011,
  "gsr_y": 0.026507973670959473,
  "provenance": {
    "md5sum": "89fd9cec285ccf8abfdf381f64e53cb0",
    "settings": {
      "fd_thres": 0.2,
      "testing": false
    },
    "software": "mriqc",
    "version": "23.1.0"
  },
  "size_t": 154,
  "size_x": 64,
  "size_y": 64,
  "size_z": 41,
  "snr": 6.275993805705733,
  "spacing_tr": 2.0,
  "spacing_x": 3.0,
  "spacing_y": 3.0,
  "spacing_z": 3.299999952316284,
  "summary_bg_k": 7.994311164656372,
  "summary_bg_mad": 25.94554023776769,
  "summary_bg_mean": 74.09603522938643,
  "summary_bg_median": 31.077922821044922,
  "summary_bg_n": 120292.0,
  "summary_bg_p05": 9.220779418945312,
  "summary_bg_p95": 300.6233825683594,
  "summary_bg_stdv": 100.96860450405728,
  "summary_fg_k": 2.7564075179073813,
  "summary_fg_mad": 96.20065022515067,
  "summary_fg_mean": 767.7987958617279,
  "summary_fg_median": 776.6168823242188,
  "summary_fg_n": 47644.0,
  "summary_fg_p05": 525.0584106445312,
  "summary_fg_p95": 940.2337646484375,
  "summary_fg_stdv": 123.74274993210685,
  "tsnr": 49.46798675879836
}