{
  "aor": 0.0003458333333333334,
  "aqi": 0.016924924537037037,
  "bids_meta": {
    "AccelFactPE": 2,
    "AcquisitionNumber": 1,
    "AcquisitionTime": "10:47:34.765000",
    "BandwidthPerPixelPhaseEncode": 65.104,
    "ConversionSoftware": "dcm2niix",
    "ConversionSoftwareVersion": "v1.0.20170724 GCC4.4.7",
    "DeviceSerialNumber": "35193",
    "EchoTime": 0.025,
    "EffectiveEchoSpacing": 0.000240001,
    "FlipAngle": 90,
    "ImageType": [
      "ORIGINAL",
      "PRIMARY",
      "M",
      "ND",
      "NORM",
      "MOSAIC"
    ],
    "InstitutionAddress": "Xinjiekouwai_Street_No_19_Beijing_Haidian_District_CN_100875",
    "InstitutionName": "BNU_MRI_Center",
    "MagneticFieldStrength": 3,
    "Manufacturer": "Siemens",
    "ManufacturersModelName": "TrioTim",
    "PhaseEncodingDirection": "j-",
    "PhaseEncodingLines": 64,
    "ProcedureStepDescription": "BNU_cst_2019_Zhu.Bi",
    "ProtocolName": "Test2_216",
    "RepetitionTime": 2,
    "ScanningSequence": "EP",
    "SequenceName": "_epfid2d1_64",
    "SequenceVariant": "SK",
    "SeriesDescription": "Test2_216",
    "SliceTiming": [
      0,
      1.02,
      0.05,
      1.0675,
      0.0975,
      1.115,
      0.1475,
      1.165,
      0.195,
      1.2125,
      0.2425,
      1.26,
      0.2925,
      1.31,
      0.34,
      1.3575,
      0.3875,
      1.4075,
      0.4375,
      1.455,
      0.485,
      1.5025,
      0.535,
      1.5525,
      0.5825,
      1.6,
      0.63,
      1.65,
      0.68,
      1.6975,
      0.7275,
      1.745,
      0.7775,
      1.795,
      0.825,
      1.8425,
      0.8725,
      1.8925,
      0.9225,
      1.94,
      0.97
    ],
    "SoftwareVersions": "syngo_MR_B17",
    "TaskName": "retrieval",
    "TotalReadoutTime": 0.01488,
    "TrueEchoSpacing": 0.000480001,
    "dataset": "ds003789",
    "modality": "bold",
    "run_id": 2,
    "subject_id": "5419",
    "task_id": "retrieval"
  },
  "dummy_trs": 0,
  "dvars_nstd": 29.67920664432558,
  "dvars_std": 1.0648549646976744,
  "dvars_vstd": 0.9890756849302318,
  "efc": 0.5994253148087859,
  "fber": 715.261474609375,
  "fd_mean": 0.06633360128079673,
  "fd_num": 1,
  "fd_perc": 0.46296296296296297,
  "fwhm_avg": 1.6183879670672676,
  "fwhm_x": 1.5445133333333334,
  "fwhm_y": 1.7660598596461727,
  "fwhm_z": 1.5445907082222972,
  "gcor": 0.00711478,
  "gsr_x": 0.027362076565623283,
  "gsr_y": 0.02398831397294998,
  "provenance": {
    "md5sum": "dec851c3a3d6fba01d20046c63e6ba41",
    "settings": {
      "fd_thres": 0.2,
      "testing": false
    },
    "software": "mriqc",
    "version": "23.1.0"
  },
  "size_t": 216,
  "size_x": 64,
  "size_y": 64,
  "size_z": 41,
  "snr": 6.398301726619314,
  "spacing_tr": 2.0,
  "spacing_x": 3.0,
  "spacing_y": 3.000000238418579,
  "spacing_z": 3.3000004291534424,
  "summary_bg_k": 9.641249321788411,
  "summary_bg_mad": 24.08542288469981,
  "summary_bg_mean": 68.55571605468448,
  "summary_bg_median": 28.59722328186035,
  "summary_bg_n": 120348.0,
  "summary_bg_p05": 8.083333015441895,
  "summary_bg_p95": 278.35186767578125,
  "summary_bg_stdv": 95.63022295297228,
  "summary_fg_k": 3.3191490245767357,
  "summary_fg_mad": 87.42548024619902,
  "summary_fg_mean": 755.2295344229996,
  "summary_fg_median": 764.8148193359375,
  "summary_fg_n": 47588.0,
  "summary_fg_p05": 516.4444580078125,
  "summary_fg_p95": 919.0509033203125,
  "summary_fg_stdv": 119.53277856792836,
  "tsnr": 49.922833365853876
}