{
  "aor": 0.0006262987012987014,
  "aqi": 0.01609995064935065,
  "bids_meta": {
    "AccelFactPE": 2,
    "AcquisitionNumber": 1,
    "AcquisitionTime": "11:47:31.432500",
    "BandwidthPerPixelPhaseEncode": 65.104,
    "ConversionSoftware": "dcm2niix",
    "ConversionSoftwareVersion": "v1.0.20170724 GCC4.4.7",
    "DeviceSerialNumber": "35193",
    "EchoTime": 0.025,
    "EffectiveEchoSpacing": 0.000240001,
    "FlipAngle": 90,
    "ImageType": [
      "ORIGINAL",
      "PRIMARY",
      "M",
      "ND",
      "NORM",
      "MOSAIC"
    ],
    "InstitutionAddress": "Xinjiekouwai_Street_No_19_Beijing_Haidian_District_CN_100875",
    "InstitutionName": "BNU_MRI_Center",
    "MagneticFieldStrength": 3,
    "Manufacturer": "Siemens",
    "ManufacturersModelName": "TrioTim",
    "PhaseEncodingDirection": "j-",
    "PhaseEncodingLines": 64,
    "ProcedureStepDescription": "BNU_cst_2019_Zhu.Bi",
    "ProtocolName": "Learning7_154",
    "RepetitionTime": 2,
    "ScanningSequence": "EP",
    "SequenceName": "_epfid2d1_64",
    "SequenceVariant": "SK",
    "SeriesDescription": "Learning7_154",
    "SliceTiming": [
      0,
      1.0175,
      0.05,
      1.0675,
      0.0975,
      1.115,
      0.145,
      1.165,
      0.195,
      1.2125,
      0.2425,
      1.26,
      0.2925,
      1.31,
      0.34,
      1.3575,
      0.3875,
      1.4075,
      0.4375,
      1.455,
      0.485,
      1.5025,
      0.535,
      1.5525,
      0.5825,
      1.6,
      0.63,
      1.6475,
      0.68,
      1.6975,
      0.7275,
      1.745,
      0.775,
      1.795,
      0.825,
      1.8425,
      0.8725,
      1.89,
      0.9225,
      1.94,
      0.97
    ],
    "SoftwareVersions": "syngo_MR_B17",
    "TaskName": "encoding",
    "TotalReadoutTime": 0.01488,
    "TrueEchoSpacing": 0.000480001,
    "dataset": "ds003789",
    "modality": "bold",
    "run_id": 7,
    "subject_id": "5419",
    "task_id": "encoding"
  },
  "dummy_trs": 0,
  "dvars_nstd": 30.426655613594768,
  "dvars_std": 1.082255955620915,
  "dvars_vstd": 1.0059786313725492,
  "efc": 0.605475894520261,
  "fber": 628.9891967773438,
  "fd_mean": 0.07172217011679127,
  "fd_num": 4,
  "fd_perc": 2.5974025974025974,
  "fwhm_avg": 1.6842583915582419,
  "fwhm_x": 1.6134166666666667,
  "fwhm_y": 1.8365766666666667,
  "fwhm_z": 1.6027818413413921,
  "gcor": 0.00638663,
  "gsr_x": 0.02506236918270588,
  "gsr_y": 0.026870422065258026,
  "provenance": {
    "md5sum": "43031f6b1581481e254d59d40c5b1797",
    "settings": {
      "fd_thres": 0.2,
      "testing": false
    },
    "software": "mriqc",
    "version": "23.1.0"
  },
  "size_t": 154,
  "size_x": 64,
  "size_y": 64,
  "size_z": 41,
  "snr": 6.279246825016243,
  "spacing_tr": 2.0,
  "spacing_x": 3.0,
  "spacing_y": 3.0,
  "spacing_z": 3.299999952316284,
  "summary_bg_k": 7.8550128950979,
  "summary_bg_mad": 26.08031930125437,
  "summary_bg_mean": 73.89072976612,
  "summary_bg_median": 31.058441162109375,
  "summary_bg_n": 120293.0,
  "summary_bg_p05": 9.045454978942871,
  "summary_bg_p95": 300.0,
  "summary_bg_stdv": 100.2015865900735,
  "summary_fg_k": 2.8556548375577364,
  "summary_fg_mad": 96.91788076615867,
  "summary_fg_mean": 770.2172300982775,
  "summary_fg_median": 778.93505859375,
  "summary_fg_n": 47643.0,
  "summary_fg_p05": 529.6882934570312,
  "summary_fg_p95": 943.5454711914062,
  "summary_fg_stdv": 124.04782063055802,
  "tsnr": 48.136261865030974
}