{
  "aor": 0.0004856862745098039,
  "aqi": 0.015023664052287581,
  "bids_meta": {
    "AccelFactPE": 2,
    "AcquisitionNumber": 1,
    "AcquisitionTime": "12:42:49.800000",
    "BandwidthPerPixelPhaseEncode": 65.104,
    "ConversionSoftware": "dcm2niix",
    "ConversionSoftwareVersion": "v1.0.20170724 GCC4.4.7",
    "DeviceSerialNumber": "35193",
    "EchoTime": 0.025,
    "EffectiveEchoSpacing": 0.000240001,
    "FlipAngle": 90,
    "ImageType": [
      "ORIGINAL",
      "PRIMARY",
      "M",
      "ND",
      "NORM",
      "MOSAIC"
    ],
    "InstitutionAddress": "Xinjiekouwai_Street_No_19_Beijing_Haidian_District_CN_100875",
    "InstitutionName": "BNU_MRI_Center",
    "MagneticFieldStrength": 3,
    "Manufacturer": "Siemens",
    "ManufacturersModelName": "TrioTim",
    "PhaseEncodingDirection": "j-",
    "PhaseEncodingLines": 64,
    "ProcedureStepDescription": "BNU_cst_2019_Zhu.Bi",
    "ProtocolName": "Learning6_154",
    "RepetitionTime": 2,
    "ScanningSequence": "EP",
    "SequenceName": "_epfid2d1_64",
    "SequenceVariant": "SK",
    "SeriesDescription": "Learning6_154",
    "SliceTiming": [
      0,
      1.0175,
      0.05,
      1.0675,
      0.0975,
      1.115,
      0.145,
      1.165,
      0.195,
      1.2125,
      0.2425,
      1.26,
      0.2925,
      1.31,
      0.34,
      1.3575,
      0.3875,
      1.4075,
      0.4375,
      1.455,
      0.485,
      1.5025,
      0.535,
      1.5525,
      0.5825,
      1.6,
      0.63,
      1.65,
      0.68,
      1.6975,
      0.7275,
      1.745,
      0.7775,
      1.795,
      0.825,
      1.8425,
      0.8725,
      1.89,
      0.9225,
      1.94,
      0.97
    ],
    "SoftwareVersions": "syngo_MR_B17",
    "TaskName": "encoding",
    "TotalReadoutTime": 0.01488,
    "TrueEchoSpacing": 0.000480001,
    "dataset": "ds003789",
    "modality": "bold",
    "run_id": 6,
    "subject_id": "5412",
    "task_id": "encoding"
  },
  "dummy_trs": 1,
  "dvars_nstd": 26.824925473026312,
  "dvars_std": 1.08944989875,
  "dvars_vstd": 0.994727044868421,
  "efc": 0.5226957224599181,
  "fber": 1237.67724609375,
  "fd_mean": 0.03844404219262608,
  "fd_num": 2,
  "fd_perc": 1.3071895424836601,
  "fwhm_avg": 1.6156932398275723,
  "fwhm_x": 1.5475933333333334,
  "fwhm_y": 1.7414500000000002,
  "fwhm_z": 1.5580363861493831,
  "gcor": 0.0101387,
  "gsr_x": 0.006036847829818726,
  "gsr_y": 0.015167265199124813,
  "provenance": {
    "md5sum": "44d899b56b8c5f54745fc516d2178369",
    "settings": {
      "fd_thres": 0.2,
      "testing": false
    },
    "software": "mriqc",
    "version": "23.1.0"
  },
  "size_t": 153,
  "size_x": 64,
  "size_y": 64,
  "size_z": 41,
  "snr": 6.734010757418574,
  "spacing_tr": 2.0,
  "spacing_x": 3.0,
  "spacing_y": 3.0,
  "spacing_z": 3.299999952316284,
  "summary_bg_k": 19.18742468028225,
  "summary_bg_mad": 17.0741516122215,
  "summary_bg_mean": 54.33009892137939,
  "summary_bg_median": 25.653594970703125,
  "summary_bg_n": 130281.0,
  "summary_bg_p05": 10.0,
  "summary_bg_p95": 230.5294189453125,
  "summary_bg_stdv": 85.4788033811234,
  "summary_fg_k": 3.2666000538697473,
  "summary_fg_mad": 95.85551809249804,
  "summary_fg_mean": 887.3989642550375,
  "summary_fg_median": 902.5098266601562,
  "summary_fg_n": 37655.0,
  "summary_fg_p05": 608.5751953125,
  "summary_fg_p95": 1064.5882568359375,
  "summary_fg_stdv": 134.02084955916837,
  "tsnr": 59.00086583499797
}