{
  "aor": 0.0005683006535947713,
  "aqi": 0.01282931437908497,
  "bids_meta": {
    "AccelFactPE": 2,
    "AcquisitionNumber": 1,
    "AcquisitionTime": "12:30:48.732500",
    "BandwidthPerPixelPhaseEncode": 65.104,
    "ConversionSoftware": "dcm2niix",
    "ConversionSoftwareVersion": "v1.0.20170724 GCC4.4.7",
    "DeviceSerialNumber": "35193",
    "EchoTime": 0.025,
    "EffectiveEchoSpacing": 0.000240001,
    "FlipAngle": 90,
    "ImageType": [
      "ORIGINAL",
      "PRIMARY",
      "M",
      "ND",
      "NORM",
      "MOSAIC"
    ],
    "InstitutionAddress": "Xinjiekouwai_Street_No_19_Beijing_Haidian_District_CN_100875",
    "InstitutionName": "BNU_MRI_Center",
    "MagneticFieldStrength": 3,
    "Manufacturer": "Siemens",
    "ManufacturersModelName": "TrioTim",
    "PhaseEncodingDirection": "j-",
    "PhaseEncodingLines": 64,
    "ProcedureStepDescription": "BNU_cst_2019_Zhu.Bi",
    "ProtocolName": "Learning4_154",
    "RepetitionTime": 2,
    "ScanningSequence": "EP",
    "SequenceName": "_epfid2d1_64",
    "SequenceVariant": "SK",
    "SeriesDescription": "Learning4_154",
    "SliceTiming": [
      0,
      1.0175,
      0.0475,
      1.065,
      0.0975,
      1.115,
      0.145,
      1.1625,
      0.1925,
      1.2125,
      0.2425,
      1.26,
      0.29,
      1.3075,
      0.34,
      1.3575,
      0.3875,
      1.405,
      0.435,
      1.4525,
      0.485,
      1.5025,
      0.5325,
      1.55,
      0.58,
      1.6,
      0.63,
      1.6475,
      0.6775,
      1.695,
      0.7275,
      1.745,
      0.775,
      1.7925,
      0.8225,
      1.8425,
      0.8725,
      1.89,
      0.92,
      1.9375,
      0.97
    ],
    "SoftwareVersions": "syngo_MR_B17",
    "TaskName": "encoding",
    "TotalReadoutTime": 0.01488,
    "TrueEchoSpacing": 0.000480001,
    "dataset": "ds003789",
    "modality": "bold",
    "run_id": 4,
    "subject_id": "5412",
    "task_id": "encoding"
  },
  "dummy_trs": 1,
  "dvars_nstd": 26.344598493881588,
  "dvars_std": 1.1031015115789473,
  "dvars_vstd": 1.0093667654605267,
  "efc": 0.5216754249367174,
  "fber": 1255.274658203125,
  "fd_mean": 0.03054338343971853,
  "fd_num": 0,
  "fd_perc": 0.0,
  "fwhm_avg": 1.6107502094583512,
  "fwhm_x": 1.5408766666666667,
  "fwhm_y": 1.7470800000000002,
  "fwhm_z": 1.5442939617083862,
  "gcor": 0.0139432,
  "gsr_x": 0.007757079787552357,
  "gsr_y": 0.015146929770708084,
  "provenance": {
    "md5sum": "6e3347b5d20625927d242f8525d9e203",
    "settings": {
      "fd_thres": 0.2,
      "testing": false
    },
    "software": "mriqc",
    "version": "23.1.0"
  },
  "size_t": 153,
  "size_x": 64,
  "size_y": 64,
  "size_z": 41,
  "snr": 6.660642194336068,
  "spacing_tr": 2.0,
  "spacing_x": 3.0,
  "spacing_y": 3.0,
  "spacing_z": 3.299999952316284,
  "summary_bg_k": 19.72657712865156,
  "summary_bg_mad": 16.899726241545928,
  "summary_bg_mean": 53.80500576169526,
  "summary_bg_median": 25.483659744262695,
  "summary_bg_n": 130265.0,
  "summary_bg_p05": 9.836601257324219,
  "summary_bg_p95": 226.95425415039062,
  "summary_bg_stdv": 85.25936275216337,
  "summary_fg_k": 3.2405959192912395,
  "summary_fg_mad": 97.22183955839259,
  "summary_fg_mean": 887.2126275317972,
  "summary_fg_median": 902.8823852539062,
  "summary_fg_n": 37671.0,
  "summary_fg_p05": 604.4771118164062,
  "summary_fg_p95": 1066.6798095703125,
  "summary_fg_stdv": 135.55305555317156,
  "tsnr": 60.86394275678322
}