{
  "aor": 0.0006401324503311258,
  "aqi": 0.013130898675496688,
  "bids_meta": {
    "AccelFactPE": 2,
    "AcquisitionNumber": 1,
    "AcquisitionTime": "13:02:16.510000",
    "BandwidthPerPixelPhaseEncode": 65.104,
    "ConversionSoftware": "dcm2niix",
    "ConversionSoftwareVersion": "v1.0.20170724 GCC4.4.7",
    "DeviceSerialNumber": "35193",
    "EchoTime": 0.025,
    "EffectiveEchoSpacing": 0.000240001,
    "FlipAngle": 90,
    "ImageType": [
      "ORIGINAL",
      "PRIMARY",
      "M",
      "ND",
      "NORM",
      "MOSAIC"
    ],
    "InstitutionAddress": "Xinjiekouwai_Street_No_19_Beijing_Haidian_District_CN_100875",
    "InstitutionName": "BNU_MRI_Center",
    "MagneticFieldStrength": 3,
    "Manufacturer": "Siemens",
    "ManufacturersModelName": "TrioTim",
    "PhaseEncodingDirection": "j-",
    "PhaseEncodingLines": 64,
    "ProcedureStepDescription": "BNU_cst_2019_Zhu.Bi",
    "ProtocolName": "Learning9_154",
    "RepetitionTime": 2,
    "ScanningSequence": "EP",
    "SequenceName": "_epfid2d1_64",
    "SequenceVariant": "SK",
    "SeriesDescription": "Learning9_154",
    "SliceTiming": [
      0,
      1.0175,
      0.05,
      1.0675,
      0.0975,
      1.115,
      0.145,
      1.165,
      0.195,
      1.2125,
      0.2425,
      1.26,
      0.2925,
      1.31,
      0.34,
      1.3575,
      0.3875,
      1.4075,
      0.4375,
      1.455,
      0.485,
      1.5025,
      0.5325,
      1.5525,
      0.5825,
      1.6,
      0.63,
      1.6475,
      0.68,
      1.6975,
      0.7275,
      1.745,
      0.775,
      1.795,
      0.825,
      1.8425,
      0.8725,
      1.89,
      0.9225,
      1.94,
      0.97
    ],
    "SoftwareVersions": "syngo_MR_B17",
    "TaskName": "encoding",
    "TotalReadoutTime": 0.01488,
    "TrueEchoSpacing": 0.000480001,
    "dataset": "ds003789",
    "modality": "bold",
    "run_id": 9,
    "subject_id": "5412",
    "task_id": "encoding"
  },
  "dummy_trs": 3,
  "dvars_nstd": 26.86241434719999,
  "dvars_std": 1.1118004854666663,
  "dvars_vstd": 1.010731087733334,
  "efc": 0.5231023064425923,
  "fber": 1223.55859375,
  "fd_mean": 0.033930235088599714,
  "fd_num": 0,
  "fd_perc": 0.0,
  "fwhm_avg": 1.6032176841735986,
  "fwhm_x": 1.53835,
  "fwhm_y": 1.7337,
  "fwhm_z": 1.537603052520796,
  "gcor": 0.00723162,
  "gsr_x": 0.006310048513114452,
  "gsr_y": 0.015208808705210686,
  "provenance": {
    "md5sum": "bcdc602644ba6d9b15448be00d84d4cd",
    "settings": {
      "fd_thres": 0.2,
      "testing": false
    },
    "software": "mriqc",
    "version": "23.1.0"
  },
  "size_t": 151,
  "size_x": 64,
  "size_y": 64,
  "size_z": 41,
  "snr": 6.72193727478861,
  "spacing_tr": 2.0,
  "spacing_x": 3.0,
  "spacing_y": 3.0,
  "spacing_z": 3.299999952316284,
  "summary_bg_k": 19.106533859411936,
  "summary_bg_mad": 17.035199539584312,
  "summary_bg_mean": 54.47690081781874,
  "summary_bg_median": 25.72185516357422,
  "summary_bg_n": 130336.0,
  "summary_bg_p05": 9.973509788513184,
  "summary_bg_p95": 231.03311157226562,
  "summary_bg_stdv": 85.15147167914061,
  "summary_fg_k": 3.2338785544289115,
  "summary_fg_mad": 95.4363191925208,
  "summary_fg_mean": 884.6326564379956,
  "summary_fg_median": 899.7350769042969,
  "summary_fg_n": 37600.0,
  "summary_fg_p05": 605.7483215332031,
  "summary_fg_p95": 1062.6788330078125,
  "summary_fg_stdv": 133.84878130848753,
  "tsnr": 61.65925427782349
}