{
  "aor": 0.0005816339869281045,
  "aqi": 0.013044419607843137,
  "bids_meta": {
    "AccelFactPE": 2,
    "AcquisitionNumber": 1,
    "AcquisitionTime": "12:50:17.282500",
    "BandwidthPerPixelPhaseEncode": 65.104,
    "ConversionSoftware": "dcm2niix",
    "ConversionSoftwareVersion": "v1.0.20170724 GCC4.4.7",
    "DeviceSerialNumber": "35193",
    "EchoTime": 0.025,
    "EffectiveEchoSpacing": 0.000240001,
    "FlipAngle": 90,
    "ImageType": [
      "ORIGINAL",
      "PRIMARY",
      "M",
      "ND",
      "NORM",
      "MOSAIC"
    ],
    "InstitutionAddress": "Xinjiekouwai_Street_No_19_Beijing_Haidian_District_CN_100875",
    "InstitutionName": "BNU_MRI_Center",
    "MagneticFieldStrength": 3,
    "Manufacturer": "Siemens",
    "ManufacturersModelName": "TrioTim",
    "PhaseEncodingDirection": "j-",
    "PhaseEncodingLines": 64,
    "ProcedureStepDescription": "BNU_cst_2019_Zhu.Bi",
    "ProtocolName": "Learning7_154",
    "RepetitionTime": 2,
    "ScanningSequence": "EP",
    "SequenceName": "_epfid2d1_64",
    "SequenceVariant": "SK",
    "SeriesDescription": "Learning7_154",
    "SliceTiming": [
      0,
      1.0175,
      0.0475,
      1.065,
      0.095,
      1.115,
      0.145,
      1.1625,
      0.1925,
      1.21,
      0.2425,
      1.26,
      0.29,
      1.3075,
      0.3375,
      1.3575,
      0.3875,
      1.405,
      0.435,
      1.4525,
      0.485,
      1.5025,
      0.5325,
      1.55,
      0.58,
      1.6,
      0.63,
      1.6475,
      0.6775,
      1.695,
      0.7275,
      1.745,
      0.775,
      1.7925,
      0.8225,
      1.8425,
      0.8725,
      1.89,
      0.92,
      1.9375,
      0.9675
    ],
    "SoftwareVersions": "syngo_MR_B17",
    "TaskName": "encoding",
    "TotalReadoutTime": 0.01488,
    "TrueEchoSpacing": 0.000480001,
    "dataset": "ds003789",
    "modality": "bold",
    "run_id": 7,
    "subject_id": "5412",
    "task_id": "encoding"
  },
  "dummy_trs": 1,
  "dvars_nstd": 26.857215717960518,
  "dvars_std": 1.1094741728947377,
  "dvars_vstd": 1.0094637787499998,
  "efc": 0.5224112473679119,
  "fber": 1232.18017578125,
  "fd_mean": 0.03479133590769622,
  "fd_num": 0,
  "fd_perc": 0.0,
  "fwhm_avg": 1.5981957650034708,
  "fwhm_x": 1.5296633333333334,
  "fwhm_y": 1.7227966666666665,
  "fwhm_z": 1.542127295010412,
  "gcor": 0.00729247,
  "gsr_x": 0.006099991034716368,
  "gsr_y": 0.01533283106982708,
  "provenance": {
    "md5sum": "b5d3b768f225837a3ef4ce7ec1b6d48a",
    "settings": {
      "fd_thres": 0.2,
      "testing": false
    },
    "software": "mriqc",
    "version": "23.1.0"
  },
  "size_t": 153,
  "size_x": 64,
  "size_y": 64,
  "size_z": 41,
  "snr": 6.71763849385728,
  "spacing_tr": 2.0,
  "spacing_x": 3.0,
  "spacing_y": 3.0,
  "spacing_z": 3.299999952316284,
  "summary_bg_k": 19.54850187179753,
  "summary_bg_mad": 16.890035236215237,
  "summary_bg_mean": 54.09265869204798,
  "summary_bg_median": 25.620914459228516,
  "summary_bg_n": 130346.0,
  "summary_bg_p05": 10.026144027709961,
  "summary_bg_p95": 228.5620880126953,
  "summary_bg_stdv": 84.88437911068404,
  "summary_fg_k": 3.312004146369354,
  "summary_fg_mad": 95.33714121208367,
  "summary_fg_mean": 884.2465601011552,
  "summary_fg_median": 899.3562316894531,
  "summary_fg_n": 37590.0,
  "summary_fg_p05": 606.6928100585938,
  "summary_fg_p95": 1062.365966796875,
  "summary_fg_stdv": 133.87803909459234,
  "tsnr": 61.31727387488354
}