{
  "aor": 0.00048581699346405226,
  "aqi": 0.012970328104575164,
  "bids_meta": {
    "AccelFactPE": 2,
    "AcquisitionNumber": 1,
    "AcquisitionTime": "12:23:25.640000",
    "BandwidthPerPixelPhaseEncode": 65.104,
    "ConversionSoftware": "dcm2niix",
    "ConversionSoftwareVersion": "v1.0.20170724 GCC4.4.7",
    "DeviceSerialNumber": "35193",
    "EchoTime": 0.025,
    "EffectiveEchoSpacing": 0.000240001,
    "FlipAngle": 90,
    "ImageType": [
      "ORIGINAL",
      "PRIMARY",
      "M",
      "ND",
      "NORM",
      "MOSAIC"
    ],
    "InstitutionAddress": "Xinjiekouwai_Street_No_19_Beijing_Haidian_District_CN_100875",
    "InstitutionName": "BNU_MRI_Center",
    "MagneticFieldStrength": 3,
    "Manufacturer": "Siemens",
    "ManufacturersModelName": "TrioTim",
    "PhaseEncodingDirection": "j-",
    "PhaseEncodingLines": 64,
    "ProcedureStepDescription": "BNU_cst_2019_Zhu.Bi",
    "ProtocolName": "Learning3_154",
    "RepetitionTime": 2,
    "ScanningSequence": "EP",
    "SequenceName": "_epfid2d1_64",
    "SequenceVariant": "SK",
    "SeriesDescription": "Learning3_154",
    "SliceTiming": [
      0,
      1.0175,
      0.0475,
      1.065,
      0.0975,
      1.115,
      0.145,
      1.1625,
      0.1925,
      1.2125,
      0.2425,
      1.26,
      0.29,
      1.3075,
      0.3375,
      1.3575,
      0.3875,
      1.405,
      0.435,
      1.4525,
      0.485,
      1.5025,
      0.5325,
      1.55,
      0.58,
      1.6,
      0.63,
      1.6475,
      0.6775,
      1.695,
      0.7275,
      1.745,
      0.775,
      1.7925,
      0.8225,
      1.8425,
      0.8725,
      1.89,
      0.92,
      1.9375,
      0.97
    ],
    "SoftwareVersions": "syngo_MR_B17",
    "TaskName": "encoding",
    "TotalReadoutTime": 0.01488,
    "TrueEchoSpacing": 0.000480001,
    "dataset": "ds003789",
    "modality": "bold",
    "run_id": 3,
    "subject_id": "5412",
    "task_id": "encoding"
  },
  "dummy_trs": 1,
  "dvars_nstd": 26.443710189078946,
  "dvars_std": 1.0999306573026322,
  "dvars_vstd": 1.0060066280921047,
  "efc": 0.5205055365949004,
  "fber": 1292.8153076171875,
  "fd_mean": 0.03192043837737507,
  "fd_num": 0,
  "fd_perc": 0.0,
  "fwhm_avg": 1.6121777852332955,
  "fwhm_x": 1.5431166666666665,
  "fwhm_y": 1.7455166666666668,
  "fwhm_z": 1.5479000223665529,
  "gcor": 0.00884715,
  "gsr_x": 0.008430888876318932,
  "gsr_y": 0.01436677761375904,
  "provenance": {
    "md5sum": "f2e538764c2430bfae201f506e071bf5",
    "settings": {
      "fd_thres": 0.2,
      "testing": false
    },
    "software": "mriqc",
    "version": "23.1.0"
  },
  "size_t": 153,
  "size_x": 64,
  "size_y": 64,
  "size_z": 41,
  "snr": 6.692258435568528,
  "spacing_tr": 2.0,
  "spacing_x": 3.0,
  "spacing_y": 3.0,
  "spacing_z": 3.299999952316284,
  "summary_bg_k": 19.839720003359865,
  "summary_bg_mad": 16.62840212892068,
  "summary_bg_mean": 53.29680228403557,
  "summary_bg_median": 25.104576110839844,
  "summary_bg_n": 130299.0,
  "summary_bg_p05": 9.72549057006836,
  "summary_bg_p95": 227.64706420898438,
  "summary_bg_stdv": 85.33280133962802,
  "summary_fg_k": 3.2659731679455346,
  "summary_fg_mad": 97.41567097636371,
  "summary_fg_mean": 887.3907438365819,
  "summary_fg_median": 902.6536254882812,
  "summary_fg_n": 37637.0,
  "summary_fg_p05": 608.2483520507812,
  "summary_fg_p95": 1066.71240234375,
  "summary_fg_stdv": 134.87847824864872,
  "tsnr": 60.53893677191809
}