{
  "aor": 0.0003872685185185185,
  "aqi": 0.01363314861111111,
  "bids_meta": {
    "AccelFactPE": 2,
    "AcquisitionNumber": 1,
    "AcquisitionTime": "13:14:26.757500",
    "BandwidthPerPixelPhaseEncode": 65.104,
    "ConversionSoftware": "dcm2niix",
    "ConversionSoftwareVersion": "v1.0.20170724 GCC4.4.7",
    "DeviceSerialNumber": "35193",
    "EchoTime": 0.025,
    "EffectiveEchoSpacing": 0.000240001,
    "FlipAngle": 90,
    "ImageType": [
      "ORIGINAL",
      "PRIMARY",
      "M",
      "ND",
      "NORM",
      "MOSAIC"
    ],
    "InstitutionAddress": "Xinjiekouwai_Street_No_19_Beijing_Haidian_District_CN_100875",
    "InstitutionName": "BNU_MRI_Center",
    "MagneticFieldStrength": 3,
    "Manufacturer": "Siemens",
    "ManufacturersModelName": "TrioTim",
    "PhaseEncodingDirection": "j-",
    "PhaseEncodingLines": 64,
    "ProcedureStepDescription": "BNU_cst_2019_Zhu.Bi",
    "ProtocolName": "Test2_216",
    "RepetitionTime": 2,
    "ScanningSequence": "EP",
    "SequenceName": "_epfid2d1_64",
    "SequenceVariant": "SK",
    "SeriesDescription": "Test2_216",
    "SliceTiming": [
      0,
      1.0175,
      0.0475,
      1.0675,
      0.0975,
      1.115,
      0.145,
      1.1625,
      0.195,
      1.2125,
      0.2425,
      1.26,
      0.29,
      1.3075,
      0.34,
      1.3575,
      0.3875,
      1.405,
      0.435,
      1.455,
      0.485,
      1.5025,
      0.5325,
      1.55,
      0.5825,
      1.6,
      0.63,
      1.6475,
      0.6775,
      1.6975,
      0.7275,
      1.745,
      0.775,
      1.7925,
      0.825,
      1.8425,
      0.8725,
      1.89,
      0.92,
      1.94,
      0.97
    ],
    "SoftwareVersions": "syngo_MR_B17",
    "TaskName": "retrieval",
    "TotalReadoutTime": 0.01488,
    "TrueEchoSpacing": 0.000480001,
    "dataset": "ds003789",
    "modality": "bold",
    "run_id": 2,
    "subject_id": "5412",
    "task_id": "retrieval"
  },
  "dummy_trs": 0,
  "dvars_nstd": 26.070288849023243,
  "dvars_std": 1.0857066266511626,
  "dvars_vstd": 0.9965595582790698,
  "efc": 0.5204985546996919,
  "fber": 1291.1939697265625,
  "fd_mean": 0.039688929115239774,
  "fd_num": 1,
  "fd_perc": 0.46296296296296297,
  "fwhm_avg": 1.5957017703165075,
  "fwhm_x": 1.5378533333333333,
  "fwhm_y": 1.729903470813709,
  "fwhm_z": 1.5193485068024795,
  "gcor": 0.0158263,
  "gsr_x": 0.006627644412219524,
  "gsr_y": 0.016580626368522644,
  "provenance": {
    "md5sum": "b6dd1c183d6dc0b3ce8ea39534a9b259",
    "settings": {
      "fd_thres": 0.2,
      "testing": false
    },
    "software": "mriqc",
    "version": "23.1.0"
  },
  "size_t": 216,
  "size_x": 64,
  "size_y": 64,
  "size_z": 41,
  "snr": 6.6584009284888,
  "spacing_tr": 2.0,
  "spacing_x": 3.0,
  "spacing_y": 2.999999761581421,
  "spacing_z": 3.299999952316284,
  "summary_bg_k": 20.243900664060856,
  "summary_bg_mad": 17.612765924689903,
  "summary_bg_mean": 54.450831348383595,
  "summary_bg_median": 25.70833396911621,
  "summary_bg_n": 130285.0,
  "summary_bg_p05": 8.990740776062012,
  "summary_bg_p95": 231.92129516601562,
  "summary_bg_stdv": 86.33932677105916,
  "summary_fg_k": 3.3679434034832143,
  "summary_fg_mad": 100.67967622669923,
  "summary_fg_mean": 908.6512033833801,
  "summary_fg_median": 923.7824096679688,
  "summary_fg_n": 37651.0,
  "summary_fg_p05": 623.125,
  "summary_fg_p95": 1092.6435546875,
  "summary_fg_stdv": 138.73753650567835,
  "tsnr": 59.96597888879478
}