{
  "aor": 0.0005259477124183006,
  "aqi": 0.012135294771241829,
  "bids_meta": {
    "AccelFactPE": 2,
    "AcquisitionNumber": 1,
    "AcquisitionTime": "09:54:3.482500",
    "BandwidthPerPixelPhaseEncode": 65.104,
    "ConversionSoftware": "dcm2niix",
    "ConversionSoftwareVersion": "v1.0.20170724 GCC4.4.7",
    "DeviceSerialNumber": "35193",
    "EchoTime": 0.025,
    "EffectiveEchoSpacing": 0.000240001,
    "FlipAngle": 90,
    "ImageType": [
      "ORIGINAL",
      "PRIMARY",
      "M",
      "ND",
      "NORM",
      "MOSAIC"
    ],
    "InstitutionAddress": "Xinjiekouwai_Street_No_19_Beijing_Haidian_District_CN_100875",
    "InstitutionName": "Beijing_Normal_Universtiy_317710",
    "MagneticFieldStrength": 3,
    "Manufacturer": "Siemens",
    "ManufacturersModelName": "TrioTim",
    "PhaseEncodingDirection": "j-",
    "PhaseEncodingLines": 64,
    "ProcedureStepDescription": "BNU_cst_2019_Zhu.Bi",
    "ProtocolName": "Learning8_154",
    "RepetitionTime": 2,
    "ScanningSequence": "EP",
    "SequenceName": "_epfid2d1_64",
    "SequenceVariant": "SK",
    "SeriesDescription": "Learning8_154",
    "SliceTiming": [
      0,
      1.02,
      0.05,
      1.0675,
      0.0975,
      1.115,
      0.1475,
      1.165,
      0.195,
      1.2125,
      0.2425,
      1.2625,
      0.2925,
      1.31,
      0.34,
      1.3575,
      0.39,
      1.4075,
      0.4375,
      1.455,
      0.485,
      1.505,
      0.535,
      1.5525,
      0.5825,
      1.6,
      0.63,
      1.65,
      0.68,
      1.6975,
      0.7275,
      1.745,
      0.7775,
      1.795,
      0.825,
      1.8425,
      0.8725,
      1.8925,
      0.9225,
      1.94,
      0.97
    ],
    "SoftwareVersions": "syngo_MR_B17",
    "TaskName": "encoding",
    "TotalReadoutTime": 0.01488,
    "TrueEchoSpacing": 0.000480001,
    "dataset": "ds003789",
    "modality": "bold",
    "run_id": 8,
    "subject_id": "5417",
    "task_id": "encoding"
  },
  "dummy_trs": 1,
  "dvars_nstd": 30.478354504473696,
  "dvars_std": 1.1413224676315785,
  "dvars_vstd": 1.009350590065789,
  "efc": 0.5839811150226305,
  "fber": 825.4876708984375,
  "fd_mean": 0.06943327208223775,
  "fd_num": 0,
  "fd_perc": 0.0,
  "fwhm_avg": 1.5612839466632906,
  "fwhm_x": 1.48715,
  "fwhm_y": 1.6874533333333332,
  "fwhm_z": 1.5092485066565386,
  "gcor": 0.00679542,
  "gsr_x": -0.00418865866959095,
  "gsr_y": 0.03271307051181793,
  "provenance": {
    "md5sum": "7f7a6ee9eece849c7cf5b0af43650674",
    "settings": {
      "fd_thres": 0.2,
      "testing": false
    },
    "software": "mriqc",
    "version": "23.1.0"
  },
  "size_t": 153,
  "size_x": 64,
  "size_y": 64,
  "size_z": 41,
  "snr": 6.2376177857620885,
  "spacing_tr": 2.0,
  "spacing_x": 3.0,
  "spacing_y": 3.0,
  "spacing_z": 3.299999952316284,
  "summary_bg_k": 18.949593732752888,
  "summary_bg_mad": 21.114969977920946,
  "summary_bg_mean": 65.10632438749226,
  "summary_bg_median": 27.875818252563477,
  "summary_bg_n": 121533.0,
  "summary_bg_p05": 9.594771385192871,
  "summary_bg_p95": 269.3333435058594,
  "summary_bg_stdv": 96.7913404428479,
  "summary_fg_k": 2.5895338549875957,
  "summary_fg_mad": 102.00889644078791,
  "summary_fg_mean": 795.8747975690775,
  "summary_fg_median": 800.9085083007812,
  "summary_fg_n": 46403.0,
  "summary_fg_p05": 554.9608154296875,
  "summary_fg_p95": 980.8170166015625,
  "summary_fg_stdv": 128.3983574884573,
  "tsnr": 55.14932295959443
}