{
  "aor": 0.0005948051948051948,
  "aqi": 0.01134640564935065,
  "bids_meta": {
    "AccelFactPE": 2,
    "AcquisitionNumber": 1,
    "AcquisitionTime": "09:28:29.257500",
    "BandwidthPerPixelPhaseEncode": 65.104,
    "ConversionSoftware": "dcm2niix",
    "ConversionSoftwareVersion": "v1.0.20170724 GCC4.4.7",
    "DeviceSerialNumber": "35193",
    "EchoTime": 0.025,
    "EffectiveEchoSpacing": 0.000240001,
    "FlipAngle": 90,
    "ImageType": [
      "ORIGINAL",
      "PRIMARY",
      "M",
      "ND",
      "NORM",
      "MOSAIC"
    ],
    "InstitutionAddress": "Xinjiekouwai_Street_No_19_Beijing_Haidian_District_CN_100875",
    "InstitutionName": "Beijing_Normal_Universtiy_317710",
    "MagneticFieldStrength": 3,
    "Manufacturer": "Siemens",
    "ManufacturersModelName": "TrioTim",
    "PhaseEncodingDirection": "j-",
    "PhaseEncodingLines": 64,
    "ProcedureStepDescription": "BNU_cst_2019_Zhu.Bi",
    "ProtocolName": "Learning4_154",
    "RepetitionTime": 2,
    "ScanningSequence": "EP",
    "SequenceName": "_epfid2d1_64",
    "SequenceVariant": "SK",
    "SeriesDescription": "Learning4_154",
    "SliceTiming": [
      0,
      1.0175,
      0.0475,
      1.0675,
      0.0975,
      1.115,
      0.145,
      1.1625,
      0.195,
      1.2125,
      0.2425,
      1.26,
      0.29,
      1.31,
      0.34,
      1.3575,
      0.3875,
      1.405,
      0.4375,
      1.455,
      0.485,
      1.5025,
      0.5325,
      1.55,
      0.5825,
      1.6,
      0.63,
      1.6475,
      0.6775,
      1.6975,
      0.7275,
      1.745,
      0.775,
      1.7925,
      0.825,
      1.8425,
      0.8725,
      1.89,
      0.92,
      1.94,
      0.97
    ],
    "SoftwareVersions": "syngo_MR_B17",
    "TaskName": "encoding",
    "TotalReadoutTime": 0.01488,
    "TrueEchoSpacing": 0.000480001,
    "dataset": "ds003789",
    "modality": "bold",
    "run_id": 4,
    "subject_id": "5417",
    "task_id": "encoding"
  },
  "dummy_trs": 0,
  "dvars_nstd": 30.546470018758164,
  "dvars_std": 1.1594083579084962,
  "dvars_vstd": 1.0204402190196078,
  "efc": 0.581430495007097,
  "fber": 863.3773803710938,
  "fd_mean": 0.06326712236664124,
  "fd_num": 0,
  "fd_perc": 0.0,
  "fwhm_avg": 1.5758891992237476,
  "fwhm_x": 1.5010733333333333,
  "fwhm_y": 1.7100366666666666,
  "fwhm_z": 1.5165575976712429,
  "gcor": 0.00842564,
  "gsr_x": -0.0023900894448161125,
  "gsr_y": 0.03776495158672333,
  "provenance": {
    "md5sum": "6e00c24ccfdaf41cfada13a5692b88de",
    "settings": {
      "fd_thres": 0.2,
      "testing": false
    },
    "software": "mriqc",
    "version": "23.1.0"
  },
  "size_t": 154,
  "size_x": 64,
  "size_y": 64,
  "size_z": 41,
  "snr": 6.183726047010582,
  "spacing_tr": 2.0,
  "spacing_x": 3.0,
  "spacing_y": 3.0,
  "spacing_z": 3.299999952316284,
  "summary_bg_k": 19.372015348332805,
  "summary_bg_mad": 20.448357760641965,
  "summary_bg_mean": 62.795652500456214,
  "summary_bg_median": 27.03896141052246,
  "summary_bg_n": 121526.0,
  "summary_bg_p05": 9.214285850524902,
  "summary_bg_p95": 258.85064697265625,
  "summary_bg_stdv": 93.5637657476986,
  "summary_fg_k": 2.663702746662448,
  "summary_fg_mad": 102.35249022885344,
  "summary_fg_mean": 789.4678223142437,
  "summary_fg_median": 794.4934997558594,
  "summary_fg_n": 46410.0,
  "summary_fg_p05": 549.5,
  "summary_fg_p95": 973.902587890625,
  "summary_fg_stdv": 128.47997051651154,
  "tsnr": 55.435297787189484
}