{
  "aor": 0.0030638425925925924,
  "aqi": 0.021514536574074074,
  "bids_meta": {
    "AccelFactPE": 2,
    "AcquisitionNumber": 1,
    "AcquisitionTime": "11:20:24.525000",
    "BandwidthPerPixelPhaseEncode": 65.104,
    "ConversionSoftware": "dcm2niix",
    "ConversionSoftwareVersion": "v1.0.20170724 GCC4.4.7",
    "DeviceSerialNumber": "35193",
    "EchoTime": 0.025,
    "EffectiveEchoSpacing": 0.000240001,
    "FlipAngle": 90,
    "ImageType": [
      "ORIGINAL",
      "PRIMARY",
      "M",
      "ND",
      "NORM",
      "MOSAIC"
    ],
    "InstitutionAddress": "Xinjiekouwai_Street_No_19_Beijing_Haidian_District_CN_100875",
    "InstitutionName": "BNU_MRI_Center",
    "MagneticFieldStrength": 3,
    "Manufacturer": "Siemens",
    "ManufacturersModelName": "TrioTim",
    "PhaseEncodingDirection": "j-",
    "PhaseEncodingLines": 64,
    "ProcedureStepDescription": "BNU_cst_2019_Zhu.Bi",
    "ProtocolName": "Test1_216",
    "RepetitionTime": 2,
    "ScanningSequence": "EP",
    "SequenceName": "_epfid2d1_64",
    "SequenceVariant": "SK",
    "SeriesDescription": "Test1_216",
    "SliceTiming": [
      0,
      1.0175,
      0.0475,
      1.0675,
      0.0975,
      1.115,
      0.145,
      1.1625,
      0.195,
      1.2125,
      0.2425,
      1.26,
      0.29,
      1.31,
      0.34,
      1.3575,
      0.3875,
      1.405,
      0.4375,
      1.455,
      0.485,
      1.5025,
      0.5325,
      1.55,
      0.5825,
      1.6,
      0.63,
      1.6475,
      0.6775,
      1.6975,
      0.7275,
      1.745,
      0.775,
      1.7925,
      0.825,
      1.8425,
      0.8725,
      1.89,
      0.92,
      1.94,
      0.97
    ],
    "SoftwareVersions": "syngo_MR_B17",
    "TaskName": "retrieval",
    "TotalReadoutTime": 0.01488,
    "TrueEchoSpacing": 0.000480001,
    "dataset": "ds003789",
    "modality": "bold",
    "run_id": 1,
    "subject_id": "5420",
    "task_id": "retrieval"
  },
  "dummy_trs": 0,
  "dvars_nstd": 30.645147917813944,
  "dvars_std": 1.0909760075813952,
  "dvars_vstd": 1.0041887746511624,
  "efc": 0.581857925641422,
  "fber": 1104.615478515625,
  "fd_mean": 0.1362193264474728,
  "fd_num": 37,
  "fd_perc": 17.12962962962963,
  "fwhm_avg": 1.5747356636864103,
  "fwhm_x": 1.5281166666666666,
  "fwhm_y": 1.7176933333333333,
  "fwhm_z": 1.478396991059231,
  "gcor": 0.00708618,
  "gsr_x": 0.015021628700196743,
  "gsr_y": 0.026150090619921684,
  "provenance": {
    "md5sum": "4dca264562f062861d807292d4beb4de",
    "settings": {
      "fd_thres": 0.2,
      "testing": false
    },
    "software": "mriqc",
    "version": "23.1.0"
  },
  "size_t": 216,
  "size_x": 64,
  "size_y": 64,
  "size_z": 41,
  "snr": 6.169110537993535,
  "spacing_tr": 2.0,
  "spacing_x": 3.0,
  "spacing_y": 3.0,
  "spacing_z": 3.299999952316284,
  "summary_bg_k": 13.471110946326895,
  "summary_bg_mad": 21.641872793868465,
  "summary_bg_mean": 67.14806075741535,
  "summary_bg_median": 27.217592239379883,
  "summary_bg_n": 119891.0,
  "summary_bg_p05": 6.810185432434082,
  "summary_bg_p95": 286.60186767578125,
  "summary_bg_stdv": 100.80839816048406,
  "summary_fg_k": 2.2375138974428843,
  "summary_fg_mad": 124.63468764573356,
  "summary_fg_mean": 898.2352042746527,
  "summary_fg_median": 904.5972290039062,
  "summary_fg_n": 48045.0,
  "summary_fg_p05": 632.0416870117188,
  "summary_fg_p95": 1112.5694580078125,
  "summary_fg_stdv": 146.63180523703386,
  "tsnr": 43.90044404193759
}