{
  "aor": 0.0029646753246753243,
  "aqi": 0.017906375649350645,
  "bids_meta": {
    "AccelFactPE": 2,
    "AcquisitionNumber": 1,
    "AcquisitionTime": "12:55:38.300000",
    "BandwidthPerPixelPhaseEncode": 65.104,
    "ConversionSoftware": "dcm2niix",
    "ConversionSoftwareVersion": "v1.0.20170724 GCC4.4.7",
    "DeviceSerialNumber": "35193",
    "EchoTime": 0.025,
    "EffectiveEchoSpacing": 0.000240001,
    "FlipAngle": 90,
    "ImageType": [
      "ORIGINAL",
      "PRIMARY",
      "M",
      "ND",
      "NORM",
      "MOSAIC"
    ],
    "InstitutionAddress": "Xinjiekouwai_Street_No_19_Beijing_Haidian_District_CN_100875",
    "InstitutionName": "BNU_MRI_Center",
    "MagneticFieldStrength": 3,
    "Manufacturer": "Siemens",
    "ManufacturersModelName": "TrioTim",
    "PhaseEncodingDirection": "j-",
    "PhaseEncodingLines": 64,
    "ProcedureStepDescription": "BNU_cst_2019_Zhu.Bi",
    "ProtocolName": "Learning7_154",
    "RepetitionTime": 2,
    "ScanningSequence": "EP",
    "SequenceName": "_epfid2d1_64",
    "SequenceVariant": "SK",
    "SeriesDescription": "Learning7_154",
    "SliceTiming": [
      0,
      1.0175,
      0.05,
      1.0675,
      0.0975,
      1.115,
      0.145,
      1.165,
      0.195,
      1.2125,
      0.2425,
      1.26,
      0.29,
      1.31,
      0.34,
      1.3575,
      0.3875,
      1.405,
      0.4375,
      1.455,
      0.485,
      1.5025,
      0.5325,
      1.5525,
      0.5825,
      1.6,
      0.63,
      1.6475,
      0.68,
      1.6975,
      0.7275,
      1.745,
      0.775,
      1.795,
      0.825,
      1.8425,
      0.8725,
      1.89,
      0.9225,
      1.94,
      0.97
    ],
    "SoftwareVersions": "syngo_MR_B17",
    "TaskName": "encoding",
    "TotalReadoutTime": 0.01488,
    "TrueEchoSpacing": 0.000480001,
    "dataset": "ds003789",
    "modality": "bold",
    "run_id": 7,
    "subject_id": "5420",
    "task_id": "encoding"
  },
  "dummy_trs": 0,
  "dvars_nstd": 32.70195053483659,
  "dvars_std": 1.132040955882353,
  "dvars_vstd": 1.0249038538562096,
  "efc": 0.5836773283055795,
  "fber": 968.9467163085938,
  "fd_mean": 0.17162091296034993,
  "fd_num": 39,
  "fd_perc": 25.324675324675326,
  "fwhm_avg": 1.5798022295934502,
  "fwhm_x": 1.4954233333333333,
  "fwhm_y": 1.7135833333333332,
  "fwhm_z": 1.5304000221136849,
  "gcor": 0.00938969,
  "gsr_x": 0.013025272637605667,
  "gsr_y": 0.027403343468904495,
  "provenance": {
    "md5sum": "25c995cc4c7e3bdbd5edc5310a055e2b",
    "settings": {
      "fd_thres": 0.2,
      "testing": false
    },
    "software": "mriqc",
    "version": "23.1.0"
  },
  "size_t": 154,
  "size_x": 64,
  "size_y": 64,
  "size_z": 41,
  "snr": 6.240246416159638,
  "spacing_tr": 2.0,
  "spacing_x": 3.0,
  "spacing_y": 3.0,
  "spacing_z": 3.299999952316284,
  "summary_bg_k": 13.60777415086292,
  "summary_bg_mad": 22.056114491527445,
  "summary_bg_mean": 69.23296832173187,
  "summary_bg_median": 29.292207717895508,
  "summary_bg_n": 120099.0,
  "summary_bg_p05": 9.662337303161621,
  "summary_bg_p95": 294.2727355957031,
  "summary_bg_stdv": 102.47253019547587,
  "summary_fg_k": 2.3711360509236696,
  "summary_fg_mad": 124.62518610563694,
  "summary_fg_mean": 906.1386237369447,
  "summary_fg_median": 911.80517578125,
  "summary_fg_n": 47837.0,
  "summary_fg_p05": 644.3506469726562,
  "summary_fg_p95": 1117.6688232421875,
  "summary_fg_stdv": 146.11532695828572,
  "tsnr": 46.387287453748286
}