{
  "aor": 0.0008036574074074072,
  "aqi": 0.015556931944444444,
  "bids_meta": {
    "AccelFactPE": 2,
    "AcquisitionNumber": 1,
    "AcquisitionTime": "10:55:39.115000",
    "BandwidthPerPixelPhaseEncode": 65.104,
    "ConversionSoftware": "dcm2niix",
    "ConversionSoftwareVersion": "v1.0.20170724 GCC4.4.7",
    "DeviceSerialNumber": "35193",
    "EchoTime": 0.025,
    "EffectiveEchoSpacing": 0.000240001,
    "FlipAngle": 90,
    "ImageType": [
      "ORIGINAL",
      "PRIMARY",
      "M",
      "ND",
      "NORM",
      "MOSAIC"
    ],
    "InstitutionAddress": "Xinjiekouwai_Street_No_19_Beijing_Haidian_District_CN_100875",
    "InstitutionName": "BNU_MRI_Center",
    "MagneticFieldStrength": 3,
    "Manufacturer": "Siemens",
    "ManufacturersModelName": "TrioTim",
    "PhaseEncodingDirection": "j-",
    "PhaseEncodingLines": 64,
    "ProcedureStepDescription": "BNU_cst_2019_Zhu.Bi",
    "ProtocolName": "Test3_216",
    "RepetitionTime": 2,
    "ScanningSequence": "EP",
    "SequenceName": "_epfid2d1_64",
    "SequenceVariant": "SK",
    "SeriesDescription": "Test3_216",
    "SliceTiming": [
      0,
      1.0175,
      0.0475,
      1.065,
      0.095,
      1.115,
      0.145,
      1.1625,
      0.1925,
      1.21,
      0.2425,
      1.26,
      0.29,
      1.3075,
      0.3375,
      1.3575,
      0.3875,
      1.405,
      0.435,
      1.4525,
      0.485,
      1.5025,
      0.5325,
      1.55,
      0.58,
      1.5975,
      0.63,
      1.6475,
      0.6775,
      1.695,
      0.725,
      1.745,
      0.775,
      1.7925,
      0.8225,
      1.84,
      0.8725,
      1.89,
      0.92,
      1.9375,
      0.9675
    ],
    "SoftwareVersions": "syngo_MR_B17",
    "TaskName": "retrieval",
    "TotalReadoutTime": 0.01488,
    "TrueEchoSpacing": 0.000480001,
    "dataset": "ds003789",
    "modality": "bold",
    "run_id": 3,
    "subject_id": "5419",
    "task_id": "retrieval"
  },
  "dummy_trs": 0,
  "dvars_nstd": 29.527071620186042,
  "dvars_std": 1.082851545767442,
  "dvars_vstd": 1.0095629201395349,
  "efc": 0.6001031528478588,
  "fber": 706.3483276367188,
  "fd_mean": 0.061393037255950376,
  "fd_num": 0,
  "fd_perc": 0.0,
  "fwhm_avg": 1.6171913004915854,
  "fwhm_x": 1.5408366666666666,
  "fwhm_y": 1.771679859199535,
  "fwhm_z": 1.5390573756085544,
  "gcor": 0.007147,
  "gsr_x": 0.02811739221215248,
  "gsr_y": 0.02282782830297947,
  "provenance": {
    "md5sum": "403d74dd9773e306d29057307124664d",
    "settings": {
      "fd_thres": 0.2,
      "testing": false
    },
    "software": "mriqc",
    "version": "23.1.0"
  },
  "size_t": 216,
  "size_x": 64,
  "size_y": 64,
  "size_z": 41,
  "snr": 6.403282165569502,
  "spacing_tr": 2.0,
  "spacing_x": 3.0,
  "spacing_y": 3.000000238418579,
  "spacing_z": 3.3000004291534424,
  "summary_bg_k": 9.33115763102089,
  "summary_bg_mad": 23.975598089243682,
  "summary_bg_mean": 69.12745921193476,
  "summary_bg_median": 28.810184478759766,
  "summary_bg_n": 120400.0,
  "summary_bg_p05": 8.601851463317871,
  "summary_bg_p95": 279.3634338378906,
  "summary_bg_stdv": 95.9154842307428,
  "summary_fg_k": 3.277068651002181,
  "summary_fg_mad": 87.8167627164638,
  "summary_fg_mean": 755.8801924635047,
  "summary_fg_median": 765.6944580078125,
  "summary_fg_n": 47536.0,
  "summary_fg_p05": 517.7129516601562,
  "summary_fg_p95": 920.8148193359375,
  "summary_fg_stdv": 119.57717688045285,
  "tsnr": 51.60537455044687
}