{
  "aor": 0.0006952941176470588,
  "aqi": 0.01823788954248366,
  "bids_meta": {
    "AccelFactPE": 2,
    "AcquisitionNumber": 1,
    "AcquisitionTime": "11:59:23.705000",
    "BandwidthPerPixelPhaseEncode": 65.104,
    "ConversionSoftware": "dcm2niix",
    "ConversionSoftwareVersion": "v1.0.20170724 GCC4.4.7",
    "DeviceSerialNumber": "35193",
    "EchoTime": 0.025,
    "EffectiveEchoSpacing": 0.000240001,
    "FlipAngle": 90,
    "ImageType": [
      "ORIGINAL",
      "PRIMARY",
      "M",
      "ND",
      "NORM",
      "MOSAIC"
    ],
    "InstitutionAddress": "Xinjiekouwai_Street_No_19_Beijing_Haidian_District_CN_100875",
    "InstitutionName": "BNU_MRI_Center",
    "MagneticFieldStrength": 3,
    "Manufacturer": "Siemens",
    "ManufacturersModelName": "TrioTim",
    "PhaseEncodingDirection": "j-",
    "PhaseEncodingLines": 64,
    "ProcedureStepDescription": "BNU_cst_2019_Zhu.Bi",
    "ProtocolName": "Learning9_154",
    "RepetitionTime": 2,
    "ScanningSequence": "EP",
    "SequenceName": "_epfid2d1_64",
    "SequenceVariant": "SK",
    "SeriesDescription": "Learning9_154",
    "SliceTiming": [
      0,
      1.0175,
      0.0475,
      1.0675,
      0.0975,
      1.115,
      0.145,
      1.1625,
      0.195,
      1.2125,
      0.2425,
      1.26,
      0.29,
      1.31,
      0.34,
      1.3575,
      0.3875,
      1.405,
      0.4375,
      1.455,
      0.485,
      1.5025,
      0.5325,
      1.55,
      0.5825,
      1.6,
      0.63,
      1.6475,
      0.6775,
      1.6975,
      0.7275,
      1.745,
      0.775,
      1.7925,
      0.825,
      1.8425,
      0.8725,
      1.89,
      0.92,
      1.94,
      0.97
    ],
    "SoftwareVersions": "syngo_MR_B17",
    "TaskName": "encoding",
    "TotalReadoutTime": 0.01488,
    "TrueEchoSpacing": 0.000480001,
    "dataset": "ds003789",
    "modality": "bold",
    "run_id": 9,
    "subject_id": "5419",
    "task_id": "encoding"
  },
  "dummy_trs": 1,
  "dvars_nstd": 30.916576711907897,
  "dvars_std": 1.0754447373026317,
  "dvars_vstd": 0.9955254409210529,
  "efc": 0.6057790870334644,
  "fber": 626.093994140625,
  "fd_mean": 0.09045864749254891,
  "fd_num": 8,
  "fd_perc": 5.228758169934641,
  "fwhm_avg": 1.6780363714180044,
  "fwhm_x": 1.6095499999999998,
  "fwhm_y": 1.80895,
  "fwhm_z": 1.6156091142540139,
  "gcor": 0.0102049,
  "gsr_x": 0.026977667585015297,
  "gsr_y": 0.02665773406624794,
  "provenance": {
    "md5sum": "598d76e138c25525e078c05ffe1f8243",
    "settings": {
      "fd_thres": 0.2,
      "testing": false
    },
    "software": "mriqc",
    "version": "23.1.0"
  },
  "size_t": 153,
  "size_x": 64,
  "size_y": 64,
  "size_z": 41,
  "snr": 6.338138924503993,
  "spacing_tr": 2.0,
  "spacing_x": 3.0,
  "spacing_y": 3.0,
  "spacing_z": 3.299999952316284,
  "summary_bg_k": 7.736416089311483,
  "summary_bg_mad": 25.775961783677126,
  "summary_bg_mean": 74.03779737988746,
  "summary_bg_median": 31.078432083129883,
  "summary_bg_n": 120333.0,
  "summary_bg_p05": 9.529412269592285,
  "summary_bg_p95": 299.7843322753906,
  "summary_bg_stdv": 100.40541042514079,
  "summary_fg_k": 2.674228889381811,
  "summary_fg_mad": 96.08807959772018,
  "summary_fg_mean": 769.265150579813,
  "summary_fg_median": 777.6405029296875,
  "summary_fg_n": 47603.0,
  "summary_fg_p05": 529.4444580078125,
  "summary_fg_p95": 941.4967651367188,
  "summary_fg_stdv": 122.69095773563483,
  "tsnr": 46.175210036337376
}