{
  "aor": 0.0004360185185185185,
  "aqi": 0.013232661574074074,
  "bids_meta": {
    "AccelFactPE": 2,
    "AcquisitionNumber": 1,
    "AcquisitionTime": "15:50:9.172500",
    "BandwidthPerPixelPhaseEncode": 65.104,
    "ConversionSoftware": "dcm2niix",
    "ConversionSoftwareVersion": "v1.0.20170724 GCC4.4.7",
    "DeviceSerialNumber": "35193",
    "EchoTime": 0.025,
    "EffectiveEchoSpacing": 0.000240001,
    "FlipAngle": 90,
    "ImageType": [
      "ORIGINAL",
      "PRIMARY",
      "M",
      "ND",
      "NORM",
      "MOSAIC"
    ],
    "InstitutionAddress": "Xinjiekouwai_Street_No_19_Beijing_Haidian_District_CN_100875",
    "InstitutionName": "BNU_MRI_Center",
    "MagneticFieldStrength": 3,
    "Manufacturer": "Siemens",
    "ManufacturersModelName": "TrioTim",
    "PhaseEncodingDirection": "j-",
    "PhaseEncodingLines": 64,
    "ProcedureStepDescription": "BNU_cst_2019_Zhu.Bi",
    "ProtocolName": "Test1_216",
    "RepetitionTime": 2,
    "ScanningSequence": "EP",
    "SequenceName": "_epfid2d1_64",
    "SequenceVariant": "SK",
    "SeriesDescription": "Test1_216",
    "SliceTiming": [
      0,
      1.0175,
      0.0475,
      1.065,
      0.095,
      1.115,
      0.145,
      1.1625,
      0.1925,
      1.21,
      0.2425,
      1.26,
      0.29,
      1.3075,
      0.3375,
      1.3575,
      0.3875,
      1.405,
      0.435,
      1.4525,
      0.485,
      1.5025,
      0.5325,
      1.55,
      0.58,
      1.6,
      0.63,
      1.6475,
      0.6775,
      1.695,
      0.7275,
      1.745,
      0.775,
      1.7925,
      0.8225,
      1.84,
      0.8725,
      1.89,
      0.92,
      1.9375,
      0.9675
    ],
    "SoftwareVersions": "syngo_MR_B17",
    "TaskName": "retrieval",
    "TotalReadoutTime": 0.01488,
    "TrueEchoSpacing": 0.000480001,
    "dataset": "ds003789",
    "modality": "bold",
    "run_id": 1,
    "subject_id": "5416",
    "task_id": "retrieval"
  },
  "dummy_trs": 0,
  "dvars_nstd": 29.6770092992093,
  "dvars_std": 1.118098975023255,
  "dvars_vstd": 0.9966220035813953,
  "efc": 0.5575917298819124,
  "fber": 1107.991943359375,
  "fd_mean": 0.07226338712229029,
  "fd_num": 2,
  "fd_perc": 0.9259259259259259,
  "fwhm_avg": 1.6307918255460407,
  "fwhm_x": 1.57156,
  "fwhm_y": 1.79187,
  "fwhm_z": 1.5289454766381216,
  "gcor": 0.00468289,
  "gsr_x": -0.001697801286354661,
  "gsr_y": 0.0344027541577816,
  "provenance": {
    "md5sum": "4649ff11b1fe3d66e5bd95244f890d01",
    "settings": {
      "fd_thres": 0.2,
      "testing": false
    },
    "software": "mriqc",
    "version": "23.1.0"
  },
  "size_t": 216,
  "size_x": 64,
  "size_y": 64,
  "size_z": 41,
  "snr": 6.331926261039636,
  "spacing_tr": 2.0,
  "spacing_x": 3.0,
  "spacing_y": 3.0,
  "spacing_z": 3.299999952316284,
  "summary_bg_k": 26.795790244393874,
  "summary_bg_mad": 21.511461328202987,
  "summary_bg_mean": 60.704161094751264,
  "summary_bg_median": 28.97222328186035,
  "summary_bg_n": 122649.0,
  "summary_bg_p05": 9.166666984558105,
  "summary_bg_p95": 246.35647583007812,
  "summary_bg_stdv": 97.12034333815154,
  "summary_fg_k": 2.817059517821659,
  "summary_fg_mad": 122.32843763713775,
  "summary_fg_mean": 956.0128548283279,
  "summary_fg_median": 964.38427734375,
  "summary_fg_n": 45287.0,
  "summary_fg_p05": 671.0509033203125,
  "summary_fg_p95": 1171.8194580078125,
  "summary_fg_stdv": 152.30335762832982,
  "tsnr": 54.348450862802565
}