{
  "aor": 0.00037902777777777777,
  "aqi": 0.011127148055555557,
  "bids_meta": {
    "AccelFactPE": 2,
    "AcquisitionNumber": 1,
    "AcquisitionTime": "16:06:14.972500",
    "BandwidthPerPixelPhaseEncode": 65.104,
    "ConversionSoftware": "dcm2niix",
    "ConversionSoftwareVersion": "v1.0.20170724 GCC4.4.7",
    "DeviceSerialNumber": "35193",
    "EchoTime": 0.025,
    "EffectiveEchoSpacing": 0.000240001,
    "FlipAngle": 90,
    "ImageType": [
      "ORIGINAL",
      "PRIMARY",
      "M",
      "ND",
      "NORM",
      "MOSAIC"
    ],
    "InstitutionAddress": "Xinjiekouwai_Street_No_19_Beijing_Haidian_District_CN_100875",
    "InstitutionName": "BNU_MRI_Center",
    "MagneticFieldStrength": 3,
    "Manufacturer": "Siemens",
    "ManufacturersModelName": "TrioTim",
    "PhaseEncodingDirection": "j-",
    "PhaseEncodingLines": 64,
    "ProcedureStepDescription": "BNU_cst_2019_Zhu.Bi",
    "ProtocolName": "Test3_216",
    "RepetitionTime": 2,
    "ScanningSequence": "EP",
    "SequenceName": "_epfid2d1_64",
    "SequenceVariant": "SK",
    "SeriesDescription": "Test3_216",
    "SliceTiming": [
      0,
      1.0175,
      0.0475,
      1.065,
      0.0975,
      1.115,
      0.145,
      1.1625,
      0.1925,
      1.2125,
      0.2425,
      1.26,
      0.29,
      1.3075,
      0.34,
      1.3575,
      0.3875,
      1.405,
      0.435,
      1.455,
      0.485,
      1.5025,
      0.5325,
      1.55,
      0.5825,
      1.6,
      0.63,
      1.6475,
      0.6775,
      1.695,
      0.7275,
      1.745,
      0.775,
      1.7925,
      0.8225,
      1.8425,
      0.8725,
      1.89,
      0.92,
      1.9375,
      0.97
    ],
    "SoftwareVersions": "syngo_MR_B17",
    "TaskName": "retrieval",
    "TotalReadoutTime": 0.01488,
    "TrueEchoSpacing": 0.000480001,
    "dataset": "ds003789",
    "modality": "bold",
    "run_id": 3,
    "subject_id": "5416",
    "task_id": "retrieval"
  },
  "dummy_trs": 0,
  "dvars_nstd": 29.706719908465107,
  "dvars_std": 1.1381158784186047,
  "dvars_vstd": 0.9999099373488375,
  "efc": 0.5586501554853298,
  "fber": 1080.64306640625,
  "fd_mean": 0.06271297332396744,
  "fd_num": 0,
  "fd_perc": 0.0,
  "fwhm_avg": 1.6265245528506445,
  "fwhm_x": 1.5604733333333334,
  "fwhm_y": 1.7835366666666665,
  "fwhm_z": 1.5355636585519337,
  "gcor": 0.00901468,
  "gsr_x": -0.001836621668189764,
  "gsr_y": 0.032821785658597946,
  "provenance": {
    "md5sum": "9dcde60710fe8ff6ad1839aa9fb8d89c",
    "settings": {
      "fd_thres": 0.2,
      "testing": false
    },
    "software": "mriqc",
    "version": "23.1.0"
  },
  "size_t": 216,
  "size_x": 64,
  "size_y": 64,
  "size_z": 41,
  "snr": 6.324160618473923,
  "spacing_tr": 2.0,
  "spacing_x": 3.0,
  "spacing_y": 3.0,
  "spacing_z": 3.299999952316284,
  "summary_bg_k": 26.71259837514174,
  "summary_bg_mad": 21.562939315083625,
  "summary_bg_mean": 61.34640663688704,
  "summary_bg_median": 29.35879611968994,
  "summary_bg_n": 122610.0,
  "summary_bg_p05": 9.736111640930176,
  "summary_bg_p95": 247.4120330810547,
  "summary_bg_stdv": 97.5325937634821,
  "summary_fg_k": 2.8300042423602125,
  "summary_fg_mad": 123.28936005890966,
  "summary_fg_mean": 956.7057817135337,
  "summary_fg_median": 965.1157531738281,
  "summary_fg_n": 45326.0,
  "summary_fg_p05": 670.6805419921875,
  "summary_fg_p95": 1172.9398193359375,
  "summary_fg_stdv": 152.60603975089165,
  "tsnr": 57.6274209106341
}