{
  "aor": 0.0003299537037037037,
  "aqi": 0.011538175925925924,
  "bids_meta": {
    "AccelFactPE": 2,
    "AcquisitionNumber": 1,
    "AcquisitionTime": "15:58:7.270000",
    "BandwidthPerPixelPhaseEncode": 65.104,
    "ConversionSoftware": "dcm2niix",
    "ConversionSoftwareVersion": "v1.0.20170724 GCC4.4.7",
    "DeviceSerialNumber": "35193",
    "EchoTime": 0.025,
    "EffectiveEchoSpacing": 0.000240001,
    "FlipAngle": 90,
    "ImageType": [
      "ORIGINAL",
      "PRIMARY",
      "M",
      "ND",
      "NORM",
      "MOSAIC"
    ],
    "InstitutionAddress": "Xinjiekouwai_Street_No_19_Beijing_Haidian_District_CN_100875",
    "InstitutionName": "BNU_MRI_Center",
    "MagneticFieldStrength": 3,
    "Manufacturer": "Siemens",
    "ManufacturersModelName": "TrioTim",
    "PhaseEncodingDirection": "j-",
    "PhaseEncodingLines": 64,
    "ProcedureStepDescription": "BNU_cst_2019_Zhu.Bi",
    "ProtocolName": "Test2_216",
    "RepetitionTime": 2,
    "ScanningSequence": "EP",
    "SequenceName": "_epfid2d1_64",
    "SequenceVariant": "SK",
    "SeriesDescription": "Test2_216",
    "SliceTiming": [
      0,
      1.0175,
      0.05,
      1.0675,
      0.0975,
      1.115,
      0.145,
      1.165,
      0.195,
      1.2125,
      0.2425,
      1.26,
      0.29,
      1.31,
      0.34,
      1.3575,
      0.3875,
      1.405,
      0.4375,
      1.455,
      0.485,
      1.5025,
      0.5325,
      1.5525,
      0.5825,
      1.6,
      0.63,
      1.6475,
      0.68,
      1.6975,
      0.7275,
      1.745,
      0.775,
      1.795,
      0.825,
      1.8425,
      0.8725,
      1.89,
      0.9225,
      1.94,
      0.97
    ],
    "SoftwareVersions": "syngo_MR_B17",
    "TaskName": "retrieval",
    "TotalReadoutTime": 0.01488,
    "TrueEchoSpacing": 0.000480001,
    "dataset": "ds003789",
    "modality": "bold",
    "run_id": 2,
    "subject_id": "5416",
    "task_id": "retrieval"
  },
  "dummy_trs": 0,
  "dvars_nstd": 29.59069618409302,
  "dvars_std": 1.1266830403255816,
  "dvars_vstd": 0.9978835685116275,
  "efc": 0.5579433500086899,
  "fber": 1095.67724609375,
  "fd_mean": 0.058360090559537676,
  "fd_num": 0,
  "fd_perc": 0.0,
  "fwhm_avg": 1.6304226336551497,
  "fwhm_x": 1.5673599999999999,
  "fwhm_y": 1.7890866666666667,
  "fwhm_z": 1.5348212342987817,
  "gcor": 0.00888356,
  "gsr_x": -0.0015545263886451721,
  "gsr_y": 0.03346191346645355,
  "provenance": {
    "md5sum": "0bf9134e5f93cc25d0e14f2b41f3c240",
    "settings": {
      "fd_thres": 0.2,
      "testing": false
    },
    "software": "mriqc",
    "version": "23.1.0"
  },
  "size_t": 216,
  "size_x": 64,
  "size_y": 64,
  "size_z": 41,
  "snr": 6.320157937315338,
  "spacing_tr": 2.0,
  "spacing_x": 3.0,
  "spacing_y": 3.0,
  "spacing_z": 3.299999952316284,
  "summary_bg_k": 26.716506593428583,
  "summary_bg_mad": 21.271222239242064,
  "summary_bg_mean": 60.964814714240084,
  "summary_bg_median": 29.148147583007812,
  "summary_bg_n": 122639.0,
  "summary_bg_p05": 9.657407760620117,
  "summary_bg_p95": 246.05093383789062,
  "summary_bg_stdv": 97.43333888856868,
  "summary_fg_k": 2.854353685653537,
  "summary_fg_mad": 123.20701337807225,
  "summary_fg_mean": 956.4033462998041,
  "summary_fg_median": 964.8333129882812,
  "summary_fg_n": 45297.0,
  "summary_fg_p05": 670.5184936523438,
  "summary_fg_p95": 1171.5740966796875,
  "summary_fg_stdv": 152.65799880623197,
  "tsnr": 56.94355956465006
}