{
  "bids_meta": {
    "AcquisitionNumber": 1,
    "AcquisitionTime": "09:29:11.370000",
    "ConversionSoftware": "dcm2niix",
    "ConversionSoftwareVersion": "v1.0.20170724 GCC4.4.7",
    "DeviceSerialNumber": "35193",
    "EchoTime": 0.00309,
    "FlipAngle": 10,
    "ImageType": [
      "ORIGINAL",
      "PRIMARY",
      "M",
      "ND",
      "NORM"
    ],
    "InstitutionAddress": "Xinjiekouwai_Street_No_19_Beijing_Haidian_District_CN_100875",
    "InstitutionName": "BNU_MRI_Center",
    "InversionTime": 0.8,
    "MagneticFieldStrength": 3,
    "Manufacturer": "Siemens",
    "ManufacturersModelName": "TrioTim",
    "PhaseEncodingDirection": "i-",
    "PhaseEncodingLines": 256,
    "ProcedureStepDescription": "BNU_cst_2019_Zhu.Bi",
    "ProtocolName": "UCI_MPRAGE_Sag_1x1x1",
    "RepetitionTime": 2.53,
    "ScanningSequence": "GR_IR",
    "SequenceName": "_tfl3d1_ns",
    "SequenceVariant": "SP_MP",
    "SeriesDescription": "UCI_MPRAGE_Sag_1x1x1",
    "SoftwareVersions": "syngo_MR_B17",
    "dataset": "ds003789",
    "modality": "T1w",
    "subject_id": "5421"
  },
  "cjv": 0.5707067085195512,
  "cnr": 1.907886425570652,
  "efc": 0.563164929019448,
  "fber": 8837.968696033551,
  "fwhm_avg": 3.8675472150592314,
  "fwhm_x": 3.9430716451776933,
  "fwhm_y": 4.02554,
  "fwhm_z": 3.63403,
  "icvs_csf": 0.27151008281132527,
  "icvs_gm": 0.3801344591574428,
  "icvs_wm": 0.34835545803123186,
  "inu_med": 0.5784140229225159,
  "inu_range": 0.24368797540664672,
  "provenance": {
    "md5sum": "923b908d989f179e227be8c9e1890f7e",
    "settings": {
      "testing": false
    },
    "software": "mriqc",
    "version": "23.1.0",
    "warnings": {
      "large_rot_frame": true,
      "small_air_mask": false
    }
  },
  "qi_1": 0.0,
  "qi_2": 0.0017400764045678399,
  "rpve_csf": 7.7223793664477824,
  "rpve_gm": 7.657547671230314,
  "rpve_wm": 7.780123360554467,
  "size_x": 208,
  "size_y": 256,
  "size_z": 256,
  "snr_csf": 2.43861128706231,
  "snr_gm": 5.249672400314556,
  "snr_total": 6.775943469120204,
  "snr_wm": 12.639546719983745,
  "snrd_csf": 29.090574808464453,
  "snrd_gm": 42.55614303199637,
  "snrd_total": 44.07079134745765,
  "snrd_wm": 60.56565620191212,
  "spacing_x": 0.9999995827674866,
  "spacing_y": 1.0,
  "spacing_z": 1.0,
  "summary_bg_k": 6.616798662093226,
  "summary_bg_mad": 0.0,
  "summary_bg_mean": 6.416993370304368,
  "summary_bg_median": 0.0,
  "summary_bg_n": 4908967.0,
  "summary_bg_p05": 0.0,
  "summary_bg_p95": 27.731037508696318,
  "summary_bg_stdv": 10.455042964825378,
  "summary_csf_k": 1.3136916145064221,
  "summary_csf_mad": 131.40199963541593,
  "summary_csf_mean": 454.94070135203435,
  "summary_csf_median": 464.24410167708993,
  "summary_csf_n": 471194.07401739276,
  "summary_csf_p05": 136.09888420253992,
  "summary_csf_p95": 749.9352687299252,
  "summary_csf_stdv": 190.37212347644552,
  "summary_gm_k": -0.5121321693316299,
  "summary_gm_mad": 99.97873940861876,
  "summary_gm_mean": 684.5548529052809,
  "summary_gm_median": 679.1353736668825,
  "summary_gm_n": 659707.0084106738,
  "summary_gm_p05": 480.03493750467896,
  "summary_gm_p95": 916.8068678341806,
  "summary_gm_stdv": 129.3670932496662,
  "summary_wm_k": 0.2902491468573958,
  "summary_wm_mad": 64.045881530953,
  "summary_wm_mean": 955.6082880991894,
  "summary_wm_median": 966.5415290370584,
  "summary_wm_n": 604555.9184260404,
  "summary_wm_p05": 810.5423086993396,
  "summary_wm_p95": 1062.3867251873016,
  "summary_wm_stdv": 76.4695721348271,
  "tpm_overlap_csf": 0.22502176404269006,
  "tpm_overlap_gm": 0.5295970175786489,
  "tpm_overlap_wm": 0.5409470263883025,
  "wm2max": 0.583654778222612
}