{
  "aor": 0.001046038961038961,
  "aqi": 0.012871560649350647,
  "bids_meta": {
    "AccelFactPE": 2,
    "AcquisitionNumber": 1,
    "AcquisitionTime": "10:55:40.695000",
    "BandwidthPerPixelPhaseEncode": 65.104,
    "ConversionSoftware": "dcm2niix",
    "ConversionSoftwareVersion": "v1.0.20170724 GCC4.4.7",
    "DeviceSerialNumber": "35193",
    "EchoTime": 0.025,
    "EffectiveEchoSpacing": 0.000240001,
    "FlipAngle": 90,
    "ImageType": [
      "ORIGINAL",
      "PRIMARY",
      "M",
      "ND",
      "NORM",
      "MOSAIC"
    ],
    "InstitutionAddress": "Xinjiekouwai_Street_No_19_Beijing_Haidian_District_CN_100875",
    "InstitutionName": "BNU_MRI_Center",
    "MagneticFieldStrength": 3,
    "Manufacturer": "Siemens",
    "ManufacturersModelName": "TrioTim",
    "PhaseEncodingDirection": "j-",
    "PhaseEncodingLines": 64,
    "ProcedureStepDescription": "BNU_cst_2019_Zhu.Bi",
    "ProtocolName": "Learning9_154",
    "RepetitionTime": 2,
    "ScanningSequence": "EP",
    "SequenceName": "_epfid2d1_64",
    "SequenceVariant": "SK",
    "SeriesDescription": "Learning9_154",
    "SliceTiming": [
      0,
      1.0175,
      0.0475,
      1.065,
      0.0975,
      1.115,
      0.145,
      1.1625,
      0.1925,
      1.2125,
      0.2425,
      1.26,
      0.29,
      1.3075,
      0.34,
      1.3575,
      0.3875,
      1.405,
      0.435,
      1.455,
      0.485,
      1.5025,
      0.5325,
      1.55,
      0.5825,
      1.6,
      0.63,
      1.6475,
      0.6775,
      1.6975,
      0.7275,
      1.745,
      0.775,
      1.7925,
      0.825,
      1.8425,
      0.8725,
      1.89,
      0.92,
      1.9375,
      0.97
    ],
    "SoftwareVersions": "syngo_MR_B17",
    "TaskName": "encoding",
    "TotalReadoutTime": 0.01488,
    "TrueEchoSpacing": 0.000480001,
    "dataset": "ds003789",
    "modality": "bold",
    "run_id": 9,
    "subject_id": "5435",
    "task_id": "encoding"
  },
  "dummy_trs": 0,
  "dvars_nstd": 34.93045168581699,
  "dvars_std": 1.2442734049019613,
  "dvars_vstd": 1.0250747657516346,
  "efc": 0.5961311972290273,
  "fber": 830.2047729492188,
  "fd_mean": 0.07606605425995504,
  "fd_num": 9,
  "fd_perc": 5.8441558441558445,
  "fwhm_avg": 1.583099300329362,
  "fwhm_x": 1.4969166666666667,
  "fwhm_y": 1.7159933333333333,
  "fwhm_z": 1.536387900988086,
  "gcor": 0.0143887,
  "gsr_x": 0.008797937072813511,
  "gsr_y": 0.03076830320060253,
  "provenance": {
    "md5sum": "b3569455c93a2414e3c32889ca574d52",
    "settings": {
      "fd_thres": 0.2,
      "testing": false
    },
    "software": "mriqc",
    "version": "23.1.0"
  },
  "size_t": 154,
  "size_x": 64,
  "size_y": 64,
  "size_z": 41,
  "snr": 6.150200124649738,
  "spacing_tr": 2.0,
  "spacing_x": 3.0,
  "spacing_y": 3.0,
  "spacing_z": 3.299999952316284,
  "summary_bg_k": 17.200862402428893,
  "summary_bg_mad": 25.271626539378744,
  "summary_bg_mean": 71.11343807618165,
  "summary_bg_median": 32.48051834106445,
  "summary_bg_n": 116909.0,
  "summary_bg_p05": 10.123376846313477,
  "summary_bg_p95": 293.2402648925781,
  "summary_bg_stdv": 105.99337939246938,
  "summary_fg_k": 2.3216960533484583,
  "summary_fg_mad": 128.61094643988363,
  "summary_fg_mean": 932.6187864795462,
  "summary_fg_median": 935.8701171875,
  "summary_fg_n": 51027.0,
  "summary_fg_p05": 666.5130004882812,
  "summary_fg_p95": 1159.95458984375,
  "summary_fg_stdv": 152.16756005212576,
  "tsnr": 52.258228823309764
}