{
  "aor": 0.0005137209302325581,
  "aqi": 0.01184898418604651,
  "bids_meta": {
    "AccelFactPE": 2,
    "AcquisitionNumber": 1,
    "AcquisitionTime": "09:50:39.342500",
    "BandwidthPerPixelPhaseEncode": 65.104,
    "ConversionSoftware": "dcm2niix",
    "ConversionSoftwareVersion": "v1.0.20170724 GCC4.4.7",
    "DeviceSerialNumber": "35193",
    "EchoTime": 0.025,
    "EffectiveEchoSpacing": 0.000240001,
    "FlipAngle": 90,
    "ImageType": [
      "ORIGINAL",
      "PRIMARY",
      "M",
      "ND",
      "NORM",
      "MOSAIC"
    ],
    "InstitutionAddress": "Xinjiekouwai_Street_No_19_Beijing_Haidian_District_CN_100875",
    "InstitutionName": "BNU_MRI_Center",
    "MagneticFieldStrength": 3,
    "Manufacturer": "Siemens",
    "ManufacturersModelName": "TrioTim",
    "PhaseEncodingDirection": "j-",
    "PhaseEncodingLines": 64,
    "ProcedureStepDescription": "BNU_cst_2019_Zhu.Bi",
    "ProtocolName": "Test2_216",
    "RepetitionTime": 2,
    "ScanningSequence": "EP",
    "SequenceName": "_epfid2d1_64",
    "SequenceVariant": "SK",
    "SeriesDescription": "Test2_216",
    "SliceTiming": [
      0,
      1.02,
      0.05,
      1.0675,
      0.0975,
      1.115,
      0.1475,
      1.165,
      0.195,
      1.2125,
      0.2425,
      1.2625,
      0.2925,
      1.31,
      0.34,
      1.3575,
      0.39,
      1.4075,
      0.4375,
      1.455,
      0.485,
      1.5025,
      0.535,
      1.5525,
      0.5825,
      1.6,
      0.63,
      1.65,
      0.68,
      1.6975,
      0.7275,
      1.745,
      0.7775,
      1.795,
      0.825,
      1.8425,
      0.8725,
      1.8925,
      0.9225,
      1.94,
      0.97
    ],
    "SoftwareVersions": "syngo_MR_B17",
    "TaskName": "retrieval",
    "TotalReadoutTime": 0.01488,
    "TrueEchoSpacing": 0.000480001,
    "dataset": "ds003789",
    "modality": "bold",
    "run_id": 2,
    "subject_id": "5435",
    "task_id": "retrieval"
  },
  "dummy_trs": 1,
  "dvars_nstd": 34.60548716397197,
  "dvars_std": 1.2405530127102804,
  "dvars_vstd": 1.008819835700935,
  "efc": 0.5912291640378454,
  "fber": 910.0247192382812,
  "fd_mean": 0.0638657634030909,
  "fd_num": 5,
  "fd_perc": 2.3255813953488373,
  "fwhm_avg": 1.5766361690441375,
  "fwhm_x": 1.4805333333333335,
  "fwhm_y": 1.7071933333333333,
  "fwhm_z": 1.5421818404657457,
  "gcor": 0.0186739,
  "gsr_x": 0.009400713257491589,
  "gsr_y": 0.03468943387269974,
  "provenance": {
    "md5sum": "b5e25fa717e6664697b2cc7ed846f6c9",
    "settings": {
      "fd_thres": 0.2,
      "testing": false
    },
    "software": "mriqc",
    "version": "23.1.0"
  },
  "size_t": 215,
  "size_x": 64,
  "size_y": 64,
  "size_z": 41,
  "snr": 6.228127162297198,
  "spacing_tr": 2.0,
  "spacing_x": 3.0,
  "spacing_y": 3.0,
  "spacing_z": 3.299999952316284,
  "summary_bg_k": 18.77599893899007,
  "summary_bg_mad": 23.46649086610213,
  "summary_bg_mean": 65.84655272519602,
  "summary_bg_median": 30.539535522460938,
  "summary_bg_n": 116985.0,
  "summary_bg_p05": 10.186046600341797,
  "summary_bg_p95": 270.7441711425781,
  "summary_bg_stdv": 98.48627366539274,
  "summary_fg_k": 2.484912853121984,
  "summary_fg_mad": 125.49706552307477,
  "summary_fg_mean": 918.8484531026816,
  "summary_fg_median": 921.2744140625,
  "summary_fg_n": 50951.0,
  "summary_fg_p05": 662.9721069335938,
  "summary_fg_p95": 1138.739501953125,
  "summary_fg_stdv": 147.92012899267638,
  "tsnr": 54.156774760223925
}