{
  "aor": 0.0008437908496732028,
  "aqi": 0.01473642156862745,
  "bids_meta": {
    "AccelFactPE": 2,
    "AcquisitionNumber": 1,
    "AcquisitionTime": "10:43:47.730000",
    "BandwidthPerPixelPhaseEncode": 65.104,
    "ConversionSoftware": "dcm2niix",
    "ConversionSoftwareVersion": "v1.0.20170724 GCC4.4.7",
    "DeviceSerialNumber": "35193",
    "EchoTime": 0.025,
    "EffectiveEchoSpacing": 0.000240001,
    "FlipAngle": 90,
    "ImageType": [
      "ORIGINAL",
      "PRIMARY",
      "M",
      "ND",
      "NORM",
      "MOSAIC"
    ],
    "InstitutionAddress": "Xinjiekouwai_Street_No_19_Beijing_Haidian_District_CN_100875",
    "InstitutionName": "BNU_MRI_Center",
    "MagneticFieldStrength": 3,
    "Manufacturer": "Siemens",
    "ManufacturersModelName": "TrioTim",
    "PhaseEncodingDirection": "j-",
    "PhaseEncodingLines": 64,
    "ProcedureStepDescription": "BNU_cst_2019_Zhu.Bi",
    "ProtocolName": "Learning7_154",
    "RepetitionTime": 2,
    "ScanningSequence": "EP",
    "SequenceName": "_epfid2d1_64",
    "SequenceVariant": "SK",
    "SeriesDescription": "Learning7_154",
    "SliceTiming": [
      0,
      1.0175,
      0.0475,
      1.065,
      0.095,
      1.115,
      0.145,
      1.1625,
      0.1925,
      1.21,
      0.2425,
      1.26,
      0.29,
      1.3075,
      0.3375,
      1.355,
      0.3875,
      1.405,
      0.435,
      1.4525,
      0.4825,
      1.5025,
      0.5325,
      1.55,
      0.58,
      1.5975,
      0.63,
      1.6475,
      0.6775,
      1.695,
      0.725,
      1.745,
      0.775,
      1.7925,
      0.8225,
      1.84,
      0.8725,
      1.89,
      0.92,
      1.9375,
      0.9675
    ],
    "SoftwareVersions": "syngo_MR_B17",
    "TaskName": "encoding",
    "TotalReadoutTime": 0.01488,
    "TrueEchoSpacing": 0.000480001,
    "dataset": "ds003789",
    "modality": "bold",
    "run_id": 7,
    "subject_id": "5435",
    "task_id": "encoding"
  },
  "dummy_trs": 1,
  "dvars_nstd": 34.4324645243421,
  "dvars_std": 1.203974541710527,
  "dvars_vstd": 0.9980508143421054,
  "efc": 0.59554293541997,
  "fber": 841.0294799804688,
  "fd_mean": 0.07145488922772272,
  "fd_num": 6,
  "fd_perc": 3.9215686274509802,
  "fwhm_avg": 1.5778241488019502,
  "fwhm_x": 1.48264,
  "fwhm_y": 1.71699,
  "fwhm_z": 1.5338424464058507,
  "gcor": 0.00991582,
  "gsr_x": 0.008715800940990448,
  "gsr_y": 0.03174535185098648,
  "provenance": {
    "md5sum": "cf626e8e85d800a4d38f3e9a1fc7c449",
    "settings": {
      "fd_thres": 0.2,
      "testing": false
    },
    "software": "mriqc",
    "version": "23.1.0"
  },
  "size_t": 153,
  "size_x": 64,
  "size_y": 64,
  "size_z": 41,
  "snr": 6.207400262520704,
  "spacing_tr": 2.0,
  "spacing_x": 3.0,
  "spacing_y": 3.0,
  "spacing_z": 3.299999952316284,
  "summary_bg_k": 17.53261151542905,
  "summary_bg_mad": 25.252684257730756,
  "summary_bg_mean": 70.44046402449035,
  "summary_bg_median": 32.189544677734375,
  "summary_bg_n": 116958.0,
  "summary_bg_p05": 9.895424842834473,
  "summary_bg_p95": 291.5751647949219,
  "summary_bg_stdv": 104.70548404750377,
  "summary_fg_k": 2.3914633042138096,
  "summary_fg_mad": 127.60554776137371,
  "summary_fg_mean": 930.8223561055663,
  "summary_fg_median": 933.5130920410156,
  "summary_fg_n": 50978.0,
  "summary_fg_p05": 671.37255859375,
  "summary_fg_p95": 1156.490234375,
  "summary_fg_stdv": 150.38565204078432,
  "tsnr": 50.7533300020732
}