{
  "aor": 0.0005528758169934641,
  "aqi": 0.01106776045751634,
  "bids_meta": {
    "AccelFactPE": 2,
    "AcquisitionNumber": 1,
    "AcquisitionTime": "10:17:36.675000",
    "BandwidthPerPixelPhaseEncode": 65.104,
    "ConversionSoftware": "dcm2niix",
    "ConversionSoftwareVersion": "v1.0.20170724 GCC4.4.7",
    "DeviceSerialNumber": "35193",
    "EchoTime": 0.025,
    "EffectiveEchoSpacing": 0.000240001,
    "FlipAngle": 90,
    "ImageType": [
      "ORIGINAL",
      "PRIMARY",
      "M",
      "ND",
      "NORM",
      "MOSAIC"
    ],
    "InstitutionAddress": "Xinjiekouwai_Street_No_19_Beijing_Haidian_District_CN_100875",
    "InstitutionName": "BNU_MRI_Center",
    "MagneticFieldStrength": 3,
    "Manufacturer": "Siemens",
    "ManufacturersModelName": "TrioTim",
    "PhaseEncodingDirection": "j-",
    "PhaseEncodingLines": 64,
    "ProcedureStepDescription": "BNU_cst_2019_Zhu.Bi",
    "ProtocolName": "Learning3_154",
    "RepetitionTime": 2,
    "ScanningSequence": "EP",
    "SequenceName": "_epfid2d1_64",
    "SequenceVariant": "SK",
    "SeriesDescription": "Learning3_154",
    "SliceTiming": [
      0,
      1.0175,
      0.0475,
      1.065,
      0.0975,
      1.115,
      0.145,
      1.1625,
      0.1925,
      1.2125,
      0.2425,
      1.26,
      0.29,
      1.3075,
      0.34,
      1.3575,
      0.3875,
      1.405,
      0.435,
      1.4525,
      0.485,
      1.5025,
      0.5325,
      1.55,
      0.58,
      1.6,
      0.63,
      1.6475,
      0.6775,
      1.695,
      0.7275,
      1.745,
      0.775,
      1.7925,
      0.8225,
      1.8425,
      0.8725,
      1.89,
      0.92,
      1.9375,
      0.97
    ],
    "SoftwareVersions": "syngo_MR_B17",
    "TaskName": "encoding",
    "TotalReadoutTime": 0.01488,
    "TrueEchoSpacing": 0.000480001,
    "dataset": "ds003789",
    "modality": "bold",
    "run_id": 3,
    "subject_id": "5435",
    "task_id": "encoding"
  },
  "dummy_trs": 1,
  "dvars_nstd": 34.334300279736844,
  "dvars_std": 1.2231675227631584,
  "dvars_vstd": 1.009906756644737,
  "efc": 0.5922663963707009,
  "fber": 884.3294067382812,
  "fd_mean": 0.05738880056773313,
  "fd_num": 0,
  "fd_perc": 0.0,
  "fwhm_avg": 1.576065057918416,
  "fwhm_x": 1.4803899999999999,
  "fwhm_y": 1.7086566666666665,
  "fwhm_z": 1.5391485070885818,
  "gcor": 0.00322497,
  "gsr_x": 0.010310893878340721,
  "gsr_y": 0.033119577914476395,
  "provenance": {
    "md5sum": "75b24ee756529ba2ce20a606438ced22",
    "settings": {
      "fd_thres": 0.2,
      "testing": false
    },
    "software": "mriqc",
    "version": "23.1.0"
  },
  "size_t": 153,
  "size_x": 64,
  "size_y": 64,
  "size_z": 41,
  "snr": 6.209407141865719,
  "spacing_tr": 2.0,
  "spacing_x": 3.0,
  "spacing_y": 3.0,
  "spacing_z": 3.299999952316284,
  "summary_bg_k": 18.4397293577807,
  "summary_bg_mad": 24.613134462691267,
  "summary_bg_mean": 68.55707226835356,
  "summary_bg_median": 31.55555534362793,
  "summary_bg_n": 117080.0,
  "summary_bg_p05": 9.980392456054688,
  "summary_bg_p95": 283.2418212890625,
  "summary_bg_stdv": 103.23001284166025,
  "summary_fg_k": 2.472171615675676,
  "summary_fg_mad": 129.7568321755365,
  "summary_fg_mean": 936.0310211538687,
  "summary_fg_median": 938.3888854980469,
  "summary_fg_n": 50856.0,
  "summary_fg_p05": 678.11767578125,
  "summary_fg_p95": 1162.1895751953125,
  "summary_fg_stdv": 151.12226305553418,
  "tsnr": 55.47969035920687
}