{
  "aor": 0.0005938425925925925,
  "aqi": 0.01235656587962963,
  "bids_meta": {
    "AccelFactPE": 2,
    "AcquisitionNumber": 1,
    "AcquisitionTime": "09:42:37.322500",
    "BandwidthPerPixelPhaseEncode": 65.104,
    "ConversionSoftware": "dcm2niix",
    "ConversionSoftwareVersion": "v1.0.20170724 GCC4.4.7",
    "DeviceSerialNumber": "35193",
    "EchoTime": 0.025,
    "EffectiveEchoSpacing": 0.000240001,
    "FlipAngle": 90,
    "ImageType": [
      "ORIGINAL",
      "PRIMARY",
      "M",
      "ND",
      "NORM",
      "MOSAIC"
    ],
    "InstitutionAddress": "Xinjiekouwai_Street_No_19_Beijing_Haidian_District_CN_100875",
    "InstitutionName": "BNU_MRI_Center",
    "MagneticFieldStrength": 3,
    "Manufacturer": "Siemens",
    "ManufacturersModelName": "TrioTim",
    "PhaseEncodingDirection": "j-",
    "PhaseEncodingLines": 64,
    "ProcedureStepDescription": "BNU_cst_2019_Zhu.Bi",
    "ProtocolName": "Test1_216",
    "RepetitionTime": 2,
    "ScanningSequence": "EP",
    "SequenceName": "_epfid2d1_64",
    "SequenceVariant": "SK",
    "SeriesDescription": "Test1_216",
    "SliceTiming": [
      0,
      1.0175,
      0.0475,
      1.065,
      0.0975,
      1.115,
      0.145,
      1.1625,
      0.1925,
      1.2125,
      0.2425,
      1.26,
      0.29,
      1.3075,
      0.34,
      1.3575,
      0.3875,
      1.405,
      0.435,
      1.4525,
      0.485,
      1.5025,
      0.5325,
      1.55,
      0.58,
      1.6,
      0.63,
      1.6475,
      0.6775,
      1.695,
      0.7275,
      1.745,
      0.775,
      1.7925,
      0.8225,
      1.8425,
      0.8725,
      1.89,
      0.92,
      1.9375,
      0.97
    ],
    "SoftwareVersions": "syngo_MR_B17",
    "TaskName": "retrieval",
    "TotalReadoutTime": 0.01488,
    "TrueEchoSpacing": 0.000480001,
    "dataset": "ds003789",
    "modality": "bold",
    "run_id": 1,
    "subject_id": "5435",
    "task_id": "retrieval"
  },
  "dummy_trs": 0,
  "dvars_nstd": 34.158437347395356,
  "dvars_std": 1.217676985395349,
  "dvars_vstd": 1.0048102541860466,
  "efc": 0.5905706376238175,
  "fber": 926.4425659179688,
  "fd_mean": 0.06301076409355,
  "fd_num": 4,
  "fd_perc": 1.8518518518518519,
  "fwhm_avg": 1.5725127346678045,
  "fwhm_x": 1.47748,
  "fwhm_y": 1.7047066666666666,
  "fwhm_z": 1.5353515373367472,
  "gcor": 0.0080929,
  "gsr_x": 0.009591671638190746,
  "gsr_y": 0.03408876806497574,
  "provenance": {
    "md5sum": "0765442252eb0125395fe638ee4fee25",
    "settings": {
      "fd_thres": 0.2,
      "testing": false
    },
    "software": "mriqc",
    "version": "23.1.0"
  },
  "size_t": 216,
  "size_x": 64,
  "size_y": 64,
  "size_z": 41,
  "snr": 6.2285270811882905,
  "spacing_tr": 2.0,
  "spacing_x": 3.0,
  "spacing_y": 3.0,
  "spacing_z": 3.299999952316284,
  "summary_bg_k": 18.451101929744144,
  "summary_bg_mad": 23.344120361527352,
  "summary_bg_mean": 65.14772112198644,
  "summary_bg_median": 30.231481552124023,
  "summary_bg_n": 116991.0,
  "summary_bg_p05": 9.796296119689941,
  "summary_bg_p95": 267.5185241699219,
  "summary_bg_stdv": 97.14040585966373,
  "summary_fg_k": 2.426991482167817,
  "summary_fg_mad": 125.47896735146216,
  "summary_fg_mean": 917.5851259005246,
  "summary_fg_median": 920.1713256835938,
  "summary_fg_n": 50945.0,
  "summary_fg_p05": 659.9305419921875,
  "summary_fg_p95": 1137.486083984375,
  "summary_fg_stdv": 147.73353035447923,
  "tsnr": 53.28942335676402
}