{
  "aor": 0.000587516339869281,
  "aqi": 0.01186225751633987,
  "bids_meta": {
    "AccelFactPE": 2,
    "AcquisitionNumber": 1,
    "AcquisitionTime": "10:30:38.805000",
    "BandwidthPerPixelPhaseEncode": 65.104,
    "ConversionSoftware": "dcm2niix",
    "ConversionSoftwareVersion": "v1.0.20170724 GCC4.4.7",
    "DeviceSerialNumber": "35193",
    "EchoTime": 0.025,
    "EffectiveEchoSpacing": 0.000240001,
    "FlipAngle": 90,
    "ImageType": [
      "ORIGINAL",
      "PRIMARY",
      "M",
      "ND",
      "NORM",
      "MOSAIC"
    ],
    "InstitutionAddress": "Xinjiekouwai_Street_No_19_Beijing_Haidian_District_CN_100875",
    "InstitutionName": "BNU_MRI_Center",
    "MagneticFieldStrength": 3,
    "Manufacturer": "Siemens",
    "ManufacturersModelName": "TrioTim",
    "PhaseEncodingDirection": "j-",
    "PhaseEncodingLines": 64,
    "ProcedureStepDescription": "BNU_cst_2019_Zhu.Bi",
    "ProtocolName": "Learning5_154",
    "RepetitionTime": 2,
    "ScanningSequence": "EP",
    "SequenceName": "_epfid2d1_64",
    "SequenceVariant": "SK",
    "SeriesDescription": "Learning5_154",
    "SliceTiming": [
      0,
      1.0175,
      0.0475,
      1.0675,
      0.0975,
      1.115,
      0.145,
      1.1625,
      0.195,
      1.2125,
      0.2425,
      1.26,
      0.29,
      1.3075,
      0.34,
      1.3575,
      0.3875,
      1.405,
      0.435,
      1.455,
      0.485,
      1.5025,
      0.5325,
      1.55,
      0.5825,
      1.6,
      0.63,
      1.6475,
      0.6775,
      1.6975,
      0.7275,
      1.745,
      0.775,
      1.7925,
      0.825,
      1.8425,
      0.8725,
      1.89,
      0.92,
      1.94,
      0.97
    ],
    "SoftwareVersions": "syngo_MR_B17",
    "TaskName": "encoding",
    "TotalReadoutTime": 0.01488,
    "TrueEchoSpacing": 0.000480001,
    "dataset": "ds003789",
    "modality": "bold",
    "run_id": 5,
    "subject_id": "5435",
    "task_id": "encoding"
  },
  "dummy_trs": 1,
  "dvars_nstd": 34.48037082256581,
  "dvars_std": 1.22416631118421,
  "dvars_vstd": 1.0058576046052623,
  "efc": 0.5940093448064757,
  "fber": 875.0323486328125,
  "fd_mean": 0.07096322036033961,
  "fd_num": 2,
  "fd_perc": 1.3071895424836601,
  "fwhm_avg": 1.5811160680324454,
  "fwhm_x": 1.4894566666666667,
  "fwhm_y": 1.71204,
  "fwhm_z": 1.54185153743067,
  "gcor": 0.00644446,
  "gsr_x": 0.01003814022988081,
  "gsr_y": 0.03207385540008545,
  "provenance": {
    "md5sum": "3b9d5642702e8839edd0c7d22fc043a5",
    "settings": {
      "fd_thres": 0.2,
      "testing": false
    },
    "software": "mriqc",
    "version": "23.1.0"
  },
  "size_t": 153,
  "size_x": 64,
  "size_y": 64,
  "size_z": 41,
  "snr": 6.1867371311493775,
  "spacing_tr": 2.0,
  "spacing_x": 3.0,
  "spacing_y": 3.0,
  "spacing_z": 3.299999952316284,
  "summary_bg_k": 17.827971030597354,
  "summary_bg_mad": 24.632515059432997,
  "summary_bg_mean": 69.6770942769727,
  "summary_bg_median": 31.69281005859375,
  "summary_bg_n": 116981.0,
  "summary_bg_p05": 10.058823585510254,
  "summary_bg_p95": 288.3333435058594,
  "summary_bg_stdv": 104.5058500883554,
  "summary_fg_k": 2.336373549619598,
  "summary_fg_mad": 129.6162998729645,
  "summary_fg_mean": 935.0385056350524,
  "summary_fg_median": 937.5032958984375,
  "summary_fg_n": 50955.0,
  "summary_fg_p05": 676.686279296875,
  "summary_fg_p95": 1162.464111328125,
  "summary_fg_stdv": 151.5328802006654,
  "tsnr": 53.8480189377442
}