{
  "aor": 0.0003747906976744185,
  "aqi": 0.012959011627906974,
  "bids_meta": {
    "AccelFactPE": 2,
    "AcquisitionNumber": 1,
    "AcquisitionTime": "09:32:27.970000",
    "BandwidthPerPixelPhaseEncode": 65.104,
    "ConversionSoftware": "dcm2niix",
    "ConversionSoftwareVersion": "v1.0.20170724 GCC4.4.7",
    "DeviceSerialNumber": "35193",
    "EchoTime": 0.025,
    "EffectiveEchoSpacing": 0.000240001,
    "FlipAngle": 90,
    "ImageType": [
      "ORIGINAL",
      "PRIMARY",
      "M",
      "ND",
      "NORM",
      "MOSAIC"
    ],
    "InstitutionAddress": "Xinjiekouwai_Street_No_19_Beijing_Haidian_District_CN_100875",
    "InstitutionName": "BNU_MRI_Center",
    "MagneticFieldStrength": 3,
    "Manufacturer": "Siemens",
    "ManufacturersModelName": "TrioTim",
    "PhaseEncodingDirection": "j-",
    "PhaseEncodingLines": 64,
    "ProcedureStepDescription": "BNU_cst_2019_Zhu.Bi",
    "ProtocolName": "Test3_216",
    "RepetitionTime": 2,
    "ScanningSequence": "EP",
    "SequenceName": "_epfid2d1_64",
    "SequenceVariant": "SK",
    "SeriesDescription": "Test3_216",
    "SliceTiming": [
      0,
      1.0175,
      0.05,
      1.0675,
      0.0975,
      1.115,
      0.145,
      1.165,
      0.195,
      1.2125,
      0.2425,
      1.26,
      0.2925,
      1.31,
      0.34,
      1.3575,
      0.3875,
      1.405,
      0.4375,
      1.455,
      0.485,
      1.5025,
      0.5325,
      1.5525,
      0.5825,
      1.6,
      0.63,
      1.6475,
      0.68,
      1.6975,
      0.7275,
      1.745,
      0.775,
      1.795,
      0.825,
      1.8425,
      0.8725,
      1.89,
      0.9225,
      1.94,
      0.97
    ],
    "SoftwareVersions": "syngo_MR_B17",
    "TaskName": "retrieval",
    "TotalReadoutTime": 0.01488,
    "TrueEchoSpacing": 0.000480001,
    "dataset": "ds003789",
    "modality": "bold",
    "run_id": 3,
    "subject_id": "5417",
    "task_id": "retrieval"
  },
  "dummy_trs": 1,
  "dvars_nstd": 33.036092972242976,
  "dvars_std": 1.1961620069626167,
  "dvars_vstd": 1.0048479846261686,
  "efc": 0.5767468317298834,
  "fber": 978.1007690429688,
  "fd_mean": 0.05928808636441262,
  "fd_num": 0,
  "fd_perc": 0.0,
  "fwhm_avg": 1.551566572919597,
  "fwhm_x": 1.4793666666666667,
  "fwhm_y": 1.6673966666666666,
  "fwhm_z": 1.5079363854254575,
  "gcor": 0.012449,
  "gsr_x": 0.0009427083423361182,
  "gsr_y": 0.03365538269281387,
  "provenance": {
    "md5sum": "8403cdb97c1696183108209b39696c9c",
    "settings": {
      "fd_thres": 0.2,
      "testing": false
    },
    "software": "mriqc",
    "version": "23.1.0"
  },
  "size_t": 215,
  "size_x": 64,
  "size_y": 64,
  "size_z": 41,
  "snr": 6.299984728779894,
  "spacing_tr": 2.0,
  "spacing_x": 3.0,
  "spacing_y": 3.0,
  "spacing_z": 3.299999952316284,
  "summary_bg_k": 20.80488677618939,
  "summary_bg_mad": 19.05316264142702,
  "summary_bg_mean": 59.49922721131107,
  "summary_bg_median": 25.23720932006836,
  "summary_bg_n": 121609.0,
  "summary_bg_p05": 8.869767189025879,
  "summary_bg_p95": 247.9860382080078,
  "summary_bg_stdv": 90.38305893077306,
  "summary_fg_k": 2.899233901108037,
  "summary_fg_mad": 99.65151909738644,
  "summary_fg_mean": 784.7510281646239,
  "summary_fg_median": 789.28369140625,
  "summary_fg_n": 46327.0,
  "summary_fg_p05": 554.353515625,
  "summary_fg_p95": 965.2511596679688,
  "summary_fg_stdv": 125.28207713589406,
  "tsnr": 53.79431257164106
}