{
  "aor": 0.0006481168831168831,
  "aqi": 0.011346621298701298,
  "bids_meta": {
    "AccelFactPE": 2,
    "AcquisitionNumber": 1,
    "AcquisitionTime": "09:21:4.382500",
    "BandwidthPerPixelPhaseEncode": 65.104,
    "ConversionSoftware": "dcm2niix",
    "ConversionSoftwareVersion": "v1.0.20170724 GCC4.4.7",
    "DeviceSerialNumber": "35193",
    "EchoTime": 0.025,
    "EffectiveEchoSpacing": 0.000240001,
    "FlipAngle": 90,
    "ImageType": [
      "ORIGINAL",
      "PRIMARY",
      "M",
      "ND",
      "NORM",
      "MOSAIC"
    ],
    "InstitutionAddress": "Xinjiekouwai_Street_No_19_Beijing_Haidian_District_CN_100875",
    "InstitutionName": "Beijing_Normal_Universtiy_317710",
    "MagneticFieldStrength": 3,
    "Manufacturer": "Siemens",
    "ManufacturersModelName": "TrioTim",
    "PhaseEncodingDirection": "j-",
    "PhaseEncodingLines": 64,
    "ProcedureStepDescription": "BNU_cst_2019_Zhu.Bi",
    "ProtocolName": "Learning3_154",
    "RepetitionTime": 2,
    "ScanningSequence": "EP",
    "SequenceName": "_epfid2d1_64",
    "SequenceVariant": "SK",
    "SeriesDescription": "Learning3_154",
    "SliceTiming": [
      0,
      1.0175,
      0.05,
      1.0675,
      0.0975,
      1.115,
      0.145,
      1.165,
      0.195,
      1.2125,
      0.2425,
      1.26,
      0.2925,
      1.31,
      0.34,
      1.3575,
      0.3875,
      1.4075,
      0.4375,
      1.455,
      0.485,
      1.5025,
      0.535,
      1.5525,
      0.5825,
      1.6,
      0.63,
      1.65,
      0.68,
      1.6975,
      0.7275,
      1.745,
      0.7775,
      1.795,
      0.825,
      1.8425,
      0.8725,
      1.89,
      0.9225,
      1.94,
      0.97
    ],
    "SoftwareVersions": "syngo_MR_B17",
    "TaskName": "encoding",
    "TotalReadoutTime": 0.01488,
    "TrueEchoSpacing": 0.000480001,
    "dataset": "ds003789",
    "modality": "bold",
    "run_id": 3,
    "subject_id": "5417",
    "task_id": "encoding"
  },
  "dummy_trs": 0,
  "dvars_nstd": 31.25665952640523,
  "dvars_std": 1.1728224454248368,
  "dvars_vstd": 1.0212560101307195,
  "efc": 0.5803975706521362,
  "fber": 873.6756591796875,
  "fd_mean": 0.061238343874318514,
  "fd_num": 0,
  "fd_perc": 0.0,
  "fwhm_avg": 1.5664154617771784,
  "fwhm_x": 1.4961733333333334,
  "fwhm_y": 1.7016366666666667,
  "fwhm_z": 1.5014363853315351,
  "gcor": 0.0102207,
  "gsr_x": -0.0016433667624369264,
  "gsr_y": 0.038741812109947205,
  "provenance": {
    "md5sum": "83322af1de478e17053d63e9249fb868",
    "settings": {
      "fd_thres": 0.2,
      "testing": false
    },
    "software": "mriqc",
    "version": "23.1.0"
  },
  "size_t": 154,
  "size_x": 64,
  "size_y": 64,
  "size_z": 41,
  "snr": 6.213860409522981,
  "spacing_tr": 2.0,
  "spacing_x": 3.0,
  "spacing_y": 3.0,
  "spacing_z": 3.299999952316284,
  "summary_bg_k": 20.31600548743931,
  "summary_bg_mad": 20.34245659223467,
  "summary_bg_mean": 62.09450678967109,
  "summary_bg_median": 26.811687469482422,
  "summary_bg_n": 121587.0,
  "summary_bg_p05": 9.071428298950195,
  "summary_bg_p95": 254.8896026611328,
  "summary_bg_stdv": 92.93805245694317,
  "summary_fg_k": 2.6104176444416103,
  "summary_fg_mad": 101.54865993667904,
  "summary_fg_mean": 787.6425691140545,
  "summary_fg_median": 792.5,
  "summary_fg_n": 46349.0,
  "summary_fg_p05": 549.1233520507812,
  "summary_fg_p95": 971.727294921875,
  "summary_fg_stdv": 127.53608843092907,
  "tsnr": 55.46263338346034
}