{
  "aor": 0.0004043518518518518,
  "aqi": 0.013581208333333332,
  "bids_meta": {
    "AccelFactPE": 2,
    "AcquisitionNumber": 1,
    "AcquisitionTime": "09:16:13.095000",
    "BandwidthPerPixelPhaseEncode": 65.104,
    "ConversionSoftware": "dcm2niix",
    "ConversionSoftwareVersion": "v1.0.20170724 GCC4.4.7",
    "DeviceSerialNumber": "35193",
    "EchoTime": 0.025,
    "EffectiveEchoSpacing": 0.000240001,
    "FlipAngle": 90,
    "ImageType": [
      "ORIGINAL",
      "PRIMARY",
      "M",
      "ND",
      "NORM",
      "MOSAIC"
    ],
    "InstitutionAddress": "Xinjiekouwai_Street_No_19_Beijing_Haidian_District_CN_100875",
    "InstitutionName": "BNU_MRI_Center",
    "MagneticFieldStrength": 3,
    "Manufacturer": "Siemens",
    "ManufacturersModelName": "TrioTim",
    "PhaseEncodingDirection": "j-",
    "PhaseEncodingLines": 64,
    "ProcedureStepDescription": "BNU_cst_2019_Zhu.Bi",
    "ProtocolName": "Test1_216",
    "RepetitionTime": 2,
    "ScanningSequence": "EP",
    "SequenceName": "_epfid2d1_64",
    "SequenceVariant": "SK",
    "SeriesDescription": "Test1_216",
    "SliceTiming": [
      0,
      1.0175,
      0.05,
      1.0675,
      0.0975,
      1.115,
      0.145,
      1.165,
      0.195,
      1.2125,
      0.2425,
      1.26,
      0.2925,
      1.31,
      0.34,
      1.3575,
      0.3875,
      1.4075,
      0.4375,
      1.455,
      0.485,
      1.5025,
      0.535,
      1.5525,
      0.5825,
      1.6,
      0.63,
      1.6475,
      0.68,
      1.6975,
      0.7275,
      1.745,
      0.775,
      1.795,
      0.825,
      1.8425,
      0.8725,
      1.89,
      0.9225,
      1.94,
      0.97
    ],
    "SoftwareVersions": "syngo_MR_B17",
    "TaskName": "retrieval",
    "TotalReadoutTime": 0.01488,
    "TrueEchoSpacing": 0.000480001,
    "dataset": "ds003789",
    "modality": "bold",
    "run_id": 1,
    "subject_id": "5417",
    "task_id": "retrieval"
  },
  "dummy_trs": 0,
  "dvars_nstd": 34.141435622976736,
  "dvars_std": 1.2014744609767445,
  "dvars_vstd": 0.9996273891162787,
  "efc": 0.575479840575982,
  "fber": 1007.3513793945312,
  "fd_mean": 0.06550054588862424,
  "fd_num": 0,
  "fd_perc": 0.0,
  "fwhm_avg": 1.5493172799842612,
  "fwhm_x": 1.4756566666666666,
  "fwhm_y": 1.6656133333333332,
  "fwhm_z": 1.5066818399527846,
  "gcor": 0.00535438,
  "gsr_x": 0.0017597716068848968,
  "gsr_y": 0.03405949845910072,
  "provenance": {
    "md5sum": "3dfe6ff4bd409c602e04b83c44dd3796",
    "settings": {
      "fd_thres": 0.2,
      "testing": false
    },
    "software": "mriqc",
    "version": "23.1.0"
  },
  "size_t": 216,
  "size_x": 64,
  "size_y": 64,
  "size_z": 41,
  "snr": 6.309782799333316,
  "spacing_tr": 2.0,
  "spacing_x": 3.0,
  "spacing_y": 3.0,
  "spacing_z": 3.299999952316284,
  "summary_bg_k": 21.592071255588422,
  "summary_bg_mad": 18.95122610373861,
  "summary_bg_mean": 58.73761046723018,
  "summary_bg_median": 24.90277862548828,
  "summary_bg_n": 121576.0,
  "summary_bg_p05": 8.532407760620117,
  "summary_bg_p95": 243.9768524169922,
  "summary_bg_stdv": 90.14256907393919,
  "summary_fg_k": 2.7828815436693963,
  "summary_fg_mad": 98.93279545722038,
  "summary_fg_mean": 785.2671763847571,
  "summary_fg_median": 790.38427734375,
  "summary_fg_n": 46360.0,
  "summary_fg_p05": 552.2523193359375,
  "summary_fg_p95": 965.0023193359375,
  "summary_fg_stdv": 125.26195877308146,
  "tsnr": 53.495466310414486
}