{
  "aor": 0.0007047402597402597,
  "aqi": 0.01500467922077922,
  "bids_meta": {
    "AccelFactPE": 2,
    "AcquisitionNumber": 1,
    "AcquisitionTime": "09:48:3.787500",
    "BandwidthPerPixelPhaseEncode": 65.104,
    "ConversionSoftware": "dcm2niix",
    "ConversionSoftwareVersion": "v1.0.20170724 GCC4.4.7",
    "DeviceSerialNumber": "35193",
    "EchoTime": 0.025,
    "EffectiveEchoSpacing": 0.000240001,
    "FlipAngle": 90,
    "ImageType": [
      "ORIGINAL",
      "PRIMARY",
      "M",
      "ND",
      "NORM",
      "MOSAIC"
    ],
    "InstitutionAddress": "Xinjiekouwai_Street_No_19_Beijing_Haidian_District_CN_100875",
    "InstitutionName": "Beijing_Normal_Universtiy_317710",
    "MagneticFieldStrength": 3,
    "Manufacturer": "Siemens",
    "ManufacturersModelName": "TrioTim",
    "PhaseEncodingDirection": "j-",
    "PhaseEncodingLines": 64,
    "ProcedureStepDescription": "BNU_cst_2019_Zhu.Bi",
    "ProtocolName": "Learning7_154",
    "RepetitionTime": 2,
    "ScanningSequence": "EP",
    "SequenceName": "_epfid2d1_64",
    "SequenceVariant": "SK",
    "SeriesDescription": "Learning7_154",
    "SliceTiming": [
      0,
      1.02,
      0.05,
      1.0675,
      0.0975,
      1.115,
      0.1475,
      1.165,
      0.195,
      1.2125,
      0.2425,
      1.2625,
      0.2925,
      1.31,
      0.34,
      1.3575,
      0.39,
      1.4075,
      0.4375,
      1.455,
      0.485,
      1.505,
      0.535,
      1.5525,
      0.5825,
      1.6,
      0.6325,
      1.65,
      0.68,
      1.6975,
      0.7275,
      1.7475,
      0.7775,
      1.795,
      0.825,
      1.8425,
      0.875,
      1.8925,
      0.9225,
      1.94,
      0.97
    ],
    "SoftwareVersions": "syngo_MR_B17",
    "TaskName": "encoding",
    "TotalReadoutTime": 0.01488,
    "TrueEchoSpacing": 0.000480001,
    "dataset": "ds003789",
    "modality": "bold",
    "run_id": 7,
    "subject_id": "5417",
    "task_id": "encoding"
  },
  "dummy_trs": 0,
  "dvars_nstd": 30.572876263725476,
  "dvars_std": 1.1409781083006543,
  "dvars_vstd": 1.0075568934640526,
  "efc": 0.5838152331151943,
  "fber": 822.33837890625,
  "fd_mean": 0.06956338087017959,
  "fd_num": 2,
  "fd_perc": 1.2987012987012987,
  "fwhm_avg": 1.5659682900496439,
  "fwhm_x": 1.4909466666666666,
  "fwhm_y": 1.7076733333333334,
  "fwhm_z": 1.4992848701489314,
  "gcor": 0.00643189,
  "gsr_x": -0.005613865330815315,
  "gsr_y": 0.032200925052165985,
  "provenance": {
    "md5sum": "054e952a6e41ecdd13afb1d7bc78daec",
    "settings": {
      "fd_thres": 0.2,
      "testing": false
    },
    "software": "mriqc",
    "version": "23.1.0"
  },
  "size_t": 154,
  "size_x": 64,
  "size_y": 64,
  "size_z": 41,
  "snr": 6.226256780994118,
  "spacing_tr": 2.0,
  "spacing_x": 3.0,
  "spacing_y": 3.0,
  "spacing_z": 3.299999952316284,
  "summary_bg_k": 18.766009076944176,
  "summary_bg_mad": 21.112641252245478,
  "summary_bg_mean": 64.56968769330877,
  "summary_bg_median": 27.785715103149414,
  "summary_bg_n": 121574.0,
  "summary_bg_p05": 9.344156265258789,
  "summary_bg_p95": 265.3961181640625,
  "summary_bg_stdv": 95.27050950307344,
  "summary_fg_k": 2.748656985021559,
  "summary_fg_mad": 100.43661778194178,
  "summary_fg_mean": 791.3094574665109,
  "summary_fg_median": 796.7954711914062,
  "summary_fg_n": 46362.0,
  "summary_fg_p05": 550.1493530273438,
  "summary_fg_p95": 973.8441772460938,
  "summary_fg_stdv": 127.97205543813492,
  "tsnr": 51.73385612270795
}