{
  "aor": 0.00034587962962962963,
  "aqi": 0.013229843055555556,
  "bids_meta": {
    "AccelFactPE": 2,
    "AcquisitionNumber": 1,
    "AcquisitionTime": "09:24:26.705000",
    "BandwidthPerPixelPhaseEncode": 65.104,
    "ConversionSoftware": "dcm2niix",
    "ConversionSoftwareVersion": "v1.0.20170724 GCC4.4.7",
    "DeviceSerialNumber": "35193",
    "EchoTime": 0.025,
    "EffectiveEchoSpacing": 0.000240001,
    "FlipAngle": 90,
    "ImageType": [
      "ORIGINAL",
      "PRIMARY",
      "M",
      "ND",
      "NORM",
      "MOSAIC"
    ],
    "InstitutionAddress": "Xinjiekouwai_Street_No_19_Beijing_Haidian_District_CN_100875",
    "InstitutionName": "BNU_MRI_Center",
    "MagneticFieldStrength": 3,
    "Manufacturer": "Siemens",
    "ManufacturersModelName": "TrioTim",
    "PhaseEncodingDirection": "j-",
    "PhaseEncodingLines": 64,
    "ProcedureStepDescription": "BNU_cst_2019_Zhu.Bi",
    "ProtocolName": "Test2_216",
    "RepetitionTime": 2,
    "ScanningSequence": "EP",
    "SequenceName": "_epfid2d1_64",
    "SequenceVariant": "SK",
    "SeriesDescription": "Test2_216",
    "SliceTiming": [
      0,
      1.0175,
      0.0475,
      1.065,
      0.095,
      1.115,
      0.145,
      1.1625,
      0.1925,
      1.21,
      0.2425,
      1.26,
      0.29,
      1.3075,
      0.3375,
      1.3575,
      0.3875,
      1.405,
      0.435,
      1.4525,
      0.485,
      1.5025,
      0.5325,
      1.55,
      0.58,
      1.6,
      0.63,
      1.6475,
      0.6775,
      1.695,
      0.7275,
      1.745,
      0.775,
      1.7925,
      0.8225,
      1.84,
      0.8725,
      1.89,
      0.92,
      1.9375,
      0.9675
    ],
    "SoftwareVersions": "syngo_MR_B17",
    "TaskName": "retrieval",
    "TotalReadoutTime": 0.01488,
    "TrueEchoSpacing": 0.000480001,
    "dataset": "ds003789",
    "modality": "bold",
    "run_id": 2,
    "subject_id": "5417",
    "task_id": "retrieval"
  },
  "dummy_trs": 0,
  "dvars_nstd": 32.97445685786046,
  "dvars_std": 1.183536439255814,
  "dvars_vstd": 0.9973144159069769,
  "efc": 0.5764310619019071,
  "fber": 990.2444458007812,
  "fd_mean": 0.06564319003506713,
  "fd_num": 0,
  "fd_perc": 0.0,
  "fwhm_avg": 1.550031522415276,
  "fwhm_x": 1.4763533333333332,
  "fwhm_y": 1.6656533333333332,
  "fwhm_z": 1.5080879005791619,
  "gcor": 0.0113036,
  "gsr_x": 0.0014441402163356543,
  "gsr_y": 0.03406241163611412,
  "provenance": {
    "md5sum": "24911b3377284819306729ae40e1bd30",
    "settings": {
      "fd_thres": 0.2,
      "testing": false
    },
    "software": "mriqc",
    "version": "23.1.0"
  },
  "size_t": 216,
  "size_x": 64,
  "size_y": 64,
  "size_z": 41,
  "snr": 6.2999325433278,
  "spacing_tr": 2.0,
  "spacing_x": 3.0,
  "spacing_y": 3.0,
  "spacing_z": 3.299999952316284,
  "summary_bg_k": 20.76171246310448,
  "summary_bg_mad": 18.807082650362055,
  "summary_bg_mean": 59.31899715512274,
  "summary_bg_median": 25.074073791503906,
  "summary_bg_n": 121588.0,
  "summary_bg_p05": 8.824073791503906,
  "summary_bg_p95": 247.20370483398438,
  "summary_bg_stdv": 90.61110462506325,
  "summary_fg_k": 2.81459598552037,
  "summary_fg_mad": 99.24512465382512,
  "summary_fg_mean": 784.5950880863015,
  "summary_fg_median": 789.0347290039062,
  "summary_fg_n": 46348.0,
  "summary_fg_p05": 552.9722290039062,
  "summary_fg_p95": 964.8333129882812,
  "summary_fg_stdv": 125.24359768341446,
  "tsnr": 53.68538775248453
}