{
  "bids_meta": {
    "AcquisitionNumber": 1,
    "AcquisitionTime": "14:14:9.410000",
    "ConversionSoftware": "dcm2niix",
    "ConversionSoftwareVersion": "v1.0.20170724 GCC4.4.7",
    "DeviceSerialNumber": "35193",
    "EchoTime": 0.00309,
    "FlipAngle": 10,
    "ImageType": [
      "ORIGINAL",
      "PRIMARY",
      "M",
      "ND",
      "NORM"
    ],
    "InstitutionAddress": "Xinjiekouwai_Street_No_19_Beijing_Haidian_District_CN_100875",
    "InstitutionName": "BNU_MRI_Center",
    "InversionTime": 0.8,
    "MagneticFieldStrength": 3,
    "Manufacturer": "Siemens",
    "ManufacturersModelName": "TrioTim",
    "PhaseEncodingDirection": "i-",
    "PhaseEncodingLines": 256,
    "ProcedureStepDescription": "BNU_cst_2019_Zhu.Bi",
    "ProtocolName": "UCI_MPRAGE_Sag_1x1x1",
    "RepetitionTime": 2.53,
    "ScanningSequence": "GR_IR",
    "SequenceName": "_tfl3d1_ns",
    "SequenceVariant": "SP_MP",
    "SeriesDescription": "UCI_MPRAGE_Sag_1x1x1",
    "SoftwareVersions": "syngo_MR_B17",
    "dataset": "ds003789",
    "modality": "T1w",
    "subject_id": "5408"
  },
  "cjv": 0.5338332019490504,
  "cnr": 1.8941772839590416,
  "efc": 0.5268440284091767,
  "fber": 9163.710743801652,
  "fwhm_avg": 4.139866666666667,
  "fwhm_x": 4.24406,
  "fwhm_y": 4.22698,
  "fwhm_z": 3.94856,
  "icvs_csf": 0.2768640078450441,
  "icvs_gm": 0.38196141452269317,
  "icvs_wm": 0.3411745776322627,
  "inu_med": 0.5911746621131897,
  "inu_range": 0.268445810675621,
  "provenance": {
    "md5sum": "b02d355d0ff4e832cd61b22fd74b1e25",
    "settings": {
      "testing": false
    },
    "software": "mriqc",
    "version": "23.1.0",
    "warnings": {
      "large_rot_frame": true,
      "small_air_mask": false
    }
  },
  "qi_1": 0.0,
  "qi_2": 0.0016899414145828992,
  "rpve_csf": 8.55676892692018,
  "rpve_gm": 8.481141720513927,
  "rpve_wm": 8.586031487945968,
  "size_x": 208,
  "size_y": 256,
  "size_z": 256,
  "snr_csf": 1.9884484425543822,
  "snr_gm": 5.166985586290505,
  "snr_total": 5.911383926565237,
  "snr_wm": 10.578717750850824,
  "snrd_csf": 26.02623147101606,
  "snrd_gm": 45.115435276643986,
  "snrd_total": 45.52069118836769,
  "snrd_wm": 65.42040681744304,
  "spacing_x": 1.0,
  "spacing_y": 1.0,
  "spacing_z": 1.0,
  "summary_bg_k": 6.655906924440487,
  "summary_bg_mad": 0.0,
  "summary_bg_mean": 5.538874113941994,
  "summary_bg_median": 0.0,
  "summary_bg_n": 5330884.0,
  "summary_bg_p05": 0.0,
  "summary_bg_p95": 26.40624273940921,
  "summary_bg_stdv": 9.631564017809813,
  "summary_csf_k": -0.657753603699307,
  "summary_csf_mad": 145.86805244573995,
  "summary_csf_mean": 391.3470638584059,
  "summary_csf_median": 382.62767044454813,
  "summary_csf_n": 435370.59064401325,
  "summary_csf_p05": 87.06376817449927,
  "summary_csf_p95": 700.3113503232598,
  "summary_csf_stdv": 192.42501984371862,
  "summary_gm_k": -0.5127270519391822,
  "summary_gm_mad": 91.19001552403225,
  "summary_gm_mean": 667.2193188029987,
  "summary_gm_median": 663.2698214575648,
  "summary_gm_n": 600636.9984250172,
  "summary_gm_p05": 458.651768989861,
  "summary_gm_p95": 902.0987182706594,
  "summary_gm_stdv": 128.36677367138648,
  "summary_wm_k": -0.35868559644683007,
  "summary_wm_mad": 68.16768418857637,
  "summary_wm_mean": 940.3676759437149,
  "summary_wm_median": 961.7857232987881,
  "summary_wm_n": 536499.4118687096,
  "summary_wm_p05": 757.005917429924,
  "summary_wm_p95": 1054.9152440167964,
  "summary_wm_stdv": 90.91695700719569,
  "tpm_overlap_csf": 0.20546410291595807,
  "tpm_overlap_gm": 0.5267342372158577,
  "tpm_overlap_wm": 0.5457791407411342,
  "wm2max": 0.5167738571180254
}