{
  "aor": 0.00041302325581395356,
  "aqi": 0.013490596744186048,
  "bids_meta": {
    "AccelFactPE": 2,
    "AcquisitionNumber": 1,
    "AcquisitionTime": "12:18:15.500000",
    "BandwidthPerPixelPhaseEncode": 65.104,
    "ConversionSoftware": "dcm2niix",
    "ConversionSoftwareVersion": "v1.0.20170724 GCC4.4.7",
    "DeviceSerialNumber": "35193",
    "EchoTime": 0.025,
    "EffectiveEchoSpacing": 0.000240001,
    "FlipAngle": 90,
    "ImageType": [
      "ORIGINAL",
      "PRIMARY",
      "M",
      "ND",
      "NORM",
      "MOSAIC"
    ],
    "InstitutionAddress": "Xinjiekouwai_Street_No_19_Beijing_Haidian_District_CN_100875",
    "InstitutionName": "BNU_MRI_Center",
    "MagneticFieldStrength": 3,
    "Manufacturer": "Siemens",
    "ManufacturersModelName": "TrioTim",
    "PhaseEncodingDirection": "j-",
    "PhaseEncodingLines": 64,
    "ProcedureStepDescription": "BNU_cst_2015_Zhu.Bi",
    "ProtocolName": "Test3_216",
    "RepetitionTime": 2,
    "ScanningSequence": "EP",
    "SequenceName": "_epfid2d1_64",
    "SequenceVariant": "SK",
    "SeriesDescription": "Test3_216",
    "SliceTiming": [
      0,
      1.0175,
      0.0475,
      1.065,
      0.095,
      1.1125,
      0.145,
      1.1625,
      0.1925,
      1.21,
      0.24,
      1.26,
      0.29,
      1.3075,
      0.3375,
      1.355,
      0.3875,
      1.405,
      0.435,
      1.4525,
      0.4825,
      1.5025,
      0.5325,
      1.55,
      0.58,
      1.5975,
      0.63,
      1.6475,
      0.6775,
      1.695,
      0.725,
      1.745,
      0.775,
      1.7925,
      0.8225,
      1.84,
      0.8725,
      1.89,
      0.92,
      1.9375,
      0.9675
    ],
    "SoftwareVersions": "syngo_MR_B17",
    "TaskName": "retrieval",
    "TotalReadoutTime": 0.01488,
    "TrueEchoSpacing": 0.000480001,
    "dataset": "ds003789",
    "modality": "bold",
    "run_id": 3,
    "subject_id": "5401",
    "task_id": "retrieval"
  },
  "dummy_trs": 1,
  "dvars_nstd": 34.944617387383204,
  "dvars_std": 1.1865767214485992,
  "dvars_vstd": 1.0042107528971964,
  "efc": 0.5622133483740461,
  "fber": 1033.4541015625,
  "fd_mean": 0.08264721336769519,
  "fd_num": 2,
  "fd_perc": 0.9302325581395349,
  "fwhm_avg": 1.5400713202408138,
  "fwhm_x": 1.50092,
  "fwhm_y": 1.6432333333333335,
  "fwhm_z": 1.476060627389108,
  "gcor": 0.0144405,
  "gsr_x": 0.004476563073694706,
  "gsr_y": 0.026049276813864708,
  "provenance": {
    "md5sum": "abd68869d4d1fb3305452dd577758cb1",
    "settings": {
      "fd_thres": 0.2,
      "testing": false
    },
    "software": "mriqc",
    "version": "23.1.0"
  },
  "size_t": 215,
  "size_x": 64,
  "size_y": 64,
  "size_z": 41,
  "snr": 6.245847944571599,
  "spacing_tr": 2.0,
  "spacing_x": 3.0,
  "spacing_y": 3.0,
  "spacing_z": 3.299999952316284,
  "summary_bg_k": 21.469897093461157,
  "summary_bg_mad": 14.467439434704126,
  "summary_bg_mean": 44.99494513233296,
  "summary_bg_median": 20.70232582092285,
  "summary_bg_n": 122892.0,
  "summary_bg_p05": 7.441860198974609,
  "summary_bg_p95": 187.42324829101562,
  "summary_bg_stdv": 70.48474667556279,
  "summary_fg_k": 2.1425955603196796,
  "summary_fg_mad": 93.39706246064013,
  "summary_fg_mean": 660.9163707871704,
  "summary_fg_median": 665.5255737304688,
  "summary_fg_n": 45044.0,
  "summary_fg_p05": 469.61395263671875,
  "summary_fg_p95": 815.2279052734375,
  "summary_fg_stdv": 106.5536964860991,
  "tsnr": 51.14644190156832
}