{
  "aor": 0.0013516233766233767,
  "aqi": 0.022788098051948053,
  "bids_meta": {
    "AccelFactPE": 2,
    "AcquisitionNumber": 1,
    "AcquisitionTime": "13:14:45.517500",
    "BandwidthPerPixelPhaseEncode": 65.104,
    "ConversionSoftware": "dcm2niix",
    "ConversionSoftwareVersion": "v1.0.20170724 GCC4.4.7",
    "DeviceSerialNumber": "35193",
    "EchoTime": 0.025,
    "EffectiveEchoSpacing": 0.000240001,
    "FlipAngle": 90,
    "ImageType": [
      "ORIGINAL",
      "PRIMARY",
      "M",
      "ND",
      "NORM",
      "MOSAIC"
    ],
    "InstitutionAddress": "Xinjiekouwai_Street_No_19_Beijing_Haidian_District_CN_100875",
    "InstitutionName": "Beijing_Normal_Universtiy_317710",
    "MagneticFieldStrength": 3,
    "Manufacturer": "Siemens",
    "ManufacturersModelName": "TrioTim",
    "PhaseEncodingDirection": "j-",
    "PhaseEncodingLines": 64,
    "ProcedureStepDescription": "BNU_cst_2015_Zhu.Bi",
    "ProtocolName": "Learning9_154",
    "RepetitionTime": 2,
    "ScanningSequence": "EP",
    "SequenceName": "_epfid2d1_64",
    "SequenceVariant": "SK",
    "SeriesDescription": "Learning9_154",
    "SliceTiming": [
      0,
      1.0175,
      0.0475,
      1.065,
      0.095,
      1.115,
      0.145,
      1.1625,
      0.1925,
      1.21,
      0.2425,
      1.26,
      0.29,
      1.3075,
      0.3375,
      1.3575,
      0.3875,
      1.405,
      0.435,
      1.4525,
      0.485,
      1.5025,
      0.5325,
      1.55,
      0.58,
      1.6,
      0.63,
      1.6475,
      0.6775,
      1.695,
      0.7275,
      1.745,
      0.775,
      1.7925,
      0.8225,
      1.84,
      0.8725,
      1.89,
      0.92,
      1.9375,
      0.9675
    ],
    "SoftwareVersions": "syngo_MR_B17",
    "TaskName": "encoding",
    "TotalReadoutTime": 0.01488,
    "TrueEchoSpacing": 0.000480001,
    "dataset": "ds003789",
    "modality": "bold",
    "run_id": 9,
    "subject_id": "5401",
    "task_id": "encoding"
  },
  "dummy_trs": 0,
  "dvars_nstd": 36.28049561235294,
  "dvars_std": 1.1625790907189542,
  "dvars_vstd": 1.0047188009803925,
  "efc": 0.5689895005003457,
  "fber": 912.3963012695312,
  "fd_mean": 0.18939113195132098,
  "fd_num": 51,
  "fd_perc": 33.116883116883116,
  "fwhm_avg": 1.534989804939081,
  "fwhm_x": 1.4955033333333334,
  "fwhm_y": 1.6645933333333334,
  "fwhm_z": 1.4448727481505763,
  "gcor": 0.0123256,
  "gsr_x": 6.21629151282832e-05,
  "gsr_y": 0.027100708335638046,
  "provenance": {
    "md5sum": "7d5d53393d80b470cb505def8d8ff11d",
    "settings": {
      "fd_thres": 0.2,
      "testing": false
    },
    "software": "mriqc",
    "version": "23.1.0"
  },
  "size_t": 154,
  "size_x": 64,
  "size_y": 64,
  "size_z": 41,
  "snr": 6.32331271381491,
  "spacing_tr": 2.0,
  "spacing_x": 3.0,
  "spacing_y": 3.0,
  "spacing_z": 3.299999952316284,
  "summary_bg_k": 18.43060150176216,
  "summary_bg_mad": 16.270116301696806,
  "summary_bg_mean": 48.829850018480116,
  "summary_bg_median": 22.233766555786133,
  "summary_bg_n": 122853.0,
  "summary_bg_p05": 7.525973796844482,
  "summary_bg_p95": 205.7532501220703,
  "summary_bg_stdv": 74.8192370965153,
  "summary_fg_k": 2.2294831205446037,
  "summary_fg_mad": 89.87072421277973,
  "summary_fg_mean": 665.9432062118121,
  "summary_fg_median": 671.5908813476562,
  "summary_fg_n": 45083.0,
  "summary_fg_p05": 465.6947937011719,
  "summary_fg_p95": 818.467529296875,
  "summary_fg_stdv": 106.20753129231281,
  "tsnr": 43.32021027104929
}