{
  "aor": 0.0034028571428571432,
  "aqi": 0.03046273246753247,
  "bids_meta": {
    "AccelFactPE": 2,
    "AcquisitionNumber": 1,
    "AcquisitionTime": "13:03:22.397500",
    "BandwidthPerPixelPhaseEncode": 65.104,
    "ConversionSoftware": "dcm2niix",
    "ConversionSoftwareVersion": "v1.0.20170724 GCC4.4.7",
    "DeviceSerialNumber": "35193",
    "EchoTime": 0.025,
    "EffectiveEchoSpacing": 0.000240001,
    "FlipAngle": 90,
    "ImageType": [
      "ORIGINAL",
      "PRIMARY",
      "M",
      "ND",
      "NORM",
      "MOSAIC"
    ],
    "InstitutionAddress": "Xinjiekouwai_Street_No_19_Beijing_Haidian_District_CN_100875",
    "InstitutionName": "Beijing_Normal_Universtiy_317710",
    "MagneticFieldStrength": 3,
    "Manufacturer": "Siemens",
    "ManufacturersModelName": "TrioTim",
    "PhaseEncodingDirection": "j-",
    "PhaseEncodingLines": 64,
    "ProcedureStepDescription": "BNU_cst_2015_Zhu.Bi",
    "ProtocolName": "Learning7_154",
    "RepetitionTime": 2,
    "ScanningSequence": "EP",
    "SequenceName": "_epfid2d1_64",
    "SequenceVariant": "SK",
    "SeriesDescription": "Learning7_154",
    "SliceTiming": [
      0,
      1.0175,
      0.0475,
      1.065,
      0.0975,
      1.115,
      0.145,
      1.1625,
      0.1925,
      1.2125,
      0.2425,
      1.26,
      0.29,
      1.3075,
      0.34,
      1.3575,
      0.3875,
      1.405,
      0.435,
      1.455,
      0.485,
      1.5025,
      0.5325,
      1.55,
      0.5825,
      1.6,
      0.63,
      1.6475,
      0.6775,
      1.695,
      0.7275,
      1.745,
      0.775,
      1.7925,
      0.8225,
      1.8425,
      0.8725,
      1.89,
      0.92,
      1.9375,
      0.97
    ],
    "SoftwareVersions": "syngo_MR_B17",
    "TaskName": "encoding",
    "TotalReadoutTime": 0.01488,
    "TrueEchoSpacing": 0.000480001,
    "dataset": "ds003789",
    "modality": "bold",
    "run_id": 7,
    "subject_id": "5401",
    "task_id": "encoding"
  },
  "dummy_trs": 0,
  "dvars_nstd": 36.13677777803922,
  "dvars_std": 1.1603625176470582,
  "dvars_vstd": 1.0230708647058822,
  "efc": 0.5690804632060055,
  "fber": 896.3253784179688,
  "fd_mean": 0.19193647947071868,
  "fd_num": 58,
  "fd_perc": 37.66233766233766,
  "fwhm_avg": 1.55863586564445,
  "fwhm_x": 1.5231533333333334,
  "fwhm_y": 1.6872633333333333,
  "fwhm_z": 1.4654909302666828,
  "gcor": 0.0130034,
  "gsr_x": -0.00041159545071423054,
  "gsr_y": 0.02620973065495491,
  "provenance": {
    "md5sum": "36e6c316d8f76f52571fe857d2331b17",
    "settings": {
      "fd_thres": 0.2,
      "testing": false
    },
    "software": "mriqc",
    "version": "23.1.0"
  },
  "size_t": 154,
  "size_x": 64,
  "size_y": 64,
  "size_z": 41,
  "snr": 6.279968194179266,
  "spacing_tr": 2.0,
  "spacing_x": 3.0,
  "spacing_y": 3.0,
  "spacing_z": 3.299999952316284,
  "summary_bg_k": 17.777872871084753,
  "summary_bg_mad": 17.078807649652777,
  "summary_bg_mean": 48.77615662486243,
  "summary_bg_median": 22.454545974731445,
  "summary_bg_n": 122786.0,
  "summary_bg_p05": 5.701298713684082,
  "summary_bg_p95": 205.79220581054688,
  "summary_bg_stdv": 74.42595384443639,
  "summary_fg_k": 2.153155634884639,
  "summary_fg_mad": 89.9910318085746,
  "summary_fg_mean": 665.8812043928651,
  "summary_fg_median": 672.259765625,
  "summary_fg_n": 45150.0,
  "summary_fg_p05": 460.7402648925781,
  "summary_fg_p95": 819.30517578125,
  "summary_fg_stdv": 107.04709005846703,
  "tsnr": 37.4415977470926
}