{
  "aor": 0.00045638888888888894,
  "aqi": 0.012873526388888888,
  "bids_meta": {
    "AccelFactPE": 2,
    "AcquisitionNumber": 1,
    "AcquisitionTime": "12:10:21.367500",
    "BandwidthPerPixelPhaseEncode": 65.104,
    "ConversionSoftware": "dcm2niix",
    "ConversionSoftwareVersion": "v1.0.20170724 GCC4.4.7",
    "DeviceSerialNumber": "35193",
    "EchoTime": 0.025,
    "EffectiveEchoSpacing": 0.000240001,
    "FlipAngle": 90,
    "ImageType": [
      "ORIGINAL",
      "PRIMARY",
      "M",
      "ND",
      "NORM",
      "MOSAIC"
    ],
    "InstitutionAddress": "Xinjiekouwai_Street_No_19_Beijing_Haidian_District_CN_100875",
    "InstitutionName": "BNU_MRI_Center",
    "MagneticFieldStrength": 3,
    "Manufacturer": "Siemens",
    "ManufacturersModelName": "TrioTim",
    "PhaseEncodingDirection": "j-",
    "PhaseEncodingLines": 64,
    "ProcedureStepDescription": "BNU_cst_2015_Zhu.Bi",
    "ProtocolName": "Test2_216",
    "RepetitionTime": 2,
    "ScanningSequence": "EP",
    "SequenceName": "_epfid2d1_64",
    "SequenceVariant": "SK",
    "SeriesDescription": "Test2_216",
    "SliceTiming": [
      0,
      1.0175,
      0.0475,
      1.065,
      0.0975,
      1.115,
      0.145,
      1.1625,
      0.1925,
      1.2125,
      0.2425,
      1.26,
      0.29,
      1.3075,
      0.34,
      1.3575,
      0.3875,
      1.405,
      0.435,
      1.455,
      0.485,
      1.5025,
      0.5325,
      1.55,
      0.5825,
      1.6,
      0.63,
      1.6475,
      0.6775,
      1.695,
      0.7275,
      1.745,
      0.775,
      1.7925,
      0.8225,
      1.8425,
      0.8725,
      1.89,
      0.92,
      1.9375,
      0.97
    ],
    "SoftwareVersions": "syngo_MR_B17",
    "TaskName": "retrieval",
    "TotalReadoutTime": 0.01488,
    "TrueEchoSpacing": 0.000480001,
    "dataset": "ds003789",
    "modality": "bold",
    "run_id": 2,
    "subject_id": "5401",
    "task_id": "retrieval"
  },
  "dummy_trs": 0,
  "dvars_nstd": 34.26679315753487,
  "dvars_std": 1.1747332911627906,
  "dvars_vstd": 1.0023933613023255,
  "efc": 0.5621104520744484,
  "fber": 1038.08203125,
  "fd_mean": 0.07856692571491077,
  "fd_num": 1,
  "fd_perc": 0.46296296296296297,
  "fwhm_avg": 1.537000411147788,
  "fwhm_x": 1.4925966666666666,
  "fwhm_y": 1.6427833333333333,
  "fwhm_z": 1.4756212334433647,
  "gcor": 0.0110381,
  "gsr_x": 0.004152756650000811,
  "gsr_y": 0.025490010157227516,
  "provenance": {
    "md5sum": "f79fd8c4c2b51162865600c7dd4028af",
    "settings": {
      "fd_thres": 0.2,
      "testing": false
    },
    "software": "mriqc",
    "version": "23.1.0"
  },
  "size_t": 216,
  "size_x": 64,
  "size_y": 64,
  "size_z": 41,
  "snr": 6.255819908513398,
  "spacing_tr": 2.0,
  "spacing_x": 3.0,
  "spacing_y": 3.0,
  "spacing_z": 3.299999952316284,
  "summary_bg_k": 20.991123338941243,
  "summary_bg_mad": 14.410755395645547,
  "summary_bg_mean": 44.83483010704061,
  "summary_bg_median": 20.627314567565918,
  "summary_bg_n": 122906.0,
  "summary_bg_p05": 7.384259223937988,
  "summary_bg_p95": 187.81944274902344,
  "summary_bg_stdv": 70.07133514469051,
  "summary_fg_k": 2.2045736977733377,
  "summary_fg_mad": 92.83420932348773,
  "summary_fg_mean": 659.526859411451,
  "summary_fg_median": 664.5972290039062,
  "summary_fg_n": 45030.0,
  "summary_fg_p05": 469.15740966796875,
  "summary_fg_p95": 812.4815063476562,
  "summary_fg_stdv": 106.2354510181021,
  "tsnr": 52.1080846398836
}