{
  "aor": 0.0009411688311688311,
  "aqi": 0.015564933116883119,
  "bids_meta": {
    "AccelFactPE": 2,
    "AcquisitionNumber": 1,
    "AcquisitionTime": "12:43:55.755000",
    "BandwidthPerPixelPhaseEncode": 65.104,
    "ConversionSoftware": "dcm2niix",
    "ConversionSoftwareVersion": "v1.0.20170724 GCC4.4.7",
    "DeviceSerialNumber": "35193",
    "EchoTime": 0.025,
    "EffectiveEchoSpacing": 0.000240001,
    "FlipAngle": 90,
    "ImageType": [
      "ORIGINAL",
      "PRIMARY",
      "M",
      "ND",
      "NORM",
      "MOSAIC"
    ],
    "InstitutionAddress": "Xinjiekouwai_Street_No_19_Beijing_Haidian_District_CN_100875",
    "InstitutionName": "Beijing_Normal_Universtiy_317710",
    "MagneticFieldStrength": 3,
    "Manufacturer": "Siemens",
    "ManufacturersModelName": "TrioTim",
    "PhaseEncodingDirection": "j-",
    "PhaseEncodingLines": 64,
    "ProcedureStepDescription": "BNU_cst_2015_Zhu.Bi",
    "ProtocolName": "Learning3_154",
    "RepetitionTime": 2,
    "ScanningSequence": "EP",
    "SequenceName": "_epfid2d1_64",
    "SequenceVariant": "SK",
    "SeriesDescription": "Learning3_154",
    "SliceTiming": [
      0,
      1.0175,
      0.0475,
      1.065,
      0.0975,
      1.115,
      0.145,
      1.1625,
      0.1925,
      1.2125,
      0.2425,
      1.26,
      0.29,
      1.3075,
      0.34,
      1.3575,
      0.3875,
      1.405,
      0.435,
      1.455,
      0.485,
      1.5025,
      0.5325,
      1.55,
      0.5825,
      1.6,
      0.63,
      1.6475,
      0.6775,
      1.695,
      0.7275,
      1.745,
      0.775,
      1.7925,
      0.8225,
      1.8425,
      0.8725,
      1.89,
      0.92,
      1.9375,
      0.97
    ],
    "SoftwareVersions": "syngo_MR_B17",
    "TaskName": "encoding",
    "TotalReadoutTime": 0.01488,
    "TrueEchoSpacing": 0.000480001,
    "dataset": "ds003789",
    "modality": "bold",
    "run_id": 4,
    "subject_id": "5401",
    "task_id": "encoding"
  },
  "dummy_trs": 0,
  "dvars_nstd": 35.402624591764706,
  "dvars_std": 1.2005219389542487,
  "dvars_vstd": 1.0210694316339868,
  "efc": 0.5685381531611574,
  "fber": 909.8284912109375,
  "fd_mean": 0.09915367079913043,
  "fd_num": 7,
  "fd_perc": 4.545454545454546,
  "fwhm_avg": 1.532808794925075,
  "fwhm_x": 1.4941666666666666,
  "fwhm_y": 1.6413233333333332,
  "fwhm_z": 1.462936384775225,
  "gcor": 0.0198818,
  "gsr_x": -0.0006233757012523711,
  "gsr_y": 0.02906445786356926,
  "provenance": {
    "md5sum": "328a91dda865c3180ceefff862e60e99",
    "settings": {
      "fd_thres": 0.2,
      "testing": false
    },
    "software": "mriqc",
    "version": "23.1.0"
  },
  "size_t": 154,
  "size_x": 64,
  "size_y": 64,
  "size_z": 41,
  "snr": 6.274380023835357,
  "spacing_tr": 2.0,
  "spacing_x": 3.0,
  "spacing_y": 3.0,
  "spacing_z": 3.299999952316284,
  "summary_bg_k": 18.84574218246533,
  "summary_bg_mad": 15.894651350637519,
  "summary_bg_mean": 48.62908012107889,
  "summary_bg_median": 22.279220581054688,
  "summary_bg_n": 122834.0,
  "summary_bg_p05": 8.103896141052246,
  "summary_bg_p95": 204.85064697265625,
  "summary_bg_stdv": 74.82139195442547,
  "summary_fg_k": 2.3838930178294016,
  "summary_fg_mad": 91.49774984075401,
  "summary_fg_mean": 666.3892320083845,
  "summary_fg_median": 672.0162353515625,
  "summary_fg_n": 45102.0,
  "summary_fg_p05": 466.68182373046875,
  "summary_fg_p95": 820.3506469726562,
  "summary_fg_stdv": 107.10361546430592,
  "tsnr": 48.45118966046721
}