{
  "aor": 0.0019337012987012986,
  "aqi": 0.02445956298701299,
  "bids_meta": {
    "AccelFactPE": 2,
    "AcquisitionNumber": 1,
    "AcquisitionTime": "13:09:1.950000",
    "BandwidthPerPixelPhaseEncode": 65.104,
    "ConversionSoftware": "dcm2niix",
    "ConversionSoftwareVersion": "v1.0.20170724 GCC4.4.7",
    "DeviceSerialNumber": "35193",
    "EchoTime": 0.025,
    "EffectiveEchoSpacing": 0.000240001,
    "FlipAngle": 90,
    "ImageType": [
      "ORIGINAL",
      "PRIMARY",
      "M",
      "ND",
      "NORM",
      "MOSAIC"
    ],
    "InstitutionAddress": "Xinjiekouwai_Street_No_19_Beijing_Haidian_District_CN_100875",
    "InstitutionName": "Beijing_Normal_Universtiy_317710",
    "MagneticFieldStrength": 3,
    "Manufacturer": "Siemens",
    "ManufacturersModelName": "TrioTim",
    "PhaseEncodingDirection": "j-",
    "PhaseEncodingLines": 64,
    "ProcedureStepDescription": "BNU_cst_2015_Zhu.Bi",
    "ProtocolName": "Learning8_154",
    "RepetitionTime": 2,
    "ScanningSequence": "EP",
    "SequenceName": "_epfid2d1_64",
    "SequenceVariant": "SK",
    "SeriesDescription": "Learning8_154",
    "SliceTiming": [
      0,
      1.0175,
      0.05,
      1.0675,
      0.0975,
      1.115,
      0.145,
      1.1625,
      0.195,
      1.2125,
      0.2425,
      1.26,
      0.29,
      1.31,
      0.34,
      1.3575,
      0.3875,
      1.405,
      0.4375,
      1.455,
      0.485,
      1.5025,
      0.5325,
      1.5525,
      0.5825,
      1.6,
      0.63,
      1.6475,
      0.68,
      1.6975,
      0.7275,
      1.745,
      0.775,
      1.795,
      0.825,
      1.8425,
      0.8725,
      1.89,
      0.9225,
      1.94,
      0.97
    ],
    "SoftwareVersions": "syngo_MR_B17",
    "TaskName": "encoding",
    "TotalReadoutTime": 0.01488,
    "TrueEchoSpacing": 0.000480001,
    "dataset": "ds003789",
    "modality": "bold",
    "run_id": 8,
    "subject_id": "5401",
    "task_id": "encoding"
  },
  "dummy_trs": 0,
  "dvars_nstd": 35.70530153411766,
  "dvars_std": 1.156989292091503,
  "dvars_vstd": 1.005505327843137,
  "efc": 0.5690095548801999,
  "fber": 912.0065307617188,
  "fd_mean": 0.17327094897363787,
  "fd_num": 42,
  "fd_perc": 27.272727272727273,
  "fwhm_avg": 1.539048592811622,
  "fwhm_x": 1.5050733333333335,
  "fwhm_y": 1.6684966666666667,
  "fwhm_z": 1.4435757784348657,
  "gcor": 0.0106987,
  "gsr_x": -0.00054763542721048,
  "gsr_y": 0.026989178732037544,
  "provenance": {
    "md5sum": "9581185f9673c164d9a72b647cc2e29f",
    "settings": {
      "fd_thres": 0.2,
      "testing": false
    },
    "software": "mriqc",
    "version": "23.1.0"
  },
  "size_t": 154,
  "size_x": 64,
  "size_y": 64,
  "size_z": 41,
  "snr": 6.319070398022759,
  "spacing_tr": 2.0,
  "spacing_x": 3.0,
  "spacing_y": 3.0,
  "spacing_z": 3.299999952316284,
  "summary_bg_k": 18.467694087681856,
  "summary_bg_mad": 16.41452415804926,
  "summary_bg_mean": 48.89597350202152,
  "summary_bg_median": 22.253246307373047,
  "summary_bg_n": 122850.0,
  "summary_bg_p05": 7.266233921051025,
  "summary_bg_p95": 207.00650024414062,
  "summary_bg_stdv": 75.07397847105146,
  "summary_fg_k": 2.0594532362022155,
  "summary_fg_mad": 90.36652362410737,
  "summary_fg_mean": 666.0275916282432,
  "summary_fg_median": 672.0357055664062,
  "summary_fg_n": 45086.0,
  "summary_fg_p05": 465.2922058105469,
  "summary_fg_p95": 819.9415283203125,
  "summary_fg_stdv": 106.34922708174459,
  "tsnr": 41.675979879684746
}