{
  "aor": 0.0005361038961038961,
  "aqi": 0.01240090590909091,
  "bids_meta": {
    "AccelFactPE": 2,
    "AcquisitionNumber": 1,
    "AcquisitionTime": "13:47:23.160000",
    "BandwidthPerPixelPhaseEncode": 65.104,
    "ConversionSoftware": "dcm2niix",
    "ConversionSoftwareVersion": "v1.0.20170724 GCC4.4.7",
    "DeviceSerialNumber": "35193",
    "EchoTime": 0.025,
    "EffectiveEchoSpacing": 0.000240001,
    "FlipAngle": 90,
    "ImageType": [
      "ORIGINAL",
      "PRIMARY",
      "M",
      "ND",
      "NORM",
      "MOSAIC"
    ],
    "InstitutionAddress": "Xinjiekouwai_Street_No_19_Beijing_Haidian_District_CN_100875",
    "InstitutionName": "BNU_MRI_Center",
    "MagneticFieldStrength": 3,
    "Manufacturer": "Siemens",
    "ManufacturersModelName": "TrioTim",
    "PhaseEncodingDirection": "j-",
    "PhaseEncodingLines": 64,
    "ProcedureStepDescription": "BNU_cst_2019_Zhu.Bi",
    "ProtocolName": "Learning5_154",
    "RepetitionTime": 2,
    "ScanningSequence": "EP",
    "SequenceName": "_epfid2d1_64",
    "SequenceVariant": "SK",
    "SeriesDescription": "Learning5_154",
    "SliceTiming": [
      0,
      1.02,
      0.05,
      1.0675,
      0.0975,
      1.115,
      0.145,
      1.165,
      0.195,
      1.2125,
      0.2425,
      1.26,
      0.2925,
      1.31,
      0.34,
      1.3575,
      0.3875,
      1.4075,
      0.4375,
      1.455,
      0.485,
      1.5025,
      0.535,
      1.5525,
      0.5825,
      1.6,
      0.63,
      1.65,
      0.68,
      1.6975,
      0.7275,
      1.745,
      0.7775,
      1.795,
      0.825,
      1.8425,
      0.8725,
      1.8925,
      0.9225,
      1.94,
      0.97
    ],
    "SoftwareVersions": "syngo_MR_B17",
    "TaskName": "encoding",
    "TotalReadoutTime": 0.01488,
    "TrueEchoSpacing": 0.000480001,
    "dataset": "ds003789",
    "modality": "bold",
    "run_id": 5,
    "subject_id": "5408",
    "task_id": "encoding"
  },
  "dummy_trs": 0,
  "dvars_nstd": 38.68738114562093,
  "dvars_std": 1.3201171703921568,
  "dvars_vstd": 1.0140392764705883,
  "efc": 0.5781906975624002,
  "fber": 814.1738891601562,
  "fd_mean": 0.044937254375369114,
  "fd_num": 0,
  "fd_perc": 0.0,
  "fwhm_avg": 1.5775517243956323,
  "fwhm_x": 1.53712,
  "fwhm_y": 1.69572,
  "fwhm_z": 1.4998151731868972,
  "gcor": 0.00955629,
  "gsr_x": 0.007947766222059727,
  "gsr_y": 0.020146444439888,
  "provenance": {
    "md5sum": "538c8759255e0fb2c74b1304e35ed8f4",
    "settings": {
      "fd_thres": 0.2,
      "testing": false
    },
    "software": "mriqc",
    "version": "23.1.0"
  },
  "size_t": 154,
  "size_x": 64,
  "size_y": 64,
  "size_z": 41,
  "snr": 6.037844480078492,
  "spacing_tr": 2.0,
  "spacing_x": 3.0,
  "spacing_y": 3.0,
  "spacing_z": 3.299999952316284,
  "summary_bg_k": 19.555131498452162,
  "summary_bg_mad": 17.223215506005232,
  "summary_bg_mean": 46.57862921130934,
  "summary_bg_median": 22.811687469482422,
  "summary_bg_n": 120313.0,
  "summary_bg_p05": 7.49350643157959,
  "summary_bg_p95": 185.0454559326172,
  "summary_bg_stdv": 68.85219659711076,
  "summary_fg_k": 1.9939864906699647,
  "summary_fg_mad": 96.67726557456893,
  "summary_fg_mean": 648.051161180006,
  "summary_fg_median": 650.902587890625,
  "summary_fg_n": 47623.0,
  "summary_fg_p05": 462.1688232421875,
  "summary_fg_p95": 807.3441772460938,
  "summary_fg_stdv": 107.80266966007207,
  "tsnr": 50.96715006045997
}