{
  "aor": 0.0003615277777777779,
  "aqi": 0.011631599907407407,
  "bids_meta": {
    "AccelFactPE": 2,
    "AcquisitionNumber": 1,
    "AcquisitionTime": "13:58:31.820000",
    "BandwidthPerPixelPhaseEncode": 65.104,
    "ConversionSoftware": "dcm2niix",
    "ConversionSoftwareVersion": "v1.0.20170724 GCC4.4.7",
    "DeviceSerialNumber": "35193",
    "EchoTime": 0.025,
    "EffectiveEchoSpacing": 0.000240001,
    "FlipAngle": 90,
    "ImageType": [
      "ORIGINAL",
      "PRIMARY",
      "M",
      "ND",
      "NORM",
      "MOSAIC"
    ],
    "InstitutionAddress": "Xinjiekouwai_Street_No_19_Beijing_Haidian_District_CN_100875",
    "InstitutionName": "BNU_MRI_Center",
    "MagneticFieldStrength": 3,
    "Manufacturer": "Siemens",
    "ManufacturersModelName": "TrioTim",
    "PhaseEncodingDirection": "j-",
    "PhaseEncodingLines": 64,
    "ProcedureStepDescription": "BNU_cst_2019_Zhu.Bi",
    "ProtocolName": "Test2_216",
    "RepetitionTime": 2,
    "ScanningSequence": "EP",
    "SequenceName": "_epfid2d1_64",
    "SequenceVariant": "SK",
    "SeriesDescription": "Test2_216",
    "SliceTiming": [
      0,
      1.0175,
      0.0475,
      1.065,
      0.095,
      1.115,
      0.145,
      1.1625,
      0.1925,
      1.21,
      0.2425,
      1.26,
      0.29,
      1.3075,
      0.3375,
      1.3575,
      0.3875,
      1.405,
      0.435,
      1.4525,
      0.485,
      1.5025,
      0.5325,
      1.55,
      0.58,
      1.5975,
      0.63,
      1.6475,
      0.6775,
      1.695,
      0.725,
      1.745,
      0.775,
      1.7925,
      0.8225,
      1.84,
      0.8725,
      1.89,
      0.92,
      1.9375,
      0.9675
    ],
    "SoftwareVersions": "syngo_MR_B17",
    "TaskName": "retrieval",
    "TotalReadoutTime": 0.01488,
    "TrueEchoSpacing": 0.000480001,
    "dataset": "ds003789",
    "modality": "bold",
    "run_id": 2,
    "subject_id": "5408",
    "task_id": "retrieval"
  },
  "dummy_trs": 0,
  "dvars_nstd": 38.543724822930244,
  "dvars_std": 1.3108114805116278,
  "dvars_vstd": 0.9985122296744188,
  "efc": 0.5727568024106895,
  "fber": 914.375244140625,
  "fd_mean": 0.04254927485422725,
  "fd_num": 0,
  "fd_perc": 0.0,
  "fwhm_avg": 1.5739880880416728,
  "fwhm_x": 1.5344766666666667,
  "fwhm_y": 1.6856633333333333,
  "fwhm_z": 1.5018242641250186,
  "gcor": 0.0188302,
  "gsr_x": 0.008371399715542793,
  "gsr_y": 0.021865272894501686,
  "provenance": {
    "md5sum": "c2d76f9ea409604747637b2a15b0a0cb",
    "settings": {
      "fd_thres": 0.2,
      "testing": false
    },
    "software": "mriqc",
    "version": "23.1.0"
  },
  "size_t": 216,
  "size_x": 64,
  "size_y": 64,
  "size_z": 41,
  "snr": 6.087751049636538,
  "spacing_tr": 2.0,
  "spacing_x": 3.0,
  "spacing_y": 3.0,
  "spacing_z": 3.299999952316284,
  "summary_bg_k": 21.92305134420907,
  "summary_bg_mad": 15.533003222468738,
  "summary_bg_mean": 43.87691716023299,
  "summary_bg_median": 21.185184478759766,
  "summary_bg_n": 120605.0,
  "summary_bg_p05": 7.236111164093018,
  "summary_bg_p95": 174.7777862548828,
  "summary_bg_stdv": 67.0904816964848,
  "summary_fg_k": 2.0342825608765773,
  "summary_fg_mad": 94.8385818295851,
  "summary_fg_mean": 639.1097079870609,
  "summary_fg_median": 640.6111450195312,
  "summary_fg_n": 47331.0,
  "summary_fg_p05": 461.8101806640625,
  "summary_fg_p95": 795.6805419921875,
  "summary_fg_stdv": 105.22841233287508,
  "tsnr": 51.87567490688525
}