{
  "aor": 0.00037189814814814816,
  "aqi": 0.013516214074074075,
  "bids_meta": {
    "AccelFactPE": 2,
    "AcquisitionNumber": 1,
    "AcquisitionTime": "14:06:32.087500",
    "BandwidthPerPixelPhaseEncode": 65.104,
    "ConversionSoftware": "dcm2niix",
    "ConversionSoftwareVersion": "v1.0.20170724 GCC4.4.7",
    "DeviceSerialNumber": "35193",
    "EchoTime": 0.025,
    "EffectiveEchoSpacing": 0.000240001,
    "FlipAngle": 90,
    "ImageType": [
      "ORIGINAL",
      "PRIMARY",
      "M",
      "ND",
      "NORM",
      "MOSAIC"
    ],
    "InstitutionAddress": "Xinjiekouwai_Street_No_19_Beijing_Haidian_District_CN_100875",
    "InstitutionName": "BNU_MRI_Center",
    "MagneticFieldStrength": 3,
    "Manufacturer": "Siemens",
    "ManufacturersModelName": "TrioTim",
    "PhaseEncodingDirection": "j-",
    "PhaseEncodingLines": 64,
    "ProcedureStepDescription": "BNU_cst_2019_Zhu.Bi",
    "ProtocolName": "Test3_216",
    "RepetitionTime": 2,
    "ScanningSequence": "EP",
    "SequenceName": "_epfid2d1_64",
    "SequenceVariant": "SK",
    "SeriesDescription": "Test3_216",
    "SliceTiming": [
      0,
      1.0175,
      0.05,
      1.0675,
      0.0975,
      1.115,
      0.145,
      1.165,
      0.195,
      1.2125,
      0.2425,
      1.26,
      0.29,
      1.31,
      0.34,
      1.3575,
      0.3875,
      1.405,
      0.4375,
      1.455,
      0.485,
      1.5025,
      0.5325,
      1.5525,
      0.5825,
      1.6,
      0.63,
      1.6475,
      0.68,
      1.6975,
      0.7275,
      1.745,
      0.775,
      1.795,
      0.825,
      1.8425,
      0.8725,
      1.89,
      0.9225,
      1.94,
      0.97
    ],
    "SoftwareVersions": "syngo_MR_B17",
    "TaskName": "retrieval",
    "TotalReadoutTime": 0.01488,
    "TrueEchoSpacing": 0.000480001,
    "dataset": "ds003789",
    "modality": "bold",
    "run_id": 3,
    "subject_id": "5408",
    "task_id": "retrieval"
  },
  "dummy_trs": 0,
  "dvars_nstd": 38.37741075553489,
  "dvars_std": 1.2904851441395357,
  "dvars_vstd": 0.9917771512093028,
  "efc": 0.5734420184808691,
  "fber": 905.3896484375,
  "fd_mean": 0.04817734063488397,
  "fd_num": 0,
  "fd_perc": 0.0,
  "fwhm_avg": 1.5771233405976341,
  "fwhm_x": 1.5390266666666665,
  "fwhm_y": 1.6841433333333333,
  "fwhm_z": 1.5082000217929032,
  "gcor": 0.013474,
  "gsr_x": 0.008673780597746372,
  "gsr_y": 0.02149447612464428,
  "provenance": {
    "md5sum": "4c7fc530ea779c446457f353107cfe5d",
    "settings": {
      "fd_thres": 0.2,
      "testing": false
    },
    "software": "mriqc",
    "version": "23.1.0"
  },
  "size_t": 216,
  "size_x": 64,
  "size_y": 64,
  "size_z": 41,
  "snr": 6.081499371333468,
  "spacing_tr": 2.0,
  "spacing_x": 3.0,
  "spacing_y": 3.0,
  "spacing_z": 3.299999952316284,
  "summary_bg_k": 21.786223537711475,
  "summary_bg_mad": 15.835013633414974,
  "summary_bg_mean": 44.241287971290646,
  "summary_bg_median": 21.29166603088379,
  "summary_bg_n": 120588.0,
  "summary_bg_p05": 7.152777671813965,
  "summary_bg_p95": 177.20370483398438,
  "summary_bg_stdv": 67.60334739942722,
  "summary_fg_k": 2.0569976070627574,
  "summary_fg_mad": 94.71836472464828,
  "summary_fg_mean": 639.1520812562806,
  "summary_fg_median": 640.6597290039062,
  "summary_fg_n": 47348.0,
  "summary_fg_p05": 460.84259033203125,
  "summary_fg_p95": 796.8333129882812,
  "summary_fg_stdv": 105.34457448964498,
  "tsnr": 49.046787663013674
}