{
  "aor": 0.0003131944444444445,
  "aqi": 0.0129890125,
  "bids_meta": {
    "AccelFactPE": 2,
    "AcquisitionNumber": 1,
    "AcquisitionTime": "13:50:25.602500",
    "BandwidthPerPixelPhaseEncode": 65.104,
    "ConversionSoftware": "dcm2niix",
    "ConversionSoftwareVersion": "v1.0.20170724 GCC4.4.7",
    "DeviceSerialNumber": "35193",
    "EchoTime": 0.025,
    "EffectiveEchoSpacing": 0.000240001,
    "FlipAngle": 90,
    "ImageType": [
      "ORIGINAL",
      "PRIMARY",
      "M",
      "ND",
      "NORM",
      "MOSAIC"
    ],
    "InstitutionAddress": "Xinjiekouwai_Street_No_19_Beijing_Haidian_District_CN_100875",
    "InstitutionName": "BNU_MRI_Center",
    "MagneticFieldStrength": 3,
    "Manufacturer": "Siemens",
    "ManufacturersModelName": "TrioTim",
    "PhaseEncodingDirection": "j-",
    "PhaseEncodingLines": 64,
    "ProcedureStepDescription": "BNU_cst_2019_Zhu.Bi",
    "ProtocolName": "Test1_216",
    "RepetitionTime": 2,
    "ScanningSequence": "EP",
    "SequenceName": "_epfid2d1_64",
    "SequenceVariant": "SK",
    "SeriesDescription": "Test1_216",
    "SliceTiming": [
      0,
      1.0175,
      0.05,
      1.0675,
      0.0975,
      1.115,
      0.145,
      1.165,
      0.195,
      1.2125,
      0.2425,
      1.26,
      0.2925,
      1.31,
      0.34,
      1.3575,
      0.3875,
      1.4075,
      0.4375,
      1.455,
      0.485,
      1.5025,
      0.535,
      1.5525,
      0.5825,
      1.6,
      0.63,
      1.65,
      0.68,
      1.6975,
      0.7275,
      1.745,
      0.775,
      1.795,
      0.825,
      1.8425,
      0.8725,
      1.89,
      0.9225,
      1.94,
      0.97
    ],
    "SoftwareVersions": "syngo_MR_B17",
    "TaskName": "retrieval",
    "TotalReadoutTime": 0.01488,
    "TrueEchoSpacing": 0.000480001,
    "dataset": "ds003789",
    "modality": "bold",
    "run_id": 1,
    "subject_id": "5408",
    "task_id": "retrieval"
  },
  "dummy_trs": 0,
  "dvars_nstd": 38.58539832358138,
  "dvars_std": 1.2872420721860474,
  "dvars_vstd": 0.9887709899534882,
  "efc": 0.5721614596724491,
  "fber": 917.38037109375,
  "fd_mean": 0.042131448827647744,
  "fd_num": 0,
  "fd_perc": 0.0,
  "fwhm_avg": 1.5747627345051665,
  "fwhm_x": 1.5411333333333335,
  "fwhm_y": 1.68157,
  "fwhm_z": 1.5015848701821657,
  "gcor": 0.0162699,
  "gsr_x": 0.0086759552359581,
  "gsr_y": 0.02160734497010708,
  "provenance": {
    "md5sum": "e770eeefc931a97aac00c0a8178c4b6f",
    "settings": {
      "fd_thres": 0.2,
      "testing": false
    },
    "software": "mriqc",
    "version": "23.1.0"
  },
  "size_t": 216,
  "size_x": 64,
  "size_y": 64,
  "size_z": 41,
  "snr": 6.089482611319744,
  "spacing_tr": 2.0,
  "spacing_x": 3.0,
  "spacing_y": 3.0,
  "spacing_z": 3.299999952316284,
  "summary_bg_k": 21.79959353740726,
  "summary_bg_mad": 15.533004636388394,
  "summary_bg_mean": 43.31566760554425,
  "summary_bg_median": 21.06944465637207,
  "summary_bg_n": 120614.0,
  "summary_bg_p05": 7.143518447875977,
  "summary_bg_p95": 171.97222900390625,
  "summary_bg_stdv": 65.85139747917255,
  "summary_fg_k": 2.0966567014468165,
  "summary_fg_mad": 93.70599825006751,
  "summary_fg_mean": 636.6923337854741,
  "summary_fg_median": 638.1574096679688,
  "summary_fg_n": 47322.0,
  "summary_fg_p05": 458.22222900390625,
  "summary_fg_p95": 792.4815063476562,
  "summary_fg_stdv": 104.79554793903796,
  "tsnr": 49.73220058484003
}