{
  "bids_meta": {
    "AcquisitionNumber": 1,
    "AcquisitionTime": "09:33:23.860000",
    "ConversionSoftware": "dcm2niix",
    "ConversionSoftwareVersion": "v1.0.20170724 GCC4.4.7",
    "DeviceSerialNumber": "35193",
    "EchoTime": 0.00309,
    "FlipAngle": 10,
    "ImageType": [
      "ORIGINAL",
      "PRIMARY",
      "M",
      "ND",
      "NORM"
    ],
    "InstitutionAddress": "Xinjiekouwai_Street_No_19_Beijing_Haidian_District_CN_100875",
    "InstitutionName": "BNU_MRI_Center",
    "InversionTime": 0.8,
    "MagneticFieldStrength": 3,
    "Manufacturer": "Siemens",
    "ManufacturersModelName": "TrioTim",
    "PhaseEncodingDirection": "i-",
    "PhaseEncodingLines": 256,
    "ProcedureStepDescription": "BNU_cst_2019_Zhu.Bi",
    "ProtocolName": "UCI_MPRAGE_Sag_1x1x1",
    "RepetitionTime": 2.53,
    "ScanningSequence": "GR_IR",
    "SequenceName": "_tfl3d1_ns",
    "SequenceVariant": "SP_MP",
    "SeriesDescription": "UCI_MPRAGE_Sag_1x1x1",
    "SoftwareVersions": "syngo_MR_B17",
    "dataset": "ds003789",
    "modality": "T1w",
    "subject_id": "5429"
  },
  "cjv": 0.4929437430131557,
  "cnr": 2.0822504213274473,
  "efc": 0.5601582321741871,
  "fber": 11623.62210197711,
  "fwhm_avg": 4.10485,
  "fwhm_x": 4.19953,
  "fwhm_y": 4.22586,
  "fwhm_z": 3.88916,
  "icvs_csf": 0.2749378658961748,
  "icvs_gm": 0.384149559250427,
  "icvs_wm": 0.34091257485339815,
  "inu_med": 0.5713690519332886,
  "inu_range": 0.22934998869895934,
  "provenance": {
    "md5sum": "0a3e1acc621e615cbfe7a611179f7e66",
    "settings": {
      "testing": false
    },
    "software": "mriqc",
    "version": "23.1.0",
    "warnings": {
      "large_rot_frame": true,
      "small_air_mask": false
    }
  },
  "qi_1": 0.0,
  "qi_2": 0.004791851486438207,
  "rpve_csf": 9.000912134004158,
  "rpve_gm": 8.939986055628545,
  "rpve_wm": 9.051077845556476,
  "size_x": 208,
  "size_y": 256,
  "size_z": 256,
  "snr_csf": 2.1996328776167577,
  "snr_gm": 5.5644206199582165,
  "snr_total": 6.615389395602627,
  "snr_wm": 12.082114689232904,
  "snrd_csf": 32.63579384517307,
  "snrd_gm": 51.653399449180625,
  "snrd_total": 53.07650169985218,
  "snrd_wm": 74.94031180520285,
  "spacing_x": 1.0,
  "spacing_y": 1.0,
  "spacing_z": 1.0,
  "summary_bg_k": 7.418438824774263,
  "summary_bg_mad": 0.0,
  "summary_bg_mean": 4.494945929990071,
  "summary_bg_median": 0.0,
  "summary_bg_n": 3676286.0,
  "summary_bg_p05": 0.0,
  "summary_bg_p95": 22.03805959969759,
  "summary_bg_stdv": 8.48746634754945,
  "summary_csf_k": -0.4764555877396277,
  "summary_csf_mad": 140.06904581396722,
  "summary_csf_mean": 425.28917335896347,
  "summary_csf_median": 422.8053913451731,
  "summary_csf_n": 410943.3049102701,
  "summary_csf_p05": 111.75567549094558,
  "summary_csf_p95": 722.6519153416157,
  "summary_csf_stdv": 192.21611079490896,
  "summary_gm_k": -0.5511525890932556,
  "summary_gm_mad": 87.78206282493267,
  "summary_gm_mean": 675.3441958509487,
  "summary_gm_median": 669.1835311874747,
  "summary_gm_n": 574179.5112274872,
  "summary_gm_p05": 481.7065562084317,
  "summary_gm_p95": 891.9582339376211,
  "summary_gm_stdv": 120.26102880446946,
  "summary_wm_k": -0.10259151271365718,
  "summary_wm_mad": 60.933220384958446,
  "summary_wm_mean": 953.9039874190812,
  "summary_wm_median": 970.8716757632792,
  "summary_wm_n": 509554.18504859507,
  "summary_wm_p05": 792.0810111835599,
  "summary_wm_p95": 1056.5684200562537,
  "summary_wm_stdv": 80.35602608211168,
  "tpm_overlap_csf": 0.21112868269657434,
  "tpm_overlap_gm": 0.528003895511549,
  "tpm_overlap_wm": 0.5394068205132908,
  "wm2max": 0.6166007134642001
}