{
  "bids_meta": {
    "AcquisitionNumber": 1,
    "AcquisitionTime": "14:52:24.635000",
    "ConversionSoftware": "dcm2niix",
    "ConversionSoftwareVersion": "v1.0.20170724 GCC4.4.7",
    "DeviceSerialNumber": "35193",
    "EchoTime": 0.00309,
    "FlipAngle": 10,
    "ImageType": [
      "ORIGINAL",
      "PRIMARY",
      "M",
      "ND",
      "NORM"
    ],
    "InstitutionAddress": "Xinjiekouwai_Street_No_19_Beijing_Haidian_District_CN_100875",
    "InstitutionName": "BNU_MRI_Center",
    "InversionTime": 0.8,
    "MagneticFieldStrength": 3,
    "Manufacturer": "Siemens",
    "ManufacturersModelName": "TrioTim",
    "PhaseEncodingDirection": "i-",
    "PhaseEncodingLines": 256,
    "ProcedureStepDescription": "BNU_cst_2019_Zhu.Bi",
    "ProtocolName": "UCI_MPRAGE_Sag_1x1x1",
    "RepetitionTime": 2.53,
    "ScanningSequence": "GR_IR",
    "SequenceName": "_tfl3d1_ns",
    "SequenceVariant": "SP_MP",
    "SeriesDescription": "UCI_MPRAGE_Sag_1x1x1",
    "SoftwareVersions": "syngo_MR_B17",
    "dataset": "ds003789",
    "modality": "T1w",
    "subject_id": "5414"
  },
  "cjv": 0.551817480817838,
  "cnr": 1.897891839801603,
  "efc": 0.5330233308805685,
  "fber": 9717.271062611542,
  "fwhm_avg": 4.083039381716625,
  "fwhm_x": 4.140998145149874,
  "fwhm_y": 4.20629,
  "fwhm_z": 3.90183,
  "icvs_csf": 0.27515457746471406,
  "icvs_gm": 0.3818012636360598,
  "icvs_wm": 0.34304415889922624,
  "inu_med": 0.5602861642837524,
  "inu_range": 0.21902685165405272,
  "provenance": {
    "md5sum": "51a153131c9b93256ecb2efcf4891602",
    "settings": {
      "testing": false
    },
    "software": "mriqc",
    "version": "23.1.0",
    "warnings": {
      "large_rot_frame": true,
      "small_air_mask": false
    }
  },
  "qi_1": 0.0,
  "qi_2": 0.0028489108091351895,
  "rpve_csf": 8.839469609682805,
  "rpve_gm": 8.767339518466535,
  "rpve_wm": 8.873447576421109,
  "size_x": 208,
  "size_y": 256,
  "size_z": 256,
  "snr_csf": 2.0561449392165065,
  "snr_gm": 5.236920789019822,
  "snr_total": 6.312443156046357,
  "snr_wm": 11.644263739902744,
  "snrd_csf": 30.08037999813,
  "snrd_gm": 50.57423304865682,
  "snrd_total": 51.02123391001766,
  "snrd_wm": 72.40908868326618,
  "spacing_x": 0.9999980330467224,
  "spacing_y": 1.0,
  "spacing_z": 1.0,
  "summary_bg_k": 6.174818848036223,
  "summary_bg_mad": 0.0,
  "summary_bg_mean": 5.331287551790088,
  "summary_bg_median": 0.0,
  "summary_bg_n": 4918124.0,
  "summary_bg_p05": 0.0,
  "summary_bg_p95": 24.055905401706696,
  "summary_bg_stdv": 8.715761171154606,
  "summary_csf_k": -0.05982350144905135,
  "summary_csf_mad": 142.5617310157609,
  "summary_csf_mean": 405.4862354915038,
  "summary_csf_median": 400.18140955269337,
  "summary_csf_n": 418933.0252804716,
  "summary_csf_p05": 93.40142041444778,
  "summary_csf_p95": 716.5703217983246,
  "summary_csf_stdv": 194.6268107369436,
  "summary_gm_k": -0.5623145325286241,
  "summary_gm_mad": 94.79209438259714,
  "summary_gm_mean": 677.5264955233856,
  "summary_gm_median": 672.8262033164501,
  "summary_gm_n": 581306.5510475595,
  "summary_gm_p05": 469.224545866251,
  "summary_gm_p95": 912.1757425367832,
  "summary_gm_stdv": 128.47733462151677,
  "summary_wm_k": -0.13323881291708828,
  "summary_wm_mad": 65.50268214036534,
  "summary_wm_mean": 945.7914625659606,
  "summary_wm_median": 963.3113403320312,
  "summary_wm_n": 522297.4250205866,
  "summary_wm_p05": 781.951316088438,
  "summary_wm_p95": 1052.34506842494,
  "summary_wm_stdv": 82.72832354732178,
  "tpm_overlap_csf": 0.1958796830220301,
  "tpm_overlap_gm": 0.5292028104959227,
  "tpm_overlap_wm": 0.5414694339051137,
  "wm2max": 0.567683687409666
}