{
  "aor": 0.0005907792207792208,
  "aqi": 0.01194806103896104,
  "bids_meta": {
    "AcquisitionMatrixPE": 64,
    "AcquisitionNumber": 1,
    "AcquisitionTime": "14:21:0.275000",
    "BandwidthPerPixelPhaseEncode": 65.104,
    "BaseResolution": 64,
    "CoilString": "T:HEA;HEP",
    "ConversionSoftware": "dcm2niix",
    "ConversionSoftwareVersion": "v1.0.20200331",
    "DerivedVendorReportedEchoSpacing": 0.000480001,
    "DeviceSerialNumber": "35193",
    "DwellTime": 3.1e-06,
    "EchoTime": 0.025,
    "EffectiveEchoSpacing": 0.000240001,
    "FlipAngle": 90,
    "ImageOrientationPatientDICOM": [
      0.999263,
      -0.00133968,
      -0.0383644,
      -3.25027e-08,
      0.999391,
      -0.0348995
    ],
    "ImageType": [
      "ORIGINAL",
      "PRIMARY",
      "M",
      "ND",
      "NORM",
      "MOSAIC"
    ],
    "ImagingFrequency": 123.254,
    "InPlanePhaseEncodingDirectionDICOM": "COL",
    "InstitutionAddress": "Xinjiekouwai_Street_No_19_Beijing_Haidian_District_CN_100875",
    "InstitutionName": "BNU_MRI_Center",
    "InstitutionalDepartmentName": "Department",
    "MRAcquisitionType": "2D",
    "MagneticFieldStrength": 3,
    "Manufacturer": "Siemens",
    "ManufacturersModelName": "TrioTim",
    "Modality": "MR",
    "ParallelReductionFactorInPlane": 2,
    "PartialFourier": 1,
    "PatientPosition": "HFS",
    "PercentPhaseFOV": 100,
    "PercentSampling": 100,
    "PhaseEncodingDirection": "j-",
    "PhaseEncodingSteps": 64,
    "PhaseResolution": 1,
    "PixelBandwidth": 2520,
    "ProcedureStepDescription": "BNU_cst_2019_Zhu.Bi",
    "ProtocolName": "Learning2_154",
    "PulseSequenceDetails": "%SiemensSeq%_ep2d_pace",
    "ReceiveCoilName": "HeadMatrix",
    "ReconMatrixPE": 64,
    "RefLinesPE": 32,
    "RepetitionTime": 2,
    "SAR": 0.196249,
    "ScanOptions": "FS",
    "ScanningSequence": "EP",
    "SequenceName": "_epfid2d1_64",
    "SequenceVariant": "SK",
    "SeriesDescription": "Learning2_154",
    "SeriesNumber": 4,
    "ShimSetting": [
      -4566,
      -19463,
      -9765,
      1225,
      -238,
      -327,
      -150,
      2
    ],
    "SliceThickness": 3,
    "SliceTiming": [
      0,
      1.0175,
      0.05,
      1.0675,
      0.0975,
      1.115,
      0.145,
      1.165,
      0.195,
      1.2125,
      0.2425,
      1.26,
      0.2925,
      1.31,
      0.34,
      1.3575,
      0.3875,
      1.4075,
      0.4375,
      1.455,
      0.485,
      1.5025,
      0.535,
      1.5525,
      0.5825,
      1.6,
      0.63,
      1.65,
      0.68,
      1.6975,
      0.7275,
      1.745,
      0.7775,
      1.795,
      0.825,
      1.8425,
      0.8725,
      1.89,
      0.9225,
      1.94,
      0.97
    ],
    "SoftwareVersions": "syngo_MR_B17",
    "SpacingBetweenSlices": 3.3,
    "StationName": "MRC35193",
    "TaskName": "encoding",
    "TotalReadoutTime": 0.01512,
    "TxRefAmp": 309.498,
    "dataset": "ds003789",
    "modality": "bold",
    "run_id": 2,
    "subject_id": "5404",
    "task_id": "encoding"
  },
  "dummy_trs": 0,
  "dvars_nstd": 28.567934011764688,
  "dvars_std": 1.1523925776470596,
  "dvars_vstd": 1.019917328366013,
  "efc": 0.5416786042260792,
  "fber": 1282.6202392578125,
  "fd_mean": 0.04646547820837336,
  "fd_num": 0,
  "fd_perc": 0.0,
  "fwhm_avg": 1.6077429365699725,
  "fwhm_x": 1.5509633333333335,
  "fwhm_y": 1.76142,
  "fwhm_z": 1.5108454763765837,
  "gcor": 0.00720031,
  "gsr_x": 0.008573510684072971,
  "gsr_y": 0.016148550435900688,
  "provenance": {
    "md5sum": "2edef7eb3b2e1b523124b86bfdca0893",
    "settings": {
      "fd_thres": 0.2,
      "testing": false
    },
    "software": "mriqc",
    "version": "23.1.0"
  },
  "size_t": 154,
  "size_x": 64,
  "size_y": 64,
  "size_z": 41,
  "snr": 6.682040115085621,
  "spacing_tr": 2.0,
  "spacing_x": 3.0,
  "spacing_y": 3.0,
  "spacing_z": 3.299999952316284,
  "summary_bg_k": 15.0193550803466,
  "summary_bg_mad": 16.674459147835478,
  "summary_bg_mean": 57.283031169415636,
  "summary_bg_median": 25.285715103149414,
  "summary_bg_n": 126622.0,
  "summary_bg_p05": 9.551947593688965,
  "summary_bg_p95": 254.22727966308594,
  "summary_bg_stdv": 90.61855365535362,
  "summary_fg_k": 3.5274548904006853,
  "summary_fg_mad": 100.97580755971067,
  "summary_fg_mean": 895.2142108126486,
  "summary_fg_median": 905.5746765136719,
  "summary_fg_n": 41314.0,
  "summary_fg_p05": 632.0519409179688,
  "summary_fg_p95": 1083.3701171875,
  "summary_fg_stdv": 135.5220413514502,
  "tsnr": 61.145022665848956
}