{
  "aor": 0.0005709090909090909,
  "aqi": 0.012201827922077921,
  "bids_meta": {
    "AcquisitionMatrixPE": 64,
    "AcquisitionNumber": 1,
    "AcquisitionTime": "14:26:53.122500",
    "BandwidthPerPixelPhaseEncode": 65.104,
    "BaseResolution": 64,
    "CoilString": "T:HEA;HEP",
    "ConversionSoftware": "dcm2niix",
    "ConversionSoftwareVersion": "v1.0.20200331",
    "DerivedVendorReportedEchoSpacing": 0.000480001,
    "DeviceSerialNumber": "35193",
    "DwellTime": 3.1e-06,
    "EchoTime": 0.025,
    "EffectiveEchoSpacing": 0.000240001,
    "FlipAngle": 90,
    "ImageOrientationPatientDICOM": [
      0.999263,
      -0.00133968,
      -0.0383644,
      -3.25027e-08,
      0.999391,
      -0.0348995
    ],
    "ImageType": [
      "ORIGINAL",
      "PRIMARY",
      "M",
      "ND",
      "NORM",
      "MOSAIC"
    ],
    "ImagingFrequency": 123.254,
    "InPlanePhaseEncodingDirectionDICOM": "COL",
    "InstitutionAddress": "Xinjiekouwai_Street_No_19_Beijing_Haidian_District_CN_100875",
    "InstitutionName": "BNU_MRI_Center",
    "InstitutionalDepartmentName": "Department",
    "MRAcquisitionType": "2D",
    "MagneticFieldStrength": 3,
    "Manufacturer": "Siemens",
    "ManufacturersModelName": "TrioTim",
    "Modality": "MR",
    "ParallelReductionFactorInPlane": 2,
    "PartialFourier": 1,
    "PatientPosition": "HFS",
    "PercentPhaseFOV": 100,
    "PercentSampling": 100,
    "PhaseEncodingDirection": "j-",
    "PhaseEncodingSteps": 64,
    "PhaseResolution": 1,
    "PixelBandwidth": 2520,
    "ProcedureStepDescription": "BNU_cst_2019_Zhu.Bi",
    "ProtocolName": "Learning3_154",
    "PulseSequenceDetails": "%SiemensSeq%_ep2d_pace",
    "ReceiveCoilName": "HeadMatrix",
    "ReconMatrixPE": 64,
    "RefLinesPE": 32,
    "RepetitionTime": 2,
    "SAR": 0.196249,
    "ScanOptions": "FS",
    "ScanningSequence": "EP",
    "SequenceName": "_epfid2d1_64",
    "SequenceVariant": "SK",
    "SeriesDescription": "Learning3_154",
    "SeriesNumber": 5,
    "ShimSetting": [
      -4566,
      -19463,
      -9765,
      1225,
      -238,
      -327,
      -150,
      2
    ],
    "SliceThickness": 3,
    "SliceTiming": [
      0,
      1.0175,
      0.0475,
      1.0675,
      0.0975,
      1.115,
      0.145,
      1.1625,
      0.195,
      1.2125,
      0.2425,
      1.26,
      0.29,
      1.31,
      0.34,
      1.3575,
      0.3875,
      1.405,
      0.4375,
      1.455,
      0.485,
      1.5025,
      0.5325,
      1.5525,
      0.5825,
      1.6,
      0.63,
      1.6475,
      0.68,
      1.6975,
      0.7275,
      1.745,
      0.775,
      1.7925,
      0.825,
      1.8425,
      0.8725,
      1.89,
      0.92,
      1.94,
      0.97
    ],
    "SoftwareVersions": "syngo_MR_B17",
    "SpacingBetweenSlices": 3.3,
    "StationName": "MRC35193",
    "TaskName": "encoding",
    "TotalReadoutTime": 0.01512,
    "TxRefAmp": 309.498,
    "dataset": "ds003789",
    "modality": "bold",
    "run_id": 3,
    "subject_id": "5404",
    "task_id": "encoding"
  },
  "dummy_trs": 0,
  "dvars_nstd": 28.13114454267973,
  "dvars_std": 1.141898760718954,
  "dvars_vstd": 1.0197872275816993,
  "efc": 0.5420287388432378,
  "fber": 1280.42333984375,
  "fd_mean": 0.043603811142082706,
  "fd_num": 0,
  "fd_perc": 0.0,
  "fwhm_avg": 1.6084878860590688,
  "fwhm_x": 1.5507166666666665,
  "fwhm_y": 1.7651166666666667,
  "fwhm_z": 1.5096303248438736,
  "gcor": 0.00622325,
  "gsr_x": 0.008433599956333637,
  "gsr_y": 0.016211194917559624,
  "provenance": {
    "md5sum": "0ac9d72fc7e5f95f0df65bcab6ce5efa",
    "settings": {
      "fd_thres": 0.2,
      "testing": false
    },
    "software": "mriqc",
    "version": "23.1.0"
  },
  "size_t": 154,
  "size_x": 64,
  "size_y": 64,
  "size_z": 41,
  "snr": 6.667067319197733,
  "spacing_tr": 2.0,
  "spacing_x": 3.0,
  "spacing_y": 3.0,
  "spacing_z": 3.299999952316284,
  "summary_bg_k": 15.054223976673889,
  "summary_bg_mad": 16.741849386538647,
  "summary_bg_mean": 57.457002073571005,
  "summary_bg_median": 25.33116912841797,
  "summary_bg_n": 126586.0,
  "summary_bg_p05": 9.49350643157959,
  "summary_bg_p95": 254.16233825683594,
  "summary_bg_stdv": 90.73568210504824,
  "summary_fg_k": 3.571916300060881,
  "summary_fg_mad": 101.13946027651778,
  "summary_fg_mean": 895.8518227761948,
  "summary_fg_median": 906.4253234863281,
  "summary_fg_n": 41350.0,
  "summary_fg_p05": 632.0130004882812,
  "summary_fg_p95": 1083.41552734375,
  "summary_fg_stdv": 135.95398390640344,
  "tsnr": 60.77048540802207
}