{
  "aor": 0.0005605194805194805,
  "aqi": 0.013067405844155843,
  "bids_meta": {
    "AcquisitionMatrixPE": 64,
    "AcquisitionNumber": 1,
    "AcquisitionTime": "15:04:31.627500",
    "BandwidthPerPixelPhaseEncode": 65.104,
    "BaseResolution": 64,
    "CoilString": "T:HEA;HEP",
    "ConversionSoftware": "dcm2niix",
    "ConversionSoftwareVersion": "v1.0.20200331",
    "DerivedVendorReportedEchoSpacing": 0.000480001,
    "DeviceSerialNumber": "35193",
    "DwellTime": 3.1e-06,
    "EchoTime": 0.025,
    "EffectiveEchoSpacing": 0.000240001,
    "FlipAngle": 90,
    "ImageOrientationPatientDICOM": [
      0.999263,
      -0.00133968,
      -0.0383644,
      -3.25027e-08,
      0.999391,
      -0.0348995
    ],
    "ImageType": [
      "ORIGINAL",
      "PRIMARY",
      "M",
      "ND",
      "NORM",
      "MOSAIC"
    ],
    "ImagingFrequency": 123.254,
    "InPlanePhaseEncodingDirectionDICOM": "COL",
    "InstitutionAddress": "Xinjiekouwai_Street_No_19_Beijing_Haidian_District_CN_100875",
    "InstitutionName": "BNU_MRI_Center",
    "InstitutionalDepartmentName": "Department",
    "MRAcquisitionType": "2D",
    "MagneticFieldStrength": 3,
    "Manufacturer": "Siemens",
    "ManufacturersModelName": "TrioTim",
    "Modality": "MR",
    "ParallelReductionFactorInPlane": 2,
    "PartialFourier": 1,
    "PatientPosition": "HFS",
    "PercentPhaseFOV": 100,
    "PercentSampling": 100,
    "PhaseEncodingDirection": "j-",
    "PhaseEncodingSteps": 64,
    "PhaseResolution": 1,
    "PixelBandwidth": 2520,
    "ProcedureStepDescription": "BNU_cst_2019_Zhu.Bi",
    "ProtocolName": "Learning9_154",
    "PulseSequenceDetails": "%SiemensSeq%_ep2d_pace",
    "ReceiveCoilName": "HeadMatrix",
    "ReconMatrixPE": 64,
    "RefLinesPE": 32,
    "RepetitionTime": 2,
    "SAR": 0.196249,
    "ScanOptions": "FS",
    "ScanningSequence": "EP",
    "SequenceName": "_epfid2d1_64",
    "SequenceVariant": "SK",
    "SeriesDescription": "Learning9_154",
    "SeriesNumber": 11,
    "ShimSetting": [
      -4566,
      -19463,
      -9765,
      1225,
      -238,
      -327,
      -150,
      2
    ],
    "SliceThickness": 3,
    "SliceTiming": [
      0,
      1.02,
      0.05,
      1.0675,
      0.0975,
      1.115,
      0.1475,
      1.165,
      0.195,
      1.2125,
      0.2425,
      1.26,
      0.2925,
      1.31,
      0.34,
      1.3575,
      0.3875,
      1.4075,
      0.4375,
      1.455,
      0.485,
      1.5025,
      0.535,
      1.5525,
      0.5825,
      1.6,
      0.63,
      1.65,
      0.68,
      1.6975,
      0.7275,
      1.745,
      0.7775,
      1.795,
      0.825,
      1.8425,
      0.8725,
      1.8925,
      0.9225,
      1.94,
      0.97
    ],
    "SoftwareVersions": "syngo_MR_B17",
    "SpacingBetweenSlices": 3.3,
    "StationName": "MRC35193",
    "TaskName": "encoding",
    "TotalReadoutTime": 0.01512,
    "TxRefAmp": 309.498,
    "dataset": "ds003789",
    "modality": "bold",
    "run_id": 9,
    "subject_id": "5404",
    "task_id": "encoding"
  },
  "dummy_trs": 0,
  "dvars_nstd": 27.950074351503275,
  "dvars_std": 1.1388709199346407,
  "dvars_vstd": 1.0185293975816994,
  "efc": 0.5430931560021178,
  "fber": 1269.3857421875,
  "fd_mean": 0.04413085870760807,
  "fd_num": 1,
  "fd_perc": 0.6493506493506493,
  "fwhm_avg": 1.6092326335413185,
  "fwhm_x": 1.54917,
  "fwhm_y": 1.76734,
  "fwhm_z": 1.5111879006239557,
  "gcor": 0.00626825,
  "gsr_x": 0.007893089205026627,
  "gsr_y": 0.01681257225573063,
  "provenance": {
    "md5sum": "d33aadc10600e71e47be51c14a333a15",
    "settings": {
      "fd_thres": 0.2,
      "testing": false
    },
    "software": "mriqc",
    "version": "23.1.0"
  },
  "size_t": 154,
  "size_x": 64,
  "size_y": 64,
  "size_z": 41,
  "snr": 6.697585161412537,
  "spacing_tr": 2.0,
  "spacing_x": 3.0,
  "spacing_y": 3.0,
  "spacing_z": 3.299999952316284,
  "summary_bg_k": 14.668219442293871,
  "summary_bg_mad": 17.00179003200349,
  "summary_bg_mean": 58.31547355596479,
  "summary_bg_median": 25.480520248413086,
  "summary_bg_n": 126605.0,
  "summary_bg_p05": 9.50649356842041,
  "summary_bg_p95": 257.64935302734375,
  "summary_bg_stdv": 91.72205552222626,
  "summary_fg_k": 3.533585829670451,
  "summary_fg_mad": 99.95050089242689,
  "summary_fg_mean": 897.9278309088719,
  "summary_fg_median": 907.8311767578125,
  "summary_fg_n": 41331.0,
  "summary_fg_p05": 632.1233520507812,
  "summary_fg_p95": 1084.240234375,
  "summary_fg_stdv": 135.5444047912923,
  "tsnr": 59.52352227945812
}