{
  "aor": 0.00043384259259259255,
  "aqi": 0.013576718981481483,
  "bids_meta": {
    "AcquisitionMatrixPE": 64,
    "AcquisitionNumber": 1,
    "AcquisitionTime": "14:23:11.255000",
    "BandwidthPerPixelPhaseEncode": 65.104,
    "BaseResolution": 64,
    "CoilString": "T:HEA;HEP",
    "ConversionSoftware": "dcm2niix",
    "ConversionSoftwareVersion": "v1.0.20200331",
    "DerivedVendorReportedEchoSpacing": 0.000480001,
    "DeviceSerialNumber": "35193",
    "DwellTime": 3.1e-06,
    "EchoTime": 0.025,
    "EffectiveEchoSpacing": 0.000240001,
    "FlipAngle": 90,
    "ImageOrientationPatientDICOM": [
      0.999999,
      -3.81204e-05,
      0.00145893,
      -2.29455e-08,
      0.999658,
      0.0261359
    ],
    "ImageType": [
      "ORIGINAL",
      "PRIMARY",
      "M",
      "ND",
      "NORM",
      "MOSAIC"
    ],
    "ImagingFrequency": 123.254,
    "InPlanePhaseEncodingDirectionDICOM": "COL",
    "InstitutionAddress": "Xinjiekouwai_Street_No_19_Beijing_Haidian_District_CN_100875",
    "InstitutionName": "BNU_MRI_Center",
    "InstitutionalDepartmentName": "Department",
    "MRAcquisitionType": "2D",
    "MagneticFieldStrength": 3,
    "Manufacturer": "Siemens",
    "ManufacturersModelName": "TrioTim",
    "Modality": "MR",
    "ParallelReductionFactorInPlane": 2,
    "PartialFourier": 1,
    "PatientPosition": "HFS",
    "PercentPhaseFOV": 100,
    "PercentSampling": 100,
    "PhaseEncodingDirection": "j-",
    "PhaseEncodingSteps": 64,
    "PhaseResolution": 1,
    "PixelBandwidth": 2520,
    "ProcedureStepDescription": "BNU_cst_2019_Zhu.Bi",
    "ProtocolName": "Test1_216",
    "PulseSequenceDetails": "%SiemensSeq%_ep2d_pace",
    "ReceiveCoilName": "HeadMatrix",
    "ReconMatrixPE": 64,
    "RefLinesPE": 32,
    "RepetitionTime": 2,
    "SAR": 0.173052,
    "ScanOptions": "FS",
    "ScanningSequence": "EP",
    "SequenceName": "_epfid2d1_64",
    "SequenceVariant": "SK",
    "SeriesDescription": "Test1_216",
    "SeriesNumber": 3,
    "ShimSetting": [
      -4519,
      -19436,
      -9763,
      1254,
      -104,
      -248,
      -76,
      5
    ],
    "SliceThickness": 3,
    "SliceTiming": [
      0,
      1.02,
      0.05,
      1.0675,
      0.0975,
      1.115,
      0.1475,
      1.165,
      0.195,
      1.2125,
      0.2425,
      1.2625,
      0.2925,
      1.31,
      0.34,
      1.3575,
      0.3875,
      1.4075,
      0.4375,
      1.455,
      0.485,
      1.5025,
      0.535,
      1.5525,
      0.5825,
      1.6,
      0.63,
      1.65,
      0.68,
      1.6975,
      0.7275,
      1.745,
      0.7775,
      1.795,
      0.825,
      1.8425,
      0.8725,
      1.8925,
      0.9225,
      1.94,
      0.97
    ],
    "SoftwareVersions": "syngo_MR_B17",
    "SpacingBetweenSlices": 3.3,
    "StationName": "MRC35193",
    "TaskName": "retrieval",
    "TotalReadoutTime": 0.01512,
    "TxRefAmp": 316.931,
    "dataset": "ds003789",
    "modality": "bold",
    "run_id": 1,
    "subject_id": "5404",
    "task_id": "retrieval"
  },
  "dummy_trs": 0,
  "dvars_nstd": 27.025600743581396,
  "dvars_std": 1.11127165827907,
  "dvars_vstd": 1.001841524744186,
  "efc": 0.5463354292961793,
  "fber": 1157.659423828125,
  "fd_mean": 0.04366453921340619,
  "fd_num": 2,
  "fd_perc": 0.9259259259259259,
  "fwhm_avg": 1.6047817243824671,
  "fwhm_x": 1.5493866666666667,
  "fwhm_y": 1.7678766666666668,
  "fwhm_z": 1.4970818398140682,
  "gcor": 0.011759,
  "gsr_x": 0.005538982804864645,
  "gsr_y": 0.016833005473017693,
  "provenance": {
    "md5sum": "4785b44778b8628f47c1f9ffd28a59a6",
    "settings": {
      "fd_thres": 0.2,
      "testing": false
    },
    "software": "mriqc",
    "version": "23.1.0"
  },
  "size_t": 216,
  "size_x": 64,
  "size_y": 64,
  "size_z": 41,
  "snr": 6.691863788105417,
  "spacing_tr": 2.0,
  "spacing_x": 3.0,
  "spacing_y": 3.0,
  "spacing_z": 3.299999952316284,
  "summary_bg_k": 13.458398881489575,
  "summary_bg_mad": 19.026729413434996,
  "summary_bg_mean": 62.284392695695736,
  "summary_bg_median": 27.70833396911621,
  "summary_bg_n": 126537.0,
  "summary_bg_p05": 9.995370864868164,
  "summary_bg_p95": 274.3981628417969,
  "summary_bg_stdv": 95.38361937199099,
  "summary_fg_k": 3.81897631507492,
  "summary_fg_mad": 103.24672088823286,
  "summary_fg_mean": 933.0785069480035,
  "summary_fg_median": 942.75927734375,
  "summary_fg_n": 41399.0,
  "summary_fg_p05": 657.5324096679688,
  "summary_fg_p95": 1127.3380126953125,
  "summary_fg_stdv": 140.87971914402303,
  "tsnr": 58.96443709381856
}