{
  "aor": 0.00035208333333333337,
  "aqi": 0.013742604166666669,
  "bids_meta": {
    "AcquisitionMatrixPE": 64,
    "AcquisitionNumber": 1,
    "AcquisitionTime": "14:39:18.672500",
    "BandwidthPerPixelPhaseEncode": 65.104,
    "BaseResolution": 64,
    "CoilString": "T:HEA;HEP",
    "ConversionSoftware": "dcm2niix",
    "ConversionSoftwareVersion": "v1.0.20200331",
    "DerivedVendorReportedEchoSpacing": 0.000480001,
    "DeviceSerialNumber": "35193",
    "DwellTime": 3.1e-06,
    "EchoTime": 0.025,
    "EffectiveEchoSpacing": 0.000240001,
    "FlipAngle": 90,
    "ImageOrientationPatientDICOM": [
      0.999999,
      -3.81204e-05,
      0.00145893,
      -2.29455e-08,
      0.999658,
      0.0261359
    ],
    "ImageType": [
      "ORIGINAL",
      "PRIMARY",
      "M",
      "ND",
      "NORM",
      "MOSAIC"
    ],
    "ImagingFrequency": 123.254,
    "InPlanePhaseEncodingDirectionDICOM": "COL",
    "InstitutionAddress": "Xinjiekouwai_Street_No_19_Beijing_Haidian_District_CN_100875",
    "InstitutionName": "BNU_MRI_Center",
    "InstitutionalDepartmentName": "Department",
    "MRAcquisitionType": "2D",
    "MagneticFieldStrength": 3,
    "Manufacturer": "Siemens",
    "ManufacturersModelName": "TrioTim",
    "Modality": "MR",
    "ParallelReductionFactorInPlane": 2,
    "PartialFourier": 1,
    "PatientPosition": "HFS",
    "PercentPhaseFOV": 100,
    "PercentSampling": 100,
    "PhaseEncodingDirection": "j-",
    "PhaseEncodingSteps": 64,
    "PhaseResolution": 1,
    "PixelBandwidth": 2520,
    "ProcedureStepDescription": "BNU_cst_2019_Zhu.Bi",
    "ProtocolName": "Test3_216",
    "PulseSequenceDetails": "%SiemensSeq%_ep2d_pace",
    "ReceiveCoilName": "HeadMatrix",
    "ReconMatrixPE": 64,
    "RefLinesPE": 32,
    "RepetitionTime": 2,
    "SAR": 0.173052,
    "ScanOptions": "FS",
    "ScanningSequence": "EP",
    "SequenceName": "_epfid2d1_64",
    "SequenceVariant": "SK",
    "SeriesDescription": "Test3_216",
    "SeriesNumber": 5,
    "ShimSetting": [
      -4519,
      -19436,
      -9763,
      1254,
      -104,
      -248,
      -76,
      5
    ],
    "SliceThickness": 3,
    "SliceTiming": [
      0,
      1.0175,
      0.05,
      1.0675,
      0.0975,
      1.115,
      0.145,
      1.165,
      0.195,
      1.2125,
      0.2425,
      1.26,
      0.2925,
      1.31,
      0.34,
      1.3575,
      0.3875,
      1.4075,
      0.4375,
      1.455,
      0.485,
      1.5025,
      0.535,
      1.5525,
      0.5825,
      1.6,
      0.63,
      1.6475,
      0.68,
      1.6975,
      0.7275,
      1.745,
      0.775,
      1.795,
      0.825,
      1.8425,
      0.8725,
      1.89,
      0.9225,
      1.94,
      0.97
    ],
    "SoftwareVersions": "syngo_MR_B17",
    "SpacingBetweenSlices": 3.3,
    "StationName": "MRC35193",
    "TaskName": "retrieval",
    "TotalReadoutTime": 0.01512,
    "TxRefAmp": 316.931,
    "dataset": "ds003789",
    "modality": "bold",
    "run_id": 3,
    "subject_id": "5404",
    "task_id": "retrieval"
  },
  "dummy_trs": 0,
  "dvars_nstd": 27.0696988747442,
  "dvars_std": 1.1143833462790704,
  "dvars_vstd": 0.9963642100930235,
  "efc": 0.5481367087429869,
  "fber": 1154.400390625,
  "fd_mean": 0.03999900853291683,
  "fd_num": 0,
  "fd_perc": 0.0,
  "fwhm_avg": 1.6021377849823537,
  "fwhm_x": 1.5496999999999999,
  "fwhm_y": 1.7609133333333336,
  "fwhm_z": 1.4958000216137282,
  "gcor": 0.00773396,
  "gsr_x": 0.00464641721919179,
  "gsr_y": 0.0160065870732069,
  "provenance": {
    "md5sum": "35726e28647cf90ad1b64bde5e2989f7",
    "settings": {
      "fd_thres": 0.2,
      "testing": false
    },
    "software": "mriqc",
    "version": "23.1.0"
  },
  "size_t": 216,
  "size_x": 64,
  "size_y": 64,
  "size_z": 41,
  "snr": 6.712826502257739,
  "spacing_tr": 2.0,
  "spacing_x": 3.0,
  "spacing_y": 3.0,
  "spacing_z": 3.299999952316284,
  "summary_bg_k": 13.676766722744489,
  "summary_bg_mad": 19.12282222118005,
  "summary_bg_mean": 63.909944716616295,
  "summary_bg_median": 27.935184478759766,
  "summary_bg_n": 126455.0,
  "summary_bg_p05": 10.25,
  "summary_bg_p95": 282.7037048339844,
  "summary_bg_stdv": 98.53402414996998,
  "summary_fg_k": 3.7844873528654466,
  "summary_fg_mad": 103.34282217949585,
  "summary_fg_mean": 938.784639408778,
  "summary_fg_median": 949.138916015625,
  "summary_fg_n": 41481.0,
  "summary_fg_p05": 661.9166870117188,
  "summary_fg_p95": 1133.8287353515625,
  "summary_fg_stdv": 141.39013945629875,
  "tsnr": 59.7372655835934
}