{
  "aor": 0.005845844155844156,
  "aqi": 0.04882708636363636,
  "bids_meta": {
    "AccelFactPE": 2,
    "AcquisitionNumber": 1,
    "AcquisitionTime": "12:19:56.577500",
    "BandwidthPerPixelPhaseEncode": 65.104,
    "ConversionSoftware": "dcm2niix",
    "ConversionSoftwareVersion": "v1.0.20170724 GCC4.4.7",
    "DeviceSerialNumber": "35193",
    "EchoTime": 0.025,
    "EffectiveEchoSpacing": 0.000240001,
    "FlipAngle": 90,
    "ImageType": [
      "ORIGINAL",
      "PRIMARY",
      "M",
      "ND",
      "NORM",
      "MOSAIC"
    ],
    "InstitutionAddress": "Xinjiekouwai_Street_No_19_Beijing_Haidian_District_CN_100875",
    "InstitutionName": "BNU_MRI_Center",
    "MagneticFieldStrength": 3,
    "Manufacturer": "Siemens",
    "ManufacturersModelName": "TrioTim",
    "PhaseEncodingDirection": "j-",
    "PhaseEncodingLines": 64,
    "ProcedureStepDescription": "BNU_cst_2019_Zhu.Bi",
    "ProtocolName": "Learning1_154",
    "RepetitionTime": 2,
    "ScanningSequence": "EP",
    "SequenceName": "_epfid2d1_64",
    "SequenceVariant": "SK",
    "SeriesDescription": "Learning1_154",
    "SliceTiming": [
      0,
      1.0175,
      0.0475,
      1.065,
      0.0975,
      1.115,
      0.145,
      1.1625,
      0.1925,
      1.2125,
      0.2425,
      1.26,
      0.29,
      1.3075,
      0.34,
      1.3575,
      0.3875,
      1.405,
      0.435,
      1.4525,
      0.485,
      1.5025,
      0.5325,
      1.55,
      0.58,
      1.6,
      0.63,
      1.6475,
      0.6775,
      1.695,
      0.7275,
      1.745,
      0.775,
      1.7925,
      0.8225,
      1.8425,
      0.8725,
      1.89,
      0.92,
      1.9375,
      0.97
    ],
    "SoftwareVersions": "syngo_MR_B17",
    "TaskName": "encoding",
    "TotalReadoutTime": 0.01488,
    "TrueEchoSpacing": 0.000480001,
    "dataset": "ds003789",
    "modality": "bold",
    "run_id": 1,
    "subject_id": "5428",
    "task_id": "encoding"
  },
  "dummy_trs": 0,
  "dvars_nstd": 32.55173592143791,
  "dvars_std": 0.9648259818300656,
  "dvars_vstd": 0.947000960849673,
  "efc": 0.5797344391582898,
  "fber": 798.1732177734375,
  "fd_mean": 0.09877193365102144,
  "fd_num": 8,
  "fd_perc": 5.194805194805195,
  "fwhm_avg": 1.6682058660931907,
  "fwhm_x": 1.5844500000000001,
  "fwhm_y": 1.86151,
  "fwhm_z": 1.5586575982795716,
  "gcor": 0.0109964,
  "gsr_x": 0.011890225112438202,
  "gsr_y": 0.037523865699768066,
  "provenance": {
    "md5sum": "c3030489d21c9944dcb8bd60a8a3d2e6",
    "settings": {
      "fd_thres": 0.2,
      "testing": false
    },
    "software": "mriqc",
    "version": "23.1.0"
  },
  "size_t": 154,
  "size_x": 64,
  "size_y": 64,
  "size_z": 41,
  "snr": 6.3399029333032475,
  "spacing_tr": 2.0,
  "spacing_x": 3.0,
  "spacing_y": 3.0,
  "spacing_z": 3.299999952316284,
  "summary_bg_k": 17.613592132976848,
  "summary_bg_mad": 19.129419570300712,
  "summary_bg_mean": 51.304397243611305,
  "summary_bg_median": 24.84415626525879,
  "summary_bg_n": 120743.0,
  "summary_bg_p05": 8.324675559997559,
  "summary_bg_p95": 205.25973510742188,
  "summary_bg_stdv": 74.12760157096965,
  "summary_fg_k": 2.6910799579488724,
  "summary_fg_mad": 88.16669086459375,
  "summary_fg_mean": 694.568340012459,
  "summary_fg_median": 701.8961181640625,
  "summary_fg_n": 47193.0,
  "summary_fg_p05": 476.72076416015625,
  "summary_fg_p95": 849.8246459960938,
  "summary_fg_stdv": 110.70968894406553,
  "tsnr": 35.21583975257818
}