{
  "aor": 0.0011067532467532466,
  "aqi": 0.021489036363636364,
  "bids_meta": {
    "AccelFactPE": 2,
    "AcquisitionNumber": 1,
    "AcquisitionTime": "12:59:51.305000",
    "BandwidthPerPixelPhaseEncode": 65.104,
    "ConversionSoftware": "dcm2niix",
    "ConversionSoftwareVersion": "v1.0.20170724 GCC4.4.7",
    "DeviceSerialNumber": "35193",
    "EchoTime": 0.025,
    "EffectiveEchoSpacing": 0.000240001,
    "FlipAngle": 90,
    "ImageType": [
      "ORIGINAL",
      "PRIMARY",
      "M",
      "ND",
      "NORM",
      "MOSAIC"
    ],
    "InstitutionAddress": "Xinjiekouwai_Street_No_19_Beijing_Haidian_District_CN_100875",
    "InstitutionName": "BNU_MRI_Center",
    "MagneticFieldStrength": 3,
    "Manufacturer": "Siemens",
    "ManufacturersModelName": "TrioTim",
    "PhaseEncodingDirection": "j-",
    "PhaseEncodingLines": 64,
    "ProcedureStepDescription": "BNU_cst_2019_Zhu.Bi",
    "ProtocolName": "Learning7_154",
    "RepetitionTime": 2,
    "ScanningSequence": "EP",
    "SequenceName": "_epfid2d1_64",
    "SequenceVariant": "SK",
    "SeriesDescription": "Learning7_154",
    "SliceTiming": [
      0,
      1.0175,
      0.0475,
      1.065,
      0.095,
      1.115,
      0.145,
      1.1625,
      0.1925,
      1.21,
      0.2425,
      1.26,
      0.29,
      1.3075,
      0.3375,
      1.355,
      0.3875,
      1.405,
      0.435,
      1.4525,
      0.4825,
      1.5025,
      0.5325,
      1.55,
      0.58,
      1.5975,
      0.63,
      1.6475,
      0.6775,
      1.695,
      0.725,
      1.745,
      0.775,
      1.7925,
      0.8225,
      1.84,
      0.8725,
      1.89,
      0.92,
      1.9375,
      0.9675
    ],
    "SoftwareVersions": "syngo_MR_B17",
    "TaskName": "encoding",
    "TotalReadoutTime": 0.01488,
    "TrueEchoSpacing": 0.000480001,
    "dataset": "ds003789",
    "modality": "bold",
    "run_id": 7,
    "subject_id": "5428",
    "task_id": "encoding"
  },
  "dummy_trs": 0,
  "dvars_nstd": 32.42704573490198,
  "dvars_std": 1.0801996471241828,
  "dvars_vstd": 1.008803071045751,
  "efc": 0.5790370914262231,
  "fber": 831.6795043945312,
  "fd_mean": 0.14190013483141145,
  "fd_num": 26,
  "fd_perc": 16.883116883116884,
  "fwhm_avg": 1.6535332398567923,
  "fwhm_x": 1.5722399999999999,
  "fwhm_y": 1.8242566666666666,
  "fwhm_z": 1.5641030529037105,
  "gcor": 0.00979354,
  "gsr_x": 0.01218758337199688,
  "gsr_y": 0.0383729487657547,
  "provenance": {
    "md5sum": "150087a02bc65c5f4fca4b237fcced86",
    "settings": {
      "fd_thres": 0.2,
      "testing": false
    },
    "software": "mriqc",
    "version": "23.1.0"
  },
  "size_t": 154,
  "size_x": 64,
  "size_y": 64,
  "size_z": 41,
  "snr": 6.290222236237381,
  "spacing_tr": 2.0,
  "spacing_x": 3.0,
  "spacing_y": 3.0,
  "spacing_z": 3.299999952316284,
  "summary_bg_k": 17.236578375451312,
  "summary_bg_mad": 18.88873651056742,
  "summary_bg_mean": 52.2123725107702,
  "summary_bg_median": 24.701297760009766,
  "summary_bg_n": 120855.0,
  "summary_bg_p05": 8.6493501663208,
  "summary_bg_p95": 211.29220581054688,
  "summary_bg_stdv": 76.28153835814051,
  "summary_fg_k": 3.094847058601787,
  "summary_fg_mad": 89.83217510724485,
  "summary_fg_mean": 705.0773852267242,
  "summary_fg_median": 712.3571166992188,
  "summary_fg_n": 47081.0,
  "summary_fg_p05": 486.05194091796875,
  "summary_fg_p95": 863.7142944335938,
  "summary_fg_stdv": 113.2471198435593,
  "tsnr": 44.63954463589471
}