{
  "aor": 0.0006947402597402598,
  "aqi": 0.02103578896103896,
  "bids_meta": {
    "AccelFactPE": 2,
    "AcquisitionNumber": 1,
    "AcquisitionTime": "12:32:52.187500",
    "BandwidthPerPixelPhaseEncode": 65.104,
    "ConversionSoftware": "dcm2niix",
    "ConversionSoftwareVersion": "v1.0.20170724 GCC4.4.7",
    "DeviceSerialNumber": "35193",
    "EchoTime": 0.025,
    "EffectiveEchoSpacing": 0.000240001,
    "FlipAngle": 90,
    "ImageType": [
      "ORIGINAL",
      "PRIMARY",
      "M",
      "ND",
      "NORM",
      "MOSAIC"
    ],
    "InstitutionAddress": "Xinjiekouwai_Street_No_19_Beijing_Haidian_District_CN_100875",
    "InstitutionName": "BNU_MRI_Center",
    "MagneticFieldStrength": 3,
    "Manufacturer": "Siemens",
    "ManufacturersModelName": "TrioTim",
    "PhaseEncodingDirection": "j-",
    "PhaseEncodingLines": 64,
    "ProcedureStepDescription": "BNU_cst_2019_Zhu.Bi",
    "ProtocolName": "Learning3_154",
    "RepetitionTime": 2,
    "ScanningSequence": "EP",
    "SequenceName": "_epfid2d1_64",
    "SequenceVariant": "SK",
    "SeriesDescription": "Learning3_154",
    "SliceTiming": [
      0,
      1.0175,
      0.05,
      1.0675,
      0.0975,
      1.115,
      0.145,
      1.1625,
      0.195,
      1.2125,
      0.2425,
      1.26,
      0.29,
      1.31,
      0.34,
      1.3575,
      0.3875,
      1.405,
      0.4375,
      1.455,
      0.485,
      1.5025,
      0.5325,
      1.5525,
      0.5825,
      1.6,
      0.63,
      1.6475,
      0.68,
      1.6975,
      0.7275,
      1.745,
      0.775,
      1.795,
      0.825,
      1.8425,
      0.8725,
      1.89,
      0.9225,
      1.94,
      0.97
    ],
    "SoftwareVersions": "syngo_MR_B17",
    "TaskName": "encoding",
    "TotalReadoutTime": 0.01488,
    "TrueEchoSpacing": 0.000480001,
    "dataset": "ds003789",
    "modality": "bold",
    "run_id": 3,
    "subject_id": "5428",
    "task_id": "encoding"
  },
  "dummy_trs": 0,
  "dvars_nstd": 30.951249041503264,
  "dvars_std": 1.048624075555555,
  "dvars_vstd": 0.9890865660784309,
  "efc": 0.5794243142668651,
  "fber": 829.6282348632812,
  "fd_mean": 0.07583279927819038,
  "fd_num": 5,
  "fd_perc": 3.2467532467532467,
  "fwhm_avg": 1.6406904114250602,
  "fwhm_x": 1.5635866666666667,
  "fwhm_y": 1.8252966666666666,
  "fwhm_z": 1.5331879009418474,
  "gcor": 0.0123358,
  "gsr_x": 0.01202271319925785,
  "gsr_y": 0.03717631474137306,
  "provenance": {
    "md5sum": "4e263b830b733f4893e652e666bb4f75",
    "settings": {
      "fd_thres": 0.2,
      "testing": false
    },
    "software": "mriqc",
    "version": "23.1.0"
  },
  "size_t": 154,
  "size_x": 64,
  "size_y": 64,
  "size_z": 41,
  "snr": 6.290359925612422,
  "spacing_tr": 2.0,
  "spacing_x": 3.0,
  "spacing_y": 3.0,
  "spacing_z": 3.299999952316284,
  "summary_bg_k": 17.498048317146182,
  "summary_bg_mad": 18.676937001592137,
  "summary_bg_mean": 51.47167709667452,
  "summary_bg_median": 24.441558837890625,
  "summary_bg_n": 120782.0,
  "summary_bg_p05": 8.454545021057129,
  "summary_bg_p95": 205.88311767578125,
  "summary_bg_stdv": 74.37128849945915,
  "summary_fg_k": 3.0046400634733645,
  "summary_fg_mad": 88.78763913262264,
  "summary_fg_mean": 696.8233447306462,
  "summary_fg_median": 703.9967651367188,
  "summary_fg_n": 47154.0,
  "summary_fg_p05": 481.85064697265625,
  "summary_fg_p95": 853.4220581054688,
  "summary_fg_stdv": 111.9155832979887,
  "tsnr": 45.21769021265209
}