{
  "aor": 0.0016885648148148146,
  "aqi": 0.017764250925925925,
  "bids_meta": {
    "AccelFactPE": 2,
    "AcquisitionNumber": 1,
    "AcquisitionTime": "11:14:46.850000",
    "BandwidthPerPixelPhaseEncode": 65.104,
    "ConversionSoftware": "dcm2niix",
    "ConversionSoftwareVersion": "v1.0.20170724 GCC4.4.7",
    "DeviceSerialNumber": "35193",
    "EchoTime": 0.025,
    "EffectiveEchoSpacing": 0.000240001,
    "FlipAngle": 90,
    "ImageType": [
      "ORIGINAL",
      "PRIMARY",
      "M",
      "ND",
      "NORM",
      "MOSAIC"
    ],
    "InstitutionAddress": "Xinjiekouwai_Street_No_19_Beijing_Haidian_District_CN_100875",
    "InstitutionName": "BNU_MRI_Center",
    "MagneticFieldStrength": 3,
    "Manufacturer": "Siemens",
    "ManufacturersModelName": "TrioTim",
    "PhaseEncodingDirection": "j-",
    "PhaseEncodingLines": 64,
    "ProcedureStepDescription": "BNU_cst_2019_Zhu.Bi",
    "ProtocolName": "Test2_216",
    "RepetitionTime": 2,
    "ScanningSequence": "EP",
    "SequenceName": "_epfid2d1_64",
    "SequenceVariant": "SK",
    "SeriesDescription": "Test2_216",
    "SliceTiming": [
      0,
      1.0175,
      0.0475,
      1.065,
      0.095,
      1.115,
      0.145,
      1.1625,
      0.1925,
      1.21,
      0.2425,
      1.26,
      0.29,
      1.3075,
      0.3375,
      1.3575,
      0.3875,
      1.405,
      0.435,
      1.4525,
      0.485,
      1.5025,
      0.5325,
      1.55,
      0.58,
      1.6,
      0.63,
      1.6475,
      0.6775,
      1.695,
      0.7275,
      1.745,
      0.775,
      1.7925,
      0.8225,
      1.84,
      0.8725,
      1.89,
      0.92,
      1.9375,
      0.9675
    ],
    "SoftwareVersions": "syngo_MR_B17",
    "TaskName": "retrieval",
    "TotalReadoutTime": 0.01488,
    "TrueEchoSpacing": 0.000480001,
    "dataset": "ds003789",
    "modality": "bold",
    "run_id": 2,
    "subject_id": "5428",
    "task_id": "retrieval"
  },
  "dummy_trs": 0,
  "dvars_nstd": 31.875410319302304,
  "dvars_std": 1.0964148554883717,
  "dvars_vstd": 1.01271565544186,
  "efc": 0.5857122784154294,
  "fber": 723.0680541992188,
  "fd_mean": 0.06258739780237811,
  "fd_num": 5,
  "fd_perc": 2.314814814814815,
  "fwhm_avg": 1.6017457647250748,
  "fwhm_x": 1.5490766666666669,
  "fwhm_y": 1.7718333333333334,
  "fwhm_z": 1.4843272941752244,
  "gcor": 0.0138854,
  "gsr_x": 0.00819339044392109,
  "gsr_y": 0.03139184042811394,
  "provenance": {
    "md5sum": "402ce5bc7e54af1c73d4db51dfd3c13c",
    "settings": {
      "fd_thres": 0.2,
      "testing": false
    },
    "software": "mriqc",
    "version": "23.1.0"
  },
  "size_t": 216,
  "size_x": 64,
  "size_y": 64,
  "size_z": 41,
  "snr": 6.2192736813427825,
  "spacing_tr": 2.0,
  "spacing_x": 3.0,
  "spacing_y": 3.0,
  "spacing_z": 3.299999952316284,
  "summary_bg_k": 15.505029992969714,
  "summary_bg_mad": 18.367795486854632,
  "summary_bg_mean": 50.02338136123705,
  "summary_bg_median": 24.078704833984375,
  "summary_bg_n": 120480.0,
  "summary_bg_p05": 7.652777671813965,
  "summary_bg_p95": 202.47916412353516,
  "summary_bg_stdv": 70.61043858279764,
  "summary_fg_k": 2.8299536788403516,
  "summary_fg_mad": 82.41482045352981,
  "summary_fg_mean": 640.3116466452443,
  "summary_fg_median": 647.4745483398438,
  "summary_fg_n": 47456.0,
  "summary_fg_p05": 439.1712951660156,
  "summary_fg_p95": 785.7037353515625,
  "summary_fg_stdv": 104.10664647312527,
  "tsnr": 46.2286719516851
}