{
  "aor": 0.003577272727272727,
  "aqi": 0.02239546753246753,
  "bids_meta": {
    "AccelFactPE": 2,
    "AcquisitionNumber": 1,
    "AcquisitionTime": "12:52:55.477500",
    "BandwidthPerPixelPhaseEncode": 65.104,
    "ConversionSoftware": "dcm2niix",
    "ConversionSoftwareVersion": "v1.0.20170724 GCC4.4.7",
    "DeviceSerialNumber": "35193",
    "EchoTime": 0.025,
    "EffectiveEchoSpacing": 0.000240001,
    "FlipAngle": 90,
    "ImageType": [
      "ORIGINAL",
      "PRIMARY",
      "M",
      "ND",
      "NORM",
      "MOSAIC"
    ],
    "InstitutionAddress": "Xinjiekouwai_Street_No_19_Beijing_Haidian_District_CN_100875",
    "InstitutionName": "BNU_MRI_Center",
    "MagneticFieldStrength": 3,
    "Manufacturer": "Siemens",
    "ManufacturersModelName": "TrioTim",
    "PhaseEncodingDirection": "j-",
    "PhaseEncodingLines": 64,
    "ProcedureStepDescription": "BNU_cst_2019_Zhu.Bi",
    "ProtocolName": "Learning6_154",
    "RepetitionTime": 2,
    "ScanningSequence": "EP",
    "SequenceName": "_epfid2d1_64",
    "SequenceVariant": "SK",
    "SeriesDescription": "Learning6_154",
    "SliceTiming": [
      0,
      1.0175,
      0.0475,
      1.065,
      0.095,
      1.115,
      0.145,
      1.1625,
      0.1925,
      1.21,
      0.2425,
      1.26,
      0.29,
      1.3075,
      0.3375,
      1.355,
      0.3875,
      1.405,
      0.435,
      1.4525,
      0.4825,
      1.5025,
      0.5325,
      1.55,
      0.58,
      1.5975,
      0.63,
      1.6475,
      0.6775,
      1.695,
      0.725,
      1.745,
      0.775,
      1.7925,
      0.8225,
      1.84,
      0.8725,
      1.89,
      0.92,
      1.9375,
      0.9675
    ],
    "SoftwareVersions": "syngo_MR_B17",
    "TaskName": "encoding",
    "TotalReadoutTime": 0.01488,
    "TrueEchoSpacing": 0.000480001,
    "dataset": "ds003789",
    "modality": "bold",
    "run_id": 6,
    "subject_id": "5428",
    "task_id": "encoding"
  },
  "dummy_trs": 0,
  "dvars_nstd": 33.75298240758171,
  "dvars_std": 1.070215603137255,
  "dvars_vstd": 1.010702075947712,
  "efc": 0.579572320541888,
  "fber": 826.974853515625,
  "fd_mean": 0.15655924532688467,
  "fd_num": 33,
  "fd_perc": 21.428571428571427,
  "fwhm_avg": 1.6504437447842424,
  "fwhm_x": 1.58495,
  "fwhm_y": 1.8278266666666667,
  "fwhm_z": 1.5385545676860604,
  "gcor": 0.0323111,
  "gsr_x": 0.012558535672724247,
  "gsr_y": 0.0380365252494812,
  "provenance": {
    "md5sum": "4081efecf2c4953079758894b15389fb",
    "settings": {
      "fd_thres": 0.2,
      "testing": false
    },
    "software": "mriqc",
    "version": "23.1.0"
  },
  "size_t": 154,
  "size_x": 64,
  "size_y": 64,
  "size_z": 41,
  "snr": 6.307160659736239,
  "spacing_tr": 2.0,
  "spacing_x": 3.0,
  "spacing_y": 3.0,
  "spacing_z": 3.299999952316284,
  "summary_bg_k": 16.466110441612898,
  "summary_bg_mad": 19.3989833529527,
  "summary_bg_mean": 52.16137519556109,
  "summary_bg_median": 24.68181800842285,
  "summary_bg_n": 120821.0,
  "summary_bg_p05": 8.298701286315918,
  "summary_bg_p95": 211.85064697265625,
  "summary_bg_stdv": 75.59837444016,
  "summary_fg_k": 3.012118629797497,
  "summary_fg_mad": 89.4567285371411,
  "summary_fg_mean": 702.5833243678434,
  "summary_fg_median": 709.7792358398438,
  "summary_fg_n": 47115.0,
  "summary_fg_p05": 486.3636474609375,
  "summary_fg_p95": 861.2467651367188,
  "summary_fg_stdv": 112.5342672683708,
  "tsnr": 41.61762919847388
}