{
  "aor": 0.0017507142857142858,
  "aqi": 0.017830056493506493,
  "bids_meta": {
    "AccelFactPE": 2,
    "AcquisitionNumber": 1,
    "AcquisitionTime": "11:17:57.512500",
    "BandwidthPerPixelPhaseEncode": 65.104,
    "ConversionSoftware": "dcm2niix",
    "ConversionSoftwareVersion": "v1.0.20170724 GCC4.4.7",
    "DeviceSerialNumber": "35193",
    "EchoTime": 0.025,
    "EffectiveEchoSpacing": 0.000240001,
    "FlipAngle": 90,
    "ImageType": [
      "ORIGINAL",
      "PRIMARY",
      "M",
      "ND",
      "NORM",
      "MOSAIC"
    ],
    "InstitutionAddress": "Xinjiekouwai_Street_No_19_Beijing_Haidian_District_CN_100875",
    "InstitutionName": "BNU_MRI_Center",
    "MagneticFieldStrength": 3,
    "Manufacturer": "Siemens",
    "ManufacturersModelName": "TrioTim",
    "PhaseEncodingDirection": "j-",
    "PhaseEncodingLines": 64,
    "ProcedureStepDescription": "BNU_cst_2019_Zhu.Bi",
    "ProtocolName": "Learning2_154",
    "RepetitionTime": 2,
    "ScanningSequence": "EP",
    "SequenceName": "_epfid2d1_64",
    "SequenceVariant": "SK",
    "SeriesDescription": "Learning2_154",
    "SliceTiming": [
      0,
      1.0175,
      0.0475,
      1.065,
      0.095,
      1.115,
      0.145,
      1.1625,
      0.1925,
      1.21,
      0.2425,
      1.26,
      0.29,
      1.3075,
      0.3375,
      1.3575,
      0.3875,
      1.405,
      0.435,
      1.4525,
      0.485,
      1.5025,
      0.5325,
      1.55,
      0.58,
      1.6,
      0.63,
      1.6475,
      0.6775,
      1.695,
      0.7275,
      1.745,
      0.775,
      1.7925,
      0.8225,
      1.8425,
      0.8725,
      1.89,
      0.92,
      1.9375,
      0.9675
    ],
    "SoftwareVersions": "syngo_MR_B17",
    "TaskName": "encoding",
    "TotalReadoutTime": 0.01488,
    "TrueEchoSpacing": 0.000480001,
    "dataset": "ds003789",
    "modality": "bold",
    "run_id": 2,
    "subject_id": "5424",
    "task_id": "encoding"
  },
  "dummy_trs": 0,
  "dvars_nstd": 29.57493267183008,
  "dvars_std": 1.0942223872549022,
  "dvars_vstd": 1.0180924542483663,
  "efc": 0.5602517824393666,
  "fber": 978.193359375,
  "fd_mean": 0.12402238393501977,
  "fd_num": 18,
  "fd_perc": 11.688311688311689,
  "fwhm_avg": 1.6067260679866884,
  "fwhm_x": 1.55909,
  "fwhm_y": 1.7287366666666666,
  "fwhm_z": 1.5323515372933985,
  "gcor": 0.0117704,
  "gsr_x": 0.012159678153693676,
  "gsr_y": 0.021305140107870102,
  "provenance": {
    "md5sum": "f90c7f7753fac5f34f556aa447ecf614",
    "settings": {
      "fd_thres": 0.2,
      "testing": false
    },
    "software": "mriqc",
    "version": "23.1.0"
  },
  "size_t": 154,
  "size_x": 64,
  "size_y": 64,
  "size_z": 41,
  "snr": 6.362149866811144,
  "spacing_tr": 2.0,
  "spacing_x": 3.0,
  "spacing_y": 3.0,
  "spacing_z": 3.299999952316284,
  "summary_bg_k": 17.781343916031805,
  "summary_bg_mad": 19.68298749706404,
  "summary_bg_mean": 58.572773296485714,
  "summary_bg_median": 26.824674606323242,
  "summary_bg_n": 124390.0,
  "summary_bg_p05": 9.233766555786133,
  "summary_bg_p95": 245.67532348632812,
  "summary_bg_stdv": 88.110516968843,
  "summary_fg_k": 2.8975163681723917,
  "summary_fg_mad": 100.479962902954,
  "summary_fg_mean": 827.0076041862205,
  "summary_fg_median": 838.9707641601562,
  "summary_fg_n": 43546.0,
  "summary_fg_p05": 560.3766479492188,
  "summary_fg_p95": 1005.1363525390625,
  "summary_fg_stdv": 131.86755240175216,
  "tsnr": 49.82772532344097
}