{
  "aor": 0.00047953703703703705,
  "aqi": 0.013678810648148146,
  "bids_meta": {
    "AccelFactPE": 2,
    "AcquisitionNumber": 1,
    "AcquisitionTime": "10:05:10.705000",
    "BandwidthPerPixelPhaseEncode": 65.104,
    "ConversionSoftware": "dcm2niix",
    "ConversionSoftwareVersion": "v1.0.20170724 GCC4.4.7",
    "DeviceSerialNumber": "35193",
    "EchoTime": 0.025,
    "EffectiveEchoSpacing": 0.000240001,
    "FlipAngle": 90,
    "ImageType": [
      "ORIGINAL",
      "PRIMARY",
      "M",
      "ND",
      "NORM",
      "MOSAIC"
    ],
    "InstitutionAddress": "Xinjiekouwai_Street_No_19_Beijing_Haidian_District_CN_100875",
    "InstitutionName": "BNU_MRI_Center",
    "MagneticFieldStrength": 3,
    "Manufacturer": "Siemens",
    "ManufacturersModelName": "TrioTim",
    "PhaseEncodingDirection": "j-",
    "PhaseEncodingLines": 64,
    "ProcedureStepDescription": "BNU_cst_2019_Zhu.Bi",
    "ProtocolName": "Test2_216",
    "RepetitionTime": 2,
    "ScanningSequence": "EP",
    "SequenceName": "_epfid2d1_64",
    "SequenceVariant": "SK",
    "SeriesDescription": "Test2_216",
    "SliceTiming": [
      0,
      1.0175,
      0.0475,
      1.0675,
      0.0975,
      1.115,
      0.145,
      1.1625,
      0.195,
      1.2125,
      0.2425,
      1.26,
      0.29,
      1.31,
      0.34,
      1.3575,
      0.3875,
      1.405,
      0.4375,
      1.455,
      0.485,
      1.5025,
      0.5325,
      1.55,
      0.5825,
      1.6,
      0.63,
      1.6475,
      0.6775,
      1.6975,
      0.7275,
      1.745,
      0.775,
      1.7925,
      0.825,
      1.8425,
      0.8725,
      1.89,
      0.92,
      1.94,
      0.97
    ],
    "SoftwareVersions": "syngo_MR_B17",
    "TaskName": "retrieval",
    "TotalReadoutTime": 0.01488,
    "TrueEchoSpacing": 0.000480001,
    "dataset": "ds003789",
    "modality": "bold",
    "run_id": 2,
    "subject_id": "5418",
    "task_id": "retrieval"
  },
  "dummy_trs": 0,
  "dvars_nstd": 35.84441768739536,
  "dvars_std": 1.203626870046511,
  "dvars_vstd": 1.000575549534884,
  "efc": 0.5699222024730226,
  "fber": 1012.6473388671875,
  "fd_mean": 0.05398854591717784,
  "fd_num": 1,
  "fd_perc": 0.46296296296296297,
  "fwhm_avg": 1.548630108365099,
  "fwhm_x": 1.4656799999999999,
  "fwhm_y": 1.6531799999999999,
  "fwhm_z": 1.527030325095297,
  "gcor": 0.00806384,
  "gsr_x": 0.0036323992535471916,
  "gsr_y": 0.031132325530052185,
  "provenance": {
    "md5sum": "cdd6601d3de0ea40c348e09cd53f650e",
    "settings": {
      "fd_thres": 0.2,
      "testing": false
    },
    "software": "mriqc",
    "version": "23.1.0"
  },
  "size_t": 216,
  "size_x": 64,
  "size_y": 64,
  "size_z": 41,
  "snr": 6.331426620385229,
  "spacing_tr": 2.0,
  "spacing_x": 3.0,
  "spacing_y": 3.0,
  "spacing_z": 3.299999952316284,
  "summary_bg_k": 21.545312571783175,
  "summary_bg_mad": 19.60329615734292,
  "summary_bg_mean": 62.12234119002574,
  "summary_bg_median": 27.25,
  "summary_bg_n": 122187.0,
  "summary_bg_p05": 9.939814567565918,
  "summary_bg_p95": 256.0740661621094,
  "summary_bg_stdv": 96.84376570802546,
  "summary_fg_k": 2.6251700315330506,
  "summary_fg_mad": 114.13286160408018,
  "summary_fg_mean": 861.1297086441242,
  "summary_fg_median": 867.1527709960938,
  "summary_fg_n": 45749.0,
  "summary_fg_p05": 607.4861450195312,
  "summary_fg_p95": 1058.5880126953125,
  "summary_fg_stdv": 136.95859490272747,
  "tsnr": 52.16551473084837
}