{
  "aor": 0.0035626797385620913,
  "aqi": 0.015229396078431373,
  "bids_meta": {
    "AccelFactPE": 2,
    "AcquisitionNumber": 1,
    "AcquisitionTime": "10:07:32.672500",
    "BandwidthPerPixelPhaseEncode": 65.104,
    "ConversionSoftware": "dcm2niix",
    "ConversionSoftwareVersion": "v1.0.20170724 GCC4.4.7",
    "DeviceSerialNumber": "35193",
    "EchoTime": 0.025,
    "EffectiveEchoSpacing": 0.000240001,
    "FlipAngle": 90,
    "ImageType": [
      "ORIGINAL",
      "PRIMARY",
      "M",
      "ND",
      "NORM",
      "MOSAIC"
    ],
    "InstitutionAddress": "Xinjiekouwai_Street_No_19_Beijing_Haidian_District_CN_100875",
    "InstitutionName": "BNU_MRI_Center",
    "MagneticFieldStrength": 3,
    "Manufacturer": "Siemens",
    "ManufacturersModelName": "TrioTim",
    "PhaseEncodingDirection": "j-",
    "PhaseEncodingLines": 64,
    "ProcedureStepDescription": "BNU_cst_2019_Zhu.Bi",
    "ProtocolName": "Learning1_154",
    "RepetitionTime": 2,
    "ScanningSequence": "EP",
    "SequenceName": "_epfid2d1_64",
    "SequenceVariant": "SK",
    "SeriesDescription": "Learning1_154",
    "SliceTiming": [
      0,
      1.0175,
      0.0475,
      1.0675,
      0.0975,
      1.115,
      0.145,
      1.1625,
      0.195,
      1.2125,
      0.2425,
      1.26,
      0.29,
      1.31,
      0.34,
      1.3575,
      0.3875,
      1.405,
      0.4375,
      1.455,
      0.485,
      1.5025,
      0.5325,
      1.55,
      0.5825,
      1.6,
      0.63,
      1.6475,
      0.6775,
      1.6975,
      0.7275,
      1.745,
      0.775,
      1.7925,
      0.825,
      1.8425,
      0.8725,
      1.89,
      0.92,
      1.94,
      0.97
    ],
    "SoftwareVersions": "syngo_MR_B17",
    "TaskName": "encoding",
    "TotalReadoutTime": 0.01488,
    "TrueEchoSpacing": 0.000480001,
    "dataset": "ds003789",
    "modality": "bold",
    "run_id": 1,
    "subject_id": "5418",
    "task_id": "encoding"
  },
  "dummy_trs": 1,
  "dvars_nstd": 31.737529892763153,
  "dvars_std": 1.1238918900657895,
  "dvars_vstd": 1.0308541803289477,
  "efc": 0.5683972773323049,
  "fber": 1013.9802856445312,
  "fd_mean": 0.07826108092465985,
  "fd_num": 7,
  "fd_perc": 4.57516339869281,
  "fwhm_avg": 1.5612602094270436,
  "fwhm_x": 1.4823433333333333,
  "fwhm_y": 1.6636433333333331,
  "fwhm_z": 1.5377939616144638,
  "gcor": 0.0169237,
  "gsr_x": 0.0010456977179273963,
  "gsr_y": 0.02658890374004841,
  "provenance": {
    "md5sum": "2876603f49aa296c75667aa6513603a4",
    "settings": {
      "fd_thres": 0.2,
      "testing": false
    },
    "software": "mriqc",
    "version": "23.1.0"
  },
  "size_t": 153,
  "size_x": 64,
  "size_y": 64,
  "size_z": 41,
  "snr": 6.296414695318948,
  "spacing_tr": 2.0,
  "spacing_x": 3.0,
  "spacing_y": 3.0,
  "spacing_z": 3.299999952316284,
  "summary_bg_k": 21.18736962776026,
  "summary_bg_mad": 19.66143794756811,
  "summary_bg_mean": 62.80719723017331,
  "summary_bg_median": 28.00653648376465,
  "summary_bg_n": 122186.0,
  "summary_bg_p05": 10.222222328186035,
  "summary_bg_p95": 263.3464050292969,
  "summary_bg_stdv": 98.33703134264418,
  "summary_fg_k": 2.4679909104749003,
  "summary_fg_mad": 117.04318333567612,
  "summary_fg_mean": 885.7241713954738,
  "summary_fg_median": 891.8137512207031,
  "summary_fg_n": 45750.0,
  "summary_fg_p05": 624.8170166015625,
  "summary_fg_p95": 1091.7451171875,
  "summary_fg_stdv": 141.6367961328973,
  "tsnr": 48.71942009776831
}