{
  "aor": 0.0022691203703703706,
  "aqi": 0.019081116203703702,
  "bids_meta": {
    "AccelFactPE": 2,
    "AcquisitionNumber": 1,
    "AcquisitionTime": "09:12:58.965000",
    "BandwidthPerPixelPhaseEncode": 65.104,
    "ConversionSoftware": "dcm2niix",
    "ConversionSoftwareVersion": "v1.0.20170724 GCC4.4.7",
    "DeviceSerialNumber": "35193",
    "EchoTime": 0.025,
    "EffectiveEchoSpacing": 0.000240001,
    "FlipAngle": 90,
    "ImageType": [
      "ORIGINAL",
      "PRIMARY",
      "M",
      "ND",
      "NORM",
      "MOSAIC"
    ],
    "InstitutionAddress": "Xinjiekouwai_Street_No_19_Beijing_Haidian_District_CN_100875",
    "InstitutionName": "BNU_MRI_Center",
    "MagneticFieldStrength": 3,
    "Manufacturer": "Siemens",
    "ManufacturersModelName": "TrioTim",
    "PhaseEncodingDirection": "j-",
    "PhaseEncodingLines": 64,
    "ProcedureStepDescription": "BNU_cst_2019_Zhu.Bi",
    "ProtocolName": "Test2_216",
    "RepetitionTime": 2,
    "ScanningSequence": "EP",
    "SequenceName": "_epfid2d1_64",
    "SequenceVariant": "SK",
    "SeriesDescription": "Test2_216",
    "SliceTiming": [
      0,
      1.0175,
      0.0475,
      1.065,
      0.095,
      1.115,
      0.145,
      1.1625,
      0.1925,
      1.21,
      0.2425,
      1.26,
      0.29,
      1.3075,
      0.3375,
      1.355,
      0.3875,
      1.405,
      0.435,
      1.4525,
      0.4825,
      1.5025,
      0.5325,
      1.55,
      0.58,
      1.5975,
      0.63,
      1.6475,
      0.6775,
      1.695,
      0.725,
      1.745,
      0.775,
      1.7925,
      0.8225,
      1.84,
      0.8725,
      1.89,
      0.92,
      1.9375,
      0.9675
    ],
    "SoftwareVersions": "syngo_MR_B17",
    "TaskName": "retrieval",
    "TotalReadoutTime": 0.01488,
    "TrueEchoSpacing": 0.000480001,
    "dataset": "ds003789",
    "modality": "bold",
    "run_id": 2,
    "subject_id": "5421",
    "task_id": "retrieval"
  },
  "dummy_trs": 0,
  "dvars_nstd": 35.43444022274419,
  "dvars_std": 1.1659939682325584,
  "dvars_vstd": 1.0118042753023253,
  "efc": 0.6057382355189466,
  "fber": 752.0106811523438,
  "fd_mean": 0.11080842293574578,
  "fd_num": 12,
  "fd_perc": 5.555555555555555,
  "fwhm_avg": 1.5639911182747468,
  "fwhm_x": 1.5272233333333334,
  "fwhm_y": 1.67745,
  "fwhm_z": 1.4873000214909065,
  "gcor": 0.0227508,
  "gsr_x": 0.020393310114741325,
  "gsr_y": 0.03058541938662529,
  "provenance": {
    "md5sum": "cbf3ba125d4cef97dc68a298ea97b897",
    "settings": {
      "fd_thres": 0.2,
      "testing": false
    },
    "software": "mriqc",
    "version": "23.1.0"
  },
  "size_t": 216,
  "size_x": 64,
  "size_y": 64,
  "size_z": 41,
  "snr": 6.300108537446714,
  "spacing_tr": 2.0,
  "spacing_x": 3.0,
  "spacing_y": 3.0,
  "spacing_z": 3.299999952316284,
  "summary_bg_k": 17.054082007429045,
  "summary_bg_mad": 22.252759609616472,
  "summary_bg_mean": 64.02254002375169,
  "summary_bg_median": 28.25,
  "summary_bg_n": 116242.0,
  "summary_bg_p05": 9.564814567565918,
  "summary_bg_p95": 261.754638671875,
  "summary_bg_stdv": 95.408853114219,
  "summary_fg_k": 2.6356230027506182,
  "summary_fg_mad": 103.36001544252784,
  "summary_fg_mean": 771.5781832560075,
  "summary_fg_median": 774.6944580078125,
  "summary_fg_n": 51694.0,
  "summary_fg_p05": 553.8194580078125,
  "summary_fg_p95": 951.63427734375,
  "summary_fg_stdv": 122.9640664582067,
  "tsnr": 44.66070821590256
}