{
  "aor": 0.0013086363636363638,
  "aqi": 0.01534404675324675,
  "bids_meta": {
    "AccelFactPE": 2,
    "AcquisitionNumber": 1,
    "AcquisitionTime": "09:39:53.245000",
    "BandwidthPerPixelPhaseEncode": 65.104,
    "ConversionSoftware": "dcm2niix",
    "ConversionSoftwareVersion": "v1.0.20170724 GCC4.4.7",
    "DeviceSerialNumber": "35193",
    "EchoTime": 0.025,
    "EffectiveEchoSpacing": 0.000240001,
    "FlipAngle": 90,
    "ImageType": [
      "ORIGINAL",
      "PRIMARY",
      "M",
      "ND",
      "NORM",
      "MOSAIC"
    ],
    "InstitutionAddress": "Xinjiekouwai_Street_No_19_Beijing_Haidian_District_CN_100875",
    "InstitutionName": "BNU_MRI_Center",
    "MagneticFieldStrength": 3,
    "Manufacturer": "Siemens",
    "ManufacturersModelName": "TrioTim",
    "PhaseEncodingDirection": "j-",
    "PhaseEncodingLines": 64,
    "ProcedureStepDescription": "BNU_cst_2019_Zhu.Bi",
    "ProtocolName": "Learning6_154",
    "RepetitionTime": 2,
    "ScanningSequence": "EP",
    "SequenceName": "_epfid2d1_64",
    "SequenceVariant": "SK",
    "SeriesDescription": "Learning6_154",
    "SliceTiming": [
      0,
      1.02,
      0.05,
      1.0675,
      0.0975,
      1.115,
      0.1475,
      1.165,
      0.195,
      1.2125,
      0.2425,
      1.2625,
      0.2925,
      1.31,
      0.34,
      1.3575,
      0.39,
      1.4075,
      0.4375,
      1.455,
      0.485,
      1.505,
      0.535,
      1.5525,
      0.5825,
      1.6,
      0.6325,
      1.65,
      0.68,
      1.6975,
      0.7275,
      1.745,
      0.7775,
      1.795,
      0.825,
      1.8425,
      0.8725,
      1.8925,
      0.9225,
      1.94,
      0.97
    ],
    "SoftwareVersions": "syngo_MR_B17",
    "TaskName": "encoding",
    "TotalReadoutTime": 0.01488,
    "TrueEchoSpacing": 0.000480001,
    "dataset": "ds003789",
    "modality": "bold",
    "run_id": 6,
    "subject_id": "5421",
    "task_id": "encoding"
  },
  "dummy_trs": 0,
  "dvars_nstd": 33.4604180027451,
  "dvars_std": 1.152493825424836,
  "dvars_vstd": 1.0299005094117641,
  "efc": 0.6063383814049544,
  "fber": 714.90087890625,
  "fd_mean": 0.08890677406575061,
  "fd_num": 11,
  "fd_perc": 7.142857142857143,
  "fwhm_avg": 1.5425517900844785,
  "fwhm_x": 1.4939333333333333,
  "fwhm_y": 1.6753433333333334,
  "fwhm_z": 1.4583787035867688,
  "gcor": 0.0124441,
  "gsr_x": 0.019060282036662102,
  "gsr_y": 0.03748778626322746,
  "provenance": {
    "md5sum": "b712a39468f074c9e0d50826ff34919e",
    "settings": {
      "fd_thres": 0.2,
      "testing": false
    },
    "software": "mriqc",
    "version": "23.1.0"
  },
  "size_t": 154,
  "size_x": 64,
  "size_y": 64,
  "size_z": 41,
  "snr": 6.384093203927284,
  "spacing_tr": 2.0,
  "spacing_x": 3.0,
  "spacing_y": 3.0,
  "spacing_z": 3.3000001907348633,
  "summary_bg_k": 17.487339088658143,
  "summary_bg_mad": 22.113878765204152,
  "summary_bg_mean": 63.9336970756519,
  "summary_bg_median": 28.610389709472656,
  "summary_bg_n": 116521.0,
  "summary_bg_p05": 10.1493501663208,
  "summary_bg_p95": 257.097412109375,
  "summary_bg_stdv": 93.7346639257617,
  "summary_fg_k": 2.721794137925622,
  "summary_fg_mad": 100.48005339381206,
  "summary_fg_mean": 761.6383606061645,
  "summary_fg_median": 764.9739990234375,
  "summary_fg_n": 51415.0,
  "summary_fg_p05": 550.7662353515625,
  "summary_fg_p95": 937.337646484375,
  "summary_fg_stdv": 119.82383955584245,
  "tsnr": 48.54702278692275
}