{
  "aor": 0.0016134259259259261,
  "aqi": 0.018219181944444444,
  "bids_meta": {
    "AccelFactPE": 2,
    "AcquisitionNumber": 1,
    "AcquisitionTime": "09:21:4.475000",
    "BandwidthPerPixelPhaseEncode": 65.104,
    "ConversionSoftware": "dcm2niix",
    "ConversionSoftwareVersion": "v1.0.20170724 GCC4.4.7",
    "DeviceSerialNumber": "35193",
    "EchoTime": 0.025,
    "EffectiveEchoSpacing": 0.000240001,
    "FlipAngle": 90,
    "ImageType": [
      "ORIGINAL",
      "PRIMARY",
      "M",
      "ND",
      "NORM",
      "MOSAIC"
    ],
    "InstitutionAddress": "Xinjiekouwai_Street_No_19_Beijing_Haidian_District_CN_100875",
    "InstitutionName": "BNU_MRI_Center",
    "MagneticFieldStrength": 3,
    "Manufacturer": "Siemens",
    "ManufacturersModelName": "TrioTim",
    "PhaseEncodingDirection": "j-",
    "PhaseEncodingLines": 64,
    "ProcedureStepDescription": "BNU_cst_2019_Zhu.Bi",
    "ProtocolName": "Test3_216",
    "RepetitionTime": 2,
    "ScanningSequence": "EP",
    "SequenceName": "_epfid2d1_64",
    "SequenceVariant": "SK",
    "SeriesDescription": "Test3_216",
    "SliceTiming": [
      0,
      1.0175,
      0.0475,
      1.0675,
      0.0975,
      1.115,
      0.145,
      1.1625,
      0.195,
      1.2125,
      0.2425,
      1.26,
      0.29,
      1.31,
      0.34,
      1.3575,
      0.3875,
      1.405,
      0.4375,
      1.455,
      0.485,
      1.5025,
      0.5325,
      1.5525,
      0.5825,
      1.6,
      0.63,
      1.6475,
      0.68,
      1.6975,
      0.7275,
      1.745,
      0.775,
      1.7925,
      0.825,
      1.8425,
      0.8725,
      1.89,
      0.92,
      1.94,
      0.97
    ],
    "SoftwareVersions": "syngo_MR_B17",
    "TaskName": "retrieval",
    "TotalReadoutTime": 0.01488,
    "TrueEchoSpacing": 0.000480001,
    "dataset": "ds003789",
    "modality": "bold",
    "run_id": 3,
    "subject_id": "5421",
    "task_id": "retrieval"
  },
  "dummy_trs": 0,
  "dvars_nstd": 36.28210390646512,
  "dvars_std": 1.1682958754883719,
  "dvars_vstd": 1.0103191265116278,
  "efc": 0.6057514565545541,
  "fber": 749.7229614257812,
  "fd_mean": 0.1483404699019265,
  "fd_num": 30,
  "fd_perc": 13.88888888888889,
  "fwhm_avg": 1.5588739465136567,
  "fwhm_x": 1.5261133333333332,
  "fwhm_y": 1.6723266666666667,
  "fwhm_z": 1.4781818395409705,
  "gcor": 0.0289836,
  "gsr_x": 0.020815519616007805,
  "gsr_y": 0.030729642137885094,
  "provenance": {
    "md5sum": "b165a03bc5b8f84cffe6ec41ad07d47d",
    "settings": {
      "fd_thres": 0.2,
      "testing": false
    },
    "software": "mriqc",
    "version": "23.1.0"
  },
  "size_t": 216,
  "size_x": 64,
  "size_y": 64,
  "size_z": 41,
  "snr": 6.319467006035703,
  "spacing_tr": 2.0,
  "spacing_x": 3.0,
  "spacing_y": 3.0,
  "spacing_z": 3.299999952316284,
  "summary_bg_k": 17.392683079801436,
  "summary_bg_mad": 22.25276102353613,
  "summary_bg_mean": 64.06674706756226,
  "summary_bg_median": 28.31944465637207,
  "summary_bg_n": 116268.0,
  "summary_bg_p05": 9.685185432434082,
  "summary_bg_p95": 262.2361145019531,
  "summary_bg_stdv": 95.28663311072046,
  "summary_fg_k": 2.6191211423254543,
  "summary_fg_mad": 102.7045901575769,
  "summary_fg_mean": 772.0112861118847,
  "summary_fg_median": 775.4166870117188,
  "summary_fg_n": 51668.0,
  "summary_fg_p05": 554.6990966796875,
  "summary_fg_p95": 952.2083129882812,
  "summary_fg_stdv": 122.70167442855737,
  "tsnr": 45.223230267176405
}