{
  "aor": 0.0017766233766233768,
  "aqi": 0.02328173181818182,
  "bids_meta": {
    "AccelFactPE": 2,
    "AcquisitionNumber": 1,
    "AcquisitionTime": "09:54:11.410000",
    "BandwidthPerPixelPhaseEncode": 65.104,
    "ConversionSoftware": "dcm2niix",
    "ConversionSoftwareVersion": "v1.0.20170724 GCC4.4.7",
    "DeviceSerialNumber": "35193",
    "EchoTime": 0.025,
    "EffectiveEchoSpacing": 0.000240001,
    "FlipAngle": 90,
    "ImageType": [
      "ORIGINAL",
      "PRIMARY",
      "M",
      "ND",
      "NORM",
      "MOSAIC"
    ],
    "InstitutionAddress": "Xinjiekouwai_Street_No_19_Beijing_Haidian_District_CN_100875",
    "InstitutionName": "BNU_MRI_Center",
    "MagneticFieldStrength": 3,
    "Manufacturer": "Siemens",
    "ManufacturersModelName": "TrioTim",
    "PhaseEncodingDirection": "j-",
    "PhaseEncodingLines": 64,
    "ProcedureStepDescription": "BNU_cst_2019_Zhu.Bi",
    "ProtocolName": "Learning8_154",
    "RepetitionTime": 2,
    "ScanningSequence": "EP",
    "SequenceName": "_epfid2d1_64",
    "SequenceVariant": "SK",
    "SeriesDescription": "Learning8_154",
    "SliceTiming": [
      0,
      1.0175,
      0.05,
      1.0675,
      0.0975,
      1.115,
      0.145,
      1.165,
      0.195,
      1.2125,
      0.2425,
      1.26,
      0.2925,
      1.31,
      0.34,
      1.3575,
      0.3875,
      1.4075,
      0.4375,
      1.455,
      0.485,
      1.5025,
      0.535,
      1.5525,
      0.5825,
      1.6,
      0.63,
      1.6475,
      0.68,
      1.6975,
      0.7275,
      1.745,
      0.775,
      1.795,
      0.825,
      1.8425,
      0.8725,
      1.89,
      0.9225,
      1.94,
      0.97
    ],
    "SoftwareVersions": "syngo_MR_B17",
    "TaskName": "encoding",
    "TotalReadoutTime": 0.01488,
    "TrueEchoSpacing": 0.000480001,
    "dataset": "ds003789",
    "modality": "bold",
    "run_id": 8,
    "subject_id": "5421",
    "task_id": "encoding"
  },
  "dummy_trs": 0,
  "dvars_nstd": 32.69330116993463,
  "dvars_std": 1.1131457324183012,
  "dvars_vstd": 1.0068756754248365,
  "efc": 0.601659620309483,
  "fber": 794.8175659179688,
  "fd_mean": 0.07588049945134828,
  "fd_num": 6,
  "fd_perc": 3.896103896103896,
  "fwhm_avg": 1.570074921622907,
  "fwhm_x": 1.5363499999999999,
  "fwhm_y": 1.72719,
  "fwhm_z": 1.446684764868721,
  "gcor": 0.00655389,
  "gsr_x": 0.024106722325086594,
  "gsr_y": 0.04024966433644295,
  "provenance": {
    "md5sum": "d08b7889b7818ee99a80a0557f8da9dc",
    "settings": {
      "fd_thres": 0.2,
      "testing": false
    },
    "software": "mriqc",
    "version": "23.1.0"
  },
  "size_t": 154,
  "size_x": 64,
  "size_y": 64,
  "size_z": 41,
  "snr": 6.305283683308129,
  "spacing_tr": 2.0,
  "spacing_x": 3.0,
  "spacing_y": 3.0,
  "spacing_z": 3.3000001907348633,
  "summary_bg_k": 18.449877106407072,
  "summary_bg_mad": 21.0163674627843,
  "summary_bg_mean": 62.01056638105395,
  "summary_bg_median": 27.220779418945312,
  "summary_bg_n": 116880.0,
  "summary_bg_p05": 9.227272987365723,
  "summary_bg_p95": 248.7792205810547,
  "summary_bg_stdv": 91.98289703564885,
  "summary_fg_k": 2.4618451747806596,
  "summary_fg_mad": 102.27548250864174,
  "summary_fg_mean": 764.1449667368305,
  "summary_fg_median": 767.4220581054688,
  "summary_fg_n": 51056.0,
  "summary_fg_p05": 547.4415283203125,
  "summary_fg_p95": 945.6038818359375,
  "summary_fg_stdv": 121.70975662948683,
  "tsnr": 43.7982839581673
}