{
  "aor": 0.0009046296296296296,
  "aqi": 0.027061257407407408,
  "bids_meta": {
    "AccelFactPE": 2,
    "AcquisitionNumber": 1,
    "AcquisitionTime": "09:04:56.490000",
    "BandwidthPerPixelPhaseEncode": 65.104,
    "ConversionSoftware": "dcm2niix",
    "ConversionSoftwareVersion": "v1.0.20170724 GCC4.4.7",
    "DeviceSerialNumber": "35193",
    "EchoTime": 0.025,
    "EffectiveEchoSpacing": 0.000240001,
    "FlipAngle": 90,
    "ImageType": [
      "ORIGINAL",
      "PRIMARY",
      "M",
      "ND",
      "NORM",
      "MOSAIC"
    ],
    "InstitutionAddress": "Xinjiekouwai_Street_No_19_Beijing_Haidian_District_CN_100875",
    "InstitutionName": "BNU_MRI_Center",
    "MagneticFieldStrength": 3,
    "Manufacturer": "Siemens",
    "ManufacturersModelName": "TrioTim",
    "PhaseEncodingDirection": "j-",
    "PhaseEncodingLines": 64,
    "ProcedureStepDescription": "BNU_cst_2019_Zhu.Bi",
    "ProtocolName": "Test1_216",
    "RepetitionTime": 2,
    "ScanningSequence": "EP",
    "SequenceName": "_epfid2d1_64",
    "SequenceVariant": "SK",
    "SeriesDescription": "Test1_216",
    "SliceTiming": [
      0,
      1.02,
      0.05,
      1.0675,
      0.0975,
      1.115,
      0.1475,
      1.165,
      0.195,
      1.2125,
      0.2425,
      1.2625,
      0.2925,
      1.31,
      0.34,
      1.3575,
      0.39,
      1.4075,
      0.4375,
      1.455,
      0.485,
      1.505,
      0.535,
      1.5525,
      0.5825,
      1.6,
      0.63,
      1.65,
      0.68,
      1.6975,
      0.7275,
      1.745,
      0.7775,
      1.795,
      0.825,
      1.8425,
      0.8725,
      1.8925,
      0.9225,
      1.94,
      0.97
    ],
    "SoftwareVersions": "syngo_MR_B17",
    "TaskName": "retrieval",
    "TotalReadoutTime": 0.01488,
    "TrueEchoSpacing": 0.000480001,
    "dataset": "ds003789",
    "modality": "bold",
    "run_id": 1,
    "subject_id": "5421",
    "task_id": "retrieval"
  },
  "dummy_trs": 0,
  "dvars_nstd": 34.79526410646514,
  "dvars_std": 1.1118800533023254,
  "dvars_vstd": 0.9729543418139531,
  "efc": 0.6049885483313097,
  "fber": 771.9412841796875,
  "fd_mean": 0.1001940714368175,
  "fd_num": 11,
  "fd_perc": 5.092592592592593,
  "fwhm_avg": 1.5733983910109226,
  "fwhm_x": 1.5337333333333334,
  "fwhm_y": 1.6973133333333335,
  "fwhm_z": 1.4891485063661012,
  "gcor": 0.00737011,
  "gsr_x": 0.020585590973496437,
  "gsr_y": 0.03177931532263756,
  "provenance": {
    "md5sum": "05e91714ec530ba408bd99731d62e8eb",
    "settings": {
      "fd_thres": 0.2,
      "testing": false
    },
    "software": "mriqc",
    "version": "23.1.0"
  },
  "size_t": 216,
  "size_x": 64,
  "size_y": 64,
  "size_z": 41,
  "snr": 6.3091951083684945,
  "spacing_tr": 2.0,
  "spacing_x": 3.0,
  "spacing_y": 3.0,
  "spacing_z": 3.299999952316284,
  "summary_bg_k": 16.342030921914567,
  "summary_bg_mad": 22.83619376129959,
  "summary_bg_mean": 63.265698351170734,
  "summary_bg_median": 27.77777862548828,
  "summary_bg_n": 116299.0,
  "summary_bg_p05": 7.953703880310059,
  "summary_bg_p95": 260.2314758300781,
  "summary_bg_stdv": 93.43852006629395,
  "summary_fg_k": 2.4654712906218403,
  "summary_fg_mad": 102.34072641730523,
  "summary_fg_mean": 769.1259931181324,
  "summary_fg_median": 771.7731323242188,
  "summary_fg_n": 51637.0,
  "summary_fg_p05": 552.5324096679688,
  "summary_fg_p95": 950.7963256835938,
  "summary_fg_stdv": 122.32394877139515,
  "tsnr": 40.03438642760739
}