{
  "aor": 0.00037027906976744193,
  "aqi": 0.011194581209302328,
  "bids_meta": {
    "AccelFactPE": 2,
    "AcquisitionNumber": 1,
    "AcquisitionTime": "10:47:56.122500",
    "BandwidthPerPixelPhaseEncode": 65.104,
    "ConversionSoftware": "dcm2niix",
    "ConversionSoftwareVersion": "v1.0.20170724 GCC4.4.7",
    "DeviceSerialNumber": "35193",
    "EchoTime": 0.025,
    "EffectiveEchoSpacing": 0.000240001,
    "FlipAngle": 90,
    "ImageType": [
      "ORIGINAL",
      "PRIMARY",
      "M",
      "ND",
      "NORM",
      "MOSAIC"
    ],
    "InstitutionAddress": "Xinjiekouwai_Street_No_19_Beijing_Haidian_District_CN_100875",
    "InstitutionName": "BNU_MRI_Center",
    "MagneticFieldStrength": 3,
    "Manufacturer": "Siemens",
    "ManufacturersModelName": "TrioTim",
    "PhaseEncodingDirection": "j-",
    "PhaseEncodingLines": 64,
    "ProcedureStepDescription": "BNU_cst_2019_Zhu.Bi",
    "ProtocolName": "Test3_216",
    "RepetitionTime": 2,
    "ScanningSequence": "EP",
    "SequenceName": "_epfid2d1_64",
    "SequenceVariant": "SK",
    "SeriesDescription": "Test3_216",
    "SliceTiming": [
      0,
      1.0175,
      0.0475,
      1.0675,
      0.0975,
      1.115,
      0.145,
      1.1625,
      0.195,
      1.2125,
      0.2425,
      1.26,
      0.29,
      1.31,
      0.34,
      1.3575,
      0.3875,
      1.405,
      0.435,
      1.455,
      0.485,
      1.5025,
      0.5325,
      1.55,
      0.5825,
      1.6,
      0.63,
      1.6475,
      0.6775,
      1.6975,
      0.7275,
      1.745,
      0.775,
      1.7925,
      0.825,
      1.8425,
      0.8725,
      1.89,
      0.92,
      1.94,
      0.97
    ],
    "SoftwareVersions": "syngo_MR_B17",
    "TaskName": "retrieval",
    "TotalReadoutTime": 0.01488,
    "TrueEchoSpacing": 0.000480001,
    "dataset": "ds003789",
    "modality": "bold",
    "run_id": 3,
    "subject_id": "5440",
    "task_id": "retrieval"
  },
  "dummy_trs": 1,
  "dvars_nstd": 33.70197613443925,
  "dvars_std": 1.164408969953271,
  "dvars_vstd": 1.0068533734112144,
  "efc": 0.6173011948069939,
  "fber": 625.3207397460938,
  "fd_mean": 0.07928472617971398,
  "fd_num": 0,
  "fd_perc": 0.0,
  "fwhm_avg": 1.5659503752724273,
  "fwhm_x": 1.4983133333333332,
  "fwhm_y": 1.7063499999999998,
  "fwhm_z": 1.4931877924839487,
  "gcor": 0.0290736,
  "gsr_x": 0.016405345872044563,
  "gsr_y": 0.025963161140680313,
  "provenance": {
    "md5sum": "aadb59293ad1e20369e03d600b399496",
    "settings": {
      "fd_thres": 0.2,
      "testing": false
    },
    "software": "mriqc",
    "version": "23.1.0"
  },
  "size_t": 215,
  "size_x": 64,
  "size_y": 64,
  "size_z": 41,
  "snr": 6.078766462567096,
  "spacing_tr": 2.0,
  "spacing_x": 3.0,
  "spacing_y": 3.0,
  "spacing_z": 3.3000001907348633,
  "summary_bg_k": 7.444711975137404,
  "summary_bg_mad": 27.748793983980523,
  "summary_bg_mean": 79.54934945893548,
  "summary_bg_median": 34.093021392822266,
  "summary_bg_n": 116581.0,
  "summary_bg_p05": 10.716279029846191,
  "summary_bg_p95": 322.9534912109375,
  "summary_bg_stdv": 106.35378431573037,
  "summary_fg_k": 2.2531607461453973,
  "summary_fg_mad": 121.01478185063593,
  "summary_fg_mean": 844.7165431002124,
  "summary_fg_median": 852.544189453125,
  "summary_fg_n": 51355.0,
  "summary_fg_p05": 583.0418701171875,
  "summary_fg_p95": 1044.89306640625,
  "summary_fg_stdv": 140.24817274429367,
  "tsnr": 51.17511308938265
}