{
  "aor": 0.0019603896103896103,
  "aqi": 0.017332092857142857,
  "bids_meta": {
    "AccelFactPE": 2,
    "AcquisitionNumber": 1,
    "AcquisitionTime": "11:16:0.445000",
    "BandwidthPerPixelPhaseEncode": 65.104,
    "ConversionSoftware": "dcm2niix",
    "ConversionSoftwareVersion": "v1.0.20170724 GCC4.4.7",
    "DeviceSerialNumber": "35193",
    "EchoTime": 0.025,
    "EffectiveEchoSpacing": 0.000240001,
    "FlipAngle": 90,
    "ImageType": [
      "ORIGINAL",
      "PRIMARY",
      "M",
      "ND",
      "NORM",
      "MOSAIC"
    ],
    "InstitutionAddress": "Xinjiekouwai_Street_No_19_Beijing_Haidian_District_CN_100875",
    "InstitutionName": "BNU_MRI_Center",
    "MagneticFieldStrength": 3,
    "Manufacturer": "Siemens",
    "ManufacturersModelName": "TrioTim",
    "PhaseEncodingDirection": "j-",
    "PhaseEncodingLines": 64,
    "ProcedureStepDescription": "BNU_cst_2019_Zhu.Bi",
    "ProtocolName": "Learning1_154",
    "RepetitionTime": 2,
    "ScanningSequence": "EP",
    "SequenceName": "_epfid2d1_64",
    "SequenceVariant": "SK",
    "SeriesDescription": "Learning1_154",
    "SliceTiming": [
      0,
      1.0175,
      0.0475,
      1.0675,
      0.0975,
      1.115,
      0.145,
      1.1625,
      0.195,
      1.2125,
      0.2425,
      1.26,
      0.29,
      1.31,
      0.34,
      1.3575,
      0.3875,
      1.405,
      0.4375,
      1.455,
      0.485,
      1.5025,
      0.5325,
      1.55,
      0.5825,
      1.6,
      0.63,
      1.6475,
      0.6775,
      1.6975,
      0.7275,
      1.745,
      0.775,
      1.7925,
      0.825,
      1.8425,
      0.8725,
      1.89,
      0.92,
      1.94,
      0.97
    ],
    "SoftwareVersions": "syngo_MR_B17",
    "TaskName": "encoding",
    "TotalReadoutTime": 0.01488,
    "TrueEchoSpacing": 0.000480001,
    "dataset": "ds003789",
    "modality": "bold",
    "run_id": 1,
    "subject_id": "5440",
    "task_id": "encoding"
  },
  "dummy_trs": 0,
  "dvars_nstd": 37.071363075228774,
  "dvars_std": 1.1735003111764704,
  "dvars_vstd": 1.0183367054901964,
  "efc": 0.6142188118649059,
  "fber": 654.3416748046875,
  "fd_mean": 0.12693185095233708,
  "fd_num": 15,
  "fd_perc": 9.74025974025974,
  "fwhm_avg": 1.5670598052465365,
  "fwhm_x": 1.5032933333333334,
  "fwhm_y": 1.6891800000000001,
  "fwhm_z": 1.5087060824062763,
  "gcor": 0.012638,
  "gsr_x": 0.019665727391839027,
  "gsr_y": 0.025544459000229836,
  "provenance": {
    "md5sum": "3bc4521a9347be8d57ac4b91b0c4d1cb",
    "settings": {
      "fd_thres": 0.2,
      "testing": false
    },
    "software": "mriqc",
    "version": "23.1.0"
  },
  "size_t": 154,
  "size_x": 64,
  "size_y": 64,
  "size_z": 41,
  "snr": 6.133376040524247,
  "spacing_tr": 2.0,
  "spacing_x": 3.0,
  "spacing_y": 3.0,
  "spacing_z": 3.299999952316284,
  "summary_bg_k": 7.50396614462106,
  "summary_bg_mad": 26.60982090153189,
  "summary_bg_mean": 72.82289123965461,
  "summary_bg_median": 31.65584373474121,
  "summary_bg_n": 116585.0,
  "summary_bg_p05": 8.876623153686523,
  "summary_bg_p95": 294.532470703125,
  "summary_bg_stdv": 96.98406608013451,
  "summary_fg_k": 2.32915828460356,
  "summary_fg_mad": 114.38180195461172,
  "summary_fg_mean": 802.1481800337864,
  "summary_fg_median": 809.759765625,
  "summary_fg_n": 51351.0,
  "summary_fg_p05": 555.772705078125,
  "summary_fg_p95": 990.9285888671875,
  "summary_fg_stdv": 132.02384391231178,
  "tsnr": 43.724167870823294
}