{
  "aor": 0.0005814935064935065,
  "aqi": 0.01251120844155844,
  "bids_meta": {
    "AccelFactPE": 2,
    "AcquisitionNumber": 1,
    "AcquisitionTime": "11:47:10.607500",
    "BandwidthPerPixelPhaseEncode": 65.104,
    "ConversionSoftware": "dcm2niix",
    "ConversionSoftwareVersion": "v1.0.20170724 GCC4.4.7",
    "DeviceSerialNumber": "35193",
    "EchoTime": 0.025,
    "EffectiveEchoSpacing": 0.000240001,
    "FlipAngle": 90,
    "ImageType": [
      "ORIGINAL",
      "PRIMARY",
      "M",
      "ND",
      "NORM",
      "MOSAIC"
    ],
    "InstitutionAddress": "Xinjiekouwai_Street_No_19_Beijing_Haidian_District_CN_100875",
    "InstitutionName": "BNU_MRI_Center",
    "MagneticFieldStrength": 3,
    "Manufacturer": "Siemens",
    "ManufacturersModelName": "TrioTim",
    "PhaseEncodingDirection": "j-",
    "PhaseEncodingLines": 64,
    "ProcedureStepDescription": "BNU_cst_2019_Zhu.Bi",
    "ProtocolName": "Learning6_154",
    "RepetitionTime": 2,
    "ScanningSequence": "EP",
    "SequenceName": "_epfid2d1_64",
    "SequenceVariant": "SK",
    "SeriesDescription": "Learning6_154",
    "SliceTiming": [
      0,
      1.0175,
      0.0475,
      1.065,
      0.095,
      1.1125,
      0.145,
      1.1625,
      0.1925,
      1.21,
      0.24,
      1.26,
      0.29,
      1.3075,
      0.3375,
      1.355,
      0.3875,
      1.405,
      0.435,
      1.4525,
      0.4825,
      1.5025,
      0.5325,
      1.55,
      0.58,
      1.5975,
      0.63,
      1.6475,
      0.6775,
      1.695,
      0.725,
      1.745,
      0.775,
      1.7925,
      0.8225,
      1.84,
      0.8725,
      1.89,
      0.92,
      1.9375,
      0.9675
    ],
    "SoftwareVersions": "syngo_MR_B17",
    "TaskName": "encoding",
    "TotalReadoutTime": 0.01488,
    "TrueEchoSpacing": 0.000480001,
    "dataset": "ds003789",
    "modality": "bold",
    "run_id": 6,
    "subject_id": "5440",
    "task_id": "encoding"
  },
  "dummy_trs": 0,
  "dvars_nstd": 35.540133931176484,
  "dvars_std": 1.2061140577124183,
  "dvars_vstd": 1.0173733722222227,
  "efc": 0.6182882664317201,
  "fber": 632.7689208984375,
  "fd_mean": 0.07893966027905519,
  "fd_num": 0,
  "fd_perc": 0.0,
  "fwhm_avg": 1.5536774818763144,
  "fwhm_x": 1.4992566666666667,
  "fwhm_y": 1.6817,
  "fwhm_z": 1.4800757789622765,
  "gcor": 0.0139443,
  "gsr_x": 0.02071979083120823,
  "gsr_y": 0.023539474233984947,
  "provenance": {
    "md5sum": "bd1b32d7d6dc002fe326b53c3efe118a",
    "settings": {
      "fd_thres": 0.2,
      "testing": false
    },
    "software": "mriqc",
    "version": "23.1.0"
  },
  "size_t": 154,
  "size_x": 64,
  "size_y": 64,
  "size_z": 41,
  "snr": 6.150226768115768,
  "spacing_tr": 2.0,
  "spacing_x": 3.0,
  "spacing_y": 3.0,
  "spacing_z": 3.299999952316284,
  "summary_bg_k": 6.9484761915249535,
  "summary_bg_mad": 26.465411631259776,
  "summary_bg_mean": 76.29030683874075,
  "summary_bg_median": 32.27922058105469,
  "summary_bg_n": 116543.0,
  "summary_bg_p05": 9.779220581054688,
  "summary_bg_p95": 308.44805908203125,
  "summary_bg_stdv": 101.65445949435177,
  "summary_fg_k": 2.296722967427149,
  "summary_fg_mad": 114.51654284226765,
  "summary_fg_mean": 803.985589260159,
  "summary_fg_median": 811.9805297851562,
  "summary_fg_n": 51393.0,
  "summary_fg_p05": 556.9610595703125,
  "summary_fg_p95": 990.759765625,
  "summary_fg_stdv": 132.02320184957458,
  "tsnr": 49.66498159104958
}