{
  "bids_meta": {
    "AcquisitionNumber": 1,
    "AcquisitionTime": "14:55:18.560000",
    "ConversionSoftware": "dcm2niix",
    "ConversionSoftwareVersion": "v1.0.20170724 GCC4.4.7",
    "DeviceSerialNumber": "35193",
    "EchoTime": 0.00309,
    "FlipAngle": 10,
    "ImageType": [
      "ORIGINAL",
      "PRIMARY",
      "M",
      "ND",
      "NORM"
    ],
    "InstitutionAddress": "Xinjiekouwai_Street_No_19_Beijing_Haidian_District_CN_100875",
    "InstitutionName": "BNU_MRI_Center",
    "InversionTime": 0.8,
    "MagneticFieldStrength": 3,
    "Manufacturer": "Siemens",
    "ManufacturersModelName": "TrioTim",
    "PhaseEncodingDirection": "i-",
    "PhaseEncodingLines": 256,
    "ProcedureStepDescription": "BNU_cst_2019_Zhu.Bi",
    "ProtocolName": "UCI_MPRAGE_Sag_1x1x1",
    "RepetitionTime": 2.53,
    "ScanningSequence": "GR_IR",
    "SequenceName": "_tfl3d1_ns",
    "SequenceVariant": "SP_MP",
    "SeriesDescription": "UCI_MPRAGE_Sag_1x1x1",
    "SoftwareVersions": "syngo_MR_B17",
    "dataset": "ds003789",
    "modality": "T1w",
    "subject_id": "5409"
  },
  "cjv": 0.5385856035256665,
  "cnr": 1.8716544240032758,
  "efc": 0.5425602356188894,
  "fber": 7711.944842953511,
  "fwhm_avg": 4.353566666666667,
  "fwhm_x": 4.40555,
  "fwhm_y": 4.51723,
  "fwhm_z": 4.13792,
  "icvs_csf": 0.28065946798024577,
  "icvs_gm": 0.38057036151910373,
  "icvs_wm": 0.33877017050065056,
  "inu_med": 0.6087502837181091,
  "inu_range": 0.2881139814853668,
  "provenance": {
    "md5sum": "b8607d6775885816c31e15a086a5c0d4",
    "settings": {
      "testing": false
    },
    "software": "mriqc",
    "version": "23.1.0",
    "warnings": {
      "large_rot_frame": true,
      "small_air_mask": false
    }
  },
  "qi_1": 0.0,
  "qi_2": 0.0024375313582834066,
  "rpve_csf": 7.750220354914477,
  "rpve_gm": 7.669567957550529,
  "rpve_wm": 7.771541344772151,
  "size_x": 208,
  "size_y": 256,
  "size_z": 256,
  "snr_csf": 1.9402714778144885,
  "snr_gm": 5.1742330831680645,
  "snr_total": 5.60241374842538,
  "snr_wm": 9.692736684293585,
  "snrd_csf": 25.811968522276473,
  "snrd_gm": 45.415630860942215,
  "snrd_total": 45.834635554426505,
  "snrd_wm": 66.27630728006082,
  "spacing_x": 1.0,
  "spacing_y": 1.0,
  "spacing_z": 1.0,
  "summary_bg_k": 5.138468533048064,
  "summary_bg_mad": 0.0,
  "summary_bg_mean": 6.0273288899048065,
  "summary_bg_median": 0.0,
  "summary_bg_n": 4757298.0,
  "summary_bg_p05": 0.0,
  "summary_bg_p95": 24.849008917808533,
  "summary_bg_stdv": 9.425392617962222,
  "summary_csf_k": -0.7440518473298314,
  "summary_csf_mad": 148.8486644922879,
  "summary_csf_mean": 379.2047131907583,
  "summary_csf_median": 371.3546332716942,
  "summary_csf_n": 486790.09522576653,
  "summary_csf_p05": 77.72217789292336,
  "summary_csf_p95": 685.5910585448146,
  "summary_csf_stdv": 191.39293448656775,
  "summary_gm_k": -0.5279523913135273,
  "summary_gm_mad": 88.67471143524749,
  "summary_gm_mean": 658.4528944619369,
  "summary_gm_median": 653.390884488821,
  "summary_gm_n": 660080.6445518819,
  "summary_gm_p05": 455.0819883197546,
  "summary_gm_p95": 890.4228195548058,
  "summary_gm_stdv": 126.27772639031531,
  "summary_wm_k": -0.3895968458512753,
  "summary_wm_mad": 72.96603491440445,
  "summary_wm_mean": 928.4473753438034,
  "summary_wm_median": 953.5116921961308,
  "summary_wm_n": 587580.2613908898,
  "summary_wm_p05": 729.3184117376804,
  "summary_wm_p95": 1049.6290391907096,
  "summary_wm_stdv": 98.37375262163266,
  "tpm_overlap_csf": 0.2047687302870442,
  "tpm_overlap_gm": 0.5289417145971749,
  "tpm_overlap_wm": 0.5496528624785008,
  "wm2max": 0.5527312029628028
}