{
  "aor": 0.0004092592592592593,
  "aqi": 0.013664300925925923,
  "bids_meta": {
    "AccelFactPE": 2,
    "AcquisitionNumber": 1,
    "AcquisitionTime": "11:21:13.440000",
    "BandwidthPerPixelPhaseEncode": 65.104,
    "ConversionSoftware": "dcm2niix",
    "ConversionSoftwareVersion": "v1.0.20170724 GCC4.4.7",
    "DeviceSerialNumber": "35193",
    "EchoTime": 0.025,
    "EffectiveEchoSpacing": 0.000240001,
    "FlipAngle": 90,
    "ImageType": [
      "ORIGINAL",
      "PRIMARY",
      "M",
      "ND",
      "NORM",
      "MOSAIC"
    ],
    "InstitutionAddress": "Xinjiekouwai_Street_No_19_Beijing_Haidian_District_CN_100875",
    "InstitutionName": "BNU_MRI_Center",
    "MagneticFieldStrength": 3,
    "Manufacturer": "Siemens",
    "ManufacturersModelName": "TrioTim",
    "PhaseEncodingDirection": "j-",
    "PhaseEncodingLines": 64,
    "ProcedureStepDescription": "BNU_cst_2019_Zhu.Bi",
    "ProtocolName": "Test3_216",
    "RepetitionTime": 2,
    "ScanningSequence": "EP",
    "SequenceName": "_epfid2d1_64",
    "SequenceVariant": "SK",
    "SeriesDescription": "Test3_216",
    "SliceTiming": [
      0,
      1.02,
      0.05,
      1.0675,
      0.0975,
      1.115,
      0.1475,
      1.165,
      0.195,
      1.2125,
      0.2425,
      1.2625,
      0.2925,
      1.31,
      0.34,
      1.3575,
      0.39,
      1.4075,
      0.4375,
      1.455,
      0.485,
      1.505,
      0.535,
      1.5525,
      0.5825,
      1.6,
      0.6325,
      1.65,
      0.68,
      1.6975,
      0.7275,
      1.745,
      0.7775,
      1.795,
      0.825,
      1.8425,
      0.8725,
      1.8925,
      0.9225,
      1.94,
      0.97
    ],
    "SoftwareVersions": "syngo_MR_B17",
    "TaskName": "retrieval",
    "TotalReadoutTime": 0.01488,
    "TrueEchoSpacing": 0.000480001,
    "dataset": "ds003789",
    "modality": "bold",
    "run_id": 3,
    "subject_id": "5437",
    "task_id": "retrieval"
  },
  "dummy_trs": 0,
  "dvars_nstd": 33.86294521930231,
  "dvars_std": 1.222642268930233,
  "dvars_vstd": 0.9993838638604653,
  "efc": 0.5799255252122588,
  "fber": 1117.67919921875,
  "fd_mean": 0.053385636659228,
  "fd_num": 0,
  "fd_perc": 0.0,
  "fwhm_avg": 1.5731753608791568,
  "fwhm_x": 1.46929,
  "fwhm_y": 1.72553,
  "fwhm_z": 1.52470608263747,
  "gcor": 0.00697885,
  "gsr_x": -0.006977478973567486,
  "gsr_y": 0.039575207978487015,
  "provenance": {
    "md5sum": "4b0276bdd3659f89b37776cb9fdd6257",
    "settings": {
      "fd_thres": 0.2,
      "testing": false
    },
    "software": "mriqc",
    "version": "23.1.0"
  },
  "size_t": 216,
  "size_x": 64,
  "size_y": 64,
  "size_z": 41,
  "snr": 6.441574378391052,
  "spacing_tr": 2.0,
  "spacing_x": 3.0,
  "spacing_y": 3.0,
  "spacing_z": 3.299999952316284,
  "summary_bg_k": 19.32901760557977,
  "summary_bg_mad": 20.406372830340008,
  "summary_bg_mean": 64.58960532932969,
  "summary_bg_median": 28.032407760620117,
  "summary_bg_n": 119057.0,
  "summary_bg_p05": 10.532407760620117,
  "summary_bg_p95": 274.8240661621094,
  "summary_bg_stdv": 100.24629691754636,
  "summary_fg_k": 2.8619787548866205,
  "summary_fg_mad": 117.84633494641503,
  "summary_fg_mean": 929.4575860022269,
  "summary_fg_median": 937.1713256835938,
  "summary_fg_n": 48879.0,
  "summary_fg_p05": 665.9305419921875,
  "summary_fg_p95": 1135.9212646484375,
  "summary_fg_stdv": 145.4864422791597,
  "tsnr": 56.00822673342191
}