{
  "aor": 0.00035828703703703695,
  "aqi": 0.014840818981481482,
  "bids_meta": {
    "AccelFactPE": 2,
    "AcquisitionNumber": 1,
    "AcquisitionTime": "11:13:13.185000",
    "BandwidthPerPixelPhaseEncode": 65.104,
    "ConversionSoftware": "dcm2niix",
    "ConversionSoftwareVersion": "v1.0.20170724 GCC4.4.7",
    "DeviceSerialNumber": "35193",
    "EchoTime": 0.025,
    "EffectiveEchoSpacing": 0.000240001,
    "FlipAngle": 90,
    "ImageType": [
      "ORIGINAL",
      "PRIMARY",
      "M",
      "ND",
      "NORM",
      "MOSAIC"
    ],
    "InstitutionAddress": "Xinjiekouwai_Street_No_19_Beijing_Haidian_District_CN_100875",
    "InstitutionName": "BNU_MRI_Center",
    "MagneticFieldStrength": 3,
    "Manufacturer": "Siemens",
    "ManufacturersModelName": "TrioTim",
    "PhaseEncodingDirection": "j-",
    "PhaseEncodingLines": 64,
    "ProcedureStepDescription": "BNU_cst_2019_Zhu.Bi",
    "ProtocolName": "Test2_216",
    "RepetitionTime": 2,
    "ScanningSequence": "EP",
    "SequenceName": "_epfid2d1_64",
    "SequenceVariant": "SK",
    "SeriesDescription": "Test2_216",
    "SliceTiming": [
      0,
      1.0175,
      0.05,
      1.0675,
      0.0975,
      1.115,
      0.145,
      1.165,
      0.195,
      1.2125,
      0.2425,
      1.26,
      0.2925,
      1.31,
      0.34,
      1.3575,
      0.3875,
      1.4075,
      0.4375,
      1.455,
      0.485,
      1.5025,
      0.535,
      1.5525,
      0.5825,
      1.6,
      0.63,
      1.65,
      0.68,
      1.6975,
      0.7275,
      1.745,
      0.775,
      1.795,
      0.825,
      1.8425,
      0.8725,
      1.89,
      0.9225,
      1.94,
      0.97
    ],
    "SoftwareVersions": "syngo_MR_B17",
    "TaskName": "retrieval",
    "TotalReadoutTime": 0.01488,
    "TrueEchoSpacing": 0.000480001,
    "dataset": "ds003789",
    "modality": "bold",
    "run_id": 2,
    "subject_id": "5437",
    "task_id": "retrieval"
  },
  "dummy_trs": 0,
  "dvars_nstd": 34.09725631018604,
  "dvars_std": 1.2171480954883716,
  "dvars_vstd": 0.9952158120465111,
  "efc": 0.5785488044145132,
  "fber": 1151.2154541015625,
  "fd_mean": 0.059864623877524406,
  "fd_num": 0,
  "fd_perc": 0.0,
  "fwhm_avg": 1.5764708153954057,
  "fwhm_x": 1.47187,
  "fwhm_y": 1.7389000000000001,
  "fwhm_z": 1.5186424461862167,
  "gcor": 0.011068,
  "gsr_x": -0.005538466386497021,
  "gsr_y": 0.040755726397037506,
  "provenance": {
    "md5sum": "6cd05b07470fe60fa56284e9d74c4b80",
    "settings": {
      "fd_thres": 0.2,
      "testing": false
    },
    "software": "mriqc",
    "version": "23.1.0"
  },
  "size_t": 216,
  "size_x": 64,
  "size_y": 64,
  "size_z": 41,
  "snr": 6.439345310071864,
  "spacing_tr": 2.0,
  "spacing_x": 3.0,
  "spacing_y": 3.0,
  "spacing_z": 3.299999952316284,
  "summary_bg_k": 19.964603418613592,
  "summary_bg_mad": 20.05631318768193,
  "summary_bg_mean": 63.36321550436004,
  "summary_bg_median": 27.606481552124023,
  "summary_bg_n": 119043.0,
  "summary_bg_p05": 10.351851463317871,
  "summary_bg_p95": 268.4398193359375,
  "summary_bg_stdv": 98.62036571165154,
  "summary_fg_k": 2.8519620196703217,
  "summary_fg_mad": 117.78443919949989,
  "summary_fg_mean": 928.5984579609086,
  "summary_fg_median": 936.6759033203125,
  "summary_fg_n": 48893.0,
  "summary_fg_p05": 663.995361328125,
  "summary_fg_p95": 1135.52783203125,
  "summary_fg_stdv": 145.45986887391393,
  "tsnr": 54.17777667869814
}