{
  "aor": 0.0013977272727272727,
  "aqi": 0.021492933766233766,
  "bids_meta": {
    "AccelFactPE": 2,
    "AcquisitionNumber": 1,
    "AcquisitionTime": "12:36:52.935000",
    "BandwidthPerPixelPhaseEncode": 65.104,
    "ConversionSoftware": "dcm2niix",
    "ConversionSoftwareVersion": "v1.0.20170724 GCC4.4.7",
    "DeviceSerialNumber": "35193",
    "EchoTime": 0.025,
    "EffectiveEchoSpacing": 0.000240001,
    "FlipAngle": 90,
    "ImageType": [
      "ORIGINAL",
      "PRIMARY",
      "M",
      "ND",
      "NORM",
      "MOSAIC"
    ],
    "InstitutionAddress": "Xinjiekouwai_Street_No_19_Beijing_Haidian_District_CN_100875",
    "InstitutionName": "BNU_MRI_Center",
    "MagneticFieldStrength": 3,
    "Manufacturer": "Siemens",
    "ManufacturersModelName": "TrioTim",
    "PhaseEncodingDirection": "j-",
    "PhaseEncodingLines": 64,
    "ProcedureStepDescription": "BNU_cst_2019_Zhu.Bi",
    "ProtocolName": "Learning5_154",
    "RepetitionTime": 2,
    "ScanningSequence": "EP",
    "SequenceName": "_epfid2d1_64",
    "SequenceVariant": "SK",
    "SeriesDescription": "Learning5_154",
    "SliceTiming": [
      0,
      1.0175,
      0.0475,
      1.065,
      0.095,
      1.115,
      0.145,
      1.1625,
      0.1925,
      1.21,
      0.2425,
      1.26,
      0.29,
      1.3075,
      0.3375,
      1.3575,
      0.3875,
      1.405,
      0.435,
      1.4525,
      0.485,
      1.5025,
      0.5325,
      1.55,
      0.58,
      1.6,
      0.63,
      1.6475,
      0.6775,
      1.695,
      0.7275,
      1.745,
      0.775,
      1.7925,
      0.8225,
      1.84,
      0.8725,
      1.89,
      0.92,
      1.9375,
      0.9675
    ],
    "SoftwareVersions": "syngo_MR_B17",
    "TaskName": "encoding",
    "TotalReadoutTime": 0.01488,
    "TrueEchoSpacing": 0.000480001,
    "dataset": "ds003789",
    "modality": "bold",
    "run_id": 5,
    "subject_id": "5437",
    "task_id": "encoding"
  },
  "dummy_trs": 0,
  "dvars_nstd": 34.081801570457515,
  "dvars_std": 1.2065370315032675,
  "dvars_vstd": 1.0086144835947715,
  "efc": 0.5765607468916311,
  "fber": 1291.1221923828125,
  "fd_mean": 0.08867416648991187,
  "fd_num": 6,
  "fd_perc": 3.896103896103896,
  "fwhm_avg": 1.5794294012036219,
  "fwhm_x": 1.4891466666666666,
  "fwhm_y": 1.7409566666666667,
  "fwhm_z": 1.508184870277533,
  "gcor": 0.00404825,
  "gsr_x": -0.002285891678184271,
  "gsr_y": 0.04216168075799942,
  "provenance": {
    "md5sum": "32c8e86a66e578024ed5c1a1a8744b5a",
    "settings": {
      "fd_thres": 0.2,
      "testing": false
    },
    "software": "mriqc",
    "version": "23.1.0"
  },
  "size_t": 154,
  "size_x": 64,
  "size_y": 64,
  "size_z": 41,
  "snr": 6.616185800620406,
  "spacing_tr": 2.0,
  "spacing_x": 3.0,
  "spacing_y": 3.0,
  "spacing_z": 3.299999952316284,
  "summary_bg_k": 19.986165569705353,
  "summary_bg_mad": 18.166690159206855,
  "summary_bg_mean": 60.53466132886236,
  "summary_bg_median": 25.376623153686523,
  "summary_bg_n": 119184.0,
  "summary_bg_p05": 10.01948070526123,
  "summary_bg_p95": 253.67532348632812,
  "summary_bg_stdv": 95.1375706667264,
  "summary_fg_k": 3.0230617257809866,
  "summary_fg_mad": 111.2673780926545,
  "summary_fg_mean": 904.8720596905885,
  "summary_fg_median": 911.837646484375,
  "summary_fg_n": 48752.0,
  "summary_fg_p05": 655.4610595703125,
  "summary_fg_p95": 1103.142822265625,
  "summary_fg_stdv": 137.8178186219603,
  "tsnr": 49.721192205441184
}