{
  "aor": 0.001551503267973856,
  "aqi": 0.03308166078431372,
  "bids_meta": {
    "AccelFactPE": 2,
    "AcquisitionNumber": 1,
    "AcquisitionTime": "12:42:42.635000",
    "BandwidthPerPixelPhaseEncode": 65.104,
    "ConversionSoftware": "dcm2niix",
    "ConversionSoftwareVersion": "v1.0.20170724 GCC4.4.7",
    "DeviceSerialNumber": "35193",
    "EchoTime": 0.025,
    "EffectiveEchoSpacing": 0.000240001,
    "FlipAngle": 90,
    "ImageType": [
      "ORIGINAL",
      "PRIMARY",
      "M",
      "ND",
      "NORM",
      "MOSAIC"
    ],
    "InstitutionAddress": "Xinjiekouwai_Street_No_19_Beijing_Haidian_District_CN_100875",
    "InstitutionName": "BNU_MRI_Center",
    "MagneticFieldStrength": 3,
    "Manufacturer": "Siemens",
    "ManufacturersModelName": "TrioTim",
    "PhaseEncodingDirection": "j-",
    "PhaseEncodingLines": 64,
    "ProcedureStepDescription": "BNU_cst_2019_Zhu.Bi",
    "ProtocolName": "Learning6_154",
    "RepetitionTime": 2,
    "ScanningSequence": "EP",
    "SequenceName": "_epfid2d1_64",
    "SequenceVariant": "SK",
    "SeriesDescription": "Learning6_154",
    "SliceTiming": [
      0,
      1.02,
      0.05,
      1.0675,
      0.0975,
      1.115,
      0.1475,
      1.165,
      0.195,
      1.2125,
      0.2425,
      1.2625,
      0.2925,
      1.31,
      0.34,
      1.3575,
      0.39,
      1.4075,
      0.4375,
      1.455,
      0.485,
      1.505,
      0.535,
      1.5525,
      0.5825,
      1.6,
      0.6325,
      1.65,
      0.68,
      1.6975,
      0.7275,
      1.7475,
      0.7775,
      1.795,
      0.825,
      1.8425,
      0.875,
      1.8925,
      0.9225,
      1.94,
      0.97
    ],
    "SoftwareVersions": "syngo_MR_B17",
    "TaskName": "encoding",
    "TotalReadoutTime": 0.01488,
    "TrueEchoSpacing": 0.000480001,
    "dataset": "ds003789",
    "modality": "bold",
    "run_id": 6,
    "subject_id": "5437",
    "task_id": "encoding"
  },
  "dummy_trs": 1,
  "dvars_nstd": 33.467060340131574,
  "dvars_std": 1.1239140858552634,
  "dvars_vstd": 0.9702123306578948,
  "efc": 0.5756229941862501,
  "fber": 1311.0731201171875,
  "fd_mean": 0.13617469395129475,
  "fd_num": 22,
  "fd_perc": 14.379084967320262,
  "fwhm_avg": 1.597102027552727,
  "fwhm_x": 1.5058633333333333,
  "fwhm_y": 1.7593033333333334,
  "fwhm_z": 1.5261394159915147,
  "gcor": 0.00326471,
  "gsr_x": -0.0009664414683356881,
  "gsr_y": 0.043907444924116135,
  "provenance": {
    "md5sum": "e0a7f3e207986a917f0188ad8adf8f6f",
    "settings": {
      "fd_thres": 0.2,
      "testing": false
    },
    "software": "mriqc",
    "version": "23.1.0"
  },
  "size_t": 153,
  "size_x": 64,
  "size_y": 64,
  "size_z": 41,
  "snr": 6.5494294731167555,
  "spacing_tr": 2.0,
  "spacing_x": 3.0,
  "spacing_y": 3.0,
  "spacing_z": 3.299999952316284,
  "summary_bg_k": 19.83581055424648,
  "summary_bg_mad": 18.314498492334963,
  "summary_bg_mean": 60.05991939874544,
  "summary_bg_median": 25.189542770385742,
  "summary_bg_n": 119240.0,
  "summary_bg_p05": 9.447712421417236,
  "summary_bg_p95": 252.11111450195312,
  "summary_bg_stdv": 94.28798194612496,
  "summary_fg_k": 2.8521794412984427,
  "summary_fg_mad": 109.13600166726559,
  "summary_fg_mean": 904.4392590659072,
  "summary_fg_median": 912.0816955566406,
  "summary_fg_n": 48696.0,
  "summary_fg_p05": 641.6470947265625,
  "summary_fg_p95": 1104.509765625,
  "summary_fg_stdv": 139.25981403336843,
  "tsnr": 42.73188628396019
}