{
  "aor": 0.0006059740259740259,
  "aqi": 0.014886540259740262,
  "bids_meta": {
    "AccelFactPE": 2,
    "AcquisitionNumber": 1,
    "AcquisitionTime": "12:23:46.465000",
    "BandwidthPerPixelPhaseEncode": 65.104,
    "ConversionSoftware": "dcm2niix",
    "ConversionSoftwareVersion": "v1.0.20170724 GCC4.4.7",
    "DeviceSerialNumber": "35193",
    "EchoTime": 0.025,
    "EffectiveEchoSpacing": 0.000240001,
    "FlipAngle": 90,
    "ImageType": [
      "ORIGINAL",
      "PRIMARY",
      "M",
      "ND",
      "NORM",
      "MOSAIC"
    ],
    "InstitutionAddress": "Xinjiekouwai_Street_No_19_Beijing_Haidian_District_CN_100875",
    "InstitutionName": "BNU_MRI_Center",
    "MagneticFieldStrength": 3,
    "Manufacturer": "Siemens",
    "ManufacturersModelName": "TrioTim",
    "PhaseEncodingDirection": "j-",
    "PhaseEncodingLines": 64,
    "ProcedureStepDescription": "BNU_cst_2019_Zhu.Bi",
    "ProtocolName": "Learning3_154",
    "RepetitionTime": 2,
    "ScanningSequence": "EP",
    "SequenceName": "_epfid2d1_64",
    "SequenceVariant": "SK",
    "SeriesDescription": "Learning3_154",
    "SliceTiming": [
      0,
      1.0175,
      0.0475,
      1.065,
      0.095,
      1.115,
      0.145,
      1.1625,
      0.1925,
      1.21,
      0.2425,
      1.26,
      0.29,
      1.3075,
      0.3375,
      1.355,
      0.3875,
      1.405,
      0.435,
      1.4525,
      0.4825,
      1.5025,
      0.5325,
      1.55,
      0.58,
      1.5975,
      0.63,
      1.6475,
      0.6775,
      1.695,
      0.725,
      1.745,
      0.775,
      1.7925,
      0.8225,
      1.84,
      0.8725,
      1.89,
      0.92,
      1.9375,
      0.9675
    ],
    "SoftwareVersions": "syngo_MR_B17",
    "TaskName": "encoding",
    "TotalReadoutTime": 0.01488,
    "TrueEchoSpacing": 0.000480001,
    "dataset": "ds003789",
    "modality": "bold",
    "run_id": 3,
    "subject_id": "5437",
    "task_id": "encoding"
  },
  "dummy_trs": 0,
  "dvars_nstd": 34.447754080653596,
  "dvars_std": 1.235435956209151,
  "dvars_vstd": 1.0197375329411762,
  "efc": 0.5745674405680958,
  "fber": 1287.858642578125,
  "fd_mean": 0.06715062680322358,
  "fd_num": 0,
  "fd_perc": 0.0,
  "fwhm_avg": 1.566378290087213,
  "fwhm_x": 1.4784033333333333,
  "fwhm_y": 1.7136466666666665,
  "fwhm_z": 1.5070848702616384,
  "gcor": 0.00567987,
  "gsr_x": -0.001719859428703785,
  "gsr_y": 0.04283478856086731,
  "provenance": {
    "md5sum": "6de81c2603eb9846b76e90041135d338",
    "settings": {
      "fd_thres": 0.2,
      "testing": false
    },
    "software": "mriqc",
    "version": "23.1.0"
  },
  "size_t": 154,
  "size_x": 64,
  "size_y": 64,
  "size_z": 41,
  "snr": 6.591571987811779,
  "spacing_tr": 2.0,
  "spacing_x": 3.0,
  "spacing_y": 3.0,
  "spacing_z": 3.299999952316284,
  "summary_bg_k": 20.48743725589613,
  "summary_bg_mad": 17.656446144660887,
  "summary_bg_mean": 58.935216176843774,
  "summary_bg_median": 25.285715103149414,
  "summary_bg_n": 119267.0,
  "summary_bg_p05": 10.266233444213867,
  "summary_bg_p95": 248.82467651367188,
  "summary_bg_stdv": 92.98563041977796,
  "summary_fg_k": 3.1291532104681155,
  "summary_fg_mad": 110.66570437739303,
  "summary_fg_mean": 900.2287907494099,
  "summary_fg_median": 907.4220581054688,
  "summary_fg_n": 48669.0,
  "summary_fg_p05": 650.7857055664062,
  "summary_fg_p95": 1096.1883544921875,
  "summary_fg_stdv": 137.66256931624852,
  "tsnr": 55.55644497903995
}