{
  "bids_meta": {
    "AcquisitionNumber": 1,
    "AcquisitionTime": "15:33:20.267500",
    "ConversionSoftware": "dcm2niix",
    "ConversionSoftwareVersion": "v1.0.20170724 GCC4.4.7",
    "DeviceSerialNumber": "35193",
    "EchoTime": 0.00309,
    "FlipAngle": 10,
    "ImageType": [
      "ORIGINAL",
      "PRIMARY",
      "M",
      "ND",
      "NORM"
    ],
    "InstitutionAddress": "Xinjiekouwai_Street_No_19_Beijing_Haidian_District_CN_100875",
    "InstitutionName": "BNU_MRI_Center",
    "InversionTime": 0.8,
    "MagneticFieldStrength": 3,
    "Manufacturer": "Siemens",
    "ManufacturersModelName": "TrioTim",
    "PhaseEncodingDirection": "i-",
    "PhaseEncodingLines": 256,
    "ProcedureStepDescription": "BNU_cst_2019_Zhu.Bi",
    "ProtocolName": "UCI_MPRAGE_Sag_1x1x1",
    "RepetitionTime": 2.53,
    "ScanningSequence": "GR_IR",
    "SequenceName": "_tfl3d1_ns",
    "SequenceVariant": "SP_MP",
    "SeriesDescription": "UCI_MPRAGE_Sag_1x1x1",
    "SoftwareVersions": "syngo_MR_B17",
    "dataset": "ds003789",
    "modality": "T1w",
    "subject_id": "5415"
  },
  "cjv": 0.5454713074611816,
  "cnr": 1.8131333997365542,
  "efc": 0.5507182381111883,
  "fber": 8421.995102040817,
  "fwhm_avg": 4.297866933063683,
  "fwhm_x": 4.353190799191049,
  "fwhm_y": 4.3726,
  "fwhm_z": 4.16781,
  "icvs_csf": 0.2885065481786804,
  "icvs_gm": 0.3737749325483292,
  "icvs_wm": 0.3377185192729904,
  "inu_med": 0.5971313714981079,
  "inu_range": 0.2385389804840088,
  "provenance": {
    "md5sum": "460bac090b4a25c0131e9fbd61c95966",
    "settings": {
      "testing": false
    },
    "software": "mriqc",
    "version": "23.1.0",
    "warnings": {
      "large_rot_frame": true,
      "small_air_mask": false
    }
  },
  "qi_1": 0.0,
  "qi_2": 0.0024478253736290837,
  "rpve_csf": 8.533574035199486,
  "rpve_gm": 8.455831298403792,
  "rpve_wm": 8.551338390899803,
  "size_x": 208,
  "size_y": 256,
  "size_z": 256,
  "snr_csf": 1.8576487955222187,
  "snr_gm": 4.631693030753858,
  "snr_total": 5.728458363598581,
  "snr_wm": 10.696033264519668,
  "snrd_csf": 22.678045039429804,
  "snrd_gm": 44.98776916174591,
  "snrd_total": 44.5134164654631,
  "snrd_wm": 65.87443519521358,
  "spacing_x": 1.0000044107437134,
  "spacing_y": 1.0,
  "spacing_z": 1.0,
  "summary_bg_k": 6.917190743481939,
  "summary_bg_mad": 0.0,
  "summary_bg_mean": 5.8739479015261145,
  "summary_bg_median": 0.0,
  "summary_bg_n": 4818563.0,
  "summary_bg_p05": 0.0,
  "summary_bg_p95": 25.930967338383198,
  "summary_bg_stdv": 9.559957725357746,
  "summary_csf_k": -0.7386370988979145,
  "summary_csf_mad": 146.2784529379245,
  "summary_csf_mean": 346.8691351862239,
  "summary_csf_median": 330.925211712718,
  "summary_csf_n": 455579.53642293136,
  "summary_csf_p05": 80.93393439799547,
  "summary_csf_p95": 657.2784762904048,
  "summary_csf_stdv": 178.14177217928335,
  "summary_gm_k": -0.5334866101614724,
  "summary_gm_mad": 97.84667651419004,
  "summary_gm_mean": 657.6362411111483,
  "summary_gm_median": 656.4757680147886,
  "summary_gm_n": 590226.5011725777,
  "summary_gm_p05": 419.5372252687812,
  "summary_gm_p95": 917.1465554311872,
  "summary_gm_stdv": 141.73547502689388,
  "summary_wm_k": -0.4232538706773181,
  "summary_wm_mad": 68.40470986343692,
  "summary_wm_mean": 939.5780700579968,
  "summary_wm_median": 961.260610230267,
  "summary_wm_n": 533289.9631676273,
  "summary_wm_p05": 758.1056157797575,
  "summary_wm_p95": 1051.9317450150847,
  "summary_wm_stdv": 89.87067309928575,
  "tpm_overlap_csf": 0.19282862030655196,
  "tpm_overlap_gm": 0.5296829412734759,
  "tpm_overlap_wm": 0.5574511548342008,
  "wm2max": 0.5393819520601598
}