{
  "aor": 0.0005926851851851851,
  "aqi": 0.021714130092592595,
  "bids_meta": {
    "AccelFactPE": 2,
    "AcquisitionNumber": 1,
    "AcquisitionTime": "09:46:45.335000",
    "BandwidthPerPixelPhaseEncode": 65.104,
    "ConversionSoftware": "dcm2niix",
    "ConversionSoftwareVersion": "v1.0.20170724 GCC4.4.7",
    "DeviceSerialNumber": "35193",
    "EchoTime": 0.025,
    "EffectiveEchoSpacing": 0.000240001,
    "FlipAngle": 90,
    "ImageType": [
      "ORIGINAL",
      "PRIMARY",
      "M",
      "ND",
      "NORM",
      "MOSAIC"
    ],
    "InstitutionAddress": "Xinjiekouwai_Street_No_19_Beijing_Haidian_District_CN_100875",
    "InstitutionName": "BNU_MRI_Center",
    "MagneticFieldStrength": 3,
    "Manufacturer": "Siemens",
    "ManufacturersModelName": "TrioTim",
    "PhaseEncodingDirection": "j-",
    "PhaseEncodingLines": 64,
    "ProcedureStepDescription": "BNU_cst_2019_Zhu.Bi",
    "ProtocolName": "Test1_216",
    "RepetitionTime": 2,
    "ScanningSequence": "EP",
    "SequenceName": "_epfid2d1_64",
    "SequenceVariant": "SK",
    "SeriesDescription": "Test1_216",
    "SliceTiming": [
      0,
      1.0175,
      0.0475,
      1.065,
      0.095,
      1.115,
      0.145,
      1.1625,
      0.1925,
      1.21,
      0.2425,
      1.26,
      0.29,
      1.3075,
      0.3375,
      1.3575,
      0.3875,
      1.405,
      0.435,
      1.4525,
      0.485,
      1.5025,
      0.5325,
      1.55,
      0.58,
      1.6,
      0.63,
      1.6475,
      0.6775,
      1.695,
      0.725,
      1.745,
      0.775,
      1.7925,
      0.8225,
      1.84,
      0.8725,
      1.89,
      0.92,
      1.9375,
      0.9675
    ],
    "SoftwareVersions": "syngo_MR_B17",
    "TaskName": "retrieval",
    "TotalReadoutTime": 0.01488,
    "TrueEchoSpacing": 0.000480001,
    "dataset": "ds003789",
    "modality": "bold",
    "run_id": 1,
    "subject_id": "5422",
    "task_id": "retrieval"
  },
  "dummy_trs": 0,
  "dvars_nstd": 29.281571295023255,
  "dvars_std": 1.0403537837209302,
  "dvars_vstd": 0.9834892237674417,
  "efc": 0.5962160198282626,
  "fber": 817.4174194335938,
  "fd_mean": 0.07715249799987699,
  "fd_num": 1,
  "fd_perc": 0.46296296296296297,
  "fwhm_avg": 1.5497693001503474,
  "fwhm_x": 1.4899033333333334,
  "fwhm_y": 1.6601833333333333,
  "fwhm_z": 1.4992212337843756,
  "gcor": 0.00465805,
  "gsr_x": 0.02170451171696186,
  "gsr_y": 0.04820821434259415,
  "provenance": {
    "md5sum": "869977d7da5acebe2159994be28b4339",
    "settings": {
      "fd_thres": 0.2,
      "testing": false
    },
    "software": "mriqc",
    "version": "23.1.0"
  },
  "size_t": 216,
  "size_x": 64,
  "size_y": 64,
  "size_z": 41,
  "snr": 6.482119889881942,
  "spacing_tr": 2.0,
  "spacing_x": 3.0,
  "spacing_y": 3.0,
  "spacing_z": 3.299999952316284,
  "summary_bg_k": 12.345270759105166,
  "summary_bg_mad": 22.355718411217065,
  "summary_bg_mean": 68.58753484160907,
  "summary_bg_median": 27.72222328186035,
  "summary_bg_n": 120011.0,
  "summary_bg_p05": 8.976851463317871,
  "summary_bg_p95": 289.7962951660156,
  "summary_bg_stdv": 99.93998195523446,
  "summary_fg_k": 2.431548537005499,
  "summary_fg_mad": 102.92412097923795,
  "summary_fg_mean": 785.2443049401894,
  "summary_fg_median": 792.5925903320312,
  "summary_fg_n": 47925.0,
  "summary_fg_p05": 559.86572265625,
  "summary_fg_p95": 959.4444580078125,
  "summary_fg_stdv": 122.27239462706949,
  "tsnr": 44.25569509156048
}