{
  "aor": 0.0006918181818181818,
  "aqi": 0.012592111038961039,
  "bids_meta": {
    "AccelFactPE": 2,
    "AcquisitionNumber": 1,
    "AcquisitionTime": "11:14:0.537500",
    "BandwidthPerPixelPhaseEncode": 65.104,
    "ConversionSoftware": "dcm2niix",
    "ConversionSoftwareVersion": "v1.0.20170724 GCC4.4.7",
    "DeviceSerialNumber": "35193",
    "EchoTime": 0.025,
    "EffectiveEchoSpacing": 0.000240001,
    "FlipAngle": 90,
    "ImageType": [
      "ORIGINAL",
      "PRIMARY",
      "M",
      "ND",
      "NORM",
      "MOSAIC"
    ],
    "InstitutionAddress": "Xinjiekouwai_Street_No_19_Beijing_Haidian_District_CN_100875",
    "InstitutionName": "Beijing_Normal_Universtiy_7C3C54",
    "MagneticFieldStrength": 3,
    "Manufacturer": "Siemens",
    "ManufacturersModelName": "TrioTim",
    "PhaseEncodingDirection": "j-",
    "PhaseEncodingLines": 64,
    "ProcedureStepDescription": "BNU_cst_2019_Zhu.Bi",
    "ProtocolName": "Learning8_154",
    "RepetitionTime": 2,
    "ScanningSequence": "EP",
    "SequenceName": "_epfid2d1_64",
    "SequenceVariant": "SK",
    "SeriesDescription": "Learning8_154",
    "SliceTiming": [
      0,
      1.0175,
      0.0475,
      1.065,
      0.0975,
      1.115,
      0.145,
      1.1625,
      0.1925,
      1.21,
      0.2425,
      1.26,
      0.29,
      1.3075,
      0.3375,
      1.3575,
      0.3875,
      1.405,
      0.435,
      1.4525,
      0.485,
      1.5025,
      0.5325,
      1.55,
      0.58,
      1.6,
      0.63,
      1.6475,
      0.6775,
      1.695,
      0.7275,
      1.745,
      0.775,
      1.7925,
      0.8225,
      1.8425,
      0.8725,
      1.89,
      0.92,
      1.9375,
      0.97
    ],
    "SoftwareVersions": "syngo_MR_B17",
    "TaskName": "encoding",
    "TotalReadoutTime": 0.01488,
    "TrueEchoSpacing": 0.000480001,
    "dataset": "ds003789",
    "modality": "bold",
    "run_id": 8,
    "subject_id": "5422",
    "task_id": "encoding"
  },
  "dummy_trs": 0,
  "dvars_nstd": 29.988165388235316,
  "dvars_std": 1.0927534671895427,
  "dvars_vstd": 1.0219122752941177,
  "efc": 0.6000975574282944,
  "fber": 784.0125122070312,
  "fd_mean": 0.08942018652702402,
  "fd_num": 4,
  "fd_perc": 2.5974025974025974,
  "fwhm_avg": 1.5333776839131845,
  "fwhm_x": 1.4760933333333333,
  "fwhm_y": 1.6405033333333332,
  "fwhm_z": 1.483536385072887,
  "gcor": 0.0114238,
  "gsr_x": 0.02342965640127659,
  "gsr_y": 0.04291686415672302,
  "provenance": {
    "md5sum": "87168545a28fc74d58ba8c33c1bab9e9",
    "settings": {
      "fd_thres": 0.2,
      "testing": false
    },
    "software": "mriqc",
    "version": "23.1.0"
  },
  "size_t": 154,
  "size_x": 64,
  "size_y": 64,
  "size_z": 41,
  "snr": 6.419599593844933,
  "spacing_tr": 2.0,
  "spacing_x": 3.0,
  "spacing_y": 3.0,
  "spacing_z": 3.299999952316284,
  "summary_bg_k": 10.084354203053966,
  "summary_bg_mad": 23.23064482551624,
  "summary_bg_mean": 72.23752570885325,
  "summary_bg_median": 29.123376846313477,
  "summary_bg_n": 119559.0,
  "summary_bg_p05": 9.642857551574707,
  "summary_bg_p95": 308.75323486328125,
  "summary_bg_stdv": 104.25227918808449,
  "summary_fg_k": 2.798979934067906,
  "summary_fg_mad": 107.43083718335383,
  "summary_fg_mean": 807.4677111909169,
  "summary_fg_median": 815.4610595703125,
  "summary_fg_n": 48377.0,
  "summary_fg_p05": 572.7207641601562,
  "summary_fg_p95": 986.06494140625,
  "summary_fg_stdv": 127.02546621739094,
  "tsnr": 50.47087585355621
}