{
  "aor": 0.0007149999999999998,
  "aqi": 0.012041577129629631,
  "bids_meta": {
    "AccelFactPE": 2,
    "AcquisitionNumber": 1,
    "AcquisitionTime": "11:36:22.960000",
    "BandwidthPerPixelPhaseEncode": 65.104,
    "ConversionSoftware": "dcm2niix",
    "ConversionSoftwareVersion": "v1.0.20170724 GCC4.4.7",
    "DeviceSerialNumber": "35193",
    "EchoTime": 0.025,
    "EffectiveEchoSpacing": 0.000240001,
    "FlipAngle": 90,
    "ImageType": [
      "ORIGINAL",
      "PRIMARY",
      "M",
      "ND",
      "NORM",
      "MOSAIC"
    ],
    "InstitutionAddress": "Xinjiekouwai_Street_No_19_Beijing_Haidian_District_CN_100875",
    "InstitutionName": "BNU_MRI_Center",
    "MagneticFieldStrength": 3,
    "Manufacturer": "Siemens",
    "ManufacturersModelName": "TrioTim",
    "PhaseEncodingDirection": "j-",
    "PhaseEncodingLines": 64,
    "ProcedureStepDescription": "BNU_cst_2019_Zhu.Bi",
    "ProtocolName": "Test3_216",
    "RepetitionTime": 2,
    "ScanningSequence": "EP",
    "SequenceName": "_epfid2d1_64",
    "SequenceVariant": "SK",
    "SeriesDescription": "Test3_216",
    "SliceTiming": [
      0,
      1.02,
      0.05,
      1.0675,
      0.0975,
      1.115,
      0.1475,
      1.165,
      0.195,
      1.2125,
      0.2425,
      1.2625,
      0.2925,
      1.31,
      0.34,
      1.3575,
      0.39,
      1.4075,
      0.4375,
      1.455,
      0.485,
      1.505,
      0.535,
      1.5525,
      0.5825,
      1.6,
      0.6325,
      1.65,
      0.68,
      1.6975,
      0.7275,
      1.7475,
      0.7775,
      1.795,
      0.825,
      1.8425,
      0.8725,
      1.8925,
      0.9225,
      1.94,
      0.97
    ],
    "SoftwareVersions": "syngo_MR_B17",
    "TaskName": "retrieval",
    "TotalReadoutTime": 0.01488,
    "TrueEchoSpacing": 0.000480001,
    "dataset": "ds003789",
    "modality": "bold",
    "run_id": 3,
    "subject_id": "5420",
    "task_id": "retrieval"
  },
  "dummy_trs": 0,
  "dvars_nstd": 29.478412619255813,
  "dvars_std": 1.1094227815813957,
  "dvars_vstd": 1.0063164731162795,
  "efc": 0.5824832756739627,
  "fber": 1068.349365234375,
  "fd_mean": 0.08227148980841627,
  "fd_num": 3,
  "fd_perc": 1.3888888888888888,
  "fwhm_avg": 1.5620385931301557,
  "fwhm_x": 1.5007400000000002,
  "fwhm_y": 1.6756666666666666,
  "fwhm_z": 1.5097091127238,
  "gcor": 0.0164943,
  "gsr_x": 0.016684476286172867,
  "gsr_y": 0.024678220972418785,
  "provenance": {
    "md5sum": "fd08ecaf11bb912fdfa408c52d98b0bd",
    "settings": {
      "fd_thres": 0.2,
      "testing": false
    },
    "software": "mriqc",
    "version": "23.1.0"
  },
  "size_t": 216,
  "size_x": 64,
  "size_y": 64,
  "size_z": 41,
  "snr": 6.208443876502898,
  "spacing_tr": 2.0,
  "spacing_x": 3.0,
  "spacing_y": 3.0,
  "spacing_z": 3.299999952316284,
  "summary_bg_k": 14.003236323118966,
  "summary_bg_mad": 20.783885137062974,
  "summary_bg_mean": 67.97315605124933,
  "summary_bg_median": 27.773147583007812,
  "summary_bg_n": 119918.0,
  "summary_bg_p05": 9.203703880310059,
  "summary_bg_p95": 292.5740661621094,
  "summary_bg_stdv": 102.88990333843547,
  "summary_fg_k": 2.511223940467276,
  "summary_fg_mad": 124.93326223191272,
  "summary_fg_mean": 901.7988759627559,
  "summary_fg_median": 907.7824096679688,
  "summary_fg_n": 48018.0,
  "summary_fg_p05": 638.63427734375,
  "summary_fg_p95": 1111.65283203125,
  "summary_fg_stdv": 146.21585942531144,
  "tsnr": 52.31664617895149
}