{
  "aor": 0.001061574074074074,
  "aqi": 0.01210969625,
  "bids_meta": {
    "AccelFactPE": 2,
    "AcquisitionNumber": 1,
    "AcquisitionTime": "11:28:26.150000",
    "BandwidthPerPixelPhaseEncode": 65.104,
    "ConversionSoftware": "dcm2niix",
    "ConversionSoftwareVersion": "v1.0.20170724 GCC4.4.7",
    "DeviceSerialNumber": "35193",
    "EchoTime": 0.025,
    "EffectiveEchoSpacing": 0.000240001,
    "FlipAngle": 90,
    "ImageType": [
      "ORIGINAL",
      "PRIMARY",
      "M",
      "ND",
      "NORM",
      "MOSAIC"
    ],
    "InstitutionAddress": "Xinjiekouwai_Street_No_19_Beijing_Haidian_District_CN_100875",
    "InstitutionName": "BNU_MRI_Center",
    "MagneticFieldStrength": 3,
    "Manufacturer": "Siemens",
    "ManufacturersModelName": "TrioTim",
    "PhaseEncodingDirection": "j-",
    "PhaseEncodingLines": 64,
    "ProcedureStepDescription": "BNU_cst_2019_Zhu.Bi",
    "ProtocolName": "Test2_216",
    "RepetitionTime": 2,
    "ScanningSequence": "EP",
    "SequenceName": "_epfid2d1_64",
    "SequenceVariant": "SK",
    "SeriesDescription": "Test2_216",
    "SliceTiming": [
      0,
      1.0175,
      0.05,
      1.0675,
      0.0975,
      1.115,
      0.145,
      1.165,
      0.195,
      1.2125,
      0.2425,
      1.26,
      0.2925,
      1.31,
      0.34,
      1.3575,
      0.3875,
      1.405,
      0.4375,
      1.455,
      0.485,
      1.5025,
      0.5325,
      1.5525,
      0.5825,
      1.6,
      0.63,
      1.6475,
      0.68,
      1.6975,
      0.7275,
      1.745,
      0.775,
      1.795,
      0.825,
      1.8425,
      0.8725,
      1.89,
      0.9225,
      1.94,
      0.97
    ],
    "SoftwareVersions": "syngo_MR_B17",
    "TaskName": "retrieval",
    "TotalReadoutTime": 0.01488,
    "TrueEchoSpacing": 0.000480001,
    "dataset": "ds003789",
    "modality": "bold",
    "run_id": 2,
    "subject_id": "5420",
    "task_id": "retrieval"
  },
  "dummy_trs": 0,
  "dvars_nstd": 29.28013575358138,
  "dvars_std": 1.0989144478604653,
  "dvars_vstd": 1.0128012906046513,
  "efc": 0.581632524315258,
  "fber": 1100.6153564453125,
  "fd_mean": 0.10828172903310988,
  "fd_num": 17,
  "fd_perc": 7.87037037037037,
  "fwhm_avg": 1.559019199199665,
  "fwhm_x": 1.4985333333333333,
  "fwhm_y": 1.6669666666666665,
  "fwhm_z": 1.5115575975989948,
  "gcor": 0.0161897,
  "gsr_x": 0.016058476641774178,
  "gsr_y": 0.02473621256649494,
  "provenance": {
    "md5sum": "72fbbf583faa2b91bb8113352a1b70c4",
    "settings": {
      "fd_thres": 0.2,
      "testing": false
    },
    "software": "mriqc",
    "version": "23.1.0"
  },
  "size_t": 216,
  "size_x": 64,
  "size_y": 64,
  "size_z": 41,
  "snr": 6.23622417511923,
  "spacing_tr": 2.0,
  "spacing_x": 3.0,
  "spacing_y": 3.0,
  "spacing_z": 3.299999952316284,
  "summary_bg_k": 14.053348396027037,
  "summary_bg_mad": 20.536787123844803,
  "summary_bg_mean": 67.32726136820818,
  "summary_bg_median": 27.351852416992188,
  "summary_bg_n": 119960.0,
  "summary_bg_p05": 8.861111640930176,
  "summary_bg_p95": 289.84490966796875,
  "summary_bg_stdv": 101.90121766810161,
  "summary_fg_k": 2.472605817790674,
  "summary_fg_mad": 124.48021975101986,
  "summary_fg_mean": 901.2699328645857,
  "summary_fg_median": 907.4120483398438,
  "summary_fg_n": 47976.0,
  "summary_fg_p05": 642.4305419921875,
  "summary_fg_p95": 1110.5740966796875,
  "summary_fg_stdv": 145.50512712059611,
  "tsnr": 52.48690294683911
}