{
  "bids_meta": {
    "AcquisitionNumber": 1,
    "AcquisitionTime": "12:45:20.000000",
    "ConversionSoftware": "dcm2niix",
    "ConversionSoftwareVersion": "v1.0.20170724 GCC4.4.7",
    "DeviceSerialNumber": "35193",
    "EchoTime": 0.00309,
    "FlipAngle": 10,
    "ImageType": [
      "ORIGINAL",
      "PRIMARY",
      "M",
      "ND",
      "NORM"
    ],
    "InstitutionAddress": "Xinjiekouwai_Street_No_19_Beijing_Haidian_District_CN_100875",
    "InstitutionName": "BNU_MRI_Center",
    "InversionTime": 0.8,
    "MagneticFieldStrength": 3,
    "Manufacturer": "Siemens",
    "ManufacturersModelName": "TrioTim",
    "PhaseEncodingDirection": "i-",
    "PhaseEncodingLines": 256,
    "ProcedureStepDescription": "BNU_cst_2015_Zhu.Bi",
    "ProtocolName": "UCI_MPRAGE_Sag_1x1x1",
    "RepetitionTime": 2.53,
    "ScanningSequence": "GR_IR",
    "SequenceName": "_tfl3d1_ns",
    "SequenceVariant": "SP_MP",
    "SeriesDescription": "UCI_MPRAGE_Sag_1x1x1",
    "SoftwareVersions": "syngo_MR_B17",
    "dataset": "ds003789",
    "modality": "T1w",
    "subject_id": "5433"
  },
  "cjv": 0.5463255728454859,
  "cnr": 1.8089104129852327,
  "efc": 0.5423275843830908,
  "fber": 8526.867753683719,
  "fwhm_avg": 4.18119,
  "fwhm_x": 4.22568,
  "fwhm_y": 4.34705,
  "fwhm_z": 3.97084,
  "icvs_csf": 0.26989058814102557,
  "icvs_gm": 0.3825908037689392,
  "icvs_wm": 0.34751860809003526,
  "inu_med": 0.5952540636062622,
  "inu_range": 0.27215023040771474,
  "provenance": {
    "md5sum": "f3794c80ed0df1364f8e90d4faccf654",
    "settings": {
      "testing": false
    },
    "software": "mriqc",
    "version": "23.1.0",
    "warnings": {
      "large_rot_frame": true,
      "small_air_mask": false
    }
  },
  "qi_1": 0.0,
  "qi_2": 0.001477880183033699,
  "rpve_csf": 7.798279430472555,
  "rpve_gm": 7.714379197044881,
  "rpve_wm": 7.827036615108717,
  "size_x": 208,
  "size_y": 256,
  "size_z": 256,
  "snr_csf": 2.125530802064417,
  "snr_gm": 5.03689415848383,
  "snr_total": 5.872798497257661,
  "snr_wm": 10.455970531224738,
  "snrd_csf": 29.470350918928908,
  "snrd_gm": 47.01139804203569,
  "snrd_total": 48.021246745307025,
  "snrd_wm": 67.58199127495647,
  "spacing_x": 1.0,
  "spacing_y": 1.0,
  "spacing_z": 1.0,
  "summary_bg_k": 5.6590712471619415,
  "summary_bg_mad": 0.0,
  "summary_bg_mean": 5.7347982591124245,
  "summary_bg_median": 0.0,
  "summary_bg_n": 4519137.0,
  "summary_bg_p05": 0.0,
  "summary_bg_p95": 24.737101167440414,
  "summary_bg_stdv": 9.302263897231743,
  "summary_csf_k": -0.6080734288432885,
  "summary_csf_mad": 143.66665024092993,
  "summary_csf_mean": 418.6731650682638,
  "summary_csf_median": 418.44870990514755,
  "summary_csf_n": 464478.7337183388,
  "summary_csf_p05": 93.76102396845818,
  "summary_csf_p95": 722.4927379488945,
  "summary_csf_stdv": 196.8676525640952,
  "summary_gm_k": -0.534310543576094,
  "summary_gm_mad": 91.50508786285012,
  "summary_gm_mean": 675.2372412186519,
  "summary_gm_median": 667.5135601758957,
  "summary_gm_n": 658434.5652469444,
  "summary_gm_p05": 465.0645596086979,
  "summary_gm_p95": 927.4824964106083,
  "summary_gm_stdv": 132.52473295612276,
  "summary_wm_k": -0.35335476374412966,
  "summary_wm_mad": 68.06639182936993,
  "summary_wm_mean": 938.019411362896,
  "summary_wm_median": 959.5948531329632,
  "summary_wm_n": 598075.7022355861,
  "summary_wm_p05": 753.4052923321724,
  "summary_wm_p95": 1053.4617420136929,
  "summary_wm_stdv": 91.77474707218316,
  "tpm_overlap_csf": 0.21288082123251575,
  "tpm_overlap_gm": 0.5317851496240129,
  "tpm_overlap_wm": 0.5363597096357011,
  "wm2max": 0.534874114870181
}