{
  "aor": 0.00036467592592592595,
  "aqi": 0.011476569768518519,
  "bids_meta": {
    "AccelFactPE": 2,
    "AcquisitionNumber": 1,
    "AcquisitionTime": "10:07:2.680000",
    "BandwidthPerPixelPhaseEncode": 65.104,
    "ConversionSoftware": "dcm2niix",
    "ConversionSoftwareVersion": "v1.0.20170724 GCC4.4.7",
    "DeviceSerialNumber": "35193",
    "EchoTime": 0.025,
    "EffectiveEchoSpacing": 0.000240001,
    "FlipAngle": 90,
    "ImageType": [
      "ORIGINAL",
      "PRIMARY",
      "M",
      "ND",
      "NORM",
      "MOSAIC"
    ],
    "InstitutionAddress": "Xinjiekouwai_Street_No_19_Beijing_Haidian_District_CN_100875",
    "InstitutionName": "BNU_MRI_Center",
    "MagneticFieldStrength": 3,
    "Manufacturer": "Siemens",
    "ManufacturersModelName": "TrioTim",
    "PhaseEncodingDirection": "j-",
    "PhaseEncodingLines": 64,
    "ProcedureStepDescription": "BNU_cst_2019_Zhu.Bi",
    "ProtocolName": "Test3_216",
    "RepetitionTime": 2,
    "ScanningSequence": "EP",
    "SequenceName": "_epfid2d1_64",
    "SequenceVariant": "SK",
    "SeriesDescription": "Test3_216",
    "SliceTiming": [
      0,
      1.0175,
      0.0475,
      1.065,
      0.095,
      1.115,
      0.145,
      1.1625,
      0.1925,
      1.21,
      0.2425,
      1.26,
      0.29,
      1.3075,
      0.3375,
      1.355,
      0.3875,
      1.405,
      0.435,
      1.4525,
      0.4825,
      1.5025,
      0.5325,
      1.55,
      0.58,
      1.5975,
      0.63,
      1.6475,
      0.6775,
      1.695,
      0.725,
      1.745,
      0.775,
      1.7925,
      0.8225,
      1.84,
      0.8725,
      1.89,
      0.92,
      1.9375,
      0.9675
    ],
    "SoftwareVersions": "syngo_MR_B17",
    "TaskName": "retrieval",
    "TotalReadoutTime": 0.01488,
    "TrueEchoSpacing": 0.000480001,
    "dataset": "ds003789",
    "modality": "bold",
    "run_id": 3,
    "subject_id": "5439",
    "task_id": "retrieval"
  },
  "dummy_trs": 0,
  "dvars_nstd": 28.05365801972092,
  "dvars_std": 1.0779744697674414,
  "dvars_vstd": 0.9998270211627912,
  "efc": 0.5767523776324603,
  "fber": 930.2898559570312,
  "fd_mean": 0.030749959525441843,
  "fd_num": 0,
  "fd_perc": 0.0,
  "fwhm_avg": 1.5461762697437178,
  "fwhm_x": 1.4815399999999999,
  "fwhm_y": 1.6792766666666665,
  "fwhm_z": 1.4777121425644866,
  "gcor": 0.0209652,
  "gsr_x": 0.011485577560961246,
  "gsr_y": 0.016763264313340187,
  "provenance": {
    "md5sum": "a918d375b81575ea13e1d8918ce5b32f",
    "settings": {
      "fd_thres": 0.2,
      "testing": false
    },
    "software": "mriqc",
    "version": "23.1.0"
  },
  "size_t": 216,
  "size_x": 64,
  "size_y": 64,
  "size_z": 41,
  "snr": 6.252073521332879,
  "spacing_tr": 2.0,
  "spacing_x": 3.0,
  "spacing_y": 3.0,
  "spacing_z": 3.299999952316284,
  "summary_bg_k": 13.794604577468203,
  "summary_bg_mad": 20.674065997285474,
  "summary_bg_mean": 60.58128783376357,
  "summary_bg_median": 28.27777862548828,
  "summary_bg_n": 120380.0,
  "summary_bg_p05": 9.93055534362793,
  "summary_bg_p95": 251.53240966796875,
  "summary_bg_stdv": 89.60798268808469,
  "summary_fg_k": 2.649042765419714,
  "summary_fg_mad": 115.18649190993771,
  "summary_fg_mean": 856.5926551368441,
  "summary_fg_median": 862.49072265625,
  "summary_fg_n": 47556.0,
  "summary_fg_p05": 601.9305419921875,
  "summary_fg_p95": 1054.4212646484375,
  "summary_fg_stdv": 137.9512975186312,
  "tsnr": 53.957233561435714
}