{
  "aor": 0.0005626623376623377,
  "aqi": 0.011108647402597401,
  "bids_meta": {
    "AccelFactPE": 2,
    "AcquisitionNumber": 1,
    "AcquisitionTime": "10:41:24.965000",
    "BandwidthPerPixelPhaseEncode": 65.104,
    "ConversionSoftware": "dcm2niix",
    "ConversionSoftwareVersion": "v1.0.20170724 GCC4.4.7",
    "DeviceSerialNumber": "35193",
    "EchoTime": 0.025,
    "EffectiveEchoSpacing": 0.000240001,
    "FlipAngle": 90,
    "ImageType": [
      "ORIGINAL",
      "PRIMARY",
      "M",
      "ND",
      "NORM",
      "MOSAIC"
    ],
    "InstitutionAddress": "Xinjiekouwai_Street_No_19_Beijing_Haidian_District_CN_100875",
    "InstitutionName": "Beijing_Normal_Universtiy_7C3C54",
    "MagneticFieldStrength": 3,
    "Manufacturer": "Siemens",
    "ManufacturersModelName": "TrioTim",
    "PhaseEncodingDirection": "j-",
    "PhaseEncodingLines": 64,
    "ProcedureStepDescription": "BNU_cst_2019_Zhu.Bi",
    "ProtocolName": "Learning5_154",
    "RepetitionTime": 2,
    "ScanningSequence": "EP",
    "SequenceName": "_epfid2d1_64",
    "SequenceVariant": "SK",
    "SeriesDescription": "Learning5_154",
    "SliceTiming": [
      0,
      1.0175,
      0.05,
      1.0675,
      0.0975,
      1.115,
      0.145,
      1.165,
      0.195,
      1.2125,
      0.2425,
      1.26,
      0.2925,
      1.31,
      0.34,
      1.3575,
      0.3875,
      1.4075,
      0.4375,
      1.455,
      0.485,
      1.5025,
      0.535,
      1.5525,
      0.5825,
      1.6,
      0.63,
      1.65,
      0.68,
      1.6975,
      0.7275,
      1.745,
      0.775,
      1.795,
      0.825,
      1.8425,
      0.8725,
      1.89,
      0.9225,
      1.94,
      0.97
    ],
    "SoftwareVersions": "syngo_MR_B17",
    "TaskName": "encoding",
    "TotalReadoutTime": 0.01488,
    "TrueEchoSpacing": 0.000480001,
    "dataset": "ds003789",
    "modality": "bold",
    "run_id": 5,
    "subject_id": "5439",
    "task_id": "encoding"
  },
  "dummy_trs": 0,
  "dvars_nstd": 29.575784845163405,
  "dvars_std": 1.1282677266666656,
  "dvars_vstd": 1.0197644375163397,
  "efc": 0.5785281558308114,
  "fber": 889.4917602539062,
  "fd_mean": 0.04976392318944402,
  "fd_num": 0,
  "fd_perc": 0.0,
  "fwhm_avg": 1.5649447546267794,
  "fwhm_x": 1.4954366666666665,
  "fwhm_y": 1.7145066666666666,
  "fwhm_z": 1.4848909305470053,
  "gcor": 0.0114121,
  "gsr_x": 0.01116325706243515,
  "gsr_y": 0.017709853127598763,
  "provenance": {
    "md5sum": "c727ef927958d3122d85e742c11b6acc",
    "settings": {
      "fd_thres": 0.2,
      "testing": false
    },
    "software": "mriqc",
    "version": "23.1.0"
  },
  "size_t": 154,
  "size_x": 64,
  "size_y": 64,
  "size_z": 41,
  "snr": 6.310407663311592,
  "spacing_tr": 2.0,
  "spacing_x": 3.0,
  "spacing_y": 3.0,
  "spacing_z": 3.299999952316284,
  "summary_bg_k": 14.056679469338142,
  "summary_bg_mad": 21.69990429836039,
  "summary_bg_mean": 62.97471146057225,
  "summary_bg_median": 29.62986946105957,
  "summary_bg_n": 120302.0,
  "summary_bg_p05": 10.350648880004883,
  "summary_bg_p95": 261.08441162109375,
  "summary_bg_stdv": 92.66345567976848,
  "summary_fg_k": 2.5790653128540173,
  "summary_fg_mad": 116.49498971752993,
  "summary_fg_mean": 877.3614139646578,
  "summary_fg_median": 883.6915588378906,
  "summary_fg_n": 47634.0,
  "summary_fg_p05": 617.727294921875,
  "summary_fg_p95": 1079.4739990234375,
  "summary_fg_stdv": 140.03568867319655,
  "tsnr": 55.789862285833806
}