{
  "aor": 0.0005661688311688311,
  "aqi": 0.011760023506493507,
  "bids_meta": {
    "AccelFactPE": 2,
    "AcquisitionNumber": 1,
    "AcquisitionTime": "10:28:40.887500",
    "BandwidthPerPixelPhaseEncode": 65.104,
    "ConversionSoftware": "dcm2niix",
    "ConversionSoftwareVersion": "v1.0.20170724 GCC4.4.7",
    "DeviceSerialNumber": "35193",
    "EchoTime": 0.025,
    "EffectiveEchoSpacing": 0.000240001,
    "FlipAngle": 90,
    "ImageType": [
      "ORIGINAL",
      "PRIMARY",
      "M",
      "ND",
      "NORM",
      "MOSAIC"
    ],
    "InstitutionAddress": "Xinjiekouwai_Street_No_19_Beijing_Haidian_District_CN_100875",
    "InstitutionName": "Beijing_Normal_Universtiy_7C3C54",
    "MagneticFieldStrength": 3,
    "Manufacturer": "Siemens",
    "ManufacturersModelName": "TrioTim",
    "PhaseEncodingDirection": "j-",
    "PhaseEncodingLines": 64,
    "ProcedureStepDescription": "BNU_cst_2019_Zhu.Bi",
    "ProtocolName": "Learning3_154",
    "RepetitionTime": 2,
    "ScanningSequence": "EP",
    "SequenceName": "_epfid2d1_64",
    "SequenceVariant": "SK",
    "SeriesDescription": "Learning3_154",
    "SliceTiming": [
      0,
      1.0175,
      0.0475,
      1.065,
      0.095,
      1.115,
      0.145,
      1.1625,
      0.1925,
      1.21,
      0.2425,
      1.26,
      0.29,
      1.3075,
      0.3375,
      1.355,
      0.3875,
      1.405,
      0.435,
      1.4525,
      0.4825,
      1.5025,
      0.5325,
      1.55,
      0.58,
      1.5975,
      0.63,
      1.6475,
      0.6775,
      1.695,
      0.725,
      1.745,
      0.775,
      1.7925,
      0.8225,
      1.84,
      0.8725,
      1.89,
      0.92,
      1.9375,
      0.9675
    ],
    "SoftwareVersions": "syngo_MR_B17",
    "TaskName": "encoding",
    "TotalReadoutTime": 0.01488,
    "TrueEchoSpacing": 0.000480001,
    "dataset": "ds003789",
    "modality": "bold",
    "run_id": 3,
    "subject_id": "5439",
    "task_id": "encoding"
  },
  "dummy_trs": 0,
  "dvars_nstd": 28.743858213071867,
  "dvars_std": 1.1114323361437906,
  "dvars_vstd": 1.01622693496732,
  "efc": 0.5773934740669607,
  "fber": 911.0516357421875,
  "fd_mean": 0.04717971190816454,
  "fd_num": 0,
  "fd_perc": 0.0,
  "fwhm_avg": 1.565249704124546,
  "fwhm_x": 1.49305,
  "fwhm_y": 1.7172233333333333,
  "fwhm_z": 1.4854757790403046,
  "gcor": 0.010943,
  "gsr_x": 0.011489558033645153,
  "gsr_y": 0.01813705638051033,
  "provenance": {
    "md5sum": "550eed67320ef8bf8651d1e79b36635a",
    "settings": {
      "fd_thres": 0.2,
      "testing": false
    },
    "software": "mriqc",
    "version": "23.1.0"
  },
  "size_t": 154,
  "size_x": 64,
  "size_y": 64,
  "size_z": 41,
  "snr": 6.264546291318201,
  "spacing_tr": 2.0,
  "spacing_x": 3.0,
  "spacing_y": 3.0,
  "spacing_z": 3.299999952316284,
  "summary_bg_k": 14.265793219305746,
  "summary_bg_mad": 21.632514059657222,
  "summary_bg_mean": 62.32195440586489,
  "summary_bg_median": 29.279220581054688,
  "summary_bg_n": 120300.0,
  "summary_bg_p05": 9.99350643157959,
  "summary_bg_p95": 260.36688232421875,
  "summary_bg_stdv": 92.4995565191295,
  "summary_fg_k": 2.6855403988421056,
  "summary_fg_mad": 115.84512962034988,
  "summary_fg_mean": 877.1518851270683,
  "summary_fg_median": 883.7532348632812,
  "summary_fg_n": 47636.0,
  "summary_fg_p05": 612.8311767578125,
  "summary_fg_p95": 1082.04541015625,
  "summary_fg_stdv": 141.0707045030019,
  "tsnr": 54.365043483674526
}