{
  "aor": 0.0004655844155844156,
  "aqi": 0.014389904545454546,
  "bids_meta": {
    "AccelFactPE": 2,
    "AcquisitionNumber": 1,
    "AcquisitionTime": "14:20:28.860000",
    "BandwidthPerPixelPhaseEncode": 65.104,
    "ConversionSoftware": "dcm2niix",
    "ConversionSoftwareVersion": "v1.0.20170724 GCC4.4.7",
    "DeviceSerialNumber": "35193",
    "EchoTime": 0.025,
    "EffectiveEchoSpacing": 0.000240001,
    "FlipAngle": 90,
    "ImageType": [
      "ORIGINAL",
      "PRIMARY",
      "M",
      "ND",
      "NORM",
      "MOSAIC"
    ],
    "InstitutionAddress": "Xinjiekouwai_Street_No_19_Beijing_Haidian_District_CN_100875",
    "InstitutionName": "BNU_MRI_Center",
    "MagneticFieldStrength": 3,
    "Manufacturer": "Siemens",
    "ManufacturersModelName": "TrioTim",
    "PhaseEncodingDirection": "j-",
    "PhaseEncodingLines": 64,
    "ProcedureStepDescription": "BNU_cst_2019_Zhu.Bi",
    "ProtocolName": "Learning2_154",
    "RepetitionTime": 2,
    "ScanningSequence": "EP",
    "SequenceName": "_epfid2d1_64",
    "SequenceVariant": "SK",
    "SeriesDescription": "Learning2_154",
    "SliceTiming": [
      0,
      1.0175,
      0.05,
      1.0675,
      0.0975,
      1.115,
      0.145,
      1.165,
      0.195,
      1.2125,
      0.2425,
      1.26,
      0.2925,
      1.31,
      0.34,
      1.3575,
      0.3875,
      1.4075,
      0.4375,
      1.455,
      0.485,
      1.5025,
      0.535,
      1.5525,
      0.5825,
      1.6,
      0.63,
      1.65,
      0.68,
      1.6975,
      0.7275,
      1.745,
      0.7775,
      1.795,
      0.825,
      1.8425,
      0.8725,
      1.8925,
      0.9225,
      1.94,
      0.97
    ],
    "SoftwareVersions": "syngo_MR_B17",
    "TaskName": "encoding",
    "TotalReadoutTime": 0.01488,
    "TrueEchoSpacing": 0.000480001,
    "dataset": "ds003789",
    "modality": "bold",
    "run_id": 2,
    "subject_id": "5414",
    "task_id": "encoding"
  },
  "dummy_trs": 0,
  "dvars_nstd": 28.403187907385604,
  "dvars_std": 1.0660060943137248,
  "dvars_vstd": 1.0066155283006535,
  "efc": 0.5471136382684977,
  "fber": 1027.6083984375,
  "fd_mean": 0.08763870210635898,
  "fd_num": 4,
  "fd_perc": 2.5974025974025974,
  "fwhm_avg": 1.6325363711050904,
  "fwhm_x": 1.58045,
  "fwhm_y": 1.7665166666666667,
  "fwhm_z": 1.5506424466486042,
  "gcor": 0.004395,
  "gsr_x": 0.005683652590960264,
  "gsr_y": 0.024983294308185577,
  "provenance": {
    "md5sum": "8cd7b2c63ea202818a9a60f76cc853d2",
    "settings": {
      "fd_thres": 0.2,
      "testing": false
    },
    "software": "mriqc",
    "version": "23.1.0"
  },
  "size_t": 154,
  "size_x": 64,
  "size_y": 64,
  "size_z": 41,
  "snr": 6.505146915271795,
  "spacing_tr": 2.0,
  "spacing_x": 3.0,
  "spacing_y": 3.0,
  "spacing_z": 3.299999952316284,
  "summary_bg_k": 26.478861756387868,
  "summary_bg_mad": 19.678175928470466,
  "summary_bg_mean": 57.881625670979254,
  "summary_bg_median": 28.35714340209961,
  "summary_bg_n": 125516.0,
  "summary_bg_p05": 9.701298713684082,
  "summary_bg_p95": 235.9220733642578,
  "summary_bg_stdv": 92.17641470496494,
  "summary_fg_k": 2.432325392156958,
  "summary_fg_mad": 110.9159568453665,
  "summary_fg_mean": 898.5040059732188,
  "summary_fg_median": 909.0260009765625,
  "summary_fg_n": 42420.0,
  "summary_fg_p05": 622.9058227539062,
  "summary_fg_p95": 1095.4188232421875,
  "summary_fg_stdv": 139.73785652514366,
  "tsnr": 52.847183763980865
}