{
  "aor": 0.0005350000000000001,
  "aqi": 0.012527003896103896,
  "bids_meta": {
    "AccelFactPE": 2,
    "AcquisitionNumber": 1,
    "AcquisitionTime": "14:33:32.385000",
    "BandwidthPerPixelPhaseEncode": 65.104,
    "ConversionSoftware": "dcm2niix",
    "ConversionSoftwareVersion": "v1.0.20170724 GCC4.4.7",
    "DeviceSerialNumber": "35193",
    "EchoTime": 0.025,
    "EffectiveEchoSpacing": 0.000240001,
    "FlipAngle": 90,
    "ImageType": [
      "ORIGINAL",
      "PRIMARY",
      "M",
      "ND",
      "NORM",
      "MOSAIC"
    ],
    "InstitutionAddress": "Xinjiekouwai_Street_No_19_Beijing_Haidian_District_CN_100875",
    "InstitutionName": "BNU_MRI_Center",
    "MagneticFieldStrength": 3,
    "Manufacturer": "Siemens",
    "ManufacturersModelName": "TrioTim",
    "PhaseEncodingDirection": "j-",
    "PhaseEncodingLines": 64,
    "ProcedureStepDescription": "BNU_cst_2019_Zhu.Bi",
    "ProtocolName": "Learning4_154",
    "RepetitionTime": 2,
    "ScanningSequence": "EP",
    "SequenceName": "_epfid2d1_64",
    "SequenceVariant": "SK",
    "SeriesDescription": "Learning4_154",
    "SliceTiming": [
      0,
      1.0175,
      0.0475,
      1.065,
      0.0975,
      1.115,
      0.145,
      1.1625,
      0.1925,
      1.2125,
      0.2425,
      1.26,
      0.29,
      1.3075,
      0.3375,
      1.3575,
      0.3875,
      1.405,
      0.435,
      1.4525,
      0.485,
      1.5025,
      0.5325,
      1.55,
      0.58,
      1.6,
      0.63,
      1.6475,
      0.6775,
      1.695,
      0.7275,
      1.745,
      0.775,
      1.7925,
      0.8225,
      1.8425,
      0.8725,
      1.89,
      0.92,
      1.9375,
      0.97
    ],
    "SoftwareVersions": "syngo_MR_B17",
    "TaskName": "encoding",
    "TotalReadoutTime": 0.01488,
    "TrueEchoSpacing": 0.000480001,
    "dataset": "ds003789",
    "modality": "bold",
    "run_id": 4,
    "subject_id": "5414",
    "task_id": "encoding"
  },
  "dummy_trs": 0,
  "dvars_nstd": 29.307112948888857,
  "dvars_std": 1.1005940078431367,
  "dvars_vstd": 1.0182919896732023,
  "efc": 0.5476239108225663,
  "fber": 1016.999267578125,
  "fd_mean": 0.08547390994803133,
  "fd_num": 2,
  "fd_perc": 1.2987012987012987,
  "fwhm_avg": 1.6192588962782597,
  "fwhm_x": 1.57078,
  "fwhm_y": 1.75283,
  "fwhm_z": 1.5341666888347785,
  "gcor": 0.00352412,
  "gsr_x": 0.006321057677268982,
  "gsr_y": 0.026551540940999985,
  "provenance": {
    "md5sum": "5ae05ba987574e6ab3387a0ecb89fb07",
    "settings": {
      "fd_thres": 0.2,
      "testing": false
    },
    "software": "mriqc",
    "version": "23.1.0"
  },
  "size_t": 154,
  "size_x": 64,
  "size_y": 64,
  "size_z": 41,
  "snr": 6.518709548976717,
  "spacing_tr": 2.0,
  "spacing_x": 3.0,
  "spacing_y": 3.0,
  "spacing_z": 3.299999952316284,
  "summary_bg_k": 26.44352000469558,
  "summary_bg_mad": 19.764820925065873,
  "summary_bg_mean": 58.45873527981252,
  "summary_bg_median": 28.623376846313477,
  "summary_bg_n": 125523.0,
  "summary_bg_p05": 9.883116722106934,
  "summary_bg_p95": 235.4220733642578,
  "summary_bg_stdv": 92.80217863393878,
  "summary_fg_k": 2.6095083453179653,
  "summary_fg_mad": 111.56102092706921,
  "summary_fg_mean": 902.631617499784,
  "summary_fg_median": 912.8117065429688,
  "summary_fg_n": 42413.0,
  "summary_fg_p05": 626.3895874023438,
  "summary_fg_p95": 1097.8961181640625,
  "summary_fg_stdv": 140.0278595988671,
  "tsnr": 55.05958309303969
}