{
  "aor": 0.00029416666666666664,
  "aqi": 0.018585671296296295,
  "bids_meta": {
    "AccelFactPE": 2,
    "AcquisitionNumber": 1,
    "AcquisitionTime": "10:44:28.760000",
    "BandwidthPerPixelPhaseEncode": 65.104,
    "ConversionSoftware": "dcm2niix",
    "ConversionSoftwareVersion": "v1.0.20170724 GCC4.4.7",
    "DeviceSerialNumber": "35193",
    "EchoTime": 0.025,
    "EffectiveEchoSpacing": 0.000240001,
    "FlipAngle": 90,
    "ImageType": [
      "ORIGINAL",
      "PRIMARY",
      "M",
      "ND",
      "NORM",
      "MOSAIC"
    ],
    "InstitutionAddress": "Xinjiekouwai_Street_No_19_Beijing_Haidian_District_CN_100875",
    "InstitutionName": "BNU_MRI_Center",
    "MagneticFieldStrength": 3,
    "Manufacturer": "Siemens",
    "ManufacturersModelName": "TrioTim",
    "PhaseEncodingDirection": "j-",
    "PhaseEncodingLines": 64,
    "ProcedureStepDescription": "BNU_cst_2019_Zhu.Bi",
    "ProtocolName": "Test3_216",
    "RepetitionTime": 2,
    "ScanningSequence": "EP",
    "SequenceName": "_epfid2d1_64",
    "SequenceVariant": "SK",
    "SeriesDescription": "Test3_216",
    "SliceTiming": [
      0,
      1.02,
      0.05,
      1.0675,
      0.0975,
      1.115,
      0.1475,
      1.165,
      0.195,
      1.2125,
      0.2425,
      1.26,
      0.2925,
      1.31,
      0.34,
      1.3575,
      0.3875,
      1.4075,
      0.4375,
      1.455,
      0.485,
      1.5025,
      0.535,
      1.5525,
      0.5825,
      1.6,
      0.63,
      1.65,
      0.68,
      1.6975,
      0.7275,
      1.745,
      0.7775,
      1.795,
      0.825,
      1.8425,
      0.8725,
      1.8925,
      0.9225,
      1.94,
      0.97
    ],
    "SoftwareVersions": "syngo_MR_B17",
    "TaskName": "retrieval",
    "TotalReadoutTime": 0.01488,
    "TrueEchoSpacing": 0.000480001,
    "dataset": "ds003789",
    "modality": "bold",
    "run_id": 3,
    "subject_id": "5423",
    "task_id": "retrieval"
  },
  "dummy_trs": 0,
  "dvars_nstd": 34.77858707516281,
  "dvars_std": 1.0849779316279073,
  "dvars_vstd": 0.984840617116279,
  "efc": 0.629799183366121,
  "fber": 431.4372863769531,
  "fd_mean": 0.04896992444731275,
  "fd_num": 0,
  "fd_perc": 0.0,
  "fwhm_avg": 1.638119300384431,
  "fwhm_x": 1.5995366666666666,
  "fwhm_y": 1.7670000000000001,
  "fwhm_z": 1.5478212344866265,
  "gcor": 0.00976588,
  "gsr_x": 0.044036634266376495,
  "gsr_y": 0.013952469453215599,
  "provenance": {
    "md5sum": "b02611755c06f7f6cce3317d66f2ef86",
    "settings": {
      "fd_thres": 0.2,
      "testing": false
    },
    "software": "mriqc",
    "version": "23.1.0"
  },
  "size_t": 216,
  "size_x": 64,
  "size_y": 64,
  "size_z": 41,
  "snr": 6.204313862087022,
  "spacing_tr": 2.0,
  "spacing_x": 3.0,
  "spacing_y": 3.0,
  "spacing_z": 3.299999952316284,
  "summary_bg_k": 10.21020377339687,
  "summary_bg_mad": 27.284001830736056,
  "summary_bg_mean": 66.46367115395807,
  "summary_bg_median": 32.51852035522461,
  "summary_bg_n": 114392.0,
  "summary_bg_p05": 9.712963104248047,
  "summary_bg_p95": 281.620361328125,
  "summary_bg_stdv": 91.95109629844745,
  "summary_fg_k": 2.919148139826052,
  "summary_fg_mad": 81.69754466709276,
  "summary_fg_mean": 667.8978689346865,
  "summary_fg_median": 675.4444580078125,
  "summary_fg_n": 53544.0,
  "summary_fg_p05": 451.72686767578125,
  "summary_fg_p95": 820.3009033203125,
  "summary_fg_stdv": 108.86589002663786,
  "tsnr": 43.62158431624994
}