{
  "aor": 0.0005401948051948052,
  "aqi": 0.017305435064935065,
  "bids_meta": {
    "AccelFactPE": 2,
    "AcquisitionNumber": 1,
    "AcquisitionTime": "12:10:50.135000",
    "BandwidthPerPixelPhaseEncode": 65.104,
    "ConversionSoftware": "dcm2niix",
    "ConversionSoftwareVersion": "v1.0.20170724 GCC4.4.7",
    "DeviceSerialNumber": "35193",
    "EchoTime": 0.025,
    "EffectiveEchoSpacing": 0.000240001,
    "FlipAngle": 90,
    "ImageType": [
      "ORIGINAL",
      "PRIMARY",
      "M",
      "ND",
      "NORM",
      "MOSAIC"
    ],
    "InstitutionAddress": "Xinjiekouwai_Street_No_19_Beijing_Haidian_District_CN_100875",
    "InstitutionName": "BNU_MRI_Center",
    "MagneticFieldStrength": 3,
    "Manufacturer": "Siemens",
    "ManufacturersModelName": "TrioTim",
    "PhaseEncodingDirection": "j-",
    "PhaseEncodingLines": 64,
    "ProcedureStepDescription": "BNU_cst_2019_Zhu.Bi",
    "ProtocolName": "Learning1_154",
    "RepetitionTime": 2,
    "ScanningSequence": "EP",
    "SequenceName": "_epfid2d1_64",
    "SequenceVariant": "SK",
    "SeriesDescription": "Learning1_154",
    "SliceTiming": [
      0,
      1.0175,
      0.0475,
      1.065,
      0.095,
      1.115,
      0.145,
      1.1625,
      0.1925,
      1.21,
      0.2425,
      1.26,
      0.29,
      1.3075,
      0.3375,
      1.355,
      0.3875,
      1.405,
      0.435,
      1.4525,
      0.4825,
      1.5025,
      0.5325,
      1.55,
      0.58,
      1.5975,
      0.63,
      1.6475,
      0.6775,
      1.695,
      0.725,
      1.745,
      0.775,
      1.7925,
      0.8225,
      1.84,
      0.8725,
      1.89,
      0.92,
      1.9375,
      0.9675
    ],
    "SoftwareVersions": "syngo_MR_B17",
    "TaskName": "encoding",
    "TotalReadoutTime": 0.01488,
    "TrueEchoSpacing": 0.000480001,
    "dataset": "ds003789",
    "modality": "bold",
    "run_id": 1,
    "subject_id": "5423",
    "task_id": "encoding"
  },
  "dummy_trs": 0,
  "dvars_nstd": 34.75590694666665,
  "dvars_std": 1.1082527783660134,
  "dvars_vstd": 1.009416113986928,
  "efc": 0.6280527687412354,
  "fber": 455.5128173828125,
  "fd_mean": 0.0440639173403142,
  "fd_num": 0,
  "fd_perc": 0.0,
  "fwhm_avg": 1.6647918639864756,
  "fwhm_x": 1.61886,
  "fwhm_y": 1.7905366666666669,
  "fwhm_z": 1.58497892529276,
  "gcor": 0.00821584,
  "gsr_x": 0.035102952271699905,
  "gsr_y": 0.01350634079426527,
  "provenance": {
    "md5sum": "3a32cb4e2ee9d4deb25aca05efe85f6f",
    "settings": {
      "fd_thres": 0.2,
      "testing": false
    },
    "software": "mriqc",
    "version": "23.1.0"
  },
  "size_t": 154,
  "size_x": 64,
  "size_y": 64,
  "size_z": 41,
  "snr": 6.164361224590915,
  "spacing_tr": 2.0,
  "spacing_x": 3.0,
  "spacing_y": 3.0,
  "spacing_z": 3.299999713897705,
  "summary_bg_k": 10.607492530674065,
  "summary_bg_mad": 25.849266448306512,
  "summary_bg_mean": 64.57131333092018,
  "summary_bg_median": 31.733766555786133,
  "summary_bg_n": 114073.0,
  "summary_bg_p05": 9.142857551574707,
  "summary_bg_p95": 273.1623229980469,
  "summary_bg_stdv": 89.09005033160018,
  "summary_fg_k": 2.6221692303594457,
  "summary_fg_mad": 84.6431578333333,
  "summary_fg_mean": 671.1217418465483,
  "summary_fg_median": 677.2857055664062,
  "summary_fg_n": 53863.0,
  "summary_fg_p05": 457.2662353515625,
  "summary_fg_p95": 828.5454711914062,
  "summary_fg_stdv": 109.87017044374913,
  "tsnr": 44.45676675904542
}