{
  "aor": 0.0006135714285714285,
  "aqi": 0.015432761038961039,
  "bids_meta": {
    "AccelFactPE": 2,
    "AcquisitionNumber": 1,
    "AcquisitionTime": "12:55:13.915000",
    "BandwidthPerPixelPhaseEncode": 65.104,
    "ConversionSoftware": "dcm2niix",
    "ConversionSoftwareVersion": "v1.0.20170724 GCC4.4.7",
    "DeviceSerialNumber": "35193",
    "EchoTime": 0.025,
    "EffectiveEchoSpacing": 0.000240001,
    "FlipAngle": 90,
    "ImageType": [
      "ORIGINAL",
      "PRIMARY",
      "M",
      "ND",
      "NORM",
      "MOSAIC"
    ],
    "InstitutionAddress": "Xinjiekouwai_Street_No_19_Beijing_Haidian_District_CN_100875",
    "InstitutionName": "BNU_MRI_Center",
    "MagneticFieldStrength": 3,
    "Manufacturer": "Siemens",
    "ManufacturersModelName": "TrioTim",
    "PhaseEncodingDirection": "j-",
    "PhaseEncodingLines": 64,
    "ProcedureStepDescription": "BNU_cst_2019_Zhu.Bi",
    "ProtocolName": "Learning8_154",
    "RepetitionTime": 2,
    "ScanningSequence": "EP",
    "SequenceName": "_epfid2d1_64",
    "SequenceVariant": "SK",
    "SeriesDescription": "Learning8_154",
    "SliceTiming": [
      0,
      1.0175,
      0.0475,
      1.065,
      0.095,
      1.115,
      0.145,
      1.1625,
      0.1925,
      1.21,
      0.2425,
      1.26,
      0.29,
      1.3075,
      0.3375,
      1.3575,
      0.3875,
      1.405,
      0.435,
      1.4525,
      0.485,
      1.5025,
      0.5325,
      1.55,
      0.58,
      1.5975,
      0.63,
      1.6475,
      0.6775,
      1.695,
      0.725,
      1.745,
      0.775,
      1.7925,
      0.8225,
      1.84,
      0.8725,
      1.89,
      0.92,
      1.9375,
      0.9675
    ],
    "SoftwareVersions": "syngo_MR_B17",
    "TaskName": "encoding",
    "TotalReadoutTime": 0.01488,
    "TrueEchoSpacing": 0.000480001,
    "dataset": "ds003789",
    "modality": "bold",
    "run_id": 8,
    "subject_id": "5423",
    "task_id": "encoding"
  },
  "dummy_trs": 0,
  "dvars_nstd": 36.11938543882355,
  "dvars_std": 1.1499719955555563,
  "dvars_vstd": 1.0196752540522873,
  "efc": 0.6336986956325407,
  "fber": 420.67913818359375,
  "fd_mean": 0.048021792656129,
  "fd_num": 0,
  "fd_perc": 0.0,
  "fwhm_avg": 1.6573701466794575,
  "fwhm_x": 1.6133499999999998,
  "fwhm_y": 1.7784633333333335,
  "fwhm_z": 1.5802971067050389,
  "gcor": 0.00968933,
  "gsr_x": 0.035826776176691055,
  "gsr_y": 0.009611383080482483,
  "provenance": {
    "md5sum": "286cc8c8360741b4beb796e04bc51310",
    "settings": {
      "fd_thres": 0.2,
      "testing": false
    },
    "software": "mriqc",
    "version": "23.1.0"
  },
  "size_t": 154,
  "size_x": 64,
  "size_y": 64,
  "size_z": 41,
  "snr": 6.134847696758299,
  "spacing_tr": 2.0,
  "spacing_x": 3.0,
  "spacing_y": 3.0,
  "spacing_z": 3.299999713897705,
  "summary_bg_k": 10.492096107765882,
  "summary_bg_mad": 26.908266821022234,
  "summary_bg_mean": 67.59281009391434,
  "summary_bg_median": 32.889610290527344,
  "summary_bg_n": 113780.0,
  "summary_bg_p05": 9.50649356842041,
  "summary_bg_p95": 279.9545440673828,
  "summary_bg_stdv": 92.55117370565378,
  "summary_fg_k": 2.549348975540232,
  "summary_fg_mad": 84.79233201285031,
  "summary_fg_mean": 667.7416732456529,
  "summary_fg_median": 674.5811767578125,
  "summary_fg_n": 54156.0,
  "summary_fg_p05": 449.2272644042969,
  "summary_fg_p95": 824.6493530273438,
  "summary_fg_stdv": 109.95789658411235,
  "tsnr": 45.6496694884263
}