{
  "aor": 0.000538961038961039,
  "aqi": 0.016179408441558442,
  "bids_meta": {
    "AccelFactPE": 2,
    "AcquisitionNumber": 1,
    "AcquisitionTime": "12:30:6.045000",
    "BandwidthPerPixelPhaseEncode": 65.104,
    "ConversionSoftware": "dcm2niix",
    "ConversionSoftwareVersion": "v1.0.20170724 GCC4.4.7",
    "DeviceSerialNumber": "35193",
    "EchoTime": 0.025,
    "EffectiveEchoSpacing": 0.000240001,
    "FlipAngle": 90,
    "ImageType": [
      "ORIGINAL",
      "PRIMARY",
      "M",
      "ND",
      "NORM",
      "MOSAIC"
    ],
    "InstitutionAddress": "Xinjiekouwai_Street_No_19_Beijing_Haidian_District_CN_100875",
    "InstitutionName": "BNU_MRI_Center",
    "MagneticFieldStrength": 3,
    "Manufacturer": "Siemens",
    "ManufacturersModelName": "TrioTim",
    "PhaseEncodingDirection": "j-",
    "PhaseEncodingLines": 64,
    "ProcedureStepDescription": "BNU_cst_2019_Zhu.Bi",
    "ProtocolName": "Learning4_154",
    "RepetitionTime": 2,
    "ScanningSequence": "EP",
    "SequenceName": "_epfid2d1_64",
    "SequenceVariant": "SK",
    "SeriesDescription": "Learning4_154",
    "SliceTiming": [
      0,
      1.0175,
      0.0475,
      1.0675,
      0.0975,
      1.115,
      0.145,
      1.1625,
      0.195,
      1.2125,
      0.2425,
      1.26,
      0.29,
      1.3075,
      0.34,
      1.3575,
      0.3875,
      1.405,
      0.435,
      1.455,
      0.485,
      1.5025,
      0.5325,
      1.55,
      0.5825,
      1.6,
      0.63,
      1.6475,
      0.6775,
      1.6975,
      0.7275,
      1.745,
      0.775,
      1.7925,
      0.825,
      1.8425,
      0.8725,
      1.89,
      0.92,
      1.94,
      0.97
    ],
    "SoftwareVersions": "syngo_MR_B17",
    "TaskName": "encoding",
    "TotalReadoutTime": 0.01488,
    "TrueEchoSpacing": 0.000480001,
    "dataset": "ds003789",
    "modality": "bold",
    "run_id": 4,
    "subject_id": "5423",
    "task_id": "encoding"
  },
  "dummy_trs": 0,
  "dvars_nstd": 35.63734583137256,
  "dvars_std": 1.1309944983006528,
  "dvars_vstd": 1.0110396541176472,
  "efc": 0.6305624877252638,
  "fber": 441.96954345703125,
  "fd_mean": 0.05140582117500959,
  "fd_num": 3,
  "fd_perc": 1.948051948051948,
  "fwhm_avg": 1.6610108539479926,
  "fwhm_x": 1.61517,
  "fwhm_y": 1.7807199999999999,
  "fwhm_z": 1.5871425618439785,
  "gcor": 0.00704588,
  "gsr_x": 0.03703192248940468,
  "gsr_y": 0.010991920717060566,
  "provenance": {
    "md5sum": "d752de1234f1efcca82bcbd547ff707e",
    "settings": {
      "fd_thres": 0.2,
      "testing": false
    },
    "software": "mriqc",
    "version": "23.1.0"
  },
  "size_t": 154,
  "size_x": 64,
  "size_y": 64,
  "size_z": 41,
  "snr": 6.141935585445999,
  "spacing_tr": 2.0,
  "spacing_x": 3.0,
  "spacing_y": 3.0,
  "spacing_z": 3.299999713897705,
  "summary_bg_k": 10.378384464462536,
  "summary_bg_mad": 26.349884497826018,
  "summary_bg_mean": 66.47587163609793,
  "summary_bg_median": 32.227272033691406,
  "summary_bg_n": 114050.0,
  "summary_bg_p05": 9.266233444213867,
  "summary_bg_p95": 279.38311767578125,
  "summary_bg_stdv": 91.65366416394232,
  "summary_fg_k": 2.5561918220653954,
  "summary_fg_mad": 84.9559847296574,
  "summary_fg_mean": 671.5947241409538,
  "summary_fg_median": 677.5162353515625,
  "summary_fg_n": 53886.0,
  "summary_fg_p05": 457.56494140625,
  "summary_fg_p95": 830.207763671875,
  "summary_fg_stdv": 110.3088658822323,
  "tsnr": 44.925395974481944
}