{
  "aor": 0.0005254545454545454,
  "aqi": 0.015348074675324674,
  "bids_meta": {
    "AccelFactPE": 2,
    "AcquisitionNumber": 1,
    "AcquisitionTime": "12:42:5.182500",
    "BandwidthPerPixelPhaseEncode": 65.104,
    "ConversionSoftware": "dcm2niix",
    "ConversionSoftwareVersion": "v1.0.20170724 GCC4.4.7",
    "DeviceSerialNumber": "35193",
    "EchoTime": 0.025,
    "EffectiveEchoSpacing": 0.000240001,
    "FlipAngle": 90,
    "ImageType": [
      "ORIGINAL",
      "PRIMARY",
      "M",
      "ND",
      "NORM",
      "MOSAIC"
    ],
    "InstitutionAddress": "Xinjiekouwai_Street_No_19_Beijing_Haidian_District_CN_100875",
    "InstitutionName": "BNU_MRI_Center",
    "MagneticFieldStrength": 3,
    "Manufacturer": "Siemens",
    "ManufacturersModelName": "TrioTim",
    "PhaseEncodingDirection": "j-",
    "PhaseEncodingLines": 64,
    "ProcedureStepDescription": "BNU_cst_2019_Zhu.Bi",
    "ProtocolName": "Learning6_154",
    "RepetitionTime": 2,
    "ScanningSequence": "EP",
    "SequenceName": "_epfid2d1_64",
    "SequenceVariant": "SK",
    "SeriesDescription": "Learning6_154",
    "SliceTiming": [
      0,
      1.0175,
      0.0475,
      1.065,
      0.095,
      1.115,
      0.145,
      1.1625,
      0.1925,
      1.21,
      0.2425,
      1.26,
      0.29,
      1.3075,
      0.3375,
      1.355,
      0.3875,
      1.405,
      0.435,
      1.4525,
      0.4825,
      1.5025,
      0.5325,
      1.55,
      0.58,
      1.5975,
      0.63,
      1.6475,
      0.6775,
      1.695,
      0.725,
      1.745,
      0.775,
      1.7925,
      0.8225,
      1.84,
      0.8725,
      1.89,
      0.92,
      1.9375,
      0.9675
    ],
    "SoftwareVersions": "syngo_MR_B17",
    "TaskName": "encoding",
    "TotalReadoutTime": 0.01488,
    "TrueEchoSpacing": 0.000480001,
    "dataset": "ds003789",
    "modality": "bold",
    "run_id": 6,
    "subject_id": "5423",
    "task_id": "encoding"
  },
  "dummy_trs": 0,
  "dvars_nstd": 35.91000867339871,
  "dvars_std": 1.1426086464052292,
  "dvars_vstd": 1.0156335770588236,
  "efc": 0.6329041955714023,
  "fber": 420.3144226074219,
  "fd_mean": 0.044232866532710934,
  "fd_num": 0,
  "fd_perc": 0.0,
  "fwhm_avg": 1.6545169142935228,
  "fwhm_x": 1.6105533333333335,
  "fwhm_y": 1.77487,
  "fwhm_z": 1.5781274095472344,
  "gcor": 0.00692777,
  "gsr_x": 0.037391893565654755,
  "gsr_y": 0.010966946370899677,
  "provenance": {
    "md5sum": "4a35a510b963a1badcb721f95f5fba20",
    "settings": {
      "fd_thres": 0.2,
      "testing": false
    },
    "software": "mriqc",
    "version": "23.1.0"
  },
  "size_t": 154,
  "size_x": 64,
  "size_y": 64,
  "size_z": 41,
  "snr": 6.180778764794625,
  "spacing_tr": 2.0,
  "spacing_x": 3.0,
  "spacing_y": 3.0,
  "spacing_z": 3.299999713897705,
  "summary_bg_k": 10.211142635222743,
  "summary_bg_mad": 27.331867252892454,
  "summary_bg_mean": 68.03214934048917,
  "summary_bg_median": 33.09090805053711,
  "summary_bg_n": 113983.0,
  "summary_bg_p05": 9.311688423156738,
  "summary_bg_p95": 285.032470703125,
  "summary_bg_stdv": 93.45339891140993,
  "summary_fg_k": 2.572925556647019,
  "summary_fg_mad": 85.92351298406791,
  "summary_fg_mean": 672.8171907995721,
  "summary_fg_median": 678.4155883789062,
  "summary_fg_n": 53953.0,
  "summary_fg_p05": 460.902587890625,
  "summary_fg_p95": 830.9091186523438,
  "summary_fg_stdv": 109.76113643090308,
  "tsnr": 45.73183578962926
}