{
  "aor": 0.0002813425925925926,
  "aqi": 0.01940199583333333,
  "bids_meta": {
    "AccelFactPE": 2,
    "AcquisitionNumber": 1,
    "AcquisitionTime": "10:36:21.490000",
    "BandwidthPerPixelPhaseEncode": 65.104,
    "ConversionSoftware": "dcm2niix",
    "ConversionSoftwareVersion": "v1.0.20170724 GCC4.4.7",
    "DeviceSerialNumber": "35193",
    "EchoTime": 0.025,
    "EffectiveEchoSpacing": 0.000240001,
    "FlipAngle": 90,
    "ImageType": [
      "ORIGINAL",
      "PRIMARY",
      "M",
      "ND",
      "NORM",
      "MOSAIC"
    ],
    "InstitutionAddress": "Xinjiekouwai_Street_No_19_Beijing_Haidian_District_CN_100875",
    "InstitutionName": "BNU_MRI_Center",
    "MagneticFieldStrength": 3,
    "Manufacturer": "Siemens",
    "ManufacturersModelName": "TrioTim",
    "PhaseEncodingDirection": "j-",
    "PhaseEncodingLines": 64,
    "ProcedureStepDescription": "BNU_cst_2019_Zhu.Bi",
    "ProtocolName": "Test2_216",
    "RepetitionTime": 2,
    "ScanningSequence": "EP",
    "SequenceName": "_epfid2d1_64",
    "SequenceVariant": "SK",
    "SeriesDescription": "Test2_216",
    "SliceTiming": [
      0,
      1.02,
      0.05,
      1.0675,
      0.0975,
      1.115,
      0.1475,
      1.165,
      0.195,
      1.2125,
      0.2425,
      1.2625,
      0.2925,
      1.31,
      0.34,
      1.3575,
      0.3875,
      1.4075,
      0.4375,
      1.455,
      0.485,
      1.5025,
      0.535,
      1.5525,
      0.5825,
      1.6,
      0.63,
      1.65,
      0.68,
      1.6975,
      0.7275,
      1.745,
      0.7775,
      1.795,
      0.825,
      1.8425,
      0.8725,
      1.8925,
      0.9225,
      1.94,
      0.97
    ],
    "SoftwareVersions": "syngo_MR_B17",
    "TaskName": "retrieval",
    "TotalReadoutTime": 0.01488,
    "TrueEchoSpacing": 0.000480001,
    "dataset": "ds003789",
    "modality": "bold",
    "run_id": 2,
    "subject_id": "5423",
    "task_id": "retrieval"
  },
  "dummy_trs": 0,
  "dvars_nstd": 36.00029341213952,
  "dvars_std": 1.1026464436279073,
  "dvars_vstd": 0.9833810952558149,
  "efc": 0.6280055790523439,
  "fber": 444.9698486328125,
  "fd_mean": 0.06670225711949106,
  "fd_num": 0,
  "fd_perc": 0.0,
  "fwhm_avg": 1.6203247548083628,
  "fwhm_x": 1.5920433333333335,
  "fwhm_y": 1.74634,
  "fwhm_z": 1.5225909310917554,
  "gcor": 0.0112129,
  "gsr_x": 0.043099455535411835,
  "gsr_y": 0.015805670991539955,
  "provenance": {
    "md5sum": "2226cb9cf44f1cc554bd3697110f859f",
    "settings": {
      "fd_thres": 0.2,
      "testing": false
    },
    "software": "mriqc",
    "version": "23.1.0"
  },
  "size_t": 216,
  "size_x": 64,
  "size_y": 64,
  "size_z": 41,
  "snr": 6.221133762351354,
  "spacing_tr": 2.0,
  "spacing_x": 3.0,
  "spacing_y": 3.0,
  "spacing_z": 3.299999952316284,
  "summary_bg_k": 10.33367319352977,
  "summary_bg_mad": 26.844712546349147,
  "summary_bg_mean": 66.14685215745973,
  "summary_bg_median": 32.05555725097656,
  "summary_bg_n": 114669.0,
  "summary_bg_p05": 9.541666984558105,
  "summary_bg_p95": 280.8148193359375,
  "summary_bg_stdv": 92.28999592653142,
  "summary_fg_k": 2.9663158520352795,
  "summary_fg_mad": 81.62546869864552,
  "summary_fg_mean": 668.976117357693,
  "summary_fg_median": 676.1898193359375,
  "summary_fg_n": 53267.0,
  "summary_fg_p05": 453.40740966796875,
  "summary_fg_p95": 821.629638671875,
  "summary_fg_stdv": 108.69135722886662,
  "tsnr": 43.093054353957996
}