{
  "aor": 0.0005893506493506493,
  "aqi": 0.01554343051948052,
  "bids_meta": {
    "AccelFactPE": 2,
    "AcquisitionNumber": 1,
    "AcquisitionTime": "12:16:48.515000",
    "BandwidthPerPixelPhaseEncode": 65.104,
    "ConversionSoftware": "dcm2niix",
    "ConversionSoftwareVersion": "v1.0.20170724 GCC4.4.7",
    "DeviceSerialNumber": "35193",
    "EchoTime": 0.025,
    "EffectiveEchoSpacing": 0.000240001,
    "FlipAngle": 90,
    "ImageType": [
      "ORIGINAL",
      "PRIMARY",
      "M",
      "ND",
      "NORM",
      "MOSAIC"
    ],
    "InstitutionAddress": "Xinjiekouwai_Street_No_19_Beijing_Haidian_District_CN_100875",
    "InstitutionName": "BNU_MRI_Center",
    "MagneticFieldStrength": 3,
    "Manufacturer": "Siemens",
    "ManufacturersModelName": "TrioTim",
    "PhaseEncodingDirection": "j-",
    "PhaseEncodingLines": 64,
    "ProcedureStepDescription": "BNU_cst_2019_Zhu.Bi",
    "ProtocolName": "Learning2_154",
    "RepetitionTime": 2,
    "ScanningSequence": "EP",
    "SequenceName": "_epfid2d1_64",
    "SequenceVariant": "SK",
    "SeriesDescription": "Learning2_154",
    "SliceTiming": [
      0,
      1.0175,
      0.0475,
      1.065,
      0.095,
      1.1125,
      0.145,
      1.1625,
      0.1925,
      1.21,
      0.24,
      1.26,
      0.29,
      1.3075,
      0.3375,
      1.355,
      0.3875,
      1.405,
      0.435,
      1.4525,
      0.4825,
      1.5025,
      0.5325,
      1.55,
      0.58,
      1.5975,
      0.63,
      1.6475,
      0.6775,
      1.695,
      0.725,
      1.745,
      0.775,
      1.7925,
      0.8225,
      1.84,
      0.8725,
      1.89,
      0.92,
      1.9375,
      0.9675
    ],
    "SoftwareVersions": "syngo_MR_B17",
    "TaskName": "encoding",
    "TotalReadoutTime": 0.01488,
    "TrueEchoSpacing": 0.000480001,
    "dataset": "ds003789",
    "modality": "bold",
    "run_id": 2,
    "subject_id": "5423",
    "task_id": "encoding"
  },
  "dummy_trs": 0,
  "dvars_nstd": 35.4617322913072,
  "dvars_std": 1.1406221656862747,
  "dvars_vstd": 1.0183229583006534,
  "efc": 0.6288298388228462,
  "fber": 455.1343078613281,
  "fd_mean": 0.04128935248283226,
  "fd_num": 0,
  "fd_perc": 0.0,
  "fwhm_avg": 1.667377318477109,
  "fwhm_x": 1.6241433333333333,
  "fwhm_y": 1.7949066666666667,
  "fwhm_z": 1.5830819554313273,
  "gcor": 0.00850088,
  "gsr_x": 0.03730441629886627,
  "gsr_y": 0.01280011422932148,
  "provenance": {
    "md5sum": "ffb4d42b89cd5a9f6a791baea3d662a1",
    "settings": {
      "fd_thres": 0.2,
      "testing": false
    },
    "software": "mriqc",
    "version": "23.1.0"
  },
  "size_t": 154,
  "size_x": 64,
  "size_y": 64,
  "size_z": 41,
  "snr": 6.124677571430033,
  "spacing_tr": 2.0,
  "spacing_x": 3.0,
  "spacing_y": 3.0,
  "spacing_z": 3.299999713897705,
  "summary_bg_k": 10.639498801186802,
  "summary_bg_mad": 25.724110522006978,
  "summary_bg_mean": 65.38289936427648,
  "summary_bg_median": 31.759740829467773,
  "summary_bg_n": 114035.0,
  "summary_bg_p05": 9.168830871582031,
  "summary_bg_p95": 276.05194091796875,
  "summary_bg_stdv": 90.94954211547659,
  "summary_fg_k": 2.6407828597516483,
  "summary_fg_mad": 85.42291755726292,
  "summary_fg_mean": 671.7508483321673,
  "summary_fg_median": 677.5584106445312,
  "summary_fg_n": 53901.0,
  "summary_fg_p05": 456.467529296875,
  "summary_fg_p95": 830.8895874023438,
  "summary_fg_stdv": 110.6265787058083,
  "tsnr": 45.8045676574111
}