{
  "aor": 0.000668562091503268,
  "aqi": 0.012496793333333334,
  "bids_meta": {
    "AccelFactPE": 2,
    "AcquisitionNumber": 1,
    "AcquisitionTime": "11:54:40.792500",
    "BandwidthPerPixelPhaseEncode": 65.104,
    "ConversionSoftware": "dcm2niix",
    "ConversionSoftwareVersion": "v1.0.20170724 GCC4.4.7",
    "DeviceSerialNumber": "35193",
    "EchoTime": 0.025,
    "EffectiveEchoSpacing": 0.000240001,
    "FlipAngle": 90,
    "ImageType": [
      "ORIGINAL",
      "PRIMARY",
      "M",
      "ND",
      "NORM",
      "MOSAIC"
    ],
    "InstitutionAddress": "Xinjiekouwai_Street_No_19_Beijing_Haidian_District_CN_100875",
    "InstitutionName": "BNU_MRI_Center",
    "MagneticFieldStrength": 3,
    "Manufacturer": "Siemens",
    "ManufacturersModelName": "TrioTim",
    "PhaseEncodingDirection": "j-",
    "PhaseEncodingLines": 64,
    "ProcedureStepDescription": "BNU_cst_2019_Zhu.Bi",
    "ProtocolName": "Learning8_154",
    "RepetitionTime": 2,
    "ScanningSequence": "EP",
    "SequenceName": "_epfid2d1_64",
    "SequenceVariant": "SK",
    "SeriesDescription": "Learning8_154",
    "SliceTiming": [
      0,
      1.0175,
      0.0475,
      1.0675,
      0.0975,
      1.115,
      0.145,
      1.1625,
      0.195,
      1.2125,
      0.2425,
      1.26,
      0.29,
      1.31,
      0.34,
      1.3575,
      0.3875,
      1.405,
      0.4375,
      1.455,
      0.485,
      1.5025,
      0.5325,
      1.55,
      0.5825,
      1.6,
      0.63,
      1.6475,
      0.6775,
      1.6975,
      0.7275,
      1.745,
      0.775,
      1.7925,
      0.825,
      1.8425,
      0.8725,
      1.89,
      0.92,
      1.94,
      0.97
    ],
    "SoftwareVersions": "syngo_MR_B17",
    "TaskName": "encoding",
    "TotalReadoutTime": 0.01488,
    "TrueEchoSpacing": 0.000480001,
    "dataset": "ds003789",
    "modality": "bold",
    "run_id": 8,
    "subject_id": "5436",
    "task_id": "encoding"
  },
  "dummy_trs": 1,
  "dvars_nstd": 34.24436801335525,
  "dvars_std": 1.249972584473684,
  "dvars_vstd": 1.0105123765131576,
  "efc": 0.5594955094924194,
  "fber": 1101.6146240234375,
  "fd_mean": 0.05351590904074579,
  "fd_num": 1,
  "fd_perc": 0.6535947712418301,
  "fwhm_avg": 1.6160727347999384,
  "fwhm_x": 1.5482366666666667,
  "fwhm_y": 1.7371966666666667,
  "fwhm_z": 1.5627848710664818,
  "gcor": 0.00954755,
  "gsr_x": 0.003219223115593195,
  "gsr_y": 0.0296771340072155,
  "provenance": {
    "md5sum": "bc9cb0a3b24e70ebc6b66f686ca939de",
    "settings": {
      "fd_thres": 0.2,
      "testing": false
    },
    "software": "mriqc",
    "version": "23.1.0"
  },
  "size_t": 153,
  "size_x": 64,
  "size_y": 64,
  "size_z": 41,
  "snr": 6.195634454540745,
  "spacing_tr": 2.0,
  "spacing_x": 3.0,
  "spacing_y": 3.0,
  "spacing_z": 3.299999952316284,
  "summary_bg_k": 20.98739294951041,
  "summary_bg_mad": 17.287339590300185,
  "summary_bg_mean": 56.51577090243763,
  "summary_bg_median": 24.69281005859375,
  "summary_bg_n": 123577.0,
  "summary_bg_p05": 8.784314155578613,
  "summary_bg_p95": 239.58824157714844,
  "summary_bg_stdv": 91.86953481090558,
  "summary_fg_k": 2.5663262553144808,
  "summary_fg_mad": 109.71256416941455,
  "summary_fg_mean": 816.1917316640836,
  "summary_fg_median": 819.5686645507812,
  "summary_fg_n": 44359.0,
  "summary_fg_p05": 578.3856201171875,
  "summary_fg_p95": 1009.3856201171875,
  "summary_fg_stdv": 132.28014541605404,
  "tsnr": 54.698671309277415
}