{
  "aor": 0.000397962962962963,
  "aqi": 0.014040996296296297,
  "bids_meta": {
    "AccelFactPE": 2,
    "AcquisitionNumber": 1,
    "AcquisitionTime": "10:32:23.107500",
    "BandwidthPerPixelPhaseEncode": 65.104,
    "ConversionSoftware": "dcm2niix",
    "ConversionSoftwareVersion": "v1.0.20170724 GCC4.4.7",
    "DeviceSerialNumber": "35193",
    "EchoTime": 0.025,
    "EffectiveEchoSpacing": 0.000240001,
    "FlipAngle": 90,
    "ImageType": [
      "ORIGINAL",
      "PRIMARY",
      "M",
      "ND",
      "NORM",
      "MOSAIC"
    ],
    "InstitutionAddress": "Xinjiekouwai_Street_No_19_Beijing_Haidian_District_CN_100875",
    "InstitutionName": "BNU_MRI_Center",
    "MagneticFieldStrength": 3,
    "Manufacturer": "Siemens",
    "ManufacturersModelName": "TrioTim",
    "PhaseEncodingDirection": "j-",
    "PhaseEncodingLines": 64,
    "ProcedureStepDescription": "BNU_cst_2019_Zhu.Bi",
    "ProtocolName": "Test2_216",
    "RepetitionTime": 2,
    "ScanningSequence": "EP",
    "SequenceName": "_epfid2d1_64",
    "SequenceVariant": "SK",
    "SeriesDescription": "Test2_216",
    "SliceTiming": [
      0,
      1.0175,
      0.05,
      1.0675,
      0.0975,
      1.115,
      0.145,
      1.1625,
      0.195,
      1.2125,
      0.2425,
      1.26,
      0.29,
      1.31,
      0.34,
      1.3575,
      0.3875,
      1.405,
      0.4375,
      1.455,
      0.485,
      1.5025,
      0.5325,
      1.5525,
      0.5825,
      1.6,
      0.63,
      1.6475,
      0.68,
      1.6975,
      0.7275,
      1.745,
      0.775,
      1.795,
      0.825,
      1.8425,
      0.8725,
      1.89,
      0.9225,
      1.94,
      0.97
    ],
    "SoftwareVersions": "syngo_MR_B17",
    "TaskName": "retrieval",
    "TotalReadoutTime": 0.01488,
    "TrueEchoSpacing": 0.000480001,
    "dataset": "ds003789",
    "modality": "bold",
    "run_id": 2,
    "subject_id": "5436",
    "task_id": "retrieval"
  },
  "dummy_trs": 0,
  "dvars_nstd": 34.0895403484186,
  "dvars_std": 1.229945609209302,
  "dvars_vstd": 0.9976464231627908,
  "efc": 0.5574505569511362,
  "fber": 1131.75341796875,
  "fd_mean": 0.04266374345826645,
  "fd_num": 0,
  "fd_perc": 0.0,
  "fwhm_avg": 1.6011101084278743,
  "fwhm_x": 1.5447466666666667,
  "fwhm_y": 1.71852,
  "fwhm_z": 1.540063658616957,
  "gcor": 0.00621456,
  "gsr_x": 0.0010418082820251584,
  "gsr_y": 0.034131478518247604,
  "provenance": {
    "md5sum": "4184a7b096cbfdc6e1488f63e2949984",
    "settings": {
      "fd_thres": 0.2,
      "testing": false
    },
    "software": "mriqc",
    "version": "23.1.0"
  },
  "size_t": 216,
  "size_x": 64,
  "size_y": 64,
  "size_z": 41,
  "snr": 6.323845877150357,
  "spacing_tr": 2.0,
  "spacing_x": 3.0,
  "spacing_y": 3.0,
  "spacing_z": 3.299999952316284,
  "summary_bg_k": 25.056180401595356,
  "summary_bg_mad": 16.960694457165932,
  "summary_bg_mean": 56.07203120806215,
  "summary_bg_median": 24.629629135131836,
  "summary_bg_n": 123736.0,
  "summary_bg_p05": 9.324073791503906,
  "summary_bg_p95": 237.07408142089844,
  "summary_bg_stdv": 92.2387639529431,
  "summary_fg_k": 2.602754237133304,
  "summary_fg_mad": 108.53202043512353,
  "summary_fg_mean": 825.0352777474175,
  "summary_fg_median": 828.5787353515625,
  "summary_fg_n": 44200.0,
  "summary_fg_p05": 590.8865661621094,
  "summary_fg_p95": 1016.0555419921875,
  "summary_fg_stdv": 131.02301642577325,
  "tsnr": 53.73143311589956
}