{
  "aor": 0.0005454605263157895,
  "aqi": 0.0127413025,
  "bids_meta": {
    "AccelFactPE": 2,
    "AcquisitionNumber": 1,
    "AcquisitionTime": "11:48:50.827500",
    "BandwidthPerPixelPhaseEncode": 65.104,
    "ConversionSoftware": "dcm2niix",
    "ConversionSoftwareVersion": "v1.0.20170724 GCC4.4.7",
    "DeviceSerialNumber": "35193",
    "EchoTime": 0.025,
    "EffectiveEchoSpacing": 0.000240001,
    "FlipAngle": 90,
    "ImageType": [
      "ORIGINAL",
      "PRIMARY",
      "M",
      "ND",
      "NORM",
      "MOSAIC"
    ],
    "InstitutionAddress": "Xinjiekouwai_Street_No_19_Beijing_Haidian_District_CN_100875",
    "InstitutionName": "BNU_MRI_Center",
    "MagneticFieldStrength": 3,
    "Manufacturer": "Siemens",
    "ManufacturersModelName": "TrioTim",
    "PhaseEncodingDirection": "j-",
    "PhaseEncodingLines": 64,
    "ProcedureStepDescription": "BNU_cst_2019_Zhu.Bi",
    "ProtocolName": "Learning7_154",
    "RepetitionTime": 2,
    "ScanningSequence": "EP",
    "SequenceName": "_epfid2d1_64",
    "SequenceVariant": "SK",
    "SeriesDescription": "Learning7_154",
    "SliceTiming": [
      0,
      1.0175,
      0.0475,
      1.065,
      0.095,
      1.115,
      0.145,
      1.1625,
      0.1925,
      1.21,
      0.2425,
      1.26,
      0.29,
      1.3075,
      0.3375,
      1.3575,
      0.3875,
      1.405,
      0.435,
      1.4525,
      0.485,
      1.5025,
      0.5325,
      1.55,
      0.58,
      1.6,
      0.63,
      1.6475,
      0.6775,
      1.695,
      0.7275,
      1.745,
      0.775,
      1.7925,
      0.8225,
      1.8425,
      0.8725,
      1.89,
      0.92,
      1.9375,
      0.9675
    ],
    "SoftwareVersions": "syngo_MR_B17",
    "TaskName": "encoding",
    "TotalReadoutTime": 0.01488,
    "TrueEchoSpacing": 0.000480001,
    "dataset": "ds003789",
    "modality": "bold",
    "run_id": 7,
    "subject_id": "5436",
    "task_id": "encoding"
  },
  "dummy_trs": 2,
  "dvars_nstd": 34.027414384768214,
  "dvars_std": 1.2260040629139073,
  "dvars_vstd": 0.998489683576159,
  "efc": 0.5594077158739466,
  "fber": 1100.3013916015625,
  "fd_mean": 0.05163752621817464,
  "fd_num": 1,
  "fd_perc": 0.6578947368421053,
  "fwhm_avg": 1.6143090984198087,
  "fwhm_x": 1.5467533333333332,
  "fwhm_y": 1.7368133333333333,
  "fwhm_z": 1.5593606285927601,
  "gcor": 0.0073262,
  "gsr_x": 0.003461216576397419,
  "gsr_y": 0.029487023130059242,
  "provenance": {
    "md5sum": "6b71bf1267b1a605d5a85030561b46cc",
    "settings": {
      "fd_thres": 0.2,
      "testing": false
    },
    "software": "mriqc",
    "version": "23.1.0"
  },
  "size_t": 152,
  "size_x": 64,
  "size_y": 64,
  "size_z": 41,
  "snr": 6.210820899619862,
  "spacing_tr": 2.0,
  "spacing_x": 3.0,
  "spacing_y": 3.0,
  "spacing_z": 3.299999952316284,
  "summary_bg_k": 20.850116281552808,
  "summary_bg_mad": 17.518115314995228,
  "summary_bg_mean": 56.62372535346373,
  "summary_bg_median": 24.730262756347656,
  "summary_bg_n": 123605.0,
  "summary_bg_p05": 8.815789222717285,
  "summary_bg_p95": 240.36842346191406,
  "summary_bg_stdv": 92.2109832790603,
  "summary_fg_k": 2.5894110407596287,
  "summary_fg_mad": 109.45900878512178,
  "summary_fg_mean": 817.1274018903026,
  "summary_fg_median": 820.3223876953125,
  "summary_fg_n": 44331.0,
  "summary_fg_p05": 581.1052856445312,
  "summary_fg_p95": 1010.881591796875,
  "summary_fg_stdv": 132.07805355490615,
  "tsnr": 54.3194547239691
}