{
  "aor": 0.00057875,
  "aqi": 0.01237771052631579,
  "bids_meta": {
    "AccelFactPE": 2,
    "AcquisitionNumber": 1,
    "AcquisitionTime": "11:10:35.785000",
    "BandwidthPerPixelPhaseEncode": 65.104,
    "ConversionSoftware": "dcm2niix",
    "ConversionSoftwareVersion": "v1.0.20170724 GCC4.4.7",
    "DeviceSerialNumber": "35193",
    "EchoTime": 0.025,
    "EffectiveEchoSpacing": 0.000240001,
    "FlipAngle": 90,
    "ImageType": [
      "ORIGINAL",
      "PRIMARY",
      "M",
      "ND",
      "NORM",
      "MOSAIC"
    ],
    "InstitutionAddress": "Xinjiekouwai_Street_No_19_Beijing_Haidian_District_CN_100875",
    "InstitutionName": "BNU_MRI_Center",
    "MagneticFieldStrength": 3,
    "Manufacturer": "Siemens",
    "ManufacturersModelName": "TrioTim",
    "PhaseEncodingDirection": "j-",
    "PhaseEncodingLines": 64,
    "ProcedureStepDescription": "BNU_cst_2019_Zhu.Bi",
    "ProtocolName": "Learning1_154",
    "RepetitionTime": 2,
    "ScanningSequence": "EP",
    "SequenceName": "_epfid2d1_64",
    "SequenceVariant": "SK",
    "SeriesDescription": "Learning1_154",
    "SliceTiming": [
      0,
      1.02,
      0.05,
      1.0675,
      0.0975,
      1.115,
      0.145,
      1.165,
      0.195,
      1.2125,
      0.2425,
      1.26,
      0.2925,
      1.31,
      0.34,
      1.3575,
      0.3875,
      1.4075,
      0.4375,
      1.455,
      0.485,
      1.5025,
      0.535,
      1.5525,
      0.5825,
      1.6,
      0.63,
      1.65,
      0.68,
      1.6975,
      0.7275,
      1.745,
      0.7775,
      1.795,
      0.825,
      1.8425,
      0.8725,
      1.8925,
      0.9225,
      1.94,
      0.97
    ],
    "SoftwareVersions": "syngo_MR_B17",
    "TaskName": "encoding",
    "TotalReadoutTime": 0.01488,
    "TrueEchoSpacing": 0.000480001,
    "dataset": "ds003789",
    "modality": "bold",
    "run_id": 1,
    "subject_id": "5436",
    "task_id": "encoding"
  },
  "dummy_trs": 2,
  "dvars_nstd": 30.984484867947003,
  "dvars_std": 1.1615613758940402,
  "dvars_vstd": 0.9999858478145695,
  "efc": 0.5557172148108963,
  "fber": 1171.8782958984375,
  "fd_mean": 0.043551479693760276,
  "fd_num": 0,
  "fd_perc": 0.0,
  "fwhm_avg": 1.6202061690987248,
  "fwhm_x": 1.5576833333333333,
  "fwhm_y": 1.74942,
  "fwhm_z": 1.5535151739628412,
  "gcor": 0.00379711,
  "gsr_x": 0.003490266390144825,
  "gsr_y": 0.0319380909204483,
  "provenance": {
    "md5sum": "2dac792d1da6f2023c2ff2eec4863f37",
    "settings": {
      "fd_thres": 0.2,
      "testing": false
    },
    "software": "mriqc",
    "version": "23.1.0"
  },
  "size_t": 152,
  "size_x": 64,
  "size_y": 64,
  "size_z": 41,
  "snr": 6.159510012773489,
  "spacing_tr": 2.0,
  "spacing_x": 3.0,
  "spacing_y": 3.0,
  "spacing_z": 3.299999952316284,
  "summary_bg_k": 24.404763709406975,
  "summary_bg_mad": 16.650012476961873,
  "summary_bg_mean": 54.63142980905442,
  "summary_bg_median": 23.875,
  "summary_bg_n": 123722.0,
  "summary_bg_p05": 8.480262756347656,
  "summary_bg_p95": 230.4013214111328,
  "summary_bg_stdv": 91.15408895214601,
  "summary_fg_k": 2.424421300732443,
  "summary_fg_mad": 109.30286680953392,
  "summary_fg_mean": 814.0428603701467,
  "summary_fg_median": 817.305908203125,
  "summary_fg_n": 44214.0,
  "summary_fg_p05": 574.0855102539062,
  "summary_fg_p95": 1009.6447143554688,
  "summary_fg_stdv": 132.688584618183,
  "tsnr": 55.06751012522727
}