{
  "aor": 0.0005358441558441558,
  "aqi": 0.012649972922077922,
  "bids_meta": {
    "AccelFactPE": 2,
    "AcquisitionNumber": 1,
    "AcquisitionTime": "11:29:37.397500",
    "BandwidthPerPixelPhaseEncode": 65.104,
    "ConversionSoftware": "dcm2niix",
    "ConversionSoftwareVersion": "v1.0.20170724 GCC4.4.7",
    "DeviceSerialNumber": "35193",
    "EchoTime": 0.025,
    "EffectiveEchoSpacing": 0.000240001,
    "FlipAngle": 90,
    "ImageType": [
      "ORIGINAL",
      "PRIMARY",
      "M",
      "ND",
      "NORM",
      "MOSAIC"
    ],
    "InstitutionAddress": "Xinjiekouwai_Street_No_19_Beijing_Haidian_District_CN_100875",
    "InstitutionName": "BNU_MRI_Center",
    "MagneticFieldStrength": 3,
    "Manufacturer": "Siemens",
    "ManufacturersModelName": "TrioTim",
    "PhaseEncodingDirection": "j-",
    "PhaseEncodingLines": 64,
    "ProcedureStepDescription": "BNU_cst_2019_Zhu.Bi",
    "ProtocolName": "Learning4_154",
    "RepetitionTime": 2,
    "ScanningSequence": "EP",
    "SequenceName": "_epfid2d1_64",
    "SequenceVariant": "SK",
    "SeriesDescription": "Learning4_154",
    "SliceTiming": [
      0,
      1.0175,
      0.0475,
      1.065,
      0.0975,
      1.115,
      0.145,
      1.1625,
      0.1925,
      1.2125,
      0.2425,
      1.26,
      0.29,
      1.3075,
      0.34,
      1.3575,
      0.3875,
      1.405,
      0.435,
      1.4525,
      0.485,
      1.5025,
      0.5325,
      1.55,
      0.58,
      1.6,
      0.63,
      1.6475,
      0.6775,
      1.695,
      0.7275,
      1.745,
      0.775,
      1.7925,
      0.8225,
      1.8425,
      0.8725,
      1.89,
      0.92,
      1.9375,
      0.97
    ],
    "SoftwareVersions": "syngo_MR_B17",
    "TaskName": "encoding",
    "TotalReadoutTime": 0.01488,
    "TrueEchoSpacing": 0.000480001,
    "dataset": "ds003789",
    "modality": "bold",
    "run_id": 4,
    "subject_id": "5436",
    "task_id": "encoding"
  },
  "dummy_trs": 0,
  "dvars_nstd": 33.41967578915032,
  "dvars_std": 1.2369824716993463,
  "dvars_vstd": 1.0131683549019606,
  "efc": 0.5578141601888388,
  "fber": 1140.7940673828125,
  "fd_mean": 0.041027824942442205,
  "fd_num": 1,
  "fd_perc": 0.6493506493506493,
  "fwhm_avg": 1.6132254620433724,
  "fwhm_x": 1.54669,
  "fwhm_y": 1.7362833333333334,
  "fwhm_z": 1.5567030527967838,
  "gcor": 0.00451395,
  "gsr_x": 0.0033357555512338877,
  "gsr_y": 0.030921414494514465,
  "provenance": {
    "md5sum": "37a4ca157e6728e9261c31f5950fa45a",
    "settings": {
      "fd_thres": 0.2,
      "testing": false
    },
    "software": "mriqc",
    "version": "23.1.0"
  },
  "size_t": 154,
  "size_x": 64,
  "size_y": 64,
  "size_z": 41,
  "snr": 6.213539197286964,
  "spacing_tr": 2.0,
  "spacing_x": 3.0,
  "spacing_y": 3.0,
  "spacing_z": 3.299999952316284,
  "summary_bg_k": 22.748134707413136,
  "summary_bg_mad": 17.088433614679236,
  "summary_bg_mean": 56.03752383303314,
  "summary_bg_median": 24.311687469482422,
  "summary_bg_n": 123685.0,
  "summary_bg_p05": 8.616883277893066,
  "summary_bg_p95": 238.87013244628906,
  "summary_bg_stdv": 92.61602870207479,
  "summary_fg_k": 2.456100788141242,
  "summary_fg_mad": 110.45386527866735,
  "summary_fg_mean": 817.7143961775034,
  "summary_fg_median": 821.1428833007812,
  "summary_fg_n": 44251.0,
  "summary_fg_p05": 575.9610595703125,
  "summary_fg_p95": 1011.8117065429688,
  "summary_fg_stdv": 132.15231753360717,
  "tsnr": 54.05791368498467
}