{
  "aor": 0.0007995454545454546,
  "aqi": 0.01077214694805195,
  "bids_meta": {
    "AccelFactPE": 2,
    "AcquisitionNumber": 1,
    "AcquisitionTime": "17:09:8.207500",
    "BandwidthPerPixelPhaseEncode": 65.104,
    "ConversionSoftware": "dcm2niix",
    "ConversionSoftwareVersion": "v1.0.20170724 GCC4.4.7",
    "DeviceSerialNumber": "35193",
    "EchoTime": 0.025,
    "EffectiveEchoSpacing": 0.000240001,
    "FlipAngle": 90,
    "ImageType": [
      "ORIGINAL",
      "PRIMARY",
      "M",
      "ND",
      "NORM",
      "MOSAIC"
    ],
    "InstitutionAddress": "Xinjiekouwai_Street_No_19_Beijing_Haidian_District_CN_100875",
    "InstitutionName": "BNU_MRI_Center",
    "MagneticFieldStrength": 3,
    "Manufacturer": "Siemens",
    "ManufacturersModelName": "TrioTim",
    "PhaseEncodingDirection": "j-",
    "PhaseEncodingLines": 64,
    "ProcedureStepDescription": "BNU_cst_2019_Zhu.Bi",
    "ProtocolName": "Learning7_154",
    "RepetitionTime": 2,
    "ScanningSequence": "EP",
    "SequenceName": "_epfid2d1_64",
    "SequenceVariant": "SK",
    "SeriesDescription": "Learning7_154",
    "SliceTiming": [
      0,
      1.0175,
      0.0475,
      1.0675,
      0.0975,
      1.115,
      0.145,
      1.1625,
      0.1925,
      1.2125,
      0.2425,
      1.26,
      0.29,
      1.3075,
      0.34,
      1.3575,
      0.3875,
      1.405,
      0.435,
      1.455,
      0.485,
      1.5025,
      0.5325,
      1.55,
      0.5825,
      1.6,
      0.63,
      1.6475,
      0.6775,
      1.6975,
      0.7275,
      1.745,
      0.775,
      1.7925,
      0.825,
      1.8425,
      0.8725,
      1.89,
      0.92,
      1.94,
      0.97
    ],
    "SoftwareVersions": "syngo_MR_B17",
    "TaskName": "encoding",
    "TotalReadoutTime": 0.01488,
    "TrueEchoSpacing": 0.000480001,
    "dataset": "ds003789",
    "modality": "bold",
    "run_id": 7,
    "subject_id": "5411",
    "task_id": "encoding"
  },
  "dummy_trs": 0,
  "dvars_nstd": 29.719214271241825,
  "dvars_std": 1.1136561697385623,
  "dvars_vstd": 1.0213810718954248,
  "efc": 0.5448977530870742,
  "fber": 1010.1411743164062,
  "fd_mean": 0.044366747266642304,
  "fd_num": 4,
  "fd_perc": 2.5974025974025974,
  "fwhm_avg": 1.6961816239452279,
  "fwhm_x": 1.6318333333333335,
  "fwhm_y": 1.8406933333333333,
  "fwhm_z": 1.616018205169016,
  "gcor": 0.0051892,
  "gsr_x": 0.002362587722018361,
  "gsr_y": 0.014606866985559464,
  "provenance": {
    "md5sum": "906b89a713eb2f4e2da29240b8d36397",
    "settings": {
      "fd_thres": 0.2,
      "testing": false
    },
    "software": "mriqc",
    "version": "23.1.0"
  },
  "size_t": 154,
  "size_x": 64,
  "size_y": 64,
  "size_z": 41,
  "snr": 6.038490023103981,
  "spacing_tr": 2.0,
  "spacing_x": 3.0,
  "spacing_y": 3.0,
  "spacing_z": 3.299999952316284,
  "summary_bg_k": 17.721715779037464,
  "summary_bg_mad": 17.666072109687345,
  "summary_bg_mean": 55.09401261865324,
  "summary_bg_median": 25.55194854736328,
  "summary_bg_n": 127115.0,
  "summary_bg_p05": 8.668830871582031,
  "summary_bg_p95": 231.44805908203125,
  "summary_bg_stdv": 85.30103683579023,
  "summary_fg_k": 1.8707257242126527,
  "summary_fg_mad": 109.51040759250161,
  "summary_fg_mean": 804.2887275040533,
  "summary_fg_median": 812.1104125976562,
  "summary_fg_n": 40821.0,
  "summary_fg_p05": 541.1558227539062,
  "summary_fg_p95": 998.9155883789062,
  "summary_fg_stdv": 134.48734074511086,
  "tsnr": 54.92880206927657
}