{
  "aor": 0.0006352597402597402,
  "aqi": 0.011028232142857142,
  "bids_meta": {
    "AccelFactPE": 2,
    "AcquisitionNumber": 1,
    "AcquisitionTime": "16:55:48.645000",
    "BandwidthPerPixelPhaseEncode": 65.104,
    "ConversionSoftware": "dcm2niix",
    "ConversionSoftwareVersion": "v1.0.20170724 GCC4.4.7",
    "DeviceSerialNumber": "35193",
    "EchoTime": 0.025,
    "EffectiveEchoSpacing": 0.000240001,
    "FlipAngle": 90,
    "ImageType": [
      "ORIGINAL",
      "PRIMARY",
      "M",
      "ND",
      "NORM",
      "MOSAIC"
    ],
    "InstitutionAddress": "Xinjiekouwai_Street_No_19_Beijing_Haidian_District_CN_100875",
    "InstitutionName": "BNU_MRI_Center",
    "MagneticFieldStrength": 3,
    "Manufacturer": "Siemens",
    "ManufacturersModelName": "TrioTim",
    "PhaseEncodingDirection": "j-",
    "PhaseEncodingLines": 64,
    "ProcedureStepDescription": "BNU_cst_2019_Zhu.Bi",
    "ProtocolName": "Learning5_154",
    "RepetitionTime": 2,
    "ScanningSequence": "EP",
    "SequenceName": "_epfid2d1_64",
    "SequenceVariant": "SK",
    "SeriesDescription": "Learning5_154",
    "SliceTiming": [
      0,
      1.0175,
      0.0475,
      1.0675,
      0.0975,
      1.115,
      0.145,
      1.1625,
      0.195,
      1.2125,
      0.2425,
      1.26,
      0.29,
      1.3075,
      0.34,
      1.3575,
      0.3875,
      1.405,
      0.435,
      1.455,
      0.485,
      1.5025,
      0.5325,
      1.55,
      0.5825,
      1.6,
      0.63,
      1.6475,
      0.6775,
      1.6975,
      0.7275,
      1.745,
      0.775,
      1.7925,
      0.825,
      1.8425,
      0.8725,
      1.89,
      0.92,
      1.94,
      0.97
    ],
    "SoftwareVersions": "syngo_MR_B17",
    "TaskName": "encoding",
    "TotalReadoutTime": 0.01488,
    "TrueEchoSpacing": 0.000480001,
    "dataset": "ds003789",
    "modality": "bold",
    "run_id": 5,
    "subject_id": "5411",
    "task_id": "encoding"
  },
  "dummy_trs": 0,
  "dvars_nstd": 30.458294887058827,
  "dvars_std": 1.1308358390196083,
  "dvars_vstd": 1.016335307254902,
  "efc": 0.543831454282677,
  "fber": 1031.8896484375,
  "fd_mean": 0.04717915230660633,
  "fd_num": 2,
  "fd_perc": 1.2987012987012987,
  "fwhm_avg": 1.696521623940732,
  "fwhm_x": 1.63579,
  "fwhm_y": 1.83869,
  "fwhm_z": 1.6150848718221964,
  "gcor": 0.00529133,
  "gsr_x": 0.003200257895514369,
  "gsr_y": 0.0138298524543643,
  "provenance": {
    "md5sum": "7af4e9cce7fd41dca8f6652bd1fddbdf",
    "settings": {
      "fd_thres": 0.2,
      "testing": false
    },
    "software": "mriqc",
    "version": "23.1.0"
  },
  "size_t": 154,
  "size_x": 64,
  "size_y": 64,
  "size_z": 41,
  "snr": 5.97013550680887,
  "spacing_tr": 2.0,
  "spacing_x": 3.0,
  "spacing_y": 3.0,
  "spacing_z": 3.299999952316284,
  "summary_bg_k": 17.594460986176724,
  "summary_bg_mad": 17.43501642890017,
  "summary_bg_mean": 54.04277519585302,
  "summary_bg_median": 25.227272033691406,
  "summary_bg_n": 127008.0,
  "summary_bg_p05": 8.49350643157959,
  "summary_bg_p95": 225.62338256835938,
  "summary_bg_stdv": 83.80644363708147,
  "summary_fg_k": 1.9127682926034781,
  "summary_fg_mad": 109.2504726027154,
  "summary_fg_mean": 800.9184702783008,
  "summary_fg_median": 810.3766479492188,
  "summary_fg_n": 40928.0,
  "summary_fg_p05": 532.7857055664062,
  "summary_fg_p95": 994.2792358398438,
  "summary_fg_stdv": 135.73674281548045,
  "tsnr": 54.69105409621261
}