{
  "aor": 0.0004071162790697674,
  "aqi": 0.010953439162790696,
  "bids_meta": {
    "AccelFactPE": 2,
    "AcquisitionNumber": 1,
    "AcquisitionTime": "16:01:28.070000",
    "BandwidthPerPixelPhaseEncode": 65.104,
    "ConversionSoftware": "dcm2niix",
    "ConversionSoftwareVersion": "v1.0.20170724 GCC4.4.7",
    "DeviceSerialNumber": "35193",
    "EchoTime": 0.025,
    "EffectiveEchoSpacing": 0.000240001,
    "FlipAngle": 90,
    "ImageType": [
      "ORIGINAL",
      "PRIMARY",
      "M",
      "ND",
      "NORM",
      "MOSAIC"
    ],
    "InstitutionAddress": "Xinjiekouwai_Street_No_19_Beijing_Haidian_District_CN_100875",
    "InstitutionName": "BNU_MRI_Center",
    "MagneticFieldStrength": 3,
    "Manufacturer": "Siemens",
    "ManufacturersModelName": "TrioTim",
    "PhaseEncodingDirection": "j-",
    "PhaseEncodingLines": 64,
    "ProcedureStepDescription": "BNU_cst_2019_Zhu.Bi",
    "ProtocolName": "Test2_216",
    "RepetitionTime": 2,
    "ScanningSequence": "EP",
    "SequenceName": "_epfid2d1_64",
    "SequenceVariant": "SK",
    "SeriesDescription": "Test2_216",
    "SliceTiming": [
      0,
      1.0175,
      0.0475,
      1.0675,
      0.0975,
      1.115,
      0.145,
      1.1625,
      0.195,
      1.2125,
      0.2425,
      1.26,
      0.29,
      1.31,
      0.34,
      1.3575,
      0.3875,
      1.405,
      0.435,
      1.455,
      0.485,
      1.5025,
      0.5325,
      1.55,
      0.5825,
      1.6,
      0.63,
      1.6475,
      0.6775,
      1.6975,
      0.7275,
      1.745,
      0.775,
      1.7925,
      0.825,
      1.8425,
      0.8725,
      1.89,
      0.92,
      1.94,
      0.97
    ],
    "SoftwareVersions": "syngo_MR_B17",
    "TaskName": "retrieval",
    "TotalReadoutTime": 0.01488,
    "TrueEchoSpacing": 0.000480001,
    "dataset": "ds003789",
    "modality": "bold",
    "run_id": 2,
    "subject_id": "5411",
    "task_id": "retrieval"
  },
  "dummy_trs": 1,
  "dvars_nstd": 31.091063276588752,
  "dvars_std": 1.1142940615887853,
  "dvars_vstd": 1.0050328798598134,
  "efc": 0.5395499679762684,
  "fber": 1098.0904541015625,
  "fd_mean": 0.04998760489728881,
  "fd_num": 2,
  "fd_perc": 0.9302325581395349,
  "fwhm_avg": 1.7021557654607207,
  "fwhm_x": 1.6266800000000001,
  "fwhm_y": 1.8427266666666666,
  "fwhm_z": 1.6370606297154953,
  "gcor": 0.00815168,
  "gsr_x": 0.0047916872426867485,
  "gsr_y": 0.017727065831422806,
  "provenance": {
    "md5sum": "7f48ca3d16152fd690ae175625ff10e0",
    "settings": {
      "fd_thres": 0.2,
      "testing": false
    },
    "software": "mriqc",
    "version": "23.1.0"
  },
  "size_t": 215,
  "size_x": 64,
  "size_y": 64,
  "size_z": 41,
  "snr": 5.929541234679226,
  "spacing_tr": 2.0,
  "spacing_x": 3.0,
  "spacing_y": 3.0,
  "spacing_z": 3.299999952316284,
  "summary_bg_k": 20.569067745780007,
  "summary_bg_mad": 17.115436652293123,
  "summary_bg_mean": 53.545157544884184,
  "summary_bg_median": 25.125581741333008,
  "summary_bg_n": 127144.0,
  "summary_bg_p05": 9.037209510803223,
  "summary_bg_p95": 222.84185791015625,
  "summary_bg_stdv": 85.2469718016108,
  "summary_fg_k": 1.873608252400011,
  "summary_fg_mad": 115.63609573822416,
  "summary_fg_mean": 822.8546968764197,
  "summary_fg_median": 832.59765625,
  "summary_fg_n": 40792.0,
  "summary_fg_p05": 547.9255981445312,
  "summary_fg_p95": 1022.8558349609375,
  "summary_fg_stdv": 140.4134684002725,
  "tsnr": 53.952972220722586
}