{
  "aor": 0.0006064285714285715,
  "aqi": 0.014412435064935067,
  "bids_meta": {
    "AccelFactPE": 2,
    "AcquisitionNumber": 1,
    "AcquisitionTime": "10:27:5.960000",
    "BandwidthPerPixelPhaseEncode": 65.104,
    "ConversionSoftware": "dcm2niix",
    "ConversionSoftwareVersion": "v1.0.20170724 GCC4.4.7",
    "DeviceSerialNumber": "35193",
    "EchoTime": 0.025,
    "EffectiveEchoSpacing": 0.000240001,
    "FlipAngle": 90,
    "ImageType": [
      "ORIGINAL",
      "PRIMARY",
      "M",
      "ND",
      "NORM",
      "MOSAIC"
    ],
    "InstitutionAddress": "Xinjiekouwai_Street_No_19_Beijing_Haidian_District_CN_100875",
    "InstitutionName": "BNU_MRI_Center",
    "MagneticFieldStrength": 3,
    "Manufacturer": "Siemens",
    "ManufacturersModelName": "TrioTim",
    "PhaseEncodingDirection": "j-",
    "PhaseEncodingLines": 64,
    "ProcedureStepDescription": "BNU_cst_2019_Zhu.Bi",
    "ProtocolName": "Learning4_154",
    "RepetitionTime": 2,
    "ScanningSequence": "EP",
    "SequenceName": "_epfid2d1_64",
    "SequenceVariant": "SK",
    "SeriesDescription": "Learning4_154",
    "SliceTiming": [
      0,
      1.0175,
      0.0475,
      1.065,
      0.095,
      1.115,
      0.145,
      1.1625,
      0.1925,
      1.21,
      0.2425,
      1.26,
      0.29,
      1.3075,
      0.3375,
      1.3575,
      0.3875,
      1.405,
      0.435,
      1.4525,
      0.485,
      1.5025,
      0.5325,
      1.55,
      0.58,
      1.6,
      0.63,
      1.6475,
      0.6775,
      1.695,
      0.7275,
      1.745,
      0.775,
      1.7925,
      0.8225,
      1.84,
      0.8725,
      1.89,
      0.92,
      1.9375,
      0.9675
    ],
    "SoftwareVersions": "syngo_MR_B17",
    "TaskName": "encoding",
    "TotalReadoutTime": 0.01488,
    "TrueEchoSpacing": 0.000480001,
    "dataset": "ds003789",
    "modality": "bold",
    "run_id": 4,
    "subject_id": "5418",
    "task_id": "encoding"
  },
  "dummy_trs": 0,
  "dvars_nstd": 36.12879475137255,
  "dvars_std": 1.2200764029411761,
  "dvars_vstd": 1.0148952401307185,
  "efc": 0.5711988494394463,
  "fber": 971.0906982421875,
  "fd_mean": 0.06692999893362721,
  "fd_num": 5,
  "fd_perc": 3.2467532467532467,
  "fwhm_avg": 1.551358189112608,
  "fwhm_x": 1.47868,
  "fwhm_y": 1.66094,
  "fwhm_z": 1.5144545673378247,
  "gcor": 0.01771,
  "gsr_x": 0.0008632573299109936,
  "gsr_y": 0.027303118258714676,
  "provenance": {
    "md5sum": "1a1bb5e35a907bc02ba3c3df230fdd4d",
    "settings": {
      "fd_thres": 0.2,
      "testing": false
    },
    "software": "mriqc",
    "version": "23.1.0"
  },
  "size_t": 154,
  "size_x": 64,
  "size_y": 64,
  "size_z": 41,
  "snr": 6.34475998400163,
  "spacing_tr": 2.0,
  "spacing_x": 3.0,
  "spacing_y": 3.0,
  "spacing_z": 3.299999952316284,
  "summary_bg_k": 20.675147395223984,
  "summary_bg_mad": 20.30876288680274,
  "summary_bg_mean": 64.51730782281541,
  "summary_bg_median": 28.56168842315674,
  "summary_bg_n": 122154.0,
  "summary_bg_p05": 10.435065269470215,
  "summary_bg_p95": 270.98052978515625,
  "summary_bg_stdv": 99.89841556828291,
  "summary_fg_k": 2.4446031450053214,
  "summary_fg_mad": 117.32293582337815,
  "summary_fg_mean": 884.1592973540211,
  "summary_fg_median": 890.0487060546875,
  "summary_fg_n": 45782.0,
  "summary_fg_p05": 626.9610595703125,
  "summary_fg_p95": 1087.17529296875,
  "summary_fg_stdv": 140.2793782170846,
  "tsnr": 50.570175636559725
}