{
  "aor": 0.0012946405228758168,
  "aqi": 0.018717249019607845,
  "bids_meta": {
    "AccelFactPE": 2,
    "AcquisitionNumber": 1,
    "AcquisitionTime": "10:33:6.602500",
    "BandwidthPerPixelPhaseEncode": 65.104,
    "ConversionSoftware": "dcm2niix",
    "ConversionSoftwareVersion": "v1.0.20170724 GCC4.4.7",
    "DeviceSerialNumber": "35193",
    "EchoTime": 0.025,
    "EffectiveEchoSpacing": 0.000240001,
    "FlipAngle": 90,
    "ImageType": [
      "ORIGINAL",
      "PRIMARY",
      "M",
      "ND",
      "NORM",
      "MOSAIC"
    ],
    "InstitutionAddress": "Xinjiekouwai_Street_No_19_Beijing_Haidian_District_CN_100875",
    "InstitutionName": "BNU_MRI_Center",
    "MagneticFieldStrength": 3,
    "Manufacturer": "Siemens",
    "ManufacturersModelName": "TrioTim",
    "PhaseEncodingDirection": "j-",
    "PhaseEncodingLines": 64,
    "ProcedureStepDescription": "BNU_cst_2019_Zhu.Bi",
    "ProtocolName": "Learning5_154",
    "RepetitionTime": 2,
    "ScanningSequence": "EP",
    "SequenceName": "_epfid2d1_64",
    "SequenceVariant": "SK",
    "SeriesDescription": "Learning5_154",
    "SliceTiming": [
      0,
      1.0175,
      0.05,
      1.0675,
      0.0975,
      1.115,
      0.145,
      1.165,
      0.195,
      1.2125,
      0.2425,
      1.26,
      0.2925,
      1.31,
      0.34,
      1.3575,
      0.3875,
      1.4075,
      0.4375,
      1.455,
      0.485,
      1.5025,
      0.535,
      1.5525,
      0.5825,
      1.6,
      0.63,
      1.6475,
      0.68,
      1.6975,
      0.7275,
      1.745,
      0.775,
      1.795,
      0.825,
      1.8425,
      0.8725,
      1.89,
      0.9225,
      1.94,
      0.97
    ],
    "SoftwareVersions": "syngo_MR_B17",
    "TaskName": "encoding",
    "TotalReadoutTime": 0.01488,
    "TrueEchoSpacing": 0.000480001,
    "dataset": "ds003789",
    "modality": "bold",
    "run_id": 5,
    "subject_id": "5418",
    "task_id": "encoding"
  },
  "dummy_trs": 1,
  "dvars_nstd": 36.426852101052646,
  "dvars_std": 1.1872790645394737,
  "dvars_vstd": 0.9951817684868418,
  "efc": 0.5717659179779416,
  "fber": 959.9599609375,
  "fd_mean": 0.07698327581239775,
  "fd_num": 5,
  "fd_perc": 3.2679738562091503,
  "fwhm_avg": 1.56233445181776,
  "fwhm_x": 1.4810166666666669,
  "fwhm_y": 1.6751533333333333,
  "fwhm_z": 1.5308333554532796,
  "gcor": 0.00385443,
  "gsr_x": 0.0009132868726737797,
  "gsr_y": 0.02629059925675392,
  "provenance": {
    "md5sum": "f27aa9fd21f2aef1954df0fe305fd5aa",
    "settings": {
      "fd_thres": 0.2,
      "testing": false
    },
    "software": "mriqc",
    "version": "23.1.0"
  },
  "size_t": 153,
  "size_x": 64,
  "size_y": 64,
  "size_z": 41,
  "snr": 6.326737266407204,
  "spacing_tr": 2.0,
  "spacing_x": 3.0,
  "spacing_y": 3.0,
  "spacing_z": 3.299999952316284,
  "summary_bg_k": 19.958141023588492,
  "summary_bg_mad": 20.44634433905006,
  "summary_bg_mean": 64.64828091982149,
  "summary_bg_median": 28.627450942993164,
  "summary_bg_n": 122140.0,
  "summary_bg_p05": 10.562091827392578,
  "summary_bg_p95": 272.17974853515625,
  "summary_bg_stdv": 99.88034943428576,
  "summary_fg_k": 2.493663740207765,
  "summary_fg_mad": 116.02574937304381,
  "summary_fg_mean": 880.5022136755038,
  "summary_fg_median": 886.9706115722656,
  "summary_fg_n": 45796.0,
  "summary_fg_p05": 620.62744140625,
  "summary_fg_p95": 1082.921630859375,
  "summary_fg_stdv": 140.19247050099904,
  "tsnr": 47.00183602643665
}