{
  "aor": 0.0003676388888888888,
  "aqi": 0.01530960324074074,
  "bids_meta": {
    "AccelFactPE": 2,
    "AcquisitionNumber": 1,
    "AcquisitionTime": "09:57:8.120000",
    "BandwidthPerPixelPhaseEncode": 65.104,
    "ConversionSoftware": "dcm2niix",
    "ConversionSoftwareVersion": "v1.0.20170724 GCC4.4.7",
    "DeviceSerialNumber": "35193",
    "EchoTime": 0.025,
    "EffectiveEchoSpacing": 0.000240001,
    "FlipAngle": 90,
    "ImageType": [
      "ORIGINAL",
      "PRIMARY",
      "M",
      "ND",
      "NORM",
      "MOSAIC"
    ],
    "InstitutionAddress": "Xinjiekouwai_Street_No_19_Beijing_Haidian_District_CN_100875",
    "InstitutionName": "BNU_MRI_Center",
    "MagneticFieldStrength": 3,
    "Manufacturer": "Siemens",
    "ManufacturersModelName": "TrioTim",
    "PhaseEncodingDirection": "j-",
    "PhaseEncodingLines": 64,
    "ProcedureStepDescription": "BNU_cst_2019_Zhu.Bi",
    "ProtocolName": "Test1_216",
    "RepetitionTime": 2,
    "ScanningSequence": "EP",
    "SequenceName": "_epfid2d1_64",
    "SequenceVariant": "SK",
    "SeriesDescription": "Test1_216",
    "SliceTiming": [
      0,
      1.02,
      0.05,
      1.0675,
      0.0975,
      1.115,
      0.1475,
      1.165,
      0.195,
      1.2125,
      0.2425,
      1.2625,
      0.2925,
      1.31,
      0.34,
      1.3575,
      0.39,
      1.4075,
      0.4375,
      1.455,
      0.485,
      1.505,
      0.535,
      1.5525,
      0.5825,
      1.6,
      0.6325,
      1.65,
      0.68,
      1.6975,
      0.7275,
      1.745,
      0.7775,
      1.795,
      0.825,
      1.8425,
      0.8725,
      1.8925,
      0.9225,
      1.94,
      0.97
    ],
    "SoftwareVersions": "syngo_MR_B17",
    "TaskName": "retrieval",
    "TotalReadoutTime": 0.01488,
    "TrueEchoSpacing": 0.000480001,
    "dataset": "ds003789",
    "modality": "bold",
    "run_id": 1,
    "subject_id": "5418",
    "task_id": "retrieval"
  },
  "dummy_trs": 0,
  "dvars_nstd": 35.613854749720936,
  "dvars_std": 1.184951173674419,
  "dvars_vstd": 0.9937015086976749,
  "efc": 0.568605199161954,
  "fber": 1022.2380981445312,
  "fd_mean": 0.049537925128454625,
  "fd_num": 0,
  "fd_perc": 0.0,
  "fwhm_avg": 1.5631836438054634,
  "fwhm_x": 1.4766966666666665,
  "fwhm_y": 1.6677966666666666,
  "fwhm_z": 1.545057598083057,
  "gcor": 0.00455921,
  "gsr_x": 0.004236466251313686,
  "gsr_y": 0.03185904771089554,
  "provenance": {
    "md5sum": "afb87cfc569497628d87c94106de9c80",
    "settings": {
      "fd_thres": 0.2,
      "testing": false
    },
    "software": "mriqc",
    "version": "23.1.0"
  },
  "size_t": 216,
  "size_x": 64,
  "size_y": 64,
  "size_z": 41,
  "snr": 6.32051780214017,
  "spacing_tr": 2.0,
  "spacing_x": 3.0,
  "spacing_y": 3.0,
  "spacing_z": 3.299999952316284,
  "summary_bg_k": 22.322885412210578,
  "summary_bg_mad": 19.809212346624445,
  "summary_bg_mean": 61.4586844086767,
  "summary_bg_median": 27.231481552124023,
  "summary_bg_n": 122203.0,
  "summary_bg_p05": 9.44444465637207,
  "summary_bg_p95": 252.69908142089844,
  "summary_bg_stdv": 96.25970749727712,
  "summary_fg_k": 2.6042408942287514,
  "summary_fg_mad": 114.53102137955776,
  "summary_fg_mean": 863.7685405594489,
  "summary_fg_median": 870.6574096679688,
  "summary_fg_n": 45733.0,
  "summary_fg_p05": 609.1898193359375,
  "summary_fg_p95": 1063.120361328125,
  "summary_fg_stdv": 137.74945628703313,
  "tsnr": 50.177847645711154
}