{
  "aor": 0.0004716666666666667,
  "aqi": 0.016492755092592595,
  "bids_meta": {
    "AccelFactPE": 2,
    "AcquisitionNumber": 1,
    "AcquisitionTime": "10:13:14.917500",
    "BandwidthPerPixelPhaseEncode": 65.104,
    "ConversionSoftware": "dcm2niix",
    "ConversionSoftwareVersion": "v1.0.20170724 GCC4.4.7",
    "DeviceSerialNumber": "35193",
    "EchoTime": 0.025,
    "EffectiveEchoSpacing": 0.000240001,
    "FlipAngle": 90,
    "ImageType": [
      "ORIGINAL",
      "PRIMARY",
      "M",
      "ND",
      "NORM",
      "MOSAIC"
    ],
    "InstitutionAddress": "Xinjiekouwai_Street_No_19_Beijing_Haidian_District_CN_100875",
    "InstitutionName": "BNU_MRI_Center",
    "MagneticFieldStrength": 3,
    "Manufacturer": "Siemens",
    "ManufacturersModelName": "TrioTim",
    "PhaseEncodingDirection": "j-",
    "PhaseEncodingLines": 64,
    "ProcedureStepDescription": "BNU_cst_2019_Zhu.Bi",
    "ProtocolName": "Test3_216",
    "RepetitionTime": 2,
    "ScanningSequence": "EP",
    "SequenceName": "_epfid2d1_64",
    "SequenceVariant": "SK",
    "SeriesDescription": "Test3_216",
    "SliceTiming": [
      0,
      1.0175,
      0.0475,
      1.065,
      0.0975,
      1.115,
      0.145,
      1.1625,
      0.1925,
      1.21,
      0.2425,
      1.26,
      0.29,
      1.3075,
      0.3375,
      1.3575,
      0.3875,
      1.405,
      0.435,
      1.4525,
      0.485,
      1.5025,
      0.5325,
      1.55,
      0.58,
      1.6,
      0.63,
      1.6475,
      0.6775,
      1.695,
      0.7275,
      1.745,
      0.775,
      1.7925,
      0.8225,
      1.8425,
      0.8725,
      1.89,
      0.92,
      1.9375,
      0.97
    ],
    "SoftwareVersions": "syngo_MR_B17",
    "TaskName": "retrieval",
    "TotalReadoutTime": 0.01488,
    "TrueEchoSpacing": 0.000480001,
    "dataset": "ds003789",
    "modality": "bold",
    "run_id": 3,
    "subject_id": "5418",
    "task_id": "retrieval"
  },
  "dummy_trs": 0,
  "dvars_nstd": 35.98654462260465,
  "dvars_std": 1.1863115452093014,
  "dvars_vstd": 0.9911232804186052,
  "efc": 0.5703713215477827,
  "fber": 998.5791625976562,
  "fd_mean": 0.06677411880163081,
  "fd_num": 8,
  "fd_perc": 3.7037037037037037,
  "fwhm_avg": 1.5612014215211076,
  "fwhm_x": 1.4790833333333333,
  "fwhm_y": 1.6723633333333332,
  "fwhm_z": 1.5321575978966568,
  "gcor": 0.0106666,
  "gsr_x": 0.003739959094673395,
  "gsr_y": 0.03134012967348099,
  "provenance": {
    "md5sum": "0d625cf12f1b4a126fad6c81423ec339",
    "settings": {
      "fd_thres": 0.2,
      "testing": false
    },
    "software": "mriqc",
    "version": "23.1.0"
  },
  "size_t": 216,
  "size_x": 64,
  "size_y": 64,
  "size_z": 41,
  "snr": 6.366976615129591,
  "spacing_tr": 2.0,
  "spacing_x": 3.0,
  "spacing_y": 3.0,
  "spacing_z": 3.299999952316284,
  "summary_bg_k": 21.919820806746703,
  "summary_bg_mad": 20.06317776761781,
  "summary_bg_mean": 62.523217141785324,
  "summary_bg_median": 27.439815521240234,
  "summary_bg_n": 122239.0,
  "summary_bg_p05": 9.722222328186035,
  "summary_bg_p95": 258.1157531738281,
  "summary_bg_stdv": 97.28614087169542,
  "summary_fg_k": 2.6522411574482065,
  "summary_fg_mad": 113.84464822114924,
  "summary_fg_mean": 860.9725697729826,
  "summary_fg_median": 867.1065063476562,
  "summary_fg_n": 45697.0,
  "summary_fg_p05": 613.38427734375,
  "summary_fg_p95": 1056.5880126953125,
  "summary_fg_stdv": 136.18661904150935,
  "tsnr": 48.75035033875611
}