{
  "bids_meta": {
    "AcquisitionNumber": 1,
    "AcquisitionTime": "10:10:53.810000",
    "ConversionSoftware": "dcm2niix",
    "ConversionSoftwareVersion": "v1.0.20170724 GCC4.4.7",
    "DeviceSerialNumber": "35193",
    "EchoTime": 0.00309,
    "FlipAngle": 10,
    "ImageType": [
      "ORIGINAL",
      "PRIMARY",
      "M",
      "ND",
      "NORM"
    ],
    "InstitutionAddress": "Xinjiekouwai_Street_No_19_Beijing_Haidian_District_CN_100875",
    "InstitutionName": "BNU_MRI_Center",
    "InversionTime": 0.8,
    "MagneticFieldStrength": 3,
    "Manufacturer": "Siemens",
    "ManufacturersModelName": "TrioTim",
    "PhaseEncodingDirection": "i-",
    "PhaseEncodingLines": 256,
    "ProcedureStepDescription": "BNU_cst_2019_Zhu.Bi",
    "ProtocolName": "UCI_MPRAGE_Sag_1x1x1",
    "RepetitionTime": 2.53,
    "ScanningSequence": "GR_IR",
    "SequenceName": "_tfl3d1_ns",
    "SequenceVariant": "SP_MP",
    "SeriesDescription": "UCI_MPRAGE_Sag_1x1x1",
    "SoftwareVersions": "syngo_MR_B17",
    "dataset": "ds003789",
    "modality": "T1w",
    "subject_id": "5422"
  },
  "cjv": 0.5509236932677134,
  "cnr": 1.8611561173672793,
  "efc": 0.5571860458425085,
  "fber": 5293.593420642856,
  "fwhm_avg": 3.875,
  "fwhm_x": 3.92034,
  "fwhm_y": 3.96708,
  "fwhm_z": 3.73758,
  "icvs_csf": 0.2698075776636683,
  "icvs_gm": 0.3839217250839959,
  "icvs_wm": 0.34627069725233567,
  "inu_med": 0.5871670842170715,
  "inu_range": 0.2497801244258881,
  "provenance": {
    "md5sum": "9e5d7059f2dc0a9823cee75b0843b213",
    "settings": {
      "testing": false
    },
    "software": "mriqc",
    "version": "23.1.0",
    "warnings": {
      "large_rot_frame": true,
      "small_air_mask": false
    }
  },
  "qi_1": 0.0,
  "qi_2": 0.0020458680990921643,
  "rpve_csf": 8.287451034347626,
  "rpve_gm": 8.206282373986395,
  "rpve_wm": 8.31810735016598,
  "size_x": 208,
  "size_y": 256,
  "size_z": 256,
  "snr_csf": 2.2623445951234946,
  "snr_gm": 5.454529307776119,
  "snr_total": 5.91384114211568,
  "snr_wm": 10.024649523447428,
  "snrd_csf": 30.130540109060554,
  "snrd_gm": 45.142875272324034,
  "snrd_total": 46.663165349506436,
  "snrd_wm": 64.7160806671347,
  "spacing_x": 1.0,
  "spacing_y": 1.0,
  "spacing_z": 1.0,
  "summary_bg_k": 15.164254053011838,
  "summary_bg_mad": 0.0,
  "summary_bg_mean": 6.309306176119578,
  "summary_bg_median": 0.0,
  "summary_bg_n": 4889058.0,
  "summary_bg_p05": 0.0,
  "summary_bg_p95": 25.898652225732803,
  "summary_bg_stdv": 9.654477721669698,
  "summary_csf_k": -0.24762407482063997,
  "summary_csf_mad": 150.3050001817198,
  "summary_csf_mean": 436.5219105175529,
  "summary_csf_median": 444.0214712917805,
  "summary_csf_n": 437261.7622533932,
  "summary_csf_p05": 111.73864291608334,
  "summary_csf_p95": 733.368702724576,
  "summary_csf_stdv": 196.2658405439166,
  "summary_gm_k": -0.4724487690517378,
  "summary_gm_mad": 87.66635129096923,
  "summary_gm_mean": 674.6744402050302,
  "summary_gm_median": 665.2521270513535,
  "summary_gm_n": 622200.0565412451,
  "summary_gm_p05": 487.8619609028101,
  "summary_gm_p95": 905.7975607961416,
  "summary_gm_stdv": 121.96315299032172,
  "summary_wm_k": 0.040918547568546515,
  "summary_wm_mad": 71.24336727603833,
  "summary_wm_mean": 932.9531501451175,
  "summary_wm_median": 953.694465816021,
  "summary_wm_n": 561181.1818199209,
  "summary_wm_p05": 742.9480837285519,
  "summary_wm_p95": 1054.6680063009262,
  "summary_wm_stdv": 95.13485871644039,
  "tpm_overlap_csf": 0.21358543254424367,
  "tpm_overlap_gm": 0.5225172603525701,
  "tpm_overlap_wm": 0.5327011594490992,
  "wm2max": 0.5987775252723141
}