{
  "aor": 0.00036097222222222227,
  "aqi": 0.014045758796296296,
  "bids_meta": {
    "AccelFactPE": 2,
    "AcquisitionNumber": 1,
    "AcquisitionTime": "09:58:27.190000",
    "BandwidthPerPixelPhaseEncode": 65.104,
    "ConversionSoftware": "dcm2niix",
    "ConversionSoftwareVersion": "v1.0.20170724 GCC4.4.7",
    "DeviceSerialNumber": "35193",
    "EchoTime": 0.025,
    "EffectiveEchoSpacing": 0.000240001,
    "FlipAngle": 90,
    "ImageType": [
      "ORIGINAL",
      "PRIMARY",
      "M",
      "ND",
      "NORM",
      "MOSAIC"
    ],
    "InstitutionAddress": "Xinjiekouwai_Street_No_19_Beijing_Haidian_District_CN_100875",
    "InstitutionName": "BNU_MRI_Center",
    "MagneticFieldStrength": 3,
    "Manufacturer": "Siemens",
    "ManufacturersModelName": "TrioTim",
    "PhaseEncodingDirection": "j-",
    "PhaseEncodingLines": 64,
    "ProcedureStepDescription": "BNU_cst_2019_Zhu.Bi",
    "ProtocolName": "Test2_216",
    "RepetitionTime": 2,
    "ScanningSequence": "EP",
    "SequenceName": "_epfid2d1_64",
    "SequenceVariant": "SK",
    "SeriesDescription": "Test2_216",
    "SliceTiming": [
      0,
      1.0175,
      0.0475,
      1.0675,
      0.0975,
      1.115,
      0.145,
      1.1625,
      0.195,
      1.2125,
      0.2425,
      1.26,
      0.29,
      1.3075,
      0.34,
      1.3575,
      0.3875,
      1.405,
      0.435,
      1.455,
      0.485,
      1.5025,
      0.5325,
      1.55,
      0.5825,
      1.6,
      0.63,
      1.6475,
      0.6775,
      1.6975,
      0.7275,
      1.745,
      0.775,
      1.7925,
      0.825,
      1.8425,
      0.8725,
      1.89,
      0.92,
      1.94,
      0.97
    ],
    "SoftwareVersions": "syngo_MR_B17",
    "TaskName": "retrieval",
    "TotalReadoutTime": 0.01488,
    "TrueEchoSpacing": 0.000480001,
    "dataset": "ds003789",
    "modality": "bold",
    "run_id": 2,
    "subject_id": "5430",
    "task_id": "retrieval"
  },
  "dummy_trs": 0,
  "dvars_nstd": 32.666923522976774,
  "dvars_std": 1.1061425318139533,
  "dvars_vstd": 0.9988040342325586,
  "efc": 0.6183328812372723,
  "fber": 555.4153442382812,
  "fd_mean": 0.04836723622112289,
  "fd_num": 0,
  "fd_perc": 0.0,
  "fwhm_avg": 1.6274243510390278,
  "fwhm_x": 1.6104900000000002,
  "fwhm_y": 1.6929133333333333,
  "fwhm_z": 1.5788697197837502,
  "gcor": 0.00851605,
  "gsr_x": 0.0347132533788681,
  "gsr_y": 0.019624609500169754,
  "provenance": {
    "md5sum": "69728d290ed240a6faad5efd777d0670",
    "settings": {
      "fd_thres": 0.2,
      "testing": false
    },
    "software": "mriqc",
    "version": "23.1.0"
  },
  "size_t": 216,
  "size_x": 64,
  "size_y": 64,
  "size_z": 41,
  "snr": 6.305983835037263,
  "spacing_tr": 2.0,
  "spacing_x": 3.0,
  "spacing_y": 3.0,
  "spacing_z": 3.299999952316284,
  "summary_bg_k": 9.406470955031843,
  "summary_bg_mad": 26.53583331370806,
  "summary_bg_mean": 71.89657565319357,
  "summary_bg_median": 33.560184478759766,
  "summary_bg_n": 116077.0,
  "summary_bg_p05": 10.222222328186035,
  "summary_bg_p95": 284.60186767578125,
  "summary_bg_stdv": 94.02794053022147,
  "summary_fg_k": 2.3631757296434603,
  "summary_fg_mad": 102.41619579292986,
  "summary_fg_mean": 783.0798468555486,
  "summary_fg_median": 790.9213256835938,
  "summary_fg_n": 51859.0,
  "summary_fg_p05": 538.8194580078125,
  "summary_fg_p95": 960.4259033203125,
  "summary_fg_stdv": 125.42272873619872,
  "tsnr": 49.6224531972548
}