{
  "aor": 0.0005481818181818181,
  "aqi": 0.017867172727272725,
  "bids_meta": {
    "AccelFactPE": 2,
    "AcquisitionNumber": 1,
    "AcquisitionTime": "10:31:52.712500",
    "BandwidthPerPixelPhaseEncode": 65.104,
    "ConversionSoftware": "dcm2niix",
    "ConversionSoftwareVersion": "v1.0.20170724 GCC4.4.7",
    "DeviceSerialNumber": "35193",
    "EchoTime": 0.025,
    "EffectiveEchoSpacing": 0.000240001,
    "FlipAngle": 90,
    "ImageType": [
      "ORIGINAL",
      "PRIMARY",
      "M",
      "ND",
      "NORM",
      "MOSAIC"
    ],
    "InstitutionAddress": "Xinjiekouwai_Street_No_19_Beijing_Haidian_District_CN_100875",
    "InstitutionName": "BNU_MRI_Center",
    "MagneticFieldStrength": 3,
    "Manufacturer": "Siemens",
    "ManufacturersModelName": "TrioTim",
    "PhaseEncodingDirection": "j-",
    "PhaseEncodingLines": 64,
    "ProcedureStepDescription": "BNU_cst_2019_Zhu.Bi",
    "ProtocolName": "Learning5_154",
    "RepetitionTime": 2,
    "ScanningSequence": "EP",
    "SequenceName": "_epfid2d1_64",
    "SequenceVariant": "SK",
    "SeriesDescription": "Learning5_154",
    "SliceTiming": [
      0,
      1.0175,
      0.05,
      1.0675,
      0.0975,
      1.115,
      0.145,
      1.165,
      0.195,
      1.2125,
      0.2425,
      1.26,
      0.2925,
      1.31,
      0.34,
      1.3575,
      0.3875,
      1.4075,
      0.4375,
      1.455,
      0.485,
      1.5025,
      0.535,
      1.5525,
      0.5825,
      1.6,
      0.63,
      1.65,
      0.68,
      1.6975,
      0.7275,
      1.745,
      0.7775,
      1.795,
      0.825,
      1.8425,
      0.8725,
      1.8925,
      0.9225,
      1.94,
      0.97
    ],
    "SoftwareVersions": "syngo_MR_B17",
    "TaskName": "encoding",
    "TotalReadoutTime": 0.01488,
    "TrueEchoSpacing": 0.000480001,
    "dataset": "ds003789",
    "modality": "bold",
    "run_id": 5,
    "subject_id": "5430",
    "task_id": "encoding"
  },
  "dummy_trs": 0,
  "dvars_nstd": 32.57853357143791,
  "dvars_std": 1.1060517073856204,
  "dvars_vstd": 1.0019864811111108,
  "efc": 0.6217944652680605,
  "fber": 512.6166381835938,
  "fd_mean": 0.04014397799368327,
  "fd_num": 0,
  "fd_perc": 0.0,
  "fwhm_avg": 1.642119603673338,
  "fwhm_x": 1.6184966666666665,
  "fwhm_y": 1.7063499999999998,
  "fwhm_z": 1.6015121443533484,
  "gcor": 0.00390343,
  "gsr_x": 0.032226983457803726,
  "gsr_y": 0.016615506261587143,
  "provenance": {
    "md5sum": "2e00577817eeec8d9d62719283df8c20",
    "settings": {
      "fd_thres": 0.2,
      "testing": false
    },
    "software": "mriqc",
    "version": "23.1.0"
  },
  "size_t": 154,
  "size_x": 64,
  "size_y": 64,
  "size_z": 41,
  "snr": 6.37718810577344,
  "spacing_tr": 2.0,
  "spacing_x": 3.0,
  "spacing_y": 3.0,
  "spacing_z": 3.299999952316284,
  "summary_bg_k": 8.511369720711,
  "summary_bg_mad": 27.688078859979164,
  "summary_bg_mean": 74.42500626595893,
  "summary_bg_median": 34.967533111572266,
  "summary_bg_n": 116090.0,
  "summary_bg_p05": 10.103896141052246,
  "summary_bg_p95": 293.8636474609375,
  "summary_bg_stdv": 95.84751483461052,
  "summary_fg_k": 2.1303382918354465,
  "summary_fg_mad": 102.17920023566262,
  "summary_fg_mean": 785.0860543267409,
  "summary_fg_median": 791.7012939453125,
  "summary_fg_n": 51846.0,
  "summary_fg_p05": 545.6558227539062,
  "summary_fg_p95": 962.7532348632812,
  "summary_fg_stdv": 124.14463014939119,
  "tsnr": 47.11234603682533
}