{
  "aor": 0.0006327272727272728,
  "aqi": 0.015372327922077924,
  "bids_meta": {
    "AccelFactPE": 2,
    "AcquisitionNumber": 1,
    "AcquisitionTime": "10:18:18.712500",
    "BandwidthPerPixelPhaseEncode": 65.104,
    "ConversionSoftware": "dcm2niix",
    "ConversionSoftwareVersion": "v1.0.20170724 GCC4.4.7",
    "DeviceSerialNumber": "35193",
    "EchoTime": 0.025,
    "EffectiveEchoSpacing": 0.000240001,
    "FlipAngle": 90,
    "ImageType": [
      "ORIGINAL",
      "PRIMARY",
      "M",
      "ND",
      "NORM",
      "MOSAIC"
    ],
    "InstitutionAddress": "Xinjiekouwai_Street_No_19_Beijing_Haidian_District_CN_100875",
    "InstitutionName": "BNU_MRI_Center",
    "MagneticFieldStrength": 3,
    "Manufacturer": "Siemens",
    "ManufacturersModelName": "TrioTim",
    "PhaseEncodingDirection": "j-",
    "PhaseEncodingLines": 64,
    "ProcedureStepDescription": "BNU_cst_2019_Zhu.Bi",
    "ProtocolName": "Learning3_154",
    "RepetitionTime": 2,
    "ScanningSequence": "EP",
    "SequenceName": "_epfid2d1_64",
    "SequenceVariant": "SK",
    "SeriesDescription": "Learning3_154",
    "SliceTiming": [
      0,
      1.0175,
      0.0475,
      1.0675,
      0.0975,
      1.115,
      0.145,
      1.1625,
      0.1925,
      1.2125,
      0.2425,
      1.26,
      0.29,
      1.3075,
      0.34,
      1.3575,
      0.3875,
      1.405,
      0.435,
      1.455,
      0.485,
      1.5025,
      0.5325,
      1.55,
      0.5825,
      1.6,
      0.63,
      1.6475,
      0.6775,
      1.6975,
      0.7275,
      1.745,
      0.775,
      1.7925,
      0.825,
      1.8425,
      0.8725,
      1.89,
      0.92,
      1.94,
      0.97
    ],
    "SoftwareVersions": "syngo_MR_B17",
    "TaskName": "encoding",
    "TotalReadoutTime": 0.01488,
    "TrueEchoSpacing": 0.000480001,
    "dataset": "ds003789",
    "modality": "bold",
    "run_id": 3,
    "subject_id": "5430",
    "task_id": "encoding"
  },
  "dummy_trs": 0,
  "dvars_nstd": 32.84849267875817,
  "dvars_std": 1.1182055372549013,
  "dvars_vstd": 1.0143247305882355,
  "efc": 0.6199905614209262,
  "fber": 532.9219970703125,
  "fd_mean": 0.04965282134785545,
  "fd_num": 0,
  "fd_perc": 0.0,
  "fwhm_avg": 1.644155260256641,
  "fwhm_x": 1.6203066666666668,
  "fwhm_y": 1.7069833333333333,
  "fwhm_z": 1.605175780769923,
  "gcor": 0.00885493,
  "gsr_x": 0.03263420984148979,
  "gsr_y": 0.015832817181944847,
  "provenance": {
    "md5sum": "ed1f4ac5ed8c0c97adbfc7053071d916",
    "settings": {
      "fd_thres": 0.2,
      "testing": false
    },
    "software": "mriqc",
    "version": "23.1.0"
  },
  "size_t": 154,
  "size_x": 64,
  "size_y": 64,
  "size_z": 41,
  "snr": 6.3808007855279705,
  "spacing_tr": 2.0,
  "spacing_x": 3.0,
  "spacing_y": 3.0,
  "spacing_z": 3.299999952316284,
  "summary_bg_k": 8.915726352831868,
  "summary_bg_mad": 27.158577259701644,
  "summary_bg_mean": 73.35001262476085,
  "summary_bg_median": 34.25973892211914,
  "summary_bg_n": 116194.0,
  "summary_bg_p05": 9.870129585266113,
  "summary_bg_p95": 290.3571472167969,
  "summary_bg_stdv": 95.41856034105179,
  "summary_fg_k": 2.122910722408303,
  "summary_fg_mad": 101.66417151699657,
  "summary_fg_mean": 783.6607784681743,
  "summary_fg_median": 790.8896179199219,
  "summary_fg_n": 51742.0,
  "summary_fg_p05": 544.6363525390625,
  "summary_fg_p95": 961.1038818359375,
  "summary_fg_stdv": 123.94713482510046,
  "tsnr": 48.45645290595712
}