{
  "aor": 0.0038381818181818187,
  "aqi": 0.020930351298701296,
  "bids_meta": {
    "AccelFactPE": 2,
    "AcquisitionNumber": 1,
    "AcquisitionTime": "10:06:19.095000",
    "BandwidthPerPixelPhaseEncode": 65.104,
    "ConversionSoftware": "dcm2niix",
    "ConversionSoftwareVersion": "v1.0.20170724 GCC4.4.7",
    "DeviceSerialNumber": "35193",
    "EchoTime": 0.025,
    "EffectiveEchoSpacing": 0.000240001,
    "FlipAngle": 90,
    "ImageType": [
      "ORIGINAL",
      "PRIMARY",
      "M",
      "ND",
      "NORM",
      "MOSAIC"
    ],
    "InstitutionAddress": "Xinjiekouwai_Street_No_19_Beijing_Haidian_District_CN_100875",
    "InstitutionName": "BNU_MRI_Center",
    "MagneticFieldStrength": 3,
    "Manufacturer": "Siemens",
    "ManufacturersModelName": "TrioTim",
    "PhaseEncodingDirection": "j-",
    "PhaseEncodingLines": 64,
    "ProcedureStepDescription": "BNU_cst_2019_Zhu.Bi",
    "ProtocolName": "Learning1_154",
    "RepetitionTime": 2,
    "ScanningSequence": "EP",
    "SequenceName": "_epfid2d1_64",
    "SequenceVariant": "SK",
    "SeriesDescription": "Learning1_154",
    "SliceTiming": [
      0,
      1.0175,
      0.0475,
      1.065,
      0.0975,
      1.115,
      0.145,
      1.1625,
      0.1925,
      1.2125,
      0.2425,
      1.26,
      0.29,
      1.3075,
      0.34,
      1.3575,
      0.3875,
      1.405,
      0.435,
      1.455,
      0.485,
      1.5025,
      0.5325,
      1.55,
      0.5825,
      1.6,
      0.63,
      1.6475,
      0.6775,
      1.695,
      0.7275,
      1.745,
      0.775,
      1.7925,
      0.8225,
      1.8425,
      0.8725,
      1.89,
      0.92,
      1.9375,
      0.97
    ],
    "SoftwareVersions": "syngo_MR_B17",
    "TaskName": "encoding",
    "TotalReadoutTime": 0.01488,
    "TrueEchoSpacing": 0.000480001,
    "dataset": "ds003789",
    "modality": "bold",
    "run_id": 1,
    "subject_id": "5430",
    "task_id": "encoding"
  },
  "dummy_trs": 0,
  "dvars_nstd": 34.586662192549035,
  "dvars_std": 1.1153061294771245,
  "dvars_vstd": 1.017729541503268,
  "efc": 0.6175386782780576,
  "fber": 534.6172485351562,
  "fd_mean": 0.0663222115496551,
  "fd_num": 5,
  "fd_perc": 3.2467532467532467,
  "fwhm_avg": 1.648401623903163,
  "fwhm_x": 1.63825,
  "fwhm_y": 1.69967,
  "fwhm_z": 1.6072848717094894,
  "gcor": 0.0275083,
  "gsr_x": 0.034223731607198715,
  "gsr_y": 0.019187746569514275,
  "provenance": {
    "md5sum": "be6697f74abdd616534f79bf6fdab0ec",
    "settings": {
      "fd_thres": 0.2,
      "testing": false
    },
    "software": "mriqc",
    "version": "23.1.0"
  },
  "size_t": 154,
  "size_x": 64,
  "size_y": 64,
  "size_z": 41,
  "snr": 6.358066777576648,
  "spacing_tr": 2.0,
  "spacing_x": 3.0,
  "spacing_y": 3.0,
  "spacing_z": 3.299999952316284,
  "summary_bg_k": 9.537841675801312,
  "summary_bg_mad": 26.975655645805748,
  "summary_bg_mean": 71.67048888160608,
  "summary_bg_median": 34.123374938964844,
  "summary_bg_n": 116389.0,
  "summary_bg_p05": 9.740260124206543,
  "summary_bg_p95": 282.6688232421875,
  "summary_bg_stdv": 92.95677115141821,
  "summary_fg_k": 2.2884199587142584,
  "summary_fg_mad": 101.93369853773747,
  "summary_fg_mean": 781.3639165452142,
  "summary_fg_median": 788.9935302734375,
  "summary_fg_n": 51547.0,
  "summary_fg_p05": 540.1753540039062,
  "summary_fg_p95": 956.5908813476562,
  "summary_fg_stdv": 124.09210294423836,
  "tsnr": 43.42800385935698
}