{
  "aor": 0.0006693464052287581,
  "aqi": 0.015047154248366014,
  "bids_meta": {
    "AccelFactPE": 2,
    "AcquisitionNumber": 1,
    "AcquisitionTime": "12:22:47.685000",
    "BandwidthPerPixelPhaseEncode": 65.104,
    "ConversionSoftware": "dcm2niix",
    "ConversionSoftwareVersion": "v1.0.20170724 GCC4.4.7",
    "DeviceSerialNumber": "35193",
    "EchoTime": 0.025,
    "EffectiveEchoSpacing": 0.000240001,
    "FlipAngle": 90,
    "ImageType": [
      "ORIGINAL",
      "PRIMARY",
      "M",
      "ND",
      "NORM",
      "MOSAIC"
    ],
    "InstitutionAddress": "Xinjiekouwai_Street_No_19_Beijing_Haidian_District_CN_100875",
    "InstitutionName": "BNU_MRI_Center",
    "MagneticFieldStrength": 3,
    "Manufacturer": "Siemens",
    "ManufacturersModelName": "TrioTim",
    "PhaseEncodingDirection": "j-",
    "PhaseEncodingLines": 64,
    "ProcedureStepDescription": "BNU_cst_2019_Zhu.Bi",
    "ProtocolName": "Learning3_154",
    "RepetitionTime": 2,
    "ScanningSequence": "EP",
    "SequenceName": "_epfid2d1_64",
    "SequenceVariant": "SK",
    "SeriesDescription": "Learning3_154",
    "SliceTiming": [
      0,
      1.0175,
      0.05,
      1.0675,
      0.0975,
      1.115,
      0.145,
      1.165,
      0.195,
      1.2125,
      0.2425,
      1.26,
      0.2925,
      1.31,
      0.34,
      1.3575,
      0.3875,
      1.405,
      0.4375,
      1.455,
      0.485,
      1.5025,
      0.5325,
      1.5525,
      0.5825,
      1.6,
      0.63,
      1.6475,
      0.68,
      1.6975,
      0.7275,
      1.745,
      0.775,
      1.795,
      0.825,
      1.8425,
      0.8725,
      1.89,
      0.9225,
      1.94,
      0.97
    ],
    "SoftwareVersions": "syngo_MR_B17",
    "TaskName": "encoding",
    "TotalReadoutTime": 0.01488,
    "TrueEchoSpacing": 0.000480001,
    "dataset": "ds003789",
    "modality": "bold",
    "run_id": 3,
    "subject_id": "5423",
    "task_id": "encoding"
  },
  "dummy_trs": 1,
  "dvars_nstd": 35.288845965657906,
  "dvars_std": 1.130788863618421,
  "dvars_vstd": 1.0108803863157894,
  "efc": 0.6292512779017086,
  "fber": 457.22723388671875,
  "fd_mean": 0.04434401076480114,
  "fd_num": 2,
  "fd_perc": 1.3071895424836601,
  "fwhm_avg": 1.6744433794699816,
  "fwhm_x": 1.6293499999999999,
  "fwhm_y": 1.7975133333333335,
  "fwhm_z": 1.596466805076611,
  "gcor": 0.00592353,
  "gsr_x": 0.036897726356983185,
  "gsr_y": 0.012015309184789658,
  "provenance": {
    "md5sum": "471253d85858ba05699b9b299e30e9da",
    "settings": {
      "fd_thres": 0.2,
      "testing": false
    },
    "software": "mriqc",
    "version": "23.1.0"
  },
  "size_t": 153,
  "size_x": 64,
  "size_y": 64,
  "size_z": 41,
  "snr": 6.127623017066768,
  "spacing_tr": 2.0,
  "spacing_x": 3.0,
  "spacing_y": 3.0,
  "spacing_z": 3.299999713897705,
  "summary_bg_k": 10.498146106188162,
  "summary_bg_mad": 25.727509584862972,
  "summary_bg_mean": 65.7902209670218,
  "summary_bg_median": 31.75163459777832,
  "summary_bg_n": 114059.0,
  "summary_bg_p05": 9.098039627075195,
  "summary_bg_p95": 276.5294189453125,
  "summary_bg_stdv": 91.02136938099528,
  "summary_fg_k": 2.5121598989773837,
  "summary_fg_mad": 86.18476009129604,
  "summary_fg_mean": 673.4343106323488,
  "summary_fg_median": 678.941162109375,
  "summary_fg_n": 53877.0,
  "summary_fg_p05": 458.2745056152344,
  "summary_fg_p95": 833.0653686523438,
  "summary_fg_stdv": 110.79905851665339,
  "tsnr": 46.3042646413669
}