{
  "aor": 0.000461712962962963,
  "aqi": 0.018316737962962962,
  "bids_meta": {
    "AccelFactPE": 2,
    "AcquisitionNumber": 1,
    "AcquisitionTime": "10:28:20.537500",
    "BandwidthPerPixelPhaseEncode": 65.104,
    "ConversionSoftware": "dcm2niix",
    "ConversionSoftwareVersion": "v1.0.20170724 GCC4.4.7",
    "DeviceSerialNumber": "35193",
    "EchoTime": 0.025,
    "EffectiveEchoSpacing": 0.000240001,
    "FlipAngle": 90,
    "ImageType": [
      "ORIGINAL",
      "PRIMARY",
      "M",
      "ND",
      "NORM",
      "MOSAIC"
    ],
    "InstitutionAddress": "Xinjiekouwai_Street_No_19_Beijing_Haidian_District_CN_100875",
    "InstitutionName": "BNU_MRI_Center",
    "MagneticFieldStrength": 3,
    "Manufacturer": "Siemens",
    "ManufacturersModelName": "TrioTim",
    "PhaseEncodingDirection": "j-",
    "PhaseEncodingLines": 64,
    "ProcedureStepDescription": "BNU_cst_2019_Zhu.Bi",
    "ProtocolName": "Test1_216",
    "RepetitionTime": 2,
    "ScanningSequence": "EP",
    "SequenceName": "_epfid2d1_64",
    "SequenceVariant": "SK",
    "SeriesDescription": "Test1_216",
    "SliceTiming": [
      0,
      1.0175,
      0.0475,
      1.065,
      0.0975,
      1.115,
      0.145,
      1.1625,
      0.1925,
      1.2125,
      0.2425,
      1.26,
      0.29,
      1.3075,
      0.34,
      1.3575,
      0.3875,
      1.405,
      0.435,
      1.455,
      0.485,
      1.5025,
      0.5325,
      1.55,
      0.5825,
      1.6,
      0.63,
      1.6475,
      0.6775,
      1.6975,
      0.7275,
      1.745,
      0.775,
      1.7925,
      0.8225,
      1.8425,
      0.8725,
      1.89,
      0.92,
      1.9375,
      0.97
    ],
    "SoftwareVersions": "syngo_MR_B17",
    "TaskName": "retrieval",
    "TotalReadoutTime": 0.01488,
    "TrueEchoSpacing": 0.000480001,
    "dataset": "ds003789",
    "modality": "bold",
    "run_id": 1,
    "subject_id": "5423",
    "task_id": "retrieval"
  },
  "dummy_trs": 0,
  "dvars_nstd": 35.02891298320931,
  "dvars_std": 1.1010590437209304,
  "dvars_vstd": 1.0002243774418613,
  "efc": 0.6264529739157286,
  "fber": 456.7625732421875,
  "fd_mean": 0.04558624034522635,
  "fd_num": 0,
  "fd_perc": 0.0,
  "fwhm_avg": 1.6125600073238655,
  "fwhm_x": 1.5750333333333335,
  "fwhm_y": 1.7420799999999999,
  "fwhm_z": 1.5205666886382636,
  "gcor": 0.00644576,
  "gsr_x": 0.04322227090597153,
  "gsr_y": 0.017399469390511513,
  "provenance": {
    "md5sum": "77996f1fa98ac40694d6894f39dddb74",
    "settings": {
      "fd_thres": 0.2,
      "testing": false
    },
    "software": "mriqc",
    "version": "23.1.0"
  },
  "size_t": 216,
  "size_x": 64,
  "size_y": 64,
  "size_z": 41,
  "snr": 6.202199882737981,
  "spacing_tr": 2.0,
  "spacing_x": 3.0,
  "spacing_y": 3.0,
  "spacing_z": 3.299999952316284,
  "summary_bg_k": 10.259251815756741,
  "summary_bg_mad": 26.810388232750093,
  "summary_bg_mean": 65.40783152207435,
  "summary_bg_median": 31.685184478759766,
  "summary_bg_n": 114759.0,
  "summary_bg_p05": 9.314814567565918,
  "summary_bg_p95": 279.3657531738281,
  "summary_bg_stdv": 91.34891144152287,
  "summary_fg_k": 3.0404377198666657,
  "summary_fg_mad": 82.14027119016642,
  "summary_fg_mean": 670.0617581772854,
  "summary_fg_median": 677.1759033203125,
  "summary_fg_n": 53177.0,
  "summary_fg_p05": 452.6851806640625,
  "summary_fg_p95": 822.7129516601562,
  "summary_fg_stdv": 109.18215293047383,
  "tsnr": 44.05989493068773
}