{
  "aor": 0.0005962987012987013,
  "aqi": 0.01364586688311688,
  "bids_meta": {
    "AccelFactPE": 2,
    "AcquisitionNumber": 1,
    "AcquisitionTime": "16:13:49.347500",
    "BandwidthPerPixelPhaseEncode": 65.104,
    "ConversionSoftware": "dcm2niix",
    "ConversionSoftwareVersion": "v1.0.20170724 GCC4.4.7",
    "DeviceSerialNumber": "35193",
    "EchoTime": 0.025,
    "EffectiveEchoSpacing": 0.000240001,
    "FlipAngle": 90,
    "ImageType": [
      "ORIGINAL",
      "PRIMARY",
      "M",
      "ND",
      "NORM",
      "MOSAIC"
    ],
    "InstitutionAddress": "Xinjiekouwai_Street_No_19_Beijing_Haidian_District_CN_100875",
    "InstitutionName": "BNU_MRI_Center",
    "MagneticFieldStrength": 3,
    "Manufacturer": "Siemens",
    "ManufacturersModelName": "TrioTim",
    "PhaseEncodingDirection": "j-",
    "PhaseEncodingLines": 64,
    "ProcedureStepDescription": "BNU_cst_2019_Zhu.Bi",
    "ProtocolName": "Learning8_154",
    "RepetitionTime": 2,
    "ScanningSequence": "EP",
    "SequenceName": "_epfid2d1_64",
    "SequenceVariant": "SK",
    "SeriesDescription": "Learning8_154",
    "SliceTiming": [
      0,
      1.0175,
      0.0475,
      1.0675,
      0.0975,
      1.115,
      0.145,
      1.1625,
      0.195,
      1.2125,
      0.2425,
      1.26,
      0.29,
      1.31,
      0.34,
      1.3575,
      0.3875,
      1.405,
      0.4375,
      1.455,
      0.485,
      1.5025,
      0.5325,
      1.55,
      0.5825,
      1.6,
      0.63,
      1.6475,
      0.6775,
      1.6975,
      0.7275,
      1.745,
      0.775,
      1.7925,
      0.825,
      1.8425,
      0.8725,
      1.89,
      0.92,
      1.94,
      0.97
    ],
    "SoftwareVersions": "syngo_MR_B17",
    "TaskName": "encoding",
    "TotalReadoutTime": 0.01488,
    "TrueEchoSpacing": 0.000480001,
    "dataset": "ds003789",
    "modality": "bold",
    "run_id": 8,
    "subject_id": "5410",
    "task_id": "encoding"
  },
  "dummy_trs": 0,
  "dvars_nstd": 31.241093143594767,
  "dvars_std": 1.170446506928105,
  "dvars_vstd": 1.016786562614379,
  "efc": 0.532433733181231,
  "fber": 1260.353271484375,
  "fd_mean": 0.04494551810112789,
  "fd_num": 0,
  "fd_perc": 0.0,
  "fwhm_avg": 1.6005304113717571,
  "fwhm_x": 1.5531666666666668,
  "fwhm_y": 1.7263033333333333,
  "fwhm_z": 1.5221212341152714,
  "gcor": 0.00473143,
  "gsr_x": -0.002834659768268466,
  "gsr_y": 0.011168521828949451,
  "provenance": {
    "md5sum": "0d2ff5596cf83a44e5b37fb0e00e9cd8",
    "settings": {
      "fd_thres": 0.2,
      "testing": false
    },
    "software": "mriqc",
    "version": "23.1.0"
  },
  "size_t": 154,
  "size_x": 64,
  "size_y": 64,
  "size_z": 41,
  "snr": 6.611521099312065,
  "spacing_tr": 2.0,
  "spacing_x": 3.0,
  "spacing_y": 3.0,
  "spacing_z": 3.299999952316284,
  "summary_bg_k": 19.278230194200024,
  "summary_bg_mad": 15.07633262373543,
  "summary_bg_mean": 52.11834341831299,
  "summary_bg_median": 24.53896141052246,
  "summary_bg_n": 127842.0,
  "summary_bg_p05": 10.350648880004883,
  "summary_bg_p95": 221.97402954101562,
  "summary_bg_stdv": 82.14914707018617,
  "summary_fg_k": 2.5900280065571115,
  "summary_fg_mad": 106.00121736224416,
  "summary_fg_mean": 859.2926638128395,
  "summary_fg_median": 871.1688232421875,
  "summary_fg_n": 40094.0,
  "summary_fg_p05": 593.0844116210938,
  "summary_fg_p95": 1036.1363525390625,
  "summary_fg_stdv": 131.7636208081355,
  "tsnr": 57.1176884660963
}