{
  "aor": 0.0004058333333333333,
  "aqi": 0.013631754629629629,
  "bids_meta": {
    "AccelFactPE": 2,
    "AcquisitionNumber": 1,
    "AcquisitionTime": "15:12:19.422500",
    "BandwidthPerPixelPhaseEncode": 65.104,
    "ConversionSoftware": "dcm2niix",
    "ConversionSoftwareVersion": "v1.0.20170724 GCC4.4.7",
    "DeviceSerialNumber": "35193",
    "EchoTime": 0.025,
    "EffectiveEchoSpacing": 0.000240001,
    "FlipAngle": 90,
    "ImageType": [
      "ORIGINAL",
      "PRIMARY",
      "M",
      "ND",
      "NORM",
      "MOSAIC"
    ],
    "InstitutionAddress": "Xinjiekouwai_Street_No_19_Beijing_Haidian_District_CN_100875",
    "InstitutionName": "BNU_MRI_Center",
    "MagneticFieldStrength": 3,
    "Manufacturer": "Siemens",
    "ManufacturersModelName": "TrioTim",
    "PhaseEncodingDirection": "j-",
    "PhaseEncodingLines": 64,
    "ProcedureStepDescription": "BNU_cst_2019_Zhu.Bi",
    "ProtocolName": "Test1_216",
    "RepetitionTime": 2,
    "ScanningSequence": "EP",
    "SequenceName": "_epfid2d1_64",
    "SequenceVariant": "SK",
    "SeriesDescription": "Test1_216",
    "SliceTiming": [
      0,
      1.0175,
      0.0475,
      1.065,
      0.0975,
      1.115,
      0.145,
      1.1625,
      0.1925,
      1.2125,
      0.2425,
      1.26,
      0.29,
      1.3075,
      0.34,
      1.3575,
      0.3875,
      1.405,
      0.435,
      1.4525,
      0.485,
      1.5025,
      0.5325,
      1.55,
      0.58,
      1.6,
      0.63,
      1.6475,
      0.6775,
      1.695,
      0.7275,
      1.745,
      0.775,
      1.7925,
      0.8225,
      1.8425,
      0.8725,
      1.89,
      0.92,
      1.9375,
      0.97
    ],
    "SoftwareVersions": "syngo_MR_B17",
    "TaskName": "retrieval",
    "TotalReadoutTime": 0.01488,
    "TrueEchoSpacing": 0.000480001,
    "dataset": "ds003789",
    "modality": "bold",
    "run_id": 1,
    "subject_id": "5410",
    "task_id": "retrieval"
  },
  "dummy_trs": 0,
  "dvars_nstd": 31.215843822093028,
  "dvars_std": 1.1571081330697675,
  "dvars_vstd": 0.9958875773953488,
  "efc": 0.5289879450693896,
  "fber": 1288.4449462890625,
  "fd_mean": 0.0403854740434272,
  "fd_num": 0,
  "fd_perc": 0.0,
  "fwhm_avg": 1.6038967750539215,
  "fwhm_x": 1.5432266666666665,
  "fwhm_y": 1.7368333333333332,
  "fwhm_z": 1.5316303251617653,
  "gcor": 0.00698525,
  "gsr_x": -0.0037898782175034285,
  "gsr_y": 0.01449577696621418,
  "provenance": {
    "md5sum": "f442c815699de779faa00e29fd9b5cf8",
    "settings": {
      "fd_thres": 0.2,
      "testing": false
    },
    "software": "mriqc",
    "version": "23.1.0"
  },
  "size_t": 216,
  "size_x": 64,
  "size_y": 64,
  "size_z": 41,
  "snr": 6.559583994310654,
  "spacing_tr": 2.0,
  "spacing_x": 3.0,
  "spacing_y": 3.0,
  "spacing_z": 3.299999952316284,
  "summary_bg_k": 21.56867192713174,
  "summary_bg_mad": 15.951700180967665,
  "summary_bg_mean": 51.82187440733906,
  "summary_bg_median": 24.935184478759766,
  "summary_bg_n": 127951.0,
  "summary_bg_p05": 9.611111640930176,
  "summary_bg_p95": 213.84259033203125,
  "summary_bg_stdv": 82.79177362334345,
  "summary_fg_k": 2.560540167245316,
  "summary_fg_mad": 109.07415116577947,
  "summary_fg_mean": 883.2455375095151,
  "summary_fg_median": 895.0463256835938,
  "summary_fg_n": 39985.0,
  "summary_fg_p05": 606.6018676757812,
  "summary_fg_p95": 1069.3101806640625,
  "summary_fg_stdv": 136.44693537177574,
  "tsnr": 57.303845735732466
}