{
  "aor": 0.0006353896103896104,
  "aqi": 0.013789042857142856,
  "bids_meta": {
    "AccelFactPE": 2,
    "AcquisitionNumber": 1,
    "AcquisitionTime": "15:29:14.900000",
    "BandwidthPerPixelPhaseEncode": 65.104,
    "ConversionSoftware": "dcm2niix",
    "ConversionSoftwareVersion": "v1.0.20170724 GCC4.4.7",
    "DeviceSerialNumber": "35193",
    "EchoTime": 0.025,
    "EffectiveEchoSpacing": 0.000240001,
    "FlipAngle": 90,
    "ImageType": [
      "ORIGINAL",
      "PRIMARY",
      "M",
      "ND",
      "NORM",
      "MOSAIC"
    ],
    "InstitutionAddress": "Xinjiekouwai_Street_No_19_Beijing_Haidian_District_CN_100875",
    "InstitutionName": "BNU_MRI_Center",
    "MagneticFieldStrength": 3,
    "Manufacturer": "Siemens",
    "ManufacturersModelName": "TrioTim",
    "PhaseEncodingDirection": "j-",
    "PhaseEncodingLines": 64,
    "ProcedureStepDescription": "BNU_cst_2019_Zhu.Bi",
    "ProtocolName": "Learning1_154",
    "RepetitionTime": 2,
    "ScanningSequence": "EP",
    "SequenceName": "_epfid2d1_64",
    "SequenceVariant": "SK",
    "SeriesDescription": "Learning1_154",
    "SliceTiming": [
      0,
      1.0175,
      0.0475,
      1.065,
      0.095,
      1.1125,
      0.145,
      1.1625,
      0.1925,
      1.21,
      0.24,
      1.26,
      0.29,
      1.3075,
      0.3375,
      1.355,
      0.3875,
      1.405,
      0.435,
      1.4525,
      0.4825,
      1.5025,
      0.5325,
      1.55,
      0.58,
      1.5975,
      0.63,
      1.6475,
      0.6775,
      1.695,
      0.725,
      1.745,
      0.775,
      1.7925,
      0.8225,
      1.84,
      0.8725,
      1.89,
      0.92,
      1.9375,
      0.9675
    ],
    "SoftwareVersions": "syngo_MR_B17",
    "TaskName": "encoding",
    "TotalReadoutTime": 0.01488,
    "TrueEchoSpacing": 0.000480001,
    "dataset": "ds003789",
    "modality": "bold",
    "run_id": 1,
    "subject_id": "5410",
    "task_id": "encoding"
  },
  "dummy_trs": 0,
  "dvars_nstd": 31.67446344666668,
  "dvars_std": 1.1885110703921562,
  "dvars_vstd": 1.0178845311764706,
  "efc": 0.5301151992851463,
  "fber": 1317.764404296875,
  "fd_mean": 0.04062406242387002,
  "fd_num": 0,
  "fd_perc": 0.0,
  "fwhm_avg": 1.606167179161699,
  "fwhm_x": 1.5427600000000001,
  "fwhm_y": 1.7301233333333332,
  "fwhm_z": 1.5456182041517632,
  "gcor": 0.00442174,
  "gsr_x": -0.002423385391011834,
  "gsr_y": 0.011137944646179676,
  "provenance": {
    "md5sum": "561d1c2613185bb0d6a0c9bfa3503529",
    "settings": {
      "fd_thres": 0.2,
      "testing": false
    },
    "software": "mriqc",
    "version": "23.1.0"
  },
  "size_t": 154,
  "size_x": 64,
  "size_y": 64,
  "size_z": 41,
  "snr": 6.635532467173934,
  "spacing_tr": 2.0,
  "spacing_x": 3.0,
  "spacing_y": 3.0,
  "spacing_z": 3.299999952316284,
  "summary_bg_k": 19.435193371794675,
  "summary_bg_mad": 14.864531700840491,
  "summary_bg_mean": 51.14532024988988,
  "summary_bg_median": 24.05194854736328,
  "summary_bg_n": 127898.0,
  "summary_bg_p05": 9.909090995788574,
  "summary_bg_p95": 217.68182373046875,
  "summary_bg_stdv": 81.77635969030466,
  "summary_fg_k": 2.673962567338598,
  "summary_fg_mad": 106.48258348171075,
  "summary_fg_mean": 862.4500316266586,
  "summary_fg_median": 873.1103820800781,
  "summary_fg_n": 40038.0,
  "summary_fg_p05": 601.5519409179688,
  "summary_fg_p95": 1041.82470703125,
  "summary_fg_stdv": 131.57941473571245,
  "tsnr": 56.922634083312005
}