{
  "aor": 0.0005524183006535947,
  "aqi": 0.013861840522875814,
  "bids_meta": {
    "AccelFactPE": 2,
    "AcquisitionNumber": 1,
    "AcquisitionTime": "15:34:40.685000",
    "BandwidthPerPixelPhaseEncode": 65.104,
    "ConversionSoftware": "dcm2niix",
    "ConversionSoftwareVersion": "v1.0.20170724 GCC4.4.7",
    "DeviceSerialNumber": "35193",
    "EchoTime": 0.025,
    "EffectiveEchoSpacing": 0.000240001,
    "FlipAngle": 90,
    "ImageType": [
      "ORIGINAL",
      "PRIMARY",
      "M",
      "ND",
      "NORM",
      "MOSAIC"
    ],
    "InstitutionAddress": "Xinjiekouwai_Street_No_19_Beijing_Haidian_District_CN_100875",
    "InstitutionName": "BNU_MRI_Center",
    "MagneticFieldStrength": 3,
    "Manufacturer": "Siemens",
    "ManufacturersModelName": "TrioTim",
    "PhaseEncodingDirection": "j-",
    "PhaseEncodingLines": 64,
    "ProcedureStepDescription": "BNU_cst_2019_Zhu.Bi",
    "ProtocolName": "Learning4_154",
    "RepetitionTime": 2,
    "ScanningSequence": "EP",
    "SequenceName": "_epfid2d1_64",
    "SequenceVariant": "SK",
    "SeriesDescription": "Learning4_154",
    "SliceTiming": [
      0,
      1.02,
      0.05,
      1.0675,
      0.0975,
      1.115,
      0.1475,
      1.165,
      0.195,
      1.2125,
      0.2425,
      1.2625,
      0.2925,
      1.31,
      0.34,
      1.3575,
      0.39,
      1.4075,
      0.4375,
      1.455,
      0.485,
      1.505,
      0.535,
      1.5525,
      0.5825,
      1.6,
      0.6325,
      1.65,
      0.68,
      1.6975,
      0.7275,
      1.745,
      0.7775,
      1.795,
      0.825,
      1.8425,
      0.8725,
      1.8925,
      0.9225,
      1.94,
      0.97
    ],
    "SoftwareVersions": "syngo_MR_B17",
    "TaskName": "encoding",
    "TotalReadoutTime": 0.01488,
    "TrueEchoSpacing": 0.000480001,
    "dataset": "ds003789",
    "modality": "bold",
    "run_id": 4,
    "subject_id": "5415",
    "task_id": "encoding"
  },
  "dummy_trs": 1,
  "dvars_nstd": 38.93464941684211,
  "dvars_std": 1.2580085171052635,
  "dvars_vstd": 1.0078349770394737,
  "efc": 0.5708238077776787,
  "fber": 878.7520751953125,
  "fd_mean": 0.075927911847613,
  "fd_num": 3,
  "fd_perc": 1.9607843137254901,
  "fwhm_avg": 1.6295099066141707,
  "fwhm_x": 1.55245,
  "fwhm_y": 1.7531433333333333,
  "fwhm_z": 1.5829363865091786,
  "gcor": 0.00653,
  "gsr_x": -0.0011291700648143888,
  "gsr_y": 0.02619137056171894,
  "provenance": {
    "md5sum": "3518364eb3a083b649f56eb7141cbcbc",
    "settings": {
      "fd_thres": 0.2,
      "testing": false
    },
    "software": "mriqc",
    "version": "23.1.0"
  },
  "size_t": 153,
  "size_x": 64,
  "size_y": 64,
  "size_z": 41,
  "snr": 6.222479065217489,
  "spacing_tr": 2.0,
  "spacing_x": 3.0,
  "spacing_y": 3.0,
  "spacing_z": 3.299999952316284,
  "summary_bg_k": 23.55600334868009,
  "summary_bg_mad": 16.3716102825325,
  "summary_bg_mean": 46.85925447880662,
  "summary_bg_median": 22.437908172607422,
  "summary_bg_n": 121704.0,
  "summary_bg_p05": 8.091503143310547,
  "summary_bg_p95": 188.09803771972656,
  "summary_bg_stdv": 72.02452094734033,
  "summary_fg_k": 1.9284063202554256,
  "summary_fg_mad": 93.83517394995256,
  "summary_fg_mean": 662.9553167232904,
  "summary_fg_median": 665.143798828125,
  "summary_fg_n": 46232.0,
  "summary_fg_p05": 475.37255859375,
  "summary_fg_p95": 822.346435546875,
  "summary_fg_stdv": 106.89254206796709,
  "tsnr": 49.64708643313497
}