{
  "bids_meta": {
    "AcquisitionNumber": 1,
    "AcquisitionTime": "10:14:30.522500",
    "ConversionSoftware": "dcm2niix",
    "ConversionSoftwareVersion": "v1.0.20170724 GCC4.4.7",
    "DeviceSerialNumber": "35193",
    "EchoTime": 0.00309,
    "FlipAngle": 10,
    "ImageType": [
      "ORIGINAL",
      "PRIMARY",
      "M",
      "ND",
      "NORM"
    ],
    "InstitutionAddress": "Xinjiekouwai_Street_No_19_Beijing_Haidian_District_CN_100875",
    "InstitutionName": "BNU_MRI_Center",
    "InversionTime": 0.8,
    "MagneticFieldStrength": 3,
    "Manufacturer": "Siemens",
    "ManufacturersModelName": "TrioTim",
    "PhaseEncodingDirection": "i-",
    "PhaseEncodingLines": 256,
    "ProcedureStepDescription": "BNU_cst_2019_Zhu.Bi",
    "ProtocolName": "UCI_MPRAGE_Sag_1x1x1",
    "RepetitionTime": 2.53,
    "ScanningSequence": "GR_IR",
    "SequenceName": "_tfl3d1_ns",
    "SequenceVariant": "SP_MP",
    "SeriesDescription": "UCI_MPRAGE_Sag_1x1x1",
    "SoftwareVersions": "syngo_MR_B17",
    "dataset": "ds003789",
    "modality": "T1w",
    "subject_id": "5430"
  },
  "cjv": 0.5195315815629055,
  "cnr": 1.981556479638602,
  "efc": 0.6059881230068749,
  "fber": 8328.914470188118,
  "fwhm_avg": 4.012136666666667,
  "fwhm_x": 4.0935,
  "fwhm_y": 4.05147,
  "fwhm_z": 3.89144,
  "icvs_csf": 0.26823307454365763,
  "icvs_gm": 0.38375331787584793,
  "icvs_wm": 0.34801360758049443,
  "inu_med": 0.573910653591156,
  "inu_range": 0.2503073543310165,
  "provenance": {
    "md5sum": "d3ac7f01b538d031f4ecfd51191cd25f",
    "settings": {
      "testing": false
    },
    "software": "mriqc",
    "version": "23.1.0",
    "warnings": {
      "large_rot_frame": true,
      "small_air_mask": false
    }
  },
  "qi_1": 0.0,
  "qi_2": 0.002252386563269244,
  "rpve_csf": 7.409921526898286,
  "rpve_gm": 7.34688637586056,
  "rpve_wm": 7.471380354288406,
  "size_x": 208,
  "size_y": 256,
  "size_z": 256,
  "snr_csf": 2.3085905532800415,
  "snr_gm": 5.047276734782612,
  "snr_total": 6.552593831210696,
  "snr_wm": 12.301914205569432,
  "snrd_csf": 20.950834839151867,
  "snrd_gm": 30.962560354311872,
  "snrd_total": 32.367991854074084,
  "snrd_wm": 45.1905803687585,
  "spacing_x": 1.0,
  "spacing_y": 1.0,
  "spacing_z": 1.0,
  "summary_bg_k": 1452.249623936035,
  "summary_bg_mad": 0.0,
  "summary_bg_mean": 6.8252175064604605,
  "summary_bg_median": 0.0,
  "summary_bg_n": 3335286.0,
  "summary_bg_p05": 0.0,
  "summary_bg_p95": 28.228413613513112,
  "summary_bg_stdv": 14.048238612285925,
  "summary_csf_k": -0.04070178046084871,
  "summary_csf_mad": 141.25454663735246,
  "summary_csf_mean": 439.80846572332035,
  "summary_csf_median": 449.25350956991315,
  "summary_csf_n": 484683.2178996797,
  "summary_csf_p05": 113.12913852743804,
  "summary_csf_p95": 736.1859450023621,
  "summary_csf_stdv": 194.60057370533772,
  "summary_gm_k": -0.6175186673305442,
  "summary_gm_mad": 95.888789171269,
  "summary_gm_mean": 670.7852736177925,
  "summary_gm_median": 663.9372135400772,
  "summary_gm_n": 693422.2906857501,
  "summary_gm_p05": 462.12098709493876,
  "summary_gm_p95": 913.8371717892587,
  "summary_gm_stdv": 131.5435569888659,
  "summary_wm_k": 0.08172833484417374,
  "summary_wm_mad": 62.61752438980536,
  "summary_wm_mean": 954.9166599699004,
  "summary_wm_median": 969.0318780150265,
  "summary_wm_n": 628842.4926044554,
  "summary_wm_p05": 799.9076638463885,
  "summary_wm_p95": 1059.565972276032,
  "summary_wm_stdv": 78.77075805710497,
  "tpm_overlap_csf": 0.22002635758775024,
  "tpm_overlap_gm": 0.5215978099013583,
  "tpm_overlap_wm": 0.5233750222681917,
  "wm2max": 0.6292276325257855
}