{
  "aor": 0.0007073148148148149,
  "aqi": 0.016602273148148147,
  "bids_meta": {
    "AccelFactPE": 2,
    "AcquisitionNumber": 1,
    "AcquisitionTime": "11:22:52.230000",
    "BandwidthPerPixelPhaseEncode": 65.104,
    "ConversionSoftware": "dcm2niix",
    "ConversionSoftwareVersion": "v1.0.20170724 GCC4.4.7",
    "DeviceSerialNumber": "35193",
    "EchoTime": 0.025,
    "EffectiveEchoSpacing": 0.000240001,
    "FlipAngle": 90,
    "ImageType": [
      "ORIGINAL",
      "PRIMARY",
      "M",
      "ND",
      "NORM",
      "MOSAIC"
    ],
    "InstitutionAddress": "Xinjiekouwai_Street_No_19_Beijing_Haidian_District_CN_100875",
    "InstitutionName": "BNU_MRI_Center",
    "MagneticFieldStrength": 3,
    "Manufacturer": "Siemens",
    "ManufacturersModelName": "TrioTim",
    "PhaseEncodingDirection": "j-",
    "PhaseEncodingLines": 64,
    "ProcedureStepDescription": "BNU_cst_2019_Zhu.Bi",
    "ProtocolName": "Test3_216",
    "RepetitionTime": 2,
    "ScanningSequence": "EP",
    "SequenceName": "_epfid2d1_64",
    "SequenceVariant": "SK",
    "SeriesDescription": "Test3_216",
    "SliceTiming": [
      0,
      1.0175,
      0.0475,
      1.065,
      0.0975,
      1.115,
      0.145,
      1.1625,
      0.1925,
      1.2125,
      0.2425,
      1.26,
      0.29,
      1.3075,
      0.34,
      1.3575,
      0.3875,
      1.405,
      0.435,
      1.455,
      0.485,
      1.5025,
      0.5325,
      1.55,
      0.5825,
      1.6,
      0.63,
      1.6475,
      0.6775,
      1.695,
      0.7275,
      1.745,
      0.775,
      1.7925,
      0.8225,
      1.8425,
      0.8725,
      1.89,
      0.92,
      1.9375,
      0.97
    ],
    "SoftwareVersions": "syngo_MR_B17",
    "TaskName": "retrieval",
    "TotalReadoutTime": 0.01488,
    "TrueEchoSpacing": 0.000480001,
    "dataset": "ds003789",
    "modality": "bold",
    "run_id": 3,
    "subject_id": "5428",
    "task_id": "retrieval"
  },
  "dummy_trs": 0,
  "dvars_nstd": 32.472297020790705,
  "dvars_std": 1.0986042900930233,
  "dvars_vstd": 1.003385018465116,
  "efc": 0.5858376554272587,
  "fber": 721.6217041015625,
  "fd_mean": 0.06603411022063178,
  "fd_num": 4,
  "fd_perc": 1.8518518518518519,
  "fwhm_avg": 1.5983740475881243,
  "fwhm_x": 1.54073,
  "fwhm_y": 1.7628466666666667,
  "fwhm_z": 1.4915454760977063,
  "gcor": 0.0114852,
  "gsr_x": 0.007916425354778767,
  "gsr_y": 0.03192197158932686,
  "provenance": {
    "md5sum": "f1756897ce761c47c8311a21d5174e6b",
    "settings": {
      "fd_thres": 0.2,
      "testing": false
    },
    "software": "mriqc",
    "version": "23.1.0"
  },
  "size_t": 216,
  "size_x": 64,
  "size_y": 64,
  "size_z": 41,
  "snr": 6.2414855997264,
  "spacing_tr": 2.0,
  "spacing_x": 3.0,
  "spacing_y": 3.0,
  "spacing_z": 3.299999952316284,
  "summary_bg_k": 15.492263525198616,
  "summary_bg_mad": 18.271700558230094,
  "summary_bg_mean": 50.064941562986085,
  "summary_bg_median": 24.09722328186035,
  "summary_bg_n": 120495.0,
  "summary_bg_p05": 7.888888835906982,
  "summary_bg_p95": 203.09259033203125,
  "summary_bg_stdv": 70.60696817164447,
  "summary_fg_k": 2.985333310871689,
  "summary_fg_mad": 82.31193234791209,
  "summary_fg_mean": 640.138930653976,
  "summary_fg_median": 647.3240966796875,
  "summary_fg_n": 47441.0,
  "summary_fg_p05": 441.1805725097656,
  "summary_fg_p95": 783.8009033203125,
  "summary_fg_stdv": 103.71205122384596,
  "tsnr": 46.76970262359828
}