{
  "aor": 0.0036536363636363632,
  "aqi": 0.03651183961038961,
  "bids_meta": {
    "AccelFactPE": 2,
    "AcquisitionNumber": 1,
    "AcquisitionTime": "12:26:48.575000",
    "BandwidthPerPixelPhaseEncode": 65.104,
    "ConversionSoftware": "dcm2niix",
    "ConversionSoftwareVersion": "v1.0.20170724 GCC4.4.7",
    "DeviceSerialNumber": "35193",
    "EchoTime": 0.025,
    "EffectiveEchoSpacing": 0.000240001,
    "FlipAngle": 90,
    "ImageType": [
      "ORIGINAL",
      "PRIMARY",
      "M",
      "ND",
      "NORM",
      "MOSAIC"
    ],
    "InstitutionAddress": "Xinjiekouwai_Street_No_19_Beijing_Haidian_District_CN_100875",
    "InstitutionName": "BNU_MRI_Center",
    "MagneticFieldStrength": 3,
    "Manufacturer": "Siemens",
    "ManufacturersModelName": "TrioTim",
    "PhaseEncodingDirection": "j-",
    "PhaseEncodingLines": 64,
    "ProcedureStepDescription": "BNU_cst_2019_Zhu.Bi",
    "ProtocolName": "Learning2_154",
    "RepetitionTime": 2,
    "ScanningSequence": "EP",
    "SequenceName": "_epfid2d1_64",
    "SequenceVariant": "SK",
    "SeriesDescription": "Learning2_154",
    "SliceTiming": [
      0,
      1.0175,
      0.05,
      1.0675,
      0.0975,
      1.115,
      0.145,
      1.165,
      0.195,
      1.2125,
      0.2425,
      1.26,
      0.2925,
      1.31,
      0.34,
      1.3575,
      0.3875,
      1.405,
      0.4375,
      1.455,
      0.485,
      1.5025,
      0.5325,
      1.5525,
      0.5825,
      1.6,
      0.63,
      1.6475,
      0.68,
      1.6975,
      0.7275,
      1.745,
      0.775,
      1.795,
      0.825,
      1.8425,
      0.8725,
      1.89,
      0.9225,
      1.94,
      0.97
    ],
    "SoftwareVersions": "syngo_MR_B17",
    "TaskName": "encoding",
    "TotalReadoutTime": 0.01488,
    "TrueEchoSpacing": 0.000480001,
    "dataset": "ds003789",
    "modality": "bold",
    "run_id": 2,
    "subject_id": "5428",
    "task_id": "encoding"
  },
  "dummy_trs": 0,
  "dvars_nstd": 32.108330022287575,
  "dvars_std": 1.0391842783006533,
  "dvars_vstd": 0.9969388279738562,
  "efc": 0.5805997980282465,
  "fber": 773.2056884765625,
  "fd_mean": 0.11094555211883231,
  "fd_num": 11,
  "fd_perc": 7.142857142857143,
  "fwhm_avg": 1.6596854620229824,
  "fwhm_x": 1.5798866666666667,
  "fwhm_y": 1.8467,
  "fwhm_z": 1.5524697194022803,
  "gcor": 0.00957105,
  "gsr_x": 0.011072027496993542,
  "gsr_y": 0.03680052608251572,
  "provenance": {
    "md5sum": "19341ef451eddb7c44bee4abe6dd4d07",
    "settings": {
      "fd_thres": 0.2,
      "testing": false
    },
    "software": "mriqc",
    "version": "23.1.0"
  },
  "size_t": 154,
  "size_x": 64,
  "size_y": 64,
  "size_z": 41,
  "snr": 6.333143149157206,
  "spacing_tr": 2.0,
  "spacing_x": 3.0,
  "spacing_y": 3.0,
  "spacing_z": 3.299999952316284,
  "summary_bg_k": 17.539441313475464,
  "summary_bg_mad": 19.46637500557553,
  "summary_bg_mean": 51.53849351143381,
  "summary_bg_median": 25.279220581054688,
  "summary_bg_n": 120681.0,
  "summary_bg_p05": 8.538961410522461,
  "summary_bg_p95": 205.8116912841797,
  "summary_bg_stdv": 73.45407244345377,
  "summary_fg_k": 2.700764161143529,
  "summary_fg_mad": 87.77196974172257,
  "summary_fg_mean": 695.404298291334,
  "summary_fg_median": 702.9285888671875,
  "summary_fg_n": 47255.0,
  "summary_fg_p05": 477.6753234863281,
  "summary_fg_p95": 850.9285888671875,
  "summary_fg_stdv": 110.99088314633535,
  "tsnr": 37.302238059346564
}