{
  "aor": 0.0016485714285714285,
  "aqi": 0.018922729220779224,
  "bids_meta": {
    "AccelFactPE": 2,
    "AcquisitionNumber": 1,
    "AcquisitionTime": "13:12:42.895000",
    "BandwidthPerPixelPhaseEncode": 65.104,
    "ConversionSoftware": "dcm2niix",
    "ConversionSoftwareVersion": "v1.0.20170724 GCC4.4.7",
    "DeviceSerialNumber": "35193",
    "EchoTime": 0.025,
    "EffectiveEchoSpacing": 0.000240001,
    "FlipAngle": 90,
    "ImageType": [
      "ORIGINAL",
      "PRIMARY",
      "M",
      "ND",
      "NORM",
      "MOSAIC"
    ],
    "InstitutionAddress": "Xinjiekouwai_Street_No_19_Beijing_Haidian_District_CN_100875",
    "InstitutionName": "BNU_MRI_Center",
    "MagneticFieldStrength": 3,
    "Manufacturer": "Siemens",
    "ManufacturersModelName": "TrioTim",
    "PhaseEncodingDirection": "j-",
    "PhaseEncodingLines": 64,
    "ProcedureStepDescription": "BNU_cst_2019_Zhu.Bi",
    "ProtocolName": "Learning9_154",
    "RepetitionTime": 2,
    "ScanningSequence": "EP",
    "SequenceName": "_epfid2d1_64",
    "SequenceVariant": "SK",
    "SeriesDescription": "Learning9_154",
    "SliceTiming": [
      0,
      1.02,
      0.05,
      1.0675,
      0.0975,
      1.115,
      0.1475,
      1.165,
      0.195,
      1.2125,
      0.2425,
      1.2625,
      0.2925,
      1.31,
      0.34,
      1.3575,
      0.39,
      1.4075,
      0.4375,
      1.455,
      0.485,
      1.5025,
      0.535,
      1.5525,
      0.5825,
      1.6,
      0.63,
      1.65,
      0.68,
      1.6975,
      0.7275,
      1.745,
      0.7775,
      1.795,
      0.825,
      1.8425,
      0.8725,
      1.8925,
      0.9225,
      1.94,
      0.97
    ],
    "SoftwareVersions": "syngo_MR_B17",
    "TaskName": "encoding",
    "TotalReadoutTime": 0.01488,
    "TrueEchoSpacing": 0.000480001,
    "dataset": "ds003789",
    "modality": "bold",
    "run_id": 9,
    "subject_id": "5428",
    "task_id": "encoding"
  },
  "dummy_trs": 0,
  "dvars_nstd": 31.299685298039215,
  "dvars_std": 1.1050092610457523,
  "dvars_vstd": 1.0181293953594772,
  "efc": 0.5779315751678887,
  "fber": 865.4976806640625,
  "fd_mean": 0.09275474702724454,
  "fd_num": 14,
  "fd_perc": 9.090909090909092,
  "fwhm_avg": 1.635317381116688,
  "fwhm_x": 1.5633166666666665,
  "fwhm_y": 1.8105566666666668,
  "fwhm_z": 1.5320788100167304,
  "gcor": 0.00545291,
  "gsr_x": 0.01506740227341652,
  "gsr_y": 0.03805236518383026,
  "provenance": {
    "md5sum": "02f590da2d57a62b6aadbf703bb28c17",
    "settings": {
      "fd_thres": 0.2,
      "testing": false
    },
    "software": "mriqc",
    "version": "23.1.0"
  },
  "size_t": 154,
  "size_x": 64,
  "size_y": 64,
  "size_z": 41,
  "snr": 6.272945051731327,
  "spacing_tr": 2.0,
  "spacing_x": 3.0,
  "spacing_y": 3.0,
  "spacing_z": 3.299999952316284,
  "summary_bg_k": 16.238639048486995,
  "summary_bg_mad": 18.855042098175666,
  "summary_bg_mean": 51.59584653597379,
  "summary_bg_median": 24.071428298950195,
  "summary_bg_n": 120980.0,
  "summary_bg_p05": 7.821428537368774,
  "summary_bg_p95": 208.28571319580078,
  "summary_bg_stdv": 75.13555093224475,
  "summary_fg_k": 3.1032227918350763,
  "summary_fg_mad": 89.18715627097117,
  "summary_fg_mean": 701.3579601221957,
  "summary_fg_median": 708.1655883789062,
  "summary_fg_n": 46956.0,
  "summary_fg_p05": 483.902587890625,
  "summary_fg_p95": 859.4285888671875,
  "summary_fg_stdv": 112.89084182355822,
  "tsnr": 46.20601997873746
}