{
  "aor": 0.0006638425925925927,
  "aqi": 0.016912816203703704,
  "bids_meta": {
    "AccelFactPE": 2,
    "AcquisitionNumber": 1,
    "AcquisitionTime": "11:05:45.900000",
    "BandwidthPerPixelPhaseEncode": 65.104,
    "ConversionSoftware": "dcm2niix",
    "ConversionSoftwareVersion": "v1.0.20170724 GCC4.4.7",
    "DeviceSerialNumber": "35193",
    "EchoTime": 0.025,
    "EffectiveEchoSpacing": 0.000240001,
    "FlipAngle": 90,
    "ImageType": [
      "ORIGINAL",
      "PRIMARY",
      "M",
      "ND",
      "NORM",
      "MOSAIC"
    ],
    "InstitutionAddress": "Xinjiekouwai_Street_No_19_Beijing_Haidian_District_CN_100875",
    "InstitutionName": "BNU_MRI_Center",
    "MagneticFieldStrength": 3,
    "Manufacturer": "Siemens",
    "ManufacturersModelName": "TrioTim",
    "PhaseEncodingDirection": "j-",
    "PhaseEncodingLines": 64,
    "ProcedureStepDescription": "BNU_cst_2019_Zhu.Bi",
    "ProtocolName": "Test1_216",
    "RepetitionTime": 2,
    "ScanningSequence": "EP",
    "SequenceName": "_epfid2d1_64",
    "SequenceVariant": "SK",
    "SeriesDescription": "Test1_216",
    "SliceTiming": [
      0,
      1.0175,
      0.05,
      1.0675,
      0.0975,
      1.115,
      0.145,
      1.165,
      0.195,
      1.2125,
      0.2425,
      1.26,
      0.2925,
      1.31,
      0.34,
      1.3575,
      0.3875,
      1.4075,
      0.4375,
      1.455,
      0.485,
      1.5025,
      0.535,
      1.5525,
      0.5825,
      1.6,
      0.63,
      1.6475,
      0.68,
      1.6975,
      0.7275,
      1.745,
      0.775,
      1.795,
      0.825,
      1.8425,
      0.8725,
      1.89,
      0.9225,
      1.94,
      0.97
    ],
    "SoftwareVersions": "syngo_MR_B17",
    "TaskName": "retrieval",
    "TotalReadoutTime": 0.01488,
    "TrueEchoSpacing": 0.000480001,
    "dataset": "ds003789",
    "modality": "bold",
    "run_id": 1,
    "subject_id": "5428",
    "task_id": "retrieval"
  },
  "dummy_trs": 0,
  "dvars_nstd": 31.93098470134883,
  "dvars_std": 1.0910675070697677,
  "dvars_vstd": 1.0049028448372097,
  "efc": 0.5840929738969285,
  "fber": 745.1372680664062,
  "fd_mean": 0.05022640100070064,
  "fd_num": 1,
  "fd_perc": 0.46296296296296297,
  "fwhm_avg": 1.609581219368159,
  "fwhm_x": 1.53852,
  "fwhm_y": 1.7856266666666667,
  "fwhm_z": 1.5045969914378106,
  "gcor": 0.008745,
  "gsr_x": 0.006238266825675964,
  "gsr_y": 0.030331946909427643,
  "provenance": {
    "md5sum": "a185a84524730c8b64edb33284f9c16c",
    "settings": {
      "fd_thres": 0.2,
      "testing": false
    },
    "software": "mriqc",
    "version": "23.1.0"
  },
  "size_t": 216,
  "size_x": 64,
  "size_y": 64,
  "size_z": 41,
  "snr": 6.176102174824785,
  "spacing_tr": 2.0,
  "spacing_x": 3.0,
  "spacing_y": 3.0,
  "spacing_z": 3.299999952316284,
  "summary_bg_k": 16.688107488491735,
  "summary_bg_mad": 18.052053795157153,
  "summary_bg_mean": 48.963564980507876,
  "summary_bg_median": 23.662036895751953,
  "summary_bg_n": 120470.0,
  "summary_bg_p05": 7.685185432434082,
  "summary_bg_p95": 197.1481475830078,
  "summary_bg_stdv": 69.26006782067917,
  "summary_fg_k": 3.0563115658289526,
  "summary_fg_mad": 82.0167511689103,
  "summary_fg_mean": 638.1494864716681,
  "summary_fg_median": 645.9074096679688,
  "summary_fg_n": 47466.0,
  "summary_fg_p05": 434.3333435058594,
  "summary_fg_p95": 781.4444580078125,
  "summary_fg_stdv": 104.58062179888323,
  "tsnr": 46.581955016590655
}