{
  "aor": 0.0017304186046511627,
  "aqi": 0.028856219069767444,
  "bids_meta": {
    "AccelFactPE": 2,
    "AcquisitionNumber": 1,
    "AcquisitionTime": "10:47:49.557500",
    "BandwidthPerPixelPhaseEncode": 65.104,
    "ConversionSoftware": "dcm2niix",
    "ConversionSoftwareVersion": "v1.0.20170724 GCC4.4.7",
    "DeviceSerialNumber": "35193",
    "EchoTime": 0.025,
    "EffectiveEchoSpacing": 0.000240001,
    "FlipAngle": 90,
    "ImageType": [
      "ORIGINAL",
      "PRIMARY",
      "M",
      "ND",
      "NORM",
      "MOSAIC"
    ],
    "InstitutionAddress": "Xinjiekouwai_Street_No_19_Beijing_Haidian_District_CN_100875",
    "InstitutionName": "Beijing_Normal_Universtiy_7C3C54",
    "MagneticFieldStrength": 3,
    "Manufacturer": "Siemens",
    "ManufacturersModelName": "TrioTim",
    "PhaseEncodingDirection": "j-",
    "PhaseEncodingLines": 64,
    "ProcedureStepDescription": "BNU_cst_2019_Zhu.Bi",
    "ProtocolName": "Test3_216",
    "RepetitionTime": 2,
    "ScanningSequence": "EP",
    "SequenceName": "_epfid2d1_64",
    "SequenceVariant": "SK",
    "SeriesDescription": "Test3_216",
    "SliceTiming": [
      0,
      1.0175,
      0.05,
      1.0675,
      0.0975,
      1.115,
      0.145,
      1.1625,
      0.195,
      1.2125,
      0.2425,
      1.26,
      0.29,
      1.31,
      0.34,
      1.3575,
      0.3875,
      1.405,
      0.4375,
      1.455,
      0.485,
      1.5025,
      0.5325,
      1.5525,
      0.5825,
      1.6,
      0.63,
      1.6475,
      0.68,
      1.6975,
      0.7275,
      1.745,
      0.775,
      1.795,
      0.825,
      1.8425,
      0.8725,
      1.89,
      0.9225,
      1.94,
      0.97
    ],
    "SoftwareVersions": "syngo_MR_B17",
    "TaskName": "retrieval",
    "TotalReadoutTime": 0.01488,
    "TrueEchoSpacing": 0.000480001,
    "dataset": "ds003789",
    "modality": "bold",
    "run_id": 3,
    "subject_id": "5432",
    "task_id": "retrieval"
  },
  "dummy_trs": 1,
  "dvars_nstd": 38.10937140803737,
  "dvars_std": 1.1381460590186914,
  "dvars_vstd": 0.9810568355607473,
  "efc": 0.6183324355843867,
  "fber": 717.9521484375,
  "fd_mean": 0.16627990226754258,
  "fd_num": 38,
  "fd_perc": 17.674418604651162,
  "fwhm_avg": 1.5786115874656248,
  "fwhm_x": 1.5457866666666666,
  "fwhm_y": 1.7005966666666668,
  "fwhm_z": 1.489451429063541,
  "gcor": 0.0113934,
  "gsr_x": 0.028671229258179665,
  "gsr_y": 0.018230130895972252,
  "provenance": {
    "md5sum": "ca8f3bc408d1f618b0ed4683695b09f6",
    "settings": {
      "fd_thres": 0.2,
      "testing": false
    },
    "software": "mriqc",
    "version": "23.1.0"
  },
  "size_t": 215,
  "size_x": 64,
  "size_y": 64,
  "size_z": 41,
  "snr": 6.1970146131076005,
  "spacing_tr": 2.0,
  "spacing_x": 3.0,
  "spacing_y": 3.0,
  "spacing_z": 3.3000001907348633,
  "summary_bg_k": 12.849261409798592,
  "summary_bg_mad": 21.23913898829973,
  "summary_bg_mean": 63.0097504598808,
  "summary_bg_median": 28.06046485900879,
  "summary_bg_n": 113269.0,
  "summary_bg_p05": 9.339534759521484,
  "summary_bg_p95": 268.5116271972656,
  "summary_bg_stdv": 92.44179427354932,
  "summary_fg_k": 3.1410562146105914,
  "summary_fg_mad": 96.30706747423285,
  "summary_fg_mean": 747.4833702318236,
  "summary_fg_median": 751.8697509765625,
  "summary_fg_n": 54667.0,
  "summary_fg_p05": 522.8697509765625,
  "summary_fg_p95": 922.632568359375,
  "summary_fg_stdv": 121.326625975557,
  "tsnr": 39.082185953855515
}