{
  "aor": 0.0006607142857142857,
  "aqi": 0.012924956493506492,
  "bids_meta": {
    "AccelFactPE": 2,
    "AcquisitionNumber": 1,
    "AcquisitionTime": "12:17:5.360000",
    "BandwidthPerPixelPhaseEncode": 65.104,
    "ConversionSoftware": "dcm2niix",
    "ConversionSoftwareVersion": "v1.0.20170724 GCC4.4.7",
    "DeviceSerialNumber": "35193",
    "EchoTime": 0.025,
    "EffectiveEchoSpacing": 0.000240001,
    "FlipAngle": 90,
    "ImageType": [
      "ORIGINAL",
      "PRIMARY",
      "M",
      "ND",
      "NORM",
      "MOSAIC"
    ],
    "InstitutionAddress": "Xinjiekouwai_Street_No_19_Beijing_Haidian_District_CN_100875",
    "InstitutionName": "Beijing_Normal_Universtiy_7C3C54",
    "MagneticFieldStrength": 3,
    "Manufacturer": "Siemens",
    "ManufacturersModelName": "TrioTim",
    "PhaseEncodingDirection": "j-",
    "PhaseEncodingLines": 64,
    "ProcedureStepDescription": "BNU_cst_2019_Zhu.Bi",
    "ProtocolName": "Learning3_154",
    "RepetitionTime": 2,
    "ScanningSequence": "EP",
    "SequenceName": "_epfid2d1_64",
    "SequenceVariant": "SK",
    "SeriesDescription": "Learning3_154",
    "SliceTiming": [
      0,
      1.02,
      0.05,
      1.0675,
      0.0975,
      1.115,
      0.1475,
      1.165,
      0.195,
      1.2125,
      0.2425,
      1.2625,
      0.2925,
      1.31,
      0.34,
      1.3575,
      0.39,
      1.4075,
      0.4375,
      1.455,
      0.485,
      1.5025,
      0.535,
      1.5525,
      0.5825,
      1.6,
      0.63,
      1.65,
      0.68,
      1.6975,
      0.7275,
      1.745,
      0.7775,
      1.795,
      0.825,
      1.8425,
      0.8725,
      1.8925,
      0.9225,
      1.94,
      0.97
    ],
    "SoftwareVersions": "syngo_MR_B17",
    "TaskName": "encoding",
    "TotalReadoutTime": 0.01488,
    "TrueEchoSpacing": 0.000480001,
    "dataset": "ds003789",
    "modality": "bold",
    "run_id": 3,
    "subject_id": "5432",
    "task_id": "encoding"
  },
  "dummy_trs": 0,
  "dvars_nstd": 38.59629781862747,
  "dvars_std": 1.2718231258169934,
  "dvars_vstd": 1.02241680379085,
  "efc": 0.6156478721182218,
  "fber": 799.2662353515625,
  "fd_mean": 0.08677370617366766,
  "fd_num": 0,
  "fd_perc": 0.0,
  "fwhm_avg": 1.5841075829724565,
  "fwhm_x": 1.54926,
  "fwhm_y": 1.7051233333333335,
  "fwhm_z": 1.4979394155840355,
  "gcor": 0.00758351,
  "gsr_x": 0.031158464029431343,
  "gsr_y": 0.0149728087708354,
  "provenance": {
    "md5sum": "9c2a5ba8439882fbc342556b418f1221",
    "settings": {
      "fd_thres": 0.2,
      "testing": false
    },
    "software": "mriqc",
    "version": "23.1.0"
  },
  "size_t": 154,
  "size_x": 64,
  "size_y": 64,
  "size_z": 41,
  "snr": 6.143254342610443,
  "spacing_tr": 2.0,
  "spacing_x": 3.0,
  "spacing_y": 3.0,
  "spacing_z": 3.299999952316284,
  "summary_bg_k": 13.007218249985414,
  "summary_bg_mad": 21.709534505145825,
  "summary_bg_mean": 65.56079765363621,
  "summary_bg_median": 28.4350643157959,
  "summary_bg_n": 113165.0,
  "summary_bg_p05": 8.616883277893066,
  "summary_bg_p95": 283.6298828125,
  "summary_bg_stdv": 98.74222095601839,
  "summary_fg_k": 2.9052443186358943,
  "summary_fg_mad": 106.42964632974385,
  "summary_fg_mean": 799.7040922662866,
  "summary_fg_median": 803.8961181640625,
  "summary_fg_n": 54771.0,
  "summary_fg_p05": 561.772705078125,
  "summary_fg_p95": 991.259765625,
  "summary_fg_stdv": 130.85715397659308,
  "tsnr": 52.45483692409471
}