{
  "aor": 0.0006630065359477125,
  "aqi": 0.014765147712418299,
  "bids_meta": {
    "AccelFactPE": 2,
    "AcquisitionNumber": 1,
    "AcquisitionTime": "12:24:22.802500",
    "BandwidthPerPixelPhaseEncode": 65.104,
    "ConversionSoftware": "dcm2niix",
    "ConversionSoftwareVersion": "v1.0.20170724 GCC4.4.7",
    "DeviceSerialNumber": "35193",
    "EchoTime": 0.025,
    "EffectiveEchoSpacing": 0.000240001,
    "FlipAngle": 90,
    "ImageType": [
      "ORIGINAL",
      "PRIMARY",
      "M",
      "ND",
      "NORM",
      "MOSAIC"
    ],
    "InstitutionAddress": "Xinjiekouwai_Street_No_19_Beijing_Haidian_District_CN_100875",
    "InstitutionName": "Beijing_Normal_Universtiy_7C3C54",
    "MagneticFieldStrength": 3,
    "Manufacturer": "Siemens",
    "ManufacturersModelName": "TrioTim",
    "PhaseEncodingDirection": "j-",
    "PhaseEncodingLines": 64,
    "ProcedureStepDescription": "BNU_cst_2019_Zhu.Bi",
    "ProtocolName": "Learning4_154",
    "RepetitionTime": 2,
    "ScanningSequence": "EP",
    "SequenceName": "_epfid2d1_64",
    "SequenceVariant": "SK",
    "SeriesDescription": "Learning4_154",
    "SliceTiming": [
      0,
      1.02,
      0.05,
      1.0675,
      0.0975,
      1.115,
      0.1475,
      1.165,
      0.195,
      1.2125,
      0.2425,
      1.2625,
      0.2925,
      1.31,
      0.34,
      1.3575,
      0.39,
      1.4075,
      0.4375,
      1.455,
      0.485,
      1.505,
      0.535,
      1.5525,
      0.5825,
      1.6,
      0.6325,
      1.65,
      0.68,
      1.6975,
      0.7275,
      1.745,
      0.7775,
      1.795,
      0.825,
      1.8425,
      0.8725,
      1.8925,
      0.9225,
      1.94,
      0.97
    ],
    "SoftwareVersions": "syngo_MR_B17",
    "TaskName": "encoding",
    "TotalReadoutTime": 0.01488,
    "TrueEchoSpacing": 0.000480001,
    "dataset": "ds003789",
    "modality": "bold",
    "run_id": 4,
    "subject_id": "5432",
    "task_id": "encoding"
  },
  "dummy_trs": 1,
  "dvars_nstd": 37.408801028815766,
  "dvars_std": 1.2269652407236844,
  "dvars_vstd": 1.001276632368421,
  "efc": 0.6170432113031901,
  "fber": 769.8748779296875,
  "fd_mean": 0.0906912979630452,
  "fd_num": 2,
  "fd_perc": 1.3071895424836601,
  "fwhm_avg": 1.5923184920584175,
  "fwhm_x": 1.5600966666666667,
  "fwhm_y": 1.7199466666666667,
  "fwhm_z": 1.496912142841919,
  "gcor": 0.00583144,
  "gsr_x": 0.030260158702731133,
  "gsr_y": 0.014433427713811398,
  "provenance": {
    "md5sum": "d7010f0c911e741d67da4b7183364070",
    "settings": {
      "fd_thres": 0.2,
      "testing": false
    },
    "software": "mriqc",
    "version": "23.1.0"
  },
  "size_t": 153,
  "size_x": 64,
  "size_y": 64,
  "size_z": 41,
  "snr": 6.132332102861255,
  "spacing_tr": 2.0,
  "spacing_x": 3.0,
  "spacing_y": 3.0,
  "spacing_z": 3.299999952316284,
  "summary_bg_k": 12.867105106167287,
  "summary_bg_mad": 22.529740814790323,
  "summary_bg_mean": 66.47313902339852,
  "summary_bg_median": 29.00653648376465,
  "summary_bg_n": 113110.0,
  "summary_bg_p05": 8.588235855102539,
  "summary_bg_p95": 286.686279296875,
  "summary_bg_stdv": 99.04934508064805,
  "summary_fg_k": 2.9384356140768233,
  "summary_fg_mad": 106.9944450203446,
  "summary_fg_mean": 800.9908007341817,
  "summary_fg_median": 804.8333435058594,
  "summary_fg_n": 54826.0,
  "summary_fg_p05": 562.888916015625,
  "summary_fg_p95": 993.5490112304688,
  "summary_fg_stdv": 131.24305567361168,
  "tsnr": 50.05668012192473
}