{
  "aor": 0.0010716203703703703,
  "aqi": 0.017632494907407408,
  "bids_meta": {
    "AccelFactPE": 2,
    "AcquisitionNumber": 1,
    "AcquisitionTime": "10:39:47.942500",
    "BandwidthPerPixelPhaseEncode": 65.104,
    "ConversionSoftware": "dcm2niix",
    "ConversionSoftwareVersion": "v1.0.20170724 GCC4.4.7",
    "DeviceSerialNumber": "35193",
    "EchoTime": 0.025,
    "EffectiveEchoSpacing": 0.000240001,
    "FlipAngle": 90,
    "ImageType": [
      "ORIGINAL",
      "PRIMARY",
      "M",
      "ND",
      "NORM",
      "MOSAIC"
    ],
    "InstitutionAddress": "Xinjiekouwai_Street_No_19_Beijing_Haidian_District_CN_100875",
    "InstitutionName": "Beijing_Normal_Universtiy_7C3C54",
    "MagneticFieldStrength": 3,
    "Manufacturer": "Siemens",
    "ManufacturersModelName": "TrioTim",
    "PhaseEncodingDirection": "j-",
    "PhaseEncodingLines": 64,
    "ProcedureStepDescription": "BNU_cst_2019_Zhu.Bi",
    "ProtocolName": "Test2_216",
    "RepetitionTime": 2,
    "ScanningSequence": "EP",
    "SequenceName": "_epfid2d1_64",
    "SequenceVariant": "SK",
    "SeriesDescription": "Test2_216",
    "SliceTiming": [
      0,
      1.0175,
      0.0475,
      1.0675,
      0.0975,
      1.115,
      0.145,
      1.1625,
      0.195,
      1.2125,
      0.2425,
      1.26,
      0.29,
      1.31,
      0.34,
      1.3575,
      0.3875,
      1.405,
      0.4375,
      1.455,
      0.485,
      1.5025,
      0.5325,
      1.5525,
      0.5825,
      1.6,
      0.63,
      1.6475,
      0.68,
      1.6975,
      0.7275,
      1.745,
      0.775,
      1.7925,
      0.825,
      1.8425,
      0.8725,
      1.89,
      0.92,
      1.94,
      0.97
    ],
    "SoftwareVersions": "syngo_MR_B17",
    "TaskName": "retrieval",
    "TotalReadoutTime": 0.01488,
    "TrueEchoSpacing": 0.000480001,
    "dataset": "ds003789",
    "modality": "bold",
    "run_id": 2,
    "subject_id": "5432",
    "task_id": "retrieval"
  },
  "dummy_trs": 0,
  "dvars_nstd": 38.246223458279054,
  "dvars_std": 1.1982746632558143,
  "dvars_vstd": 1.0060126573953483,
  "efc": 0.6177479370663638,
  "fber": 739.0843505859375,
  "fd_mean": 0.13477450775234426,
  "fd_num": 24,
  "fd_perc": 11.11111111111111,
  "fwhm_avg": 1.5554333050878777,
  "fwhm_x": 1.52839,
  "fwhm_y": 1.6718433333333333,
  "fwhm_z": 1.4660665819303003,
  "gcor": 0.0113258,
  "gsr_x": 0.028953194618225098,
  "gsr_y": 0.017047971487045288,
  "provenance": {
    "md5sum": "a304eb8223a26a9d5173f870fc5899c8",
    "settings": {
      "fd_thres": 0.2,
      "testing": false
    },
    "software": "mriqc",
    "version": "23.1.0"
  },
  "size_t": 216,
  "size_x": 64,
  "size_y": 64,
  "size_z": 41,
  "snr": 6.145561793595616,
  "spacing_tr": 2.0,
  "spacing_x": 3.0,
  "spacing_y": 3.0,
  "spacing_z": 3.3000001907348633,
  "summary_bg_k": 12.892257353359472,
  "summary_bg_mad": 20.86625302669524,
  "summary_bg_mean": 62.666014676687816,
  "summary_bg_median": 27.587963104248047,
  "summary_bg_n": 113276.0,
  "summary_bg_p05": 9.38888931274414,
  "summary_bg_p95": 268.5509338378906,
  "summary_bg_stdv": 92.69885154455436,
  "summary_fg_k": 3.2576359006371955,
  "summary_fg_mad": 95.78914304810877,
  "summary_fg_mean": 745.2861297163561,
  "summary_fg_median": 750.00927734375,
  "summary_fg_n": 54660.0,
  "summary_fg_p05": 519.5949401855469,
  "summary_fg_p95": 920.9675903320312,
  "summary_fg_stdv": 122.03968356747149,
  "tsnr": 46.29659349936992
}