{
  "aor": 0.0005044392523364486,
  "aqi": 0.02279930794392523,
  "bids_meta": {
    "AccelFactPE": 2,
    "AcquisitionNumber": 1,
    "AcquisitionTime": "10:31:39.872500",
    "BandwidthPerPixelPhaseEncode": 65.104,
    "ConversionSoftware": "dcm2niix",
    "ConversionSoftwareVersion": "v1.0.20170724 GCC4.4.7",
    "DeviceSerialNumber": "35193",
    "EchoTime": 0.025,
    "EffectiveEchoSpacing": 0.000240001,
    "FlipAngle": 90,
    "ImageType": [
      "ORIGINAL",
      "PRIMARY",
      "M",
      "ND",
      "NORM",
      "MOSAIC"
    ],
    "InstitutionAddress": "Xinjiekouwai_Street_No_19_Beijing_Haidian_District_CN_100875",
    "InstitutionName": "Beijing_Normal_Universtiy_7C3C54",
    "MagneticFieldStrength": 3,
    "Manufacturer": "Siemens",
    "ManufacturersModelName": "TrioTim",
    "PhaseEncodingDirection": "j-",
    "PhaseEncodingLines": 64,
    "ProcedureStepDescription": "BNU_cst_2019_Zhu.Bi",
    "ProtocolName": "Test1_216",
    "RepetitionTime": 2,
    "ScanningSequence": "EP",
    "SequenceName": "_epfid2d1_64",
    "SequenceVariant": "SK",
    "SeriesDescription": "Test1_216",
    "SliceTiming": [
      0,
      1.02,
      0.05,
      1.0675,
      0.0975,
      1.115,
      0.1475,
      1.165,
      0.195,
      1.2125,
      0.2425,
      1.2625,
      0.2925,
      1.31,
      0.34,
      1.3575,
      0.39,
      1.4075,
      0.4375,
      1.455,
      0.485,
      1.505,
      0.535,
      1.5525,
      0.5825,
      1.6,
      0.63,
      1.65,
      0.68,
      1.6975,
      0.7275,
      1.745,
      0.7775,
      1.795,
      0.825,
      1.8425,
      0.8725,
      1.8925,
      0.9225,
      1.94,
      0.97
    ],
    "SoftwareVersions": "syngo_MR_B17",
    "TaskName": "retrieval",
    "TotalReadoutTime": 0.01488,
    "TrueEchoSpacing": 0.000480001,
    "dataset": "ds003789",
    "modality": "bold",
    "run_id": 1,
    "subject_id": "5432",
    "task_id": "retrieval"
  },
  "dummy_trs": 2,
  "dvars_nstd": 38.865267757887295,
  "dvars_std": 1.1660752408450703,
  "dvars_vstd": 0.9829515611267601,
  "efc": 0.6166114726909704,
  "fber": 740.7000732421875,
  "fd_mean": 0.1383250094901978,
  "fd_num": 29,
  "fd_perc": 13.551401869158878,
  "fwhm_avg": 1.5586595678892288,
  "fwhm_x": 1.5310433333333335,
  "fwhm_y": 1.6879566666666665,
  "fwhm_z": 1.4569787036676867,
  "gcor": 0.00534466,
  "gsr_x": 0.029045330360531807,
  "gsr_y": 0.018080933019518852,
  "provenance": {
    "md5sum": "fcd4867ada444d1455600acee3876e35",
    "settings": {
      "fd_thres": 0.2,
      "testing": false
    },
    "software": "mriqc",
    "version": "23.1.0"
  },
  "size_t": 214,
  "size_x": 64,
  "size_y": 64,
  "size_z": 41,
  "snr": 6.173616056371415,
  "spacing_tr": 2.0,
  "spacing_x": 3.0,
  "spacing_y": 3.0,
  "spacing_z": 3.3000001907348633,
  "summary_bg_k": 13.112429940477988,
  "summary_bg_mad": 20.701006822434444,
  "summary_bg_mean": 61.83695329582171,
  "summary_bg_median": 27.467288970947266,
  "summary_bg_n": 113380.0,
  "summary_bg_p05": 9.369158744812012,
  "summary_bg_p95": 264.40887451171875,
  "summary_bg_stdv": 91.71051327058227,
  "summary_fg_k": 3.0864974797057423,
  "summary_fg_mad": 95.21565723513397,
  "summary_fg_mean": 742.6628976792252,
  "summary_fg_median": 747.5443725585938,
  "summary_fg_n": 54556.0,
  "summary_fg_p05": 516.037353515625,
  "summary_fg_p95": 917.3084106445312,
  "summary_fg_stdv": 121.08584572410963,
  "tsnr": 43.27729654655559
}