{
  "bids_meta": {
    "AcquisitionNumber": 1,
    "AcquisitionTime": "16:14:9.212500",
    "ConversionSoftware": "dcm2niix",
    "ConversionSoftwareVersion": "v1.0.20170724 GCC4.4.7",
    "DeviceSerialNumber": "35193",
    "EchoTime": 0.00309,
    "FlipAngle": 10,
    "ImageType": [
      "ORIGINAL",
      "PRIMARY",
      "M",
      "ND",
      "NORM"
    ],
    "InstitutionAddress": "Xinjiekouwai_Street_No_19_Beijing_Haidian_District_CN_100875",
    "InstitutionName": "BNU_MRI_Center",
    "InversionTime": 0.8,
    "MagneticFieldStrength": 3,
    "Manufacturer": "Siemens",
    "ManufacturersModelName": "TrioTim",
    "PhaseEncodingDirection": "i-",
    "PhaseEncodingLines": 256,
    "ProcedureStepDescription": "BNU_cst_2019_Zhu.Bi",
    "ProtocolName": "UCI_MPRAGE_Sag_1x1x1",
    "RepetitionTime": 2.53,
    "ScanningSequence": "GR_IR",
    "SequenceName": "_tfl3d1_ns",
    "SequenceVariant": "SP_MP",
    "SeriesDescription": "UCI_MPRAGE_Sag_1x1x1",
    "SoftwareVersions": "syngo_MR_B17",
    "dataset": "ds003789",
    "modality": "T1w",
    "subject_id": "5416"
  },
  "cjv": 0.6267851654975019,
  "cnr": 1.6718861055025969,
  "efc": 0.4692483284533849,
  "fber": 8616.817702318904,
  "fwhm_avg": 4.159503333333333,
  "fwhm_x": 4.17729,
  "fwhm_y": 4.35405,
  "fwhm_z": 3.94717,
  "icvs_csf": 0.2764081827601285,
  "icvs_gm": 0.37874491681463573,
  "icvs_wm": 0.34484690042523586,
  "inu_med": 0.6200471520423889,
  "inu_range": 0.28427937626838684,
  "provenance": {
    "md5sum": "a39ed0437da3e280f4fd6a6673e9f63f",
    "settings": {
      "testing": false
    },
    "software": "mriqc",
    "version": "23.1.0",
    "warnings": {
      "large_rot_frame": false,
      "small_air_mask": false
    }
  },
  "qi_1": 0.0,
  "qi_2": 9.569644075685521e-05,
  "rpve_csf": 8.480549103271393,
  "rpve_gm": 8.384132462492305,
  "rpve_wm": 8.4826387457759,
  "size_x": 208,
  "size_y": 256,
  "size_z": 256,
  "snr_csf": 2.035153802898831,
  "snr_gm": 5.092109641211306,
  "snr_total": 5.569804409771194,
  "snr_wm": 9.582149785203447,
  "snrd_csf": 26.562378023831243,
  "snrd_gm": 47.153481228319926,
  "snrd_total": 46.75039800843721,
  "snrd_wm": 66.53533477316047,
  "spacing_x": 1.0,
  "spacing_y": 1.0,
  "spacing_z": 1.0,
  "summary_bg_k": 5.294760753079538,
  "summary_bg_mad": 0.0,
  "summary_bg_mean": 6.240805827021791,
  "summary_bg_median": 0.0,
  "summary_bg_n": 4903110.0,
  "summary_bg_p05": 0.0,
  "summary_bg_p95": 25.49652898311615,
  "summary_bg_stdv": 9.308140201774512,
  "summary_csf_k": -0.6282717278648207,
  "summary_csf_mad": 144.3272630203633,
  "summary_csf_mean": 386.0045324567039,
  "summary_csf_median": 377.3967356085777,
  "summary_csf_n": 438845.25622911355,
  "summary_csf_p05": 92.70840322971344,
  "summary_csf_p95": 693.2513102889061,
  "summary_csf_stdv": 185.4387147951085,
  "summary_gm_k": -0.5650563562624864,
  "summary_gm_mad": 95.16531144441886,
  "summary_gm_mean": 673.3040523368209,
  "summary_gm_median": 669.953942835331,
  "summary_gm_n": 601322.3212325562,
  "summary_gm_p05": 460.14018815755844,
  "summary_gm_p95": 913.0643775463104,
  "summary_gm_stdv": 131.5669600563593,
  "summary_wm_k": -0.21872224119703665,
  "summary_wm_mad": 77.43644186055496,
  "summary_wm_mean": 922.0774114570816,
  "summary_wm_median": 945.330200612545,
  "summary_wm_n": 547503.4236170161,
  "summary_wm_p05": 731.0150371789932,
  "summary_wm_p95": 1048.1753640174866,
  "summary_wm_stdv": 98.65524527304461,
  "tpm_overlap_csf": 0.204005838177283,
  "tpm_overlap_gm": 0.539285464012793,
  "tpm_overlap_wm": 0.554260840110314,
  "wm2max": 0.5071689018357166
}