{
  "bids_meta": {
    "AcquisitionMatrixPE": 256,
    "AcquisitionNumber": 1,
    "AcquisitionTime": "14:46:59.235000",
    "BaseResolution": 256,
    "CoilString": "C:HEA;HEP",
    "ConversionSoftware": "dcm2niix",
    "ConversionSoftwareVersion": "v1.0.20200331",
    "DeviceSerialNumber": "35193",
    "DwellTime": 8.9e-06,
    "EchoTime": 0.00309,
    "FlipAngle": 10,
    "ImageOrientationPatientDICOM": [
      0,
      1,
      0,
      0,
      0,
      -1
    ],
    "ImageType": [
      "ORIGINAL",
      "PRIMARY",
      "M",
      "ND",
      "NORM"
    ],
    "ImagingFrequency": 123.254,
    "InPlanePhaseEncodingDirectionDICOM": "ROW",
    "InstitutionAddress": "Xinjiekouwai_Street_No_19_Beijing_Haidian_District_CN_100875",
    "InstitutionName": "BNU_MRI_Center",
    "InstitutionalDepartmentName": "Department",
    "InversionTime": 0.8,
    "MRAcquisitionType": "3D",
    "MagneticFieldStrength": 3,
    "Manufacturer": "Siemens",
    "ManufacturersModelName": "TrioTim",
    "Modality": "MR",
    "PartialFourier": 1,
    "PatientPosition": "HFS",
    "PercentPhaseFOV": 100,
    "PercentSampling": 100,
    "PhaseEncodingSteps": 256,
    "PhaseResolution": 1,
    "PixelBandwidth": 219,
    "ProcedureStepDescription": "BNU_cst_2019_Zhu.Bi",
    "ProtocolName": "UCI_MPRAGE_Sag_1x1x1",
    "PulseSequenceDetails": "%SiemensSeq%_tfl",
    "ReceiveCoilName": "HeadMatrix",
    "ReconMatrixPE": 256,
    "RepetitionTime": 2.53,
    "SAR": 0.081668,
    "ScanOptions": "IR",
    "ScanningSequence": "GR_IR",
    "SequenceName": "_tfl3d1_ns",
    "SequenceVariant": "SP_MP",
    "SeriesDescription": "UCI_MPRAGE_Sag_1x1x1",
    "SeriesNumber": 6,
    "ShimSetting": [
      -4489,
      -19276,
      -10209,
      636,
      -133,
      80,
      82,
      -26
    ],
    "SliceThickness": 1,
    "SoftwareVersions": "syngo_MR_B17",
    "StationName": "MRC35193",
    "TxRefAmp": 316.931,
    "dataset": "ds003789",
    "modality": "T1w",
    "subject_id": "5404"
  },
  "cjv": 0.516733718025607,
  "cnr": 2.1931909273260444,
  "efc": 0.5524292419330031,
  "fber": 18073.174666162762,
  "fwhm_avg": 4.0525400000000005,
  "fwhm_x": 4.10505,
  "fwhm_y": 4.1557,
  "fwhm_z": 3.89687,
  "icvs_csf": 0.2644703830145836,
  "icvs_gm": 0.3914923870017958,
  "icvs_wm": 0.34403722998362074,
  "inu_med": 0.5760425329208374,
  "inu_range": 0.2572755634784699,
  "provenance": {
    "md5sum": "84a9bd2a4397cba6d76ed09027b6ad3b",
    "settings": {
      "testing": false
    },
    "software": "mriqc",
    "version": "23.1.0",
    "warnings": {
      "large_rot_frame": true,
      "small_air_mask": false
    }
  },
  "qi_1": 0.0,
  "qi_2": 0.004625604158917386,
  "rpve_csf": 9.364204711704451,
  "rpve_gm": 9.310114907046087,
  "rpve_wm": 9.41678146139564,
  "size_x": 208,
  "size_y": 256,
  "size_z": 256,
  "snr_csf": 2.2592423070065406,
  "snr_gm": 6.408549120419583,
  "snr_total": 6.953003239201313,
  "snr_wm": 12.191218290177815,
  "snrd_csf": 36.87237692193284,
  "snrd_gm": 55.04289870695672,
  "snrd_total": 56.85356769290686,
  "snrd_wm": 78.645427449831,
  "spacing_x": 1.0,
  "spacing_y": 1.0,
  "spacing_z": 1.0,
  "summary_bg_k": 8.382794764668237,
  "summary_bg_mad": 0.0,
  "summary_bg_mean": 4.030057534480084,
  "summary_bg_median": 0.0,
  "summary_bg_n": 4229550.0,
  "summary_bg_p05": 0.0,
  "summary_bg_p95": 21.057526648044586,
  "summary_bg_stdv": 8.067685866736994,
  "summary_csf_k": 1.1019942078938456,
  "summary_csf_mad": 136.94422910126318,
  "summary_csf_mean": 447.46836991104533,
  "summary_csf_median": 454.0653735101223,
  "summary_csf_n": 380185.43232443486,
  "summary_csf_p05": 103.72658631205559,
  "summary_csf_p95": 752.9228258430958,
  "summary_csf_stdv": 200.98099922195718,
  "summary_gm_k": -0.6814400307440578,
  "summary_gm_mad": 86.22414424894349,
  "summary_gm_mean": 682.5860471906564,
  "summary_gm_median": 677.8265044689178,
  "summary_gm_n": 562784.0089595034,
  "summary_gm_p05": 514.0494320690632,
  "summary_gm_p95": 863.1925237476826,
  "summary_gm_stdv": 105.76901097636917,
  "summary_wm_k": -0.1451047830583918,
  "summary_wm_mad": 63.96639827491581,
  "summary_wm_mean": 952.5792795666123,
  "summary_wm_median": 968.4801569879055,
  "summary_wm_n": 494565.55976557627,
  "summary_wm_p05": 796.7982086539268,
  "summary_wm_p95": 1056.4302051961422,
  "summary_wm_stdv": 79.44072157624917,
  "tpm_overlap_csf": 0.21584865488057672,
  "tpm_overlap_gm": 0.5360610741505955,
  "tpm_overlap_wm": 0.54118465413592,
  "wm2max": 0.5790226176055918
}