{
  "aor": 0.0006130519480519481,
  "aqi": 0.014408568831168832,
  "bids_meta": {
    "AccelFactPE": 2,
    "AcquisitionNumber": 1,
    "AcquisitionTime": "14:12:32.697500",
    "BandwidthPerPixelPhaseEncode": 65.104,
    "ConversionSoftware": "dcm2niix",
    "ConversionSoftwareVersion": "v1.0.20170724 GCC4.4.7",
    "DeviceSerialNumber": "35193",
    "EchoTime": 0.025,
    "EffectiveEchoSpacing": 0.000240001,
    "FlipAngle": 90,
    "ImageType": [
      "ORIGINAL",
      "PRIMARY",
      "M",
      "ND",
      "NORM",
      "MOSAIC"
    ],
    "InstitutionAddress": "Xinjiekouwai_Street_No_19_Beijing_Haidian_District_CN_100875",
    "InstitutionName": "BNU_MRI_Center",
    "MagneticFieldStrength": 3,
    "Manufacturer": "Siemens",
    "ManufacturersModelName": "TrioTim",
    "PhaseEncodingDirection": "j-",
    "PhaseEncodingLines": 64,
    "ProcedureStepDescription": "BNU_cst_2019_Zhu.Bi",
    "ProtocolName": "Learning9_154",
    "RepetitionTime": 2,
    "ScanningSequence": "EP",
    "SequenceName": "_epfid2d1_64",
    "SequenceVariant": "SK",
    "SeriesDescription": "Learning9_154",
    "SliceTiming": [
      0,
      1.0175,
      0.0475,
      1.065,
      0.0975,
      1.115,
      0.145,
      1.1625,
      0.1925,
      1.2125,
      0.2425,
      1.26,
      0.29,
      1.3075,
      0.34,
      1.3575,
      0.3875,
      1.405,
      0.435,
      1.455,
      0.485,
      1.5025,
      0.5325,
      1.55,
      0.58,
      1.6,
      0.63,
      1.6475,
      0.6775,
      1.695,
      0.7275,
      1.745,
      0.775,
      1.7925,
      0.8225,
      1.8425,
      0.8725,
      1.89,
      0.92,
      1.9375,
      0.97
    ],
    "SoftwareVersions": "syngo_MR_B17",
    "TaskName": "encoding",
    "TotalReadoutTime": 0.01488,
    "TrueEchoSpacing": 0.000480001,
    "dataset": "ds003789",
    "modality": "bold",
    "run_id": 9,
    "subject_id": "5408",
    "task_id": "encoding"
  },
  "dummy_trs": 0,
  "dvars_nstd": 39.502470852156875,
  "dvars_std": 1.311696351045752,
  "dvars_vstd": 1.006550803137255,
  "efc": 0.5804220815608468,
  "fber": 773.4054565429688,
  "fd_mean": 0.06130916421913563,
  "fd_num": 0,
  "fd_perc": 0.0,
  "fwhm_avg": 1.5846184921462392,
  "fwhm_x": 1.5215266666666667,
  "fwhm_y": 1.7171833333333335,
  "fwhm_z": 1.515145476438717,
  "gcor": 0.00476775,
  "gsr_x": 0.007708072196692228,
  "gsr_y": 0.01755434460937977,
  "provenance": {
    "md5sum": "78e9d1b633f759e95b403b014b815357",
    "settings": {
      "fd_thres": 0.2,
      "testing": false
    },
    "software": "mriqc",
    "version": "23.1.0"
  },
  "size_t": 154,
  "size_x": 64,
  "size_y": 64,
  "size_z": 41,
  "snr": 6.031198661466589,
  "spacing_tr": 2.0,
  "spacing_x": 3.0,
  "spacing_y": 3.0,
  "spacing_z": 3.299999952316284,
  "summary_bg_k": 18.07258577723437,
  "summary_bg_mad": 17.945261857365796,
  "summary_bg_mean": 47.46509881962884,
  "summary_bg_median": 23.311687469482422,
  "summary_bg_n": 120262.0,
  "summary_bg_p05": 7.246753215789795,
  "summary_bg_p95": 189.2662353515625,
  "summary_bg_stdv": 69.36399695051459,
  "summary_fg_k": 2.208201138383684,
  "summary_fg_mad": 95.71448809020673,
  "summary_fg_mean": 645.5965357382096,
  "summary_fg_median": 648.3019409179688,
  "summary_fg_n": 47674.0,
  "summary_fg_p05": 462.4610290527344,
  "summary_fg_p95": 803.7012939453125,
  "summary_fg_stdv": 107.49026486232658,
  "tsnr": 48.332216605660506
}