{
  "aor": 0.0005737254901960784,
  "aqi": 0.011785927777777778,
  "bids_meta": {
    "AccelFactPE": 2,
    "AcquisitionNumber": 1,
    "AcquisitionTime": "13:41:29.480000",
    "BandwidthPerPixelPhaseEncode": 65.104,
    "ConversionSoftware": "dcm2niix",
    "ConversionSoftwareVersion": "v1.0.20170724 GCC4.4.7",
    "DeviceSerialNumber": "35193",
    "EchoTime": 0.025,
    "EffectiveEchoSpacing": 0.000240001,
    "FlipAngle": 90,
    "ImageType": [
      "ORIGINAL",
      "PRIMARY",
      "M",
      "ND",
      "NORM",
      "MOSAIC"
    ],
    "InstitutionAddress": "Xinjiekouwai_Street_No_19_Beijing_Haidian_District_CN_100875",
    "InstitutionName": "BNU_MRI_Center",
    "MagneticFieldStrength": 3,
    "Manufacturer": "Siemens",
    "ManufacturersModelName": "TrioTim",
    "PhaseEncodingDirection": "j-",
    "PhaseEncodingLines": 64,
    "ProcedureStepDescription": "BNU_cst_2019_Zhu.Bi",
    "ProtocolName": "Learning4_154",
    "RepetitionTime": 2,
    "ScanningSequence": "EP",
    "SequenceName": "_epfid2d1_64",
    "SequenceVariant": "SK",
    "SeriesDescription": "Learning4_154",
    "SliceTiming": [
      0,
      1.02,
      0.05,
      1.0675,
      0.0975,
      1.115,
      0.1475,
      1.165,
      0.195,
      1.2125,
      0.2425,
      1.26,
      0.2925,
      1.31,
      0.34,
      1.3575,
      0.3875,
      1.4075,
      0.4375,
      1.455,
      0.485,
      1.5025,
      0.535,
      1.5525,
      0.5825,
      1.6,
      0.63,
      1.65,
      0.68,
      1.6975,
      0.7275,
      1.745,
      0.7775,
      1.795,
      0.825,
      1.8425,
      0.8725,
      1.8925,
      0.9225,
      1.94,
      0.97
    ],
    "SoftwareVersions": "syngo_MR_B17",
    "TaskName": "encoding",
    "TotalReadoutTime": 0.01488,
    "TrueEchoSpacing": 0.000480001,
    "dataset": "ds003789",
    "modality": "bold",
    "run_id": 4,
    "subject_id": "5408",
    "task_id": "encoding"
  },
  "dummy_trs": 1,
  "dvars_nstd": 38.803890654736826,
  "dvars_std": 1.3158905629605253,
  "dvars_vstd": 1.0094798533552634,
  "efc": 0.5777372209927583,
  "fber": 820.6975708007812,
  "fd_mean": 0.04053779743570314,
  "fd_num": 0,
  "fd_perc": 0.0,
  "fwhm_avg": 1.5753311183469947,
  "fwhm_x": 1.53408,
  "fwhm_y": 1.6896133333333332,
  "fwhm_z": 1.5023000217076505,
  "gcor": 0.00733564,
  "gsr_x": 0.00801210105419159,
  "gsr_y": 0.02050488069653511,
  "provenance": {
    "md5sum": "d3c3700810eb13eccc28757782733314",
    "settings": {
      "fd_thres": 0.2,
      "testing": false
    },
    "software": "mriqc",
    "version": "23.1.0"
  },
  "size_t": 153,
  "size_x": 64,
  "size_y": 64,
  "size_z": 41,
  "snr": 6.052493411202899,
  "spacing_tr": 2.0,
  "spacing_x": 3.0,
  "spacing_y": 3.0,
  "spacing_z": 3.299999952316284,
  "summary_bg_k": 19.36811325987376,
  "summary_bg_mad": 17.151672585268763,
  "summary_bg_mean": 46.513141004980525,
  "summary_bg_median": 22.771242141723633,
  "summary_bg_n": 120335.0,
  "summary_bg_p05": 7.549019813537598,
  "summary_bg_p95": 185.05882263183594,
  "summary_bg_stdv": 69.0369049200793,
  "summary_fg_k": 2.0132137921826816,
  "summary_fg_mad": 96.23340791576949,
  "summary_fg_mean": 649.6470165694652,
  "summary_fg_median": 652.346435546875,
  "summary_fg_n": 47601.0,
  "summary_fg_p05": 463.84967041015625,
  "summary_fg_p95": 809.6797485351562,
  "summary_fg_stdv": 107.78030457147871,
  "tsnr": 51.990305085200816
}