{
  "aor": 0.0005362337662337662,
  "aqi": 0.012071476103896103,
  "bids_meta": {
    "AccelFactPE": 2,
    "AcquisitionNumber": 1,
    "AcquisitionTime": "13:22:45.320000",
    "BandwidthPerPixelPhaseEncode": 65.104,
    "ConversionSoftware": "dcm2niix",
    "ConversionSoftwareVersion": "v1.0.20170724 GCC4.4.7",
    "DeviceSerialNumber": "35193",
    "EchoTime": 0.025,
    "EffectiveEchoSpacing": 0.000240001,
    "FlipAngle": 90,
    "ImageType": [
      "ORIGINAL",
      "PRIMARY",
      "M",
      "ND",
      "NORM",
      "MOSAIC"
    ],
    "InstitutionAddress": "Xinjiekouwai_Street_No_19_Beijing_Haidian_District_CN_100875",
    "InstitutionName": "BNU_MRI_Center",
    "MagneticFieldStrength": 3,
    "Manufacturer": "Siemens",
    "ManufacturersModelName": "TrioTim",
    "PhaseEncodingDirection": "j-",
    "PhaseEncodingLines": 64,
    "ProcedureStepDescription": "BNU_cst_2019_Zhu.Bi",
    "ProtocolName": "Learning1_154",
    "RepetitionTime": 2,
    "ScanningSequence": "EP",
    "SequenceName": "_epfid2d1_64",
    "SequenceVariant": "SK",
    "SeriesDescription": "Learning1_154",
    "SliceTiming": [
      0,
      1.0175,
      0.05,
      1.0675,
      0.0975,
      1.115,
      0.145,
      1.165,
      0.195,
      1.2125,
      0.2425,
      1.26,
      0.2925,
      1.31,
      0.34,
      1.3575,
      0.3875,
      1.405,
      0.4375,
      1.455,
      0.485,
      1.5025,
      0.5325,
      1.5525,
      0.5825,
      1.6,
      0.63,
      1.6475,
      0.68,
      1.6975,
      0.7275,
      1.745,
      0.775,
      1.795,
      0.825,
      1.8425,
      0.8725,
      1.89,
      0.9225,
      1.94,
      0.97
    ],
    "SoftwareVersions": "syngo_MR_B17",
    "TaskName": "encoding",
    "TotalReadoutTime": 0.01488,
    "TrueEchoSpacing": 0.000480001,
    "dataset": "ds003789",
    "modality": "bold",
    "run_id": 1,
    "subject_id": "5408",
    "task_id": "encoding"
  },
  "dummy_trs": 0,
  "dvars_nstd": 37.86893328457514,
  "dvars_std": 1.28963523869281,
  "dvars_vstd": 1.015094231045752,
  "efc": 0.575052409941657,
  "fber": 857.9695434570312,
  "fd_mean": 0.04080312361437259,
  "fd_num": 0,
  "fd_perc": 0.0,
  "fwhm_avg": 1.5807115224197716,
  "fwhm_x": 1.54202,
  "fwhm_y": 1.6910933333333331,
  "fwhm_z": 1.5090212339259819,
  "gcor": 0.00806281,
  "gsr_x": 0.008566691540181637,
  "gsr_y": 0.02155919186770916,
  "provenance": {
    "md5sum": "d370abca6c3a91ec47cac7c3413450c6",
    "settings": {
      "fd_thres": 0.2,
      "testing": false
    },
    "software": "mriqc",
    "version": "23.1.0"
  },
  "size_t": 154,
  "size_x": 64,
  "size_y": 64,
  "size_z": 41,
  "snr": 6.112361406189021,
  "spacing_tr": 2.0,
  "spacing_x": 3.0,
  "spacing_y": 3.0,
  "spacing_z": 3.299999952316284,
  "summary_bg_k": 19.18376766850479,
  "summary_bg_mad": 16.539680084348795,
  "summary_bg_mean": 45.04539860015224,
  "summary_bg_median": 22.149351119995117,
  "summary_bg_n": 120479.0,
  "summary_bg_p05": 7.389610290527344,
  "summary_bg_p95": 179.7142791748047,
  "summary_bg_stdv": 67.03469455173794,
  "summary_fg_k": 2.1223320922451006,
  "summary_fg_mad": 95.37754538020883,
  "summary_fg_mean": 646.7369659935541,
  "summary_fg_median": 648.7792358398438,
  "summary_fg_n": 47457.0,
  "summary_fg_p05": 468.5714416503906,
  "summary_fg_p95": 804.8441772460938,
  "summary_fg_stdv": 106.14104063021156,
  "tsnr": 51.21313581080176
}