{
  "bids_meta": {
    "AcquisitionNumber": 1,
    "AcquisitionTime": "13:33:35.102500",
    "ConversionSoftware": "dcm2niix",
    "ConversionSoftwareVersion": "v1.0.20170724 GCC4.4.7",
    "DeviceSerialNumber": "35193",
    "EchoTime": 0.00309,
    "FlipAngle": 10,
    "ImageType": [
      "ORIGINAL",
      "PRIMARY",
      "M",
      "ND",
      "NORM"
    ],
    "InstitutionAddress": "Xinjiekouwai_Street_No_19_Beijing_Haidian_District_CN_100875",
    "InstitutionName": "BNU_MRI_Center",
    "InversionTime": 0.8,
    "MagneticFieldStrength": 3,
    "Manufacturer": "Siemens",
    "ManufacturersModelName": "TrioTim",
    "PhaseEncodingDirection": "i-",
    "PhaseEncodingLines": 256,
    "ProcedureStepDescription": "BNU_cst_2019_Zhu.Bi",
    "ProtocolName": "UCI_MPRAGE_Sag_1x1x1",
    "RepetitionTime": 2.53,
    "ScanningSequence": "GR_IR",
    "SequenceName": "_tfl3d1_ns",
    "SequenceVariant": "SP_MP",
    "SeriesDescription": "UCI_MPRAGE_Sag_1x1x1",
    "SoftwareVersions": "syngo_MR_B17",
    "dataset": "ds003789",
    "modality": "T1w",
    "subject_id": "5407"
  },
  "cjv": 0.5527870366821874,
  "cnr": 1.8993606878031102,
  "efc": 0.5350038255198223,
  "fber": -1.0,
  "fwhm_avg": 4.266364552368398,
  "fwhm_x": 4.323173657105197,
  "fwhm_y": 4.3513,
  "fwhm_z": 4.12462,
  "icvs_csf": 0.2692203887097267,
  "icvs_gm": 0.38435008597761056,
  "icvs_wm": 0.34642952531266286,
  "inu_med": 0.5848396420478821,
  "inu_range": 0.2548450499773024,
  "provenance": {
    "md5sum": "61f24a130d5cd472169d561bda20e118",
    "settings": {
      "testing": false
    },
    "software": "mriqc",
    "version": "23.1.0",
    "warnings": {
      "large_rot_frame": true,
      "small_air_mask": false
    }
  },
  "qi_1": 0.0,
  "qi_2": 0.003270550398941696,
  "rpve_csf": 8.21738290795403,
  "rpve_gm": 8.140529661836908,
  "rpve_wm": 8.237080552244102,
  "size_x": 208,
  "size_y": 256,
  "size_z": 256,
  "snr_csf": 1.9330630076591326,
  "snr_gm": 5.418168720836792,
  "snr_total": 6.142609358324869,
  "snr_wm": 11.076596346478683,
  "snrd_csf": 29.405337394556256,
  "snrd_gm": 51.90798701732745,
  "snrd_total": 51.817976418836366,
  "snrd_wm": 74.14060484462539,
  "spacing_x": 0.9999968409538269,
  "spacing_y": 1.0,
  "spacing_z": 1.0,
  "summary_bg_k": 7.250433059317775,
  "summary_bg_mad": 0.0,
  "summary_bg_mean": 4.631019497025825,
  "summary_bg_median": 0.0,
  "summary_bg_n": 5009299.0,
  "summary_bg_p05": 0.0,
  "summary_bg_p95": 22.75130331516266,
  "summary_bg_stdv": 8.491995386680612,
  "summary_csf_k": -0.6482061942441169,
  "summary_csf_mad": 150.7089714100061,
  "summary_csf_mean": 390.1288157919442,
  "summary_csf_median": 381.1572513729334,
  "summary_csf_n": 441035.4950474186,
  "summary_csf_p05": 79.19203653931618,
  "summary_csf_p95": 707.2592655569315,
  "summary_csf_stdv": 197.1776490192922,
  "summary_gm_k": -0.5432497168879182,
  "summary_gm_mad": 92.59844620708049,
  "summary_gm_mean": 678.9291425377658,
  "summary_gm_median": 672.8406272083521,
  "summary_gm_n": 629640.3896193061,
  "summary_gm_p05": 482.18908067792654,
  "summary_gm_p95": 908.9583199471235,
  "summary_gm_stdv": 124.18219652612451,
  "summary_wm_k": -0.028765983671354522,
  "summary_wm_mad": 66.70547730270714,
  "summary_wm_mean": 941.7176000580969,
  "summary_wm_median": 961.0238025337458,
  "summary_wm_n": 567519.1166893683,
  "summary_wm_p05": 769.1326016560197,
  "summary_wm_p95": 1052.174857482314,
  "summary_wm_stdv": 86.76157600980041,
  "tpm_overlap_csf": 0.2006254600326781,
  "tpm_overlap_gm": 0.5329418941698292,
  "tpm_overlap_wm": 0.5395982277877713,
  "wm2max": 0.5309910312617179
}