{
  "bids_meta": {
    "AcquisitionNumber": 1,
    "AcquisitionTime": "11:44:25.395000",
    "ConversionSoftware": "dcm2niix",
    "ConversionSoftwareVersion": "v1.0.20170724 GCC4.4.7",
    "DeviceSerialNumber": "35193",
    "EchoTime": 0.00309,
    "FlipAngle": 10,
    "ImageType": [
      "ORIGINAL",
      "PRIMARY",
      "M",
      "ND",
      "NORM"
    ],
    "InstitutionAddress": "Xinjiekouwai_Street_No_19_Beijing_Haidian_District_CN_100875",
    "InstitutionName": "BNU_MRI_Center",
    "InversionTime": 0.8,
    "MagneticFieldStrength": 3,
    "Manufacturer": "Siemens",
    "ManufacturersModelName": "TrioTim",
    "PhaseEncodingDirection": "i-",
    "PhaseEncodingLines": 256,
    "ProcedureStepDescription": "BNU_cst_2019_Zhu.Bi",
    "ProtocolName": "UCI_MPRAGE_Sag_1x1x1",
    "RepetitionTime": 2.53,
    "ScanningSequence": "GR_IR",
    "SequenceName": "_tfl3d1_ns",
    "SequenceVariant": "SP_MP",
    "SeriesDescription": "UCI_MPRAGE_Sag_1x1x1",
    "SoftwareVersions": "syngo_MR_B17",
    "dataset": "ds003789",
    "modality": "T1w",
    "subject_id": "5420"
  },
  "cjv": 0.5272634650319219,
  "cnr": 1.9409842772383614,
  "efc": 0.4794917799175347,
  "fber": 4079.3993105570944,
  "fwhm_avg": 4.221943333333333,
  "fwhm_x": 4.2304,
  "fwhm_y": 4.37822,
  "fwhm_z": 4.05721,
  "icvs_csf": 0.26955889863067595,
  "icvs_gm": 0.3856617293787746,
  "icvs_wm": 0.3447793719905495,
  "inu_med": 0.5728097558021545,
  "inu_range": 0.25994008183479306,
  "provenance": {
    "md5sum": "a348a7467122e248ef179d25ad95262d",
    "settings": {
      "testing": false
    },
    "software": "mriqc",
    "version": "23.1.0",
    "warnings": {
      "large_rot_frame": false,
      "small_air_mask": false
    }
  },
  "qi_1": 0.0,
  "qi_2": 0.00011139813416233861,
  "rpve_csf": 8.497085082183103,
  "rpve_gm": 8.422251023237626,
  "rpve_wm": 8.527008342338434,
  "size_x": 208,
  "size_y": 256,
  "size_z": 256,
  "snr_csf": 2.022306845601503,
  "snr_gm": 5.509400371158328,
  "snr_total": 6.0386237011093336,
  "snr_wm": 10.584163886568168,
  "snrd_csf": 45.25281448255235,
  "snrd_gm": 73.88050645467997,
  "snrd_total": 75.20328544627573,
  "snrd_wm": 106.47653540159486,
  "spacing_x": 1.0,
  "spacing_y": 1.0,
  "spacing_z": 1.0,
  "summary_bg_k": 5.564658968643576,
  "summary_bg_mad": 5.904337896665068,
  "summary_bg_mean": 6.810608559684683,
  "summary_bg_median": 3.9824153929948807,
  "summary_bg_n": 5059233.0,
  "summary_bg_p05": 0.0,
  "summary_bg_p95": 24.980605646967888,
  "summary_bg_stdv": 8.991166279581266,
  "summary_csf_k": -0.722059321991074,
  "summary_csf_mad": 153.09104689210142,
  "summary_csf_mean": 410.77274611046045,
  "summary_csf_median": 407.83554001897573,
  "summary_csf_n": 426675.8854214557,
  "summary_csf_p05": 89.81122506409883,
  "summary_csf_p95": 721.386102616787,
  "summary_csf_stdv": 201.6682399032499,
  "summary_gm_k": -0.542277104149969,
  "summary_gm_mad": 86.37969663108052,
  "summary_gm_mean": 673.4824919654146,
  "summary_gm_median": 665.8391658365726,
  "summary_gm_n": 610451.2249150891,
  "summary_gm_p05": 483.5272923260927,
  "summary_gm_p95": 899.3535229712725,
  "summary_gm_stdv": 120.85500700867851,
  "summary_wm_k": -0.48662634781225167,
  "summary_wm_mad": 68.51332351519791,
  "summary_wm_mean": 938.9968058377125,
  "summary_wm_median": 959.6069506704807,
  "summary_wm_n": 545739.890489299,
  "summary_wm_p05": 755.8831294625998,
  "summary_wm_p95": 1053.8143485710025,
  "summary_wm_stdv": 90.66432471894059,
  "tpm_overlap_csf": 0.2052413947249287,
  "tpm_overlap_gm": 0.5183754414263816,
  "tpm_overlap_wm": 0.5368848848479238,
  "wm2max": 0.7333269811791873
}