{
  "aor": 0.00033446511627906975,
  "aqi": 0.013546111162790697,
  "bids_meta": {
    "AccelFactPE": 2,
    "AcquisitionNumber": 1,
    "AcquisitionTime": "10:39:39.927500",
    "BandwidthPerPixelPhaseEncode": 65.104,
    "ConversionSoftware": "dcm2niix",
    "ConversionSoftwareVersion": "v1.0.20170724 GCC4.4.7",
    "DeviceSerialNumber": "35193",
    "EchoTime": 0.025,
    "EffectiveEchoSpacing": 0.000240001,
    "FlipAngle": 90,
    "ImageType": [
      "ORIGINAL",
      "PRIMARY",
      "M",
      "ND",
      "NORM",
      "MOSAIC"
    ],
    "InstitutionAddress": "Xinjiekouwai_Street_No_19_Beijing_Haidian_District_CN_100875",
    "InstitutionName": "BNU_MRI_Center",
    "MagneticFieldStrength": 3,
    "Manufacturer": "Siemens",
    "ManufacturersModelName": "TrioTim",
    "PhaseEncodingDirection": "j-",
    "PhaseEncodingLines": 64,
    "ProcedureStepDescription": "BNU_cst_2019_Zhu.Bi",
    "ProtocolName": "Test2_216",
    "RepetitionTime": 2,
    "ScanningSequence": "EP",
    "SequenceName": "_epfid2d1_64",
    "SequenceVariant": "SK",
    "SeriesDescription": "Test2_216",
    "SliceTiming": [
      0,
      1.0175,
      0.0475,
      1.065,
      0.0975,
      1.115,
      0.145,
      1.1625,
      0.1925,
      1.2125,
      0.2425,
      1.26,
      0.29,
      1.3075,
      0.34,
      1.3575,
      0.3875,
      1.405,
      0.435,
      1.455,
      0.485,
      1.5025,
      0.5325,
      1.55,
      0.5825,
      1.6,
      0.63,
      1.6475,
      0.6775,
      1.6975,
      0.7275,
      1.745,
      0.775,
      1.7925,
      0.8225,
      1.8425,
      0.8725,
      1.89,
      0.92,
      1.9375,
      0.97
    ],
    "SoftwareVersions": "syngo_MR_B17",
    "TaskName": "retrieval",
    "TotalReadoutTime": 0.01488,
    "TrueEchoSpacing": 0.000480001,
    "dataset": "ds003789",
    "modality": "bold",
    "run_id": 2,
    "subject_id": "5440",
    "task_id": "retrieval"
  },
  "dummy_trs": 1,
  "dvars_nstd": 34.312710004439275,
  "dvars_std": 1.157173134672896,
  "dvars_vstd": 0.99730580182243,
  "efc": 0.6162159805134502,
  "fber": 622.4585571289062,
  "fd_mean": 0.07315123913928158,
  "fd_num": 0,
  "fd_perc": 0.0,
  "fwhm_avg": 1.5649739105592904,
  "fwhm_x": 1.50014,
  "fwhm_y": 1.6981333333333335,
  "fwhm_z": 1.496648398344537,
  "gcor": 0.0141539,
  "gsr_x": 0.01642998680472374,
  "gsr_y": 0.025891775265336037,
  "provenance": {
    "md5sum": "bbc6d286d22b65a574f9dd7007c5c804",
    "settings": {
      "fd_thres": 0.2,
      "testing": false
    },
    "software": "mriqc",
    "version": "23.1.0"
  },
  "size_t": 215,
  "size_x": 64,
  "size_y": 64,
  "size_z": 41,
  "snr": 6.0938599749626015,
  "spacing_tr": 2.0,
  "spacing_x": 3.0,
  "spacing_y": 3.0,
  "spacing_z": 3.3000001907348633,
  "summary_bg_k": 7.7041578136981865,
  "summary_bg_mad": 27.879819090777243,
  "summary_bg_mean": 78.55477805538084,
  "summary_bg_median": 34.09767532348633,
  "summary_bg_n": 116625.0,
  "summary_bg_p05": 10.41395378112793,
  "summary_bg_p95": 317.9162902832031,
  "summary_bg_stdv": 105.11476991008526,
  "summary_fg_k": 2.356938942201559,
  "summary_fg_mad": 119.46322559828626,
  "summary_fg_mean": 843.3822886057396,
  "summary_fg_median": 850.7069702148438,
  "summary_fg_n": 51311.0,
  "summary_fg_p05": 582.9255981445312,
  "summary_fg_p95": 1042.7952880859375,
  "summary_fg_stdv": 139.59931536928008,
  "tsnr": 48.476966097950935
}