{
  "aor": 0.0015585714285714283,
  "aqi": 0.01413896883116883,
  "bids_meta": {
    "AccelFactPE": 2,
    "AcquisitionNumber": 1,
    "AcquisitionTime": "11:53:59.610000",
    "BandwidthPerPixelPhaseEncode": 65.104,
    "ConversionSoftware": "dcm2niix",
    "ConversionSoftwareVersion": "v1.0.20170724 GCC4.4.7",
    "DeviceSerialNumber": "35193",
    "EchoTime": 0.025,
    "EffectiveEchoSpacing": 0.000240001,
    "FlipAngle": 90,
    "ImageType": [
      "ORIGINAL",
      "PRIMARY",
      "M",
      "ND",
      "NORM",
      "MOSAIC"
    ],
    "InstitutionAddress": "Xinjiekouwai_Street_No_19_Beijing_Haidian_District_CN_100875",
    "InstitutionName": "BNU_MRI_Center",
    "MagneticFieldStrength": 3,
    "Manufacturer": "Siemens",
    "ManufacturersModelName": "TrioTim",
    "PhaseEncodingDirection": "j-",
    "PhaseEncodingLines": 64,
    "ProcedureStepDescription": "BNU_cst_2019_Zhu.Bi",
    "ProtocolName": "Learning7_154",
    "RepetitionTime": 2,
    "ScanningSequence": "EP",
    "SequenceName": "_epfid2d1_64",
    "SequenceVariant": "SK",
    "SeriesDescription": "Learning7_154",
    "SliceTiming": [
      0,
      1.0175,
      0.05,
      1.0675,
      0.0975,
      1.115,
      0.145,
      1.1625,
      0.195,
      1.2125,
      0.2425,
      1.26,
      0.29,
      1.31,
      0.34,
      1.3575,
      0.3875,
      1.405,
      0.4375,
      1.455,
      0.485,
      1.5025,
      0.5325,
      1.5525,
      0.5825,
      1.6,
      0.63,
      1.6475,
      0.68,
      1.6975,
      0.7275,
      1.745,
      0.775,
      1.795,
      0.825,
      1.8425,
      0.8725,
      1.89,
      0.9225,
      1.94,
      0.97
    ],
    "SoftwareVersions": "syngo_MR_B17",
    "TaskName": "encoding",
    "TotalReadoutTime": 0.01488,
    "TrueEchoSpacing": 0.000480001,
    "dataset": "ds003789",
    "modality": "bold",
    "run_id": 7,
    "subject_id": "5440",
    "task_id": "encoding"
  },
  "dummy_trs": 0,
  "dvars_nstd": 35.643393024379094,
  "dvars_std": 1.209557107254903,
  "dvars_vstd": 1.0316975992156863,
  "efc": 0.6169373439843547,
  "fber": 662.3150634765625,
  "fd_mean": 0.08457473735150327,
  "fd_num": 3,
  "fd_perc": 1.948051948051948,
  "fwhm_avg": 1.5584058657980975,
  "fwhm_x": 1.50851,
  "fwhm_y": 1.6693166666666668,
  "fwhm_z": 1.4973909307276254,
  "gcor": 0.00873663,
  "gsr_x": 0.02265743538737297,
  "gsr_y": 0.026043444871902466,
  "provenance": {
    "md5sum": "ed80081aaa1ff034ce51ca9415134bbe",
    "settings": {
      "fd_thres": 0.2,
      "testing": false
    },
    "software": "mriqc",
    "version": "23.1.0"
  },
  "size_t": 154,
  "size_x": 64,
  "size_y": 64,
  "size_z": 41,
  "snr": 6.168930003039174,
  "spacing_tr": 2.0,
  "spacing_x": 3.0,
  "spacing_y": 3.0,
  "spacing_z": 3.299999952316284,
  "summary_bg_k": 7.052629294319106,
  "summary_bg_mad": 26.24398332941872,
  "summary_bg_mean": 75.62340656350014,
  "summary_bg_median": 31.64285659790039,
  "summary_bg_n": 116561.0,
  "summary_bg_p05": 9.47402572631836,
  "summary_bg_p95": 306.7402648925781,
  "summary_bg_stdv": 101.48665901178825,
  "summary_fg_k": 2.2887077883794262,
  "summary_fg_mad": 114.46840170577809,
  "summary_fg_mean": 806.6403280003309,
  "summary_fg_median": 814.3441772460938,
  "summary_fg_n": 51375.0,
  "summary_fg_p05": 560.2012939453125,
  "summary_fg_p95": 993.4220581054688,
  "summary_fg_stdv": 132.00607744220812,
  "tsnr": 47.63646123907529
}