{
  "aor": 0.00047156862745098034,
  "aqi": 0.014510707189542484,
  "bids_meta": {
    "AccelFactPE": 2,
    "AcquisitionNumber": 1,
    "AcquisitionTime": "11:41:20.077500",
    "BandwidthPerPixelPhaseEncode": 65.104,
    "ConversionSoftware": "dcm2niix",
    "ConversionSoftwareVersion": "v1.0.20170724 GCC4.4.7",
    "DeviceSerialNumber": "35193",
    "EchoTime": 0.025,
    "EffectiveEchoSpacing": 0.000240001,
    "FlipAngle": 90,
    "ImageType": [
      "ORIGINAL",
      "PRIMARY",
      "M",
      "ND",
      "NORM",
      "MOSAIC"
    ],
    "InstitutionAddress": "Xinjiekouwai_Street_No_19_Beijing_Haidian_District_CN_100875",
    "InstitutionName": "BNU_MRI_Center",
    "MagneticFieldStrength": 3,
    "Manufacturer": "Siemens",
    "ManufacturersModelName": "TrioTim",
    "PhaseEncodingDirection": "j-",
    "PhaseEncodingLines": 64,
    "ProcedureStepDescription": "BNU_cst_2019_Zhu.Bi",
    "ProtocolName": "Learning5_154",
    "RepetitionTime": 2,
    "ScanningSequence": "EP",
    "SequenceName": "_epfid2d1_64",
    "SequenceVariant": "SK",
    "SeriesDescription": "Learning5_154",
    "SliceTiming": [
      0,
      1.0175,
      0.0475,
      1.065,
      0.095,
      1.115,
      0.145,
      1.1625,
      0.1925,
      1.21,
      0.2425,
      1.26,
      0.29,
      1.3075,
      0.3375,
      1.355,
      0.3875,
      1.405,
      0.435,
      1.4525,
      0.4825,
      1.5025,
      0.5325,
      1.55,
      0.58,
      1.5975,
      0.63,
      1.6475,
      0.6775,
      1.695,
      0.725,
      1.745,
      0.775,
      1.7925,
      0.8225,
      1.84,
      0.8725,
      1.89,
      0.92,
      1.9375,
      0.9675
    ],
    "SoftwareVersions": "syngo_MR_B17",
    "TaskName": "encoding",
    "TotalReadoutTime": 0.01488,
    "TrueEchoSpacing": 0.000480001,
    "dataset": "ds003789",
    "modality": "bold",
    "run_id": 5,
    "subject_id": "5440",
    "task_id": "encoding"
  },
  "dummy_trs": 1,
  "dvars_nstd": 35.19926229296053,
  "dvars_std": 1.1567782474342114,
  "dvars_vstd": 0.9953528789473676,
  "efc": 0.6169922583232642,
  "fber": 648.1580810546875,
  "fd_mean": 0.09735936708728775,
  "fd_num": 5,
  "fd_perc": 3.2679738562091503,
  "fwhm_avg": 1.5637367748610995,
  "fwhm_x": 1.5110033333333333,
  "fwhm_y": 1.68861,
  "fwhm_z": 1.4915969912499658,
  "gcor": 0.005238,
  "gsr_x": 0.020312514156103134,
  "gsr_y": 0.02499314770102501,
  "provenance": {
    "md5sum": "9995775373aa99a42da1b4241bf4b0ff",
    "settings": {
      "fd_thres": 0.2,
      "testing": false
    },
    "software": "mriqc",
    "version": "23.1.0"
  },
  "size_t": 153,
  "size_x": 64,
  "size_y": 64,
  "size_z": 41,
  "snr": 6.137372998197247,
  "spacing_tr": 2.0,
  "spacing_x": 3.0,
  "spacing_y": 3.0,
  "spacing_z": 3.299999952316284,
  "summary_bg_k": 7.183413200987102,
  "summary_bg_mad": 26.328302428177974,
  "summary_bg_mean": 75.19424833636039,
  "summary_bg_median": 31.843137741088867,
  "summary_bg_n": 116567.0,
  "summary_bg_p05": 9.614378929138184,
  "summary_bg_p95": 303.9607849121094,
  "summary_bg_stdv": 100.00316823244243,
  "summary_fg_k": 2.3218187253741664,
  "summary_fg_mad": 114.60612879175011,
  "summary_fg_mean": 803.5039794885636,
  "summary_fg_median": 810.6928100585938,
  "summary_fg_n": 51369.0,
  "summary_fg_p05": 556.9608154296875,
  "summary_fg_p95": 990.0,
  "summary_fg_stdv": 132.08988917284282,
  "tsnr": 47.114589087548666
}