{
  "aor": 0.0007730519480519481,
  "aqi": 0.013846812337662339,
  "bids_meta": {
    "AccelFactPE": 2,
    "AcquisitionNumber": 1,
    "AcquisitionTime": "11:21:59.415000",
    "BandwidthPerPixelPhaseEncode": 65.104,
    "ConversionSoftware": "dcm2niix",
    "ConversionSoftwareVersion": "v1.0.20170724 GCC4.4.7",
    "DeviceSerialNumber": "35193",
    "EchoTime": 0.025,
    "EffectiveEchoSpacing": 0.000240001,
    "FlipAngle": 90,
    "ImageType": [
      "ORIGINAL",
      "PRIMARY",
      "M",
      "ND",
      "NORM",
      "MOSAIC"
    ],
    "InstitutionAddress": "Xinjiekouwai_Street_No_19_Beijing_Haidian_District_CN_100875",
    "InstitutionName": "BNU_MRI_Center",
    "MagneticFieldStrength": 3,
    "Manufacturer": "Siemens",
    "ManufacturersModelName": "TrioTim",
    "PhaseEncodingDirection": "j-",
    "PhaseEncodingLines": 64,
    "ProcedureStepDescription": "BNU_cst_2019_Zhu.Bi",
    "ProtocolName": "Learning2_154",
    "RepetitionTime": 2,
    "ScanningSequence": "EP",
    "SequenceName": "_epfid2d1_64",
    "SequenceVariant": "SK",
    "SeriesDescription": "Learning2_154",
    "SliceTiming": [
      0,
      1.0175,
      0.05,
      1.0675,
      0.0975,
      1.115,
      0.145,
      1.165,
      0.195,
      1.2125,
      0.2425,
      1.26,
      0.2925,
      1.31,
      0.34,
      1.3575,
      0.3875,
      1.4075,
      0.4375,
      1.455,
      0.485,
      1.5025,
      0.535,
      1.5525,
      0.5825,
      1.6,
      0.63,
      1.6475,
      0.68,
      1.6975,
      0.7275,
      1.745,
      0.775,
      1.795,
      0.825,
      1.8425,
      0.8725,
      1.89,
      0.9225,
      1.94,
      0.97
    ],
    "SoftwareVersions": "syngo_MR_B17",
    "TaskName": "encoding",
    "TotalReadoutTime": 0.01488,
    "TrueEchoSpacing": 0.000480001,
    "dataset": "ds003789",
    "modality": "bold",
    "run_id": 2,
    "subject_id": "5440",
    "task_id": "encoding"
  },
  "dummy_trs": 0,
  "dvars_nstd": 36.19075846156862,
  "dvars_std": 1.1810417410457523,
  "dvars_vstd": 1.0189020799346407,
  "efc": 0.6151888496460028,
  "fber": 655.4690551757812,
  "fd_mean": 0.11845396906940768,
  "fd_num": 10,
  "fd_perc": 6.4935064935064934,
  "fwhm_avg": 1.5629635425844126,
  "fwhm_x": 1.5031766666666666,
  "fwhm_y": 1.6844533333333331,
  "fwhm_z": 1.5012606277532379,
  "gcor": 0.00804074,
  "gsr_x": 0.02070164866745472,
  "gsr_y": 0.024576639756560326,
  "provenance": {
    "md5sum": "608033f2ceda5c4915c37118f841f6b6",
    "settings": {
      "fd_thres": 0.2,
      "testing": false
    },
    "software": "mriqc",
    "version": "23.1.0"
  },
  "size_t": 154,
  "size_x": 64,
  "size_y": 64,
  "size_z": 41,
  "snr": 6.174540482832845,
  "spacing_tr": 2.0,
  "spacing_x": 3.0,
  "spacing_y": 3.0,
  "spacing_z": 3.299999952316284,
  "summary_bg_k": 7.376869564681414,
  "summary_bg_mad": 25.96479358174027,
  "summary_bg_mean": 74.16012292754034,
  "summary_bg_median": 31.694805145263672,
  "summary_bg_n": 116682.0,
  "summary_bg_p05": 9.48701286315918,
  "summary_bg_p95": 300.51947021484375,
  "summary_bg_stdv": 99.18016172700119,
  "summary_fg_k": 2.2038550507677037,
  "summary_fg_mad": 115.18083623130877,
  "summary_fg_mean": 804.6356926903628,
  "summary_fg_median": 811.4545288085938,
  "summary_fg_n": 51254.0,
  "summary_fg_p05": 561.1753540039062,
  "summary_fg_p95": 991.80517578125,
  "summary_fg_stdv": 131.41813791882052,
  "tsnr": 47.709731668117456
}