{
  "aor": 0.0004090094339622642,
  "aqi": 0.014637912264150942,
  "bids_meta": {
    "AccelFactPE": 2,
    "AcquisitionNumber": 1,
    "AcquisitionTime": "10:31:39.735000",
    "BandwidthPerPixelPhaseEncode": 65.104,
    "ConversionSoftware": "dcm2niix",
    "ConversionSoftwareVersion": "v1.0.20170724 GCC4.4.7",
    "DeviceSerialNumber": "35193",
    "EchoTime": 0.025,
    "EffectiveEchoSpacing": 0.000240001,
    "FlipAngle": 90,
    "ImageType": [
      "ORIGINAL",
      "PRIMARY",
      "M",
      "ND",
      "NORM",
      "MOSAIC"
    ],
    "InstitutionAddress": "Xinjiekouwai_Street_No_19_Beijing_Haidian_District_CN_100875",
    "InstitutionName": "BNU_MRI_Center",
    "MagneticFieldStrength": 3,
    "Manufacturer": "Siemens",
    "ManufacturersModelName": "TrioTim",
    "PhaseEncodingDirection": "j-",
    "PhaseEncodingLines": 64,
    "ProcedureStepDescription": "BNU_cst_2019_Zhu.Bi",
    "ProtocolName": "Test1_216",
    "RepetitionTime": 2,
    "ScanningSequence": "EP",
    "SequenceName": "_epfid2d1_64",
    "SequenceVariant": "SK",
    "SeriesDescription": "Test1_216",
    "SliceTiming": [
      0,
      1.0175,
      0.0475,
      1.0675,
      0.0975,
      1.115,
      0.145,
      1.1625,
      0.195,
      1.2125,
      0.2425,
      1.26,
      0.29,
      1.31,
      0.34,
      1.3575,
      0.3875,
      1.405,
      0.4375,
      1.455,
      0.485,
      1.5025,
      0.5325,
      1.5525,
      0.5825,
      1.6,
      0.63,
      1.6475,
      0.68,
      1.6975,
      0.7275,
      1.745,
      0.775,
      1.795,
      0.825,
      1.8425,
      0.8725,
      1.89,
      0.92,
      1.94,
      0.97
    ],
    "SoftwareVersions": "syngo_MR_B17",
    "TaskName": "retrieval",
    "TotalReadoutTime": 0.01488,
    "TrueEchoSpacing": 0.000480001,
    "dataset": "ds003789",
    "modality": "bold",
    "run_id": 1,
    "subject_id": "5440",
    "task_id": "retrieval"
  },
  "dummy_trs": 4,
  "dvars_nstd": 34.89493024767769,
  "dvars_std": 1.1480183869194316,
  "dvars_vstd": 0.9889717407108999,
  "efc": 0.6149991500676781,
  "fber": 627.122314453125,
  "fd_mean": 0.06915677993129,
  "fd_num": 0,
  "fd_perc": 0.0,
  "fwhm_avg": 1.5742365367007733,
  "fwhm_x": 1.5057366666666667,
  "fwhm_y": 1.7140366666666667,
  "fwhm_z": 1.5029362767689862,
  "gcor": 0.00657098,
  "gsr_x": 0.0176064632833004,
  "gsr_y": 0.026148537173867226,
  "provenance": {
    "md5sum": "4f51d1226f1e9693629c246e1006bcb9",
    "settings": {
      "fd_thres": 0.2,
      "testing": false
    },
    "software": "mriqc",
    "version": "23.1.0"
  },
  "size_t": 212,
  "size_x": 64,
  "size_y": 64,
  "size_z": 41,
  "snr": 6.0835303620016346,
  "spacing_tr": 2.0,
  "spacing_x": 3.0,
  "spacing_y": 3.0,
  "spacing_z": 3.3000001907348633,
  "summary_bg_k": 7.754400617824329,
  "summary_bg_mad": 28.281338339360413,
  "summary_bg_mean": 77.55321421403151,
  "summary_bg_median": 34.03302001953125,
  "summary_bg_n": 116597.0,
  "summary_bg_p05": 10.070755004882812,
  "summary_bg_p95": 314.9103698730469,
  "summary_bg_stdv": 103.81251559250602,
  "summary_fg_k": 2.3395027022329957,
  "summary_fg_mad": 120.33555747001441,
  "summary_fg_mean": 844.5412986343875,
  "summary_fg_median": 852.2688598632812,
  "summary_fg_n": 51339.0,
  "summary_fg_p05": 585.0943603515625,
  "summary_fg_p95": 1045.5802001953125,
  "summary_fg_stdv": 140.09308883249508,
  "tsnr": 47.223623969592154
}