{
  "aor": 0.0009061038961038961,
  "aqi": 0.013869429870129868,
  "bids_meta": {
    "AccelFactPE": 2,
    "AcquisitionNumber": 1,
    "AcquisitionTime": "11:28:26.762500",
    "BandwidthPerPixelPhaseEncode": 65.104,
    "ConversionSoftware": "dcm2niix",
    "ConversionSoftwareVersion": "v1.0.20170724 GCC4.4.7",
    "DeviceSerialNumber": "35193",
    "EchoTime": 0.025,
    "EffectiveEchoSpacing": 0.000240001,
    "FlipAngle": 90,
    "ImageType": [
      "ORIGINAL",
      "PRIMARY",
      "M",
      "ND",
      "NORM",
      "MOSAIC"
    ],
    "InstitutionAddress": "Xinjiekouwai_Street_No_19_Beijing_Haidian_District_CN_100875",
    "InstitutionName": "BNU_MRI_Center",
    "MagneticFieldStrength": 3,
    "Manufacturer": "Siemens",
    "ManufacturersModelName": "TrioTim",
    "PhaseEncodingDirection": "j-",
    "PhaseEncodingLines": 64,
    "ProcedureStepDescription": "BNU_cst_2019_Zhu.Bi",
    "ProtocolName": "Learning3_154",
    "RepetitionTime": 2,
    "ScanningSequence": "EP",
    "SequenceName": "_epfid2d1_64",
    "SequenceVariant": "SK",
    "SeriesDescription": "Learning3_154",
    "SliceTiming": [
      0,
      1.0175,
      0.05,
      1.0675,
      0.0975,
      1.115,
      0.145,
      1.165,
      0.195,
      1.2125,
      0.2425,
      1.26,
      0.2925,
      1.31,
      0.34,
      1.3575,
      0.3875,
      1.4075,
      0.4375,
      1.455,
      0.485,
      1.5025,
      0.535,
      1.5525,
      0.5825,
      1.6,
      0.63,
      1.65,
      0.68,
      1.6975,
      0.7275,
      1.745,
      0.7775,
      1.795,
      0.825,
      1.8425,
      0.8725,
      1.89,
      0.9225,
      1.94,
      0.97
    ],
    "SoftwareVersions": "syngo_MR_B17",
    "TaskName": "encoding",
    "TotalReadoutTime": 0.01488,
    "TrueEchoSpacing": 0.000480001,
    "dataset": "ds003789",
    "modality": "bold",
    "run_id": 3,
    "subject_id": "5440",
    "task_id": "encoding"
  },
  "dummy_trs": 0,
  "dvars_nstd": 35.853555242810444,
  "dvars_std": 1.189823679084967,
  "dvars_vstd": 1.0201942570588232,
  "efc": 0.616110311262564,
  "fber": 648.875,
  "fd_mean": 0.11495734389297692,
  "fd_num": 9,
  "fd_perc": 5.8441558441558445,
  "fwhm_avg": 1.5622797041625966,
  "fwhm_x": 1.5100033333333334,
  "fwhm_y": 1.68346,
  "fwhm_z": 1.4933757791544564,
  "gcor": 0.00914522,
  "gsr_x": 0.020902829244732857,
  "gsr_y": 0.024391528218984604,
  "provenance": {
    "md5sum": "5719e8aae5cc57e394e98b95b7e62051",
    "settings": {
      "fd_thres": 0.2,
      "testing": false
    },
    "software": "mriqc",
    "version": "23.1.0"
  },
  "size_t": 154,
  "size_x": 64,
  "size_y": 64,
  "size_z": 41,
  "snr": 6.122131870133463,
  "spacing_tr": 2.0,
  "spacing_x": 3.0,
  "spacing_y": 3.0,
  "spacing_z": 3.299999952316284,
  "summary_bg_k": 7.464203887311442,
  "summary_bg_mad": 26.65795921018214,
  "summary_bg_mean": 74.78086120817991,
  "summary_bg_median": 31.89610481262207,
  "summary_bg_n": 116576.0,
  "summary_bg_p05": 9.259739875793457,
  "summary_bg_p95": 302.2337646484375,
  "summary_bg_stdv": 100.12045425293135,
  "summary_fg_k": 2.3096946767078625,
  "summary_fg_mad": 115.32530488620648,
  "summary_fg_mean": 804.736888494577,
  "summary_fg_median": 812.4902648925781,
  "summary_fg_n": 51360.0,
  "summary_fg_p05": 556.2207946777344,
  "summary_fg_p95": 992.1818237304688,
  "summary_fg_stdv": 132.7123251069586,
  "tsnr": 47.278919944830704
}