{
  "aor": 0.0020467549668874174,
  "aqi": 0.021644506622516553,
  "bids_meta": {
    "AccelFactPE": 2,
    "AcquisitionNumber": 1,
    "AcquisitionTime": "12:33:3.087500",
    "BandwidthPerPixelPhaseEncode": 65.104,
    "ConversionSoftware": "dcm2niix",
    "ConversionSoftwareVersion": "v1.0.20170724 GCC4.4.7",
    "DeviceSerialNumber": "35193",
    "EchoTime": 0.025,
    "EffectiveEchoSpacing": 0.000240001,
    "FlipAngle": 90,
    "ImageType": [
      "ORIGINAL",
      "PRIMARY",
      "M",
      "ND",
      "NORM",
      "MOSAIC"
    ],
    "InstitutionAddress": "Xinjiekouwai_Street_No_19_Beijing_Haidian_District_CN_100875",
    "InstitutionName": "BNU_MRI_Center",
    "MagneticFieldStrength": 3,
    "Manufacturer": "Siemens",
    "ManufacturersModelName": "TrioTim",
    "PhaseEncodingDirection": "j-",
    "PhaseEncodingLines": 64,
    "ProcedureStepDescription": "BNU_cst_2019_Zhu.Bi",
    "ProtocolName": "Learning3_154",
    "RepetitionTime": 2,
    "ScanningSequence": "EP",
    "SequenceName": "_epfid2d1_64",
    "SequenceVariant": "SK",
    "SeriesDescription": "Learning3_154",
    "SliceTiming": [
      0,
      1.0175,
      0.05,
      1.0675,
      0.0975,
      1.115,
      0.145,
      1.165,
      0.195,
      1.2125,
      0.2425,
      1.26,
      0.2925,
      1.31,
      0.34,
      1.3575,
      0.3875,
      1.4075,
      0.4375,
      1.455,
      0.485,
      1.5025,
      0.535,
      1.5525,
      0.5825,
      1.6,
      0.63,
      1.65,
      0.68,
      1.6975,
      0.7275,
      1.745,
      0.7775,
      1.795,
      0.825,
      1.8425,
      0.8725,
      1.89,
      0.9225,
      1.94,
      0.97
    ],
    "SoftwareVersions": "syngo_MR_B17",
    "TaskName": "encoding",
    "TotalReadoutTime": 0.01488,
    "TrueEchoSpacing": 0.000480001,
    "dataset": "ds003789",
    "modality": "bold",
    "run_id": 3,
    "subject_id": "5407",
    "task_id": "encoding"
  },
  "dummy_trs": 3,
  "dvars_nstd": 28.3462335592,
  "dvars_std": 1.0532629770666668,
  "dvars_vstd": 0.9989023898000003,
  "efc": 0.5695989555799649,
  "fber": 996.7144165039062,
  "fd_mean": 0.11506270695995885,
  "fd_num": 14,
  "fd_perc": 9.271523178807946,
  "fwhm_avg": 1.559221421337919,
  "fwhm_x": 1.4857966666666667,
  "fwhm_y": 1.6977433333333334,
  "fwhm_z": 1.4941242640137564,
  "gcor": 0.0134756,
  "gsr_x": 0.008159310556948185,
  "gsr_y": 0.02944045141339302,
  "provenance": {
    "md5sum": "9dafa22cd36128a71c8dbabcf056e9b5",
    "settings": {
      "fd_thres": 0.2,
      "testing": false
    },
    "software": "mriqc",
    "version": "23.1.0"
  },
  "size_t": 151,
  "size_x": 64,
  "size_y": 64,
  "size_z": 41,
  "snr": 6.4056288759092626,
  "spacing_tr": 2.0,
  "spacing_x": 3.0,
  "spacing_y": 3.0,
  "spacing_z": 3.299999952316284,
  "summary_bg_k": 26.648976020048003,
  "summary_bg_mad": 18.321429526494732,
  "summary_bg_mean": 52.05377591922102,
  "summary_bg_median": 24.933774948120117,
  "summary_bg_n": 120803.0,
  "summary_bg_p05": 8.145695686340332,
  "summary_bg_p95": 207.6423797607422,
  "summary_bg_stdv": 82.08975610132153,
  "summary_fg_k": 2.6895289300494003,
  "summary_fg_mad": 99.68780593146974,
  "summary_fg_mean": 780.7150159308161,
  "summary_fg_median": 787.1788330078125,
  "summary_fg_n": 47133.0,
  "summary_fg_p05": 551.4635620117188,
  "summary_fg_p95": 956.15234375,
  "summary_fg_stdv": 122.8873070232834,
  "tsnr": 45.69411896774545
}