{
  "aor": 0.0008863636363636364,
  "aqi": 0.01342628181818182,
  "bids_meta": {
    "AccelFactPE": 2,
    "AcquisitionNumber": 1,
    "AcquisitionTime": "13:11:7.045000",
    "BandwidthPerPixelPhaseEncode": 65.104,
    "ConversionSoftware": "dcm2niix",
    "ConversionSoftwareVersion": "v1.0.20170724 GCC4.4.7",
    "DeviceSerialNumber": "35193",
    "EchoTime": 0.025,
    "EffectiveEchoSpacing": 0.000240001,
    "FlipAngle": 90,
    "ImageType": [
      "ORIGINAL",
      "PRIMARY",
      "M",
      "ND",
      "NORM",
      "MOSAIC"
    ],
    "InstitutionAddress": "Xinjiekouwai_Street_No_19_Beijing_Haidian_District_CN_100875",
    "InstitutionName": "BNU_MRI_Center",
    "MagneticFieldStrength": 3,
    "Manufacturer": "Siemens",
    "ManufacturersModelName": "TrioTim",
    "PhaseEncodingDirection": "j-",
    "PhaseEncodingLines": 64,
    "ProcedureStepDescription": "BNU_cst_2019_Zhu.Bi",
    "ProtocolName": "Learning9_154",
    "RepetitionTime": 2,
    "ScanningSequence": "EP",
    "SequenceName": "_epfid2d1_64",
    "SequenceVariant": "SK",
    "SeriesDescription": "Learning9_154",
    "SliceTiming": [
      0,
      1.0175,
      0.0475,
      1.065,
      0.0975,
      1.115,
      0.145,
      1.1625,
      0.1925,
      1.2125,
      0.2425,
      1.26,
      0.29,
      1.3075,
      0.34,
      1.3575,
      0.3875,
      1.405,
      0.435,
      1.455,
      0.485,
      1.5025,
      0.5325,
      1.55,
      0.58,
      1.6,
      0.63,
      1.6475,
      0.6775,
      1.695,
      0.7275,
      1.745,
      0.775,
      1.7925,
      0.8225,
      1.8425,
      0.8725,
      1.89,
      0.92,
      1.9375,
      0.97
    ],
    "SoftwareVersions": "syngo_MR_B17",
    "TaskName": "encoding",
    "TotalReadoutTime": 0.01488,
    "TrueEchoSpacing": 0.000480001,
    "dataset": "ds003789",
    "modality": "bold",
    "run_id": 9,
    "subject_id": "5407",
    "task_id": "encoding"
  },
  "dummy_trs": 0,
  "dvars_nstd": 28.069031085686273,
  "dvars_std": 1.10013121751634,
  "dvars_vstd": 1.0208628991503268,
  "efc": 0.5721278376380763,
  "fber": 921.7797241210938,
  "fd_mean": 0.08103180538921231,
  "fd_num": 3,
  "fd_perc": 1.948051948051948,
  "fwhm_avg": 1.531670714209997,
  "fwhm_x": 1.4587166666666667,
  "fwhm_y": 1.65405,
  "fwhm_z": 1.4822454759633248,
  "gcor": 0.0126873,
  "gsr_x": 0.005869554355740547,
  "gsr_y": 0.026553966104984283,
  "provenance": {
    "md5sum": "c41a9c90e490062a7dd6c789462181dc",
    "settings": {
      "fd_thres": 0.2,
      "testing": false
    },
    "software": "mriqc",
    "version": "23.1.0"
  },
  "size_t": 154,
  "size_x": 64,
  "size_y": 64,
  "size_z": 41,
  "snr": 6.3852154699930885,
  "spacing_tr": 2.0,
  "spacing_x": 3.0,
  "spacing_y": 3.0,
  "spacing_z": 3.299999952316284,
  "summary_bg_k": 25.659890519606368,
  "summary_bg_mad": 18.956126749270588,
  "summary_bg_mean": 53.33486627323222,
  "summary_bg_median": 25.824674606323242,
  "summary_bg_n": 120778.0,
  "summary_bg_p05": 8.285714149475098,
  "summary_bg_p95": 213.55194091796875,
  "summary_bg_stdv": 82.99113650327936,
  "summary_fg_k": 3.104799586970393,
  "summary_fg_mad": 98.64114342168305,
  "summary_fg_mean": 777.865532795059,
  "summary_fg_median": 784.0584411621094,
  "summary_fg_n": 47158.0,
  "summary_fg_p05": 550.6882934570312,
  "summary_fg_p95": 952.06494140625,
  "summary_fg_stdv": 122.79149101569949,
  "tsnr": 53.543932783650234
}