{
  "aor": 0.0025743518518518524,
  "aqi": 0.023992450000000002,
  "bids_meta": {
    "AccelFactPE": 2,
    "AcquisitionNumber": 1,
    "AcquisitionTime": "13:25:37.062500",
    "BandwidthPerPixelPhaseEncode": 65.104,
    "ConversionSoftware": "dcm2niix",
    "ConversionSoftwareVersion": "v1.0.20170724 GCC4.4.7",
    "DeviceSerialNumber": "35193",
    "EchoTime": 0.025,
    "EffectiveEchoSpacing": 0.000240001,
    "FlipAngle": 90,
    "ImageType": [
      "ORIGINAL",
      "PRIMARY",
      "M",
      "ND",
      "NORM",
      "MOSAIC"
    ],
    "InstitutionAddress": "Xinjiekouwai_Street_No_19_Beijing_Haidian_District_CN_100875",
    "InstitutionName": "BNU_MRI_Center",
    "MagneticFieldStrength": 3,
    "Manufacturer": "Siemens",
    "ManufacturersModelName": "TrioTim",
    "PhaseEncodingDirection": "j-",
    "PhaseEncodingLines": 64,
    "ProcedureStepDescription": "BNU_cst_2019_Zhu.Bi",
    "ProtocolName": "Test3_216",
    "RepetitionTime": 2,
    "ScanningSequence": "EP",
    "SequenceName": "_epfid2d1_64",
    "SequenceVariant": "SK",
    "SeriesDescription": "Test3_216",
    "SliceTiming": [
      0,
      1.0175,
      0.0475,
      1.0675,
      0.0975,
      1.115,
      0.145,
      1.1625,
      0.195,
      1.2125,
      0.2425,
      1.26,
      0.29,
      1.31,
      0.34,
      1.3575,
      0.3875,
      1.405,
      0.4375,
      1.455,
      0.485,
      1.5025,
      0.5325,
      1.5525,
      0.5825,
      1.6,
      0.63,
      1.6475,
      0.68,
      1.6975,
      0.7275,
      1.745,
      0.775,
      1.7925,
      0.825,
      1.8425,
      0.8725,
      1.89,
      0.92,
      1.94,
      0.97
    ],
    "SoftwareVersions": "syngo_MR_B17",
    "TaskName": "retrieval",
    "TotalReadoutTime": 0.01488,
    "TrueEchoSpacing": 0.000480001,
    "dataset": "ds003789",
    "modality": "bold",
    "run_id": 3,
    "subject_id": "5407",
    "task_id": "retrieval"
  },
  "dummy_trs": 0,
  "dvars_nstd": 29.2239858936744,
  "dvars_std": 1.0886741218604659,
  "dvars_vstd": 0.9998519341860466,
  "efc": 0.5661553462155645,
  "fber": 970.7491455078125,
  "fd_mean": 0.08556769943017702,
  "fd_num": 8,
  "fd_perc": 3.7037037037037037,
  "fwhm_avg": 1.570428088053714,
  "fwhm_x": 1.4960466666666665,
  "fwhm_y": 1.7109133333333333,
  "fwhm_z": 1.5043242641611427,
  "gcor": 0.0165116,
  "gsr_x": 0.009412090294063091,
  "gsr_y": 0.030128244310617447,
  "provenance": {
    "md5sum": "491d191202b8dd981d19d7418e463f7f",
    "settings": {
      "fd_thres": 0.2,
      "testing": false
    },
    "software": "mriqc",
    "version": "23.1.0"
  },
  "size_t": 216,
  "size_x": 64,
  "size_y": 64,
  "size_z": 41,
  "snr": 6.438013673374968,
  "spacing_tr": 2.0,
  "spacing_x": 3.0,
  "spacing_y": 3.0,
  "spacing_z": 3.299999952316284,
  "summary_bg_k": 27.707005657615404,
  "summary_bg_mad": 17.063653258766525,
  "summary_bg_mean": 47.450982701576386,
  "summary_bg_median": 23.731481552124023,
  "summary_bg_n": 121144.0,
  "summary_bg_p05": 8.111111640930176,
  "summary_bg_p95": 186.73611450195312,
  "summary_bg_stdv": 75.08361756209807,
  "summary_fg_k": 3.0237115472436304,
  "summary_fg_mad": 90.6412538691869,
  "summary_fg_mean": 732.2080708339206,
  "summary_fg_median": 739.3981323242188,
  "summary_fg_n": 46792.0,
  "summary_fg_p05": 514.5416870117188,
  "summary_fg_p95": 894.1527709960938,
  "summary_fg_stdv": 114.84757083330658,
  "tsnr": 45.92616160528269
}