{
  "bids_meta": {
    "AcquisitionNumber": 1,
    "AcquisitionTime": "10:52:22.160000",
    "ConversionSoftware": "dcm2niix",
    "ConversionSoftwareVersion": "v1.0.20170724 GCC4.4.7",
    "DeviceSerialNumber": "35193",
    "EchoTime": 0.00309,
    "FlipAngle": 10,
    "ImageType": [
      "ORIGINAL",
      "PRIMARY",
      "M",
      "ND",
      "NORM"
    ],
    "InstitutionAddress": "Xinjiekouwai_Street_No_19_Beijing_Haidian_District_CN_100875",
    "InstitutionName": "BNU_MRI_Center",
    "InversionTime": 0.8,
    "MagneticFieldStrength": 3,
    "Manufacturer": "Siemens",
    "ManufacturersModelName": "TrioTim",
    "PhaseEncodingDirection": "i-",
    "PhaseEncodingLines": 256,
    "ProcedureStepDescription": "BNU_cst_2019_Zhu.Bi",
    "ProtocolName": "UCI_MPRAGE_Sag_1x1x1",
    "RepetitionTime": 2.53,
    "ScanningSequence": "GR_IR",
    "SequenceName": "_tfl3d1_ns",
    "SequenceVariant": "SP_MP",
    "SeriesDescription": "UCI_MPRAGE_Sag_1x1x1",
    "SoftwareVersions": "syngo_MR_B17",
    "dataset": "ds003789",
    "modality": "T1w",
    "subject_id": "5423"
  },
  "cjv": 0.5727706872405686,
  "cnr": 1.715417475197571,
  "efc": 0.5889350090989832,
  "fber": 7112.111111111111,
  "fwhm_avg": 4.0906199999999995,
  "fwhm_x": 4.16834,
  "fwhm_y": 4.16991,
  "fwhm_z": 3.93361,
  "icvs_csf": 0.27295618725205706,
  "icvs_gm": 0.37962011306754845,
  "icvs_wm": 0.34742369968039444,
  "inu_med": 0.6267483234405518,
  "inu_range": 0.31239011287689206,
  "provenance": {
    "md5sum": "993edddd0fdf12cd92590b8fd6f2c577",
    "settings": {
      "testing": false
    },
    "software": "mriqc",
    "version": "23.1.0",
    "warnings": {
      "large_rot_frame": true,
      "small_air_mask": false
    }
  },
  "qi_1": 0.0,
  "qi_2": 0.00026240951989374363,
  "rpve_csf": 7.273796093780481,
  "rpve_gm": 7.184533921612005,
  "rpve_wm": 7.292082861343308,
  "size_x": 208,
  "size_y": 256,
  "size_z": 256,
  "snr_csf": 2.1613255673604908,
  "snr_gm": 5.132174322224689,
  "snr_total": 5.891145297035256,
  "snr_wm": 10.379936001520587,
  "snrd_csf": 13.714863946992232,
  "snrd_gm": 21.953047376213874,
  "snrd_total": 22.21255487255247,
  "snrd_wm": 30.96975329445131,
  "spacing_x": 1.0,
  "spacing_y": 1.0,
  "spacing_z": 1.0,
  "summary_bg_k": 1986.6627825817409,
  "summary_bg_mad": 0.0,
  "summary_bg_mean": 8.31445763259375,
  "summary_bg_median": 0.0,
  "summary_bg_n": 4065648.0,
  "summary_bg_p05": 0.0,
  "summary_bg_p95": 32.28858728706837,
  "summary_bg_stdv": 20.07155797703323,
  "summary_csf_k": -0.5889407052469919,
  "summary_csf_mad": 145.65916826788106,
  "summary_csf_mean": 419.63881346048873,
  "summary_csf_median": 420.18530318140984,
  "summary_csf_n": 503429.20082288707,
  "summary_csf_p05": 104.47467193007469,
  "summary_csf_p95": 721.1512071490288,
  "summary_csf_stdv": 194.41073210049422,
  "summary_gm_k": -0.48033266283820186,
  "summary_gm_mad": 89.25423352530272,
  "summary_gm_mean": 681.4955942720065,
  "summary_gm_median": 672.5803408026695,
  "summary_gm_n": 700155.7724771805,
  "summary_gm_p05": 476.7198992371559,
  "summary_gm_p95": 931.9140736162663,
  "summary_gm_stdv": 131.05163976645744,
  "summary_wm_k": -0.13863683616845446,
  "summary_wm_mad": 68.97183730180564,
  "summary_wm_mean": 930.8538464028823,
  "summary_wm_median": 948.8271431475878,
  "summary_wm_n": 640774.0276483275,
  "summary_wm_p05": 748.9059879183769,
  "summary_wm_p95": 1051.212321639061,
  "summary_wm_stdv": 91.40965827077555,
  "tpm_overlap_csf": 0.2023452481844256,
  "tpm_overlap_gm": 0.5124580250885644,
  "tpm_overlap_wm": 0.5263976859722515,
  "wm2max": 0.4740934204364824
}