{
  "bids_meta": {
    "AcquisitionNumber": 1,
    "AcquisitionTime": "12:26:0.327500",
    "ConversionSoftware": "dcm2niix",
    "ConversionSoftwareVersion": "v1.0.20170724 GCC4.4.7",
    "DeviceSerialNumber": "35193",
    "EchoTime": 0.00309,
    "FlipAngle": 10,
    "ImageType": [
      "ORIGINAL",
      "PRIMARY",
      "M",
      "ND",
      "NORM"
    ],
    "InstitutionAddress": "Xinjiekouwai_Street_No_19_Beijing_Haidian_District_CN_100875",
    "InstitutionName": "BNU_MRI_Center",
    "InversionTime": 0.8,
    "MagneticFieldStrength": 3,
    "Manufacturer": "Siemens",
    "ManufacturersModelName": "TrioTim",
    "PhaseEncodingDirection": "i-",
    "PhaseEncodingLines": 256,
    "ProcedureStepDescription": "BNU_cst_2015_Zhu.Bi",
    "ProtocolName": "UCI_MPRAGE_Sag_1x1x1",
    "RepetitionTime": 2.53,
    "ScanningSequence": "GR_IR",
    "SequenceName": "_tfl3d1_ns",
    "SequenceVariant": "SP_MP",
    "SeriesDescription": "UCI_MPRAGE_Sag_1x1x1",
    "SoftwareVersions": "syngo_MR_B17",
    "dataset": "ds003789",
    "modality": "T1w",
    "subject_id": "5401"
  },
  "cjv": 0.5404663406467229,
  "cnr": 1.970984063411137,
  "efc": 0.5626711048370115,
  "fber": -1.0,
  "fwhm_avg": 4.281262143412232,
  "fwhm_x": 4.277906430236696,
  "fwhm_y": 4.53476,
  "fwhm_z": 4.03112,
  "icvs_csf": 0.28231607472291204,
  "icvs_gm": 0.3802223506867727,
  "icvs_wm": 0.3374615745903152,
  "inu_med": 0.6185194551944733,
  "inu_range": 0.26581334471702567,
  "provenance": {
    "md5sum": "53b86d7b49b242709d91fc6790294e8b",
    "settings": {
      "testing": false
    },
    "software": "mriqc",
    "version": "23.1.0",
    "warnings": {
      "large_rot_frame": true,
      "small_air_mask": false
    }
  },
  "qi_1": 0.0,
  "qi_2": 0.0037795331201643167,
  "rpve_csf": 8.925675978089238,
  "rpve_gm": 8.857890640623088,
  "rpve_wm": 8.966171858865032,
  "size_x": 208,
  "size_y": 256,
  "size_z": 256,
  "snr_csf": 2.0955288801006344,
  "snr_gm": 5.212052727357956,
  "snr_total": 6.0857602839252545,
  "snr_wm": 10.949699244317175,
  "snrd_csf": 25.13925268976586,
  "snrd_gm": 42.40947028975048,
  "snrd_total": 43.17940137010359,
  "snrd_wm": 61.98948113079442,
  "spacing_x": 1.0000008344650269,
  "spacing_y": 1.0,
  "spacing_z": 1.0,
  "summary_bg_k": 1691.9310536152354,
  "summary_bg_mad": 0.0,
  "summary_bg_mean": 4.819213187978869,
  "summary_bg_median": 0.0,
  "summary_bg_n": 3808306.0,
  "summary_bg_p05": 0.0,
  "summary_bg_p95": 25.000899367034435,
  "summary_bg_stdv": 10.197303060162271,
  "summary_csf_k": -0.48907819238327166,
  "summary_csf_mad": 138.17110662371877,
  "summary_csf_mean": 396.7871619464623,
  "summary_csf_median": 391.2964970096946,
  "summary_csf_n": 425688.5996076191,
  "summary_csf_p05": 98.85081824660301,
  "summary_csf_p95": 698.9444517567754,
  "summary_csf_stdv": 186.72901200315587,
  "summary_gm_k": -0.5719402908004598,
  "summary_gm_mad": 95.6035101880389,
  "summary_gm_mean": 662.6773601246971,
  "summary_gm_median": 660.1102017313242,
  "summary_gm_n": 573315.9904629174,
  "summary_gm_p05": 455.311768155545,
  "summary_gm_p95": 883.1009323969483,
  "summary_gm_stdv": 126.65060400698857,
  "summary_wm_k": -0.4423876175692163,
  "summary_wm_mad": 69.11225820297336,
  "summary_wm_mean": 944.9246190335922,
  "summary_wm_median": 964.8762084245682,
  "summary_wm_n": 508839.4107552206,
  "summary_wm_p05": 770.4527878426015,
  "summary_wm_p95": 1058.0712036155164,
  "summary_wm_stdv": 88.11888242594497,
  "tpm_overlap_csf": 0.20456033238028717,
  "tpm_overlap_gm": 0.5335561012956628,
  "tpm_overlap_wm": 0.5542510885118589,
  "wm2max": 0.521454715364847
}