{
  "bids_meta": {
    "AcquisitionNumber": 1,
    "AcquisitionTime": "10:09:0.452500",
    "ConversionSoftware": "dcm2niix",
    "ConversionSoftwareVersion": "v1.0.20170724 GCC4.4.7",
    "DeviceSerialNumber": "35193",
    "EchoTime": 0.00309,
    "FlipAngle": 10,
    "ImageType": [
      "ORIGINAL",
      "PRIMARY",
      "M",
      "ND",
      "NORM"
    ],
    "InstitutionAddress": "Xinjiekouwai_Street_No_19_Beijing_Haidian_District_CN_100875",
    "InstitutionName": "BNU_MRI_Center",
    "InversionTime": 0.8,
    "MagneticFieldStrength": 3,
    "Manufacturer": "Siemens",
    "ManufacturersModelName": "TrioTim",
    "PhaseEncodingDirection": "i-",
    "PhaseEncodingLines": 256,
    "ProcedureStepDescription": "BNU_cst_2019_Zhu.Bi",
    "ProtocolName": "UCI_MPRAGE_Sag_1x1x1",
    "RepetitionTime": 2.53,
    "ScanningSequence": "GR_IR",
    "SequenceName": "_tfl3d1_ns",
    "SequenceVariant": "SP_MP",
    "SeriesDescription": "UCI_MPRAGE_Sag_1x1x1",
    "SoftwareVersions": "syngo_MR_B17",
    "dataset": "ds003789",
    "modality": "T1w",
    "subject_id": "5426"
  },
  "cjv": 0.5600349613427316,
  "cnr": 1.8617820685077346,
  "efc": 0.5448528066528647,
  "fber": 8736.44023109579,
  "fwhm_avg": 4.1506533333333335,
  "fwhm_x": 4.18341,
  "fwhm_y": 4.32836,
  "fwhm_z": 3.94019,
  "icvs_csf": 0.27524072114548753,
  "icvs_gm": 0.3810844647796321,
  "icvs_wm": 0.3436748140748804,
  "inu_med": 0.593386173248291,
  "inu_range": 0.26054294407367706,
  "provenance": {
    "md5sum": "ad3ec302cae257ea37e6c5905b995665",
    "settings": {
      "testing": false
    },
    "software": "mriqc",
    "version": "23.1.0",
    "warnings": {
      "large_rot_frame": true,
      "small_air_mask": false
    }
  },
  "qi_1": 0.0,
  "qi_2": 0.0016431905744427337,
  "rpve_csf": 8.614288798192385,
  "rpve_gm": 8.536251474910376,
  "rpve_wm": 8.634481693200776,
  "size_x": 208,
  "size_y": 256,
  "size_z": 256,
  "snr_csf": 2.0188608529903123,
  "snr_gm": 5.338801355387413,
  "snr_total": 6.093014181786089,
  "snr_wm": 10.92138033698054,
  "snrd_csf": 28.428205795703633,
  "snrd_gm": 50.41660685217189,
  "snrd_total": 50.24221054262315,
  "snrd_wm": 71.88181897999391,
  "spacing_x": 1.0,
  "spacing_y": 1.0,
  "spacing_z": 1.0,
  "summary_bg_k": 6.3021131903888605,
  "summary_bg_mad": 0.0,
  "summary_bg_mean": 5.3498189630044415,
  "summary_bg_median": 0.0,
  "summary_bg_n": 4872848.0,
  "summary_bg_p05": 0.0,
  "summary_bg_p95": 22.924849182367325,
  "summary_bg_stdv": 8.749020057455029,
  "summary_csf_k": -0.7095124313018863,
  "summary_csf_mad": 144.88046615033193,
  "summary_csf_mean": 389.6999287551831,
  "summary_csf_median": 379.6445178501308,
  "summary_csf_n": 430341.8955052923,
  "summary_csf_p05": 94.50060723349452,
  "summary_csf_p95": 698.4029545150697,
  "summary_csf_stdv": 188.04865931753287,
  "summary_gm_k": -0.6533676062400606,
  "summary_gm_mad": 91.98835527897516,
  "summary_gm_mean": 676.8069292489022,
  "summary_gm_median": 673.2886534444988,
  "summary_gm_n": 595829.7530916614,
  "summary_gm_p05": 470.7965516075492,
  "summary_gm_p95": 905.3383557721972,
  "summary_gm_stdv": 126.11221950859374,
  "summary_wm_k": -0.5181733861728719,
  "summary_wm_mad": 68.54970325926743,
  "summary_wm_mean": 940.0473244137704,
  "summary_wm_median": 959.9458616897464,
  "summary_wm_n": 537339.3526615443,
  "summary_wm_p05": 765.2134349271655,
  "summary_wm_p95": 1052.3536105006933,
  "summary_wm_stdv": 87.89593795200287,
  "tpm_overlap_csf": 0.21412118045048723,
  "tpm_overlap_gm": 0.5384927276280408,
  "tpm_overlap_wm": 0.5578514305452007,
  "wm2max": 0.5847946334000236
}