{
  "aor": 0.006959027777777778,
  "aqi": 0.025525204629629632,
  "bids_meta": {
    "AccelFactPE": 2,
    "AcquisitionNumber": 1,
    "AcquisitionTime": "09:11:55.242500",
    "BandwidthPerPixelPhaseEncode": 65.104,
    "ConversionSoftware": "dcm2niix",
    "ConversionSoftwareVersion": "v1.0.20170724 GCC4.4.7",
    "DeviceSerialNumber": "35193",
    "EchoTime": 0.025,
    "EffectiveEchoSpacing": 0.000240001,
    "FlipAngle": 90,
    "ImageType": [
      "ORIGINAL",
      "PRIMARY",
      "M",
      "ND",
      "NORM",
      "MOSAIC"
    ],
    "InstitutionAddress": "Xinjiekouwai_Street_No_19_Beijing_Haidian_District_CN_100875",
    "InstitutionName": "BNU_MRI_Center",
    "MagneticFieldStrength": 3,
    "Manufacturer": "Siemens",
    "ManufacturersModelName": "TrioTim",
    "PhaseEncodingDirection": "j-",
    "PhaseEncodingLines": 64,
    "ProcedureStepDescription": "BNU_cst_2019_Zhu.Bi",
    "ProtocolName": "Test2_216",
    "RepetitionTime": 2,
    "ScanningSequence": "EP",
    "SequenceName": "_epfid2d1_64",
    "SequenceVariant": "SK",
    "SeriesDescription": "Test2_216",
    "SliceTiming": [
      0,
      1.0175,
      0.0475,
      1.0675,
      0.0975,
      1.115,
      0.145,
      1.1625,
      0.195,
      1.2125,
      0.2425,
      1.26,
      0.29,
      1.31,
      0.34,
      1.3575,
      0.3875,
      1.405,
      0.4375,
      1.455,
      0.485,
      1.5025,
      0.5325,
      1.5525,
      0.5825,
      1.6,
      0.63,
      1.6475,
      0.6775,
      1.6975,
      0.7275,
      1.745,
      0.775,
      1.7925,
      0.825,
      1.8425,
      0.8725,
      1.89,
      0.92,
      1.94,
      0.97
    ],
    "SoftwareVersions": "syngo_MR_B17",
    "TaskName": "retrieval",
    "TotalReadoutTime": 0.01488,
    "TrueEchoSpacing": 0.000480001,
    "dataset": "ds003789",
    "modality": "bold",
    "run_id": 2,
    "subject_id": "5425",
    "task_id": "retrieval"
  },
  "dummy_trs": 0,
  "dvars_nstd": 31.565736069488366,
  "dvars_std": 1.1584364468837205,
  "dvars_vstd": 1.0536229582325585,
  "efc": 0.5621166416978602,
  "fber": 984.4364013671875,
  "fd_mean": 0.11459053213594557,
  "fd_num": 23,
  "fd_perc": 10.648148148148149,
  "fwhm_avg": 1.6879860294144613,
  "fwhm_x": 1.6437433333333333,
  "fwhm_y": 1.80123,
  "fwhm_z": 1.6189847549100498,
  "gcor": 0.0170843,
  "gsr_x": 0.007399297785013914,
  "gsr_y": 0.03326667845249176,
  "provenance": {
    "md5sum": "04a7fa0c60d84f3e6e444b66f42a14cd",
    "settings": {
      "fd_thres": 0.2,
      "testing": false
    },
    "software": "mriqc",
    "version": "23.1.0"
  },
  "size_t": 216,
  "size_x": 64,
  "size_y": 64,
  "size_z": 41,
  "snr": 6.233718552790143,
  "spacing_tr": 2.0,
  "spacing_x": 3.0,
  "spacing_y": 3.0,
  "spacing_z": 3.3000001907348633,
  "summary_bg_k": 25.622564452034744,
  "summary_bg_mad": 17.99714139742909,
  "summary_bg_mean": 50.05371983023066,
  "summary_bg_median": 24.606481552124023,
  "summary_bg_n": 122248.0,
  "summary_bg_p05": 7.902777671813965,
  "summary_bg_p95": 197.5231475830078,
  "summary_bg_stdv": 77.45217000260018,
  "summary_fg_k": 2.207643267370215,
  "summary_fg_mad": 97.02461473324409,
  "summary_fg_mean": 766.6603111217161,
  "summary_fg_median": 772.0463256835938,
  "summary_fg_n": 45688.0,
  "summary_fg_p05": 531.5184936523438,
  "summary_fg_p95": 947.8009033203125,
  "summary_fg_stdv": 123.8486899888794,
  "tsnr": 43.49652086204151
}