{
  "aor": 0.001111038961038961,
  "aqi": 0.01646495844155844,
  "bids_meta": {
    "AccelFactPE": 2,
    "AcquisitionNumber": 1,
    "AcquisitionTime": "09:45:41.665000",
    "BandwidthPerPixelPhaseEncode": 65.104,
    "ConversionSoftware": "dcm2niix",
    "ConversionSoftwareVersion": "v1.0.20170724 GCC4.4.7",
    "DeviceSerialNumber": "35193",
    "EchoTime": 0.025,
    "EffectiveEchoSpacing": 0.000240001,
    "FlipAngle": 90,
    "ImageType": [
      "ORIGINAL",
      "PRIMARY",
      "M",
      "ND",
      "NORM",
      "MOSAIC"
    ],
    "InstitutionAddress": "Xinjiekouwai_Street_No_19_Beijing_Haidian_District_CN_100875",
    "InstitutionName": "BNU_MRI_Center",
    "MagneticFieldStrength": 3,
    "Manufacturer": "Siemens",
    "ManufacturersModelName": "TrioTim",
    "PhaseEncodingDirection": "j-",
    "PhaseEncodingLines": 64,
    "ProcedureStepDescription": "BNU_cst_2019_Zhu.Bi",
    "ProtocolName": "Learning7_154",
    "RepetitionTime": 2,
    "ScanningSequence": "EP",
    "SequenceName": "_epfid2d1_64",
    "SequenceVariant": "SK",
    "SeriesDescription": "Learning7_154",
    "SliceTiming": [
      0,
      1.0175,
      0.0475,
      1.0675,
      0.0975,
      1.115,
      0.145,
      1.1625,
      0.195,
      1.2125,
      0.2425,
      1.26,
      0.29,
      1.31,
      0.34,
      1.3575,
      0.3875,
      1.405,
      0.4375,
      1.455,
      0.485,
      1.5025,
      0.5325,
      1.5525,
      0.5825,
      1.6,
      0.63,
      1.6475,
      0.68,
      1.6975,
      0.7275,
      1.745,
      0.775,
      1.7925,
      0.825,
      1.8425,
      0.8725,
      1.89,
      0.92,
      1.94,
      0.97
    ],
    "SoftwareVersions": "syngo_MR_B17",
    "TaskName": "encoding",
    "TotalReadoutTime": 0.01488,
    "TrueEchoSpacing": 0.000480001,
    "dataset": "ds003789",
    "modality": "bold",
    "run_id": 7,
    "subject_id": "5425",
    "task_id": "encoding"
  },
  "dummy_trs": 0,
  "dvars_nstd": 29.93568129941177,
  "dvars_std": 1.1236591743137252,
  "dvars_vstd": 1.0126622741176468,
  "efc": 0.567426744381335,
  "fber": 888.3529663085938,
  "fd_mean": 0.1068877499269593,
  "fd_num": 20,
  "fd_perc": 12.987012987012987,
  "fwhm_avg": 1.6736406137517255,
  "fwhm_x": 1.6255666666666666,
  "fwhm_y": 1.79854,
  "fwhm_z": 1.5968151745885095,
  "gcor": 0.0156893,
  "gsr_x": 0.005349776707589626,
  "gsr_y": 0.03203700855374336,
  "provenance": {
    "md5sum": "4326ae1df97d8a3c544488a3e2dab9ea",
    "settings": {
      "fd_thres": 0.2,
      "testing": false
    },
    "software": "mriqc",
    "version": "23.1.0"
  },
  "size_t": 154,
  "size_x": 64,
  "size_y": 64,
  "size_z": 41,
  "snr": 6.163265788386355,
  "spacing_tr": 2.0,
  "spacing_x": 3.0,
  "spacing_y": 3.0,
  "spacing_z": 3.299999952316284,
  "summary_bg_k": 22.941548339383004,
  "summary_bg_mad": 20.04401208666398,
  "summary_bg_mean": 53.265962983403284,
  "summary_bg_median": 26.47402572631836,
  "summary_bg_n": 121875.0,
  "summary_bg_p05": 8.610389709472656,
  "summary_bg_p95": 207.0454559326172,
  "summary_bg_stdv": 79.66225136731694,
  "summary_fg_k": 2.150043290173417,
  "summary_fg_mad": 101.51011083114417,
  "summary_fg_mean": 783.4314706046692,
  "summary_fg_median": 789.06494140625,
  "summary_fg_n": 46061.0,
  "summary_fg_p05": 539.292236328125,
  "summary_fg_p95": 972.207763671875,
  "summary_fg_stdv": 128.02569336085975,
  "tsnr": 49.79053017636761
}