{
  "aor": 0.00029384259259259256,
  "aqi": 0.015144227777777778,
  "bids_meta": {
    "AccelFactPE": 2,
    "AcquisitionNumber": 1,
    "AcquisitionTime": "13:06:16.305000",
    "BandwidthPerPixelPhaseEncode": 65.104,
    "ConversionSoftware": "dcm2niix",
    "ConversionSoftwareVersion": "v1.0.20170724 GCC4.4.7",
    "DeviceSerialNumber": "35193",
    "EchoTime": 0.025,
    "EffectiveEchoSpacing": 0.000240001,
    "FlipAngle": 90,
    "ImageType": [
      "ORIGINAL",
      "PRIMARY",
      "M",
      "ND",
      "NORM",
      "MOSAIC"
    ],
    "InstitutionAddress": "Xinjiekouwai_Street_No_19_Beijing_Haidian_District_CN_100875",
    "InstitutionName": "BNU_MRI_Center",
    "MagneticFieldStrength": 3,
    "Manufacturer": "Siemens",
    "ManufacturersModelName": "TrioTim",
    "PhaseEncodingDirection": "j-",
    "PhaseEncodingLines": 64,
    "ProcedureStepDescription": "BNU_cst_2019_Zhu.Bi",
    "ProtocolName": "Test1_216",
    "RepetitionTime": 2,
    "ScanningSequence": "EP",
    "SequenceName": "_epfid2d1_64",
    "SequenceVariant": "SK",
    "SeriesDescription": "Test1_216",
    "SliceTiming": [
      0,
      1.02,
      0.05,
      1.0675,
      0.0975,
      1.115,
      0.1475,
      1.165,
      0.195,
      1.2125,
      0.2425,
      1.2625,
      0.2925,
      1.31,
      0.34,
      1.3575,
      0.39,
      1.4075,
      0.4375,
      1.455,
      0.485,
      1.505,
      0.535,
      1.5525,
      0.5825,
      1.6,
      0.6325,
      1.65,
      0.68,
      1.6975,
      0.7275,
      1.7475,
      0.7775,
      1.795,
      0.825,
      1.8425,
      0.875,
      1.8925,
      0.9225,
      1.94,
      0.97
    ],
    "SoftwareVersions": "syngo_MR_B17",
    "TaskName": "retrieval",
    "TotalReadoutTime": 0.01488,
    "TrueEchoSpacing": 0.000480001,
    "dataset": "ds003789",
    "modality": "bold",
    "run_id": 1,
    "subject_id": "5412",
    "task_id": "retrieval"
  },
  "dummy_trs": 0,
  "dvars_nstd": 26.049330636139526,
  "dvars_std": 1.0704079780930238,
  "dvars_vstd": 0.9882156676744184,
  "efc": 0.5190493905495346,
  "fber": 1310.0384521484375,
  "fd_mean": 0.036098750329714976,
  "fd_num": 0,
  "fd_perc": 0.0,
  "fwhm_avg": 1.6101787405773615,
  "fwhm_x": 1.5562966666666667,
  "fwhm_y": 1.7503668057733224,
  "fwhm_z": 1.5238727492920956,
  "gcor": 0.00407095,
  "gsr_x": 0.007555279415100813,
  "gsr_y": 0.017364125698804855,
  "provenance": {
    "md5sum": "b05ba3bf1402af0c7695e1d98d0445ad",
    "settings": {
      "fd_thres": 0.2,
      "testing": false
    },
    "software": "mriqc",
    "version": "23.1.0"
  },
  "size_t": 216,
  "size_x": 64,
  "size_y": 64,
  "size_z": 41,
  "snr": 6.681225532111106,
  "spacing_tr": 2.0,
  "spacing_x": 3.0,
  "spacing_y": 2.999999761581421,
  "spacing_z": 3.299999952316284,
  "summary_bg_k": 20.698578282811468,
  "summary_bg_mad": 17.79122803598688,
  "summary_bg_mean": 53.654219338278025,
  "summary_bg_median": 25.546297073364258,
  "summary_bg_n": 130342.0,
  "summary_bg_p05": 8.629630088806152,
  "summary_bg_p95": 227.45370483398438,
  "summary_bg_stdv": 85.04388967622198,
  "summary_fg_k": 3.3999298553158726,
  "summary_fg_mad": 99.85598319117999,
  "summary_fg_mean": 908.880543876279,
  "summary_fg_median": 924.63427734375,
  "summary_fg_n": 37594.0,
  "summary_fg_p05": 622.7175903320312,
  "summary_fg_p95": 1090.8101806640625,
  "summary_fg_stdv": 138.39107439003664,
  "tsnr": 58.40038380341139
}