{
  "aor": 0.00037457547169811317,
  "aqi": 0.01295593962264151,
  "bids_meta": {
    "AccelFactPE": 2,
    "AcquisitionNumber": 1,
    "AcquisitionTime": "13:22:36.760000",
    "BandwidthPerPixelPhaseEncode": 65.104,
    "ConversionSoftware": "dcm2niix",
    "ConversionSoftwareVersion": "v1.0.20170724 GCC4.4.7",
    "DeviceSerialNumber": "35193",
    "EchoTime": 0.025,
    "EffectiveEchoSpacing": 0.000240001,
    "FlipAngle": 90,
    "ImageType": [
      "ORIGINAL",
      "PRIMARY",
      "M",
      "ND",
      "NORM",
      "MOSAIC"
    ],
    "InstitutionAddress": "Xinjiekouwai_Street_No_19_Beijing_Haidian_District_CN_100875",
    "InstitutionName": "BNU_MRI_Center",
    "MagneticFieldStrength": 3,
    "Manufacturer": "Siemens",
    "ManufacturersModelName": "TrioTim",
    "PhaseEncodingDirection": "j-",
    "PhaseEncodingLines": 64,
    "ProcedureStepDescription": "BNU_cst_2019_Zhu.Bi",
    "ProtocolName": "Test3_216",
    "RepetitionTime": 2,
    "ScanningSequence": "EP",
    "SequenceName": "_epfid2d1_64",
    "SequenceVariant": "SK",
    "SeriesDescription": "Test3_216",
    "SliceTiming": [
      0,
      1.02,
      0.05,
      1.0675,
      0.0975,
      1.115,
      0.1475,
      1.165,
      0.195,
      1.2125,
      0.2425,
      1.26,
      0.2925,
      1.31,
      0.34,
      1.3575,
      0.3875,
      1.4075,
      0.4375,
      1.455,
      0.485,
      1.5025,
      0.535,
      1.5525,
      0.5825,
      1.6,
      0.63,
      1.65,
      0.68,
      1.6975,
      0.7275,
      1.745,
      0.7775,
      1.795,
      0.825,
      1.8425,
      0.8725,
      1.8925,
      0.9225,
      1.94,
      0.97
    ],
    "SoftwareVersions": "syngo_MR_B17",
    "TaskName": "retrieval",
    "TotalReadoutTime": 0.01488,
    "TrueEchoSpacing": 0.000480001,
    "dataset": "ds003789",
    "modality": "bold",
    "run_id": 3,
    "subject_id": "5412",
    "task_id": "retrieval"
  },
  "dummy_trs": 4,
  "dvars_nstd": 26.020815320473915,
  "dvars_std": 1.088495828815166,
  "dvars_vstd": 0.9982364480568726,
  "efc": 0.5214991939789367,
  "fber": 1271.92529296875,
  "fd_mean": 0.03792931314376991,
  "fd_num": 2,
  "fd_perc": 0.9433962264150944,
  "fwhm_avg": 1.5950881340705587,
  "fwhm_x": 1.5287533333333334,
  "fwhm_y": 1.7337201377836973,
  "fwhm_z": 1.5227909310946455,
  "gcor": 0.0193572,
  "gsr_x": 0.006554509978741407,
  "gsr_y": 0.016561085358262062,
  "provenance": {
    "md5sum": "dac66ce151cb0e8b0f64052e8421b279",
    "settings": {
      "fd_thres": 0.2,
      "testing": false
    },
    "software": "mriqc",
    "version": "23.1.0"
  },
  "size_t": 212,
  "size_x": 64,
  "size_y": 64,
  "size_z": 41,
  "snr": 6.68087307459412,
  "spacing_tr": 2.0,
  "spacing_x": 3.0,
  "spacing_y": 2.999999761581421,
  "spacing_z": 3.299999952316284,
  "summary_bg_k": 19.67981736810816,
  "summary_bg_mad": 17.857663878921414,
  "summary_bg_mean": 55.28327244375542,
  "summary_bg_median": 25.962265014648438,
  "summary_bg_n": 130306.0,
  "summary_bg_p05": 9.127358436584473,
  "summary_bg_p95": 235.79718017578125,
  "summary_bg_stdv": 87.71318214301765,
  "summary_fg_k": 3.429716475513546,
  "summary_fg_mad": 100.24694894344155,
  "summary_fg_mean": 910.5902352188358,
  "summary_fg_median": 925.9197998046875,
  "summary_fg_n": 37630.0,
  "summary_fg_p05": 626.7688598632812,
  "summary_fg_p95": 1094.867919921875,
  "summary_fg_stdv": 138.59079291550339,
  "tsnr": 60.84278907766566
}