{
  "aor": 0.0005673856209150327,
  "aqi": 0.01279740065359477,
  "bids_meta": {
    "AccelFactPE": 2,
    "AcquisitionNumber": 1,
    "AcquisitionTime": "12:36:46.092500",
    "BandwidthPerPixelPhaseEncode": 65.104,
    "ConversionSoftware": "dcm2niix",
    "ConversionSoftwareVersion": "v1.0.20170724 GCC4.4.7",
    "DeviceSerialNumber": "35193",
    "EchoTime": 0.025,
    "EffectiveEchoSpacing": 0.000240001,
    "FlipAngle": 90,
    "ImageType": [
      "ORIGINAL",
      "PRIMARY",
      "M",
      "ND",
      "NORM",
      "MOSAIC"
    ],
    "InstitutionAddress": "Xinjiekouwai_Street_No_19_Beijing_Haidian_District_CN_100875",
    "InstitutionName": "BNU_MRI_Center",
    "MagneticFieldStrength": 3,
    "Manufacturer": "Siemens",
    "ManufacturersModelName": "TrioTim",
    "PhaseEncodingDirection": "j-",
    "PhaseEncodingLines": 64,
    "ProcedureStepDescription": "BNU_cst_2019_Zhu.Bi",
    "ProtocolName": "Learning5_154",
    "RepetitionTime": 2,
    "ScanningSequence": "EP",
    "SequenceName": "_epfid2d1_64",
    "SequenceVariant": "SK",
    "SeriesDescription": "Learning5_154",
    "SliceTiming": [
      0,
      1.0175,
      0.0475,
      1.065,
      0.095,
      1.115,
      0.145,
      1.1625,
      0.1925,
      1.21,
      0.24,
      1.26,
      0.29,
      1.3075,
      0.3375,
      1.355,
      0.3875,
      1.405,
      0.435,
      1.4525,
      0.4825,
      1.5025,
      0.5325,
      1.55,
      0.58,
      1.5975,
      0.63,
      1.6475,
      0.6775,
      1.695,
      0.725,
      1.745,
      0.775,
      1.7925,
      0.8225,
      1.84,
      0.8725,
      1.89,
      0.92,
      1.9375,
      0.9675
    ],
    "SoftwareVersions": "syngo_MR_B17",
    "TaskName": "encoding",
    "TotalReadoutTime": 0.01488,
    "TrueEchoSpacing": 0.000480001,
    "dataset": "ds003789",
    "modality": "bold",
    "run_id": 5,
    "subject_id": "5412",
    "task_id": "encoding"
  },
  "dummy_trs": 1,
  "dvars_nstd": 26.644500594342095,
  "dvars_std": 1.1066030613815783,
  "dvars_vstd": 1.0093426000000005,
  "efc": 0.5215945141794784,
  "fber": 1254.375,
  "fd_mean": 0.03529935904993423,
  "fd_num": 0,
  "fd_perc": 0.0,
  "fwhm_avg": 1.6130484922960333,
  "fwhm_x": 1.54368,
  "fwhm_y": 1.74922,
  "fwhm_z": 1.5462454768881,
  "gcor": 0.00582179,
  "gsr_x": 0.006834821775555611,
  "gsr_y": 0.015132643282413483,
  "provenance": {
    "md5sum": "15b352f3af6ee21612784c6eb9020d4c",
    "settings": {
      "fd_thres": 0.2,
      "testing": false
    },
    "software": "mriqc",
    "version": "23.1.0"
  },
  "size_t": 153,
  "size_x": 64,
  "size_y": 64,
  "size_z": 41,
  "snr": 6.680503933613221,
  "spacing_tr": 2.0,
  "spacing_x": 3.0,
  "spacing_y": 3.0,
  "spacing_z": 3.299999952316284,
  "summary_bg_k": 20.10288426325623,
  "summary_bg_mad": 16.880345644804198,
  "summary_bg_mean": 53.81734815992816,
  "summary_bg_median": 25.522876739501953,
  "summary_bg_n": 130268.0,
  "summary_bg_p05": 9.830065727233887,
  "summary_bg_p95": 227.21568298339844,
  "summary_bg_stdv": 85.20921335733843,
  "summary_fg_k": 3.266869872969054,
  "summary_fg_mad": 97.49801765720113,
  "summary_fg_mean": 888.8339587909674,
  "summary_fg_median": 903.9477233886719,
  "summary_fg_n": 37668.0,
  "summary_fg_p05": 608.9542846679688,
  "summary_fg_p95": 1068.111083984375,
  "summary_fg_stdv": 135.30951158931632,
  "tsnr": 61.68647720187437
}