{
  "aor": 0.00056,
  "aqi": 0.012469900649350649,
  "bids_meta": {
    "AccelFactPE": 2,
    "AcquisitionNumber": 1,
    "AcquisitionTime": "12:56:15.557500",
    "BandwidthPerPixelPhaseEncode": 65.104,
    "ConversionSoftware": "dcm2niix",
    "ConversionSoftwareVersion": "v1.0.20170724 GCC4.4.7",
    "DeviceSerialNumber": "35193",
    "EchoTime": 0.025,
    "EffectiveEchoSpacing": 0.000240001,
    "FlipAngle": 90,
    "ImageType": [
      "ORIGINAL",
      "PRIMARY",
      "M",
      "ND",
      "NORM",
      "MOSAIC"
    ],
    "InstitutionAddress": "Xinjiekouwai_Street_No_19_Beijing_Haidian_District_CN_100875",
    "InstitutionName": "BNU_MRI_Center",
    "MagneticFieldStrength": 3,
    "Manufacturer": "Siemens",
    "ManufacturersModelName": "TrioTim",
    "PhaseEncodingDirection": "j-",
    "PhaseEncodingLines": 64,
    "ProcedureStepDescription": "BNU_cst_2019_Zhu.Bi",
    "ProtocolName": "Learning8_154",
    "RepetitionTime": 2,
    "ScanningSequence": "EP",
    "SequenceName": "_epfid2d1_64",
    "SequenceVariant": "SK",
    "SeriesDescription": "Learning8_154",
    "SliceTiming": [
      0,
      1.0175,
      0.0475,
      1.065,
      0.095,
      1.1125,
      0.145,
      1.1625,
      0.1925,
      1.21,
      0.24,
      1.26,
      0.29,
      1.3075,
      0.3375,
      1.355,
      0.3875,
      1.405,
      0.435,
      1.4525,
      0.4825,
      1.5025,
      0.5325,
      1.55,
      0.58,
      1.5975,
      0.63,
      1.6475,
      0.6775,
      1.695,
      0.725,
      1.745,
      0.775,
      1.7925,
      0.8225,
      1.84,
      0.8725,
      1.89,
      0.92,
      1.9375,
      0.9675
    ],
    "SoftwareVersions": "syngo_MR_B17",
    "TaskName": "encoding",
    "TotalReadoutTime": 0.01488,
    "TrueEchoSpacing": 0.000480001,
    "dataset": "ds003789",
    "modality": "bold",
    "run_id": 8,
    "subject_id": "5412",
    "task_id": "encoding"
  },
  "dummy_trs": 0,
  "dvars_nstd": 26.92225469954249,
  "dvars_std": 1.1234123083006538,
  "dvars_vstd": 1.0200350480392155,
  "efc": 0.5220871586860701,
  "fber": 1248.40234375,
  "fd_mean": 0.03445020265163339,
  "fd_num": 0,
  "fd_perc": 0.0,
  "fwhm_avg": 1.5946305124598716,
  "fwhm_x": 1.5225266666666668,
  "fwhm_y": 1.7230466666666666,
  "fwhm_z": 1.5383182040462813,
  "gcor": 0.00656101,
  "gsr_x": 0.006104951724410057,
  "gsr_y": 0.016106892377138138,
  "provenance": {
    "md5sum": "514eff3357a6dfe65ff9fd38c06b0a31",
    "settings": {
      "fd_thres": 0.2,
      "testing": false
    },
    "software": "mriqc",
    "version": "23.1.0"
  },
  "size_t": 154,
  "size_x": 64,
  "size_y": 64,
  "size_z": 41,
  "snr": 6.696609651049263,
  "spacing_tr": 2.0,
  "spacing_x": 3.0,
  "spacing_y": 3.0,
  "spacing_z": 3.299999952316284,
  "summary_bg_k": 19.370313623624625,
  "summary_bg_mad": 16.780363144082088,
  "summary_bg_mean": 54.04951073242121,
  "summary_bg_median": 25.467533111572266,
  "summary_bg_n": 130365.0,
  "summary_bg_p05": 10.02597427368164,
  "summary_bg_p95": 227.70779418945312,
  "summary_bg_stdv": 85.05870517620139,
  "summary_fg_k": 3.32249685703382,
  "summary_fg_mad": 96.37882672467687,
  "summary_fg_mean": 884.8439403838636,
  "summary_fg_median": 899.837646484375,
  "summary_fg_n": 37571.0,
  "summary_fg_p05": 606.80517578125,
  "summary_fg_p95": 1063.3896484375,
  "summary_fg_stdv": 134.37033336733134,
  "tsnr": 62.14827028801665
}