{
  "aor": 0.00045681818181818177,
  "aqi": 0.013846505194805195,
  "bids_meta": {
    "AccelFactPE": 2,
    "AcquisitionNumber": 1,
    "AcquisitionTime": "12:17:15.405000",
    "BandwidthPerPixelPhaseEncode": 65.104,
    "ConversionSoftware": "dcm2niix",
    "ConversionSoftwareVersion": "v1.0.20170724 GCC4.4.7",
    "DeviceSerialNumber": "35193",
    "EchoTime": 0.025,
    "EffectiveEchoSpacing": 0.000240001,
    "FlipAngle": 90,
    "ImageType": [
      "ORIGINAL",
      "PRIMARY",
      "M",
      "ND",
      "NORM",
      "MOSAIC"
    ],
    "InstitutionAddress": "Xinjiekouwai_Street_No_19_Beijing_Haidian_District_CN_100875",
    "InstitutionName": "BNU_MRI_Center",
    "MagneticFieldStrength": 3,
    "Manufacturer": "Siemens",
    "ManufacturersModelName": "TrioTim",
    "PhaseEncodingDirection": "j-",
    "PhaseEncodingLines": 64,
    "ProcedureStepDescription": "BNU_cst_2019_Zhu.Bi",
    "ProtocolName": "Learning2_154",
    "RepetitionTime": 2,
    "ScanningSequence": "EP",
    "SequenceName": "_epfid2d1_64",
    "SequenceVariant": "SK",
    "SeriesDescription": "Learning2_154",
    "SliceTiming": [
      0,
      1.0175,
      0.0475,
      1.065,
      0.0975,
      1.115,
      0.145,
      1.1625,
      0.1925,
      1.2125,
      0.2425,
      1.26,
      0.29,
      1.3075,
      0.34,
      1.3575,
      0.3875,
      1.405,
      0.435,
      1.455,
      0.485,
      1.5025,
      0.5325,
      1.55,
      0.5825,
      1.6,
      0.63,
      1.6475,
      0.6775,
      1.6975,
      0.7275,
      1.745,
      0.775,
      1.7925,
      0.825,
      1.8425,
      0.8725,
      1.89,
      0.92,
      1.9375,
      0.97
    ],
    "SoftwareVersions": "syngo_MR_B17",
    "TaskName": "encoding",
    "TotalReadoutTime": 0.01488,
    "TrueEchoSpacing": 0.000480001,
    "dataset": "ds003789",
    "modality": "bold",
    "run_id": 2,
    "subject_id": "5412",
    "task_id": "encoding"
  },
  "dummy_trs": 0,
  "dvars_nstd": 26.38116789163398,
  "dvars_std": 1.1002328486274502,
  "dvars_vstd": 1.0107337591503265,
  "efc": 0.5198948435905988,
  "fber": 1296.6815185546875,
  "fd_mean": 0.0319349168402613,
  "fd_num": 0,
  "fd_perc": 0.0,
  "fwhm_avg": 1.6258382903195303,
  "fwhm_x": 1.5657233333333334,
  "fwhm_y": 1.7564733333333333,
  "fwhm_z": 1.5553182042919247,
  "gcor": 0.00888302,
  "gsr_x": 0.009939095936715603,
  "gsr_y": 0.014967500232160091,
  "provenance": {
    "md5sum": "431adde815bcefa283350f04dc4f35f1",
    "settings": {
      "fd_thres": 0.2,
      "testing": false
    },
    "software": "mriqc",
    "version": "23.1.0"
  },
  "size_t": 154,
  "size_x": 64,
  "size_y": 64,
  "size_z": 41,
  "snr": 6.657529722072832,
  "spacing_tr": 2.0,
  "spacing_x": 3.0,
  "spacing_y": 3.0,
  "spacing_z": 3.299999952316284,
  "summary_bg_k": 19.871032851230588,
  "summary_bg_mad": 16.64557842491678,
  "summary_bg_mean": 52.808173536144366,
  "summary_bg_median": 25.045454025268555,
  "summary_bg_n": 130268.0,
  "summary_bg_p05": 9.636363983154297,
  "summary_bg_p95": 223.33766174316406,
  "summary_bg_stdv": 84.600479850106,
  "summary_fg_k": 3.3152220385483773,
  "summary_fg_mad": 97.64474858355042,
  "summary_fg_mean": 886.5375184822427,
  "summary_fg_median": 901.8733825683594,
  "summary_fg_n": 37668.0,
  "summary_fg_p05": 604.5389404296875,
  "summary_fg_p95": 1066.9285888671875,
  "summary_fg_stdv": 135.4648719256951,
  "tsnr": 59.13726782484446
}