{
  "aor": 0.0003893518518518519,
  "aqi": 0.013648301388888888,
  "bids_meta": {
    "AccelFactPE": 2,
    "AcquisitionNumber": 1,
    "AcquisitionTime": "15:20:25.190000",
    "BandwidthPerPixelPhaseEncode": 65.104,
    "ConversionSoftware": "dcm2niix",
    "ConversionSoftwareVersion": "v1.0.20170724 GCC4.4.7",
    "DeviceSerialNumber": "35193",
    "EchoTime": 0.025,
    "EffectiveEchoSpacing": 0.000240001,
    "FlipAngle": 90,
    "ImageType": [
      "ORIGINAL",
      "PRIMARY",
      "M",
      "ND",
      "NORM",
      "MOSAIC"
    ],
    "InstitutionAddress": "Xinjiekouwai_Street_No_19_Beijing_Haidian_District_CN_100875",
    "InstitutionName": "BNU_MRI_Center",
    "MagneticFieldStrength": 3,
    "Manufacturer": "Siemens",
    "ManufacturersModelName": "TrioTim",
    "PhaseEncodingDirection": "j-",
    "PhaseEncodingLines": 64,
    "ProcedureStepDescription": "BNU_cst_2019_Zhu.Bi",
    "ProtocolName": "Test2_216",
    "RepetitionTime": 2,
    "ScanningSequence": "EP",
    "SequenceName": "_epfid2d1_64",
    "SequenceVariant": "SK",
    "SeriesDescription": "Test2_216",
    "SliceTiming": [
      0,
      1.02,
      0.05,
      1.0675,
      0.0975,
      1.115,
      0.1475,
      1.165,
      0.195,
      1.2125,
      0.2425,
      1.2625,
      0.2925,
      1.31,
      0.34,
      1.3575,
      0.39,
      1.4075,
      0.4375,
      1.455,
      0.485,
      1.5025,
      0.535,
      1.5525,
      0.5825,
      1.6,
      0.63,
      1.65,
      0.68,
      1.6975,
      0.7275,
      1.745,
      0.7775,
      1.795,
      0.825,
      1.8425,
      0.8725,
      1.8925,
      0.9225,
      1.94,
      0.97
    ],
    "SoftwareVersions": "syngo_MR_B17",
    "TaskName": "retrieval",
    "TotalReadoutTime": 0.01488,
    "TrueEchoSpacing": 0.000480001,
    "dataset": "ds003789",
    "modality": "bold",
    "run_id": 2,
    "subject_id": "5410",
    "task_id": "retrieval"
  },
  "dummy_trs": 0,
  "dvars_nstd": 30.645865373860484,
  "dvars_std": 1.1505027986976746,
  "dvars_vstd": 0.9986318673488372,
  "efc": 0.5294670714384501,
  "fber": 1286.1524658203125,
  "fd_mean": 0.038026985066432435,
  "fd_num": 0,
  "fd_perc": 0.0,
  "fwhm_avg": 1.5941968760336638,
  "fwhm_x": 1.5326899999999999,
  "fwhm_y": 1.7245733333333335,
  "fwhm_z": 1.5253272947676584,
  "gcor": 0.0156177,
  "gsr_x": -0.003296696813777089,
  "gsr_y": 0.01346748135983944,
  "provenance": {
    "md5sum": "70be98cdf433e97c6fc40ce2a02c8101",
    "settings": {
      "fd_thres": 0.2,
      "testing": false
    },
    "software": "mriqc",
    "version": "23.1.0"
  },
  "size_t": 216,
  "size_x": 64,
  "size_y": 64,
  "size_z": 41,
  "snr": 6.604611403568727,
  "spacing_tr": 2.0,
  "spacing_x": 3.0,
  "spacing_y": 3.0,
  "spacing_z": 3.299999952316284,
  "summary_bg_k": 21.560302384681062,
  "summary_bg_mad": 15.91051694311136,
  "summary_bg_mean": 52.1273977984213,
  "summary_bg_median": 24.91666603088379,
  "summary_bg_n": 127974.0,
  "summary_bg_p05": 9.796296119689941,
  "summary_bg_p95": 217.06944274902344,
  "summary_bg_stdv": 83.57178688693811,
  "summary_fg_k": 2.6045546631994796,
  "summary_fg_mad": 108.17847265267105,
  "summary_fg_mean": 881.6850631021414,
  "summary_fg_median": 893.5856323242188,
  "summary_fg_n": 39962.0,
  "summary_fg_p05": 610.3009033203125,
  "summary_fg_p95": 1065.851806640625,
  "summary_fg_stdv": 135.29553780100022,
  "tsnr": 57.24380000680685
}