{
  "aor": 0.0005917532467532467,
  "aqi": 0.014277112337662339,
  "bids_meta": {
    "AccelFactPE": 2,
    "AcquisitionNumber": 1,
    "AcquisitionTime": "15:49:11.145000",
    "BandwidthPerPixelPhaseEncode": 65.104,
    "ConversionSoftware": "dcm2niix",
    "ConversionSoftwareVersion": "v1.0.20170724 GCC4.4.7",
    "DeviceSerialNumber": "35193",
    "EchoTime": 0.025,
    "EffectiveEchoSpacing": 0.000240001,
    "FlipAngle": 90,
    "ImageType": [
      "ORIGINAL",
      "PRIMARY",
      "M",
      "ND",
      "NORM",
      "MOSAIC"
    ],
    "InstitutionAddress": "Xinjiekouwai_Street_No_19_Beijing_Haidian_District_CN_100875",
    "InstitutionName": "BNU_MRI_Center",
    "MagneticFieldStrength": 3,
    "Manufacturer": "Siemens",
    "ManufacturersModelName": "TrioTim",
    "PhaseEncodingDirection": "j-",
    "PhaseEncodingLines": 64,
    "ProcedureStepDescription": "BNU_cst_2019_Zhu.Bi",
    "ProtocolName": "Learning4_154",
    "RepetitionTime": 2,
    "ScanningSequence": "EP",
    "SequenceName": "_epfid2d1_64",
    "SequenceVariant": "SK",
    "SeriesDescription": "Learning4_154",
    "SliceTiming": [
      0,
      1.0175,
      0.0475,
      1.065,
      0.0975,
      1.115,
      0.145,
      1.1625,
      0.1925,
      1.2125,
      0.2425,
      1.26,
      0.29,
      1.3075,
      0.34,
      1.3575,
      0.3875,
      1.405,
      0.435,
      1.455,
      0.485,
      1.5025,
      0.5325,
      1.55,
      0.5825,
      1.6,
      0.63,
      1.6475,
      0.6775,
      1.6975,
      0.7275,
      1.745,
      0.775,
      1.7925,
      0.825,
      1.8425,
      0.8725,
      1.89,
      0.92,
      1.94,
      0.97
    ],
    "SoftwareVersions": "syngo_MR_B17",
    "TaskName": "encoding",
    "TotalReadoutTime": 0.01488,
    "TrueEchoSpacing": 0.000480001,
    "dataset": "ds003789",
    "modality": "bold",
    "run_id": 4,
    "subject_id": "5410",
    "task_id": "encoding"
  },
  "dummy_trs": 0,
  "dvars_nstd": 31.193730210915028,
  "dvars_std": 1.1709148033333339,
  "dvars_vstd": 1.0139810260130717,
  "efc": 0.5313749609589026,
  "fber": 1276.3280029296875,
  "fd_mean": 0.04369631317320062,
  "fd_num": 0,
  "fd_perc": 0.0,
  "fwhm_avg": 1.6082027347140435,
  "fwhm_x": 1.5510233333333332,
  "fwhm_y": 1.7286333333333335,
  "fwhm_z": 1.5449515374754637,
  "gcor": 0.00548134,
  "gsr_x": -0.002054673619568348,
  "gsr_y": 0.012283376418054104,
  "provenance": {
    "md5sum": "31b901d0c47eabbd0b5097c06e5775d6",
    "settings": {
      "fd_thres": 0.2,
      "testing": false
    },
    "software": "mriqc",
    "version": "23.1.0"
  },
  "size_t": 154,
  "size_x": 64,
  "size_y": 64,
  "size_z": 41,
  "snr": 6.627205568744538,
  "spacing_tr": 2.0,
  "spacing_x": 3.0,
  "spacing_y": 3.0,
  "spacing_z": 3.299999952316284,
  "summary_bg_k": 20.08398181609083,
  "summary_bg_mad": 15.105213346654127,
  "summary_bg_mean": 51.42021863930185,
  "summary_bg_median": 24.350648880004883,
  "summary_bg_n": 127846.0,
  "summary_bg_p05": 10.168830871582031,
  "summary_bg_p95": 216.72727966308594,
  "summary_bg_stdv": 81.34719697004674,
  "summary_fg_k": 2.62372618099294,
  "summary_fg_mad": 105.54396705645138,
  "summary_fg_mean": 858.6933891201234,
  "summary_fg_median": 869.9447937011719,
  "summary_fg_n": 40090.0,
  "summary_fg_p05": 597.5454711914062,
  "summary_fg_p95": 1036.162353515625,
  "summary_fg_stdv": 131.26708304306618,
  "tsnr": 56.45303827151656
}