{
  "aor": 0.000704935064935065,
  "aqi": 0.012517057792207794,
  "bids_meta": {
    "AccelFactPE": 2,
    "AcquisitionNumber": 1,
    "AcquisitionTime": "15:41:43.050000",
    "BandwidthPerPixelPhaseEncode": 65.104,
    "ConversionSoftware": "dcm2niix",
    "ConversionSoftwareVersion": "v1.0.20170724 GCC4.4.7",
    "DeviceSerialNumber": "35193",
    "EchoTime": 0.025,
    "EffectiveEchoSpacing": 0.000240001,
    "FlipAngle": 90,
    "ImageType": [
      "ORIGINAL",
      "PRIMARY",
      "M",
      "ND",
      "NORM",
      "MOSAIC"
    ],
    "InstitutionAddress": "Xinjiekouwai_Street_No_19_Beijing_Haidian_District_CN_100875",
    "InstitutionName": "BNU_MRI_Center",
    "MagneticFieldStrength": 3,
    "Manufacturer": "Siemens",
    "ManufacturersModelName": "TrioTim",
    "PhaseEncodingDirection": "j-",
    "PhaseEncodingLines": 64,
    "ProcedureStepDescription": "BNU_cst_2019_Zhu.Bi",
    "ProtocolName": "Learning3_154",
    "RepetitionTime": 2,
    "ScanningSequence": "EP",
    "SequenceName": "_epfid2d1_64",
    "SequenceVariant": "SK",
    "SeriesDescription": "Learning3_154",
    "SliceTiming": [
      0,
      1.0175,
      0.05,
      1.0675,
      0.0975,
      1.115,
      0.145,
      1.1625,
      0.195,
      1.2125,
      0.2425,
      1.26,
      0.29,
      1.31,
      0.34,
      1.3575,
      0.3875,
      1.405,
      0.4375,
      1.455,
      0.485,
      1.5025,
      0.5325,
      1.5525,
      0.5825,
      1.6,
      0.63,
      1.6475,
      0.68,
      1.6975,
      0.7275,
      1.745,
      0.775,
      1.795,
      0.825,
      1.8425,
      0.8725,
      1.89,
      0.9225,
      1.94,
      0.97
    ],
    "SoftwareVersions": "syngo_MR_B17",
    "TaskName": "encoding",
    "TotalReadoutTime": 0.01488,
    "TrueEchoSpacing": 0.000480001,
    "dataset": "ds003789",
    "modality": "bold",
    "run_id": 3,
    "subject_id": "5410",
    "task_id": "encoding"
  },
  "dummy_trs": 0,
  "dvars_nstd": 31.360459047777784,
  "dvars_std": 1.1917989135947709,
  "dvars_vstd": 1.021058449411764,
  "efc": 0.5306213124122822,
  "fber": 1292.12060546875,
  "fd_mean": 0.03816786833786725,
  "fd_num": 0,
  "fd_perc": 0.0,
  "fwhm_avg": 1.6077142498862111,
  "fwhm_x": 1.5465433333333334,
  "fwhm_y": 1.72736,
  "fwhm_z": 1.5492394163253007,
  "gcor": 0.00720514,
  "gsr_x": -0.0014529966283589602,
  "gsr_y": 0.011688430793583393,
  "provenance": {
    "md5sum": "bdfba21766e67efb932d9eaa54a1fec6",
    "settings": {
      "fd_thres": 0.2,
      "testing": false
    },
    "software": "mriqc",
    "version": "23.1.0"
  },
  "size_t": 154,
  "size_x": 64,
  "size_y": 64,
  "size_z": 41,
  "snr": 6.638522685808844,
  "spacing_tr": 2.0,
  "spacing_x": 3.0,
  "spacing_y": 3.0,
  "spacing_z": 3.299999952316284,
  "summary_bg_k": 20.382019502710122,
  "summary_bg_mad": 14.864530286920834,
  "summary_bg_mean": 51.151532053266166,
  "summary_bg_median": 24.266233444213867,
  "summary_bg_n": 127848.0,
  "summary_bg_p05": 10.279220581054688,
  "summary_bg_p95": 214.70779418945312,
  "summary_bg_stdv": 81.310634769705,
  "summary_fg_k": 2.580898793527264,
  "summary_fg_mad": 106.83884598990511,
  "summary_fg_mean": 861.414716132504,
  "summary_fg_median": 872.2759704589844,
  "summary_fg_n": 40088.0,
  "summary_fg_p05": 600.2792358398438,
  "summary_fg_p95": 1039.987060546875,
  "summary_fg_stdv": 131.3944580984978,
  "tsnr": 59.047791792079806
}