{
  "aor": 0.0003749537037037037,
  "aqi": 0.013551206018518516,
  "bids_meta": {
    "AccelFactPE": 2,
    "AcquisitionNumber": 1,
    "AcquisitionTime": "15:28:25.955000",
    "BandwidthPerPixelPhaseEncode": 65.104,
    "ConversionSoftware": "dcm2niix",
    "ConversionSoftwareVersion": "v1.0.20170724 GCC4.4.7",
    "DeviceSerialNumber": "35193",
    "EchoTime": 0.025,
    "EffectiveEchoSpacing": 0.000240001,
    "FlipAngle": 90,
    "ImageType": [
      "ORIGINAL",
      "PRIMARY",
      "M",
      "ND",
      "NORM",
      "MOSAIC"
    ],
    "InstitutionAddress": "Xinjiekouwai_Street_No_19_Beijing_Haidian_District_CN_100875",
    "InstitutionName": "BNU_MRI_Center",
    "MagneticFieldStrength": 3,
    "Manufacturer": "Siemens",
    "ManufacturersModelName": "TrioTim",
    "PhaseEncodingDirection": "j-",
    "PhaseEncodingLines": 64,
    "ProcedureStepDescription": "BNU_cst_2019_Zhu.Bi",
    "ProtocolName": "Test3_216",
    "RepetitionTime": 2,
    "ScanningSequence": "EP",
    "SequenceName": "_epfid2d1_64",
    "SequenceVariant": "SK",
    "SeriesDescription": "Test3_216",
    "SliceTiming": [
      0,
      1.02,
      0.05,
      1.0675,
      0.0975,
      1.115,
      0.1475,
      1.165,
      0.195,
      1.2125,
      0.2425,
      1.2625,
      0.2925,
      1.31,
      0.34,
      1.3575,
      0.39,
      1.4075,
      0.4375,
      1.455,
      0.485,
      1.505,
      0.535,
      1.5525,
      0.5825,
      1.6,
      0.6325,
      1.65,
      0.68,
      1.6975,
      0.7275,
      1.745,
      0.7775,
      1.795,
      0.825,
      1.8425,
      0.8725,
      1.8925,
      0.9225,
      1.94,
      0.97
    ],
    "SoftwareVersions": "syngo_MR_B17",
    "TaskName": "retrieval",
    "TotalReadoutTime": 0.01488,
    "TrueEchoSpacing": 0.000480001,
    "dataset": "ds003789",
    "modality": "bold",
    "run_id": 3,
    "subject_id": "5410",
    "task_id": "retrieval"
  },
  "dummy_trs": 0,
  "dvars_nstd": 31.265463700697676,
  "dvars_std": 1.1654678677674417,
  "dvars_vstd": 0.9971244518139533,
  "efc": 0.5301621413891013,
  "fber": 1272.4010009765625,
  "fd_mean": 0.03537844109979948,
  "fd_num": 0,
  "fd_perc": 0.0,
  "fwhm_avg": 1.5939787952423243,
  "fwhm_x": 1.5322733333333334,
  "fwhm_y": 1.72086,
  "fwhm_z": 1.5288030523936393,
  "gcor": 0.0156615,
  "gsr_x": -0.0035230261273682117,
  "gsr_y": 0.013312800787389278,
  "provenance": {
    "md5sum": "6c874355c9657d63bc6a8d0b018d8c82",
    "settings": {
      "fd_thres": 0.2,
      "testing": false
    },
    "software": "mriqc",
    "version": "23.1.0"
  },
  "size_t": 216,
  "size_x": 64,
  "size_y": 64,
  "size_z": 41,
  "snr": 6.614809760879322,
  "spacing_tr": 2.0,
  "spacing_x": 3.0,
  "spacing_y": 3.0,
  "spacing_z": 3.299999952316284,
  "summary_bg_k": 21.69617712361847,
  "summary_bg_mad": 15.83501504733463,
  "summary_bg_mean": 52.600292330085246,
  "summary_bg_median": 25.05555534362793,
  "summary_bg_n": 127969.0,
  "summary_bg_p05": 9.791666984558105,
  "summary_bg_p95": 219.87037658691406,
  "summary_bg_stdv": 84.47931709382114,
  "summary_fg_k": 2.6802129482089354,
  "summary_fg_mad": 108.37411388780343,
  "summary_fg_mean": 881.9244226519685,
  "summary_fg_median": 893.75,
  "summary_fg_n": 39967.0,
  "summary_fg_p05": 610.7129516601562,
  "summary_fg_p95": 1065.638916015625,
  "summary_fg_stdv": 135.11179476639185,
  "tsnr": 57.07206076383591
}