{
  "aor": 0.0006977922077922078,
  "aqi": 0.012575698701298701,
  "bids_meta": {
    "AccelFactPE": 2,
    "AcquisitionNumber": 1,
    "AcquisitionTime": "15:55:4.077500",
    "BandwidthPerPixelPhaseEncode": 65.104,
    "ConversionSoftware": "dcm2niix",
    "ConversionSoftwareVersion": "v1.0.20170724 GCC4.4.7",
    "DeviceSerialNumber": "35193",
    "EchoTime": 0.025,
    "EffectiveEchoSpacing": 0.000240001,
    "FlipAngle": 90,
    "ImageType": [
      "ORIGINAL",
      "PRIMARY",
      "M",
      "ND",
      "NORM",
      "MOSAIC"
    ],
    "InstitutionAddress": "Xinjiekouwai_Street_No_19_Beijing_Haidian_District_CN_100875",
    "InstitutionName": "BNU_MRI_Center",
    "MagneticFieldStrength": 3,
    "Manufacturer": "Siemens",
    "ManufacturersModelName": "TrioTim",
    "PhaseEncodingDirection": "j-",
    "PhaseEncodingLines": 64,
    "ProcedureStepDescription": "BNU_cst_2019_Zhu.Bi",
    "ProtocolName": "Learning5_154",
    "RepetitionTime": 2,
    "ScanningSequence": "EP",
    "SequenceName": "_epfid2d1_64",
    "SequenceVariant": "SK",
    "SeriesDescription": "Learning5_154",
    "SliceTiming": [
      0,
      1.0175,
      0.05,
      1.0675,
      0.0975,
      1.115,
      0.145,
      1.1625,
      0.195,
      1.2125,
      0.2425,
      1.26,
      0.29,
      1.31,
      0.34,
      1.3575,
      0.3875,
      1.405,
      0.4375,
      1.455,
      0.485,
      1.5025,
      0.5325,
      1.5525,
      0.5825,
      1.6,
      0.63,
      1.6475,
      0.68,
      1.6975,
      0.7275,
      1.745,
      0.775,
      1.795,
      0.825,
      1.8425,
      0.8725,
      1.89,
      0.9225,
      1.94,
      0.97
    ],
    "SoftwareVersions": "syngo_MR_B17",
    "TaskName": "encoding",
    "TotalReadoutTime": 0.01488,
    "TrueEchoSpacing": 0.000480001,
    "dataset": "ds003789",
    "modality": "bold",
    "run_id": 5,
    "subject_id": "5410",
    "task_id": "encoding"
  },
  "dummy_trs": 0,
  "dvars_nstd": 31.484929726666664,
  "dvars_std": 1.1895822958823528,
  "dvars_vstd": 1.0211944132679736,
  "efc": 0.5317003865994012,
  "fber": 1278.248291015625,
  "fd_mean": 0.03879986149979193,
  "fd_num": 0,
  "fd_perc": 0.0,
  "fwhm_avg": 1.6065826337102187,
  "fwhm_x": 1.5498666666666667,
  "fwhm_y": 1.7236266666666669,
  "fwhm_z": 1.5462545677973223,
  "gcor": 0.00507432,
  "gsr_x": -0.0019955916795879602,
  "gsr_y": 0.012021170929074287,
  "provenance": {
    "md5sum": "b769e47fab974c0a13178e286e2a5a1e",
    "settings": {
      "fd_thres": 0.2,
      "testing": false
    },
    "software": "mriqc",
    "version": "23.1.0"
  },
  "size_t": 154,
  "size_x": 64,
  "size_y": 64,
  "size_z": 41,
  "snr": 6.5822979105382675,
  "spacing_tr": 2.0,
  "spacing_x": 3.0,
  "spacing_y": 3.0,
  "spacing_z": 3.299999952316284,
  "summary_bg_k": 20.405897087266368,
  "summary_bg_mad": 14.9222959745172,
  "summary_bg_mean": 51.45316424600049,
  "summary_bg_median": 24.35714340209961,
  "summary_bg_n": 127759.0,
  "summary_bg_p05": 10.292207717895508,
  "summary_bg_p95": 217.20779418945312,
  "summary_bg_stdv": 81.40105379023916,
  "summary_fg_k": 2.5494633513253113,
  "summary_fg_mad": 106.06379179059479,
  "summary_fg_mean": 858.9130007250608,
  "summary_fg_median": 870.8311767578125,
  "summary_fg_n": 40177.0,
  "summary_fg_p05": 592.2012939453125,
  "summary_fg_p95": 1037.32470703125,
  "summary_fg_stdv": 132.29731487268722,
  "tsnr": 58.92166782077402
}