{
  "aor": 0.0010630718954248368,
  "aqi": 0.01534356339869281,
  "bids_meta": {
    "AccelFactPE": 2,
    "AcquisitionNumber": 1,
    "AcquisitionTime": "12:36:16.132500",
    "BandwidthPerPixelPhaseEncode": 65.104,
    "ConversionSoftware": "dcm2niix",
    "ConversionSoftwareVersion": "v1.0.20170724 GCC4.4.7",
    "DeviceSerialNumber": "35193",
    "EchoTime": 0.025,
    "EffectiveEchoSpacing": 0.000240001,
    "FlipAngle": 90,
    "ImageType": [
      "ORIGINAL",
      "PRIMARY",
      "M",
      "ND",
      "NORM",
      "MOSAIC"
    ],
    "InstitutionAddress": "Xinjiekouwai_Street_No_19_Beijing_Haidian_District_CN_100875",
    "InstitutionName": "Beijing_Normal_Universtiy_7C3C54",
    "MagneticFieldStrength": 3,
    "Manufacturer": "Siemens",
    "ManufacturersModelName": "TrioTim",
    "PhaseEncodingDirection": "j-",
    "PhaseEncodingLines": 64,
    "ProcedureStepDescription": "BNU_cst_2019_Zhu.Bi",
    "ProtocolName": "Learning6_154",
    "RepetitionTime": 2,
    "ScanningSequence": "EP",
    "SequenceName": "_epfid2d1_64",
    "SequenceVariant": "SK",
    "SeriesDescription": "Learning6_154",
    "SliceTiming": [
      0,
      1.02,
      0.05,
      1.0675,
      0.0975,
      1.115,
      0.1475,
      1.165,
      0.195,
      1.2125,
      0.2425,
      1.2625,
      0.2925,
      1.31,
      0.34,
      1.3575,
      0.39,
      1.4075,
      0.4375,
      1.455,
      0.485,
      1.505,
      0.535,
      1.5525,
      0.5825,
      1.6,
      0.6325,
      1.65,
      0.68,
      1.6975,
      0.7275,
      1.745,
      0.7775,
      1.795,
      0.825,
      1.8425,
      0.8725,
      1.8925,
      0.9225,
      1.94,
      0.97
    ],
    "SoftwareVersions": "syngo_MR_B17",
    "TaskName": "encoding",
    "TotalReadoutTime": 0.01488,
    "TrueEchoSpacing": 0.000480001,
    "dataset": "ds003789",
    "modality": "bold",
    "run_id": 6,
    "subject_id": "5432",
    "task_id": "encoding"
  },
  "dummy_trs": 1,
  "dvars_nstd": 38.17182247276317,
  "dvars_std": 1.233448250263159,
  "dvars_vstd": 1.0072353623026316,
  "efc": 0.6183978475246025,
  "fber": 747.9210815429688,
  "fd_mean": 0.10210329678674851,
  "fd_num": 8,
  "fd_perc": 5.228758169934641,
  "fwhm_avg": 1.5853090980787983,
  "fwhm_x": 1.5488733333333335,
  "fwhm_y": 1.7184933333333332,
  "fwhm_z": 1.4885606275697278,
  "gcor": 0.0131079,
  "gsr_x": 0.0298102218657732,
  "gsr_y": 0.014298059977591038,
  "provenance": {
    "md5sum": "8870ce3eb7861eb8f92531bd7c8b7570",
    "settings": {
      "fd_thres": 0.2,
      "testing": false
    },
    "software": "mriqc",
    "version": "23.1.0"
  },
  "size_t": 153,
  "size_x": 64,
  "size_y": 64,
  "size_z": 41,
  "snr": 6.109327003715129,
  "spacing_tr": 2.0,
  "spacing_x": 3.0,
  "spacing_y": 3.0,
  "spacing_z": 3.299999952316284,
  "summary_bg_k": 12.57671654781654,
  "summary_bg_mad": 22.830136529487994,
  "summary_bg_mean": 67.43852384663093,
  "summary_bg_median": 29.41830062866211,
  "summary_bg_n": 113095.0,
  "summary_bg_p05": 8.732026100158691,
  "summary_bg_p95": 288.52288818359375,
  "summary_bg_stdv": 99.77988025746674,
  "summary_fg_k": 3.0216741890322174,
  "summary_fg_mad": 106.5147982271812,
  "summary_fg_mean": 800.3519031017363,
  "summary_fg_median": 804.5359497070312,
  "summary_fg_n": 54841.0,
  "summary_fg_p05": 562.11767578125,
  "summary_fg_p95": 991.4705810546875,
  "summary_fg_stdv": 131.6885827221015,
  "tsnr": 48.734648269601166
}