{
  "aor": 0.0005716233766233767,
  "aqi": 0.016418163636363635,
  "bids_meta": {
    "AccelFactPE": 2,
    "AcquisitionNumber": 1,
    "AcquisitionTime": "12:05:15.620000",
    "BandwidthPerPixelPhaseEncode": 65.104,
    "ConversionSoftware": "dcm2niix",
    "ConversionSoftwareVersion": "v1.0.20170724 GCC4.4.7",
    "DeviceSerialNumber": "35193",
    "EchoTime": 0.025,
    "EffectiveEchoSpacing": 0.000240001,
    "FlipAngle": 90,
    "ImageType": [
      "ORIGINAL",
      "PRIMARY",
      "M",
      "ND",
      "NORM",
      "MOSAIC"
    ],
    "InstitutionAddress": "Xinjiekouwai_Street_No_19_Beijing_Haidian_District_CN_100875",
    "InstitutionName": "Beijing_Normal_Universtiy_7C3C54",
    "MagneticFieldStrength": 3,
    "Manufacturer": "Siemens",
    "ManufacturersModelName": "TrioTim",
    "PhaseEncodingDirection": "j-",
    "PhaseEncodingLines": 64,
    "ProcedureStepDescription": "BNU_cst_2019_Zhu.Bi",
    "ProtocolName": "Learning1_154",
    "RepetitionTime": 2,
    "ScanningSequence": "EP",
    "SequenceName": "_epfid2d1_64",
    "SequenceVariant": "SK",
    "SeriesDescription": "Learning1_154",
    "SliceTiming": [
      0,
      1.0175,
      0.0475,
      1.065,
      0.0975,
      1.115,
      0.145,
      1.1625,
      0.1925,
      1.2125,
      0.2425,
      1.26,
      0.29,
      1.3075,
      0.34,
      1.3575,
      0.3875,
      1.405,
      0.435,
      1.455,
      0.485,
      1.5025,
      0.5325,
      1.55,
      0.5825,
      1.6,
      0.63,
      1.6475,
      0.6775,
      1.695,
      0.7275,
      1.745,
      0.775,
      1.7925,
      0.8225,
      1.8425,
      0.8725,
      1.89,
      0.92,
      1.9375,
      0.97
    ],
    "SoftwareVersions": "syngo_MR_B17",
    "TaskName": "encoding",
    "TotalReadoutTime": 0.01488,
    "TrueEchoSpacing": 0.000480001,
    "dataset": "ds003789",
    "modality": "bold",
    "run_id": 1,
    "subject_id": "5432",
    "task_id": "encoding"
  },
  "dummy_trs": 0,
  "dvars_nstd": 37.07104412411764,
  "dvars_std": 1.2209809709150332,
  "dvars_vstd": 1.0067657768627454,
  "efc": 0.6142783312836337,
  "fber": 812.1249389648438,
  "fd_mean": 0.08113685498210653,
  "fd_num": 3,
  "fd_perc": 1.948051948051948,
  "fwhm_avg": 1.5949508153356806,
  "fwhm_x": 1.55311,
  "fwhm_y": 1.7255,
  "fwhm_z": 1.5062424460070414,
  "gcor": 0.00474426,
  "gsr_x": 0.030391544103622437,
  "gsr_y": 0.015223471447825432,
  "provenance": {
    "md5sum": "81f569903414f34504cf715403222958",
    "settings": {
      "fd_thres": 0.2,
      "testing": false
    },
    "software": "mriqc",
    "version": "23.1.0"
  },
  "size_t": 154,
  "size_x": 64,
  "size_y": 64,
  "size_z": 41,
  "snr": 6.154947330852449,
  "spacing_tr": 2.0,
  "spacing_x": 3.0,
  "spacing_y": 3.0,
  "spacing_z": 3.299999952316284,
  "summary_bg_k": 13.175881238341127,
  "summary_bg_mad": 21.52661430516958,
  "summary_bg_mean": 64.37472209996052,
  "summary_bg_median": 28.123376846313477,
  "summary_bg_n": 113203.0,
  "summary_bg_p05": 8.396103858947754,
  "summary_bg_p95": 279.8441467285156,
  "summary_bg_stdv": 97.45540721497224,
  "summary_fg_k": 2.7883774497541998,
  "summary_fg_mad": 106.01565065410523,
  "summary_fg_mean": 797.1790018337277,
  "summary_fg_median": 801.4545288085938,
  "summary_fg_n": 54733.0,
  "summary_fg_p05": 562.1558227539062,
  "summary_fg_p95": 987.240234375,
  "summary_fg_stdv": 130.21187090667942,
  "tsnr": 48.5721392033156
}