{
  "bids_meta": {
    "AcquisitionNumber": 1,
    "AcquisitionTime": "11:03:18.302500",
    "ConversionSoftware": "dcm2niix",
    "ConversionSoftwareVersion": "v1.0.20170724 GCC4.4.7",
    "DeviceSerialNumber": "35193",
    "EchoTime": 0.00309,
    "FlipAngle": 10,
    "ImageType": [
      "ORIGINAL",
      "PRIMARY",
      "M",
      "ND",
      "NORM"
    ],
    "InstitutionAddress": "Xinjiekouwai_Street_No_19_Beijing_Haidian_District_CN_100875",
    "InstitutionName": "BNU_MRI_Center",
    "InversionTime": 0.8,
    "MagneticFieldStrength": 3,
    "Manufacturer": "Siemens",
    "ManufacturersModelName": "TrioTim",
    "PhaseEncodingDirection": "i-",
    "PhaseEncodingLines": 256,
    "ProcedureStepDescription": "BNU_cst_2019_Zhu.Bi",
    "ProtocolName": "UCI_MPRAGE_Sag_1x1x1",
    "RepetitionTime": 2.53,
    "ScanningSequence": "GR_IR",
    "SequenceName": "_tfl3d1_ns",
    "SequenceVariant": "SP_MP",
    "SeriesDescription": "UCI_MPRAGE_Sag_1x1x1",
    "SoftwareVersions": "syngo_MR_B17",
    "dataset": "ds003789",
    "modality": "T1w",
    "subject_id": "5419"
  },
  "cjv": 0.6126353692080925,
  "cnr": 1.672146341824473,
  "efc": 0.5598425093075613,
  "fber": 10266.900375510204,
  "fwhm_avg": 4.197310000000001,
  "fwhm_x": 4.24015,
  "fwhm_y": 4.28823,
  "fwhm_z": 4.06355,
  "icvs_csf": 0.2720361568298215,
  "icvs_gm": 0.37678253490560953,
  "icvs_wm": 0.35118130826456906,
  "inu_med": 0.5938679575920105,
  "inu_range": 0.2855519905686378,
  "provenance": {
    "md5sum": "c79ea7cab0e66dab56f233020c8ddb45",
    "settings": {
      "testing": false
    },
    "software": "mriqc",
    "version": "23.1.0",
    "warnings": {
      "large_rot_frame": true,
      "small_air_mask": false
    }
  },
  "qi_1": 0.0,
  "qi_2": 0.001992481883648827,
  "rpve_csf": 8.240554123385909,
  "rpve_gm": 8.154944038024139,
  "rpve_wm": 8.264205903574714,
  "size_x": 208,
  "size_y": 256,
  "size_z": 256,
  "snr_csf": 2.144621070499645,
  "snr_gm": 5.096258556867801,
  "snr_total": 6.2153066413266105,
  "snr_wm": 11.405040296612386,
  "snrd_csf": 23.86934999711331,
  "snrd_gm": 39.01724117969929,
  "snrd_total": 39.00171406869013,
  "snrd_wm": 54.1185510292578,
  "spacing_x": 1.0,
  "spacing_y": 1.0,
  "spacing_z": 1.0,
  "summary_bg_k": 1689.866035007363,
  "summary_bg_mad": 0.0,
  "summary_bg_mean": 5.350935976734409,
  "summary_bg_median": 0.0,
  "summary_bg_n": 4791733.0,
  "summary_bg_p05": 0.0,
  "summary_bg_p95": 25.219091773033142,
  "summary_bg_stdv": 11.527433361248937,
  "summary_csf_k": -0.4301547900246039,
  "summary_csf_mad": 143.39019521270103,
  "summary_csf_mean": 423.27773319106393,
  "summary_csf_median": 419.9924496151507,
  "summary_csf_n": 443593.58313522104,
  "summary_csf_p05": 111.7836242839694,
  "summary_csf_p95": 737.3431957140565,
  "summary_csf_stdv": 195.8350507669121,
  "summary_gm_k": -0.4677581864380822,
  "summary_gm_mad": 95.85830846846473,
  "summary_gm_mean": 689.3934489398267,
  "summary_gm_median": 686.5267257913947,
  "summary_gm_n": 614397.4266851154,
  "summary_gm_p05": 470.17844224348664,
  "summary_gm_p95": 935.5337331853807,
  "summary_gm_stdv": 134.71180071246067,
  "summary_wm_k": -0.2808717190549834,
  "summary_wm_mad": 66.9278877263976,
  "summary_wm_mean": 937.084030452487,
  "summary_wm_median": 952.2413814850152,
  "summary_wm_n": 572650.991245431,
  "summary_wm_p05": 774.7304992675781,
  "summary_wm_p95": 1050.217553023249,
  "summary_wm_stdv": 83.49295796306083,
  "tpm_overlap_csf": 0.2159004058000949,
  "tpm_overlap_gm": 0.5243547998300085,
  "tpm_overlap_wm": 0.5507145463858403,
  "wm2max": 0.5603747333271496
}