{
  "bids_meta": {
    "AcquisitionNumber": 1,
    "AcquisitionTime": "10:21:36.180000",
    "ConversionSoftware": "dcm2niix",
    "ConversionSoftwareVersion": "v1.0.20170724 GCC4.4.7",
    "DeviceSerialNumber": "35193",
    "EchoTime": 0.00309,
    "FlipAngle": 10,
    "ImageType": [
      "ORIGINAL",
      "PRIMARY",
      "M",
      "ND",
      "NORM"
    ],
    "InstitutionAddress": "Xinjiekouwai_Street_No_19_Beijing_Haidian_District_CN_100875",
    "InstitutionName": "BNU_MRI_Center",
    "InversionTime": 0.8,
    "MagneticFieldStrength": 3,
    "Manufacturer": "Siemens",
    "ManufacturersModelName": "TrioTim",
    "PhaseEncodingDirection": "i-",
    "PhaseEncodingLines": 256,
    "ProcedureStepDescription": "BNU_cst_2019_Zhu.Bi",
    "ProtocolName": "UCI_MPRAGE_Sag_1x1x1",
    "RepetitionTime": 2.53,
    "ScanningSequence": "GR_IR",
    "SequenceName": "_tfl3d1_ns",
    "SequenceVariant": "SP_MP",
    "SeriesDescription": "UCI_MPRAGE_Sag_1x1x1",
    "SoftwareVersions": "syngo_MR_B17",
    "dataset": "ds003789",
    "modality": "T1w",
    "subject_id": "5418"
  },
  "cjv": 0.5590139512398171,
  "cnr": 1.8359280313875739,
  "efc": 0.4842334327458871,
  "fber": 10056.176234384295,
  "fwhm_avg": 4.115546666666666,
  "fwhm_x": 4.12453,
  "fwhm_y": 4.29703,
  "fwhm_z": 3.92508,
  "icvs_csf": 0.2755485526592557,
  "icvs_gm": 0.38293866537857585,
  "icvs_wm": 0.3415127819621684,
  "inu_med": 0.6256159543991089,
  "inu_range": 0.282577657699585,
  "provenance": {
    "md5sum": "8aff08b4738cb7a69dfd8f86e2f7d2e1",
    "settings": {
      "testing": false
    },
    "software": "mriqc",
    "version": "23.1.0",
    "warnings": {
      "large_rot_frame": false,
      "small_air_mask": false
    }
  },
  "qi_1": 0.0,
  "qi_2": 0.0001312674388694795,
  "rpve_csf": 8.752842532270746,
  "rpve_gm": 8.66745068187598,
  "rpve_wm": 8.771208519114328,
  "size_x": 208,
  "size_y": 256,
  "size_z": 256,
  "snr_csf": 2.1903565367819056,
  "snr_gm": 5.565244270241505,
  "snr_total": 5.688590461102336,
  "snr_wm": 9.310170576283598,
  "snrd_csf": 29.27304618574278,
  "snrd_gm": 47.77561958993405,
  "snrd_total": 48.54211981500635,
  "snrd_wm": 68.57769366934224,
  "spacing_x": 1.0,
  "spacing_y": 1.0,
  "spacing_z": 1.0,
  "summary_bg_k": 6.627806280134767,
  "summary_bg_mad": 0.0,
  "summary_bg_mean": 5.48229936594762,
  "summary_bg_median": 0.0,
  "summary_bg_n": 4427148.0,
  "summary_bg_p05": 0.0,
  "summary_bg_p95": 23.67293079942465,
  "summary_bg_stdv": 9.121053491866608,
  "summary_csf_k": -0.6081178128840041,
  "summary_csf_mad": 138.9725702353119,
  "summary_csf_mean": 410.245286023911,
  "summary_csf_median": 407.5502752251923,
  "summary_csf_n": 423711.83622424136,
  "summary_csf_p05": 111.5726989209652,
  "summary_csf_p95": 704.6818244792521,
  "summary_csf_stdv": 186.0655046119072,
  "summary_gm_k": -0.5898737094401425,
  "summary_gm_mad": 86.57067248917953,
  "summary_gm_mean": 669.451606082029,
  "summary_gm_median": 665.1500082835555,
  "summary_gm_n": 588845.9347832707,
  "summary_gm_p05": 477.34915336221457,
  "summary_gm_p95": 884.4708100631833,
  "summary_gm_stdv": 119.51846337613641,
  "summary_wm_k": -0.381154464928561,
  "summary_wm_mad": 75.3277280100653,
  "summary_wm_mean": 928.3560502016632,
  "summary_wm_median": 954.7642480358481,
  "summary_wm_n": 525145.2295529913,
  "summary_wm_p05": 723.2443036437035,
  "summary_wm_p95": 1056.4127795882523,
  "summary_wm_stdv": 102.55057425260605,
  "tpm_overlap_csf": 0.21213321529286747,
  "tpm_overlap_gm": 0.537677014849526,
  "tpm_overlap_wm": 0.5550258029264611,
  "wm2max": 0.5659368127972061
}