{
  "aor": 0.0005626143790849672,
  "aqi": 0.013057945751633987,
  "bids_meta": {
    "AccelFactPE": 2,
    "AcquisitionNumber": 1,
    "AcquisitionTime": "14:45:24.400000",
    "BandwidthPerPixelPhaseEncode": 65.104,
    "ConversionSoftware": "dcm2niix",
    "ConversionSoftwareVersion": "v1.0.20170724 GCC4.4.7",
    "DeviceSerialNumber": "35193",
    "EchoTime": 0.025,
    "EffectiveEchoSpacing": 0.000240001,
    "FlipAngle": 90,
    "ImageType": [
      "ORIGINAL",
      "PRIMARY",
      "M",
      "ND",
      "NORM",
      "MOSAIC"
    ],
    "InstitutionAddress": "Xinjiekouwai_Street_No_19_Beijing_Haidian_District_CN_100875",
    "InstitutionName": "BNU_MRI_Center",
    "MagneticFieldStrength": 3,
    "Manufacturer": "Siemens",
    "ManufacturersModelName": "TrioTim",
    "PhaseEncodingDirection": "j-",
    "PhaseEncodingLines": 64,
    "ProcedureStepDescription": "BNU_cst_2019_Zhu.Bi",
    "ProtocolName": "Learning6_154",
    "RepetitionTime": 2,
    "ScanningSequence": "EP",
    "SequenceName": "_epfid2d1_64",
    "SequenceVariant": "SK",
    "SeriesDescription": "Learning6_154",
    "SliceTiming": [
      0,
      1.0175,
      0.0475,
      1.065,
      0.095,
      1.115,
      0.145,
      1.1625,
      0.1925,
      1.21,
      0.2425,
      1.26,
      0.29,
      1.3075,
      0.3375,
      1.355,
      0.3875,
      1.405,
      0.435,
      1.4525,
      0.4825,
      1.5025,
      0.5325,
      1.55,
      0.58,
      1.5975,
      0.63,
      1.6475,
      0.6775,
      1.695,
      0.725,
      1.745,
      0.775,
      1.7925,
      0.8225,
      1.84,
      0.8725,
      1.89,
      0.92,
      1.9375,
      0.9675
    ],
    "SoftwareVersions": "syngo_MR_B17",
    "TaskName": "encoding",
    "TotalReadoutTime": 0.01488,
    "TrueEchoSpacing": 0.000480001,
    "dataset": "ds003789",
    "modality": "bold",
    "run_id": 6,
    "subject_id": "5414",
    "task_id": "encoding"
  },
  "dummy_trs": 1,
  "dvars_nstd": 28.655346443684195,
  "dvars_std": 1.08063661368421,
  "dvars_vstd": 1.0062885349342106,
  "efc": 0.5486833267657296,
  "fber": 1005.631103515625,
  "fd_mean": 0.07559591922738025,
  "fd_num": 2,
  "fd_perc": 1.3071895424836601,
  "fwhm_avg": 1.6240641488363081,
  "fwhm_x": 1.5709166666666665,
  "fwhm_y": 1.7603,
  "fwhm_z": 1.5409757798422579,
  "gcor": 0.00440368,
  "gsr_x": 0.006756490562111139,
  "gsr_y": 0.02655504085123539,
  "provenance": {
    "md5sum": "15151469c07a2b8540e55d6c6e35feb1",
    "settings": {
      "fd_thres": 0.2,
      "testing": false
    },
    "software": "mriqc",
    "version": "23.1.0"
  },
  "size_t": 153,
  "size_x": 64,
  "size_y": 64,
  "size_z": 41,
  "snr": 6.487607929960913,
  "spacing_tr": 2.0,
  "spacing_x": 3.0,
  "spacing_y": 3.0,
  "spacing_z": 3.299999952316284,
  "summary_bg_k": 26.509725255343124,
  "summary_bg_mad": 20.078115828796506,
  "summary_bg_mean": 59.05434388956815,
  "summary_bg_median": 28.745098114013672,
  "summary_bg_n": 125496.0,
  "summary_bg_p05": 9.947712898254395,
  "summary_bg_p95": 236.27450561523438,
  "summary_bg_stdv": 93.35336192311391,
  "summary_fg_k": 2.5507543759766245,
  "summary_fg_mad": 112.44036584029725,
  "summary_fg_mean": 901.5750478666307,
  "summary_fg_median": 911.5555419921875,
  "summary_fg_n": 42440.0,
  "summary_fg_p05": 626.3268127441406,
  "summary_fg_p95": 1099.0523071289062,
  "summary_fg_stdv": 140.50553184248028,
  "tsnr": 54.4727326836437
}