{
  "aor": 0.0006981018518518519,
  "aqi": 0.015850998611111108,
  "bids_meta": {
    "AccelFactPE": 2,
    "AcquisitionNumber": 1,
    "AcquisitionTime": "14:44:32.292500",
    "BandwidthPerPixelPhaseEncode": 65.104,
    "ConversionSoftware": "dcm2niix",
    "ConversionSoftwareVersion": "v1.0.20170724 GCC4.4.7",
    "DeviceSerialNumber": "35193",
    "EchoTime": 0.025,
    "EffectiveEchoSpacing": 0.000240001,
    "FlipAngle": 90,
    "ImageType": [
      "ORIGINAL",
      "PRIMARY",
      "M",
      "ND",
      "NORM",
      "MOSAIC"
    ],
    "InstitutionAddress": "Xinjiekouwai_Street_No_19_Beijing_Haidian_District_CN_100875",
    "InstitutionName": "BNU_MRI_Center",
    "MagneticFieldStrength": 3,
    "Manufacturer": "Siemens",
    "ManufacturersModelName": "TrioTim",
    "PhaseEncodingDirection": "j-",
    "PhaseEncodingLines": 64,
    "ProcedureStepDescription": "BNU_cst_2019_Zhu.Bi",
    "ProtocolName": "Test3_216",
    "RepetitionTime": 2,
    "ScanningSequence": "EP",
    "SequenceName": "_epfid2d1_64",
    "SequenceVariant": "SK",
    "SeriesDescription": "Test3_216",
    "SliceTiming": [
      0,
      1.0175,
      0.0475,
      1.065,
      0.0975,
      1.115,
      0.145,
      1.1625,
      0.1925,
      1.2125,
      0.2425,
      1.26,
      0.29,
      1.3075,
      0.34,
      1.3575,
      0.3875,
      1.405,
      0.435,
      1.455,
      0.485,
      1.5025,
      0.5325,
      1.55,
      0.5825,
      1.6,
      0.63,
      1.6475,
      0.6775,
      1.6975,
      0.7275,
      1.745,
      0.775,
      1.7925,
      0.825,
      1.8425,
      0.8725,
      1.89,
      0.92,
      1.9375,
      0.97
    ],
    "SoftwareVersions": "syngo_MR_B17",
    "TaskName": "retrieval",
    "TotalReadoutTime": 0.01488,
    "TrueEchoSpacing": 0.000480001,
    "dataset": "ds003789",
    "modality": "bold",
    "run_id": 3,
    "subject_id": "5414",
    "task_id": "retrieval"
  },
  "dummy_trs": 0,
  "dvars_nstd": 28.991292802604672,
  "dvars_std": 1.0809637501860463,
  "dvars_vstd": 0.9999731865116279,
  "efc": 0.5459351339708914,
  "fber": 1085.507568359375,
  "fd_mean": 0.08871446605610431,
  "fd_num": 4,
  "fd_perc": 1.8518518518518519,
  "fwhm_avg": 1.6244278860929455,
  "fwhm_x": 1.5817366666666668,
  "fwhm_y": 1.7748833333333334,
  "fwhm_z": 1.5166636582788362,
  "gcor": 0.00533051,
  "gsr_x": 0.007232395466417074,
  "gsr_y": 0.026029113680124283,
  "provenance": {
    "md5sum": "241b736c9767d47d951996c4a589b654",
    "settings": {
      "fd_thres": 0.2,
      "testing": false
    },
    "software": "mriqc",
    "version": "23.1.0"
  },
  "size_t": 216,
  "size_x": 64,
  "size_y": 64,
  "size_z": 41,
  "snr": 6.477402705299392,
  "spacing_tr": 2.0,
  "spacing_x": 3.0,
  "spacing_y": 3.0,
  "spacing_z": 3.299999952316284,
  "summary_bg_k": 26.620621936436052,
  "summary_bg_mad": 19.177733204988456,
  "summary_bg_mean": 57.02889201226527,
  "summary_bg_median": 27.537036895751953,
  "summary_bg_n": 125529.0,
  "summary_bg_p05": 9.481481552124023,
  "summary_bg_p95": 229.38888549804688,
  "summary_bg_stdv": 91.11950761230365,
  "summary_fg_k": 2.5508069129799242,
  "summary_fg_mad": 109.80178815546475,
  "summary_fg_mean": 895.7004183802442,
  "summary_fg_median": 907.263916015625,
  "summary_fg_n": 42407.0,
  "summary_fg_p05": 615.129638671875,
  "summary_fg_p95": 1091.9722900390625,
  "summary_fg_stdv": 140.06435297119984,
  "tsnr": 51.31507430784404
}