{
  "aor": 0.000611764705882353,
  "aqi": 0.012799981699346406,
  "bids_meta": {
    "AccelFactPE": 2,
    "AcquisitionNumber": 1,
    "AcquisitionTime": "14:58:40.685000",
    "BandwidthPerPixelPhaseEncode": 65.104,
    "ConversionSoftware": "dcm2niix",
    "ConversionSoftwareVersion": "v1.0.20170724 GCC4.4.7",
    "DeviceSerialNumber": "35193",
    "EchoTime": 0.025,
    "EffectiveEchoSpacing": 0.000240001,
    "FlipAngle": 90,
    "ImageType": [
      "ORIGINAL",
      "PRIMARY",
      "M",
      "ND",
      "NORM",
      "MOSAIC"
    ],
    "InstitutionAddress": "Xinjiekouwai_Street_No_19_Beijing_Haidian_District_CN_100875",
    "InstitutionName": "BNU_MRI_Center",
    "MagneticFieldStrength": 3,
    "Manufacturer": "Siemens",
    "ManufacturersModelName": "TrioTim",
    "PhaseEncodingDirection": "j-",
    "PhaseEncodingLines": 64,
    "ProcedureStepDescription": "BNU_cst_2019_Zhu.Bi",
    "ProtocolName": "Learning8_154",
    "RepetitionTime": 2,
    "ScanningSequence": "EP",
    "SequenceName": "_epfid2d1_64",
    "SequenceVariant": "SK",
    "SeriesDescription": "Learning8_154",
    "SliceTiming": [
      0,
      1.0175,
      0.0475,
      1.065,
      0.095,
      1.115,
      0.145,
      1.1625,
      0.1925,
      1.21,
      0.2425,
      1.26,
      0.29,
      1.3075,
      0.3375,
      1.355,
      0.3875,
      1.405,
      0.435,
      1.4525,
      0.4825,
      1.5025,
      0.5325,
      1.55,
      0.58,
      1.5975,
      0.63,
      1.6475,
      0.6775,
      1.695,
      0.725,
      1.745,
      0.775,
      1.7925,
      0.8225,
      1.84,
      0.8725,
      1.89,
      0.92,
      1.9375,
      0.9675
    ],
    "SoftwareVersions": "syngo_MR_B17",
    "TaskName": "encoding",
    "TotalReadoutTime": 0.01488,
    "TrueEchoSpacing": 0.000480001,
    "dataset": "ds003789",
    "modality": "bold",
    "run_id": 8,
    "subject_id": "5414",
    "task_id": "encoding"
  },
  "dummy_trs": 1,
  "dvars_nstd": 28.749661269736837,
  "dvars_std": 1.082278174276316,
  "dvars_vstd": 1.0114437123684208,
  "efc": 0.5499928034947295,
  "fber": 978.1090698242188,
  "fd_mean": 0.08218885416798749,
  "fd_num": 5,
  "fd_perc": 3.2679738562091503,
  "fwhm_avg": 1.6148667750897248,
  "fwhm_x": 1.5636866666666667,
  "fwhm_y": 1.7418500000000001,
  "fwhm_z": 1.5390636586025073,
  "gcor": 0.00640198,
  "gsr_x": 0.0072854976169764996,
  "gsr_y": 0.02707633562386036,
  "provenance": {
    "md5sum": "6109e779bb5b7f95304e8a8bb186c4d5",
    "settings": {
      "fd_thres": 0.2,
      "testing": false
    },
    "software": "mriqc",
    "version": "23.1.0"
  },
  "size_t": 153,
  "size_x": 64,
  "size_y": 64,
  "size_z": 41,
  "snr": 6.512105447167814,
  "spacing_tr": 2.0,
  "spacing_x": 3.0,
  "spacing_y": 3.0,
  "spacing_z": 3.299999952316284,
  "summary_bg_k": 25.665260846608042,
  "summary_bg_mad": 20.40758455948626,
  "summary_bg_mean": 59.86946732469088,
  "summary_bg_median": 29.130720138549805,
  "summary_bg_n": 125522.0,
  "summary_bg_p05": 10.039216041564941,
  "summary_bg_p95": 240.87582397460938,
  "summary_bg_stdv": 93.74230787909478,
  "summary_fg_k": 2.5070796933416615,
  "summary_fg_mad": 111.30660587962484,
  "summary_fg_mean": 901.2715714750058,
  "summary_fg_median": 911.0555725097656,
  "summary_fg_n": 42414.0,
  "summary_fg_p05": 626.0653686523438,
  "summary_fg_p95": 1096.398681640625,
  "summary_fg_stdv": 139.90019661138265,
  "tsnr": 54.6735938990023
}