{
  "aor": 0.00041981395348837213,
  "aqi": 0.02152878465116279,
  "bids_meta": {
    "AccelFactPE": 2,
    "AcquisitionNumber": 1,
    "AcquisitionTime": "14:36:27.347500",
    "BandwidthPerPixelPhaseEncode": 65.104,
    "ConversionSoftware": "dcm2niix",
    "ConversionSoftwareVersion": "v1.0.20170724 GCC4.4.7",
    "DeviceSerialNumber": "35193",
    "EchoTime": 0.025,
    "EffectiveEchoSpacing": 0.000240001,
    "FlipAngle": 90,
    "ImageType": [
      "ORIGINAL",
      "PRIMARY",
      "M",
      "ND",
      "NORM",
      "MOSAIC"
    ],
    "InstitutionAddress": "Xinjiekouwai_Street_No_19_Beijing_Haidian_District_CN_100875",
    "InstitutionName": "BNU_MRI_Center",
    "MagneticFieldStrength": 3,
    "Manufacturer": "Siemens",
    "ManufacturersModelName": "TrioTim",
    "PhaseEncodingDirection": "j-",
    "PhaseEncodingLines": 64,
    "ProcedureStepDescription": "BNU_cst_2019_Zhu.Bi",
    "ProtocolName": "Test2_216",
    "RepetitionTime": 2,
    "ScanningSequence": "EP",
    "SequenceName": "_epfid2d1_64",
    "SequenceVariant": "SK",
    "SeriesDescription": "Test2_216",
    "SliceTiming": [
      0,
      1.0175,
      0.05,
      1.0675,
      0.0975,
      1.115,
      0.145,
      1.165,
      0.195,
      1.2125,
      0.2425,
      1.26,
      0.2925,
      1.31,
      0.34,
      1.3575,
      0.3875,
      1.405,
      0.4375,
      1.455,
      0.485,
      1.5025,
      0.5325,
      1.5525,
      0.5825,
      1.6,
      0.63,
      1.6475,
      0.68,
      1.6975,
      0.7275,
      1.745,
      0.775,
      1.795,
      0.825,
      1.8425,
      0.8725,
      1.89,
      0.9225,
      1.94,
      0.97
    ],
    "SoftwareVersions": "syngo_MR_B17",
    "TaskName": "retrieval",
    "TotalReadoutTime": 0.01488,
    "TrueEchoSpacing": 0.000480001,
    "dataset": "ds003789",
    "modality": "bold",
    "run_id": 2,
    "subject_id": "5414",
    "task_id": "retrieval"
  },
  "dummy_trs": 1,
  "dvars_nstd": 28.322584909766363,
  "dvars_std": 1.025207279579439,
  "dvars_vstd": 0.9685041776635507,
  "efc": 0.545636150401608,
  "fber": 1067.55322265625,
  "fd_mean": 0.09102475989516749,
  "fd_num": 7,
  "fd_perc": 3.255813953488372,
  "fwhm_avg": 1.6337148558890922,
  "fwhm_x": 1.5849566666666668,
  "fwhm_y": 1.7789333333333335,
  "fwhm_z": 1.5372545676672758,
  "gcor": 0.00673339,
  "gsr_x": 0.00692584365606308,
  "gsr_y": 0.025081174448132515,
  "provenance": {
    "md5sum": "c1fe699e20919004a8647024f8150f55",
    "settings": {
      "fd_thres": 0.2,
      "testing": false
    },
    "software": "mriqc",
    "version": "23.1.0"
  },
  "size_t": 215,
  "size_x": 64,
  "size_y": 64,
  "size_z": 41,
  "snr": 6.518089803119697,
  "spacing_tr": 2.0,
  "spacing_x": 3.0,
  "spacing_y": 3.0,
  "spacing_z": 3.299999952316284,
  "summary_bg_k": 26.466793693060264,
  "summary_bg_mad": 19.039372683009997,
  "summary_bg_mean": 56.81394253268934,
  "summary_bg_median": 27.73023223876953,
  "summary_bg_n": 125567.0,
  "summary_bg_p05": 9.581395149230957,
  "summary_bg_p95": 229.36744689941406,
  "summary_bg_stdv": 90.81520233250919,
  "summary_fg_k": 2.5236181677590386,
  "summary_fg_mad": 109.31956237284656,
  "summary_fg_mean": 895.2165487911976,
  "summary_fg_median": 906.0418701171875,
  "summary_fg_n": 42369.0,
  "summary_fg_p05": 618.3767700195312,
  "summary_fg_p95": 1088.9674072265625,
  "summary_fg_stdv": 139.00256135577806,
  "tsnr": 47.46204695990309
}