{
  "aor": 0.00038958333333333336,
  "aqi": 0.021913741666666667,
  "bids_meta": {
    "AccelFactPE": 2,
    "AcquisitionNumber": 1,
    "AcquisitionTime": "14:28:20.787500",
    "BandwidthPerPixelPhaseEncode": 65.104,
    "ConversionSoftware": "dcm2niix",
    "ConversionSoftwareVersion": "v1.0.20170724 GCC4.4.7",
    "DeviceSerialNumber": "35193",
    "EchoTime": 0.025,
    "EffectiveEchoSpacing": 0.000240001,
    "FlipAngle": 90,
    "ImageType": [
      "ORIGINAL",
      "PRIMARY",
      "M",
      "ND",
      "NORM",
      "MOSAIC"
    ],
    "InstitutionAddress": "Xinjiekouwai_Street_No_19_Beijing_Haidian_District_CN_100875",
    "InstitutionName": "BNU_MRI_Center",
    "MagneticFieldStrength": 3,
    "Manufacturer": "Siemens",
    "ManufacturersModelName": "TrioTim",
    "PhaseEncodingDirection": "j-",
    "PhaseEncodingLines": 64,
    "ProcedureStepDescription": "BNU_cst_2019_Zhu.Bi",
    "ProtocolName": "Test1_216",
    "RepetitionTime": 2,
    "ScanningSequence": "EP",
    "SequenceName": "_epfid2d1_64",
    "SequenceVariant": "SK",
    "SeriesDescription": "Test1_216",
    "SliceTiming": [
      0,
      1.0175,
      0.05,
      1.0675,
      0.0975,
      1.115,
      0.145,
      1.165,
      0.195,
      1.2125,
      0.2425,
      1.26,
      0.29,
      1.31,
      0.34,
      1.3575,
      0.3875,
      1.405,
      0.4375,
      1.455,
      0.485,
      1.5025,
      0.5325,
      1.5525,
      0.5825,
      1.6,
      0.63,
      1.6475,
      0.68,
      1.6975,
      0.7275,
      1.745,
      0.775,
      1.795,
      0.825,
      1.8425,
      0.8725,
      1.89,
      0.9225,
      1.94,
      0.97
    ],
    "SoftwareVersions": "syngo_MR_B17",
    "TaskName": "retrieval",
    "TotalReadoutTime": 0.01488,
    "TrueEchoSpacing": 0.000480001,
    "dataset": "ds003789",
    "modality": "bold",
    "run_id": 1,
    "subject_id": "5414",
    "task_id": "retrieval"
  },
  "dummy_trs": 0,
  "dvars_nstd": 28.125711787395357,
  "dvars_std": 1.0251732562325577,
  "dvars_vstd": 0.9682721648837205,
  "efc": 0.5456368931564174,
  "fber": 1066.28466796875,
  "fd_mean": 0.09135863907158032,
  "fd_num": 2,
  "fd_perc": 0.9259259259259259,
  "fwhm_avg": 1.6352665730804692,
  "fwhm_x": 1.5841433333333335,
  "fwhm_y": 1.78032,
  "fwhm_z": 1.5413363859080746,
  "gcor": 0.00723434,
  "gsr_x": 0.005763273686170578,
  "gsr_y": 0.024706397205591202,
  "provenance": {
    "md5sum": "29f9ee9093b7dde0e3573bfae92d8f37",
    "settings": {
      "fd_thres": 0.2,
      "testing": false
    },
    "software": "mriqc",
    "version": "23.1.0"
  },
  "size_t": 216,
  "size_x": 64,
  "size_y": 64,
  "size_z": 41,
  "snr": 6.484328002351068,
  "spacing_tr": 2.0,
  "spacing_x": 3.0,
  "spacing_y": 3.0,
  "spacing_z": 3.299999952316284,
  "summary_bg_k": 26.501423164544967,
  "summary_bg_mad": 19.459152703966367,
  "summary_bg_mean": 56.54014907483038,
  "summary_bg_median": 27.685184478759766,
  "summary_bg_n": 125529.0,
  "summary_bg_p05": 9.143518447875977,
  "summary_bg_p95": 228.31944274902344,
  "summary_bg_stdv": 89.92528548000558,
  "summary_fg_k": 2.4399454777157876,
  "summary_fg_mad": 109.21839359353203,
  "summary_fg_mean": 892.9939471619989,
  "summary_fg_median": 904.0324096679688,
  "summary_fg_n": 42407.0,
  "summary_fg_p05": 612.6018676757812,
  "summary_fg_p95": 1088.0880126953125,
  "summary_fg_stdv": 139.41641296947742,
  "tsnr": 47.2489853084553
}