{
  "aor": 0.0005685064935064936,
  "aqi": 0.012581962987012987,
  "bids_meta": {
    "AccelFactPE": 2,
    "AcquisitionNumber": 1,
    "AcquisitionTime": "14:39:27.550000",
    "BandwidthPerPixelPhaseEncode": 65.104,
    "ConversionSoftware": "dcm2niix",
    "ConversionSoftwareVersion": "v1.0.20170724 GCC4.4.7",
    "DeviceSerialNumber": "35193",
    "EchoTime": 0.025,
    "EffectiveEchoSpacing": 0.000240001,
    "FlipAngle": 90,
    "ImageType": [
      "ORIGINAL",
      "PRIMARY",
      "M",
      "ND",
      "NORM",
      "MOSAIC"
    ],
    "InstitutionAddress": "Xinjiekouwai_Street_No_19_Beijing_Haidian_District_CN_100875",
    "InstitutionName": "BNU_MRI_Center",
    "MagneticFieldStrength": 3,
    "Manufacturer": "Siemens",
    "ManufacturersModelName": "TrioTim",
    "PhaseEncodingDirection": "j-",
    "PhaseEncodingLines": 64,
    "ProcedureStepDescription": "BNU_cst_2019_Zhu.Bi",
    "ProtocolName": "Learning5_154",
    "RepetitionTime": 2,
    "ScanningSequence": "EP",
    "SequenceName": "_epfid2d1_64",
    "SequenceVariant": "SK",
    "SeriesDescription": "Learning5_154",
    "SliceTiming": [
      0,
      1.0175,
      0.05,
      1.0675,
      0.0975,
      1.115,
      0.145,
      1.165,
      0.195,
      1.2125,
      0.2425,
      1.26,
      0.2925,
      1.31,
      0.34,
      1.3575,
      0.3875,
      1.4075,
      0.4375,
      1.455,
      0.485,
      1.5025,
      0.535,
      1.5525,
      0.5825,
      1.6,
      0.63,
      1.65,
      0.68,
      1.6975,
      0.7275,
      1.745,
      0.7775,
      1.795,
      0.825,
      1.8425,
      0.8725,
      1.89,
      0.9225,
      1.94,
      0.97
    ],
    "SoftwareVersions": "syngo_MR_B17",
    "TaskName": "encoding",
    "TotalReadoutTime": 0.01488,
    "TrueEchoSpacing": 0.000480001,
    "dataset": "ds003789",
    "modality": "bold",
    "run_id": 5,
    "subject_id": "5414",
    "task_id": "encoding"
  },
  "dummy_trs": 0,
  "dvars_nstd": 28.94385206908497,
  "dvars_std": 1.0948171327450982,
  "dvars_vstd": 1.0177779566013077,
  "efc": 0.5481222992996843,
  "fber": 1015.3091430664062,
  "fd_mean": 0.06885289301802403,
  "fd_num": 2,
  "fd_perc": 1.2987012987012987,
  "fwhm_avg": 1.6250928356809418,
  "fwhm_x": 1.5747533333333334,
  "fwhm_y": 1.7645433333333334,
  "fwhm_z": 1.535981840376158,
  "gcor": 0.014662,
  "gsr_x": 0.006724458187818527,
  "gsr_y": 0.026131201535463333,
  "provenance": {
    "md5sum": "c2f736f5113355c0ef9c2494532c607e",
    "settings": {
      "fd_thres": 0.2,
      "testing": false
    },
    "software": "mriqc",
    "version": "23.1.0"
  },
  "size_t": 154,
  "size_x": 64,
  "size_y": 64,
  "size_z": 41,
  "snr": 6.496480555862348,
  "spacing_tr": 2.0,
  "spacing_x": 3.0,
  "spacing_y": 3.0,
  "spacing_z": 3.299999952316284,
  "summary_bg_k": 26.261082690464395,
  "summary_bg_mad": 19.86109188668774,
  "summary_bg_mean": 58.641762508467195,
  "summary_bg_median": 28.62986946105957,
  "summary_bg_n": 125496.0,
  "summary_bg_p05": 9.785714149475098,
  "summary_bg_p95": 235.2532501220703,
  "summary_bg_stdv": 92.71517657509914,
  "summary_fg_k": 2.6666963304575484,
  "summary_fg_mad": 111.8593692861032,
  "summary_fg_mean": 901.5207157969587,
  "summary_fg_median": 912.259765625,
  "summary_fg_n": 42440.0,
  "summary_fg_p05": 625.0422058105469,
  "summary_fg_p95": 1097.43505859375,
  "summary_fg_stdv": 140.42203468114968,
  "tsnr": 54.58067607949488
}