{
  "aor": 0.0005432467532467532,
  "aqi": 0.014311927272727272,
  "bids_meta": {
    "AccelFactPE": 2,
    "AcquisitionNumber": 1,
    "AcquisitionTime": "10:48:57.917500",
    "BandwidthPerPixelPhaseEncode": 65.104,
    "ConversionSoftware": "dcm2niix",
    "ConversionSoftwareVersion": "v1.0.20170724 GCC4.4.7",
    "DeviceSerialNumber": "35193",
    "EchoTime": 0.025,
    "EffectiveEchoSpacing": 0.000240001,
    "FlipAngle": 90,
    "ImageType": [
      "ORIGINAL",
      "PRIMARY",
      "M",
      "ND",
      "NORM",
      "MOSAIC"
    ],
    "InstitutionAddress": "Xinjiekouwai_Street_No_19_Beijing_Haidian_District_CN_100875",
    "InstitutionName": "Beijing_Normal_Universtiy_7C3C54",
    "MagneticFieldStrength": 3,
    "Manufacturer": "Siemens",
    "ManufacturersModelName": "TrioTim",
    "PhaseEncodingDirection": "j-",
    "PhaseEncodingLines": 64,
    "ProcedureStepDescription": "BNU_cst_2019_Zhu.Bi",
    "ProtocolName": "Learning4_154",
    "RepetitionTime": 2,
    "ScanningSequence": "EP",
    "SequenceName": "_epfid2d1_64",
    "SequenceVariant": "SK",
    "SeriesDescription": "Learning4_154",
    "SliceTiming": [
      0,
      1.0175,
      0.0475,
      1.065,
      0.095,
      1.115,
      0.145,
      1.1625,
      0.1925,
      1.21,
      0.2425,
      1.26,
      0.29,
      1.3075,
      0.3375,
      1.3575,
      0.3875,
      1.405,
      0.435,
      1.4525,
      0.485,
      1.5025,
      0.5325,
      1.55,
      0.58,
      1.5975,
      0.63,
      1.6475,
      0.6775,
      1.695,
      0.725,
      1.745,
      0.775,
      1.7925,
      0.8225,
      1.84,
      0.8725,
      1.89,
      0.92,
      1.9375,
      0.9675
    ],
    "SoftwareVersions": "syngo_MR_B17",
    "TaskName": "encoding",
    "TotalReadoutTime": 0.01488,
    "TrueEchoSpacing": 0.000480001,
    "dataset": "ds003789",
    "modality": "bold",
    "run_id": 4,
    "subject_id": "5422",
    "task_id": "encoding"
  },
  "dummy_trs": 0,
  "dvars_nstd": 30.384163264052273,
  "dvars_std": 1.0867876001960781,
  "dvars_vstd": 1.011457432352942,
  "efc": 0.6000431877762452,
  "fber": 776.8592529296875,
  "fd_mean": 0.08103094600927528,
  "fd_num": 1,
  "fd_perc": 0.6493506493506493,
  "fwhm_avg": 1.5356743505864339,
  "fwhm_x": 1.48435,
  "fwhm_y": 1.63777,
  "fwhm_z": 1.4849030517593016,
  "gcor": 0.00612556,
  "gsr_x": 0.022688593715429306,
  "gsr_y": 0.04339936748147011,
  "provenance": {
    "md5sum": "397b42c1278bf75232c1fbc75ffa1a24",
    "settings": {
      "fd_thres": 0.2,
      "testing": false
    },
    "software": "mriqc",
    "version": "23.1.0"
  },
  "size_t": 154,
  "size_x": 64,
  "size_y": 64,
  "size_z": 41,
  "snr": 6.470696207438811,
  "spacing_tr": 2.0,
  "spacing_x": 3.0,
  "spacing_y": 3.0,
  "spacing_z": 3.299999952316284,
  "summary_bg_k": 10.08613181252927,
  "summary_bg_mad": 23.50983457319469,
  "summary_bg_mean": 71.89460011003389,
  "summary_bg_median": 29.214284896850586,
  "summary_bg_n": 119544.0,
  "summary_bg_p05": 9.655843734741211,
  "summary_bg_p95": 307.097412109375,
  "summary_bg_stdv": 103.52724581760972,
  "summary_fg_k": 2.5821218546861946,
  "summary_fg_mad": 106.91105769463947,
  "summary_fg_mean": 806.4838401824704,
  "summary_fg_median": 814.2662353515625,
  "summary_fg_n": 48392.0,
  "summary_fg_p05": 572.8571166992188,
  "summary_fg_p95": 983.032470703125,
  "summary_fg_stdv": 125.83774542531044,
  "tsnr": 48.68202272511553
}