{
  "aor": 0.0007047685185185185,
  "aqi": 0.015896333333333332,
  "bids_meta": {
    "AccelFactPE": 2,
    "AcquisitionNumber": 1,
    "AcquisitionTime": "09:54:50.887500",
    "BandwidthPerPixelPhaseEncode": 65.104,
    "ConversionSoftware": "dcm2niix",
    "ConversionSoftwareVersion": "v1.0.20170724 GCC4.4.7",
    "DeviceSerialNumber": "35193",
    "EchoTime": 0.025,
    "EffectiveEchoSpacing": 0.000240001,
    "FlipAngle": 90,
    "ImageType": [
      "ORIGINAL",
      "PRIMARY",
      "M",
      "ND",
      "NORM",
      "MOSAIC"
    ],
    "InstitutionAddress": "Xinjiekouwai_Street_No_19_Beijing_Haidian_District_CN_100875",
    "InstitutionName": "BNU_MRI_Center",
    "MagneticFieldStrength": 3,
    "Manufacturer": "Siemens",
    "ManufacturersModelName": "TrioTim",
    "PhaseEncodingDirection": "j-",
    "PhaseEncodingLines": 64,
    "ProcedureStepDescription": "BNU_cst_2019_Zhu.Bi",
    "ProtocolName": "Test2_216",
    "RepetitionTime": 2,
    "ScanningSequence": "EP",
    "SequenceName": "_epfid2d1_64",
    "SequenceVariant": "SK",
    "SeriesDescription": "Test2_216",
    "SliceTiming": [
      0,
      1.02,
      0.05,
      1.0675,
      0.0975,
      1.115,
      0.1475,
      1.165,
      0.195,
      1.2125,
      0.2425,
      1.26,
      0.2925,
      1.31,
      0.34,
      1.3575,
      0.3875,
      1.4075,
      0.4375,
      1.455,
      0.485,
      1.5025,
      0.535,
      1.5525,
      0.5825,
      1.6,
      0.63,
      1.65,
      0.68,
      1.6975,
      0.7275,
      1.745,
      0.7775,
      1.795,
      0.825,
      1.8425,
      0.8725,
      1.8925,
      0.9225,
      1.94,
      0.97
    ],
    "SoftwareVersions": "syngo_MR_B17",
    "TaskName": "retrieval",
    "TotalReadoutTime": 0.01488,
    "TrueEchoSpacing": 0.000480001,
    "dataset": "ds003789",
    "modality": "bold",
    "run_id": 2,
    "subject_id": "5422",
    "task_id": "retrieval"
  },
  "dummy_trs": 0,
  "dvars_nstd": 29.971293887999977,
  "dvars_std": 1.064488939534884,
  "dvars_vstd": 0.9994459966511626,
  "efc": 0.594894659022312,
  "fber": 833.5033569335938,
  "fd_mean": 0.09061181336732398,
  "fd_num": 5,
  "fd_perc": 2.314814814814815,
  "fwhm_avg": 1.5340824313822692,
  "fwhm_x": 1.4834666666666667,
  "fwhm_y": 1.63642,
  "fwhm_z": 1.4823606274801404,
  "gcor": 0.0136508,
  "gsr_x": 0.02392232045531273,
  "gsr_y": 0.04982810094952583,
  "provenance": {
    "md5sum": "34f00b2d6dd2feae0c41e508826c55db",
    "settings": {
      "fd_thres": 0.2,
      "testing": false
    },
    "software": "mriqc",
    "version": "23.1.0"
  },
  "size_t": 216,
  "size_x": 64,
  "size_y": 64,
  "size_z": 41,
  "snr": 6.456528115756272,
  "spacing_tr": 2.0,
  "spacing_x": 3.0,
  "spacing_y": 3.0,
  "spacing_z": 3.299999952316284,
  "summary_bg_k": 12.849658443654878,
  "summary_bg_mad": 22.239033277584028,
  "summary_bg_mean": 68.46471563932452,
  "summary_bg_median": 27.518518447875977,
  "summary_bg_n": 120151.0,
  "summary_bg_p05": 8.810185432434082,
  "summary_bg_p95": 291.3009338378906,
  "summary_bg_stdv": 100.95091326959806,
  "summary_fg_k": 2.488204289025063,
  "summary_fg_mad": 103.72722734454784,
  "summary_fg_mean": 786.5798954467838,
  "summary_fg_median": 794.4722290039062,
  "summary_fg_n": 47785.0,
  "summary_fg_p05": 560.8472290039062,
  "summary_fg_p95": 961.1990966796875,
  "summary_fg_stdv": 123.0481617564696,
  "tsnr": 47.32515452359803
}