{
  "aor": 0.000361712962962963,
  "aqi": 0.02154378425925926,
  "bids_meta": {
    "AccelFactPE": 2,
    "AcquisitionNumber": 1,
    "AcquisitionTime": "10:02:58.812500",
    "BandwidthPerPixelPhaseEncode": 65.104,
    "ConversionSoftware": "dcm2niix",
    "ConversionSoftwareVersion": "v1.0.20170724 GCC4.4.7",
    "DeviceSerialNumber": "35193",
    "EchoTime": 0.025,
    "EffectiveEchoSpacing": 0.000240001,
    "FlipAngle": 90,
    "ImageType": [
      "ORIGINAL",
      "PRIMARY",
      "M",
      "ND",
      "NORM",
      "MOSAIC"
    ],
    "InstitutionAddress": "Xinjiekouwai_Street_No_19_Beijing_Haidian_District_CN_100875",
    "InstitutionName": "BNU_MRI_Center",
    "MagneticFieldStrength": 3,
    "Manufacturer": "Siemens",
    "ManufacturersModelName": "TrioTim",
    "PhaseEncodingDirection": "j-",
    "PhaseEncodingLines": 64,
    "ProcedureStepDescription": "BNU_cst_2019_Zhu.Bi",
    "ProtocolName": "Test3_216",
    "RepetitionTime": 2,
    "ScanningSequence": "EP",
    "SequenceName": "_epfid2d1_64",
    "SequenceVariant": "SK",
    "SeriesDescription": "Test3_216",
    "SliceTiming": [
      0,
      1.02,
      0.05,
      1.0675,
      0.0975,
      1.115,
      0.1475,
      1.165,
      0.195,
      1.2125,
      0.2425,
      1.2625,
      0.2925,
      1.31,
      0.34,
      1.3575,
      0.39,
      1.4075,
      0.4375,
      1.455,
      0.485,
      1.5025,
      0.535,
      1.5525,
      0.5825,
      1.6,
      0.63,
      1.65,
      0.68,
      1.6975,
      0.7275,
      1.745,
      0.7775,
      1.795,
      0.825,
      1.8425,
      0.8725,
      1.8925,
      0.9225,
      1.94,
      0.97
    ],
    "SoftwareVersions": "syngo_MR_B17",
    "TaskName": "retrieval",
    "TotalReadoutTime": 0.01488,
    "TrueEchoSpacing": 0.000480001,
    "dataset": "ds003789",
    "modality": "bold",
    "run_id": 3,
    "subject_id": "5422",
    "task_id": "retrieval"
  },
  "dummy_trs": 0,
  "dvars_nstd": 29.85263847525581,
  "dvars_std": 1.008553463953488,
  "dvars_vstd": 0.9634948542790696,
  "efc": 0.5949542774750144,
  "fber": 836.5428466796875,
  "fd_mean": 0.10232897274758464,
  "fd_num": 12,
  "fd_perc": 5.555555555555555,
  "fwhm_avg": 1.555505663831067,
  "fwhm_x": 1.4975766666666666,
  "fwhm_y": 1.6605100000000002,
  "fwhm_z": 1.5084303248265343,
  "gcor": 0.017931,
  "gsr_x": 0.025513894855976105,
  "gsr_y": 0.0505669079720974,
  "provenance": {
    "md5sum": "125c9c06bd7ff17fffd6e2260bda6e1c",
    "settings": {
      "fd_thres": 0.2,
      "testing": false
    },
    "software": "mriqc",
    "version": "23.1.0"
  },
  "size_t": 216,
  "size_x": 64,
  "size_y": 64,
  "size_z": 41,
  "snr": 6.390534123745533,
  "spacing_tr": 2.0,
  "spacing_x": 3.0,
  "spacing_y": 3.0,
  "spacing_z": 3.299999952316284,
  "summary_bg_k": 12.497955357083022,
  "summary_bg_mad": 22.321401167216298,
  "summary_bg_mean": 68.53998445453092,
  "summary_bg_median": 27.495370864868164,
  "summary_bg_n": 120143.0,
  "summary_bg_p05": 8.740740776062012,
  "summary_bg_p95": 289.9212951660156,
  "summary_bg_stdv": 100.8039010769461,
  "summary_fg_k": 2.453166866827684,
  "summary_fg_mad": 104.20773380086283,
  "summary_fg_mean": 786.4298886650787,
  "summary_fg_median": 795.25,
  "summary_fg_n": 47793.0,
  "summary_fg_p05": 550.1065063476562,
  "summary_fg_p95": 961.5277709960938,
  "summary_fg_stdv": 124.4405655027421,
  "tsnr": 43.59802501683589
}