{
  "aor": 0.0007087012987012988,
  "aqi": 0.014213972727272726,
  "bids_meta": {
    "AccelFactPE": 2,
    "AcquisitionNumber": 1,
    "AcquisitionTime": "10:35:45.380000",
    "BandwidthPerPixelPhaseEncode": 65.104,
    "ConversionSoftware": "dcm2niix",
    "ConversionSoftwareVersion": "v1.0.20170724 GCC4.4.7",
    "DeviceSerialNumber": "35193",
    "EchoTime": 0.025,
    "EffectiveEchoSpacing": 0.000240001,
    "FlipAngle": 90,
    "ImageType": [
      "ORIGINAL",
      "PRIMARY",
      "M",
      "ND",
      "NORM",
      "MOSAIC"
    ],
    "InstitutionAddress": "Xinjiekouwai_Street_No_19_Beijing_Haidian_District_CN_100875",
    "InstitutionName": "Beijing_Normal_Universtiy_7C3C54",
    "MagneticFieldStrength": 3,
    "Manufacturer": "Siemens",
    "ManufacturersModelName": "TrioTim",
    "PhaseEncodingDirection": "j-",
    "PhaseEncodingLines": 64,
    "ProcedureStepDescription": "BNU_cst_2019_Zhu.Bi",
    "ProtocolName": "Learning2_154",
    "RepetitionTime": 2,
    "ScanningSequence": "EP",
    "SequenceName": "_epfid2d1_64",
    "SequenceVariant": "SK",
    "SeriesDescription": "Learning2_154",
    "SliceTiming": [
      0,
      1.02,
      0.05,
      1.0675,
      0.0975,
      1.115,
      0.1475,
      1.165,
      0.195,
      1.2125,
      0.2425,
      1.2625,
      0.2925,
      1.31,
      0.34,
      1.3575,
      0.3875,
      1.4075,
      0.4375,
      1.455,
      0.485,
      1.5025,
      0.535,
      1.5525,
      0.5825,
      1.6,
      0.63,
      1.65,
      0.68,
      1.6975,
      0.7275,
      1.745,
      0.7775,
      1.795,
      0.825,
      1.8425,
      0.8725,
      1.8925,
      0.9225,
      1.94,
      0.97
    ],
    "SoftwareVersions": "syngo_MR_B17",
    "TaskName": "encoding",
    "TotalReadoutTime": 0.01488,
    "TrueEchoSpacing": 0.000480001,
    "dataset": "ds003789",
    "modality": "bold",
    "run_id": 2,
    "subject_id": "5422",
    "task_id": "encoding"
  },
  "dummy_trs": 0,
  "dvars_nstd": 30.82743392882353,
  "dvars_std": 1.100001249738562,
  "dvars_vstd": 1.0154976343137252,
  "efc": 0.600735484775608,
  "fber": 768.12646484375,
  "fd_mean": 0.08865971989907377,
  "fd_num": 4,
  "fd_perc": 2.5974025974025974,
  "fwhm_avg": 1.5525415224294046,
  "fwhm_x": 1.4902433333333331,
  "fwhm_y": 1.65636,
  "fwhm_z": 1.511021233954881,
  "gcor": 0.0112729,
  "gsr_x": 0.02236846834421158,
  "gsr_y": 0.04353899508714676,
  "provenance": {
    "md5sum": "866125c6eb40337a00135bad7cd736f4",
    "settings": {
      "fd_thres": 0.2,
      "testing": false
    },
    "software": "mriqc",
    "version": "23.1.0"
  },
  "size_t": 154,
  "size_x": 64,
  "size_y": 64,
  "size_z": 41,
  "snr": 6.418923990140224,
  "spacing_tr": 2.0,
  "spacing_x": 3.0,
  "spacing_y": 3.0,
  "spacing_z": 3.299999952316284,
  "summary_bg_k": 10.050663866285973,
  "summary_bg_mad": 23.981570485875846,
  "summary_bg_mean": 72.14484250003446,
  "summary_bg_median": 29.2987003326416,
  "summary_bg_n": 119468.0,
  "summary_bg_p05": 9.227272987365723,
  "summary_bg_p95": 306.7597351074219,
  "summary_bg_stdv": 104.02731547981163,
  "summary_fg_k": 2.5900267734381286,
  "summary_fg_mad": 106.44892088251129,
  "summary_fg_mean": 803.7861947647325,
  "summary_fg_median": 812.0162353515625,
  "summary_fg_n": 48468.0,
  "summary_fg_p05": 567.2337646484375,
  "summary_fg_p95": 981.0,
  "summary_fg_stdv": 126.50217695789235,
  "tsnr": 48.60522215551464
}