{
  "aor": 0.0009449350649350649,
  "aqi": 0.012287262727272728,
  "bids_meta": {
    "AccelFactPE": 2,
    "AcquisitionNumber": 1,
    "AcquisitionTime": "10:55:5.572500",
    "BandwidthPerPixelPhaseEncode": 65.104,
    "ConversionSoftware": "dcm2niix",
    "ConversionSoftwareVersion": "v1.0.20170724 GCC4.4.7",
    "DeviceSerialNumber": "35193",
    "EchoTime": 0.025,
    "EffectiveEchoSpacing": 0.000240001,
    "FlipAngle": 90,
    "ImageType": [
      "ORIGINAL",
      "PRIMARY",
      "M",
      "ND",
      "NORM",
      "MOSAIC"
    ],
    "InstitutionAddress": "Xinjiekouwai_Street_No_19_Beijing_Haidian_District_CN_100875",
    "InstitutionName": "Beijing_Normal_Universtiy_7C3C54",
    "MagneticFieldStrength": 3,
    "Manufacturer": "Siemens",
    "ManufacturersModelName": "TrioTim",
    "PhaseEncodingDirection": "j-",
    "PhaseEncodingLines": 64,
    "ProcedureStepDescription": "BNU_cst_2019_Zhu.Bi",
    "ProtocolName": "Learning5_154",
    "RepetitionTime": 2,
    "ScanningSequence": "EP",
    "SequenceName": "_epfid2d1_64",
    "SequenceVariant": "SK",
    "SeriesDescription": "Learning5_154",
    "SliceTiming": [
      0,
      1.0175,
      0.0475,
      1.065,
      0.095,
      1.115,
      0.145,
      1.1625,
      0.1925,
      1.21,
      0.2425,
      1.26,
      0.29,
      1.3075,
      0.3375,
      1.355,
      0.3875,
      1.405,
      0.435,
      1.4525,
      0.4825,
      1.5025,
      0.5325,
      1.55,
      0.58,
      1.5975,
      0.63,
      1.6475,
      0.6775,
      1.695,
      0.725,
      1.745,
      0.775,
      1.7925,
      0.8225,
      1.84,
      0.8725,
      1.89,
      0.92,
      1.9375,
      0.9675
    ],
    "SoftwareVersions": "syngo_MR_B17",
    "TaskName": "encoding",
    "TotalReadoutTime": 0.01488,
    "TrueEchoSpacing": 0.000480001,
    "dataset": "ds003789",
    "modality": "bold",
    "run_id": 5,
    "subject_id": "5422",
    "task_id": "encoding"
  },
  "dummy_trs": 0,
  "dvars_nstd": 30.155978969411763,
  "dvars_std": 1.1023767026797389,
  "dvars_vstd": 1.0270737684313727,
  "efc": 0.6002542786930811,
  "fber": 772.4429321289062,
  "fd_mean": 0.09220274785523415,
  "fd_num": 1,
  "fd_perc": 0.6493506493506493,
  "fwhm_avg": 1.5353978859712474,
  "fwhm_x": 1.4806466666666667,
  "fwhm_y": 1.63415,
  "fwhm_z": 1.491396991247076,
  "gcor": 0.0112372,
  "gsr_x": 0.02237624302506447,
  "gsr_y": 0.04380786418914795,
  "provenance": {
    "md5sum": "9d49c96985b1c581ff89917083925ac4",
    "settings": {
      "fd_thres": 0.2,
      "testing": false
    },
    "software": "mriqc",
    "version": "23.1.0"
  },
  "size_t": 154,
  "size_x": 64,
  "size_y": 64,
  "size_z": 41,
  "snr": 6.4168669278714345,
  "spacing_tr": 2.0,
  "spacing_x": 3.0,
  "spacing_y": 3.0,
  "spacing_z": 3.299999952316284,
  "summary_bg_k": 10.043326898980862,
  "summary_bg_mad": 23.63498908557457,
  "summary_bg_mean": 71.84649424418026,
  "summary_bg_median": 29.279220581054688,
  "summary_bg_n": 119492.0,
  "summary_bg_p05": 9.53246784210205,
  "summary_bg_p95": 304.4740295410156,
  "summary_bg_stdv": 103.09162821203954,
  "summary_fg_k": 2.563946085171562,
  "summary_fg_mad": 107.64267628207952,
  "summary_fg_mean": 805.6870134238828,
  "summary_fg_median": 813.7532348632812,
  "summary_fg_n": 48444.0,
  "summary_fg_p05": 571.5584106445312,
  "summary_fg_p95": 982.8636474609375,
  "summary_fg_stdv": 126.81341923722191,
  "tsnr": 50.99254551460035
}