{
  "aor": 0.000601764705882353,
  "aqi": 0.012044166013071895,
  "bids_meta": {
    "AccelFactPE": 2,
    "AcquisitionNumber": 1,
    "AcquisitionTime": "11:01:1.185000",
    "BandwidthPerPixelPhaseEncode": 65.104,
    "ConversionSoftware": "dcm2niix",
    "ConversionSoftwareVersion": "v1.0.20170724 GCC4.4.7",
    "DeviceSerialNumber": "35193",
    "EchoTime": 0.025,
    "EffectiveEchoSpacing": 0.000240001,
    "FlipAngle": 90,
    "ImageType": [
      "ORIGINAL",
      "PRIMARY",
      "M",
      "ND",
      "NORM",
      "MOSAIC"
    ],
    "InstitutionAddress": "Xinjiekouwai_Street_No_19_Beijing_Haidian_District_CN_100875",
    "InstitutionName": "Beijing_Normal_Universtiy_7C3C54",
    "MagneticFieldStrength": 3,
    "Manufacturer": "Siemens",
    "ManufacturersModelName": "TrioTim",
    "PhaseEncodingDirection": "j-",
    "PhaseEncodingLines": 64,
    "ProcedureStepDescription": "BNU_cst_2019_Zhu.Bi",
    "ProtocolName": "Learning6_154",
    "RepetitionTime": 2,
    "ScanningSequence": "EP",
    "SequenceName": "_epfid2d1_64",
    "SequenceVariant": "SK",
    "SeriesDescription": "Learning6_154",
    "SliceTiming": [
      0,
      1.0175,
      0.0475,
      1.0675,
      0.0975,
      1.115,
      0.145,
      1.1625,
      0.195,
      1.2125,
      0.2425,
      1.26,
      0.29,
      1.31,
      0.34,
      1.3575,
      0.3875,
      1.405,
      0.435,
      1.455,
      0.485,
      1.5025,
      0.5325,
      1.55,
      0.5825,
      1.6,
      0.63,
      1.6475,
      0.6775,
      1.6975,
      0.7275,
      1.745,
      0.775,
      1.7925,
      0.825,
      1.8425,
      0.8725,
      1.89,
      0.92,
      1.94,
      0.97
    ],
    "SoftwareVersions": "syngo_MR_B17",
    "TaskName": "encoding",
    "TotalReadoutTime": 0.01488,
    "TrueEchoSpacing": 0.000480001,
    "dataset": "ds003789",
    "modality": "bold",
    "run_id": 6,
    "subject_id": "5422",
    "task_id": "encoding"
  },
  "dummy_trs": 1,
  "dvars_nstd": 30.249192752236834,
  "dvars_std": 1.090280942368422,
  "dvars_vstd": 1.0118694255921052,
  "efc": 0.6007437045954989,
  "fber": 768.6663818359375,
  "fd_mean": 0.07926071607561355,
  "fd_num": 1,
  "fd_perc": 0.6535947712418301,
  "fwhm_avg": 1.5370361687858105,
  "fwhm_x": 1.4840200000000001,
  "fwhm_y": 1.6385399999999999,
  "fwhm_z": 1.4885485063574315,
  "gcor": 0.0112165,
  "gsr_x": 0.022595062851905823,
  "gsr_y": 0.04311390593647957,
  "provenance": {
    "md5sum": "92232e6c9257da8888e0d9628a5b67a7",
    "settings": {
      "fd_thres": 0.2,
      "testing": false
    },
    "software": "mriqc",
    "version": "23.1.0"
  },
  "size_t": 153,
  "size_x": 64,
  "size_y": 64,
  "size_z": 41,
  "snr": 6.444047838930203,
  "spacing_tr": 2.0,
  "spacing_x": 3.0,
  "spacing_y": 3.0,
  "spacing_z": 3.299999952316284,
  "summary_bg_k": 9.835133451275189,
  "summary_bg_mad": 23.56659213607545,
  "summary_bg_mean": 72.3158152611486,
  "summary_bg_median": 29.346405029296875,
  "summary_bg_n": 119522.0,
  "summary_bg_p05": 9.70588207244873,
  "summary_bg_p95": 309.3268127441406,
  "summary_bg_stdv": 103.8489711735786,
  "summary_fg_k": 2.693796210436421,
  "summary_fg_mad": 107.16402488835482,
  "summary_fg_mean": 805.6866458872809,
  "summary_fg_median": 813.6241760253906,
  "summary_fg_n": 48414.0,
  "summary_fg_p05": 571.9019775390625,
  "summary_fg_p95": 982.431396484375,
  "summary_fg_stdv": 126.25849365810986,
  "tsnr": 51.72149183158763
}