{
  "bids_meta": {
    "AcquisitionNumber": 1,
    "AcquisitionTime": "16:17:25.580000",
    "ConversionSoftware": "dcm2niix",
    "ConversionSoftwareVersion": "v1.0.20170724 GCC4.4.7",
    "DeviceSerialNumber": "35193",
    "EchoTime": 0.00309,
    "FlipAngle": 10,
    "ImageType": [
      "ORIGINAL",
      "PRIMARY",
      "M",
      "ND",
      "NORM"
    ],
    "InstitutionAddress": "Xinjiekouwai_Street_No_19_Beijing_Haidian_District_CN_100875",
    "InstitutionName": "BNU_MRI_Center",
    "InversionTime": 0.8,
    "MagneticFieldStrength": 3,
    "Manufacturer": "Siemens",
    "ManufacturersModelName": "TrioTim",
    "PhaseEncodingDirection": "i-",
    "PhaseEncodingLines": 256,
    "ProcedureStepDescription": "BNU_cst_2019_Zhu.Bi",
    "ProtocolName": "UCI_MPRAGE_Sag_1x1x1",
    "RepetitionTime": 2.53,
    "ScanningSequence": "GR_IR",
    "SequenceName": "_tfl3d1_ns",
    "SequenceVariant": "SP_MP",
    "SeriesDescription": "UCI_MPRAGE_Sag_1x1x1",
    "SoftwareVersions": "syngo_MR_B17",
    "dataset": "ds003789",
    "modality": "T1w",
    "subject_id": "5411"
  },
  "cjv": 0.5561399818752192,
  "cnr": 1.6869343938049735,
  "efc": 0.5256202852231352,
  "fber": 10496.582413670345,
  "fwhm_avg": 4.131826666666666,
  "fwhm_x": 4.23058,
  "fwhm_y": 4.20009,
  "fwhm_z": 3.96481,
  "icvs_csf": 0.28310892619686406,
  "icvs_gm": 0.3771576873822338,
  "icvs_wm": 0.3397333864209022,
  "inu_med": 0.6295731663703918,
  "inu_range": 0.26583293825387955,
  "provenance": {
    "md5sum": "eb5d5518324963392c4f988580635d89",
    "settings": {
      "testing": false
    },
    "software": "mriqc",
    "version": "23.1.0",
    "warnings": {
      "large_rot_frame": true,
      "small_air_mask": false
    }
  },
  "qi_1": 0.0,
  "qi_2": 0.0043107344583459715,
  "rpve_csf": 9.237048825156316,
  "rpve_gm": 9.13925789300513,
  "rpve_wm": 9.236480526722621,
  "size_x": 208,
  "size_y": 256,
  "size_z": 256,
  "snr_csf": 1.7888037525125386,
  "snr_gm": 4.723643534042539,
  "snr_total": 5.059851404792557,
  "snr_wm": 8.667106927822593,
  "snrd_csf": 24.299451172629528,
  "snrd_gm": 47.12202167404738,
  "snrd_total": 46.68610366948007,
  "snrd_wm": 68.63683816176328,
  "spacing_x": 1.0,
  "spacing_y": 1.0,
  "spacing_z": 1.0,
  "summary_bg_k": 7.045213883335933,
  "summary_bg_mad": 0.0,
  "summary_bg_mean": 4.905962806610592,
  "summary_bg_median": 0.0,
  "summary_bg_n": 5045125.0,
  "summary_bg_p05": 0.0,
  "summary_bg_p95": 24.78004366159439,
  "summary_bg_stdv": 9.062796732545891,
  "summary_csf_k": -0.6939249186361844,
  "summary_csf_mad": 149.30083004474457,
  "summary_csf_mean": 351.9187586897343,
  "summary_csf_median": 336.14524653181434,
  "summary_csf_n": 413170.86577483243,
  "summary_csf_p05": 69.03482908383012,
  "summary_csf_p95": 670.0497444346547,
  "summary_csf_stdv": 187.9159965268483,
  "summary_gm_k": -0.3821336589616813,
  "summary_gm_mad": 89.30691011838779,
  "summary_gm_mean": 654.4055600175647,
  "summary_gm_median": 651.8601379171014,
  "summary_gm_n": 550426.1922175919,
  "summary_gm_p05": 424.29234333336353,
  "summary_gm_p95": 914.4561059214175,
  "summary_gm_stdv": 137.99930944782506,
  "summary_wm_k": -0.314214152189348,
  "summary_wm_mad": 76.2137744992806,
  "summary_wm_mean": 916.7277631499352,
  "summary_wm_median": 949.4842793419957,
  "summary_wm_n": 495808.9428184715,
  "summary_wm_p05": 695.4888318106532,
  "summary_wm_p95": 1047.451127488166,
  "summary_wm_stdv": 109.55020282296306,
  "tpm_overlap_csf": 0.19480790364829192,
  "tpm_overlap_gm": 0.5345850216552651,
  "tpm_overlap_wm": 0.5571387381735277,
  "wm2max": 0.5565206615635004
}