{
  "bids_meta": {
    "AcquisitionNumber": 1,
    "AcquisitionTime": "10:06:37.457500",
    "ConversionSoftware": "dcm2niix",
    "ConversionSoftwareVersion": "v1.0.20170724 GCC4.4.7",
    "DeviceSerialNumber": "35193",
    "EchoTime": 0.00309,
    "FlipAngle": 10,
    "ImageType": [
      "ORIGINAL",
      "PRIMARY",
      "M",
      "ND",
      "NORM"
    ],
    "InstitutionAddress": "Xinjiekouwai_Street_No_19_Beijing_Haidian_District_CN_100875",
    "InstitutionName": "BNU_MRI_Center",
    "InversionTime": 0.8,
    "MagneticFieldStrength": 3,
    "Manufacturer": "Siemens",
    "ManufacturersModelName": "TrioTim",
    "PhaseEncodingDirection": "i-",
    "PhaseEncodingLines": 256,
    "ProcedureStepDescription": "BNU_cst_2019_Zhu.Bi",
    "ProtocolName": "UCI_MPRAGE_Sag_1x1x1",
    "RepetitionTime": 2.53,
    "ScanningSequence": "GR_IR",
    "SequenceName": "_tfl3d1_ns",
    "SequenceVariant": "SP_MP",
    "SeriesDescription": "UCI_MPRAGE_Sag_1x1x1",
    "SoftwareVersions": "syngo_MR_B17",
    "dataset": "ds003789",
    "modality": "T1w",
    "subject_id": "5435"
  },
  "cjv": 0.5208515981982755,
  "cnr": 1.928513684837,
  "efc": 0.5323095258066688,
  "fber": 12909.661117717002,
  "fwhm_avg": 4.233043676134033,
  "fwhm_x": 4.313431028402097,
  "fwhm_y": 4.39758,
  "fwhm_z": 3.98812,
  "icvs_csf": 0.2788885055930855,
  "icvs_gm": 0.38041928446526263,
  "icvs_wm": 0.3406922099416519,
  "inu_med": 0.5696332156658173,
  "inu_range": 0.23105227351188656,
  "provenance": {
    "md5sum": "7b43bd23653e1d1aa537662f6f4f2da2",
    "settings": {
      "testing": false
    },
    "software": "mriqc",
    "version": "23.1.0",
    "warnings": {
      "large_rot_frame": true,
      "small_air_mask": false
    }
  },
  "qi_1": 0.0,
  "qi_2": 0.0025531968018172213,
  "rpve_csf": 7.939004008765984,
  "rpve_gm": 7.865856569592225,
  "rpve_wm": 7.9625204975912265,
  "size_x": 208,
  "size_y": 256,
  "size_z": 256,
  "snr_csf": 1.785835508691229,
  "snr_gm": 5.086686564500453,
  "snr_total": 5.98622808938288,
  "snr_wm": 11.08616219495696,
  "snrd_csf": 27.507830956799808,
  "snrd_gm": 52.22930298517276,
  "snrd_total": 51.93905726346162,
  "snrd_wm": 76.0800378484123,
  "spacing_x": 0.9999997615814209,
  "spacing_y": 1.0,
  "spacing_z": 1.0,
  "summary_bg_k": 9.477567872784746,
  "summary_bg_mad": 0.0,
  "summary_bg_mean": 4.726214726791973,
  "summary_bg_median": 0.0,
  "summary_bg_n": 4560859.0,
  "summary_bg_p05": 0.0,
  "summary_bg_p95": 22.352719590067863,
  "summary_bg_stdv": 8.313995881283237,
  "summary_csf_k": -0.832659364448781,
  "summary_csf_mad": 161.72226294366496,
  "summary_csf_mean": 363.95456274068204,
  "summary_csf_median": 349.08759958669543,
  "summary_csf_n": 472789.6440700582,
  "summary_csf_p05": 71.13090005144477,
  "summary_csf_p95": 685.7044022269547,
  "summary_csf_stdv": 195.4755791947341,
  "summary_gm_k": -0.5848100121156636,
  "summary_gm_mad": 93.47593606324136,
  "summary_gm_mean": 667.6261420601999,
  "summary_gm_median": 662.8149647936225,
  "summary_gm_n": 644911.1185748954,
  "summary_gm_p05": 458.29389487206936,
  "summary_gm_p95": 911.1574680358171,
  "summary_gm_stdv": 130.30377289968777,
  "summary_wm_k": -0.31973817025537254,
  "summary_wm_mad": 64.17401519414317,
  "summary_wm_mean": 944.5794796047396,
  "summary_wm_median": 965.4922567568719,
  "summary_wm_n": 577563.2392350154,
  "summary_wm_p05": 766.4330801814795,
  "summary_wm_p95": 1052.377404090017,
  "summary_wm_stdv": 87.08977948772963,
  "tpm_overlap_csf": 0.21133268392042676,
  "tpm_overlap_gm": 0.5209411846295509,
  "tpm_overlap_wm": 0.5467328471813138,
  "wm2max": 0.5981496694441184
}