{
  "aor": 0.00041488372093023256,
  "aqi": 0.012102462976744183,
  "bids_meta": {
    "AccelFactPE": 2,
    "AcquisitionNumber": 1,
    "AcquisitionTime": "15:53:20.397500",
    "BandwidthPerPixelPhaseEncode": 65.104,
    "ConversionSoftware": "dcm2niix",
    "ConversionSoftwareVersion": "v1.0.20170724 GCC4.4.7",
    "DeviceSerialNumber": "35193",
    "EchoTime": 0.025,
    "EffectiveEchoSpacing": 0.000240001,
    "FlipAngle": 90,
    "ImageType": [
      "ORIGINAL",
      "PRIMARY",
      "M",
      "ND",
      "NORM",
      "MOSAIC"
    ],
    "InstitutionAddress": "Xinjiekouwai_Street_No_19_Beijing_Haidian_District_CN_100875",
    "InstitutionName": "BNU_MRI_Center",
    "MagneticFieldStrength": 3,
    "Manufacturer": "Siemens",
    "ManufacturersModelName": "TrioTim",
    "PhaseEncodingDirection": "j-",
    "PhaseEncodingLines": 64,
    "ProcedureStepDescription": "BNU_cst_2019_Zhu.Bi",
    "ProtocolName": "Test1_216",
    "RepetitionTime": 2,
    "ScanningSequence": "EP",
    "SequenceName": "_epfid2d1_64",
    "SequenceVariant": "SK",
    "SeriesDescription": "Test1_216",
    "SliceTiming": [
      0,
      1.02,
      0.05,
      1.0675,
      0.0975,
      1.115,
      0.145,
      1.165,
      0.195,
      1.2125,
      0.2425,
      1.26,
      0.2925,
      1.31,
      0.34,
      1.3575,
      0.3875,
      1.4075,
      0.4375,
      1.455,
      0.485,
      1.5025,
      0.535,
      1.5525,
      0.5825,
      1.6,
      0.63,
      1.65,
      0.68,
      1.6975,
      0.7275,
      1.745,
      0.7775,
      1.795,
      0.825,
      1.8425,
      0.8725,
      1.8925,
      0.9225,
      1.94,
      0.97
    ],
    "SoftwareVersions": "syngo_MR_B17",
    "TaskName": "retrieval",
    "TotalReadoutTime": 0.01488,
    "TrueEchoSpacing": 0.000480001,
    "dataset": "ds003789",
    "modality": "bold",
    "run_id": 1,
    "subject_id": "5411",
    "task_id": "retrieval"
  },
  "dummy_trs": 1,
  "dvars_nstd": 29.59713016906544,
  "dvars_std": 1.0928974453271023,
  "dvars_vstd": 0.9997296118691593,
  "efc": 0.5390883706207101,
  "fber": 1111.15234375,
  "fd_mean": 0.040916857912259214,
  "fd_num": 0,
  "fd_perc": 0.0,
  "fwhm_avg": 1.7066316240133013,
  "fwhm_x": 1.6327833333333333,
  "fwhm_y": 1.85696,
  "fwhm_z": 1.6301515387065706,
  "gcor": 0.00534151,
  "gsr_x": 0.004525759723037481,
  "gsr_y": 0.018749533221125603,
  "provenance": {
    "md5sum": "a7a115971fe94081bd3ccd5f75e8bc8b",
    "settings": {
      "fd_thres": 0.2,
      "testing": false
    },
    "software": "mriqc",
    "version": "23.1.0"
  },
  "size_t": 215,
  "size_x": 64,
  "size_y": 64,
  "size_z": 41,
  "snr": 5.934876135137323,
  "spacing_tr": 2.0,
  "spacing_x": 3.0,
  "spacing_y": 3.0,
  "spacing_z": 3.299999952316284,
  "summary_bg_k": 20.11644743235502,
  "summary_bg_mad": 17.205081986401183,
  "summary_bg_mean": 53.19682819973015,
  "summary_bg_median": 24.97209358215332,
  "summary_bg_n": 127133.0,
  "summary_bg_p05": 8.786046028137207,
  "summary_bg_p95": 221.13023376464844,
  "summary_bg_stdv": 84.48985412389347,
  "summary_fg_k": 1.854583218164005,
  "summary_fg_mad": 115.27748046772015,
  "summary_fg_mean": 823.1720120116543,
  "summary_fg_median": 832.4185791015625,
  "summary_fg_n": 40803.0,
  "summary_fg_p05": 549.2046508789062,
  "summary_fg_p95": 1022.7628173828125,
  "summary_fg_stdv": 140.25707691737017,
  "tsnr": 52.66280632838607
}