{
  "aor": 0.000721753246753247,
  "aqi": 0.011466439025974025,
  "bids_meta": {
    "AccelFactPE": 2,
    "AcquisitionNumber": 1,
    "AcquisitionTime": "16:36:53.120000",
    "BandwidthPerPixelPhaseEncode": 65.104,
    "ConversionSoftware": "dcm2niix",
    "ConversionSoftwareVersion": "v1.0.20170724 GCC4.4.7",
    "DeviceSerialNumber": "35193",
    "EchoTime": 0.025,
    "EffectiveEchoSpacing": 0.000240001,
    "FlipAngle": 90,
    "ImageType": [
      "ORIGINAL",
      "PRIMARY",
      "M",
      "ND",
      "NORM",
      "MOSAIC"
    ],
    "InstitutionAddress": "Xinjiekouwai_Street_No_19_Beijing_Haidian_District_CN_100875",
    "InstitutionName": "BNU_MRI_Center",
    "MagneticFieldStrength": 3,
    "Manufacturer": "Siemens",
    "ManufacturersModelName": "TrioTim",
    "PhaseEncodingDirection": "j-",
    "PhaseEncodingLines": 64,
    "ProcedureStepDescription": "BNU_cst_2019_Zhu.Bi",
    "ProtocolName": "Learning2_154",
    "RepetitionTime": 2,
    "ScanningSequence": "EP",
    "SequenceName": "_epfid2d1_64",
    "SequenceVariant": "SK",
    "SeriesDescription": "Learning2_154",
    "SliceTiming": [
      0,
      1.0175,
      0.0475,
      1.0675,
      0.0975,
      1.115,
      0.145,
      1.1625,
      0.195,
      1.2125,
      0.2425,
      1.26,
      0.29,
      1.31,
      0.34,
      1.3575,
      0.3875,
      1.405,
      0.4375,
      1.455,
      0.485,
      1.5025,
      0.5325,
      1.5525,
      0.5825,
      1.6,
      0.63,
      1.6475,
      0.6775,
      1.6975,
      0.7275,
      1.745,
      0.775,
      1.7925,
      0.825,
      1.8425,
      0.8725,
      1.89,
      0.92,
      1.94,
      0.97
    ],
    "SoftwareVersions": "syngo_MR_B17",
    "TaskName": "encoding",
    "TotalReadoutTime": 0.01488,
    "TrueEchoSpacing": 0.000480001,
    "dataset": "ds003789",
    "modality": "bold",
    "run_id": 2,
    "subject_id": "5411",
    "task_id": "encoding"
  },
  "dummy_trs": 0,
  "dvars_nstd": 28.871222003660144,
  "dvars_std": 1.0967614924183002,
  "dvars_vstd": 1.0179651020261435,
  "efc": 0.5414927669727634,
  "fber": 1061.1348876953125,
  "fd_mean": 0.05277483213280397,
  "fd_num": 3,
  "fd_perc": 1.948051948051948,
  "fwhm_avg": 1.7040904119340075,
  "fwhm_x": 1.6316899999999999,
  "fwhm_y": 1.8417266666666665,
  "fwhm_z": 1.6388545691353562,
  "gcor": 0.00299182,
  "gsr_x": 0.003201700747013092,
  "gsr_y": 0.015930622816085815,
  "provenance": {
    "md5sum": "95030a58d084d7cfcff90c421b396034",
    "settings": {
      "fd_thres": 0.2,
      "testing": false
    },
    "software": "mriqc",
    "version": "23.1.0"
  },
  "size_t": 154,
  "size_x": 64,
  "size_y": 64,
  "size_z": 41,
  "snr": 5.963481763540544,
  "spacing_tr": 2.0,
  "spacing_x": 3.0,
  "spacing_y": 3.0,
  "spacing_z": 3.299999952316284,
  "summary_bg_k": 18.733979372313964,
  "summary_bg_mad": 17.27135381465548,
  "summary_bg_mean": 52.911650613994325,
  "summary_bg_median": 24.87013053894043,
  "summary_bg_n": 127074.0,
  "summary_bg_p05": 8.324675559997559,
  "summary_bg_p95": 219.12986755371094,
  "summary_bg_stdv": 82.96583954340107,
  "summary_fg_k": 1.8456855778476164,
  "summary_fg_mad": 109.06265882680546,
  "summary_fg_mean": 801.2387029986614,
  "summary_fg_median": 810.1461181640625,
  "summary_fg_n": 40862.0,
  "summary_fg_p05": 532.402587890625,
  "summary_fg_p95": 995.902587890625,
  "summary_fg_stdv": 135.84953170467148,
  "tsnr": 53.905295004020445
}