{
  "aor": 0.0014733116883116882,
  "aqi": 0.013790156493506494,
  "bids_meta": {
    "AccelFactPE": 2,
    "AcquisitionNumber": 1,
    "AcquisitionTime": "16:42:46.737500",
    "BandwidthPerPixelPhaseEncode": 65.104,
    "ConversionSoftware": "dcm2niix",
    "ConversionSoftwareVersion": "v1.0.20170724 GCC4.4.7",
    "DeviceSerialNumber": "35193",
    "EchoTime": 0.025,
    "EffectiveEchoSpacing": 0.000240001,
    "FlipAngle": 90,
    "ImageType": [
      "ORIGINAL",
      "PRIMARY",
      "M",
      "ND",
      "NORM",
      "MOSAIC"
    ],
    "InstitutionAddress": "Xinjiekouwai_Street_No_19_Beijing_Haidian_District_CN_100875",
    "InstitutionName": "BNU_MRI_Center",
    "MagneticFieldStrength": 3,
    "Manufacturer": "Siemens",
    "ManufacturersModelName": "TrioTim",
    "PhaseEncodingDirection": "j-",
    "PhaseEncodingLines": 64,
    "ProcedureStepDescription": "BNU_cst_2019_Zhu.Bi",
    "ProtocolName": "Learning3_154",
    "RepetitionTime": 2,
    "ScanningSequence": "EP",
    "SequenceName": "_epfid2d1_64",
    "SequenceVariant": "SK",
    "SeriesDescription": "Learning3_154",
    "SliceTiming": [
      0,
      1.02,
      0.05,
      1.0675,
      0.0975,
      1.115,
      0.1475,
      1.165,
      0.195,
      1.2125,
      0.2425,
      1.2625,
      0.2925,
      1.31,
      0.34,
      1.3575,
      0.39,
      1.4075,
      0.4375,
      1.455,
      0.485,
      1.505,
      0.535,
      1.5525,
      0.5825,
      1.6,
      0.6325,
      1.65,
      0.68,
      1.6975,
      0.7275,
      1.745,
      0.7775,
      1.795,
      0.825,
      1.8425,
      0.8725,
      1.8925,
      0.9225,
      1.94,
      0.97
    ],
    "SoftwareVersions": "syngo_MR_B17",
    "TaskName": "encoding",
    "TotalReadoutTime": 0.01488,
    "TrueEchoSpacing": 0.000480001,
    "dataset": "ds003789",
    "modality": "bold",
    "run_id": 3,
    "subject_id": "5411",
    "task_id": "encoding"
  },
  "dummy_trs": 0,
  "dvars_nstd": 29.564306097385614,
  "dvars_std": 1.0868865577124183,
  "dvars_vstd": 1.0171925764705878,
  "efc": 0.5425129159450022,
  "fber": 1052.91552734375,
  "fd_mean": 0.08989999656226216,
  "fd_num": 11,
  "fd_perc": 7.142857142857143,
  "fwhm_avg": 1.7101039472679265,
  "fwhm_x": 1.6373166666666668,
  "fwhm_y": 1.8582133333333333,
  "fwhm_z": 1.6347818418037796,
  "gcor": 0.00548152,
  "gsr_x": 0.003521316684782505,
  "gsr_y": 0.015032902359962463,
  "provenance": {
    "md5sum": "4b2934c2338f3ac687c22c6a516b2bc5",
    "settings": {
      "fd_thres": 0.2,
      "testing": false
    },
    "software": "mriqc",
    "version": "23.1.0"
  },
  "size_t": 154,
  "size_x": 64,
  "size_y": 64,
  "size_z": 41,
  "snr": 5.9342877738018,
  "spacing_tr": 2.0,
  "spacing_x": 3.0,
  "spacing_y": 3.0,
  "spacing_z": 3.299999952316284,
  "summary_bg_k": 18.212123476227966,
  "summary_bg_mad": 17.483153323630763,
  "summary_bg_mean": 53.21602779182011,
  "summary_bg_median": 24.980520248413086,
  "summary_bg_n": 126971.0,
  "summary_bg_p05": 8.240260124206543,
  "summary_bg_p95": 221.90260314941406,
  "summary_bg_stdv": 82.88605913869523,
  "summary_fg_k": 1.9591451857229067,
  "summary_fg_mad": 109.11568646963043,
  "summary_fg_mean": 800.8844724587872,
  "summary_fg_median": 810.5844116210938,
  "summary_fg_n": 40965.0,
  "summary_fg_p05": 531.9285888671875,
  "summary_fg_p95": 995.4220581054688,
  "summary_fg_stdv": 136.59171055331115,
  "tsnr": 50.37398798391223
}