{
  "aor": 0.0004210648148148148,
  "aqi": 0.010734298564814814,
  "bids_meta": {
    "AccelFactPE": 2,
    "AcquisitionNumber": 1,
    "AcquisitionTime": "16:09:34.675000",
    "BandwidthPerPixelPhaseEncode": 65.104,
    "ConversionSoftware": "dcm2niix",
    "ConversionSoftwareVersion": "v1.0.20170724 GCC4.4.7",
    "DeviceSerialNumber": "35193",
    "EchoTime": 0.025,
    "EffectiveEchoSpacing": 0.000240001,
    "FlipAngle": 90,
    "ImageType": [
      "ORIGINAL",
      "PRIMARY",
      "M",
      "ND",
      "NORM",
      "MOSAIC"
    ],
    "InstitutionAddress": "Xinjiekouwai_Street_No_19_Beijing_Haidian_District_CN_100875",
    "InstitutionName": "BNU_MRI_Center",
    "MagneticFieldStrength": 3,
    "Manufacturer": "Siemens",
    "ManufacturersModelName": "TrioTim",
    "PhaseEncodingDirection": "j-",
    "PhaseEncodingLines": 64,
    "ProcedureStepDescription": "BNU_cst_2019_Zhu.Bi",
    "ProtocolName": "Test3_216",
    "RepetitionTime": 2,
    "ScanningSequence": "EP",
    "SequenceName": "_epfid2d1_64",
    "SequenceVariant": "SK",
    "SeriesDescription": "Test3_216",
    "SliceTiming": [
      0,
      1.0175,
      0.0475,
      1.065,
      0.095,
      1.115,
      0.145,
      1.1625,
      0.1925,
      1.21,
      0.2425,
      1.26,
      0.29,
      1.3075,
      0.3375,
      1.3575,
      0.3875,
      1.405,
      0.435,
      1.4525,
      0.485,
      1.5025,
      0.5325,
      1.55,
      0.58,
      1.6,
      0.63,
      1.6475,
      0.6775,
      1.695,
      0.7275,
      1.745,
      0.775,
      1.7925,
      0.8225,
      1.84,
      0.8725,
      1.89,
      0.92,
      1.9375,
      0.9675
    ],
    "SoftwareVersions": "syngo_MR_B17",
    "TaskName": "retrieval",
    "TotalReadoutTime": 0.01488,
    "TrueEchoSpacing": 0.000480001,
    "dataset": "ds003789",
    "modality": "bold",
    "run_id": 3,
    "subject_id": "5411",
    "task_id": "retrieval"
  },
  "dummy_trs": 0,
  "dvars_nstd": 31.609518068744173,
  "dvars_std": 1.1324816691627912,
  "dvars_vstd": 1.0034016211162788,
  "efc": 0.5404395406530119,
  "fber": 1080.9818115234375,
  "fd_mean": 0.04161355071592517,
  "fd_num": 0,
  "fd_perc": 0.0,
  "fwhm_avg": 1.696962331103333,
  "fwhm_x": 1.6213966666666666,
  "fwhm_y": 1.8353266666666668,
  "fwhm_z": 1.6341636599766654,
  "gcor": 0.0113546,
  "gsr_x": 0.0048071458004415035,
  "gsr_y": 0.017741825431585312,
  "provenance": {
    "md5sum": "400dd0c87adf6cb51f23d725ef852a9e",
    "settings": {
      "fd_thres": 0.2,
      "testing": false
    },
    "software": "mriqc",
    "version": "23.1.0"
  },
  "size_t": 216,
  "size_x": 64,
  "size_y": 64,
  "size_z": 41,
  "snr": 5.933841306670874,
  "spacing_tr": 2.0,
  "spacing_x": 3.0,
  "spacing_y": 3.0,
  "spacing_z": 3.299999952316284,
  "summary_bg_k": 20.136851342681354,
  "summary_bg_mad": 17.427440647376702,
  "summary_bg_mean": 54.172766070018994,
  "summary_bg_median": 25.33333396911621,
  "summary_bg_n": 127143.0,
  "summary_bg_p05": 8.995370864868164,
  "summary_bg_p95": 226.32408142089844,
  "summary_bg_stdv": 86.07758943435373,
  "summary_fg_k": 1.9866491078580468,
  "summary_fg_mad": 115.48506649611687,
  "summary_fg_mean": 824.037146508099,
  "summary_fg_median": 832.9166870117188,
  "summary_fg_n": 40793.0,
  "summary_fg_p05": 548.1018676757812,
  "summary_fg_p95": 1024.745361328125,
  "summary_fg_stdv": 140.3654790951176,
  "tsnr": 54.768937814980745
}