{
  "aor": 0.0006768181818181819,
  "aqi": 0.010914731883116882,
  "bids_meta": {
    "AccelFactPE": 2,
    "AcquisitionNumber": 1,
    "AcquisitionTime": "17:21:30.725000",
    "BandwidthPerPixelPhaseEncode": 65.104,
    "ConversionSoftware": "dcm2niix",
    "ConversionSoftwareVersion": "v1.0.20170724 GCC4.4.7",
    "DeviceSerialNumber": "35193",
    "EchoTime": 0.025,
    "EffectiveEchoSpacing": 0.000240001,
    "FlipAngle": 90,
    "ImageType": [
      "ORIGINAL",
      "PRIMARY",
      "M",
      "ND",
      "NORM",
      "MOSAIC"
    ],
    "InstitutionAddress": "Xinjiekouwai_Street_No_19_Beijing_Haidian_District_CN_100875",
    "InstitutionName": "BNU_MRI_Center",
    "MagneticFieldStrength": 3,
    "Manufacturer": "Siemens",
    "ManufacturersModelName": "TrioTim",
    "PhaseEncodingDirection": "j-",
    "PhaseEncodingLines": 64,
    "ProcedureStepDescription": "BNU_cst_2019_Zhu.Bi",
    "ProtocolName": "Learning9_154",
    "RepetitionTime": 2,
    "ScanningSequence": "EP",
    "SequenceName": "_epfid2d1_64",
    "SequenceVariant": "SK",
    "SeriesDescription": "Learning9_154",
    "SliceTiming": [
      0,
      1.02,
      0.05,
      1.0675,
      0.0975,
      1.115,
      0.145,
      1.165,
      0.195,
      1.2125,
      0.2425,
      1.26,
      0.2925,
      1.31,
      0.34,
      1.3575,
      0.3875,
      1.4075,
      0.4375,
      1.455,
      0.485,
      1.5025,
      0.535,
      1.5525,
      0.5825,
      1.6,
      0.63,
      1.65,
      0.68,
      1.6975,
      0.7275,
      1.745,
      0.7775,
      1.795,
      0.825,
      1.8425,
      0.8725,
      1.8925,
      0.9225,
      1.94,
      0.97
    ],
    "SoftwareVersions": "syngo_MR_B17",
    "TaskName": "encoding",
    "TotalReadoutTime": 0.01488,
    "TrueEchoSpacing": 0.000480001,
    "dataset": "ds003789",
    "modality": "bold",
    "run_id": 9,
    "subject_id": "5411",
    "task_id": "encoding"
  },
  "dummy_trs": 0,
  "dvars_nstd": 31.03473903934642,
  "dvars_std": 1.12888344993464,
  "dvars_vstd": 1.020706576666667,
  "efc": 0.5458645227470097,
  "fber": 994.3363037109375,
  "fd_mean": 0.04876014375873075,
  "fd_num": 2,
  "fd_perc": 1.2987012987012987,
  "fwhm_avg": 1.7055527351231283,
  "fwhm_x": 1.6371333333333336,
  "fwhm_y": 1.84964,
  "fwhm_z": 1.6298848720360506,
  "gcor": 0.00729616,
  "gsr_x": 0.002667722525075078,
  "gsr_y": 0.013199781067669392,
  "provenance": {
    "md5sum": "a2d5c8acca68cec0c8d7796c2544d800",
    "settings": {
      "fd_thres": 0.2,
      "testing": false
    },
    "software": "mriqc",
    "version": "23.1.0"
  },
  "size_t": 154,
  "size_x": 64,
  "size_y": 64,
  "size_z": 41,
  "snr": 5.959720179438179,
  "spacing_tr": 2.0,
  "spacing_x": 3.0,
  "spacing_y": 3.0,
  "spacing_z": 3.299999952316284,
  "summary_bg_k": 17.273442745410367,
  "summary_bg_mad": 17.791225208147566,
  "summary_bg_mean": 55.417685521131844,
  "summary_bg_median": 25.701297760009766,
  "summary_bg_n": 127078.0,
  "summary_bg_p05": 8.662337303161621,
  "summary_bg_p95": 231.66883850097656,
  "summary_bg_stdv": 85.08438698998548,
  "summary_fg_k": 1.9341784989436315,
  "summary_fg_mad": 108.74503591500402,
  "summary_fg_mean": 801.43653968941,
  "summary_fg_median": 810.4415283203125,
  "summary_fg_n": 40858.0,
  "summary_fg_p05": 533.6233520507812,
  "summary_fg_p95": 995.9415283203125,
  "summary_fg_stdv": 135.9848425892641,
  "tsnr": 54.47920451872051
}