{
  "bids_meta": {
    "AcquisitionNumber": 1,
    "AcquisitionTime": "12:31:28.322500",
    "ConversionSoftware": "dcm2niix",
    "ConversionSoftwareVersion": "v1.0.20170724 GCC4.4.7",
    "DeviceSerialNumber": "35193",
    "EchoTime": 0.00309,
    "FlipAngle": 10,
    "ImageType": [
      "ORIGINAL",
      "PRIMARY",
      "M",
      "ND",
      "NORM"
    ],
    "InstitutionAddress": "Xinjiekouwai_Street_No_19_Beijing_Haidian_District_CN_100875",
    "InstitutionName": "BNU_MRI_Center",
    "InversionTime": 0.8,
    "MagneticFieldStrength": 3,
    "Manufacturer": "Siemens",
    "ManufacturersModelName": "TrioTim",
    "PhaseEncodingDirection": "i-",
    "PhaseEncodingLines": 256,
    "ProcedureStepDescription": "BNU_cst_2019_Zhu.Bi",
    "ProtocolName": "UCI_MPRAGE_Sag_1x1x1",
    "RepetitionTime": 2.53,
    "ScanningSequence": "GR_IR",
    "SequenceName": "_tfl3d1_ns",
    "SequenceVariant": "SP_MP",
    "SeriesDescription": "UCI_MPRAGE_Sag_1x1x1",
    "SoftwareVersions": "syngo_MR_B17",
    "dataset": "ds003789",
    "modality": "T1w",
    "subject_id": "5427"
  },
  "cjv": 0.5978932648945355,
  "cnr": 1.7643716316205493,
  "efc": 0.5711527644569725,
  "fber": 8170.396192742416,
  "fwhm_avg": 4.245813333333333,
  "fwhm_x": 4.2,
  "fwhm_y": 4.4656,
  "fwhm_z": 4.07184,
  "icvs_csf": 0.27589076787513384,
  "icvs_gm": 0.37750210299825465,
  "icvs_wm": 0.3466071291266115,
  "inu_med": 0.633174479007721,
  "inu_range": 0.28017036318778993,
  "provenance": {
    "md5sum": "6222544d79884b689c49a0ad63729a3b",
    "settings": {
      "testing": false
    },
    "software": "mriqc",
    "version": "23.1.0",
    "warnings": {
      "large_rot_frame": true,
      "small_air_mask": false
    }
  },
  "qi_1": 0.0,
  "qi_2": 0.0017172983082569154,
  "rpve_csf": 7.78123752660526,
  "rpve_gm": 7.699157149043604,
  "rpve_wm": 7.810573158526797,
  "size_x": 208,
  "size_y": 256,
  "size_z": 256,
  "snr_csf": 2.285040432068614,
  "snr_gm": 5.079954630216228,
  "snr_total": 6.039526096523605,
  "snr_wm": 10.753583227285972,
  "snrd_csf": 23.98912841865487,
  "snrd_gm": 38.582557021640085,
  "snrd_total": 39.109691804049206,
  "snrd_wm": 54.75738997185266,
  "spacing_x": 1.0,
  "spacing_y": 1.0,
  "spacing_z": 1.0,
  "summary_bg_k": 122.4050150956219,
  "summary_bg_mad": 0.0,
  "summary_bg_mean": 6.85344303018755,
  "summary_bg_median": 0.0,
  "summary_bg_n": 4346298.0,
  "summary_bg_p05": 0.0,
  "summary_bg_p95": 30.708315275609493,
  "summary_bg_stdv": 11.397272946450757,
  "summary_csf_k": -0.45751721442493487,
  "summary_csf_mad": 135.4105689846626,
  "summary_csf_mean": 419.3337157726581,
  "summary_csf_median": 417.33392364531755,
  "summary_csf_n": 476050.07205251086,
  "summary_csf_p05": 125.53160399198532,
  "summary_csf_p95": 712.4211824685335,
  "summary_csf_stdv": 182.63724328826015,
  "summary_gm_k": -0.6783463840018333,
  "summary_gm_mad": 96.79637975589561,
  "summary_gm_mean": 676.2748799470995,
  "summary_gm_median": 671.2127937749028,
  "summary_gm_n": 651380.6341415124,
  "summary_gm_p05": 464.37894532829523,
  "summary_gm_p95": 917.0552948638797,
  "summary_gm_stdv": 132.12958134686377,
  "summary_wm_k": -0.08592534417023634,
  "summary_wm_mad": 71.44494696268487,
  "summary_wm_mean": 936.6151724466678,
  "summary_wm_median": 952.6030294522643,
  "summary_wm_n": 598071.2949021774,
  "summary_wm_p05": 765.8601036071777,
  "summary_wm_p95": 1056.2839220017195,
  "summary_wm_stdv": 88.58463387710007,
  "tpm_overlap_csf": 0.216011779083369,
  "tpm_overlap_gm": 0.5308677063329071,
  "tpm_overlap_wm": 0.5491952408443765,
  "wm2max": 0.5950060455061738
}