{
  "aor": 0.0005916883116883116,
  "aqi": 0.024590042207792207,
  "bids_meta": {
    "AccelFactPE": 2,
    "AcquisitionNumber": 1,
    "AcquisitionTime": "11:10:19.227500",
    "BandwidthPerPixelPhaseEncode": 65.104,
    "ConversionSoftware": "dcm2niix",
    "ConversionSoftwareVersion": "v1.0.20170724 GCC4.4.7",
    "DeviceSerialNumber": "35193",
    "EchoTime": 0.025,
    "EffectiveEchoSpacing": 0.000240001,
    "FlipAngle": 90,
    "ImageType": [
      "ORIGINAL",
      "PRIMARY",
      "M",
      "ND",
      "NORM",
      "MOSAIC"
    ],
    "InstitutionAddress": "Xinjiekouwai_Street_No_19_Beijing_Haidian_District_CN_100875",
    "InstitutionName": "BNU_MRI_Center",
    "MagneticFieldStrength": 3,
    "Manufacturer": "Siemens",
    "ManufacturersModelName": "TrioTim",
    "PhaseEncodingDirection": "j-",
    "PhaseEncodingLines": 64,
    "ProcedureStepDescription": "BNU_cst_2019_Zhu.Bi",
    "ProtocolName": "Learning1_154",
    "RepetitionTime": 2,
    "ScanningSequence": "EP",
    "SequenceName": "_epfid2d1_64",
    "SequenceVariant": "SK",
    "SeriesDescription": "Learning1_154",
    "SliceTiming": [
      0,
      1.0175,
      0.0475,
      1.0675,
      0.0975,
      1.115,
      0.145,
      1.1625,
      0.195,
      1.2125,
      0.2425,
      1.26,
      0.29,
      1.31,
      0.34,
      1.3575,
      0.3875,
      1.405,
      0.435,
      1.455,
      0.485,
      1.5025,
      0.5325,
      1.55,
      0.5825,
      1.6,
      0.63,
      1.6475,
      0.6775,
      1.6975,
      0.7275,
      1.745,
      0.775,
      1.7925,
      0.825,
      1.8425,
      0.8725,
      1.89,
      0.92,
      1.94,
      0.97
    ],
    "SoftwareVersions": "syngo_MR_B17",
    "TaskName": "encoding",
    "TotalReadoutTime": 0.01488,
    "TrueEchoSpacing": 0.000480001,
    "dataset": "ds003789",
    "modality": "bold",
    "run_id": 1,
    "subject_id": "5427",
    "task_id": "encoding"
  },
  "dummy_trs": 0,
  "dvars_nstd": 34.689423791634,
  "dvars_std": 1.114818864901961,
  "dvars_vstd": 0.9836302996078433,
  "efc": 0.5937909748925075,
  "fber": 854.4119873046875,
  "fd_mean": 0.10858759071391902,
  "fd_num": 16,
  "fd_perc": 10.38961038961039,
  "fwhm_avg": 1.7043278476037524,
  "fwhm_x": 1.6327800000000001,
  "fwhm_y": 1.8616066666666666,
  "fwhm_z": 1.61859687614459,
  "gcor": 0.00355366,
  "gsr_x": 0.01070473063737154,
  "gsr_y": 0.03856828808784485,
  "provenance": {
    "md5sum": "4425be1bfafadf726074480d9d1b12f5",
    "settings": {
      "fd_thres": 0.2,
      "testing": false
    },
    "software": "mriqc",
    "version": "23.1.0"
  },
  "size_t": 154,
  "size_x": 64,
  "size_y": 64,
  "size_z": 41,
  "snr": 6.266856940223678,
  "spacing_tr": 2.0,
  "spacing_x": 3.0,
  "spacing_y": 3.0,
  "spacing_z": 3.3000001907348633,
  "summary_bg_k": 15.731980323075849,
  "summary_bg_mad": 21.516986926223463,
  "summary_bg_mean": 60.77077594008237,
  "summary_bg_median": 27.0649356842041,
  "summary_bg_n": 118211.0,
  "summary_bg_p05": 8.766233444213867,
  "summary_bg_p95": 244.19480895996094,
  "summary_bg_stdv": 86.30362136807976,
  "summary_fg_k": 2.1164671815474616,
  "summary_fg_mad": 102.15512966741785,
  "summary_fg_mean": 781.516572293703,
  "summary_fg_median": 791.1168823242188,
  "summary_fg_n": 49725.0,
  "summary_fg_p05": 536.8506469726562,
  "summary_fg_p95": 960.0389404296875,
  "summary_fg_stdv": 126.23695337380705,
  "tsnr": 43.138542948290706
}