{
  "aor": 0.00036277777777777784,
  "aqi": 0.01607729953703704,
  "bids_meta": {
    "AccelFactPE": 2,
    "AcquisitionNumber": 1,
    "AcquisitionTime": "12:07:47.282500",
    "BandwidthPerPixelPhaseEncode": 65.104,
    "ConversionSoftware": "dcm2niix",
    "ConversionSoftwareVersion": "v1.0.20170724 GCC4.4.7",
    "DeviceSerialNumber": "35193",
    "EchoTime": 0.025,
    "EffectiveEchoSpacing": 0.000240001,
    "FlipAngle": 90,
    "ImageType": [
      "ORIGINAL",
      "PRIMARY",
      "M",
      "ND",
      "NORM",
      "MOSAIC"
    ],
    "InstitutionAddress": "Xinjiekouwai_Street_No_19_Beijing_Haidian_District_CN_100875",
    "InstitutionName": "BNU_MRI_Center",
    "MagneticFieldStrength": 3,
    "Manufacturer": "Siemens",
    "ManufacturersModelName": "TrioTim",
    "PhaseEncodingDirection": "j-",
    "PhaseEncodingLines": 64,
    "ProcedureStepDescription": "BNU_cst_2019_Zhu.Bi",
    "ProtocolName": "Test1_216",
    "RepetitionTime": 2,
    "ScanningSequence": "EP",
    "SequenceName": "_epfid2d1_64",
    "SequenceVariant": "SK",
    "SeriesDescription": "Test1_216",
    "SliceTiming": [
      0,
      1.0175,
      0.0475,
      1.065,
      0.095,
      1.115,
      0.145,
      1.1625,
      0.1925,
      1.21,
      0.2425,
      1.26,
      0.29,
      1.3075,
      0.3375,
      1.355,
      0.3875,
      1.405,
      0.435,
      1.4525,
      0.4825,
      1.5025,
      0.5325,
      1.55,
      0.58,
      1.5975,
      0.63,
      1.6475,
      0.6775,
      1.695,
      0.725,
      1.745,
      0.775,
      1.7925,
      0.8225,
      1.84,
      0.8725,
      1.89,
      0.92,
      1.9375,
      0.9675
    ],
    "SoftwareVersions": "syngo_MR_B17",
    "TaskName": "retrieval",
    "TotalReadoutTime": 0.01488,
    "TrueEchoSpacing": 0.000480001,
    "dataset": "ds003789",
    "modality": "bold",
    "run_id": 1,
    "subject_id": "5427",
    "task_id": "retrieval"
  },
  "dummy_trs": 0,
  "dvars_nstd": 33.11204696483721,
  "dvars_std": 1.1141779793488373,
  "dvars_vstd": 0.9929772682325584,
  "efc": 0.5922286644263826,
  "fber": 890.0033569335938,
  "fd_mean": 0.050556665540552444,
  "fd_num": 0,
  "fd_perc": 0.0,
  "fwhm_avg": 1.7047614219722567,
  "fwhm_x": 1.6267133333333332,
  "fwhm_y": 1.8617466666666667,
  "fwhm_z": 1.6258242659167703,
  "gcor": 0.00757927,
  "gsr_x": 0.011343888007104397,
  "gsr_y": 0.03605995699763298,
  "provenance": {
    "md5sum": "0ae7819f616711dd309588fe908f9207",
    "settings": {
      "fd_thres": 0.2,
      "testing": false
    },
    "software": "mriqc",
    "version": "23.1.0"
  },
  "size_t": 216,
  "size_x": 64,
  "size_y": 64,
  "size_z": 41,
  "snr": 6.2203086069431945,
  "spacing_tr": 2.0,
  "spacing_x": 3.0,
  "spacing_y": 3.0,
  "spacing_z": 3.299999952316284,
  "summary_bg_k": 14.97299331480826,
  "summary_bg_mad": 21.878678885901618,
  "summary_bg_mean": 61.8548296338373,
  "summary_bg_median": 27.293981552124023,
  "summary_bg_n": 118194.0,
  "summary_bg_p05": 7.995370388031006,
  "summary_bg_p95": 255.92129516601562,
  "summary_bg_stdv": 89.84160141560807,
  "summary_fg_k": 2.3117331079414276,
  "summary_fg_mad": 102.84525819643596,
  "summary_fg_mean": 803.650431998767,
  "summary_fg_median": 814.25927734375,
  "summary_fg_n": 49742.0,
  "summary_fg_p05": 546.5740966796875,
  "summary_fg_p95": 989.7361450195312,
  "summary_fg_stdv": 130.90204102852013,
  "tsnr": 48.42593326698989
}