{
  "aor": 0.0006518055555555555,
  "aqi": 0.017301275925925928,
  "bids_meta": {
    "AccelFactPE": 2,
    "AcquisitionNumber": 1,
    "AcquisitionTime": "12:15:49.257500",
    "BandwidthPerPixelPhaseEncode": 65.104,
    "ConversionSoftware": "dcm2niix",
    "ConversionSoftwareVersion": "v1.0.20170724 GCC4.4.7",
    "DeviceSerialNumber": "35193",
    "EchoTime": 0.025,
    "EffectiveEchoSpacing": 0.000240001,
    "FlipAngle": 90,
    "ImageType": [
      "ORIGINAL",
      "PRIMARY",
      "M",
      "ND",
      "NORM",
      "MOSAIC"
    ],
    "InstitutionAddress": "Xinjiekouwai_Street_No_19_Beijing_Haidian_District_CN_100875",
    "InstitutionName": "BNU_MRI_Center",
    "MagneticFieldStrength": 3,
    "Manufacturer": "Siemens",
    "ManufacturersModelName": "TrioTim",
    "PhaseEncodingDirection": "j-",
    "PhaseEncodingLines": 64,
    "ProcedureStepDescription": "BNU_cst_2019_Zhu.Bi",
    "ProtocolName": "Test2_216",
    "RepetitionTime": 2,
    "ScanningSequence": "EP",
    "SequenceName": "_epfid2d1_64",
    "SequenceVariant": "SK",
    "SeriesDescription": "Test2_216",
    "SliceTiming": [
      0,
      1.0175,
      0.0475,
      1.0675,
      0.0975,
      1.115,
      0.145,
      1.1625,
      0.195,
      1.2125,
      0.2425,
      1.26,
      0.29,
      1.31,
      0.34,
      1.3575,
      0.3875,
      1.405,
      0.4375,
      1.455,
      0.485,
      1.5025,
      0.5325,
      1.5525,
      0.5825,
      1.6,
      0.63,
      1.6475,
      0.6775,
      1.6975,
      0.7275,
      1.745,
      0.775,
      1.7925,
      0.825,
      1.8425,
      0.8725,
      1.89,
      0.92,
      1.94,
      0.97
    ],
    "SoftwareVersions": "syngo_MR_B17",
    "TaskName": "retrieval",
    "TotalReadoutTime": 0.01488,
    "TrueEchoSpacing": 0.000480001,
    "dataset": "ds003789",
    "modality": "bold",
    "run_id": 2,
    "subject_id": "5427",
    "task_id": "retrieval"
  },
  "dummy_trs": 0,
  "dvars_nstd": 33.417507961255815,
  "dvars_std": 1.1354279734883714,
  "dvars_vstd": 0.9970546402790698,
  "efc": 0.5938137031896756,
  "fber": 879.9512939453125,
  "fd_mean": 0.05351567889824318,
  "fd_num": 1,
  "fd_perc": 0.46296296296296297,
  "fwhm_avg": 1.7015339471247148,
  "fwhm_x": 1.6228,
  "fwhm_y": 1.8767533333333333,
  "fwhm_z": 1.6050485080408112,
  "gcor": 0.00658193,
  "gsr_x": 0.011356698349118233,
  "gsr_y": 0.035928111523389816,
  "provenance": {
    "md5sum": "f1068487565383d9eb1a079154a319c4",
    "settings": {
      "fd_thres": 0.2,
      "testing": false
    },
    "software": "mriqc",
    "version": "23.1.0"
  },
  "size_t": 216,
  "size_x": 64,
  "size_y": 64,
  "size_z": 41,
  "snr": 6.243635406464734,
  "spacing_tr": 2.0,
  "spacing_x": 3.0,
  "spacing_y": 3.0,
  "spacing_z": 3.299999952316284,
  "summary_bg_k": 14.812927933430217,
  "summary_bg_mad": 22.40376622900925,
  "summary_bg_mean": 62.926045544564076,
  "summary_bg_median": 27.5,
  "summary_bg_n": 118121.0,
  "summary_bg_p05": 7.921296119689941,
  "summary_bg_p95": 261.0694580078125,
  "summary_bg_stdv": 91.16374032992083,
  "summary_fg_k": 2.251989442479249,
  "summary_fg_mad": 103.19188342824663,
  "summary_fg_mean": 805.4348194403736,
  "summary_fg_median": 815.75927734375,
  "summary_fg_n": 49815.0,
  "summary_fg_p05": 553.3240966796875,
  "summary_fg_p95": 992.8287353515625,
  "summary_fg_stdv": 130.65322305175937,
  "tsnr": 47.40851303236559
}