{
  "bids_meta": {
    "AcquisitionNumber": 1,
    "AcquisitionTime": "09:27:57.987500",
    "ConversionSoftware": "dcm2niix",
    "ConversionSoftwareVersion": "v1.0.20170724 GCC4.4.7",
    "DeviceSerialNumber": "35193",
    "EchoTime": 0.00309,
    "FlipAngle": 10,
    "ImageType": [
      "ORIGINAL",
      "PRIMARY",
      "M",
      "ND",
      "NORM"
    ],
    "InstitutionAddress": "Xinjiekouwai_Street_No_19_Beijing_Haidian_District_CN_100875",
    "InstitutionName": "BNU_MRI_Center",
    "InversionTime": 0.8,
    "MagneticFieldStrength": 3,
    "Manufacturer": "Siemens",
    "ManufacturersModelName": "TrioTim",
    "PhaseEncodingDirection": "i-",
    "PhaseEncodingLines": 256,
    "ProcedureStepDescription": "BNU_cst_2019_Zhu.Bi",
    "ProtocolName": "UCI_MPRAGE_Sag_1x1x1",
    "RepetitionTime": 2.53,
    "ScanningSequence": "GR_IR",
    "SequenceName": "_tfl3d1_ns",
    "SequenceVariant": "SP_MP",
    "SeriesDescription": "UCI_MPRAGE_Sag_1x1x1",
    "SoftwareVersions": "syngo_MR_B17",
    "dataset": "ds003789",
    "modality": "T1w",
    "subject_id": "5425"
  },
  "cjv": 0.5571679292206853,
  "cnr": 1.7456046393626827,
  "efc": 0.5153962016164181,
  "fber": 7452.4689584729795,
  "fwhm_avg": 4.035263333333334,
  "fwhm_x": 4.10927,
  "fwhm_y": 4.16117,
  "fwhm_z": 3.83535,
  "icvs_csf": 0.2772110164967096,
  "icvs_gm": 0.38045834609625123,
  "icvs_wm": 0.3423306374070392,
  "inu_med": 0.5912156403064728,
  "inu_range": 0.24324768930673596,
  "provenance": {
    "md5sum": "de108fd131474464270ec49d7da708e1",
    "settings": {
      "testing": false
    },
    "software": "mriqc",
    "version": "23.1.0",
    "warnings": {
      "large_rot_frame": true,
      "small_air_mask": false
    }
  },
  "qi_1": 0.0,
  "qi_2": 0.0028144460913887186,
  "rpve_csf": 8.618609529645273,
  "rpve_gm": 8.525270084797201,
  "rpve_wm": 8.62659108303426,
  "size_x": 208,
  "size_y": 256,
  "size_z": 256,
  "snr_csf": 1.9552705653589402,
  "snr_gm": 4.959910619509338,
  "snr_total": 5.286363600359163,
  "snr_wm": 8.943909616209211,
  "snrd_csf": 25.7617466119474,
  "snrd_gm": 47.01229239707851,
  "snrd_total": 47.021065638670926,
  "snrd_wm": 68.28915790698686,
  "spacing_x": 1.0,
  "spacing_y": 1.0,
  "spacing_z": 1.0,
  "summary_bg_k": 6.411595046581752,
  "summary_bg_mad": 0.0,
  "summary_bg_mean": 5.491034234756029,
  "summary_bg_median": 0.0,
  "summary_bg_n": 5521871.0,
  "summary_bg_p05": 0.0,
  "summary_bg_p95": 24.867762811481953,
  "summary_bg_stdv": 9.1432045127322,
  "summary_csf_k": -0.6790865930677308,
  "summary_csf_mad": 145.02532915073593,
  "summary_csf_mean": 375.4920787129373,
  "summary_csf_median": 359.53569039702415,
  "summary_csf_n": 433032.4379274476,
  "summary_csf_p05": 92.124592512846,
  "summary_csf_p95": 680.0249526277184,
  "summary_csf_stdv": 183.88006326564252,
  "summary_gm_k": -0.4787532836275026,
  "summary_gm_mad": 88.55095200867316,
  "summary_gm_mean": 658.969453760742,
  "summary_gm_median": 656.1122294515371,
  "summary_gm_n": 594315.5045638665,
  "summary_gm_p05": 440.9344531595707,
  "summary_gm_p95": 901.410486549139,
  "summary_gm_stdv": 132.28296390679324,
  "summary_wm_k": -0.46544121971463204,
  "summary_wm_mad": 76.89664467173831,
  "summary_wm_mean": 922.4457796865888,
  "summary_wm_median": 953.0560914427042,
  "summary_wm_n": 534756.0582801977,
  "summary_wm_p05": 707.6476374641061,
  "summary_wm_p95": 1050.9476540610194,
  "summary_wm_stdv": 106.55912696189412,
  "tpm_overlap_csf": 0.22108114271987356,
  "tpm_overlap_gm": 0.5412289853500959,
  "tpm_overlap_wm": 0.5662294075666027,
  "wm2max": 0.5224938579886423
}