{
  "aor": 0.0007638425925925925,
  "aqi": 0.02190554583333333,
  "bids_meta": {
    "AccelFactPE": 2,
    "AcquisitionNumber": 1,
    "AcquisitionTime": "13:09:25.755000",
    "BandwidthPerPixelPhaseEncode": 65.104,
    "ConversionSoftware": "dcm2niix",
    "ConversionSoftwareVersion": "v1.0.20170724 GCC4.4.7",
    "DeviceSerialNumber": "35193",
    "EchoTime": 0.025,
    "EffectiveEchoSpacing": 0.000240001,
    "FlipAngle": 90,
    "ImageType": [
      "ORIGINAL",
      "PRIMARY",
      "M",
      "ND",
      "NORM",
      "MOSAIC"
    ],
    "InstitutionAddress": "Xinjiekouwai_Street_No_19_Beijing_Haidian_District_CN_100875",
    "InstitutionName": "BNU_MRI_Center",
    "MagneticFieldStrength": 3,
    "Manufacturer": "Siemens",
    "ManufacturersModelName": "TrioTim",
    "PhaseEncodingDirection": "j-",
    "PhaseEncodingLines": 64,
    "ProcedureStepDescription": "BNU_cst_2019_Zhu.Bi",
    "ProtocolName": "Test1_216",
    "RepetitionTime": 2,
    "ScanningSequence": "EP",
    "SequenceName": "_epfid2d1_64",
    "SequenceVariant": "SK",
    "SeriesDescription": "Test1_216",
    "SliceTiming": [
      0,
      1.0175,
      0.0475,
      1.0675,
      0.0975,
      1.115,
      0.145,
      1.1625,
      0.195,
      1.2125,
      0.2425,
      1.26,
      0.29,
      1.31,
      0.34,
      1.3575,
      0.3875,
      1.405,
      0.4375,
      1.455,
      0.485,
      1.5025,
      0.5325,
      1.5525,
      0.5825,
      1.6,
      0.63,
      1.6475,
      0.6775,
      1.6975,
      0.7275,
      1.745,
      0.775,
      1.7925,
      0.825,
      1.8425,
      0.8725,
      1.89,
      0.92,
      1.94,
      0.97
    ],
    "SoftwareVersions": "syngo_MR_B17",
    "TaskName": "retrieval",
    "TotalReadoutTime": 0.01488,
    "TrueEchoSpacing": 0.000480001,
    "dataset": "ds003789",
    "modality": "bold",
    "run_id": 1,
    "subject_id": "5407",
    "task_id": "retrieval"
  },
  "dummy_trs": 0,
  "dvars_nstd": 29.69092589102326,
  "dvars_std": 1.07300438683721,
  "dvars_vstd": 0.9820664198604655,
  "efc": 0.5666270450365308,
  "fber": 983.7435913085938,
  "fd_mean": 0.08924224414877699,
  "fd_num": 11,
  "fd_perc": 5.092592592592593,
  "fwhm_avg": 1.56159222943306,
  "fwhm_x": 1.49232,
  "fwhm_y": 1.6953566666666668,
  "fwhm_z": 1.4971000216325128,
  "gcor": 0.00580948,
  "gsr_x": 0.007844161242246628,
  "gsr_y": 0.029269766062498093,
  "provenance": {
    "md5sum": "0d38086cc7b01fd498a18ae2113705f3",
    "settings": {
      "fd_thres": 0.2,
      "testing": false
    },
    "software": "mriqc",
    "version": "23.1.0"
  },
  "size_t": 216,
  "size_x": 64,
  "size_y": 64,
  "size_z": 41,
  "snr": 6.457833105830963,
  "spacing_tr": 2.0,
  "spacing_x": 3.0,
  "spacing_y": 3.0,
  "spacing_z": 3.299999952316284,
  "summary_bg_k": 27.558103795386124,
  "summary_bg_mad": 17.097970502767293,
  "summary_bg_mean": 47.474611551296114,
  "summary_bg_median": 23.625,
  "summary_bg_n": 120997.0,
  "summary_bg_p05": 7.717592716217041,
  "summary_bg_p95": 190.63888549804688,
  "summary_bg_stdv": 75.2143345882496,
  "summary_fg_k": 2.990523599849295,
  "summary_fg_mad": 90.95353782036261,
  "summary_fg_mean": 733.5869725011851,
  "summary_fg_median": 740.99072265625,
  "summary_fg_n": 46939.0,
  "summary_fg_p05": 515.4166870117188,
  "summary_fg_p95": 895.3240966796875,
  "summary_fg_stdv": 114.74171248260654,
  "tsnr": 46.14743283635471
}