{
  "aor": 0.0026120915032679737,
  "aqi": 0.020632609803921568,
  "bids_meta": {
    "AccelFactPE": 2,
    "AcquisitionNumber": 1,
    "AcquisitionTime": "12:46:15.937500",
    "BandwidthPerPixelPhaseEncode": 65.104,
    "ConversionSoftware": "dcm2niix",
    "ConversionSoftwareVersion": "v1.0.20170724 GCC4.4.7",
    "DeviceSerialNumber": "35193",
    "EchoTime": 0.025,
    "EffectiveEchoSpacing": 0.000240001,
    "FlipAngle": 90,
    "ImageType": [
      "ORIGINAL",
      "PRIMARY",
      "M",
      "ND",
      "NORM",
      "MOSAIC"
    ],
    "InstitutionAddress": "Xinjiekouwai_Street_No_19_Beijing_Haidian_District_CN_100875",
    "InstitutionName": "BNU_MRI_Center",
    "MagneticFieldStrength": 3,
    "Manufacturer": "Siemens",
    "ManufacturersModelName": "TrioTim",
    "PhaseEncodingDirection": "j-",
    "PhaseEncodingLines": 64,
    "ProcedureStepDescription": "BNU_cst_2019_Zhu.Bi",
    "ProtocolName": "Learning5_154",
    "RepetitionTime": 2,
    "ScanningSequence": "EP",
    "SequenceName": "_epfid2d1_64",
    "SequenceVariant": "SK",
    "SeriesDescription": "Learning5_154",
    "SliceTiming": [
      0,
      1.0175,
      0.05,
      1.0675,
      0.0975,
      1.115,
      0.145,
      1.165,
      0.195,
      1.2125,
      0.2425,
      1.26,
      0.29,
      1.31,
      0.34,
      1.3575,
      0.3875,
      1.405,
      0.4375,
      1.455,
      0.485,
      1.5025,
      0.5325,
      1.5525,
      0.5825,
      1.6,
      0.63,
      1.6475,
      0.68,
      1.6975,
      0.7275,
      1.745,
      0.775,
      1.795,
      0.825,
      1.8425,
      0.8725,
      1.89,
      0.9225,
      1.94,
      0.97
    ],
    "SoftwareVersions": "syngo_MR_B17",
    "TaskName": "encoding",
    "TotalReadoutTime": 0.01488,
    "TrueEchoSpacing": 0.000480001,
    "dataset": "ds003789",
    "modality": "bold",
    "run_id": 5,
    "subject_id": "5407",
    "task_id": "encoding"
  },
  "dummy_trs": 1,
  "dvars_nstd": 28.287690714736858,
  "dvars_std": 1.0662009487499993,
  "dvars_vstd": 1.016632120197369,
  "efc": 0.5706708993209136,
  "fber": 955.5226440429688,
  "fd_mean": 0.1445112653028808,
  "fd_num": 24,
  "fd_perc": 15.686274509803921,
  "fwhm_avg": 1.5463891990471412,
  "fwhm_x": 1.47441,
  "fwhm_y": 1.6848666666666665,
  "fwhm_z": 1.4798909304747572,
  "gcor": 0.0124666,
  "gsr_x": 0.0075017050839960575,
  "gsr_y": 0.028721364215016365,
  "provenance": {
    "md5sum": "488c768d5269a6eab9c0a47acd15b6f1",
    "settings": {
      "fd_thres": 0.2,
      "testing": false
    },
    "software": "mriqc",
    "version": "23.1.0"
  },
  "size_t": 153,
  "size_x": 64,
  "size_y": 64,
  "size_z": 41,
  "snr": 6.3756886907154495,
  "spacing_tr": 2.0,
  "spacing_x": 3.0,
  "spacing_y": 3.0,
  "spacing_z": 3.299999952316284,
  "summary_bg_k": 25.90564739398758,
  "summary_bg_mad": 19.409493017764934,
  "summary_bg_mean": 52.49980856428673,
  "summary_bg_median": 25.33987045288086,
  "summary_bg_n": 120814.0,
  "summary_bg_p05": 7.300653457641602,
  "summary_bg_p95": 209.9084930419922,
  "summary_bg_stdv": 82.20613954650806,
  "summary_fg_k": 2.95607459229337,
  "summary_fg_mad": 98.63666412420893,
  "summary_fg_mean": 776.1256418185952,
  "summary_fg_median": 783.2941284179688,
  "summary_fg_n": 47122.0,
  "summary_fg_p05": 544.3856201171875,
  "summary_fg_p95": 949.5882568359375,
  "summary_fg_stdv": 122.85509143073281,
  "tsnr": 45.61330913018901
}