{
  "aor": 0.0007594907407407406,
  "aqi": 0.02416171898148148,
  "bids_meta": {
    "AccelFactPE": 2,
    "AcquisitionNumber": 1,
    "AcquisitionTime": "13:17:35.197500",
    "BandwidthPerPixelPhaseEncode": 65.104,
    "ConversionSoftware": "dcm2niix",
    "ConversionSoftwareVersion": "v1.0.20170724 GCC4.4.7",
    "DeviceSerialNumber": "35193",
    "EchoTime": 0.025,
    "EffectiveEchoSpacing": 0.000240001,
    "FlipAngle": 90,
    "ImageType": [
      "ORIGINAL",
      "PRIMARY",
      "M",
      "ND",
      "NORM",
      "MOSAIC"
    ],
    "InstitutionAddress": "Xinjiekouwai_Street_No_19_Beijing_Haidian_District_CN_100875",
    "InstitutionName": "BNU_MRI_Center",
    "MagneticFieldStrength": 3,
    "Manufacturer": "Siemens",
    "ManufacturersModelName": "TrioTim",
    "PhaseEncodingDirection": "j-",
    "PhaseEncodingLines": 64,
    "ProcedureStepDescription": "BNU_cst_2019_Zhu.Bi",
    "ProtocolName": "Test2_216",
    "RepetitionTime": 2,
    "ScanningSequence": "EP",
    "SequenceName": "_epfid2d1_64",
    "SequenceVariant": "SK",
    "SeriesDescription": "Test2_216",
    "SliceTiming": [
      0,
      1.0175,
      0.0475,
      1.065,
      0.0975,
      1.115,
      0.145,
      1.1625,
      0.1925,
      1.2125,
      0.2425,
      1.26,
      0.29,
      1.3075,
      0.34,
      1.3575,
      0.3875,
      1.405,
      0.435,
      1.455,
      0.485,
      1.5025,
      0.5325,
      1.55,
      0.5825,
      1.6,
      0.63,
      1.6475,
      0.6775,
      1.6975,
      0.7275,
      1.745,
      0.775,
      1.7925,
      0.825,
      1.8425,
      0.8725,
      1.89,
      0.92,
      1.9375,
      0.97
    ],
    "SoftwareVersions": "syngo_MR_B17",
    "TaskName": "retrieval",
    "TotalReadoutTime": 0.01488,
    "TrueEchoSpacing": 0.000480001,
    "dataset": "ds003789",
    "modality": "bold",
    "run_id": 2,
    "subject_id": "5407",
    "task_id": "retrieval"
  },
  "dummy_trs": 0,
  "dvars_nstd": 29.03878584562792,
  "dvars_std": 1.0586332857674425,
  "dvars_vstd": 0.9760104237209304,
  "efc": 0.5666202116922842,
  "fber": 981.4715576171875,
  "fd_mean": 0.09804160224957116,
  "fd_num": 10,
  "fd_perc": 4.62962962962963,
  "fwhm_avg": 1.5728250577129108,
  "fwhm_x": 1.5074466666666666,
  "fwhm_y": 1.7145466666666669,
  "fwhm_z": 1.4964818398053985,
  "gcor": 0.00656131,
  "gsr_x": 0.008958376944065094,
  "gsr_y": 0.02924448810517788,
  "provenance": {
    "md5sum": "a006c0dbfbea3e7d38f4d3e12cee6651",
    "settings": {
      "fd_thres": 0.2,
      "testing": false
    },
    "software": "mriqc",
    "version": "23.1.0"
  },
  "size_t": 216,
  "size_x": 64,
  "size_y": 64,
  "size_z": 41,
  "snr": 6.378511706488068,
  "spacing_tr": 2.0,
  "spacing_x": 3.0,
  "spacing_y": 3.0,
  "spacing_z": 3.299999952316284,
  "summary_bg_k": 28.012609309476193,
  "summary_bg_mad": 17.40684832148872,
  "summary_bg_mean": 47.625893905571544,
  "summary_bg_median": 23.68055534362793,
  "summary_bg_n": 120995.0,
  "summary_bg_p05": 7.828703880310059,
  "summary_bg_p95": 188.82408142089844,
  "summary_bg_stdv": 75.53020761763885,
  "summary_fg_k": 2.9310593458610876,
  "summary_fg_mad": 92.32628413717963,
  "summary_fg_mean": 734.2694181038086,
  "summary_fg_median": 741.875,
  "summary_fg_n": 46941.0,
  "summary_fg_p05": 512.504638671875,
  "summary_fg_p95": 898.5416870117188,
  "summary_fg_stdv": 116.30724091895583,
  "tsnr": 44.899292352143675
}