{
  "aor": 0.005129805194805195,
  "aqi": 0.018198779220779223,
  "bids_meta": {
    "AccelFactPE": 2,
    "AcquisitionNumber": 1,
    "AcquisitionTime": "12:40:17.297500",
    "BandwidthPerPixelPhaseEncode": 65.104,
    "ConversionSoftware": "dcm2niix",
    "ConversionSoftwareVersion": "v1.0.20170724 GCC4.4.7",
    "DeviceSerialNumber": "35193",
    "EchoTime": 0.025,
    "EffectiveEchoSpacing": 0.000240001,
    "FlipAngle": 90,
    "ImageType": [
      "ORIGINAL",
      "PRIMARY",
      "M",
      "ND",
      "NORM",
      "MOSAIC"
    ],
    "InstitutionAddress": "Xinjiekouwai_Street_No_19_Beijing_Haidian_District_CN_100875",
    "InstitutionName": "BNU_MRI_Center",
    "MagneticFieldStrength": 3,
    "Manufacturer": "Siemens",
    "ManufacturersModelName": "TrioTim",
    "PhaseEncodingDirection": "j-",
    "PhaseEncodingLines": 64,
    "ProcedureStepDescription": "BNU_cst_2019_Zhu.Bi",
    "ProtocolName": "Learning4_154",
    "RepetitionTime": 2,
    "ScanningSequence": "EP",
    "SequenceName": "_epfid2d1_64",
    "SequenceVariant": "SK",
    "SeriesDescription": "Learning4_154",
    "SliceTiming": [
      0,
      1.0175,
      0.0475,
      1.065,
      0.0975,
      1.115,
      0.145,
      1.1625,
      0.1925,
      1.21,
      0.2425,
      1.26,
      0.29,
      1.3075,
      0.3375,
      1.3575,
      0.3875,
      1.405,
      0.435,
      1.4525,
      0.485,
      1.5025,
      0.5325,
      1.55,
      0.58,
      1.6,
      0.63,
      1.6475,
      0.6775,
      1.695,
      0.7275,
      1.745,
      0.775,
      1.7925,
      0.8225,
      1.8425,
      0.8725,
      1.89,
      0.92,
      1.9375,
      0.97
    ],
    "SoftwareVersions": "syngo_MR_B17",
    "TaskName": "encoding",
    "TotalReadoutTime": 0.01488,
    "TrueEchoSpacing": 0.000480001,
    "dataset": "ds003789",
    "modality": "bold",
    "run_id": 4,
    "subject_id": "5407",
    "task_id": "encoding"
  },
  "dummy_trs": 0,
  "dvars_nstd": 27.984760994705876,
  "dvars_std": 1.1111814571895426,
  "dvars_vstd": 1.0620273049019608,
  "efc": 0.5702195519817254,
  "fber": 979.1231689453125,
  "fd_mean": 0.12856562193915472,
  "fd_num": 20,
  "fd_perc": 12.987012987012987,
  "fwhm_avg": 1.542415663698291,
  "fwhm_x": 1.4798966666666666,
  "fwhm_y": 1.6664866666666667,
  "fwhm_z": 1.48086365776154,
  "gcor": 0.00921713,
  "gsr_x": 0.007897022180259228,
  "gsr_y": 0.03226766362786293,
  "provenance": {
    "md5sum": "de7d13b4d585bc33782e6f8efbc666e2",
    "settings": {
      "fd_thres": 0.2,
      "testing": false
    },
    "software": "mriqc",
    "version": "23.1.0"
  },
  "size_t": 154,
  "size_x": 64,
  "size_y": 64,
  "size_z": 41,
  "snr": 6.427933394054902,
  "spacing_tr": 2.0,
  "spacing_x": 3.0,
  "spacing_y": 3.0,
  "spacing_z": 3.299999952316284,
  "summary_bg_k": 25.10802442326432,
  "summary_bg_mad": 19.235322152627667,
  "summary_bg_mean": 52.37541513154389,
  "summary_bg_median": 25.019479751586914,
  "summary_bg_n": 120891.0,
  "summary_bg_p05": 6.766233921051025,
  "summary_bg_p95": 209.49349975585938,
  "summary_bg_stdv": 82.02955887646498,
  "summary_fg_k": 2.737496300612527,
  "summary_fg_mad": 99.02631775902859,
  "summary_fg_mean": 776.243079201399,
  "summary_fg_median": 782.8831176757812,
  "summary_fg_n": 47045.0,
  "summary_fg_p05": 547.3181762695312,
  "summary_fg_p95": 949.0779418945312,
  "summary_fg_stdv": 121.7926118802567,
  "tsnr": 47.46341762074735
}