{
  "aor": 0.0004957407407407407,
  "aqi": 0.016769818055555556,
  "bids_meta": {
    "AccelFactPE": 2,
    "AcquisitionNumber": 1,
    "AcquisitionTime": "11:05:4.527500",
    "BandwidthPerPixelPhaseEncode": 65.104,
    "ConversionSoftware": "dcm2niix",
    "ConversionSoftwareVersion": "v1.0.20170724 GCC4.4.7",
    "DeviceSerialNumber": "35193",
    "EchoTime": 0.025,
    "EffectiveEchoSpacing": 0.000240001,
    "FlipAngle": 90,
    "ImageType": [
      "ORIGINAL",
      "PRIMARY",
      "M",
      "ND",
      "NORM",
      "MOSAIC"
    ],
    "InstitutionAddress": "Xinjiekouwai_Street_No_19_Beijing_Haidian_District_CN_100875",
    "InstitutionName": "BNU_MRI_Center",
    "MagneticFieldStrength": 3,
    "Manufacturer": "Siemens",
    "ManufacturersModelName": "TrioTim",
    "PhaseEncodingDirection": "j-",
    "PhaseEncodingLines": 64,
    "ProcedureStepDescription": "BNU_cst_2019_Zhu.Bi",
    "ProtocolName": "Test1_216",
    "RepetitionTime": 2,
    "ScanningSequence": "EP",
    "SequenceName": "_epfid2d1_64",
    "SequenceVariant": "SK",
    "SeriesDescription": "Test1_216",
    "SliceTiming": [
      0,
      1.0175,
      0.05,
      1.0675,
      0.0975,
      1.115,
      0.145,
      1.165,
      0.195,
      1.2125,
      0.2425,
      1.26,
      0.2925,
      1.31,
      0.34,
      1.3575,
      0.3875,
      1.405,
      0.4375,
      1.455,
      0.485,
      1.5025,
      0.5325,
      1.5525,
      0.5825,
      1.6,
      0.63,
      1.6475,
      0.68,
      1.6975,
      0.7275,
      1.745,
      0.775,
      1.795,
      0.825,
      1.8425,
      0.8725,
      1.89,
      0.9225,
      1.94,
      0.97
    ],
    "SoftwareVersions": "syngo_MR_B17",
    "TaskName": "retrieval",
    "TotalReadoutTime": 0.01488,
    "TrueEchoSpacing": 0.000480001,
    "dataset": "ds003789",
    "modality": "bold",
    "run_id": 1,
    "subject_id": "5437",
    "task_id": "retrieval"
  },
  "dummy_trs": 0,
  "dvars_nstd": 33.39288193465116,
  "dvars_std": 1.1967579729767432,
  "dvars_vstd": 0.9937827550232562,
  "efc": 0.578035758909156,
  "fber": 1156.2918701171875,
  "fd_mean": 0.06213884048563538,
  "fd_num": 4,
  "fd_perc": 1.8518518518518519,
  "fwhm_avg": 1.5863800073400813,
  "fwhm_x": 1.48806,
  "fwhm_y": 1.7471466666666666,
  "fwhm_z": 1.5239333553535772,
  "gcor": 0.00496669,
  "gsr_x": -0.0056936852633953094,
  "gsr_y": 0.04139536991715431,
  "provenance": {
    "md5sum": "4d2a71b267931ef06c2f9c6d42fa23b5",
    "settings": {
      "fd_thres": 0.2,
      "testing": false
    },
    "software": "mriqc",
    "version": "23.1.0"
  },
  "size_t": 216,
  "size_x": 64,
  "size_y": 64,
  "size_z": 41,
  "snr": 6.428785205242297,
  "spacing_tr": 2.0,
  "spacing_x": 3.0,
  "spacing_y": 3.0,
  "spacing_z": 3.299999952316284,
  "summary_bg_k": 19.571614487351376,
  "summary_bg_mad": 20.028859109697386,
  "summary_bg_mean": 62.41391502357683,
  "summary_bg_median": 27.490741729736328,
  "summary_bg_n": 118964.0,
  "summary_bg_p05": 10.175926208496094,
  "summary_bg_p95": 262.2638854980469,
  "summary_bg_stdv": 96.5760971339488,
  "summary_fg_k": 2.7824789617871684,
  "summary_fg_mad": 117.8051163605673,
  "summary_fg_mean": 926.4146482923652,
  "summary_fg_median": 934.80322265625,
  "summary_fg_n": 48972.0,
  "summary_fg_p05": 660.388916015625,
  "summary_fg_p95": 1134.5555419921875,
  "summary_fg_stdv": 145.40751456169332,
  "tsnr": 51.998014277778566
}