{
  "aor": 0.0005924836601307191,
  "aqi": 0.016639628104575165,
  "bids_meta": {
    "AccelFactPE": 2,
    "AcquisitionNumber": 1,
    "AcquisitionTime": "12:31:0.902500",
    "BandwidthPerPixelPhaseEncode": 65.104,
    "ConversionSoftware": "dcm2niix",
    "ConversionSoftwareVersion": "v1.0.20170724 GCC4.4.7",
    "DeviceSerialNumber": "35193",
    "EchoTime": 0.025,
    "EffectiveEchoSpacing": 0.000240001,
    "FlipAngle": 90,
    "ImageType": [
      "ORIGINAL",
      "PRIMARY",
      "M",
      "ND",
      "NORM",
      "MOSAIC"
    ],
    "InstitutionAddress": "Xinjiekouwai_Street_No_19_Beijing_Haidian_District_CN_100875",
    "InstitutionName": "BNU_MRI_Center",
    "MagneticFieldStrength": 3,
    "Manufacturer": "Siemens",
    "ManufacturersModelName": "TrioTim",
    "PhaseEncodingDirection": "j-",
    "PhaseEncodingLines": 64,
    "ProcedureStepDescription": "BNU_cst_2019_Zhu.Bi",
    "ProtocolName": "Learning4_154",
    "RepetitionTime": 2,
    "ScanningSequence": "EP",
    "SequenceName": "_epfid2d1_64",
    "SequenceVariant": "SK",
    "SeriesDescription": "Learning4_154",
    "SliceTiming": [
      0,
      1.0175,
      0.0475,
      1.065,
      0.095,
      1.115,
      0.145,
      1.1625,
      0.1925,
      1.21,
      0.2425,
      1.26,
      0.29,
      1.3075,
      0.3375,
      1.3575,
      0.3875,
      1.405,
      0.435,
      1.4525,
      0.485,
      1.5025,
      0.5325,
      1.55,
      0.58,
      1.6,
      0.63,
      1.6475,
      0.6775,
      1.695,
      0.7275,
      1.745,
      0.775,
      1.7925,
      0.8225,
      1.8425,
      0.8725,
      1.89,
      0.92,
      1.9375,
      0.97
    ],
    "SoftwareVersions": "syngo_MR_B17",
    "TaskName": "encoding",
    "TotalReadoutTime": 0.01488,
    "TrueEchoSpacing": 0.000480001,
    "dataset": "ds003789",
    "modality": "bold",
    "run_id": 4,
    "subject_id": "5437",
    "task_id": "encoding"
  },
  "dummy_trs": 1,
  "dvars_nstd": 34.626582497039486,
  "dvars_std": 1.2120229567763154,
  "dvars_vstd": 1.0035784665131582,
  "efc": 0.5759772882303414,
  "fber": 1259.832763671875,
  "fd_mean": 0.08331385975812126,
  "fd_num": 3,
  "fd_perc": 1.9607843137254901,
  "fwhm_avg": 1.570785865841125,
  "fwhm_x": 1.47807,
  "fwhm_y": 1.7279633333333333,
  "fwhm_z": 1.5063242641900418,
  "gcor": 0.00502979,
  "gsr_x": -0.0023205417674034834,
  "gsr_y": 0.04244047403335571,
  "provenance": {
    "md5sum": "901cacd9a3d4e39c8e2086bfb3990e2c",
    "settings": {
      "fd_thres": 0.2,
      "testing": false
    },
    "software": "mriqc",
    "version": "23.1.0"
  },
  "size_t": 153,
  "size_x": 64,
  "size_y": 64,
  "size_z": 41,
  "snr": 6.622689167309995,
  "spacing_tr": 2.0,
  "spacing_x": 3.0,
  "spacing_y": 3.0,
  "spacing_z": 3.299999952316284,
  "summary_bg_k": 20.201594545458097,
  "summary_bg_mad": 18.091622336764896,
  "summary_bg_mean": 59.85828391818243,
  "summary_bg_median": 25.58169937133789,
  "summary_bg_n": 119219.0,
  "summary_bg_p05": 10.372549057006836,
  "summary_bg_p95": 250.45098876953125,
  "summary_bg_stdv": 94.02965522589706,
  "summary_fg_k": 3.2132194239459544,
  "summary_fg_mad": 109.99353828370043,
  "summary_fg_mean": 901.1146965374913,
  "summary_fg_median": 908.0,
  "summary_fg_n": 48717.0,
  "summary_fg_p05": 653.45751953125,
  "summary_fg_p95": 1096.6732177734375,
  "summary_fg_stdv": 137.10301931505848,
  "tsnr": 53.33981839939952
}