{
  "aor": 0.0005780392156862744,
  "aqi": 0.014589558169934642,
  "bids_meta": {
    "AccelFactPE": 2,
    "AcquisitionNumber": 1,
    "AcquisitionTime": "12:17:57.207500",
    "BandwidthPerPixelPhaseEncode": 65.104,
    "ConversionSoftware": "dcm2niix",
    "ConversionSoftwareVersion": "v1.0.20170724 GCC4.4.7",
    "DeviceSerialNumber": "35193",
    "EchoTime": 0.025,
    "EffectiveEchoSpacing": 0.000240001,
    "FlipAngle": 90,
    "ImageType": [
      "ORIGINAL",
      "PRIMARY",
      "M",
      "ND",
      "NORM",
      "MOSAIC"
    ],
    "InstitutionAddress": "Xinjiekouwai_Street_No_19_Beijing_Haidian_District_CN_100875",
    "InstitutionName": "BNU_MRI_Center",
    "MagneticFieldStrength": 3,
    "Manufacturer": "Siemens",
    "ManufacturersModelName": "TrioTim",
    "PhaseEncodingDirection": "j-",
    "PhaseEncodingLines": 64,
    "ProcedureStepDescription": "BNU_cst_2019_Zhu.Bi",
    "ProtocolName": "Learning2_154",
    "RepetitionTime": 2,
    "ScanningSequence": "EP",
    "SequenceName": "_epfid2d1_64",
    "SequenceVariant": "SK",
    "SeriesDescription": "Learning2_154",
    "SliceTiming": [
      0,
      1.0175,
      0.05,
      1.0675,
      0.0975,
      1.115,
      0.145,
      1.1625,
      0.195,
      1.2125,
      0.2425,
      1.26,
      0.29,
      1.31,
      0.34,
      1.3575,
      0.3875,
      1.405,
      0.4375,
      1.455,
      0.485,
      1.5025,
      0.5325,
      1.5525,
      0.5825,
      1.6,
      0.63,
      1.6475,
      0.68,
      1.6975,
      0.7275,
      1.745,
      0.775,
      1.795,
      0.825,
      1.8425,
      0.8725,
      1.89,
      0.9225,
      1.94,
      0.97
    ],
    "SoftwareVersions": "syngo_MR_B17",
    "TaskName": "encoding",
    "TotalReadoutTime": 0.01488,
    "TrueEchoSpacing": 0.000480001,
    "dataset": "ds003789",
    "modality": "bold",
    "run_id": 2,
    "subject_id": "5437",
    "task_id": "encoding"
  },
  "dummy_trs": 1,
  "dvars_nstd": 33.83506052072367,
  "dvars_std": 1.210776968947369,
  "dvars_vstd": 1.011438860526316,
  "efc": 0.5736749959060892,
  "fber": 1305.015625,
  "fd_mean": 0.05981957073484972,
  "fd_num": 0,
  "fd_perc": 0.0,
  "fwhm_avg": 1.5709902093300705,
  "fwhm_x": 1.4753999999999998,
  "fwhm_y": 1.7199099999999998,
  "fwhm_z": 1.5176606279902116,
  "gcor": 0.00586691,
  "gsr_x": -0.0020890599116683006,
  "gsr_y": 0.0430062860250473,
  "provenance": {
    "md5sum": "0dce415e737eb23327a103532679859e",
    "settings": {
      "fd_thres": 0.2,
      "testing": false
    },
    "software": "mriqc",
    "version": "23.1.0"
  },
  "size_t": 153,
  "size_x": 64,
  "size_y": 64,
  "size_z": 41,
  "snr": 6.60283224270346,
  "spacing_tr": 2.0,
  "spacing_x": 3.0,
  "spacing_y": 3.0,
  "spacing_z": 3.299999952316284,
  "summary_bg_k": 20.888685575218407,
  "summary_bg_mad": 17.490830907369553,
  "summary_bg_mean": 58.24850219427695,
  "summary_bg_median": 25.098039627075195,
  "summary_bg_n": 119283.0,
  "summary_bg_p05": 10.313725471496582,
  "summary_bg_p95": 245.48365783691406,
  "summary_bg_stdv": 92.41704917354018,
  "summary_fg_k": 3.0372149128715176,
  "summary_fg_mad": 110.63312766849032,
  "summary_fg_mean": 898.7695928438789,
  "summary_fg_median": 906.6666870117188,
  "summary_fg_n": 48653.0,
  "summary_fg_p05": 649.7843017578125,
  "summary_fg_p95": 1093.1829833984375,
  "summary_fg_stdv": 137.31340369588224,
  "tsnr": 56.38164058350958
}