{
  "bids_meta": {
    "AcquisitionNumber": 1,
    "AcquisitionTime": "12:37:22.767500",
    "ConversionSoftware": "dcm2niix",
    "ConversionSoftwareVersion": "v1.0.20170724 GCC4.4.7",
    "DeviceSerialNumber": "35193",
    "EchoTime": 0.00309,
    "FlipAngle": 10,
    "ImageType": [
      "ORIGINAL",
      "PRIMARY",
      "M",
      "ND",
      "NORM"
    ],
    "InstitutionAddress": "Xinjiekouwai_Street_No_19_Beijing_Haidian_District_CN_100875",
    "InstitutionName": "BNU_MRI_Center",
    "InversionTime": 0.8,
    "MagneticFieldStrength": 3,
    "Manufacturer": "Siemens",
    "ManufacturersModelName": "TrioTim",
    "PhaseEncodingDirection": "i-",
    "PhaseEncodingLines": 256,
    "ProcedureStepDescription": "BNU_cst_2019_Zhu.Bi",
    "ProtocolName": "UCI_MPRAGE_Sag_1x1x1",
    "RepetitionTime": 2.53,
    "ScanningSequence": "GR_IR",
    "SequenceName": "_tfl3d1_ns",
    "SequenceVariant": "SP_MP",
    "SeriesDescription": "UCI_MPRAGE_Sag_1x1x1",
    "SoftwareVersions": "syngo_MR_B17",
    "dataset": "ds003789",
    "modality": "T1w",
    "subject_id": "5424"
  },
  "cjv": 0.5874833700172741,
  "cnr": 1.744083082836515,
  "efc": 0.5268658640179353,
  "fber": 11365.413988657845,
  "fwhm_avg": 4.167269435368659,
  "fwhm_x": 4.222828306105977,
  "fwhm_y": 4.27013,
  "fwhm_z": 4.00885,
  "icvs_csf": 0.27159495800106626,
  "icvs_gm": 0.3827564908848773,
  "icvs_wm": 0.3456485511140565,
  "inu_med": 0.623399943113327,
  "inu_range": 0.28824644982814784,
  "provenance": {
    "md5sum": "919eaed15250d9d66668a7ead854c3b7",
    "settings": {
      "testing": false
    },
    "software": "mriqc",
    "version": "23.1.0",
    "warnings": {
      "large_rot_frame": true,
      "small_air_mask": false
    }
  },
  "qi_1": 0.0,
  "qi_2": 0.0022488107875956475,
  "rpve_csf": 8.82591038874346,
  "rpve_gm": 8.73356905221216,
  "rpve_wm": 8.82495384864689,
  "size_x": 208,
  "size_y": 256,
  "size_z": 256,
  "snr_csf": 1.964491464137652,
  "snr_gm": 5.759468991441586,
  "snr_total": 5.804389847946296,
  "snr_wm": 9.68920908825965,
  "snrd_csf": 26.221189076644073,
  "snrd_gm": 45.742134161467376,
  "snrd_total": 45.24372086951454,
  "snrd_wm": 63.76783937043217,
  "spacing_x": 0.9999980330467224,
  "spacing_y": 1.0,
  "spacing_z": 1.0,
  "summary_bg_k": 7.588146645679393,
  "summary_bg_mad": 0.0,
  "summary_bg_mean": 5.63605956190765,
  "summary_bg_median": 0.0,
  "summary_bg_n": 4976992.0,
  "summary_bg_p05": 0.0,
  "summary_bg_p95": 26.007254242897034,
  "summary_bg_stdv": 9.7347305058313,
  "summary_csf_k": -0.3579435973748444,
  "summary_csf_mad": 151.06446673423142,
  "summary_csf_mean": 398.38034158952644,
  "summary_csf_median": 389.62299942970276,
  "summary_csf_n": 414747.7719390517,
  "summary_csf_p05": 86.66925573348999,
  "summary_csf_p95": 717.1589423418045,
  "summary_csf_stdv": 198.33251344243976,
  "summary_gm_k": -0.5069674793651835,
  "summary_gm_mad": 83.64726670407856,
  "summary_gm_mean": 685.5094949627887,
  "summary_gm_median": 679.6864726543427,
  "summary_gm_n": 584500.5480149215,
  "summary_gm_p05": 495.46572279930115,
  "summary_gm_p95": 903.0314605236053,
  "summary_gm_stdv": 118.01190218040584,
  "summary_wm_k": -0.3504108842340936,
  "summary_wm_mad": 73.70755131501755,
  "summary_wm_mean": 924.6027680785801,
  "summary_wm_median": 947.5320425033569,
  "summary_wm_n": 527833.6810948956,
  "summary_wm_p05": 731.3123297691345,
  "summary_wm_p95": 1050.2331672906876,
  "summary_wm_stdv": 97.7924138394522,
  "tpm_overlap_csf": 0.20064376776911858,
  "tpm_overlap_gm": 0.5322665111018801,
  "tpm_overlap_wm": 0.5601036970213468,
  "wm2max": 0.5303458777463563
}