{
  "aor": 0.0010849019607843137,
  "aqi": 0.018653507189542482,
  "bids_meta": {
    "AccelFactPE": 2,
    "AcquisitionNumber": 1,
    "AcquisitionTime": "10:45:17.225000",
    "BandwidthPerPixelPhaseEncode": 65.104,
    "ConversionSoftware": "dcm2niix",
    "ConversionSoftwareVersion": "v1.0.20170724 GCC4.4.7",
    "DeviceSerialNumber": "35193",
    "EchoTime": 0.025,
    "EffectiveEchoSpacing": 0.000240001,
    "FlipAngle": 90,
    "ImageType": [
      "ORIGINAL",
      "PRIMARY",
      "M",
      "ND",
      "NORM",
      "MOSAIC"
    ],
    "InstitutionAddress": "Xinjiekouwai_Street_No_19_Beijing_Haidian_District_CN_100875",
    "InstitutionName": "BNU_MRI_Center",
    "MagneticFieldStrength": 3,
    "Manufacturer": "Siemens",
    "ManufacturersModelName": "TrioTim",
    "PhaseEncodingDirection": "j-",
    "PhaseEncodingLines": 64,
    "ProcedureStepDescription": "BNU_cst_2019_Zhu.Bi",
    "ProtocolName": "Learning7_154",
    "RepetitionTime": 2,
    "ScanningSequence": "EP",
    "SequenceName": "_epfid2d1_64",
    "SequenceVariant": "SK",
    "SeriesDescription": "Learning7_154",
    "SliceTiming": [
      0,
      1.0175,
      0.05,
      1.0675,
      0.0975,
      1.115,
      0.145,
      1.165,
      0.195,
      1.2125,
      0.2425,
      1.26,
      0.2925,
      1.31,
      0.34,
      1.3575,
      0.3875,
      1.4075,
      0.4375,
      1.455,
      0.485,
      1.5025,
      0.535,
      1.5525,
      0.5825,
      1.6,
      0.63,
      1.6475,
      0.68,
      1.6975,
      0.7275,
      1.745,
      0.775,
      1.795,
      0.825,
      1.8425,
      0.8725,
      1.89,
      0.9225,
      1.94,
      0.97
    ],
    "SoftwareVersions": "syngo_MR_B17",
    "TaskName": "encoding",
    "TotalReadoutTime": 0.01488,
    "TrueEchoSpacing": 0.000480001,
    "dataset": "ds003789",
    "modality": "bold",
    "run_id": 7,
    "subject_id": "5430",
    "task_id": "encoding"
  },
  "dummy_trs": 1,
  "dvars_nstd": 33.165432729210536,
  "dvars_std": 1.1043176084210529,
  "dvars_vstd": 1.0053744224999996,
  "efc": 0.6234144630243835,
  "fber": 492.0345764160156,
  "fd_mean": 0.06279754683655188,
  "fd_num": 6,
  "fd_perc": 3.9215686274509802,
  "fwhm_avg": 1.6270956641102654,
  "fwhm_x": 1.6155733333333335,
  "fwhm_y": 1.6993166666666666,
  "fwhm_z": 1.5663969923307965,
  "gcor": 0.00456405,
  "gsr_x": 0.032102424651384354,
  "gsr_y": 0.01616586558520794,
  "provenance": {
    "md5sum": "51cb9221fc68af887c96b8fe28a8e8e4",
    "settings": {
      "fd_thres": 0.2,
      "testing": false
    },
    "software": "mriqc",
    "version": "23.1.0"
  },
  "size_t": 153,
  "size_x": 64,
  "size_y": 64,
  "size_z": 41,
  "snr": 6.36462725126894,
  "spacing_tr": 2.0,
  "spacing_x": 3.0,
  "spacing_y": 3.0,
  "spacing_z": 3.299999952316284,
  "summary_bg_k": 8.14216475593725,
  "summary_bg_mad": 28.479528871634802,
  "summary_bg_mean": 75.23328472152203,
  "summary_bg_median": 35.58169937133789,
  "summary_bg_n": 116087.0,
  "summary_bg_p05": 9.960783958435059,
  "summary_bg_p95": 295.45098876953125,
  "summary_bg_stdv": 95.80908152625527,
  "summary_fg_k": 2.07207116026884,
  "summary_fg_mad": 103.04565020161668,
  "summary_fg_mean": 782.4010944862706,
  "summary_fg_median": 789.2680053710938,
  "summary_fg_n": 51849.0,
  "summary_fg_p05": 543.0849609375,
  "summary_fg_p95": 960.5817260742188,
  "summary_fg_stdv": 124.00732406753221,
  "tsnr": 46.04824721580371
}