{
  "aor": 0.0004373148148148148,
  "aqi": 0.014510988425925927,
  "bids_meta": {
    "AccelFactPE": 2,
    "AcquisitionNumber": 1,
    "AcquisitionTime": "10:06:33.290000",
    "BandwidthPerPixelPhaseEncode": 65.104,
    "ConversionSoftware": "dcm2niix",
    "ConversionSoftwareVersion": "v1.0.20170724 GCC4.4.7",
    "DeviceSerialNumber": "35193",
    "EchoTime": 0.025,
    "EffectiveEchoSpacing": 0.000240001,
    "FlipAngle": 90,
    "ImageType": [
      "ORIGINAL",
      "PRIMARY",
      "M",
      "ND",
      "NORM",
      "MOSAIC"
    ],
    "InstitutionAddress": "Xinjiekouwai_Street_No_19_Beijing_Haidian_District_CN_100875",
    "InstitutionName": "BNU_MRI_Center",
    "MagneticFieldStrength": 3,
    "Manufacturer": "Siemens",
    "ManufacturersModelName": "TrioTim",
    "PhaseEncodingDirection": "j-",
    "PhaseEncodingLines": 64,
    "ProcedureStepDescription": "BNU_cst_2019_Zhu.Bi",
    "ProtocolName": "Test3_216",
    "RepetitionTime": 2,
    "ScanningSequence": "EP",
    "SequenceName": "_epfid2d1_64",
    "SequenceVariant": "SK",
    "SeriesDescription": "Test3_216",
    "SliceTiming": [
      0,
      1.0175,
      0.05,
      1.0675,
      0.0975,
      1.115,
      0.145,
      1.165,
      0.195,
      1.2125,
      0.2425,
      1.26,
      0.29,
      1.31,
      0.34,
      1.3575,
      0.3875,
      1.405,
      0.4375,
      1.455,
      0.485,
      1.5025,
      0.5325,
      1.5525,
      0.5825,
      1.6,
      0.63,
      1.6475,
      0.68,
      1.6975,
      0.7275,
      1.745,
      0.775,
      1.795,
      0.825,
      1.8425,
      0.8725,
      1.89,
      0.9225,
      1.94,
      0.97
    ],
    "SoftwareVersions": "syngo_MR_B17",
    "TaskName": "retrieval",
    "TotalReadoutTime": 0.01488,
    "TrueEchoSpacing": 0.000480001,
    "dataset": "ds003789",
    "modality": "bold",
    "run_id": 3,
    "subject_id": "5430",
    "task_id": "retrieval"
  },
  "dummy_trs": 0,
  "dvars_nstd": 32.70760444832559,
  "dvars_std": 1.1084902513488368,
  "dvars_vstd": 1.0019819433953485,
  "efc": 0.6197372820309155,
  "fber": 549.79931640625,
  "fd_mean": 0.04323425619659817,
  "fd_num": 0,
  "fd_perc": 0.0,
  "fwhm_avg": 1.628971522816012,
  "fwhm_x": 1.60631,
  "fwhm_y": 1.6893166666666666,
  "fwhm_z": 1.5912879017813697,
  "gcor": 0.00962296,
  "gsr_x": 0.034514911472797394,
  "gsr_y": 0.018501559272408485,
  "provenance": {
    "md5sum": "3565e6d3107f59f6798b22fdbcdc8efb",
    "settings": {
      "fd_thres": 0.2,
      "testing": false
    },
    "software": "mriqc",
    "version": "23.1.0"
  },
  "size_t": 216,
  "size_x": 64,
  "size_y": 64,
  "size_z": 41,
  "snr": 6.337157609338412,
  "spacing_tr": 2.0,
  "spacing_x": 3.0,
  "spacing_y": 3.0,
  "spacing_z": 3.299999952316284,
  "summary_bg_k": 9.308415247143673,
  "summary_bg_mad": 26.570156213387456,
  "summary_bg_mean": 72.38610296599332,
  "summary_bg_median": 33.5694465637207,
  "summary_bg_n": 116013.0,
  "summary_bg_p05": 10.393518447875977,
  "summary_bg_p95": 286.3657531738281,
  "summary_bg_stdv": 94.32513297890064,
  "summary_fg_k": 2.2272444822729405,
  "summary_fg_mad": 102.05929984872904,
  "summary_fg_mean": 779.8117388272588,
  "summary_fg_median": 787.129638671875,
  "summary_fg_n": 51923.0,
  "summary_fg_p05": 539.5370483398438,
  "summary_fg_p95": 956.2870483398438,
  "summary_fg_stdv": 124.20742979429122,
  "tsnr": 49.025293928571045
}