{
  "aor": 0.000432037037037037,
  "aqi": 0.014085106018518518,
  "bids_meta": {
    "AccelFactPE": 2,
    "AcquisitionNumber": 1,
    "AcquisitionTime": "09:50:24.115000",
    "BandwidthPerPixelPhaseEncode": 65.104,
    "ConversionSoftware": "dcm2niix",
    "ConversionSoftwareVersion": "v1.0.20170724 GCC4.4.7",
    "DeviceSerialNumber": "35193",
    "EchoTime": 0.025,
    "EffectiveEchoSpacing": 0.000240001,
    "FlipAngle": 90,
    "ImageType": [
      "ORIGINAL",
      "PRIMARY",
      "M",
      "ND",
      "NORM",
      "MOSAIC"
    ],
    "InstitutionAddress": "Xinjiekouwai_Street_No_19_Beijing_Haidian_District_CN_100875",
    "InstitutionName": "BNU_MRI_Center",
    "MagneticFieldStrength": 3,
    "Manufacturer": "Siemens",
    "ManufacturersModelName": "TrioTim",
    "PhaseEncodingDirection": "j-",
    "PhaseEncodingLines": 64,
    "ProcedureStepDescription": "BNU_cst_2019_Zhu.Bi",
    "ProtocolName": "Test1_216",
    "RepetitionTime": 2,
    "ScanningSequence": "EP",
    "SequenceName": "_epfid2d1_64",
    "SequenceVariant": "SK",
    "SeriesDescription": "Test1_216",
    "SliceTiming": [
      0,
      1.0175,
      0.0475,
      1.065,
      0.095,
      1.1125,
      0.145,
      1.1625,
      0.1925,
      1.21,
      0.24,
      1.26,
      0.29,
      1.3075,
      0.3375,
      1.355,
      0.3875,
      1.405,
      0.435,
      1.4525,
      0.4825,
      1.5025,
      0.5325,
      1.55,
      0.58,
      1.5975,
      0.63,
      1.6475,
      0.6775,
      1.695,
      0.725,
      1.745,
      0.775,
      1.7925,
      0.8225,
      1.84,
      0.8725,
      1.89,
      0.92,
      1.9375,
      0.9675
    ],
    "SoftwareVersions": "syngo_MR_B17",
    "TaskName": "retrieval",
    "TotalReadoutTime": 0.01488,
    "TrueEchoSpacing": 0.000480001,
    "dataset": "ds003789",
    "modality": "bold",
    "run_id": 1,
    "subject_id": "5430",
    "task_id": "retrieval"
  },
  "dummy_trs": 0,
  "dvars_nstd": 33.97476473088373,
  "dvars_std": 1.132338738325581,
  "dvars_vstd": 1.0013285210697676,
  "efc": 0.6173018385278287,
  "fber": 570.845703125,
  "fd_mean": 0.047083544137524205,
  "fd_num": 0,
  "fd_perc": 0.0,
  "fwhm_avg": 1.633134048073792,
  "fwhm_x": 1.61133,
  "fwhm_y": 1.6956933333333335,
  "fwhm_z": 1.5923788108880421,
  "gcor": 0.00352347,
  "gsr_x": 0.034482408314943314,
  "gsr_y": 0.020093291997909546,
  "provenance": {
    "md5sum": "6018baaa3d4bb554a0ffb6325e8607f9",
    "settings": {
      "fd_thres": 0.2,
      "testing": false
    },
    "software": "mriqc",
    "version": "23.1.0"
  },
  "size_t": 216,
  "size_x": 64,
  "size_y": 64,
  "size_z": 41,
  "snr": 6.324408967490386,
  "spacing_tr": 2.0,
  "spacing_x": 3.0,
  "spacing_y": 3.0,
  "spacing_z": 3.299999952316284,
  "summary_bg_k": 9.478621156003149,
  "summary_bg_mad": 26.220095156809723,
  "summary_bg_mean": 71.4460734395535,
  "summary_bg_median": 33.16666793823242,
  "summary_bg_n": 116146.0,
  "summary_bg_p05": 10.287036895751953,
  "summary_bg_p95": 281.77777099609375,
  "summary_bg_stdv": 93.48686859275479,
  "summary_fg_k": 2.345404325563008,
  "summary_fg_mad": 103.54190206723464,
  "summary_fg_mean": 785.3857030245024,
  "summary_fg_median": 792.4305419921875,
  "summary_fg_n": 51790.0,
  "summary_fg_p05": 542.4120483398438,
  "summary_fg_p95": 963.3009033203125,
  "summary_fg_stdv": 125.29595976607615,
  "tsnr": 50.152290871483274
}