{
  "aor": 0.0007606622516556291,
  "aqi": 0.01404412450331126,
  "bids_meta": {
    "AccelFactPE": 2,
    "AcquisitionNumber": 1,
    "AcquisitionTime": "10:37:56.595000",
    "BandwidthPerPixelPhaseEncode": 65.104,
    "ConversionSoftware": "dcm2niix",
    "ConversionSoftwareVersion": "v1.0.20170724 GCC4.4.7",
    "DeviceSerialNumber": "35193",
    "EchoTime": 0.025,
    "EffectiveEchoSpacing": 0.000240001,
    "FlipAngle": 90,
    "ImageType": [
      "ORIGINAL",
      "PRIMARY",
      "M",
      "ND",
      "NORM",
      "MOSAIC"
    ],
    "InstitutionAddress": "Xinjiekouwai_Street_No_19_Beijing_Haidian_District_CN_100875",
    "InstitutionName": "BNU_MRI_Center",
    "MagneticFieldStrength": 3,
    "Manufacturer": "Siemens",
    "ManufacturersModelName": "TrioTim",
    "PhaseEncodingDirection": "j-",
    "PhaseEncodingLines": 64,
    "ProcedureStepDescription": "BNU_cst_2019_Zhu.Bi",
    "ProtocolName": "Learning6_154",
    "RepetitionTime": 2,
    "ScanningSequence": "EP",
    "SequenceName": "_epfid2d1_64",
    "SequenceVariant": "SK",
    "SeriesDescription": "Learning6_154",
    "SliceTiming": [
      0,
      1.0175,
      0.05,
      1.0675,
      0.0975,
      1.115,
      0.145,
      1.165,
      0.195,
      1.2125,
      0.2425,
      1.26,
      0.2925,
      1.31,
      0.34,
      1.3575,
      0.3875,
      1.405,
      0.4375,
      1.455,
      0.485,
      1.5025,
      0.5325,
      1.5525,
      0.5825,
      1.6,
      0.63,
      1.6475,
      0.68,
      1.6975,
      0.7275,
      1.745,
      0.775,
      1.795,
      0.825,
      1.8425,
      0.8725,
      1.89,
      0.9225,
      1.94,
      0.97
    ],
    "SoftwareVersions": "syngo_MR_B17",
    "TaskName": "encoding",
    "TotalReadoutTime": 0.01488,
    "TrueEchoSpacing": 0.000480001,
    "dataset": "ds003789",
    "modality": "bold",
    "run_id": 6,
    "subject_id": "5430",
    "task_id": "encoding"
  },
  "dummy_trs": 3,
  "dvars_nstd": 33.02564071626665,
  "dvars_std": 1.1188354229333328,
  "dvars_vstd": 1.011109350533333,
  "efc": 0.6222020395904806,
  "fber": 509.0835266113281,
  "fd_mean": 0.04972071432245908,
  "fd_num": 3,
  "fd_perc": 1.9867549668874172,
  "fwhm_avg": 1.6289555632120833,
  "fwhm_x": 1.60816,
  "fwhm_y": 1.6890733333333332,
  "fwhm_z": 1.5896333563029168,
  "gcor": 0.00464587,
  "gsr_x": 0.033239152282476425,
  "gsr_y": 0.017190804705023766,
  "provenance": {
    "md5sum": "e3c45a4b4f3adf5fe99900a8d8ee5ee9",
    "settings": {
      "fd_thres": 0.2,
      "testing": false
    },
    "software": "mriqc",
    "version": "23.1.0"
  },
  "size_t": 151,
  "size_x": 64,
  "size_y": 64,
  "size_z": 41,
  "snr": 6.351931094378614,
  "spacing_tr": 2.0,
  "spacing_x": 3.0,
  "spacing_y": 3.0,
  "spacing_z": 3.299999952316284,
  "summary_bg_k": 8.499962918749471,
  "summary_bg_mad": 27.70796988171716,
  "summary_bg_mean": 74.56674697834494,
  "summary_bg_median": 35.019866943359375,
  "summary_bg_n": 116086.0,
  "summary_bg_p05": 10.152318000793457,
  "summary_bg_p95": 293.1920471191406,
  "summary_bg_stdv": 95.90445931851309,
  "summary_fg_k": 2.1561575937625896,
  "summary_fg_mad": 102.01971009832644,
  "summary_fg_mean": 782.8708479231096,
  "summary_fg_median": 790.1490173339844,
  "summary_fg_n": 51850.0,
  "summary_fg_p05": 542.4503173828125,
  "summary_fg_p95": 960.2516479492188,
  "summary_fg_stdv": 124.39388683392497,
  "tsnr": 50.05972078361083
}