{
  "aor": 0.0012887012987012989,
  "aqi": 0.016512211038961038,
  "bids_meta": {
    "AccelFactPE": 2,
    "AcquisitionNumber": 1,
    "AcquisitionTime": "09:38:20.525000",
    "BandwidthPerPixelPhaseEncode": 65.104,
    "ConversionSoftware": "dcm2niix",
    "ConversionSoftwareVersion": "v1.0.20170724 GCC4.4.7",
    "DeviceSerialNumber": "35193",
    "EchoTime": 0.025,
    "EffectiveEchoSpacing": 0.000240001,
    "FlipAngle": 90,
    "ImageType": [
      "ORIGINAL",
      "PRIMARY",
      "M",
      "ND",
      "NORM",
      "MOSAIC"
    ],
    "InstitutionAddress": "Xinjiekouwai_Street_No_19_Beijing_Haidian_District_CN_100875",
    "InstitutionName": "BNU_MRI_Center",
    "MagneticFieldStrength": 3,
    "Manufacturer": "Siemens",
    "ManufacturersModelName": "TrioTim",
    "PhaseEncodingDirection": "j-",
    "PhaseEncodingLines": 64,
    "ProcedureStepDescription": "BNU_cst_2019_Zhu.Bi",
    "ProtocolName": "Learning6_154",
    "RepetitionTime": 2,
    "ScanningSequence": "EP",
    "SequenceName": "_epfid2d1_64",
    "SequenceVariant": "SK",
    "SeriesDescription": "Learning6_154",
    "SliceTiming": [
      0,
      1.0175,
      0.0475,
      1.0675,
      0.0975,
      1.115,
      0.145,
      1.1625,
      0.195,
      1.2125,
      0.2425,
      1.26,
      0.29,
      1.31,
      0.34,
      1.3575,
      0.3875,
      1.405,
      0.4375,
      1.455,
      0.485,
      1.5025,
      0.5325,
      1.5525,
      0.5825,
      1.6,
      0.63,
      1.6475,
      0.68,
      1.6975,
      0.7275,
      1.745,
      0.775,
      1.795,
      0.825,
      1.8425,
      0.8725,
      1.89,
      0.9225,
      1.94,
      0.97
    ],
    "SoftwareVersions": "syngo_MR_B17",
    "TaskName": "encoding",
    "TotalReadoutTime": 0.01488,
    "TrueEchoSpacing": 0.000480001,
    "dataset": "ds003789",
    "modality": "bold",
    "run_id": 6,
    "subject_id": "5425",
    "task_id": "encoding"
  },
  "dummy_trs": 0,
  "dvars_nstd": 31.00620358300655,
  "dvars_std": 1.1620100718300654,
  "dvars_vstd": 1.018070101307189,
  "efc": 0.5680102030426247,
  "fber": 899.44873046875,
  "fd_mean": 0.09231749703348659,
  "fd_num": 9,
  "fd_perc": 5.8441558441558445,
  "fwhm_avg": 1.677907482417372,
  "fwhm_x": 1.64072,
  "fwhm_y": 1.8005933333333333,
  "fwhm_z": 1.592409113918783,
  "gcor": 0.0183979,
  "gsr_x": 0.0051763057708740234,
  "gsr_y": 0.03252403438091278,
  "provenance": {
    "md5sum": "03126635dca0a4e4b033639cccd3bf5d",
    "settings": {
      "fd_thres": 0.2,
      "testing": false
    },
    "software": "mriqc",
    "version": "23.1.0"
  },
  "size_t": 154,
  "size_x": 64,
  "size_y": 64,
  "size_z": 41,
  "snr": 6.1783835912315554,
  "spacing_tr": 2.0,
  "spacing_x": 3.0,
  "spacing_y": 3.0,
  "spacing_z": 3.299999952316284,
  "summary_bg_k": 22.678292396664272,
  "summary_bg_mad": 20.19804873588221,
  "summary_bg_mean": 53.35776507523779,
  "summary_bg_median": 26.149351119995117,
  "summary_bg_n": 121859.0,
  "summary_bg_p05": 7.8701300621032715,
  "summary_bg_p95": 208.7857208251953,
  "summary_bg_stdv": 80.13965892408301,
  "summary_fg_k": 2.028159411216384,
  "summary_fg_mad": 101.92410650678279,
  "summary_fg_mean": 778.5095111650215,
  "summary_fg_median": 784.240234375,
  "summary_fg_n": 46077.0,
  "summary_fg_p05": 535.5,
  "summary_fg_p95": 966.4805297851562,
  "summary_fg_stdv": 126.93153680788303,
  "tsnr": 49.44954343140125
}