{
  "aor": 0.0005064651162790698,
  "aqi": 0.014023560930232559,
  "bids_meta": {
    "AccelFactPE": 2,
    "AcquisitionNumber": 1,
    "AcquisitionTime": "09:20:1.712500",
    "BandwidthPerPixelPhaseEncode": 65.104,
    "ConversionSoftware": "dcm2niix",
    "ConversionSoftwareVersion": "v1.0.20170724 GCC4.4.7",
    "DeviceSerialNumber": "35193",
    "EchoTime": 0.025,
    "EffectiveEchoSpacing": 0.000240001,
    "FlipAngle": 90,
    "ImageType": [
      "ORIGINAL",
      "PRIMARY",
      "M",
      "ND",
      "NORM",
      "MOSAIC"
    ],
    "InstitutionAddress": "Xinjiekouwai_Street_No_19_Beijing_Haidian_District_CN_100875",
    "InstitutionName": "BNU_MRI_Center",
    "MagneticFieldStrength": 3,
    "Manufacturer": "Siemens",
    "ManufacturersModelName": "TrioTim",
    "PhaseEncodingDirection": "j-",
    "PhaseEncodingLines": 64,
    "ProcedureStepDescription": "BNU_cst_2019_Zhu.Bi",
    "ProtocolName": "Test3_216",
    "RepetitionTime": 2,
    "ScanningSequence": "EP",
    "SequenceName": "_epfid2d1_64",
    "SequenceVariant": "SK",
    "SeriesDescription": "Test3_216",
    "SliceTiming": [
      0,
      1.0175,
      0.0475,
      1.065,
      0.0975,
      1.115,
      0.145,
      1.1625,
      0.1925,
      1.2125,
      0.2425,
      1.26,
      0.29,
      1.3075,
      0.34,
      1.3575,
      0.3875,
      1.405,
      0.435,
      1.455,
      0.485,
      1.5025,
      0.5325,
      1.55,
      0.5825,
      1.6,
      0.63,
      1.6475,
      0.6775,
      1.6975,
      0.7275,
      1.745,
      0.775,
      1.7925,
      0.825,
      1.8425,
      0.8725,
      1.89,
      0.92,
      1.9375,
      0.97
    ],
    "SoftwareVersions": "syngo_MR_B17",
    "TaskName": "retrieval",
    "TotalReadoutTime": 0.01488,
    "TrueEchoSpacing": 0.000480001,
    "dataset": "ds003789",
    "modality": "bold",
    "run_id": 3,
    "subject_id": "5425",
    "task_id": "retrieval"
  },
  "dummy_trs": 1,
  "dvars_nstd": 30.74403516831776,
  "dvars_std": 1.1380333413084114,
  "dvars_vstd": 1.0054113738317751,
  "efc": 0.5625047558442736,
  "fber": 983.237548828125,
  "fd_mean": 0.07000032574826413,
  "fd_num": 3,
  "fd_perc": 1.3953488372093024,
  "fwhm_avg": 1.6784026961138803,
  "fwhm_x": 1.6215533333333332,
  "fwhm_y": 1.7963699999999998,
  "fwhm_z": 1.6172847550083072,
  "gcor": 0.027042,
  "gsr_x": 0.007640484254807234,
  "gsr_y": 0.03237388655543327,
  "provenance": {
    "md5sum": "b61178fd91aa14821d06961d6d7e3cbe",
    "settings": {
      "fd_thres": 0.2,
      "testing": false
    },
    "software": "mriqc",
    "version": "23.1.0"
  },
  "size_t": 215,
  "size_x": 64,
  "size_y": 64,
  "size_z": 41,
  "snr": 6.159542265229453,
  "spacing_tr": 2.0,
  "spacing_x": 3.0,
  "spacing_y": 3.0,
  "spacing_z": 3.3000001907348633,
  "summary_bg_k": 25.572776484002986,
  "summary_bg_mad": 17.846392111413934,
  "summary_bg_mean": 50.0760412133995,
  "summary_bg_median": 24.637208938598633,
  "summary_bg_n": 122135.0,
  "summary_bg_p05": 8.106976509094238,
  "summary_bg_p95": 196.10232543945312,
  "summary_bg_stdv": 77.2569253578427,
  "summary_fg_k": 2.281084144312868,
  "summary_fg_mad": 98.09308553982397,
  "summary_fg_mean": 766.8102208059616,
  "summary_fg_median": 772.53955078125,
  "summary_fg_n": 45801.0,
  "summary_fg_p05": 526.9627685546875,
  "summary_fg_p95": 949.5348510742188,
  "summary_fg_stdv": 125.42021530437337,
  "tsnr": 52.57183687062934
}