{
  "aor": 0.0016032467532467534,
  "aqi": 0.019118742857142858,
  "bids_meta": {
    "AccelFactPE": 2,
    "AcquisitionNumber": 1,
    "AcquisitionTime": "09:18:28.672500",
    "BandwidthPerPixelPhaseEncode": 65.104,
    "ConversionSoftware": "dcm2niix",
    "ConversionSoftwareVersion": "v1.0.20170724 GCC4.4.7",
    "DeviceSerialNumber": "35193",
    "EchoTime": 0.025,
    "EffectiveEchoSpacing": 0.000240001,
    "FlipAngle": 90,
    "ImageType": [
      "ORIGINAL",
      "PRIMARY",
      "M",
      "ND",
      "NORM",
      "MOSAIC"
    ],
    "InstitutionAddress": "Xinjiekouwai_Street_No_19_Beijing_Haidian_District_CN_100875",
    "InstitutionName": "BNU_MRI_Center",
    "MagneticFieldStrength": 3,
    "Manufacturer": "Siemens",
    "ManufacturersModelName": "TrioTim",
    "PhaseEncodingDirection": "j-",
    "PhaseEncodingLines": 64,
    "ProcedureStepDescription": "BNU_cst_2019_Zhu.Bi",
    "ProtocolName": "Learning3_154",
    "RepetitionTime": 2,
    "ScanningSequence": "EP",
    "SequenceName": "_epfid2d1_64",
    "SequenceVariant": "SK",
    "SeriesDescription": "Learning3_154",
    "SliceTiming": [
      0,
      1.0175,
      0.05,
      1.0675,
      0.0975,
      1.115,
      0.145,
      1.165,
      0.195,
      1.2125,
      0.2425,
      1.26,
      0.2925,
      1.31,
      0.34,
      1.3575,
      0.3875,
      1.4075,
      0.4375,
      1.455,
      0.485,
      1.5025,
      0.535,
      1.5525,
      0.5825,
      1.6,
      0.63,
      1.65,
      0.68,
      1.6975,
      0.7275,
      1.745,
      0.7775,
      1.795,
      0.825,
      1.8425,
      0.8725,
      1.89,
      0.9225,
      1.94,
      0.97
    ],
    "SoftwareVersions": "syngo_MR_B17",
    "TaskName": "encoding",
    "TotalReadoutTime": 0.01488,
    "TrueEchoSpacing": 0.000480001,
    "dataset": "ds003789",
    "modality": "bold",
    "run_id": 3,
    "subject_id": "5425",
    "task_id": "encoding"
  },
  "dummy_trs": 0,
  "dvars_nstd": 31.02852260352941,
  "dvars_std": 1.1192654575816992,
  "dvars_vstd": 1.0028798936601304,
  "efc": 0.5662795843366861,
  "fber": 906.7540893554688,
  "fd_mean": 0.100026613885863,
  "fd_num": 11,
  "fd_perc": 7.142857142857143,
  "fwhm_avg": 1.6861401088212251,
  "fwhm_x": 1.6359066666666668,
  "fwhm_y": 1.8007833333333334,
  "fwhm_z": 1.621730326463675,
  "gcor": 0.0156426,
  "gsr_x": 0.005778206046670675,
  "gsr_y": 0.03272532671689987,
  "provenance": {
    "md5sum": "90a58c4f478b5384b5319dd97d95ef1d",
    "settings": {
      "fd_thres": 0.2,
      "testing": false
    },
    "software": "mriqc",
    "version": "23.1.0"
  },
  "size_t": 154,
  "size_x": 64,
  "size_y": 64,
  "size_z": 41,
  "snr": 6.165894016477975,
  "spacing_tr": 2.0,
  "spacing_x": 3.0,
  "spacing_y": 3.0,
  "spacing_z": 3.299999952316284,
  "summary_bg_k": 24.270567511686412,
  "summary_bg_mad": 20.0247587426914,
  "summary_bg_mean": 52.46264391327333,
  "summary_bg_median": 26.0649356842041,
  "summary_bg_n": 121907.0,
  "summary_bg_p05": 8.116883277893066,
  "summary_bg_p95": 204.7142791748047,
  "summary_bg_stdv": 79.25394099442876,
  "summary_fg_k": 2.0473460907944228,
  "summary_fg_mad": 100.69180200167969,
  "summary_fg_mean": 779.275355931717,
  "summary_fg_median": 784.8766479492188,
  "summary_fg_n": 46029.0,
  "summary_fg_p05": 534.0194702148438,
  "summary_fg_p95": 967.3831176757812,
  "summary_fg_stdv": 127.29186066327216,
  "tsnr": 47.69214454619214
}