{
  "aor": 0.001597222222222222,
  "aqi": 0.028042387037037035,
  "bids_meta": {
    "AccelFactPE": 2,
    "AcquisitionNumber": 1,
    "AcquisitionTime": "09:03:52.972500",
    "BandwidthPerPixelPhaseEncode": 65.104,
    "ConversionSoftware": "dcm2niix",
    "ConversionSoftwareVersion": "v1.0.20170724 GCC4.4.7",
    "DeviceSerialNumber": "35193",
    "EchoTime": 0.025,
    "EffectiveEchoSpacing": 0.000240001,
    "FlipAngle": 90,
    "ImageType": [
      "ORIGINAL",
      "PRIMARY",
      "M",
      "ND",
      "NORM",
      "MOSAIC"
    ],
    "InstitutionAddress": "Xinjiekouwai_Street_No_19_Beijing_Haidian_District_CN_100875",
    "InstitutionName": "BNU_MRI_Center",
    "MagneticFieldStrength": 3,
    "Manufacturer": "Siemens",
    "ManufacturersModelName": "TrioTim",
    "PhaseEncodingDirection": "j-",
    "PhaseEncodingLines": 64,
    "ProcedureStepDescription": "BNU_cst_2019_Zhu.Bi",
    "ProtocolName": "Test1_216",
    "RepetitionTime": 2,
    "ScanningSequence": "EP",
    "SequenceName": "_epfid2d1_64",
    "SequenceVariant": "SK",
    "SeriesDescription": "Test1_216",
    "SliceTiming": [
      0,
      1.0175,
      0.0475,
      1.065,
      0.0975,
      1.115,
      0.145,
      1.1625,
      0.1925,
      1.2125,
      0.2425,
      1.26,
      0.29,
      1.3075,
      0.34,
      1.3575,
      0.3875,
      1.405,
      0.435,
      1.4525,
      0.485,
      1.5025,
      0.5325,
      1.55,
      0.58,
      1.6,
      0.63,
      1.6475,
      0.6775,
      1.695,
      0.7275,
      1.745,
      0.775,
      1.7925,
      0.8225,
      1.8425,
      0.8725,
      1.89,
      0.92,
      1.9375,
      0.97
    ],
    "SoftwareVersions": "syngo_MR_B17",
    "TaskName": "retrieval",
    "TotalReadoutTime": 0.01488,
    "TrueEchoSpacing": 0.000480001,
    "dataset": "ds003789",
    "modality": "bold",
    "run_id": 1,
    "subject_id": "5425",
    "task_id": "retrieval"
  },
  "dummy_trs": 0,
  "dvars_nstd": 30.660481759255813,
  "dvars_std": 1.0535688517674422,
  "dvars_vstd": 0.9588521083255818,
  "efc": 0.5619312996144173,
  "fber": 990.5463256835938,
  "fd_mean": 0.08867026747649909,
  "fd_num": 13,
  "fd_perc": 6.018518518518518,
  "fwhm_avg": 1.7057291604455476,
  "fwhm_x": 1.6579133333333333,
  "fwhm_y": 1.8256500000000002,
  "fwhm_z": 1.6336241480033096,
  "gcor": 0.00952104,
  "gsr_x": 0.006768571678549051,
  "gsr_y": 0.03257949277758598,
  "provenance": {
    "md5sum": "59a83a2c888d56ad858a08011f100228",
    "settings": {
      "fd_thres": 0.2,
      "testing": false
    },
    "software": "mriqc",
    "version": "23.1.0"
  },
  "size_t": 216,
  "size_x": 64,
  "size_y": 64,
  "size_z": 41,
  "snr": 6.1527113964938565,
  "spacing_tr": 2.0,
  "spacing_x": 3.0,
  "spacing_y": 3.0,
  "spacing_z": 3.3000001907348633,
  "summary_bg_k": 25.037906902567208,
  "summary_bg_mad": 17.928505495507896,
  "summary_bg_mean": 49.543431337086346,
  "summary_bg_median": 24.47222328186035,
  "summary_bg_n": 122181.0,
  "summary_bg_p05": 7.893518447875977,
  "summary_bg_p95": 193.129638671875,
  "summary_bg_stdv": 75.5529074207324,
  "summary_fg_k": 2.0665898242169343,
  "summary_fg_mad": 97.71447178968803,
  "summary_fg_mean": 764.7501048746193,
  "summary_fg_median": 770.2129516601562,
  "summary_fg_n": 45755.0,
  "summary_fg_p05": 523.36572265625,
  "summary_fg_p95": 947.879638671875,
  "summary_fg_stdv": 125.18132011604564,
  "tsnr": 42.0932107482804
}