{
  "aor": 0.011136363636363635,
  "aqi": 0.03642853961038962,
  "bids_meta": {
    "AccelFactPE": 2,
    "AcquisitionNumber": 1,
    "AcquisitionTime": "09:06:13.257500",
    "BandwidthPerPixelPhaseEncode": 65.104,
    "ConversionSoftware": "dcm2niix",
    "ConversionSoftwareVersion": "v1.0.20170724 GCC4.4.7",
    "DeviceSerialNumber": "35193",
    "EchoTime": 0.025,
    "EffectiveEchoSpacing": 0.000240001,
    "FlipAngle": 90,
    "ImageType": [
      "ORIGINAL",
      "PRIMARY",
      "M",
      "ND",
      "NORM",
      "MOSAIC"
    ],
    "InstitutionAddress": "Xinjiekouwai_Street_No_19_Beijing_Haidian_District_CN_100875",
    "InstitutionName": "BNU_MRI_Center",
    "MagneticFieldStrength": 3,
    "Manufacturer": "Siemens",
    "ManufacturersModelName": "TrioTim",
    "PhaseEncodingDirection": "j-",
    "PhaseEncodingLines": 64,
    "ProcedureStepDescription": "BNU_cst_2019_Zhu.Bi",
    "ProtocolName": "Learning1_154",
    "RepetitionTime": 2,
    "ScanningSequence": "EP",
    "SequenceName": "_epfid2d1_64",
    "SequenceVariant": "SK",
    "SeriesDescription": "Learning1_154",
    "SliceTiming": [
      0,
      1.0175,
      0.0475,
      1.065,
      0.095,
      1.115,
      0.145,
      1.1625,
      0.1925,
      1.21,
      0.2425,
      1.26,
      0.29,
      1.3075,
      0.3375,
      1.3575,
      0.3875,
      1.405,
      0.435,
      1.4525,
      0.4825,
      1.5025,
      0.5325,
      1.55,
      0.58,
      1.5975,
      0.63,
      1.6475,
      0.6775,
      1.695,
      0.725,
      1.745,
      0.775,
      1.7925,
      0.8225,
      1.84,
      0.8725,
      1.89,
      0.92,
      1.9375,
      0.9675
    ],
    "SoftwareVersions": "syngo_MR_B17",
    "TaskName": "encoding",
    "TotalReadoutTime": 0.01488,
    "TrueEchoSpacing": 0.000480001,
    "dataset": "ds003789",
    "modality": "bold",
    "run_id": 1,
    "subject_id": "5425",
    "task_id": "encoding"
  },
  "dummy_trs": 0,
  "dvars_nstd": 30.857307471830055,
  "dvars_std": 1.106783302222222,
  "dvars_vstd": 1.0780048169934642,
  "efc": 0.5641235156759142,
  "fber": 941.9998779296875,
  "fd_mean": 0.1669232067866961,
  "fd_num": 11,
  "fd_perc": 7.142857142857143,
  "fwhm_avg": 1.7398430382587087,
  "fwhm_x": 1.69315,
  "fwhm_y": 1.8746366666666667,
  "fwhm_z": 1.6517424481094598,
  "gcor": 0.0118439,
  "gsr_x": 0.005271996837109327,
  "gsr_y": 0.0348767451941967,
  "provenance": {
    "md5sum": "3fed5e2117ee5a1a5d5163fe41ecda79",
    "settings": {
      "fd_thres": 0.2,
      "testing": false
    },
    "software": "mriqc",
    "version": "23.1.0"
  },
  "size_t": 154,
  "size_x": 64,
  "size_y": 64,
  "size_z": 41,
  "snr": 6.242465273382319,
  "spacing_tr": 2.0,
  "spacing_x": 3.0,
  "spacing_y": 3.0,
  "spacing_z": 3.299999952316284,
  "summary_bg_k": 23.92227485095596,
  "summary_bg_mad": 20.30394849036985,
  "summary_bg_mean": 51.37205384797862,
  "summary_bg_median": 25.532466888427734,
  "summary_bg_n": 122058.0,
  "summary_bg_p05": 6.681818008422852,
  "summary_bg_p95": 200.50650024414062,
  "summary_bg_stdv": 77.93374940452694,
  "summary_fg_k": 1.884869223562002,
  "summary_fg_mad": 99.14667060025249,
  "summary_fg_mean": 777.8450204691344,
  "summary_fg_median": 783.6428833007812,
  "summary_fg_n": 45878.0,
  "summary_fg_p05": 538.0908813476562,
  "summary_fg_p95": 963.5844116210938,
  "summary_fg_stdv": 125.53283173032514,
  "tsnr": 35.104505151335616
}