{
  "aor": 0.0005991558441558441,
  "aqi": 0.010954550649350648,
  "bids_meta": {
    "AccelFactPE": 2,
    "AcquisitionNumber": 1,
    "AcquisitionTime": "09:48:40.077500",
    "BandwidthPerPixelPhaseEncode": 65.104,
    "ConversionSoftware": "dcm2niix",
    "ConversionSoftwareVersion": "v1.0.20170724 GCC4.4.7",
    "DeviceSerialNumber": "35193",
    "EchoTime": 0.025,
    "EffectiveEchoSpacing": 0.000240001,
    "FlipAngle": 90,
    "ImageType": [
      "ORIGINAL",
      "PRIMARY",
      "M",
      "ND",
      "NORM",
      "MOSAIC"
    ],
    "InstitutionAddress": "Xinjiekouwai_Street_No_19_Beijing_Haidian_District_CN_100875",
    "InstitutionName": "BNU_MRI_Center",
    "MagneticFieldStrength": 3,
    "Manufacturer": "Siemens",
    "ManufacturersModelName": "TrioTim",
    "PhaseEncodingDirection": "j-",
    "PhaseEncodingLines": 64,
    "ProcedureStepDescription": "BNU_cst_2019_Zhu.Bi",
    "ProtocolName": "Learning8_154",
    "RepetitionTime": 2,
    "ScanningSequence": "EP",
    "SequenceName": "_epfid2d1_64",
    "SequenceVariant": "SK",
    "SeriesDescription": "Learning8_154",
    "SliceTiming": [
      0,
      1.02,
      0.05,
      1.0675,
      0.0975,
      1.115,
      0.1475,
      1.165,
      0.195,
      1.2125,
      0.2425,
      1.26,
      0.2925,
      1.31,
      0.34,
      1.3575,
      0.3875,
      1.4075,
      0.4375,
      1.455,
      0.485,
      1.5025,
      0.535,
      1.5525,
      0.5825,
      1.6,
      0.63,
      1.65,
      0.68,
      1.6975,
      0.7275,
      1.745,
      0.7775,
      1.795,
      0.825,
      1.8425,
      0.8725,
      1.8925,
      0.9225,
      1.94,
      0.97
    ],
    "SoftwareVersions": "syngo_MR_B17",
    "TaskName": "encoding",
    "TotalReadoutTime": 0.01488,
    "TrueEchoSpacing": 0.000480001,
    "dataset": "ds003789",
    "modality": "bold",
    "run_id": 8,
    "subject_id": "5429",
    "task_id": "encoding"
  },
  "dummy_trs": 0,
  "dvars_nstd": 30.710763008431396,
  "dvars_std": 1.1828888624183012,
  "dvars_vstd": 1.020638963333333,
  "efc": 0.5585987568525183,
  "fber": 1090.750732421875,
  "fd_mean": 0.05648464900938356,
  "fd_num": 1,
  "fd_perc": 0.6493506493506493,
  "fwhm_avg": 1.5469568191830207,
  "fwhm_x": 1.4889133333333333,
  "fwhm_y": 1.6759267998573621,
  "fwhm_z": 1.4760303243583668,
  "gcor": 0.0139446,
  "gsr_x": -0.0002345068787690252,
  "gsr_y": 0.027828935533761978,
  "provenance": {
    "md5sum": "59e9bc16da86a64dde643d4422adf10a",
    "settings": {
      "fd_thres": 0.2,
      "testing": false
    },
    "software": "mriqc",
    "version": "23.1.0"
  },
  "size_t": 154,
  "size_x": 64,
  "size_y": 64,
  "size_z": 41,
  "snr": 6.4020602602328305,
  "spacing_tr": 2.0,
  "spacing_x": 3.0,
  "spacing_y": 2.999999761581421,
  "spacing_z": 3.299999952316284,
  "summary_bg_k": 21.51536702417754,
  "summary_bg_mad": 18.946500784244126,
  "summary_bg_mean": 60.72343503570752,
  "summary_bg_median": 27.18181800842285,
  "summary_bg_n": 123551.0,
  "summary_bg_p05": 9.668830871582031,
  "summary_bg_p95": 254.56494140625,
  "summary_bg_stdv": 99.09475250820223,
  "summary_fg_k": 2.6876563310934536,
  "summary_fg_mad": 115.48895760301357,
  "summary_fg_mean": 892.7484478969731,
  "summary_fg_median": 897.7207641601562,
  "summary_fg_n": 44385.0,
  "summary_fg_p05": 635.7987060546875,
  "summary_fg_p95": 1094.3961181640625,
  "summary_fg_stdv": 140.22214954689701,
  "tsnr": 57.74441305291839
}