{
  "aor": 0.0005725974025974026,
  "aqi": 0.012330468181818181,
  "bids_meta": {
    "AccelFactPE": 2,
    "AcquisitionNumber": 1,
    "AcquisitionTime": "09:04:24.415000",
    "BandwidthPerPixelPhaseEncode": 65.104,
    "ConversionSoftware": "dcm2niix",
    "ConversionSoftwareVersion": "v1.0.20170724 GCC4.4.7",
    "DeviceSerialNumber": "35193",
    "EchoTime": 0.025,
    "EffectiveEchoSpacing": 0.000240001,
    "FlipAngle": 90,
    "ImageType": [
      "ORIGINAL",
      "PRIMARY",
      "M",
      "ND",
      "NORM",
      "MOSAIC"
    ],
    "InstitutionAddress": "Xinjiekouwai_Street_No_19_Beijing_Haidian_District_CN_100875",
    "InstitutionName": "BNU_MRI_Center",
    "MagneticFieldStrength": 3,
    "Manufacturer": "Siemens",
    "ManufacturersModelName": "TrioTim",
    "PhaseEncodingDirection": "j-",
    "PhaseEncodingLines": 64,
    "ProcedureStepDescription": "BNU_cst_2019_Zhu.Bi",
    "ProtocolName": "Learning1_154",
    "RepetitionTime": 2,
    "ScanningSequence": "EP",
    "SequenceName": "_epfid2d1_64",
    "SequenceVariant": "SK",
    "SeriesDescription": "Learning1_154",
    "SliceTiming": [
      0,
      1.0175,
      0.0475,
      1.0675,
      0.0975,
      1.115,
      0.145,
      1.1625,
      0.195,
      1.2125,
      0.2425,
      1.26,
      0.29,
      1.31,
      0.34,
      1.3575,
      0.3875,
      1.405,
      0.4375,
      1.455,
      0.485,
      1.5025,
      0.5325,
      1.5525,
      0.5825,
      1.6,
      0.63,
      1.6475,
      0.68,
      1.6975,
      0.7275,
      1.745,
      0.775,
      1.795,
      0.825,
      1.8425,
      0.8725,
      1.89,
      0.9225,
      1.94,
      0.97
    ],
    "SoftwareVersions": "syngo_MR_B17",
    "TaskName": "encoding",
    "TotalReadoutTime": 0.01488,
    "TrueEchoSpacing": 0.000480001,
    "dataset": "ds003789",
    "modality": "bold",
    "run_id": 1,
    "subject_id": "5429",
    "task_id": "encoding"
  },
  "dummy_trs": 0,
  "dvars_nstd": 28.514340843202607,
  "dvars_std": 1.1144956633333338,
  "dvars_vstd": 1.0126857832679745,
  "efc": 0.5557308319824024,
  "fber": 1155.4500732421875,
  "fd_mean": 0.0650628406196453,
  "fd_num": 3,
  "fd_perc": 1.948051948051948,
  "fwhm_avg": 1.5625002542127249,
  "fwhm_x": 1.4974766666666666,
  "fwhm_y": 1.6991301350347308,
  "fwhm_z": 1.490893960936777,
  "gcor": 0.00734988,
  "gsr_x": 0.0007652831845916808,
  "gsr_y": 0.02865651249885559,
  "provenance": {
    "md5sum": "7f8b231d8a27e8ff5f3f751b8191aa38",
    "settings": {
      "fd_thres": 0.2,
      "testing": false
    },
    "software": "mriqc",
    "version": "23.1.0"
  },
  "size_t": 154,
  "size_x": 64,
  "size_y": 64,
  "size_z": 41,
  "snr": 6.3574283541758305,
  "spacing_tr": 2.0,
  "spacing_x": 3.0,
  "spacing_y": 2.999999761581421,
  "spacing_z": 3.299999952316284,
  "summary_bg_k": 21.72271088506152,
  "summary_bg_mad": 18.445879906885306,
  "summary_bg_mean": 58.78134852286506,
  "summary_bg_median": 26.48701286315918,
  "summary_bg_n": 123507.0,
  "summary_bg_p05": 9.448052406311035,
  "summary_bg_p95": 246.33116149902344,
  "summary_bg_stdv": 96.96562967274892,
  "summary_fg_k": 2.7367600403784733,
  "summary_fg_mad": 114.46849219663616,
  "summary_fg_mean": 894.5005031540102,
  "summary_fg_median": 900.3441772460938,
  "summary_fg_n": 44429.0,
  "summary_fg_p05": 629.5779418945312,
  "summary_fg_p95": 1096.772705078125,
  "summary_fg_stdv": 141.61922001129594,
  "tsnr": 55.39423542749137
}