{
  "aor": 0.0004563255813953488,
  "aqi": 0.013157008372093023,
  "bids_meta": {
    "AccelFactPE": 2,
    "AcquisitionNumber": 1,
    "AcquisitionTime": "09:25:18.822500",
    "BandwidthPerPixelPhaseEncode": 65.104,
    "ConversionSoftware": "dcm2niix",
    "ConversionSoftwareVersion": "v1.0.20170724 GCC4.4.7",
    "DeviceSerialNumber": "35193",
    "EchoTime": 0.025,
    "EffectiveEchoSpacing": 0.000240001,
    "FlipAngle": 90,
    "ImageType": [
      "ORIGINAL",
      "PRIMARY",
      "M",
      "ND",
      "NORM",
      "MOSAIC"
    ],
    "InstitutionAddress": "Xinjiekouwai_Street_No_19_Beijing_Haidian_District_CN_100875",
    "InstitutionName": "BNU_MRI_Center",
    "MagneticFieldStrength": 3,
    "Manufacturer": "Siemens",
    "ManufacturersModelName": "TrioTim",
    "PhaseEncodingDirection": "j-",
    "PhaseEncodingLines": 64,
    "ProcedureStepDescription": "BNU_cst_2019_Zhu.Bi",
    "ProtocolName": "Test3_216",
    "RepetitionTime": 2,
    "ScanningSequence": "EP",
    "SequenceName": "_epfid2d1_64",
    "SequenceVariant": "SK",
    "SeriesDescription": "Test3_216",
    "SliceTiming": [
      0,
      1.0175,
      0.0475,
      1.0675,
      0.0975,
      1.115,
      0.145,
      1.1625,
      0.195,
      1.2125,
      0.2425,
      1.26,
      0.29,
      1.31,
      0.34,
      1.3575,
      0.3875,
      1.405,
      0.4375,
      1.455,
      0.485,
      1.5025,
      0.5325,
      1.5525,
      0.5825,
      1.6,
      0.63,
      1.6475,
      0.68,
      1.6975,
      0.7275,
      1.745,
      0.775,
      1.7925,
      0.825,
      1.8425,
      0.8725,
      1.89,
      0.92,
      1.94,
      0.97
    ],
    "SoftwareVersions": "syngo_MR_B17",
    "TaskName": "retrieval",
    "TotalReadoutTime": 0.01488,
    "TrueEchoSpacing": 0.000480001,
    "dataset": "ds003789",
    "modality": "bold",
    "run_id": 3,
    "subject_id": "5429",
    "task_id": "retrieval"
  },
  "dummy_trs": 1,
  "dvars_nstd": 28.81826808084114,
  "dvars_std": 1.1199193903271032,
  "dvars_vstd": 0.9968920901869158,
  "efc": 0.5552828022813627,
  "fber": 1246.1646728515625,
  "fd_mean": 0.0590967674000051,
  "fd_num": 3,
  "fd_perc": 1.3953488372093024,
  "fwhm_avg": 1.5238492999843374,
  "fwhm_x": 1.4879733333333334,
  "fwhm_y": 1.6188200000000001,
  "fwhm_z": 1.4647545666196788,
  "gcor": 0.0159185,
  "gsr_x": 0.004316770937293768,
  "gsr_y": 0.019051505252718925,
  "provenance": {
    "md5sum": "0339f472805b930340cbaeddd98a4921",
    "settings": {
      "fd_thres": 0.2,
      "testing": false
    },
    "software": "mriqc",
    "version": "23.1.0"
  },
  "size_t": 215,
  "size_x": 64,
  "size_y": 64,
  "size_z": 41,
  "snr": 6.505009587563144,
  "spacing_tr": 2.0,
  "spacing_x": 3.0,
  "spacing_y": 3.0,
  "spacing_z": 3.299999952316284,
  "summary_bg_k": 21.198977408385485,
  "summary_bg_mad": 17.108540966124785,
  "summary_bg_mean": 58.24485869898884,
  "summary_bg_median": 25.506977081298828,
  "summary_bg_n": 123493.0,
  "summary_bg_p05": 9.623255729675293,
  "summary_bg_p95": 247.6558074951172,
  "summary_bg_stdv": 96.22614360384628,
  "summary_fg_k": 2.61433971597212,
  "summary_fg_mad": 115.55329660309643,
  "summary_fg_mean": 894.0533412176899,
  "summary_fg_median": 900.4232788085938,
  "summary_fg_n": 44443.0,
  "summary_fg_p05": 635.8930053710938,
  "summary_fg_p95": 1087.748779296875,
  "summary_fg_stdv": 138.4184199177792,
  "tsnr": 53.76331849535927
}