{
  "aor": 0.0006152597402597403,
  "aqi": 0.01129401461038961,
  "bids_meta": {
    "AccelFactPE": 2,
    "AcquisitionNumber": 1,
    "AcquisitionTime": "09:29:36.450000",
    "BandwidthPerPixelPhaseEncode": 65.104,
    "ConversionSoftware": "dcm2niix",
    "ConversionSoftwareVersion": "v1.0.20170724 GCC4.4.7",
    "DeviceSerialNumber": "35193",
    "EchoTime": 0.025,
    "EffectiveEchoSpacing": 0.000240001,
    "FlipAngle": 90,
    "ImageType": [
      "ORIGINAL",
      "PRIMARY",
      "M",
      "ND",
      "NORM",
      "MOSAIC"
    ],
    "InstitutionAddress": "Xinjiekouwai_Street_No_19_Beijing_Haidian_District_CN_100875",
    "InstitutionName": "BNU_MRI_Center",
    "MagneticFieldStrength": 3,
    "Manufacturer": "Siemens",
    "ManufacturersModelName": "TrioTim",
    "PhaseEncodingDirection": "j-",
    "PhaseEncodingLines": 64,
    "ProcedureStepDescription": "BNU_cst_2019_Zhu.Bi",
    "ProtocolName": "Learning5_154",
    "RepetitionTime": 2,
    "ScanningSequence": "EP",
    "SequenceName": "_epfid2d1_64",
    "SequenceVariant": "SK",
    "SeriesDescription": "Learning5_154",
    "SliceTiming": [
      0,
      1.0175,
      0.05,
      1.0675,
      0.0975,
      1.115,
      0.145,
      1.165,
      0.195,
      1.2125,
      0.2425,
      1.26,
      0.2925,
      1.31,
      0.34,
      1.3575,
      0.3875,
      1.4075,
      0.4375,
      1.455,
      0.485,
      1.5025,
      0.535,
      1.5525,
      0.5825,
      1.6,
      0.63,
      1.6475,
      0.68,
      1.6975,
      0.7275,
      1.745,
      0.775,
      1.795,
      0.825,
      1.8425,
      0.8725,
      1.89,
      0.9225,
      1.94,
      0.97
    ],
    "SoftwareVersions": "syngo_MR_B17",
    "TaskName": "encoding",
    "TotalReadoutTime": 0.01488,
    "TrueEchoSpacing": 0.000480001,
    "dataset": "ds003789",
    "modality": "bold",
    "run_id": 5,
    "subject_id": "5429",
    "task_id": "encoding"
  },
  "dummy_trs": 0,
  "dvars_nstd": 30.576979730326784,
  "dvars_std": 1.1769973935947704,
  "dvars_vstd": 1.020263613137255,
  "efc": 0.5576081200047068,
  "fber": 1116.6373291015625,
  "fd_mean": 0.05967656110312757,
  "fd_num": 1,
  "fd_perc": 0.6493506493506493,
  "fwhm_avg": 1.5502514656721063,
  "fwhm_x": 1.4848433333333333,
  "fwhm_y": 1.6739534663672024,
  "fwhm_z": 1.4919575973157826,
  "gcor": 0.015803,
  "gsr_x": -0.00039565504994243383,
  "gsr_y": 0.028395744040608406,
  "provenance": {
    "md5sum": "4ef428bcd2297df25774e92a5a4a9910",
    "settings": {
      "fd_thres": 0.2,
      "testing": false
    },
    "software": "mriqc",
    "version": "23.1.0"
  },
  "size_t": 154,
  "size_x": 64,
  "size_y": 64,
  "size_z": 41,
  "snr": 6.385369967841521,
  "spacing_tr": 2.0,
  "spacing_x": 3.0,
  "spacing_y": 2.999999761581421,
  "spacing_z": 3.299999952316284,
  "summary_bg_k": 21.59600559762051,
  "summary_bg_mad": 18.811718892918133,
  "summary_bg_mean": 60.04031302653316,
  "summary_bg_median": 26.902597427368164,
  "summary_bg_n": 123511.0,
  "summary_bg_p05": 9.558441162109375,
  "summary_bg_p95": 252.7012939453125,
  "summary_bg_stdv": 98.52227437875241,
  "summary_fg_k": 2.8307207118578814,
  "summary_fg_mad": 114.57436650056997,
  "summary_fg_mean": 893.9125602631148,
  "summary_fg_median": 898.9805297851562,
  "summary_fg_n": 44425.0,
  "summary_fg_p05": 633.1363525390625,
  "summary_fg_p95": 1095.1817626953125,
  "summary_fg_stdv": 140.7859554415974,
  "tsnr": 57.14641235768795
}