{
  "aor": 0.0003887906976744186,
  "aqi": 0.013656849302325585,
  "bids_meta": {
    "AccelFactPE": 2,
    "AcquisitionNumber": 1,
    "AcquisitionTime": "12:37:29.405000",
    "BandwidthPerPixelPhaseEncode": 65.104,
    "ConversionSoftware": "dcm2niix",
    "ConversionSoftwareVersion": "v1.0.20170724 GCC4.4.7",
    "DeviceSerialNumber": "35193",
    "EchoTime": 0.025,
    "EffectiveEchoSpacing": 0.000240001,
    "FlipAngle": 90,
    "ImageType": [
      "ORIGINAL",
      "PRIMARY",
      "M",
      "ND",
      "NORM",
      "MOSAIC"
    ],
    "InstitutionAddress": "Xinjiekouwai_Street_No_19_Beijing_Haidian_District_CN_100875",
    "InstitutionName": "BNU_MRI_Center",
    "MagneticFieldStrength": 3,
    "Manufacturer": "Siemens",
    "ManufacturersModelName": "TrioTim",
    "PhaseEncodingDirection": "j-",
    "PhaseEncodingLines": 64,
    "ProcedureStepDescription": "BNU_cst_2015_Zhu.Bi",
    "ProtocolName": "Test3_216",
    "RepetitionTime": 2,
    "ScanningSequence": "EP",
    "SequenceName": "_epfid2d1_64",
    "SequenceVariant": "SK",
    "SeriesDescription": "Test3_216",
    "SliceTiming": [
      0,
      1.0175,
      0.0475,
      1.065,
      0.0975,
      1.115,
      0.145,
      1.1625,
      0.1925,
      1.2125,
      0.2425,
      1.26,
      0.29,
      1.3075,
      0.34,
      1.3575,
      0.3875,
      1.405,
      0.435,
      1.455,
      0.485,
      1.5025,
      0.5325,
      1.55,
      0.58,
      1.6,
      0.63,
      1.6475,
      0.6775,
      1.695,
      0.7275,
      1.745,
      0.775,
      1.7925,
      0.8225,
      1.8425,
      0.8725,
      1.89,
      0.92,
      1.9375,
      0.97
    ],
    "SoftwareVersions": "syngo_MR_B17",
    "TaskName": "retrieval",
    "TotalReadoutTime": 0.01488,
    "TrueEchoSpacing": 0.000480001,
    "dataset": "ds003789",
    "modality": "bold",
    "run_id": 3,
    "subject_id": "5433",
    "task_id": "retrieval"
  },
  "dummy_trs": 1,
  "dvars_nstd": 37.09144467495328,
  "dvars_std": 1.251615917383177,
  "dvars_vstd": 1.0029705494392522,
  "efc": 0.5968730112156844,
  "fber": 771.216552734375,
  "fd_mean": 0.08209525512258616,
  "fd_num": 2,
  "fd_perc": 0.9302325581395349,
  "fwhm_avg": 1.605895121271563,
  "fwhm_x": 1.5334066666666668,
  "fwhm_y": 1.7145000000000001,
  "fwhm_z": 1.5697786971480228,
  "gcor": 0.00906904,
  "gsr_x": -0.005851383320987225,
  "gsr_y": 0.030619751662015915,
  "provenance": {
    "md5sum": "73f9e9e68274d5ed72f99b56e20ac35a",
    "settings": {
      "fd_thres": 0.2,
      "testing": false
    },
    "software": "mriqc",
    "version": "23.1.0"
  },
  "size_t": 215,
  "size_x": 64,
  "size_y": 64,
  "size_z": 41,
  "snr": 6.181388601729605,
  "spacing_tr": 2.0,
  "spacing_x": 3.0,
  "spacing_y": 3.0,
  "spacing_z": 3.3000001907348633,
  "summary_bg_k": 26.09238253416658,
  "summary_bg_mad": 18.467016591841322,
  "summary_bg_mean": 49.20710452981824,
  "summary_bg_median": 24.61395263671875,
  "summary_bg_n": 115789.0,
  "summary_bg_p05": 8.079070091247559,
  "summary_bg_p95": 190.818603515625,
  "summary_bg_stdv": 74.04431747632758,
  "summary_fg_k": 1.9689871514785748,
  "summary_fg_mad": 100.49281260479896,
  "summary_fg_mean": 680.6511822805712,
  "summary_fg_median": 683.548828125,
  "summary_fg_n": 52147.0,
  "summary_fg_p05": 493.88372802734375,
  "summary_fg_p95": 845.827880859375,
  "summary_fg_stdv": 110.58069926961832,
  "tsnr": 50.3772146999836
}