{
  "aor": 0.0005133796296296297,
  "aqi": 0.01858777314814815,
  "bids_meta": {
    "AccelFactPE": 2,
    "AcquisitionNumber": 1,
    "AcquisitionTime": "12:21:27.682500",
    "BandwidthPerPixelPhaseEncode": 65.104,
    "ConversionSoftware": "dcm2niix",
    "ConversionSoftwareVersion": "v1.0.20170724 GCC4.4.7",
    "DeviceSerialNumber": "35193",
    "EchoTime": 0.025,
    "EffectiveEchoSpacing": 0.000240001,
    "FlipAngle": 90,
    "ImageType": [
      "ORIGINAL",
      "PRIMARY",
      "M",
      "ND",
      "NORM",
      "MOSAIC"
    ],
    "InstitutionAddress": "Xinjiekouwai_Street_No_19_Beijing_Haidian_District_CN_100875",
    "InstitutionName": "BNU_MRI_Center",
    "MagneticFieldStrength": 3,
    "Manufacturer": "Siemens",
    "ManufacturersModelName": "TrioTim",
    "PhaseEncodingDirection": "j-",
    "PhaseEncodingLines": 64,
    "ProcedureStepDescription": "BNU_cst_2015_Zhu.Bi",
    "ProtocolName": "Test1_216",
    "RepetitionTime": 2,
    "ScanningSequence": "EP",
    "SequenceName": "_epfid2d1_64",
    "SequenceVariant": "SK",
    "SeriesDescription": "Test1_216",
    "SliceTiming": [
      0,
      1.0175,
      0.0475,
      1.065,
      0.0975,
      1.115,
      0.145,
      1.1625,
      0.1925,
      1.2125,
      0.2425,
      1.26,
      0.29,
      1.3075,
      0.34,
      1.3575,
      0.3875,
      1.405,
      0.435,
      1.455,
      0.485,
      1.5025,
      0.5325,
      1.55,
      0.5825,
      1.6,
      0.63,
      1.6475,
      0.6775,
      1.6975,
      0.7275,
      1.745,
      0.775,
      1.7925,
      0.825,
      1.8425,
      0.8725,
      1.89,
      0.92,
      1.9375,
      0.97
    ],
    "SoftwareVersions": "syngo_MR_B17",
    "TaskName": "retrieval",
    "TotalReadoutTime": 0.01488,
    "TrueEchoSpacing": 0.000480001,
    "dataset": "ds003789",
    "modality": "bold",
    "run_id": 1,
    "subject_id": "5433",
    "task_id": "retrieval"
  },
  "dummy_trs": 0,
  "dvars_nstd": 37.20084654353489,
  "dvars_std": 1.216686170930233,
  "dvars_vstd": 0.9765894369767446,
  "efc": 0.5935280396899744,
  "fber": 821.6817626953125,
  "fd_mean": 0.07610117003356524,
  "fd_num": 0,
  "fd_perc": 0.0,
  "fwhm_avg": 1.6194509796283298,
  "fwhm_x": 1.5503833333333334,
  "fwhm_y": 1.7263,
  "fwhm_z": 1.5816696055516557,
  "gcor": 0.00504518,
  "gsr_x": -0.0047570522874593735,
  "gsr_y": 0.033192072063684464,
  "provenance": {
    "md5sum": "6e512ce3b945f364417c0e6e42bd1223",
    "settings": {
      "fd_thres": 0.2,
      "testing": false
    },
    "software": "mriqc",
    "version": "23.1.0"
  },
  "size_t": 216,
  "size_x": 64,
  "size_y": 64,
  "size_z": 41,
  "snr": 6.187469875519105,
  "spacing_tr": 2.0,
  "spacing_x": 3.0,
  "spacing_y": 3.0,
  "spacing_z": 3.3000001907348633,
  "summary_bg_k": 27.236642337896026,
  "summary_bg_mad": 18.30601921615052,
  "summary_bg_mean": 48.086884755466436,
  "summary_bg_median": 23.949073791503906,
  "summary_bg_n": 116010.0,
  "summary_bg_p05": 7.652777671813965,
  "summary_bg_p95": 188.1620330810547,
  "summary_bg_stdv": 73.5276884790174,
  "summary_fg_k": 1.8599168800310544,
  "summary_fg_mad": 101.28714135687673,
  "summary_fg_mean": 684.4221388183536,
  "summary_fg_median": 686.5,
  "summary_fg_n": 51926.0,
  "summary_fg_p05": 495.7407531738281,
  "summary_fg_p95": 849.5185546875,
  "summary_fg_stdv": 110.94896676842052,
  "tsnr": 45.446312936837785
}