{
  "aor": 0.0017613071895424832,
  "aqi": 0.016858203267973857,
  "bids_meta": {
    "AccelFactPE": 2,
    "AcquisitionNumber": 1,
    "AcquisitionTime": "12:05:35.575000",
    "BandwidthPerPixelPhaseEncode": 65.104,
    "ConversionSoftware": "dcm2niix",
    "ConversionSoftwareVersion": "v1.0.20170724 GCC4.4.7",
    "DeviceSerialNumber": "35193",
    "EchoTime": 0.025,
    "EffectiveEchoSpacing": 0.000240001,
    "FlipAngle": 90,
    "ImageType": [
      "ORIGINAL",
      "PRIMARY",
      "M",
      "ND",
      "NORM",
      "MOSAIC"
    ],
    "InstitutionAddress": "Xinjiekouwai_Street_No_19_Beijing_Haidian_District_CN_100875",
    "InstitutionName": "BNU_MRI_Center",
    "MagneticFieldStrength": 3,
    "Manufacturer": "Siemens",
    "ManufacturersModelName": "TrioTim",
    "PhaseEncodingDirection": "j-",
    "PhaseEncodingLines": 64,
    "ProcedureStepDescription": "BNU_cst_2019_Zhu.Bi",
    "ProtocolName": "Learning9_154",
    "RepetitionTime": 2,
    "ScanningSequence": "EP",
    "SequenceName": "_epfid2d1_64",
    "SequenceVariant": "SK",
    "SeriesDescription": "Learning9_154",
    "SliceTiming": [
      0,
      1.0175,
      0.0475,
      1.065,
      0.0975,
      1.115,
      0.145,
      1.1625,
      0.1925,
      1.2125,
      0.2425,
      1.26,
      0.29,
      1.3075,
      0.34,
      1.3575,
      0.3875,
      1.405,
      0.435,
      1.455,
      0.485,
      1.5025,
      0.5325,
      1.55,
      0.5825,
      1.6,
      0.63,
      1.6475,
      0.6775,
      1.695,
      0.7275,
      1.745,
      0.775,
      1.7925,
      0.8225,
      1.8425,
      0.8725,
      1.89,
      0.92,
      1.9375,
      0.97
    ],
    "SoftwareVersions": "syngo_MR_B17",
    "TaskName": "encoding",
    "TotalReadoutTime": 0.01488,
    "TrueEchoSpacing": 0.000480001,
    "dataset": "ds003789",
    "modality": "bold",
    "run_id": 9,
    "subject_id": "5433",
    "task_id": "encoding"
  },
  "dummy_trs": 1,
  "dvars_nstd": 38.1250687399342,
  "dvars_std": 1.2952524600000006,
  "dvars_vstd": 1.0173628847368417,
  "efc": 0.5879121200929694,
  "fber": 938.795654296875,
  "fd_mean": 0.10236981579084464,
  "fd_num": 10,
  "fd_perc": 6.5359477124183005,
  "fwhm_avg": 1.6380336438993857,
  "fwhm_x": 1.5877633333333332,
  "fwhm_y": 1.76178,
  "fwhm_z": 1.564557598364824,
  "gcor": 0.00631539,
  "gsr_x": 0.003097312292084098,
  "gsr_y": 0.03991780802607536,
  "provenance": {
    "md5sum": "89f92ff8c132e9e83e92bfe89a0d2bb3",
    "settings": {
      "fd_thres": 0.2,
      "testing": false
    },
    "software": "mriqc",
    "version": "23.1.0"
  },
  "size_t": 153,
  "size_x": 64,
  "size_y": 64,
  "size_z": 41,
  "snr": 6.0609640602578585,
  "spacing_tr": 2.0,
  "spacing_x": 3.0,
  "spacing_y": 3.0,
  "spacing_z": 3.299999952316284,
  "summary_bg_k": 31.998991515071957,
  "summary_bg_mad": 19.34166022220905,
  "summary_bg_mean": 51.37792425144432,
  "summary_bg_median": 25.27450942993164,
  "summary_bg_n": 116270.0,
  "summary_bg_p05": 8.437908172607422,
  "summary_bg_p95": 192.05882263183594,
  "summary_bg_stdv": 79.61954202504468,
  "summary_fg_k": 1.6943340795065804,
  "summary_fg_mad": 116.55869528160635,
  "summary_fg_mean": 773.2056978349971,
  "summary_fg_median": 774.4052124023438,
  "summary_fg_n": 51666.0,
  "summary_fg_p05": 561.3529663085938,
  "summary_fg_p95": 968.9934692382812,
  "summary_fg_stdv": 127.7680762212673,
  "tsnr": 47.88697301025968
}