{
  "aor": 0.0005058441558441559,
  "aqi": 0.01383975194805195,
  "bids_meta": {
    "AccelFactPE": 2,
    "AcquisitionNumber": 1,
    "AcquisitionTime": "11:45:55.827500",
    "BandwidthPerPixelPhaseEncode": 65.104,
    "ConversionSoftware": "dcm2niix",
    "ConversionSoftwareVersion": "v1.0.20170724 GCC4.4.7",
    "DeviceSerialNumber": "35193",
    "EchoTime": 0.025,
    "EffectiveEchoSpacing": 0.000240001,
    "FlipAngle": 90,
    "ImageType": [
      "ORIGINAL",
      "PRIMARY",
      "M",
      "ND",
      "NORM",
      "MOSAIC"
    ],
    "InstitutionAddress": "Xinjiekouwai_Street_No_19_Beijing_Haidian_District_CN_100875",
    "InstitutionName": "BNU_MRI_Center",
    "MagneticFieldStrength": 3,
    "Manufacturer": "Siemens",
    "ManufacturersModelName": "TrioTim",
    "PhaseEncodingDirection": "j-",
    "PhaseEncodingLines": 64,
    "ProcedureStepDescription": "BNU_cst_2019_Zhu.Bi",
    "ProtocolName": "Learning6_154",
    "RepetitionTime": 2,
    "ScanningSequence": "EP",
    "SequenceName": "_epfid2d1_64",
    "SequenceVariant": "SK",
    "SeriesDescription": "Learning6_154",
    "SliceTiming": [
      0,
      1.0175,
      0.0475,
      1.065,
      0.0975,
      1.115,
      0.145,
      1.1625,
      0.1925,
      1.21,
      0.2425,
      1.26,
      0.29,
      1.3075,
      0.3375,
      1.3575,
      0.3875,
      1.405,
      0.435,
      1.4525,
      0.485,
      1.5025,
      0.5325,
      1.55,
      0.58,
      1.6,
      0.63,
      1.6475,
      0.6775,
      1.695,
      0.7275,
      1.745,
      0.775,
      1.7925,
      0.8225,
      1.8425,
      0.8725,
      1.89,
      0.92,
      1.9375,
      0.97
    ],
    "SoftwareVersions": "syngo_MR_B17",
    "TaskName": "encoding",
    "TotalReadoutTime": 0.01488,
    "TrueEchoSpacing": 0.000480001,
    "dataset": "ds003789",
    "modality": "bold",
    "run_id": 6,
    "subject_id": "5433",
    "task_id": "encoding"
  },
  "dummy_trs": 0,
  "dvars_nstd": 37.49541176666668,
  "dvars_std": 1.2792782040522876,
  "dvars_vstd": 1.0078509484967326,
  "efc": 0.5911552351758149,
  "fber": 863.161865234375,
  "fd_mean": 0.07617185648158425,
  "fd_num": 0,
  "fd_perc": 0.0,
  "fwhm_avg": 1.6401643511852901,
  "fwhm_x": 1.5708366666666667,
  "fwhm_y": 1.74042,
  "fwhm_z": 1.6092363868892032,
  "gcor": 0.00726437,
  "gsr_x": -0.000595945050008595,
  "gsr_y": 0.032298460602760315,
  "provenance": {
    "md5sum": "192c03af7edfe6d556f7f218bce2d9da",
    "settings": {
      "fd_thres": 0.2,
      "testing": false
    },
    "software": "mriqc",
    "version": "23.1.0"
  },
  "size_t": 154,
  "size_x": 64,
  "size_y": 64,
  "size_z": 41,
  "snr": 6.1298010719351534,
  "spacing_tr": 2.0,
  "spacing_x": 3.0,
  "spacing_y": 3.0,
  "spacing_z": 3.299999952316284,
  "summary_bg_k": 30.624420906501463,
  "summary_bg_mad": 19.77444971793165,
  "summary_bg_mean": 52.67962288601641,
  "summary_bg_median": 26.376623153686523,
  "summary_bg_n": 116027.0,
  "summary_bg_p05": 9.00649356842041,
  "summary_bg_p95": 198.08441162109375,
  "summary_bg_stdv": 80.57322016823778,
  "summary_fg_k": 1.8495821754841364,
  "summary_fg_mad": 114.92094648695159,
  "summary_fg_mean": 773.6374682897678,
  "summary_fg_median": 774.93505859375,
  "summary_fg_n": 51909.0,
  "summary_fg_p05": 563.402587890625,
  "summary_fg_p95": 964.3636474609375,
  "summary_fg_stdv": 126.419697001992,
  "tsnr": 50.19189304718748
}