{
  "bids_meta": {
    "AcquisitionNumber": 1,
    "AcquisitionTime": "11:30:44.130000",
    "ConversionSoftware": "dcm2niix",
    "ConversionSoftwareVersion": "v1.0.20170724 GCC4.4.7",
    "DeviceSerialNumber": "35193",
    "EchoTime": 0.00309,
    "FlipAngle": 10,
    "ImageType": [
      "ORIGINAL",
      "PRIMARY",
      "M",
      "ND",
      "NORM"
    ],
    "InstitutionAddress": "Xinjiekouwai_Street_No_19_Beijing_Haidian_District_CN_100875",
    "InstitutionName": "BNU_MRI_Center",
    "InversionTime": 0.8,
    "MagneticFieldStrength": 3,
    "Manufacturer": "Siemens",
    "ManufacturersModelName": "TrioTim",
    "PhaseEncodingDirection": "i-",
    "PhaseEncodingLines": 256,
    "ProcedureStepDescription": "BNU_cst_2019_Zhu.Bi",
    "ProtocolName": "UCI_MPRAGE_Sag_1x1x1",
    "RepetitionTime": 2.53,
    "ScanningSequence": "GR_IR",
    "SequenceName": "_tfl3d1_ns",
    "SequenceVariant": "SP_MP",
    "SeriesDescription": "UCI_MPRAGE_Sag_1x1x1",
    "SoftwareVersions": "syngo_MR_B17",
    "dataset": "ds003789",
    "modality": "T1w",
    "subject_id": "5428"
  },
  "cjv": 0.573254051596689,
  "cnr": 1.929784075677613,
  "efc": 0.5462507650216878,
  "fber": 7249.435519465822,
  "fwhm_avg": 4.088932651550024,
  "fwhm_x": 4.044147954650074,
  "fwhm_y": 4.39043,
  "fwhm_z": 3.83222,
  "icvs_csf": 0.2686973937541424,
  "icvs_gm": 0.38257259605015465,
  "icvs_wm": 0.34873001019570293,
  "inu_med": 0.5640438795089722,
  "inu_range": 0.2481692537665367,
  "provenance": {
    "md5sum": "8a708a3ea49fe828cbe96e0b5f95a276",
    "settings": {
      "testing": false
    },
    "software": "mriqc",
    "version": "23.1.0",
    "warnings": {
      "large_rot_frame": true,
      "small_air_mask": false
    }
  },
  "qi_1": 0.0,
  "qi_2": 0.0018242816903730156,
  "rpve_csf": 8.193524824319198,
  "rpve_gm": 8.130591312383094,
  "rpve_wm": 8.249605509134955,
  "size_x": 208,
  "size_y": 256,
  "size_z": 256,
  "snr_csf": 2.4771464000389636,
  "snr_gm": 5.657590408885955,
  "snr_total": 7.037629603902758,
  "snr_wm": 12.978152002783357,
  "snrd_csf": 29.322746730445523,
  "snrd_gm": 42.59558746506684,
  "snrd_total": 43.86154564735287,
  "snrd_wm": 59.66630274654625,
  "spacing_x": 0.9999980330467224,
  "spacing_y": 1.0,
  "spacing_z": 1.0,
  "summary_bg_k": 85.17612649095621,
  "summary_bg_mad": 0.0,
  "summary_bg_mean": 6.515156005084559,
  "summary_bg_median": 0.0,
  "summary_bg_n": 5071832.0,
  "summary_bg_p05": 0.0,
  "summary_bg_p95": 29.118917975574732,
  "summary_bg_stdv": 10.609949702045903,
  "summary_csf_k": 0.0960739513103066,
  "summary_csf_mad": 125.11458166495827,
  "summary_csf_mean": 465.48637244217264,
  "summary_csf_median": 474.8825861848891,
  "summary_csf_n": 440066.6802798072,
  "summary_csf_p05": 129.62615098804235,
  "summary_csf_p95": 760.8867199011147,
  "summary_csf_stdv": 191.7052809715156,
  "summary_gm_k": -0.26273269927262355,
  "summary_gm_mad": 95.92489297731885,
  "summary_gm_mean": 693.6705422953349,
  "summary_gm_median": 689.8365600407124,
  "summary_gm_n": 626568.9814016803,
  "summary_gm_p05": 498.1025749705732,
  "summary_gm_p95": 909.8628615438938,
  "summary_gm_stdv": 121.93106246604522,
  "summary_wm_k": 0.8710537727798711,
  "summary_wm_mad": 62.55729083247913,
  "summary_wm_mean": 955.7255272551031,
  "summary_wm_median": 966.297203220427,
  "summary_wm_n": 571142.3388095307,
  "summary_wm_p05": 814.0898010022938,
  "summary_wm_p95": 1060.3043422847986,
  "summary_wm_stdv": 74.45562026697122,
  "tpm_overlap_csf": 0.2184945496925958,
  "tpm_overlap_gm": 0.5291159154924475,
  "tpm_overlap_wm": 0.5414273932140266,
  "wm2max": 0.5198391041578234
}