{
  "aor": 0.0009457142857142856,
  "aqi": 0.01657467792207792,
  "bids_meta": {
    "AccelFactPE": 2,
    "AcquisitionNumber": 1,
    "AcquisitionTime": "14:27:58.087500",
    "BandwidthPerPixelPhaseEncode": 65.104,
    "ConversionSoftware": "dcm2niix",
    "ConversionSoftwareVersion": "v1.0.20170724 GCC4.4.7",
    "DeviceSerialNumber": "35193",
    "EchoTime": 0.025,
    "EffectiveEchoSpacing": 0.000240001,
    "FlipAngle": 90,
    "ImageType": [
      "ORIGINAL",
      "PRIMARY",
      "M",
      "ND",
      "NORM",
      "MOSAIC"
    ],
    "InstitutionAddress": "Xinjiekouwai_Street_No_19_Beijing_Haidian_District_CN_100875",
    "InstitutionName": "BNU_MRI_Center",
    "MagneticFieldStrength": 3,
    "Manufacturer": "Siemens",
    "ManufacturersModelName": "TrioTim",
    "PhaseEncodingDirection": "j-",
    "PhaseEncodingLines": 64,
    "ProcedureStepDescription": "BNU_cst_2019_Zhu.Bi",
    "ProtocolName": "Learning1_154",
    "RepetitionTime": 2,
    "ScanningSequence": "EP",
    "SequenceName": "_epfid2d1_64",
    "SequenceVariant": "SK",
    "SeriesDescription": "Learning1_154",
    "SliceTiming": [
      0,
      1.0175,
      0.0475,
      1.0675,
      0.0975,
      1.115,
      0.145,
      1.1625,
      0.195,
      1.2125,
      0.2425,
      1.26,
      0.29,
      1.31,
      0.34,
      1.3575,
      0.3875,
      1.405,
      0.4375,
      1.455,
      0.485,
      1.5025,
      0.5325,
      1.5525,
      0.5825,
      1.6,
      0.63,
      1.6475,
      0.68,
      1.6975,
      0.7275,
      1.745,
      0.775,
      1.7925,
      0.825,
      1.8425,
      0.8725,
      1.89,
      0.92,
      1.94,
      0.97
    ],
    "SoftwareVersions": "syngo_MR_B17",
    "TaskName": "encoding",
    "TotalReadoutTime": 0.01488,
    "TrueEchoSpacing": 0.000480001,
    "dataset": "ds003789",
    "modality": "bold",
    "run_id": 1,
    "subject_id": "5409",
    "task_id": "encoding"
  },
  "dummy_trs": 0,
  "dvars_nstd": 30.577277938104583,
  "dvars_std": 1.1198945798692812,
  "dvars_vstd": 1.018876863594771,
  "efc": 0.5953450160217544,
  "fber": 899.9484252929688,
  "fd_mean": 0.08488329115803761,
  "fd_num": 4,
  "fd_perc": 2.5974025974025974,
  "fwhm_avg": 1.6306064722516451,
  "fwhm_x": 1.5610866666666665,
  "fwhm_y": 1.75176,
  "fwhm_z": 1.578972750088269,
  "gcor": 0.00838408,
  "gsr_x": 0.014877786859869957,
  "gsr_y": 0.02325836755335331,
  "provenance": {
    "md5sum": "0b51b94f24fae8293c1f455013ac8f11",
    "settings": {
      "fd_thres": 0.2,
      "testing": false
    },
    "software": "mriqc",
    "version": "23.1.0"
  },
  "size_t": 154,
  "size_x": 64,
  "size_y": 64,
  "size_z": 41,
  "snr": 6.398122854164254,
  "spacing_tr": 2.0,
  "spacing_x": 3.0,
  "spacing_y": 3.0,
  "spacing_z": 3.299999952316284,
  "summary_bg_k": 15.52128205318727,
  "summary_bg_mad": 22.99958773080941,
  "summary_bg_mean": 64.39408048196985,
  "summary_bg_median": 30.220779418945312,
  "summary_bg_n": 116126.0,
  "summary_bg_p05": 9.48701286315918,
  "summary_bg_p95": 266.3376770019531,
  "summary_bg_stdv": 94.19343355989508,
  "summary_fg_k": 2.800342363984333,
  "summary_fg_mad": 116.14356847024195,
  "summary_fg_mean": 899.4228034736244,
  "summary_fg_median": 906.597412109375,
  "summary_fg_n": 51810.0,
  "summary_fg_p05": 635.5714111328125,
  "summary_fg_p95": 1100.82470703125,
  "summary_fg_stdv": 141.69603858510965,
  "tsnr": 50.07385888136923
}