{
  "aor": 0.00037805555555555547,
  "aqi": 0.015398322685185185,
  "bids_meta": {
    "AccelFactPE": 2,
    "AcquisitionNumber": 1,
    "AcquisitionTime": "14:47:18.222500",
    "BandwidthPerPixelPhaseEncode": 65.104,
    "ConversionSoftware": "dcm2niix",
    "ConversionSoftwareVersion": "v1.0.20170724 GCC4.4.7",
    "DeviceSerialNumber": "35193",
    "EchoTime": 0.025,
    "EffectiveEchoSpacing": 0.000240001,
    "FlipAngle": 90,
    "ImageType": [
      "ORIGINAL",
      "PRIMARY",
      "M",
      "ND",
      "NORM",
      "MOSAIC"
    ],
    "InstitutionAddress": "Xinjiekouwai_Street_No_19_Beijing_Haidian_District_CN_100875",
    "InstitutionName": "BNU_MRI_Center",
    "MagneticFieldStrength": 3,
    "Manufacturer": "Siemens",
    "ManufacturersModelName": "TrioTim",
    "PhaseEncodingDirection": "j-",
    "PhaseEncodingLines": 64,
    "ProcedureStepDescription": "BNU_cst_2019_Zhu.Bi",
    "ProtocolName": "Test3_216",
    "RepetitionTime": 2,
    "ScanningSequence": "EP",
    "SequenceName": "_epfid2d1_64",
    "SequenceVariant": "SK",
    "SeriesDescription": "Test3_216",
    "SliceTiming": [
      0,
      1.0175,
      0.0475,
      1.065,
      0.095,
      1.115,
      0.145,
      1.1625,
      0.1925,
      1.21,
      0.2425,
      1.26,
      0.29,
      1.3075,
      0.3375,
      1.3575,
      0.3875,
      1.405,
      0.435,
      1.4525,
      0.485,
      1.5025,
      0.5325,
      1.55,
      0.58,
      1.6,
      0.63,
      1.6475,
      0.6775,
      1.695,
      0.7275,
      1.745,
      0.775,
      1.7925,
      0.8225,
      1.84,
      0.8725,
      1.89,
      0.92,
      1.9375,
      0.9675
    ],
    "SoftwareVersions": "syngo_MR_B17",
    "TaskName": "retrieval",
    "TotalReadoutTime": 0.01488,
    "TrueEchoSpacing": 0.000480001,
    "dataset": "ds003789",
    "modality": "bold",
    "run_id": 3,
    "subject_id": "5409",
    "task_id": "retrieval"
  },
  "dummy_trs": 0,
  "dvars_nstd": 32.2303633044186,
  "dvars_std": 1.1599152820930234,
  "dvars_vstd": 0.9926448139069768,
  "efc": 0.5971051468521205,
  "fber": 837.3941040039062,
  "fd_mean": 0.051634070723907695,
  "fd_num": 2,
  "fd_perc": 0.9259259259259259,
  "fwhm_avg": 1.6268592630458063,
  "fwhm_x": 1.5794566666666665,
  "fwhm_y": 1.7500333333333333,
  "fwhm_z": 1.551087789137419,
  "gcor": 0.014113,
  "gsr_x": 0.013407512567937374,
  "gsr_y": 0.02524380572140217,
  "provenance": {
    "md5sum": "6a5f0e6799f0f42d06422d61891dac28",
    "settings": {
      "fd_thres": 0.2,
      "testing": false
    },
    "software": "mriqc",
    "version": "23.1.0"
  },
  "size_t": 216,
  "size_x": 64,
  "size_y": 64,
  "size_z": 41,
  "snr": 6.449585065335255,
  "spacing_tr": 2.0,
  "spacing_x": 3.0,
  "spacing_y": 3.0,
  "spacing_z": 3.3000001907348633,
  "summary_bg_k": 15.471739739143718,
  "summary_bg_mad": 24.064829144892173,
  "summary_bg_mean": 67.5709853567792,
  "summary_bg_median": 32.13425827026367,
  "summary_bg_n": 116189.0,
  "summary_bg_p05": 10.55555534362793,
  "summary_bg_p95": 280.4351806640625,
  "summary_bg_stdv": 98.00272149830698,
  "summary_fg_k": 2.8090385510458775,
  "summary_fg_mad": 118.86209482817317,
  "summary_fg_mean": 923.4287049836103,
  "summary_fg_median": 929.8935546875,
  "summary_fg_n": 51747.0,
  "summary_fg_p05": 658.4490966796875,
  "summary_fg_p95": 1130.263916015625,
  "summary_fg_stdv": 144.17742540404748,
  "tsnr": 52.06997610954568
}