{
  "aor": 0.0005691558441558442,
  "aqi": 0.010880045194805194,
  "bids_meta": {
    "AccelFactPE": 2,
    "AcquisitionNumber": 1,
    "AcquisitionTime": "09:35:32.432500",
    "BandwidthPerPixelPhaseEncode": 65.104,
    "ConversionSoftware": "dcm2niix",
    "ConversionSoftwareVersion": "v1.0.20170724 GCC4.4.7",
    "DeviceSerialNumber": "35193",
    "EchoTime": 0.025,
    "EffectiveEchoSpacing": 0.000240001,
    "FlipAngle": 90,
    "ImageType": [
      "ORIGINAL",
      "PRIMARY",
      "M",
      "ND",
      "NORM",
      "MOSAIC"
    ],
    "InstitutionAddress": "Xinjiekouwai_Street_No_19_Beijing_Haidian_District_CN_100875",
    "InstitutionName": "BNU_MRI_Center",
    "MagneticFieldStrength": 3,
    "Manufacturer": "Siemens",
    "ManufacturersModelName": "TrioTim",
    "PhaseEncodingDirection": "j-",
    "PhaseEncodingLines": 64,
    "ProcedureStepDescription": "BNU_cst_2019_Zhu.Bi",
    "ProtocolName": "Learning6_154",
    "RepetitionTime": 2,
    "ScanningSequence": "EP",
    "SequenceName": "_epfid2d1_64",
    "SequenceVariant": "SK",
    "SeriesDescription": "Learning6_154",
    "SliceTiming": [
      0,
      1.0175,
      0.0475,
      1.065,
      0.095,
      1.1125,
      0.145,
      1.1625,
      0.1925,
      1.21,
      0.24,
      1.26,
      0.29,
      1.3075,
      0.3375,
      1.355,
      0.3875,
      1.405,
      0.435,
      1.4525,
      0.4825,
      1.5025,
      0.5325,
      1.55,
      0.58,
      1.5975,
      0.63,
      1.6475,
      0.6775,
      1.695,
      0.725,
      1.745,
      0.775,
      1.7925,
      0.8225,
      1.84,
      0.8725,
      1.89,
      0.92,
      1.9375,
      0.9675
    ],
    "SoftwareVersions": "syngo_MR_B17",
    "TaskName": "encoding",
    "TotalReadoutTime": 0.01488,
    "TrueEchoSpacing": 0.000480001,
    "dataset": "ds003789",
    "modality": "bold",
    "run_id": 6,
    "subject_id": "5429",
    "task_id": "encoding"
  },
  "dummy_trs": 0,
  "dvars_nstd": 30.69344748692811,
  "dvars_std": 1.1827832534640526,
  "dvars_vstd": 1.0190507274509808,
  "efc": 0.558024954003751,
  "fber": 1101.16259765625,
  "fd_mean": 0.05063029319244597,
  "fd_num": 0,
  "fd_perc": 0.0,
  "fwhm_avg": 1.545074192754507,
  "fwhm_x": 1.4860266666666666,
  "fwhm_y": 1.668886799297873,
  "fwhm_z": 1.4803091122989815,
  "gcor": 0.0140972,
  "gsr_x": -0.0007560058147646487,
  "gsr_y": 0.028036030009388924,
  "provenance": {
    "md5sum": "ca29c21f67ed02ab807e8ea9d76d19a5",
    "settings": {
      "fd_thres": 0.2,
      "testing": false
    },
    "software": "mriqc",
    "version": "23.1.0"
  },
  "size_t": 154,
  "size_x": 64,
  "size_y": 64,
  "size_z": 41,
  "snr": 6.4021785174962895,
  "spacing_tr": 2.0,
  "spacing_x": 3.0,
  "spacing_y": 2.999999761581421,
  "spacing_z": 3.299999952316284,
  "summary_bg_k": 21.64972640528529,
  "summary_bg_mad": 18.965755542136364,
  "summary_bg_mean": 60.15157742559975,
  "summary_bg_median": 27.084415435791016,
  "summary_bg_n": 123500.0,
  "summary_bg_p05": 9.688311576843262,
  "summary_bg_p95": 253.16558074951172,
  "summary_bg_stdv": 98.11841784886911,
  "summary_fg_k": 2.7465258302921676,
  "summary_fg_mad": 114.97392888434752,
  "summary_fg_mean": 893.598894528152,
  "summary_fg_median": 898.7630004882812,
  "summary_fg_n": 44436.0,
  "summary_fg_p05": 633.902587890625,
  "summary_fg_p95": 1093.80517578125,
  "summary_fg_stdv": 140.38235343953426,
  "tsnr": 57.92394628375769
}