{
  "aor": 0.00037685185185185185,
  "aqi": 0.011009147407407409,
  "bids_meta": {
    "AccelFactPE": 2,
    "AcquisitionNumber": 1,
    "AcquisitionTime": "09:17:16.755000",
    "BandwidthPerPixelPhaseEncode": 65.104,
    "ConversionSoftware": "dcm2niix",
    "ConversionSoftwareVersion": "v1.0.20170724 GCC4.4.7",
    "DeviceSerialNumber": "35193",
    "EchoTime": 0.025,
    "EffectiveEchoSpacing": 0.000240001,
    "FlipAngle": 90,
    "ImageType": [
      "ORIGINAL",
      "PRIMARY",
      "M",
      "ND",
      "NORM",
      "MOSAIC"
    ],
    "InstitutionAddress": "Xinjiekouwai_Street_No_19_Beijing_Haidian_District_CN_100875",
    "InstitutionName": "BNU_MRI_Center",
    "MagneticFieldStrength": 3,
    "Manufacturer": "Siemens",
    "ManufacturersModelName": "TrioTim",
    "PhaseEncodingDirection": "j-",
    "PhaseEncodingLines": 64,
    "ProcedureStepDescription": "BNU_cst_2019_Zhu.Bi",
    "ProtocolName": "Test2_216",
    "RepetitionTime": 2,
    "ScanningSequence": "EP",
    "SequenceName": "_epfid2d1_64",
    "SequenceVariant": "SK",
    "SeriesDescription": "Test2_216",
    "SliceTiming": [
      0,
      1.0175,
      0.0475,
      1.065,
      0.095,
      1.115,
      0.145,
      1.1625,
      0.1925,
      1.21,
      0.2425,
      1.26,
      0.29,
      1.3075,
      0.3375,
      1.3575,
      0.3875,
      1.405,
      0.435,
      1.4525,
      0.485,
      1.5025,
      0.5325,
      1.55,
      0.58,
      1.5975,
      0.63,
      1.6475,
      0.6775,
      1.695,
      0.725,
      1.745,
      0.775,
      1.7925,
      0.8225,
      1.84,
      0.8725,
      1.89,
      0.92,
      1.9375,
      0.9675
    ],
    "SoftwareVersions": "syngo_MR_B17",
    "TaskName": "retrieval",
    "TotalReadoutTime": 0.01488,
    "TrueEchoSpacing": 0.000480001,
    "dataset": "ds003789",
    "modality": "bold",
    "run_id": 2,
    "subject_id": "5429",
    "task_id": "retrieval"
  },
  "dummy_trs": 0,
  "dvars_nstd": 29.40317642706974,
  "dvars_std": 1.136171059813953,
  "dvars_vstd": 0.9999637456744178,
  "efc": 0.5547063255152815,
  "fber": 1262.087158203125,
  "fd_mean": 0.05342355717577979,
  "fd_num": 0,
  "fd_perc": 0.0,
  "fwhm_avg": 1.5228711181291266,
  "fwhm_x": 1.4901333333333333,
  "fwhm_y": 1.6214133333333332,
  "fwhm_z": 1.4570666877207132,
  "gcor": 0.0177252,
  "gsr_x": 0.0050270697101950645,
  "gsr_y": 0.01900925487279892,
  "provenance": {
    "md5sum": "856be80471f5aa241b1fcb08ee6bac26",
    "settings": {
      "fd_thres": 0.2,
      "testing": false
    },
    "software": "mriqc",
    "version": "23.1.0"
  },
  "size_t": 216,
  "size_x": 64,
  "size_y": 64,
  "size_z": 41,
  "snr": 6.4980704040397965,
  "spacing_tr": 2.0,
  "spacing_x": 3.0,
  "spacing_y": 3.0,
  "spacing_z": 3.299999952316284,
  "summary_bg_k": 20.538583164743216,
  "summary_bg_mad": 16.874896398445212,
  "summary_bg_mean": 57.67325522764718,
  "summary_bg_median": 25.2800931930542,
  "summary_bg_n": 123476.0,
  "summary_bg_p05": 9.648148536682129,
  "summary_bg_p95": 247.61111450195312,
  "summary_bg_stdv": 95.47460962802128,
  "summary_fg_k": 2.6398537742908728,
  "summary_fg_mad": 115.02863060804665,
  "summary_fg_mean": 891.904051218878,
  "summary_fg_median": 898.0972290039062,
  "summary_fg_n": 44460.0,
  "summary_fg_p05": 633.8634338378906,
  "summary_fg_p95": 1086.2384033203125,
  "summary_fg_stdv": 138.20827923470537,
  "tsnr": 56.92558119026944
}