{
  "aor": 0.0006666883116883116,
  "aqi": 0.011220565714285714,
  "bids_meta": {
    "AccelFactPE": 2,
    "AcquisitionNumber": 1,
    "AcquisitionTime": "09:16:33.665000",
    "BandwidthPerPixelPhaseEncode": 65.104,
    "ConversionSoftware": "dcm2niix",
    "ConversionSoftwareVersion": "v1.0.20170724 GCC4.4.7",
    "DeviceSerialNumber": "35193",
    "EchoTime": 0.025,
    "EffectiveEchoSpacing": 0.000240001,
    "FlipAngle": 90,
    "ImageType": [
      "ORIGINAL",
      "PRIMARY",
      "M",
      "ND",
      "NORM",
      "MOSAIC"
    ],
    "InstitutionAddress": "Xinjiekouwai_Street_No_19_Beijing_Haidian_District_CN_100875",
    "InstitutionName": "BNU_MRI_Center",
    "MagneticFieldStrength": 3,
    "Manufacturer": "Siemens",
    "ManufacturersModelName": "TrioTim",
    "PhaseEncodingDirection": "j-",
    "PhaseEncodingLines": 64,
    "ProcedureStepDescription": "BNU_cst_2019_Zhu.Bi",
    "ProtocolName": "Learning3_154",
    "RepetitionTime": 2,
    "ScanningSequence": "EP",
    "SequenceName": "_epfid2d1_64",
    "SequenceVariant": "SK",
    "SeriesDescription": "Learning3_154",
    "SliceTiming": [
      0,
      1.0175,
      0.05,
      1.0675,
      0.0975,
      1.115,
      0.145,
      1.165,
      0.195,
      1.2125,
      0.2425,
      1.26,
      0.2925,
      1.31,
      0.34,
      1.3575,
      0.3875,
      1.4075,
      0.4375,
      1.455,
      0.485,
      1.5025,
      0.535,
      1.5525,
      0.5825,
      1.6,
      0.63,
      1.65,
      0.68,
      1.6975,
      0.7275,
      1.745,
      0.7775,
      1.795,
      0.825,
      1.8425,
      0.8725,
      1.8925,
      0.9225,
      1.94,
      0.97
    ],
    "SoftwareVersions": "syngo_MR_B17",
    "TaskName": "encoding",
    "TotalReadoutTime": 0.01488,
    "TrueEchoSpacing": 0.000480001,
    "dataset": "ds003789",
    "modality": "bold",
    "run_id": 3,
    "subject_id": "5429",
    "task_id": "encoding"
  },
  "dummy_trs": 0,
  "dvars_nstd": 30.216316584901957,
  "dvars_std": 1.1708271378431376,
  "dvars_vstd": 1.0207570668627448,
  "efc": 0.5567743034556568,
  "fber": 1130.6611328125,
  "fd_mean": 0.05496104858299011,
  "fd_num": 0,
  "fd_perc": 0.0,
  "fwhm_avg": 1.5529659103340814,
  "fwhm_x": 1.4909933333333332,
  "fwhm_y": 1.6835468004629452,
  "fwhm_z": 1.4843575972059655,
  "gcor": 0.0158941,
  "gsr_x": 0.00012443435844033957,
  "gsr_y": 0.02798275463283062,
  "provenance": {
    "md5sum": "0066111d595c8344182686fa66535d0a",
    "settings": {
      "fd_thres": 0.2,
      "testing": false
    },
    "software": "mriqc",
    "version": "23.1.0"
  },
  "size_t": 154,
  "size_x": 64,
  "size_y": 64,
  "size_z": 41,
  "snr": 6.369667775850229,
  "spacing_tr": 2.0,
  "spacing_x": 3.0,
  "spacing_y": 2.999999761581421,
  "spacing_z": 3.299999952316284,
  "summary_bg_k": 21.39856821678504,
  "summary_bg_mad": 18.64805486475378,
  "summary_bg_mean": 59.560487834969315,
  "summary_bg_median": 26.740259170532227,
  "summary_bg_n": 123524.0,
  "summary_bg_p05": 9.5,
  "summary_bg_p95": 250.6558380126953,
  "summary_bg_stdv": 98.13076762567795,
  "summary_fg_k": 2.718922893131844,
  "summary_fg_mad": 115.08939521923602,
  "summary_fg_mean": 893.9593732628233,
  "summary_fg_median": 899.1493530273438,
  "summary_fg_n": 44412.0,
  "summary_fg_p05": 634.4805297851562,
  "summary_fg_p95": 1095.6298828125,
  "summary_fg_stdv": 141.15951754335615,
  "tsnr": 56.902339389082044
}