{
  "aor": 0.0003558796296296296,
  "aqi": 0.013024166666666667,
  "bids_meta": {
    "AccelFactPE": 2,
    "AcquisitionNumber": 1,
    "AcquisitionTime": "09:09:15.767500",
    "BandwidthPerPixelPhaseEncode": 65.104,
    "ConversionSoftware": "dcm2niix",
    "ConversionSoftwareVersion": "v1.0.20170724 GCC4.4.7",
    "DeviceSerialNumber": "35193",
    "EchoTime": 0.025,
    "EffectiveEchoSpacing": 0.000240001,
    "FlipAngle": 90,
    "ImageType": [
      "ORIGINAL",
      "PRIMARY",
      "M",
      "ND",
      "NORM",
      "MOSAIC"
    ],
    "InstitutionAddress": "Xinjiekouwai_Street_No_19_Beijing_Haidian_District_CN_100875",
    "InstitutionName": "BNU_MRI_Center",
    "MagneticFieldStrength": 3,
    "Manufacturer": "Siemens",
    "ManufacturersModelName": "TrioTim",
    "PhaseEncodingDirection": "j-",
    "PhaseEncodingLines": 64,
    "ProcedureStepDescription": "BNU_cst_2019_Zhu.Bi",
    "ProtocolName": "Test1_216",
    "RepetitionTime": 2,
    "ScanningSequence": "EP",
    "SequenceName": "_epfid2d1_64",
    "SequenceVariant": "SK",
    "SeriesDescription": "Test1_216",
    "SliceTiming": [
      0,
      1.0175,
      0.0475,
      1.065,
      0.095,
      1.115,
      0.145,
      1.1625,
      0.1925,
      1.21,
      0.2425,
      1.26,
      0.29,
      1.3075,
      0.3375,
      1.355,
      0.3875,
      1.405,
      0.435,
      1.4525,
      0.4825,
      1.5025,
      0.5325,
      1.55,
      0.58,
      1.5975,
      0.63,
      1.6475,
      0.6775,
      1.695,
      0.725,
      1.745,
      0.775,
      1.7925,
      0.8225,
      1.84,
      0.8725,
      1.89,
      0.92,
      1.9375,
      0.9675
    ],
    "SoftwareVersions": "syngo_MR_B17",
    "TaskName": "retrieval",
    "TotalReadoutTime": 0.01488,
    "TrueEchoSpacing": 0.000480001,
    "dataset": "ds003789",
    "modality": "bold",
    "run_id": 1,
    "subject_id": "5429",
    "task_id": "retrieval"
  },
  "dummy_trs": 0,
  "dvars_nstd": 29.809994604325585,
  "dvars_std": 1.1289036881860455,
  "dvars_vstd": 0.9934418659534875,
  "efc": 0.5542801328056388,
  "fber": 1269.21435546875,
  "fd_mean": 0.05162705081853555,
  "fd_num": 2,
  "fd_perc": 0.9259259259259259,
  "fwhm_avg": 1.5224714211251884,
  "fwhm_x": 1.49142,
  "fwhm_y": 1.6260366666666668,
  "fwhm_z": 1.449957596708899,
  "gcor": 0.00715394,
  "gsr_x": 0.005199889186769724,
  "gsr_y": 0.01919376105070114,
  "provenance": {
    "md5sum": "b812b21ac75360565fc1b36a2ff80505",
    "settings": {
      "fd_thres": 0.2,
      "testing": false
    },
    "software": "mriqc",
    "version": "23.1.0"
  },
  "size_t": 216,
  "size_x": 64,
  "size_y": 64,
  "size_z": 41,
  "snr": 6.4826207881336835,
  "spacing_tr": 2.0,
  "spacing_x": 3.0,
  "spacing_y": 3.0,
  "spacing_z": 3.299999952316284,
  "summary_bg_k": 20.558843474442675,
  "summary_bg_mad": 16.83028016366114,
  "summary_bg_mean": 57.29498274159315,
  "summary_bg_median": 25.18055534362793,
  "summary_bg_n": 123472.0,
  "summary_bg_p05": 9.476851463317871,
  "summary_bg_p95": 244.36111450195312,
  "summary_bg_stdv": 94.86934929726868,
  "summary_fg_k": 2.6385981267030623,
  "summary_fg_mad": 113.9921935652211,
  "summary_fg_mean": 890.8203311599643,
  "summary_fg_median": 897.0833129882812,
  "summary_fg_n": 44464.0,
  "summary_fg_p05": 629.9537353515625,
  "summary_fg_p95": 1086.24072265625,
  "summary_fg_stdv": 138.3812588305298,
  "tsnr": 54.352595115080476
}