{
  "aor": 0.0006139351851851852,
  "aqi": 0.015994271296296297,
  "bids_meta": {
    "AccelFactPE": 2,
    "AcquisitionNumber": 1,
    "AcquisitionTime": "14:31:5.000000",
    "BandwidthPerPixelPhaseEncode": 65.104,
    "ConversionSoftware": "dcm2niix",
    "ConversionSoftwareVersion": "v1.0.20170724 GCC4.4.7",
    "DeviceSerialNumber": "35193",
    "EchoTime": 0.025,
    "EffectiveEchoSpacing": 0.000240001,
    "FlipAngle": 90,
    "ImageType": [
      "ORIGINAL",
      "PRIMARY",
      "M",
      "ND",
      "NORM",
      "MOSAIC"
    ],
    "InstitutionAddress": "Xinjiekouwai_Street_No_19_Beijing_Haidian_District_CN_100875",
    "InstitutionName": "BNU_MRI_Center",
    "MagneticFieldStrength": 3,
    "Manufacturer": "Siemens",
    "ManufacturersModelName": "TrioTim",
    "PhaseEncodingDirection": "j-",
    "PhaseEncodingLines": 64,
    "ProcedureStepDescription": "BNU_cst_2019_Zhu.Bi",
    "ProtocolName": "Test1_216",
    "RepetitionTime": 2,
    "ScanningSequence": "EP",
    "SequenceName": "_epfid2d1_64",
    "SequenceVariant": "SK",
    "SeriesDescription": "Test1_216",
    "SliceTiming": [
      0,
      1.0175,
      0.05,
      1.0675,
      0.0975,
      1.115,
      0.145,
      1.165,
      0.195,
      1.2125,
      0.2425,
      1.26,
      0.2925,
      1.31,
      0.34,
      1.3575,
      0.3875,
      1.4075,
      0.4375,
      1.455,
      0.485,
      1.5025,
      0.535,
      1.5525,
      0.5825,
      1.6,
      0.63,
      1.65,
      0.68,
      1.6975,
      0.7275,
      1.745,
      0.7775,
      1.795,
      0.825,
      1.8425,
      0.8725,
      1.89,
      0.9225,
      1.94,
      0.97
    ],
    "SoftwareVersions": "syngo_MR_B17",
    "TaskName": "retrieval",
    "TotalReadoutTime": 0.01488,
    "TrueEchoSpacing": 0.000480001,
    "dataset": "ds003789",
    "modality": "bold",
    "run_id": 1,
    "subject_id": "5409",
    "task_id": "retrieval"
  },
  "dummy_trs": 0,
  "dvars_nstd": 29.485945306790708,
  "dvars_std": 1.0972891386046517,
  "dvars_vstd": 0.9968802117674415,
  "efc": 0.5957025286700198,
  "fber": 862.8400268554688,
  "fd_mean": 0.055203199433082335,
  "fd_num": 4,
  "fd_perc": 1.8518518518518519,
  "fwhm_avg": 1.6284551214000043,
  "fwhm_x": 1.5775466666666667,
  "fwhm_y": 1.7447066666666666,
  "fwhm_z": 1.5631120308666788,
  "gcor": 0.00669221,
  "gsr_x": 0.013389695435762405,
  "gsr_y": 0.02481338568031788,
  "provenance": {
    "md5sum": "f84bd090bcf7bda125adbc0962b83114",
    "settings": {
      "fd_thres": 0.2,
      "testing": false
    },
    "software": "mriqc",
    "version": "23.1.0"
  },
  "size_t": 216,
  "size_x": 64,
  "size_y": 64,
  "size_z": 41,
  "snr": 6.474838631121466,
  "spacing_tr": 2.0,
  "spacing_x": 3.0,
  "spacing_y": 3.0,
  "spacing_z": 3.3000001907348633,
  "summary_bg_k": 15.487627032541706,
  "summary_bg_mad": 24.20897401218838,
  "summary_bg_mean": 66.54362968762045,
  "summary_bg_median": 31.59722328186035,
  "summary_bg_n": 116250.0,
  "summary_bg_p05": 9.787036895751953,
  "summary_bg_p95": 275.90740966796875,
  "summary_bg_stdv": 97.10622833405017,
  "summary_fg_k": 2.7011848055363057,
  "summary_fg_mad": 117.96637106963571,
  "summary_fg_mean": 922.0219057290744,
  "summary_fg_median": 928.1412048339844,
  "summary_fg_n": 51686.0,
  "summary_fg_p05": 657.1713256835938,
  "summary_fg_p95": 1126.898193359375,
  "summary_fg_stdv": 143.34445675256822,
  "tsnr": 51.359927581157535
}