{
  "aor": 0.00044199074074074073,
  "aqi": 0.01547434814814815,
  "bids_meta": {
    "AccelFactPE": 2,
    "AcquisitionNumber": 1,
    "AcquisitionTime": "14:39:6.822500",
    "BandwidthPerPixelPhaseEncode": 65.104,
    "ConversionSoftware": "dcm2niix",
    "ConversionSoftwareVersion": "v1.0.20170724 GCC4.4.7",
    "DeviceSerialNumber": "35193",
    "EchoTime": 0.025,
    "EffectiveEchoSpacing": 0.000240001,
    "FlipAngle": 90,
    "ImageType": [
      "ORIGINAL",
      "PRIMARY",
      "M",
      "ND",
      "NORM",
      "MOSAIC"
    ],
    "InstitutionAddress": "Xinjiekouwai_Street_No_19_Beijing_Haidian_District_CN_100875",
    "InstitutionName": "BNU_MRI_Center",
    "MagneticFieldStrength": 3,
    "Manufacturer": "Siemens",
    "ManufacturersModelName": "TrioTim",
    "PhaseEncodingDirection": "j-",
    "PhaseEncodingLines": 64,
    "ProcedureStepDescription": "BNU_cst_2019_Zhu.Bi",
    "ProtocolName": "Test2_216",
    "RepetitionTime": 2,
    "ScanningSequence": "EP",
    "SequenceName": "_epfid2d1_64",
    "SequenceVariant": "SK",
    "SeriesDescription": "Test2_216",
    "SliceTiming": [
      0,
      1.0175,
      0.0475,
      1.0675,
      0.0975,
      1.115,
      0.145,
      1.1625,
      0.195,
      1.2125,
      0.2425,
      1.26,
      0.29,
      1.3075,
      0.34,
      1.3575,
      0.3875,
      1.405,
      0.435,
      1.455,
      0.485,
      1.5025,
      0.5325,
      1.55,
      0.5825,
      1.6,
      0.63,
      1.6475,
      0.6775,
      1.6975,
      0.7275,
      1.745,
      0.775,
      1.7925,
      0.825,
      1.8425,
      0.8725,
      1.89,
      0.92,
      1.94,
      0.97
    ],
    "SoftwareVersions": "syngo_MR_B17",
    "TaskName": "retrieval",
    "TotalReadoutTime": 0.01488,
    "TrueEchoSpacing": 0.000480001,
    "dataset": "ds003789",
    "modality": "bold",
    "run_id": 2,
    "subject_id": "5409",
    "task_id": "retrieval"
  },
  "dummy_trs": 0,
  "dvars_nstd": 31.75273843795349,
  "dvars_std": 1.144322186000001,
  "dvars_vstd": 0.9951139185116283,
  "efc": 0.5962451853337789,
  "fber": 853.4203491210938,
  "fd_mean": 0.06270273984004701,
  "fd_num": 1,
  "fd_perc": 0.46296296296296297,
  "fwhm_avg": 1.6271648183605352,
  "fwhm_x": 1.5744300000000002,
  "fwhm_y": 1.7434766666666668,
  "fwhm_z": 1.5635877884149385,
  "gcor": 0.0111484,
  "gsr_x": 0.013772781006991863,
  "gsr_y": 0.02419392205774784,
  "provenance": {
    "md5sum": "8adf3d9638cce6588ab45b8253368bc1",
    "settings": {
      "fd_thres": 0.2,
      "testing": false
    },
    "software": "mriqc",
    "version": "23.1.0"
  },
  "size_t": 216,
  "size_x": 64,
  "size_y": 64,
  "size_z": 41,
  "snr": 6.488271418409138,
  "spacing_tr": 2.0,
  "spacing_x": 3.0,
  "spacing_y": 3.0,
  "spacing_z": 3.3000001907348633,
  "summary_bg_k": 15.598478504763658,
  "summary_bg_mad": 23.817731131673998,
  "summary_bg_mean": 66.88412639740162,
  "summary_bg_median": 31.745370864868164,
  "summary_bg_n": 116252.0,
  "summary_bg_p05": 10.342592239379883,
  "summary_bg_p95": 277.0185241699219,
  "summary_bg_stdv": 97.35327326639565,
  "summary_fg_k": 2.616429324340573,
  "summary_fg_mad": 118.46746419616005,
  "summary_fg_mean": 921.4965328442848,
  "summary_fg_median": 927.388916015625,
  "summary_fg_n": 51684.0,
  "summary_fg_p05": 660.870361328125,
  "summary_fg_p95": 1128.2314453125,
  "summary_fg_stdv": 142.93174320966293,
  "tsnr": 51.966998383868486
}