{
  "aor": 0.0005805882352941176,
  "aqi": 0.015218722875816994,
  "bids_meta": {
    "AccelFactPE": 2,
    "AcquisitionNumber": 1,
    "AcquisitionTime": "15:05:41.400000",
    "BandwidthPerPixelPhaseEncode": 65.104,
    "ConversionSoftware": "dcm2niix",
    "ConversionSoftwareVersion": "v1.0.20170724 GCC4.4.7",
    "DeviceSerialNumber": "35193",
    "EchoTime": 0.025,
    "EffectiveEchoSpacing": 0.000240001,
    "FlipAngle": 90,
    "ImageType": [
      "ORIGINAL",
      "PRIMARY",
      "M",
      "ND",
      "NORM",
      "MOSAIC"
    ],
    "InstitutionAddress": "Xinjiekouwai_Street_No_19_Beijing_Haidian_District_CN_100875",
    "InstitutionName": "BNU_MRI_Center",
    "MagneticFieldStrength": 3,
    "Manufacturer": "Siemens",
    "ManufacturersModelName": "TrioTim",
    "PhaseEncodingDirection": "j-",
    "PhaseEncodingLines": 64,
    "ProcedureStepDescription": "BNU_cst_2019_Zhu.Bi",
    "ProtocolName": "Learning7_154",
    "RepetitionTime": 2,
    "ScanningSequence": "EP",
    "SequenceName": "_epfid2d1_64",
    "SequenceVariant": "SK",
    "SeriesDescription": "Learning7_154",
    "SliceTiming": [
      0,
      1.0175,
      0.0475,
      1.0675,
      0.0975,
      1.115,
      0.145,
      1.1625,
      0.195,
      1.2125,
      0.2425,
      1.26,
      0.29,
      1.3075,
      0.34,
      1.3575,
      0.3875,
      1.405,
      0.435,
      1.455,
      0.485,
      1.5025,
      0.5325,
      1.55,
      0.5825,
      1.6,
      0.63,
      1.6475,
      0.6775,
      1.6975,
      0.7275,
      1.745,
      0.775,
      1.7925,
      0.825,
      1.8425,
      0.8725,
      1.89,
      0.92,
      1.94,
      0.97
    ],
    "SoftwareVersions": "syngo_MR_B17",
    "TaskName": "encoding",
    "TotalReadoutTime": 0.01488,
    "TrueEchoSpacing": 0.000480001,
    "dataset": "ds003789",
    "modality": "bold",
    "run_id": 7,
    "subject_id": "5409",
    "task_id": "encoding"
  },
  "dummy_trs": 1,
  "dvars_nstd": 33.275896749868416,
  "dvars_std": 1.1843408609210524,
  "dvars_vstd": 1.0061481873026317,
  "efc": 0.5978975176828051,
  "fber": 835.8350830078125,
  "fd_mean": 0.049920581306774764,
  "fd_num": 0,
  "fd_perc": 0.0,
  "fwhm_avg": 1.6172528357530291,
  "fwhm_x": 1.5688633333333335,
  "fwhm_y": 1.7319466666666665,
  "fwhm_z": 1.5509485072590872,
  "gcor": 0.00817295,
  "gsr_x": 0.013488629832863808,
  "gsr_y": 0.020901266485452652,
  "provenance": {
    "md5sum": "866b663a313c02355d1fbca4bc104932",
    "settings": {
      "fd_thres": 0.2,
      "testing": false
    },
    "software": "mriqc",
    "version": "23.1.0"
  },
  "size_t": 153,
  "size_x": 64,
  "size_y": 64,
  "size_z": 41,
  "snr": 6.397956457033362,
  "spacing_tr": 2.0,
  "spacing_x": 3.0,
  "spacing_y": 3.0,
  "spacing_z": 3.299999952316284,
  "summary_bg_k": 15.253673152041838,
  "summary_bg_mad": 23.489069749108527,
  "summary_bg_mean": 66.30135675714234,
  "summary_bg_median": 31.437908172607422,
  "summary_bg_n": 116104.0,
  "summary_bg_p05": 10.254901885986328,
  "summary_bg_p95": 272.46405029296875,
  "summary_bg_stdv": 95.05953017642605,
  "summary_fg_k": 2.823247193751114,
  "summary_fg_mad": 116.75736796048386,
  "summary_fg_mean": 902.3379524311988,
  "summary_fg_median": 908.8954467773438,
  "summary_fg_n": 51832.0,
  "summary_fg_p05": 638.8366088867188,
  "summary_fg_p95": 1105.7908935546875,
  "summary_fg_stdv": 142.05890351600826,
  "tsnr": 52.10502021247521
}