{
  "aor": 0.005782597402597402,
  "aqi": 0.02804501363636364,
  "bids_meta": {
    "AccelFactPE": 2,
    "AcquisitionNumber": 1,
    "AcquisitionTime": "11:22:19.837500",
    "BandwidthPerPixelPhaseEncode": 65.104,
    "ConversionSoftware": "dcm2niix",
    "ConversionSoftwareVersion": "v1.0.20170724 GCC4.4.7",
    "DeviceSerialNumber": "35193",
    "EchoTime": 0.025,
    "EffectiveEchoSpacing": 0.000240001,
    "FlipAngle": 90,
    "ImageType": [
      "ORIGINAL",
      "PRIMARY",
      "M",
      "ND",
      "NORM",
      "MOSAIC"
    ],
    "InstitutionAddress": "Xinjiekouwai_Street_No_19_Beijing_Haidian_District_CN_100875",
    "InstitutionName": "BNU_MRI_Center",
    "MagneticFieldStrength": 3,
    "Manufacturer": "Siemens",
    "ManufacturersModelName": "TrioTim",
    "PhaseEncodingDirection": "j-",
    "PhaseEncodingLines": 64,
    "ProcedureStepDescription": "BNU_cst_2019_Zhu.Bi",
    "ProtocolName": "Learning3_154",
    "RepetitionTime": 2,
    "ScanningSequence": "EP",
    "SequenceName": "_epfid2d1_64",
    "SequenceVariant": "SK",
    "SeriesDescription": "Learning3_154",
    "SliceTiming": [
      0,
      1.0175,
      0.05,
      1.0675,
      0.0975,
      1.115,
      0.145,
      1.165,
      0.195,
      1.2125,
      0.2425,
      1.26,
      0.2925,
      1.31,
      0.34,
      1.3575,
      0.3875,
      1.405,
      0.4375,
      1.455,
      0.485,
      1.5025,
      0.5325,
      1.5525,
      0.5825,
      1.6,
      0.63,
      1.6475,
      0.68,
      1.6975,
      0.7275,
      1.745,
      0.775,
      1.795,
      0.825,
      1.8425,
      0.8725,
      1.89,
      0.9225,
      1.94,
      0.97
    ],
    "SoftwareVersions": "syngo_MR_B17",
    "TaskName": "encoding",
    "TotalReadoutTime": 0.01488,
    "TrueEchoSpacing": 0.000480001,
    "dataset": "ds003789",
    "modality": "bold",
    "run_id": 3,
    "subject_id": "5427",
    "task_id": "encoding"
  },
  "dummy_trs": 0,
  "dvars_nstd": 32.023969886928114,
  "dvars_std": 1.1262856252941176,
  "dvars_vstd": 1.0327833415686274,
  "efc": 0.5954466248796825,
  "fber": 829.4862670898438,
  "fd_mean": 0.08112737745880683,
  "fd_num": 4,
  "fd_perc": 2.5974025974025974,
  "fwhm_avg": 1.7221735036666204,
  "fwhm_x": 1.6346833333333333,
  "fwhm_y": 1.8871433333333334,
  "fwhm_z": 1.644693844333195,
  "gcor": 0.0120836,
  "gsr_x": 0.012365095317363739,
  "gsr_y": 0.03882024064660072,
  "provenance": {
    "md5sum": "756ad93ff180b3955d436fd1c1ff53e5",
    "settings": {
      "fd_thres": 0.2,
      "testing": false
    },
    "software": "mriqc",
    "version": "23.1.0"
  },
  "size_t": 154,
  "size_x": 64,
  "size_y": 64,
  "size_z": 41,
  "snr": 6.31443767538975,
  "spacing_tr": 2.0,
  "spacing_x": 3.0,
  "spacing_y": 3.0,
  "spacing_z": 3.3000001907348633,
  "summary_bg_k": 14.893631038942374,
  "summary_bg_mad": 21.58437857884629,
  "summary_bg_mean": 62.1274519744005,
  "summary_bg_median": 27.51298713684082,
  "summary_bg_n": 118289.0,
  "summary_bg_p05": 9.233766555786133,
  "summary_bg_p95": 249.55844116210938,
  "summary_bg_stdv": 87.51532374400873,
  "summary_fg_k": 2.075581221235203,
  "summary_fg_mad": 102.28987055507379,
  "summary_fg_mean": 783.1471105664654,
  "summary_fg_median": 792.3961181640625,
  "summary_fg_n": 49647.0,
  "summary_fg_p05": 542.7792358398438,
  "summary_fg_p95": 962.0064697265625,
  "summary_fg_stdv": 125.4883140125147,
  "tsnr": 42.12651471607387
}