{
  "aor": 0.00036939814814814816,
  "aqi": 0.015785407407407408,
  "bids_meta": {
    "AccelFactPE": 2,
    "AcquisitionNumber": 1,
    "AcquisitionTime": "12:23:48.677500",
    "BandwidthPerPixelPhaseEncode": 65.104,
    "ConversionSoftware": "dcm2niix",
    "ConversionSoftwareVersion": "v1.0.20170724 GCC4.4.7",
    "DeviceSerialNumber": "35193",
    "EchoTime": 0.025,
    "EffectiveEchoSpacing": 0.000240001,
    "FlipAngle": 90,
    "ImageType": [
      "ORIGINAL",
      "PRIMARY",
      "M",
      "ND",
      "NORM",
      "MOSAIC"
    ],
    "InstitutionAddress": "Xinjiekouwai_Street_No_19_Beijing_Haidian_District_CN_100875",
    "InstitutionName": "BNU_MRI_Center",
    "MagneticFieldStrength": 3,
    "Manufacturer": "Siemens",
    "ManufacturersModelName": "TrioTim",
    "PhaseEncodingDirection": "j-",
    "PhaseEncodingLines": 64,
    "ProcedureStepDescription": "BNU_cst_2019_Zhu.Bi",
    "ProtocolName": "Test3_216",
    "RepetitionTime": 2,
    "ScanningSequence": "EP",
    "SequenceName": "_epfid2d1_64",
    "SequenceVariant": "SK",
    "SeriesDescription": "Test3_216",
    "SliceTiming": [
      0,
      1.0175,
      0.0475,
      1.0675,
      0.0975,
      1.115,
      0.145,
      1.1625,
      0.195,
      1.2125,
      0.2425,
      1.26,
      0.29,
      1.31,
      0.34,
      1.3575,
      0.3875,
      1.405,
      0.4375,
      1.455,
      0.485,
      1.5025,
      0.5325,
      1.5525,
      0.5825,
      1.6,
      0.63,
      1.6475,
      0.68,
      1.6975,
      0.7275,
      1.745,
      0.775,
      1.795,
      0.825,
      1.8425,
      0.8725,
      1.89,
      0.9225,
      1.94,
      0.97
    ],
    "SoftwareVersions": "syngo_MR_B17",
    "TaskName": "retrieval",
    "TotalReadoutTime": 0.01488,
    "TrueEchoSpacing": 0.000480001,
    "dataset": "ds003789",
    "modality": "bold",
    "run_id": 3,
    "subject_id": "5427",
    "task_id": "retrieval"
  },
  "dummy_trs": 0,
  "dvars_nstd": 33.490913355860485,
  "dvars_std": 1.1383078071162795,
  "dvars_vstd": 0.9956660514418604,
  "efc": 0.5947617554284139,
  "fber": 862.71142578125,
  "fd_mean": 0.05401745912505625,
  "fd_num": 2,
  "fd_perc": 0.9259259259259259,
  "fwhm_avg": 1.7020661693475791,
  "fwhm_x": 1.6306333333333332,
  "fwhm_y": 1.8703833333333335,
  "fwhm_z": 1.6051818413760712,
  "gcor": 0.0148507,
  "gsr_x": 0.010937863029539585,
  "gsr_y": 0.03596556931734085,
  "provenance": {
    "md5sum": "8b572cceb032b68261154f68106e1428",
    "settings": {
      "fd_thres": 0.2,
      "testing": false
    },
    "software": "mriqc",
    "version": "23.1.0"
  },
  "size_t": 216,
  "size_x": 64,
  "size_y": 64,
  "size_z": 41,
  "snr": 6.245394467658351,
  "spacing_tr": 2.0,
  "spacing_x": 3.0,
  "spacing_y": 3.0,
  "spacing_z": 3.299999952316284,
  "summary_bg_k": 14.41751901557075,
  "summary_bg_mad": 22.32139975329664,
  "summary_bg_mean": 63.59335360290581,
  "summary_bg_median": 27.875,
  "summary_bg_n": 118076.0,
  "summary_bg_p05": 8.324073791503906,
  "summary_bg_p95": 262.8287048339844,
  "summary_bg_stdv": 91.51816349516382,
  "summary_fg_k": 2.236780662939145,
  "summary_fg_mad": 103.75125266736359,
  "summary_fg_mean": 808.3009399098848,
  "summary_fg_median": 818.7430725097656,
  "summary_fg_n": 49860.0,
  "summary_fg_p05": 552.6967468261719,
  "summary_fg_p95": 995.6111145019531,
  "summary_fg_stdv": 131.09417928499136,
  "tsnr": 49.19037234806456
}