{
  "aor": 0.001314220779220779,
  "aqi": 0.034896930519480514,
  "bids_meta": {
    "AccelFactPE": 2,
    "AcquisitionNumber": 1,
    "AcquisitionTime": "11:56:34.092500",
    "BandwidthPerPixelPhaseEncode": 65.104,
    "ConversionSoftware": "dcm2niix",
    "ConversionSoftwareVersion": "v1.0.20170724 GCC4.4.7",
    "DeviceSerialNumber": "35193",
    "EchoTime": 0.025,
    "EffectiveEchoSpacing": 0.000240001,
    "FlipAngle": 90,
    "ImageType": [
      "ORIGINAL",
      "PRIMARY",
      "M",
      "ND",
      "NORM",
      "MOSAIC"
    ],
    "InstitutionAddress": "Xinjiekouwai_Street_No_19_Beijing_Haidian_District_CN_100875",
    "InstitutionName": "BNU_MRI_Center",
    "MagneticFieldStrength": 3,
    "Manufacturer": "Siemens",
    "ManufacturersModelName": "TrioTim",
    "PhaseEncodingDirection": "j-",
    "PhaseEncodingLines": 64,
    "ProcedureStepDescription": "BNU_cst_2019_Zhu.Bi",
    "ProtocolName": "Learning8_154",
    "RepetitionTime": 2,
    "ScanningSequence": "EP",
    "SequenceName": "_epfid2d1_64",
    "SequenceVariant": "SK",
    "SeriesDescription": "Learning8_154",
    "SliceTiming": [
      0,
      1.02,
      0.05,
      1.0675,
      0.0975,
      1.115,
      0.1475,
      1.165,
      0.195,
      1.2125,
      0.2425,
      1.2625,
      0.2925,
      1.31,
      0.34,
      1.3575,
      0.39,
      1.4075,
      0.4375,
      1.455,
      0.485,
      1.5025,
      0.535,
      1.5525,
      0.5825,
      1.6,
      0.63,
      1.65,
      0.68,
      1.6975,
      0.7275,
      1.745,
      0.7775,
      1.795,
      0.825,
      1.8425,
      0.8725,
      1.8925,
      0.9225,
      1.94,
      0.97
    ],
    "SoftwareVersions": "syngo_MR_B17",
    "TaskName": "encoding",
    "TotalReadoutTime": 0.01488,
    "TrueEchoSpacing": 0.000480001,
    "dataset": "ds003789",
    "modality": "bold",
    "run_id": 8,
    "subject_id": "5427",
    "task_id": "encoding"
  },
  "dummy_trs": 0,
  "dvars_nstd": 33.400082819215676,
  "dvars_std": 1.0304593028104574,
  "dvars_vstd": 0.9853447069934639,
  "efc": 0.5951423429927585,
  "fber": 855.70947265625,
  "fd_mean": 0.1878897225283351,
  "fd_num": 43,
  "fd_perc": 27.92207792207792,
  "fwhm_avg": 1.7033209795942927,
  "fwhm_x": 1.6458433333333333,
  "fwhm_y": 1.8806833333333335,
  "fwhm_z": 1.5834362721162119,
  "gcor": 0.0111389,
  "gsr_x": 0.012363540939986706,
  "gsr_y": 0.04341474175453186,
  "provenance": {
    "md5sum": "ee8ebd290c5922a9f851570d868a5c45",
    "settings": {
      "fd_thres": 0.2,
      "testing": false
    },
    "software": "mriqc",
    "version": "23.1.0"
  },
  "size_t": 154,
  "size_x": 64,
  "size_y": 64,
  "size_z": 41,
  "snr": 6.284219796117556,
  "spacing_tr": 2.0,
  "spacing_x": 3.0,
  "spacing_y": 3.0,
  "spacing_z": 3.3000001907348633,
  "summary_bg_k": 13.830513688139618,
  "summary_bg_mad": 22.219778519691793,
  "summary_bg_mean": 63.29508557739906,
  "summary_bg_median": 27.15584373474121,
  "summary_bg_n": 118646.0,
  "summary_bg_p05": 7.655844211578369,
  "summary_bg_p95": 256.05194091796875,
  "summary_bg_stdv": 89.33596824697808,
  "summary_fg_k": 1.9615803986511287,
  "summary_fg_mad": 101.1250269846567,
  "summary_fg_mean": 784.1707267289133,
  "summary_fg_median": 794.3766479492188,
  "summary_fg_n": 49290.0,
  "summary_fg_p05": 533.6233520507812,
  "summary_fg_p95": 964.5584106445312,
  "summary_fg_stdv": 126.40687555299976,
  "tsnr": 36.45730687561445
}