{
  "aor": 0.0006381699346405229,
  "aqi": 0.01377154248366013,
  "bids_meta": {
    "AccelFactPE": 2,
    "AcquisitionNumber": 1,
    "AcquisitionTime": "12:37:2.245000",
    "BandwidthPerPixelPhaseEncode": 65.104,
    "ConversionSoftware": "dcm2niix",
    "ConversionSoftwareVersion": "v1.0.20170724 GCC4.4.7",
    "DeviceSerialNumber": "35193",
    "EchoTime": 0.025,
    "EffectiveEchoSpacing": 0.000240001,
    "FlipAngle": 90,
    "ImageType": [
      "ORIGINAL",
      "PRIMARY",
      "M",
      "ND",
      "NORM",
      "MOSAIC"
    ],
    "InstitutionAddress": "Xinjiekouwai_Street_No_19_Beijing_Haidian_District_CN_100875",
    "InstitutionName": "Beijing_Normal_Universtiy_317710",
    "MagneticFieldStrength": 3,
    "Manufacturer": "Siemens",
    "ManufacturersModelName": "TrioTim",
    "PhaseEncodingDirection": "j-",
    "PhaseEncodingLines": 64,
    "ProcedureStepDescription": "BNU_cst_2015_Zhu.Bi",
    "ProtocolName": "Learning3_154",
    "RepetitionTime": 2,
    "ScanningSequence": "EP",
    "SequenceName": "_epfid2d1_64",
    "SequenceVariant": "SK",
    "SeriesDescription": "Learning3_154",
    "SliceTiming": [
      0,
      1.0175,
      0.0475,
      1.065,
      0.095,
      1.115,
      0.145,
      1.1625,
      0.1925,
      1.21,
      0.2425,
      1.26,
      0.29,
      1.3075,
      0.3375,
      1.355,
      0.3875,
      1.405,
      0.435,
      1.4525,
      0.4825,
      1.5025,
      0.5325,
      1.55,
      0.58,
      1.5975,
      0.63,
      1.6475,
      0.6775,
      1.695,
      0.725,
      1.745,
      0.775,
      1.7925,
      0.8225,
      1.84,
      0.8725,
      1.89,
      0.92,
      1.9375,
      0.9675
    ],
    "SoftwareVersions": "syngo_MR_B17",
    "TaskName": "encoding",
    "TotalReadoutTime": 0.01488,
    "TrueEchoSpacing": 0.000480001,
    "dataset": "ds003789",
    "modality": "bold",
    "run_id": 3,
    "subject_id": "5401",
    "task_id": "encoding"
  },
  "dummy_trs": 1,
  "dvars_nstd": 34.900858176644725,
  "dvars_std": 1.1870713842763159,
  "dvars_vstd": 1.0119396913815781,
  "efc": 0.5694301026532911,
  "fber": 888.170654296875,
  "fd_mean": 0.07297945518771697,
  "fd_num": 2,
  "fd_perc": 1.3071895424836601,
  "fwhm_avg": 1.5260332393311478,
  "fwhm_x": 1.47374,
  "fwhm_y": 1.6493900000000001,
  "fwhm_z": 1.4549697179934433,
  "gcor": 0.0171354,
  "gsr_x": -0.0006298459484241903,
  "gsr_y": 0.029276765882968903,
  "provenance": {
    "md5sum": "9a5b268f7a04a699b3ec912a260fe0e3",
    "settings": {
      "fd_thres": 0.2,
      "testing": false
    },
    "software": "mriqc",
    "version": "23.1.0"
  },
  "size_t": 153,
  "size_x": 64,
  "size_y": 64,
  "size_z": 41,
  "snr": 6.325908083496016,
  "spacing_tr": 2.0,
  "spacing_x": 3.0,
  "spacing_y": 3.0,
  "spacing_z": 3.299999952316284,
  "summary_bg_k": 19.11673765193555,
  "summary_bg_mad": 15.901636113744264,
  "summary_bg_mean": 48.52461678747558,
  "summary_bg_median": 22.352941513061523,
  "summary_bg_n": 122828.0,
  "summary_bg_p05": 8.27450942993164,
  "summary_bg_p95": 203.37908935546875,
  "summary_bg_stdv": 74.41354605173984,
  "summary_fg_k": 2.24807128670024,
  "summary_fg_mad": 89.71195800230805,
  "summary_fg_mean": 659.892791079367,
  "summary_fg_median": 666.1666564941406,
  "summary_fg_n": 45108.0,
  "summary_fg_p05": 461.43792724609375,
  "summary_fg_p95": 812.3660278320312,
  "summary_fg_stdv": 105.3065051737576,
  "tsnr": 50.779476906056516
}