{
  "aor": 0.0004907407407407407,
  "aqi": 0.013978295370370368,
  "bids_meta": {
    "AccelFactPE": 2,
    "AcquisitionNumber": 1,
    "AcquisitionTime": "11:59:55.502500",
    "BandwidthPerPixelPhaseEncode": 65.104,
    "ConversionSoftware": "dcm2niix",
    "ConversionSoftwareVersion": "v1.0.20170724 GCC4.4.7",
    "DeviceSerialNumber": "35193",
    "EchoTime": 0.025,
    "EffectiveEchoSpacing": 0.000240001,
    "FlipAngle": 90,
    "ImageType": [
      "ORIGINAL",
      "PRIMARY",
      "M",
      "ND",
      "NORM",
      "MOSAIC"
    ],
    "InstitutionAddress": "Xinjiekouwai_Street_No_19_Beijing_Haidian_District_CN_100875",
    "InstitutionName": "BNU_MRI_Center",
    "MagneticFieldStrength": 3,
    "Manufacturer": "Siemens",
    "ManufacturersModelName": "TrioTim",
    "PhaseEncodingDirection": "j-",
    "PhaseEncodingLines": 64,
    "ProcedureStepDescription": "BNU_cst_2015_Zhu.Bi",
    "ProtocolName": "Test1_216",
    "RepetitionTime": 2,
    "ScanningSequence": "EP",
    "SequenceName": "_epfid2d1_64",
    "SequenceVariant": "SK",
    "SeriesDescription": "Test1_216",
    "SliceTiming": [
      0,
      1.0175,
      0.0475,
      1.065,
      0.095,
      1.115,
      0.145,
      1.1625,
      0.1925,
      1.21,
      0.2425,
      1.26,
      0.29,
      1.3075,
      0.3375,
      1.3575,
      0.3875,
      1.405,
      0.435,
      1.4525,
      0.485,
      1.5025,
      0.5325,
      1.55,
      0.58,
      1.6,
      0.63,
      1.6475,
      0.6775,
      1.695,
      0.7275,
      1.745,
      0.775,
      1.7925,
      0.8225,
      1.84,
      0.8725,
      1.89,
      0.92,
      1.9375,
      0.9675
    ],
    "SoftwareVersions": "syngo_MR_B17",
    "TaskName": "retrieval",
    "TotalReadoutTime": 0.01488,
    "TrueEchoSpacing": 0.000480001,
    "dataset": "ds003789",
    "modality": "bold",
    "run_id": 1,
    "subject_id": "5401",
    "task_id": "retrieval"
  },
  "dummy_trs": 0,
  "dvars_nstd": 32.56089296576746,
  "dvars_std": 1.1430531736744183,
  "dvars_vstd": 1.0032469193953488,
  "efc": 0.5619690315587357,
  "fber": 1035.320068359375,
  "fd_mean": 0.07195508700564539,
  "fd_num": 3,
  "fd_perc": 1.3888888888888888,
  "fwhm_avg": 1.5349457646276201,
  "fwhm_x": 1.4942933333333333,
  "fwhm_y": 1.64645,
  "fwhm_z": 1.4640939605495273,
  "gcor": 0.0148333,
  "gsr_x": 0.003587717190384865,
  "gsr_y": 0.025979841127991676,
  "provenance": {
    "md5sum": "e932c8920872681ba62a823fe24bec22",
    "settings": {
      "fd_thres": 0.2,
      "testing": false
    },
    "software": "mriqc",
    "version": "23.1.0"
  },
  "size_t": 216,
  "size_x": 64,
  "size_y": 64,
  "size_z": 41,
  "snr": 6.259524136922929,
  "spacing_tr": 2.0,
  "spacing_x": 3.0,
  "spacing_y": 3.0,
  "spacing_z": 3.299999952316284,
  "summary_bg_k": 20.255219310440793,
  "summary_bg_mad": 14.572058177982312,
  "summary_bg_mean": 44.527769897283925,
  "summary_bg_median": 20.550926208496094,
  "summary_bg_n": 122907.0,
  "summary_bg_p05": 7.19444465637207,
  "summary_bg_p95": 186.4027862548828,
  "summary_bg_stdv": 69.44051536250927,
  "summary_fg_k": 2.192736718904996,
  "summary_fg_mad": 92.29198810197371,
  "summary_fg_mean": 656.3429092463648,
  "summary_fg_median": 661.254638671875,
  "summary_fg_n": 45029.0,
  "summary_fg_p05": 464.90740966796875,
  "summary_fg_p95": 809.2685546875,
  "summary_fg_stdv": 105.6385887528926,
  "tsnr": 50.77185415173881
}