{
  "aor": 0.0010337012987012987,
  "aqi": 0.017860601948051946,
  "bids_meta": {
    "AccelFactPE": 2,
    "AcquisitionNumber": 1,
    "AcquisitionTime": "12:55:24.735000",
    "BandwidthPerPixelPhaseEncode": 65.104,
    "ConversionSoftware": "dcm2niix",
    "ConversionSoftwareVersion": "v1.0.20170724 GCC4.4.7",
    "DeviceSerialNumber": "35193",
    "EchoTime": 0.025,
    "EffectiveEchoSpacing": 0.000240001,
    "FlipAngle": 90,
    "ImageType": [
      "ORIGINAL",
      "PRIMARY",
      "M",
      "ND",
      "NORM",
      "MOSAIC"
    ],
    "InstitutionAddress": "Xinjiekouwai_Street_No_19_Beijing_Haidian_District_CN_100875",
    "InstitutionName": "Beijing_Normal_Universtiy_317710",
    "MagneticFieldStrength": 3,
    "Manufacturer": "Siemens",
    "ManufacturersModelName": "TrioTim",
    "PhaseEncodingDirection": "j-",
    "PhaseEncodingLines": 64,
    "ProcedureStepDescription": "BNU_cst_2015_Zhu.Bi",
    "ProtocolName": "Learning3_154",
    "RepetitionTime": 2,
    "ScanningSequence": "EP",
    "SequenceName": "_epfid2d1_64",
    "SequenceVariant": "SK",
    "SeriesDescription": "Learning3_154",
    "SliceTiming": [
      0,
      1.02,
      0.05,
      1.0675,
      0.0975,
      1.115,
      0.1475,
      1.165,
      0.195,
      1.2125,
      0.2425,
      1.26,
      0.2925,
      1.31,
      0.34,
      1.3575,
      0.3875,
      1.4075,
      0.4375,
      1.455,
      0.485,
      1.5025,
      0.535,
      1.5525,
      0.5825,
      1.6,
      0.63,
      1.65,
      0.68,
      1.6975,
      0.7275,
      1.745,
      0.7775,
      1.795,
      0.825,
      1.8425,
      0.8725,
      1.8925,
      0.9225,
      1.94,
      0.97
    ],
    "SoftwareVersions": "syngo_MR_B17",
    "TaskName": "encoding",
    "TotalReadoutTime": 0.01488,
    "TrueEchoSpacing": 0.000480001,
    "dataset": "ds003789",
    "modality": "bold",
    "run_id": 6,
    "subject_id": "5401",
    "task_id": "encoding"
  },
  "dummy_trs": 0,
  "dvars_nstd": 35.728528602549005,
  "dvars_std": 1.2034419738562092,
  "dvars_vstd": 1.0183589986928112,
  "efc": 0.5692025225796861,
  "fber": 890.65625,
  "fd_mean": 0.11931515655679543,
  "fd_num": 15,
  "fd_perc": 9.74025974025974,
  "fwhm_avg": 1.5358146535492614,
  "fwhm_x": 1.4798366666666667,
  "fwhm_y": 1.6567133333333333,
  "fwhm_z": 1.4708939606477849,
  "gcor": 0.0142708,
  "gsr_x": -0.0008281643968075514,
  "gsr_y": 0.029581183567643166,
  "provenance": {
    "md5sum": "12ff9db50f96b7e8b7cf67d72825f90b",
    "settings": {
      "fd_thres": 0.2,
      "testing": false
    },
    "software": "mriqc",
    "version": "23.1.0"
  },
  "size_t": 154,
  "size_x": 64,
  "size_y": 64,
  "size_z": 41,
  "snr": 6.306446074579018,
  "spacing_tr": 2.0,
  "spacing_x": 3.0,
  "spacing_y": 3.0,
  "spacing_z": 3.299999952316284,
  "summary_bg_k": 18.422024363171086,
  "summary_bg_mad": 16.24123416485845,
  "summary_bg_mean": 49.65599863822412,
  "summary_bg_median": 22.707792282104492,
  "summary_bg_n": 122907.0,
  "summary_bg_p05": 8.259739875793457,
  "summary_bg_p95": 209.77272033691406,
  "summary_bg_stdv": 76.58648557391301,
  "summary_fg_k": 2.4540070326686,
  "summary_fg_mad": 91.96947868383688,
  "summary_fg_mean": 672.5443509061691,
  "summary_fg_median": 677.6882934570312,
  "summary_fg_n": 45029.0,
  "summary_fg_p05": 471.9610290527344,
  "summary_fg_p95": 827.80517578125,
  "summary_fg_stdv": 107.45842593128341,
  "tsnr": 47.209583695512265
}