{
  "aor": 0.00074,
  "aqi": 0.014841455194805194,
  "bids_meta": {
    "AccelFactPE": 2,
    "AcquisitionNumber": 1,
    "AcquisitionTime": "15:40:43.720000",
    "BandwidthPerPixelPhaseEncode": 65.104,
    "ConversionSoftware": "dcm2niix",
    "ConversionSoftwareVersion": "v1.0.20170724 GCC4.4.7",
    "DeviceSerialNumber": "35193",
    "EchoTime": 0.025,
    "EffectiveEchoSpacing": 0.000240001,
    "FlipAngle": 90,
    "ImageType": [
      "ORIGINAL",
      "PRIMARY",
      "M",
      "ND",
      "NORM",
      "MOSAIC"
    ],
    "InstitutionAddress": "Xinjiekouwai_Street_No_19_Beijing_Haidian_District_CN_100875",
    "InstitutionName": "BNU_MRI_Center",
    "MagneticFieldStrength": 3,
    "Manufacturer": "Siemens",
    "ManufacturersModelName": "TrioTim",
    "PhaseEncodingDirection": "j-",
    "PhaseEncodingLines": 64,
    "ProcedureStepDescription": "BNU_cst_2019_Zhu.Bi",
    "ProtocolName": "Learning5_154",
    "RepetitionTime": 2,
    "ScanningSequence": "EP",
    "SequenceName": "_epfid2d1_64",
    "SequenceVariant": "SK",
    "SeriesDescription": "Learning5_154",
    "SliceTiming": [
      0,
      1.0175,
      0.0475,
      1.065,
      0.0975,
      1.115,
      0.145,
      1.1625,
      0.1925,
      1.2125,
      0.2425,
      1.26,
      0.29,
      1.3075,
      0.34,
      1.3575,
      0.3875,
      1.405,
      0.435,
      1.4525,
      0.485,
      1.5025,
      0.5325,
      1.55,
      0.58,
      1.6,
      0.63,
      1.6475,
      0.6775,
      1.695,
      0.7275,
      1.745,
      0.775,
      1.7925,
      0.8225,
      1.8425,
      0.8725,
      1.89,
      0.92,
      1.9375,
      0.97
    ],
    "SoftwareVersions": "syngo_MR_B17",
    "TaskName": "encoding",
    "TotalReadoutTime": 0.01488,
    "TrueEchoSpacing": 0.000480001,
    "dataset": "ds003789",
    "modality": "bold",
    "run_id": 5,
    "subject_id": "5415",
    "task_id": "encoding"
  },
  "dummy_trs": 0,
  "dvars_nstd": 40.291859945098025,
  "dvars_std": 1.3028523962745095,
  "dvars_vstd": 1.02193935882353,
  "efc": 0.5707923149737595,
  "fber": 874.1184692382812,
  "fd_mean": 0.07821050639120065,
  "fd_num": 3,
  "fd_perc": 1.948051948051948,
  "fwhm_avg": 1.632056775289611,
  "fwhm_x": 1.5616633333333334,
  "fwhm_y": 1.7539433333333332,
  "fwhm_z": 1.5805636592021661,
  "gcor": 0.0102745,
  "gsr_x": -0.0008018760127015412,
  "gsr_y": 0.027027586475014687,
  "provenance": {
    "md5sum": "4a4e2adf5e03dfb2fc8c36d16b0d2639",
    "settings": {
      "fd_thres": 0.2,
      "testing": false
    },
    "software": "mriqc",
    "version": "23.1.0"
  },
  "size_t": 154,
  "size_x": 64,
  "size_y": 64,
  "size_z": 41,
  "snr": 6.249362596936927,
  "spacing_tr": 2.0,
  "spacing_x": 3.0,
  "spacing_y": 3.0,
  "spacing_z": 3.299999952316284,
  "summary_bg_k": 24.00023524695542,
  "summary_bg_mad": 16.38564202121091,
  "summary_bg_mean": 47.003835446005915,
  "summary_bg_median": 22.506492614746094,
  "summary_bg_n": 121732.0,
  "summary_bg_p05": 8.038961410522461,
  "summary_bg_p95": 188.14285278320312,
  "summary_bg_stdv": 72.6433457304862,
  "summary_fg_k": 1.9217679161139642,
  "summary_fg_mad": 93.6927865847903,
  "summary_fg_mean": 663.8811134637749,
  "summary_fg_median": 665.4155883789062,
  "summary_fg_n": 46204.0,
  "summary_fg_p05": 475.9415588378906,
  "summary_fg_p95": 822.5064697265625,
  "summary_fg_stdv": 106.47620092041561,
  "tsnr": 48.85133246285841
}