{
  "aor": 0.0004070833333333333,
  "aqi": 0.01719756851851852,
  "bids_meta": {
    "AccelFactPE": 2,
    "AcquisitionNumber": 1,
    "AcquisitionTime": "15:25:22.382500",
    "BandwidthPerPixelPhaseEncode": 65.104,
    "ConversionSoftware": "dcm2niix",
    "ConversionSoftwareVersion": "v1.0.20170724 GCC4.4.7",
    "DeviceSerialNumber": "35193",
    "EchoTime": 0.025,
    "EffectiveEchoSpacing": 0.000240001,
    "FlipAngle": 90,
    "ImageType": [
      "ORIGINAL",
      "PRIMARY",
      "M",
      "ND",
      "NORM",
      "MOSAIC"
    ],
    "InstitutionAddress": "Xinjiekouwai_Street_No_19_Beijing_Haidian_District_CN_100875",
    "InstitutionName": "BNU_MRI_Center",
    "MagneticFieldStrength": 3,
    "Manufacturer": "Siemens",
    "ManufacturersModelName": "TrioTim",
    "PhaseEncodingDirection": "j-",
    "PhaseEncodingLines": 64,
    "ProcedureStepDescription": "BNU_cst_2019_Zhu.Bi",
    "ProtocolName": "Test3_216",
    "RepetitionTime": 2,
    "ScanningSequence": "EP",
    "SequenceName": "_epfid2d1_64",
    "SequenceVariant": "SK",
    "SeriesDescription": "Test3_216",
    "SliceTiming": [
      0,
      1.0175,
      0.0475,
      1.065,
      0.0975,
      1.115,
      0.145,
      1.1625,
      0.1925,
      1.2125,
      0.2425,
      1.26,
      0.29,
      1.3075,
      0.34,
      1.3575,
      0.3875,
      1.405,
      0.435,
      1.455,
      0.485,
      1.5025,
      0.5325,
      1.55,
      0.5825,
      1.6,
      0.63,
      1.6475,
      0.6775,
      1.695,
      0.7275,
      1.745,
      0.775,
      1.7925,
      0.8225,
      1.8425,
      0.8725,
      1.89,
      0.92,
      1.9375,
      0.97
    ],
    "SoftwareVersions": "syngo_MR_B17",
    "TaskName": "retrieval",
    "TotalReadoutTime": 0.01488,
    "TrueEchoSpacing": 0.000480001,
    "dataset": "ds003789",
    "modality": "bold",
    "run_id": 3,
    "subject_id": "5415",
    "task_id": "retrieval"
  },
  "dummy_trs": 0,
  "dvars_nstd": 41.72640751665116,
  "dvars_std": 1.2832853004186047,
  "dvars_vstd": 0.9929389129302325,
  "efc": 0.5711771609990114,
  "fber": 867.26318359375,
  "fd_mean": 0.11357264989548443,
  "fd_num": 17,
  "fd_perc": 7.87037037037037,
  "fwhm_avg": 1.6580361308060902,
  "fwhm_x": 1.5870133333333334,
  "fwhm_y": 1.7879133333333332,
  "fwhm_z": 1.5991817257516039,
  "gcor": 0.0143904,
  "gsr_x": -0.0019679891411215067,
  "gsr_y": 0.026227567344903946,
  "provenance": {
    "md5sum": "390cd5a826cb9b5d2cc6d266a3dfe065",
    "settings": {
      "fd_thres": 0.2,
      "testing": false
    },
    "software": "mriqc",
    "version": "23.1.0"
  },
  "size_t": 216,
  "size_x": 64,
  "size_y": 64,
  "size_z": 41,
  "snr": 6.208157449825372,
  "spacing_tr": 2.0,
  "spacing_x": 3.0,
  "spacing_y": 3.0,
  "spacing_z": 3.3000001907348633,
  "summary_bg_k": 21.725307711555992,
  "summary_bg_mad": 15.632530441061217,
  "summary_bg_mean": 45.26977117024567,
  "summary_bg_median": 21.63194465637207,
  "summary_bg_n": 121772.0,
  "summary_bg_p05": 8.027777671813965,
  "summary_bg_p95": 183.5231475830078,
  "summary_bg_stdv": 69.40522668885885,
  "summary_fg_k": 1.9119761031816127,
  "summary_fg_mad": 90.39407809038758,
  "summary_fg_mean": 635.8416222129493,
  "summary_fg_median": 637.0463256835938,
  "summary_fg_n": 46164.0,
  "summary_fg_p05": 455.0509338378906,
  "summary_fg_p95": 789.9629516601562,
  "summary_fg_stdv": 102.61328437263,
  "tsnr": 47.29446049884427
}