{
  "aor": 0.0006078571428571428,
  "aqi": 0.015184054545454545,
  "bids_meta": {
    "AccelFactPE": 2,
    "AcquisitionNumber": 1,
    "AcquisitionTime": "15:15:23.167500",
    "BandwidthPerPixelPhaseEncode": 65.104,
    "ConversionSoftware": "dcm2niix",
    "ConversionSoftwareVersion": "v1.0.20170724 GCC4.4.7",
    "DeviceSerialNumber": "35193",
    "EchoTime": 0.025,
    "EffectiveEchoSpacing": 0.000240001,
    "FlipAngle": 90,
    "ImageType": [
      "ORIGINAL",
      "PRIMARY",
      "M",
      "ND",
      "NORM",
      "MOSAIC"
    ],
    "InstitutionAddress": "Xinjiekouwai_Street_No_19_Beijing_Haidian_District_CN_100875",
    "InstitutionName": "BNU_MRI_Center",
    "MagneticFieldStrength": 3,
    "Manufacturer": "Siemens",
    "ManufacturersModelName": "TrioTim",
    "PhaseEncodingDirection": "j-",
    "PhaseEncodingLines": 64,
    "ProcedureStepDescription": "BNU_cst_2019_Zhu.Bi",
    "ProtocolName": "Learning1_154",
    "RepetitionTime": 2,
    "ScanningSequence": "EP",
    "SequenceName": "_epfid2d1_64",
    "SequenceVariant": "SK",
    "SeriesDescription": "Learning1_154",
    "SliceTiming": [
      0,
      1.0175,
      0.05,
      1.0675,
      0.0975,
      1.115,
      0.145,
      1.165,
      0.195,
      1.2125,
      0.2425,
      1.26,
      0.29,
      1.31,
      0.34,
      1.3575,
      0.3875,
      1.405,
      0.4375,
      1.455,
      0.485,
      1.5025,
      0.5325,
      1.5525,
      0.5825,
      1.6,
      0.63,
      1.6475,
      0.68,
      1.6975,
      0.7275,
      1.745,
      0.775,
      1.795,
      0.825,
      1.8425,
      0.8725,
      1.89,
      0.9225,
      1.94,
      0.97
    ],
    "SoftwareVersions": "syngo_MR_B17",
    "TaskName": "encoding",
    "TotalReadoutTime": 0.01488,
    "TrueEchoSpacing": 0.000480001,
    "dataset": "ds003789",
    "modality": "bold",
    "run_id": 1,
    "subject_id": "5415",
    "task_id": "encoding"
  },
  "dummy_trs": 0,
  "dvars_nstd": 38.29653197653592,
  "dvars_std": 1.2529070713071888,
  "dvars_vstd": 1.0152549813725493,
  "efc": 0.5687769735908782,
  "fber": 906.9144897460938,
  "fd_mean": 0.07627939818966516,
  "fd_num": 0,
  "fd_perc": 0.0,
  "fwhm_avg": 1.6262257651283794,
  "fwhm_x": 1.55769,
  "fwhm_y": 1.7529266666666665,
  "fwhm_z": 1.568060628718472,
  "gcor": 0.00673919,
  "gsr_x": -0.00020651113300118595,
  "gsr_y": 0.026446091011166573,
  "provenance": {
    "md5sum": "8739897bee066b070f9295813f9d7b2c",
    "settings": {
      "fd_thres": 0.2,
      "testing": false
    },
    "software": "mriqc",
    "version": "23.1.0"
  },
  "size_t": 154,
  "size_x": 64,
  "size_y": 64,
  "size_z": 41,
  "snr": 6.232141490852378,
  "spacing_tr": 2.0,
  "spacing_x": 3.0,
  "spacing_y": 3.0,
  "spacing_z": 3.299999952316284,
  "summary_bg_k": 23.512070570103656,
  "summary_bg_mad": 15.981299175072238,
  "summary_bg_mean": 45.62901096538794,
  "summary_bg_median": 21.96103858947754,
  "summary_bg_n": 121759.0,
  "summary_bg_p05": 7.766233921051025,
  "summary_bg_p95": 183.25973510742188,
  "summary_bg_stdv": 70.49984033033368,
  "summary_fg_k": 1.9797444294918085,
  "summary_fg_mad": 93.32684155478317,
  "summary_fg_mean": 659.6548485857015,
  "summary_fg_median": 661.3571166992188,
  "summary_fg_n": 46177.0,
  "summary_fg_p05": 470.8766174316406,
  "summary_fg_p95": 816.772705078125,
  "summary_fg_stdv": 106.11921384031146,
  "tsnr": 48.40214362787083
}