{
  "aor": 0.0004693055555555555,
  "aqi": 0.018869374074074075,
  "bids_meta": {
    "AccelFactPE": 2,
    "AcquisitionNumber": 1,
    "AcquisitionTime": "15:09:11.407500",
    "BandwidthPerPixelPhaseEncode": 65.104,
    "ConversionSoftware": "dcm2niix",
    "ConversionSoftwareVersion": "v1.0.20170724 GCC4.4.7",
    "DeviceSerialNumber": "35193",
    "EchoTime": 0.025,
    "EffectiveEchoSpacing": 0.000240001,
    "FlipAngle": 90,
    "ImageType": [
      "ORIGINAL",
      "PRIMARY",
      "M",
      "ND",
      "NORM",
      "MOSAIC"
    ],
    "InstitutionAddress": "Xinjiekouwai_Street_No_19_Beijing_Haidian_District_CN_100875",
    "InstitutionName": "BNU_MRI_Center",
    "MagneticFieldStrength": 3,
    "Manufacturer": "Siemens",
    "ManufacturersModelName": "TrioTim",
    "PhaseEncodingDirection": "j-",
    "PhaseEncodingLines": 64,
    "ProcedureStepDescription": "BNU_cst_2019_Zhu.Bi",
    "ProtocolName": "Test1_216",
    "RepetitionTime": 2,
    "ScanningSequence": "EP",
    "SequenceName": "_epfid2d1_64",
    "SequenceVariant": "SK",
    "SeriesDescription": "Test1_216",
    "SliceTiming": [
      0,
      1.0175,
      0.05,
      1.0675,
      0.0975,
      1.115,
      0.145,
      1.1625,
      0.195,
      1.2125,
      0.2425,
      1.26,
      0.29,
      1.31,
      0.34,
      1.3575,
      0.3875,
      1.405,
      0.4375,
      1.455,
      0.485,
      1.5025,
      0.5325,
      1.5525,
      0.5825,
      1.6,
      0.63,
      1.6475,
      0.68,
      1.6975,
      0.7275,
      1.745,
      0.775,
      1.795,
      0.825,
      1.8425,
      0.8725,
      1.89,
      0.9225,
      1.94,
      0.97
    ],
    "SoftwareVersions": "syngo_MR_B17",
    "TaskName": "retrieval",
    "TotalReadoutTime": 0.01488,
    "TrueEchoSpacing": 0.000480001,
    "dataset": "ds003789",
    "modality": "bold",
    "run_id": 1,
    "subject_id": "5415",
    "task_id": "retrieval"
  },
  "dummy_trs": 0,
  "dvars_nstd": 40.980726215162804,
  "dvars_std": 1.2616255678604653,
  "dvars_vstd": 0.9876544661860472,
  "efc": 0.5694457500212761,
  "fber": 882.2847290039062,
  "fd_mean": 0.08873376299503823,
  "fd_num": 12,
  "fd_perc": 5.555555555555555,
  "fwhm_avg": 1.6561001712208145,
  "fwhm_x": 1.5924533333333333,
  "fwhm_y": 1.77722,
  "fwhm_z": 1.59862718032911,
  "gcor": 0.00922161,
  "gsr_x": -0.0024861881975084543,
  "gsr_y": 0.028263093903660774,
  "provenance": {
    "md5sum": "8ef4746352c8176b6e396d240c08e705",
    "settings": {
      "fd_thres": 0.2,
      "testing": false
    },
    "software": "mriqc",
    "version": "23.1.0"
  },
  "size_t": 216,
  "size_x": 64,
  "size_y": 64,
  "size_z": 41,
  "snr": 6.224903525239647,
  "spacing_tr": 2.0,
  "spacing_x": 3.0,
  "spacing_y": 3.0,
  "spacing_z": 3.3000001907348633,
  "summary_bg_k": 23.33823441211126,
  "summary_bg_mad": 15.491818570692775,
  "summary_bg_mean": 43.80936039317141,
  "summary_bg_median": 21.328702926635742,
  "summary_bg_n": 121722.0,
  "summary_bg_p05": 7.935185432434082,
  "summary_bg_p95": 174.7870330810547,
  "summary_bg_stdv": 66.77749220980482,
  "summary_fg_k": 1.8419060192023444,
  "summary_fg_mad": 90.70640728699233,
  "summary_fg_mean": 632.3082343570063,
  "summary_fg_median": 633.5324096679688,
  "summary_fg_n": 46214.0,
  "summary_fg_p05": 453.9212951660156,
  "summary_fg_p95": 784.8472290039062,
  "summary_fg_stdv": 101.77275081097912,
  "tsnr": 45.71174663025886
}