{
  "aor": 0.0009246296296296296,
  "aqi": 0.016418430555555558,
  "bids_meta": {
    "AccelFactPE": 2,
    "AcquisitionNumber": 1,
    "AcquisitionTime": "15:17:16.792500",
    "BandwidthPerPixelPhaseEncode": 65.104,
    "ConversionSoftware": "dcm2niix",
    "ConversionSoftwareVersion": "v1.0.20170724 GCC4.4.7",
    "DeviceSerialNumber": "35193",
    "EchoTime": 0.025,
    "EffectiveEchoSpacing": 0.000240001,
    "FlipAngle": 90,
    "ImageType": [
      "ORIGINAL",
      "PRIMARY",
      "M",
      "ND",
      "NORM",
      "MOSAIC"
    ],
    "InstitutionAddress": "Xinjiekouwai_Street_No_19_Beijing_Haidian_District_CN_100875",
    "InstitutionName": "BNU_MRI_Center",
    "MagneticFieldStrength": 3,
    "Manufacturer": "Siemens",
    "ManufacturersModelName": "TrioTim",
    "PhaseEncodingDirection": "j-",
    "PhaseEncodingLines": 64,
    "ProcedureStepDescription": "BNU_cst_2019_Zhu.Bi",
    "ProtocolName": "Test2_216",
    "RepetitionTime": 2,
    "ScanningSequence": "EP",
    "SequenceName": "_epfid2d1_64",
    "SequenceVariant": "SK",
    "SeriesDescription": "Test2_216",
    "SliceTiming": [
      0,
      1.0175,
      0.0475,
      1.065,
      0.095,
      1.115,
      0.145,
      1.1625,
      0.1925,
      1.21,
      0.24,
      1.26,
      0.29,
      1.3075,
      0.3375,
      1.355,
      0.3875,
      1.405,
      0.435,
      1.4525,
      0.4825,
      1.5025,
      0.5325,
      1.55,
      0.58,
      1.5975,
      0.63,
      1.6475,
      0.6775,
      1.695,
      0.725,
      1.745,
      0.775,
      1.7925,
      0.8225,
      1.84,
      0.8725,
      1.89,
      0.92,
      1.9375,
      0.9675
    ],
    "SoftwareVersions": "syngo_MR_B17",
    "TaskName": "retrieval",
    "TotalReadoutTime": 0.01488,
    "TrueEchoSpacing": 0.000480001,
    "dataset": "ds003789",
    "modality": "bold",
    "run_id": 2,
    "subject_id": "5415",
    "task_id": "retrieval"
  },
  "dummy_trs": 0,
  "dvars_nstd": 42.53606904497672,
  "dvars_std": 1.3151102590232568,
  "dvars_vstd": 1.0069305093488365,
  "efc": 0.5700814491041614,
  "fber": 874.91552734375,
  "fd_mean": 0.11336195573810151,
  "fd_num": 24,
  "fd_perc": 11.11111111111111,
  "fwhm_avg": 1.650667039920644,
  "fwhm_x": 1.5747866666666666,
  "fwhm_y": 1.77926,
  "fwhm_z": 1.5979544530952654,
  "gcor": 0.0116868,
  "gsr_x": -0.002363329753279686,
  "gsr_y": 0.026996362954378128,
  "provenance": {
    "md5sum": "5322795e69e06274d2dbfeec7cd21d1d",
    "settings": {
      "fd_thres": 0.2,
      "testing": false
    },
    "software": "mriqc",
    "version": "23.1.0"
  },
  "size_t": 216,
  "size_x": 64,
  "size_y": 64,
  "size_z": 41,
  "snr": 6.214588850358547,
  "spacing_tr": 2.0,
  "spacing_x": 3.0,
  "spacing_y": 3.0,
  "spacing_z": 3.3000001907348633,
  "summary_bg_k": 22.807427007581506,
  "summary_bg_mad": 15.423182668771583,
  "summary_bg_mean": 44.51856848391226,
  "summary_bg_median": 21.48611068725586,
  "summary_bg_n": 121754.0,
  "summary_bg_p05": 8.083333015441895,
  "summary_bg_p95": 179.0231475830078,
  "summary_bg_stdv": 68.40523041216686,
  "summary_fg_k": 1.8438310453820854,
  "summary_fg_mad": 90.3083380023728,
  "summary_fg_mean": 634.4816725854262,
  "summary_fg_median": 635.5370483398438,
  "summary_fg_n": 46182.0,
  "summary_fg_p05": 453.6157531738281,
  "summary_fg_p95": 788.4444580078125,
  "summary_fg_stdv": 102.26423385651951,
  "tsnr": 47.84930777619593
}