{
  "aor": 0.0006799999999999999,
  "aqi": 0.01506958496732026,
  "bids_meta": {
    "AccelFactPE": 2,
    "AcquisitionNumber": 1,
    "AcquisitionTime": "15:46:48.840000",
    "BandwidthPerPixelPhaseEncode": 65.104,
    "ConversionSoftware": "dcm2niix",
    "ConversionSoftwareVersion": "v1.0.20170724 GCC4.4.7",
    "DeviceSerialNumber": "35193",
    "EchoTime": 0.025,
    "EffectiveEchoSpacing": 0.000240001,
    "FlipAngle": 90,
    "ImageType": [
      "ORIGINAL",
      "PRIMARY",
      "M",
      "ND",
      "NORM",
      "MOSAIC"
    ],
    "InstitutionAddress": "Xinjiekouwai_Street_No_19_Beijing_Haidian_District_CN_100875",
    "InstitutionName": "BNU_MRI_Center",
    "MagneticFieldStrength": 3,
    "Manufacturer": "Siemens",
    "ManufacturersModelName": "TrioTim",
    "PhaseEncodingDirection": "j-",
    "PhaseEncodingLines": 64,
    "ProcedureStepDescription": "BNU_cst_2019_Zhu.Bi",
    "ProtocolName": "Learning6_154",
    "RepetitionTime": 2,
    "ScanningSequence": "EP",
    "SequenceName": "_epfid2d1_64",
    "SequenceVariant": "SK",
    "SeriesDescription": "Learning6_154",
    "SliceTiming": [
      0,
      1.0175,
      0.0475,
      1.065,
      0.095,
      1.1125,
      0.145,
      1.1625,
      0.1925,
      1.21,
      0.24,
      1.26,
      0.29,
      1.3075,
      0.3375,
      1.355,
      0.3875,
      1.405,
      0.435,
      1.4525,
      0.4825,
      1.5025,
      0.5325,
      1.55,
      0.58,
      1.5975,
      0.63,
      1.6475,
      0.6775,
      1.695,
      0.725,
      1.745,
      0.775,
      1.7925,
      0.8225,
      1.84,
      0.8725,
      1.89,
      0.92,
      1.9375,
      0.9675
    ],
    "SoftwareVersions": "syngo_MR_B17",
    "TaskName": "encoding",
    "TotalReadoutTime": 0.01488,
    "TrueEchoSpacing": 0.000480001,
    "dataset": "ds003789",
    "modality": "bold",
    "run_id": 6,
    "subject_id": "5415",
    "task_id": "encoding"
  },
  "dummy_trs": 1,
  "dvars_nstd": 40.55350266013157,
  "dvars_std": 1.2813476131578942,
  "dvars_vstd": 1.0124513376315782,
  "efc": 0.5714931288949369,
  "fber": 873.3235473632812,
  "fd_mean": 0.10271619226013481,
  "fd_num": 12,
  "fd_perc": 7.8431372549019605,
  "fwhm_avg": 1.6267504116162768,
  "fwhm_x": 1.5508833333333334,
  "fwhm_y": 1.75648,
  "fwhm_z": 1.5728879015154968,
  "gcor": 0.0107771,
  "gsr_x": -0.001171133597381413,
  "gsr_y": 0.026184987276792526,
  "provenance": {
    "md5sum": "6ab6e87f68042a683140cf22e5294b12",
    "settings": {
      "fd_thres": 0.2,
      "testing": false
    },
    "software": "mriqc",
    "version": "23.1.0"
  },
  "size_t": 153,
  "size_x": 64,
  "size_y": 64,
  "size_z": 41,
  "snr": 6.237122758183852,
  "spacing_tr": 2.0,
  "spacing_x": 3.0,
  "spacing_y": 3.0,
  "spacing_z": 3.299999952316284,
  "summary_bg_k": 23.594285748918026,
  "summary_bg_mad": 16.298934812150584,
  "summary_bg_mean": 47.11268628433196,
  "summary_bg_median": 22.47712516784668,
  "summary_bg_n": 121680.0,
  "summary_bg_p05": 8.111111640930176,
  "summary_bg_p95": 188.72222900390625,
  "summary_bg_stdv": 72.45258575633424,
  "summary_fg_k": 1.9211868406624895,
  "summary_fg_mad": 93.06962129073885,
  "summary_fg_mean": 662.0098282864498,
  "summary_fg_median": 664.2450866699219,
  "summary_fg_n": 46256.0,
  "summary_fg_p05": 473.1176452636719,
  "summary_fg_p95": 820.4183349609375,
  "summary_fg_stdv": 106.49748807061133,
  "tsnr": 48.630375052569434
}