{
  "aor": 0.0009360130718954249,
  "aqi": 0.011945440522875815,
  "bids_meta": {
    "AccelFactPE": 2,
    "AcquisitionNumber": 1,
    "AcquisitionTime": "10:36:33.040000",
    "BandwidthPerPixelPhaseEncode": 65.104,
    "ConversionSoftware": "dcm2niix",
    "ConversionSoftwareVersion": "v1.0.20170724 GCC4.4.7",
    "DeviceSerialNumber": "35193",
    "EchoTime": 0.025,
    "EffectiveEchoSpacing": 0.000240001,
    "FlipAngle": 90,
    "ImageType": [
      "ORIGINAL",
      "PRIMARY",
      "M",
      "ND",
      "NORM",
      "MOSAIC"
    ],
    "InstitutionAddress": "Xinjiekouwai_Street_No_19_Beijing_Haidian_District_CN_100875",
    "InstitutionName": "BNU_MRI_Center",
    "MagneticFieldStrength": 3,
    "Manufacturer": "Siemens",
    "ManufacturersModelName": "TrioTim",
    "PhaseEncodingDirection": "j-",
    "PhaseEncodingLines": 64,
    "ProcedureStepDescription": "BNU_cst_2019_Zhu.Bi",
    "ProtocolName": "Learning6_154",
    "RepetitionTime": 2,
    "ScanningSequence": "EP",
    "SequenceName": "_epfid2d1_64",
    "SequenceVariant": "SK",
    "SeriesDescription": "Learning6_154",
    "SliceTiming": [
      0,
      1.0175,
      0.0475,
      1.065,
      0.0975,
      1.115,
      0.145,
      1.1625,
      0.1925,
      1.2125,
      0.2425,
      1.26,
      0.29,
      1.3075,
      0.34,
      1.3575,
      0.3875,
      1.405,
      0.435,
      1.4525,
      0.485,
      1.5025,
      0.5325,
      1.55,
      0.58,
      1.6,
      0.63,
      1.6475,
      0.6775,
      1.695,
      0.7275,
      1.745,
      0.775,
      1.7925,
      0.8225,
      1.8425,
      0.8725,
      1.89,
      0.92,
      1.9375,
      0.97
    ],
    "SoftwareVersions": "syngo_MR_B17",
    "TaskName": "encoding",
    "TotalReadoutTime": 0.01488,
    "TrueEchoSpacing": 0.000480001,
    "dataset": "ds003789",
    "modality": "bold",
    "run_id": 6,
    "subject_id": "5435",
    "task_id": "encoding"
  },
  "dummy_trs": 1,
  "dvars_nstd": 34.567056015789476,
  "dvars_std": 1.230293550789474,
  "dvars_vstd": 1.0150265543421046,
  "efc": 0.595127289828621,
  "fber": 846.8809204101562,
  "fd_mean": 0.06537695302618104,
  "fd_num": 2,
  "fd_perc": 1.3071895424836601,
  "fwhm_avg": 1.5851882902745762,
  "fwhm_x": 1.4909066666666666,
  "fwhm_y": 1.7186733333333333,
  "fwhm_z": 1.5459848708237283,
  "gcor": 0.00446822,
  "gsr_x": 0.009216356091201305,
  "gsr_y": 0.03138960152864456,
  "provenance": {
    "md5sum": "6fe37c576b4c2bd930edeb7ac3dd7a09",
    "settings": {
      "fd_thres": 0.2,
      "testing": false
    },
    "software": "mriqc",
    "version": "23.1.0"
  },
  "size_t": 153,
  "size_x": 64,
  "size_y": 64,
  "size_z": 41,
  "snr": 6.169536454821633,
  "spacing_tr": 2.0,
  "spacing_x": 3.0,
  "spacing_y": 3.0,
  "spacing_z": 3.299999952316284,
  "summary_bg_k": 17.360330873304612,
  "summary_bg_mad": 25.204237714595234,
  "summary_bg_mean": 70.2117047204048,
  "summary_bg_median": 32.156864166259766,
  "summary_bg_n": 116899.0,
  "summary_bg_p05": 10.01307201385498,
  "summary_bg_p95": 290.59478759765625,
  "summary_bg_stdv": 105.00658554817731,
  "summary_fg_k": 2.336275367924129,
  "summary_fg_mad": 128.97671048817463,
  "summary_fg_mean": 932.8285185520554,
  "summary_fg_median": 935.803955078125,
  "summary_fg_n": 51037.0,
  "summary_fg_p05": 669.941162109375,
  "summary_fg_p95": 1159.60791015625,
  "summary_fg_stdv": 151.67991857873082,
  "tsnr": 53.81494790199213
}