{
  "aor": 0.0009063398692810456,
  "aqi": 0.014306116993464051,
  "bids_meta": {
    "AccelFactPE": 2,
    "AcquisitionNumber": 1,
    "AcquisitionTime": "10:49:41.390000",
    "BandwidthPerPixelPhaseEncode": 65.104,
    "ConversionSoftware": "dcm2niix",
    "ConversionSoftwareVersion": "v1.0.20170724 GCC4.4.7",
    "DeviceSerialNumber": "35193",
    "EchoTime": 0.025,
    "EffectiveEchoSpacing": 0.000240001,
    "FlipAngle": 90,
    "ImageType": [
      "ORIGINAL",
      "PRIMARY",
      "M",
      "ND",
      "NORM",
      "MOSAIC"
    ],
    "InstitutionAddress": "Xinjiekouwai_Street_No_19_Beijing_Haidian_District_CN_100875",
    "InstitutionName": "BNU_MRI_Center",
    "MagneticFieldStrength": 3,
    "Manufacturer": "Siemens",
    "ManufacturersModelName": "TrioTim",
    "PhaseEncodingDirection": "j-",
    "PhaseEncodingLines": 64,
    "ProcedureStepDescription": "BNU_cst_2019_Zhu.Bi",
    "ProtocolName": "Learning8_154",
    "RepetitionTime": 2,
    "ScanningSequence": "EP",
    "SequenceName": "_epfid2d1_64",
    "SequenceVariant": "SK",
    "SeriesDescription": "Learning8_154",
    "SliceTiming": [
      0,
      1.0175,
      0.0475,
      1.065,
      0.0975,
      1.115,
      0.145,
      1.1625,
      0.1925,
      1.2125,
      0.2425,
      1.26,
      0.29,
      1.3075,
      0.34,
      1.3575,
      0.3875,
      1.405,
      0.435,
      1.455,
      0.485,
      1.5025,
      0.5325,
      1.55,
      0.5825,
      1.6,
      0.63,
      1.6475,
      0.6775,
      1.6975,
      0.7275,
      1.745,
      0.775,
      1.7925,
      0.825,
      1.8425,
      0.8725,
      1.89,
      0.92,
      1.9375,
      0.97
    ],
    "SoftwareVersions": "syngo_MR_B17",
    "TaskName": "encoding",
    "TotalReadoutTime": 0.01488,
    "TrueEchoSpacing": 0.000480001,
    "dataset": "ds003789",
    "modality": "bold",
    "run_id": 8,
    "subject_id": "5435",
    "task_id": "encoding"
  },
  "dummy_trs": 1,
  "dvars_nstd": 34.567446206907896,
  "dvars_std": 1.215660469144737,
  "dvars_vstd": 1.0024555143421054,
  "efc": 0.5957652171759346,
  "fber": 845.164794921875,
  "fd_mean": 0.0703643346009315,
  "fd_num": 5,
  "fd_perc": 3.2679738562091503,
  "fwhm_avg": 1.5876595023625395,
  "fwhm_x": 1.5007433333333333,
  "fwhm_y": 1.7231533333333333,
  "fwhm_z": 1.5390818404209519,
  "gcor": 0.00839453,
  "gsr_x": 0.009072436951100826,
  "gsr_y": 0.03094942308962345,
  "provenance": {
    "md5sum": "cdd635311b52fe77ba2fa139b2cb4739",
    "settings": {
      "fd_thres": 0.2,
      "testing": false
    },
    "software": "mriqc",
    "version": "23.1.0"
  },
  "size_t": 153,
  "size_x": 64,
  "size_y": 64,
  "size_z": 41,
  "snr": 6.13936298528171,
  "spacing_tr": 2.0,
  "spacing_x": 3.0,
  "spacing_y": 3.0,
  "spacing_z": 3.299999952316284,
  "summary_bg_k": 17.567155511947657,
  "summary_bg_mad": 25.504632015373247,
  "summary_bg_mean": 70.76795354921391,
  "summary_bg_median": 32.1699333190918,
  "summary_bg_n": 116902.0,
  "summary_bg_p05": 9.58169937133789,
  "summary_bg_p95": 291.16339111328125,
  "summary_bg_stdv": 105.56053085062881,
  "summary_fg_k": 2.3906600194810634,
  "summary_fg_mad": 127.90597741014315,
  "summary_fg_mean": 932.097089374505,
  "summary_fg_median": 935.2352905273438,
  "summary_fg_n": 51034.0,
  "summary_fg_p05": 664.7058715820312,
  "summary_fg_p95": 1159.718994140625,
  "summary_fg_stdv": 152.33276316446432,
  "tsnr": 51.29800895624794
}