{
  "aor": 0.0005040740740740741,
  "aqi": 0.011930887962962962,
  "bids_meta": {
    "AccelFactPE": 2,
    "AcquisitionNumber": 1,
    "AcquisitionTime": "09:58:43.895000",
    "BandwidthPerPixelPhaseEncode": 65.104,
    "ConversionSoftware": "dcm2niix",
    "ConversionSoftwareVersion": "v1.0.20170724 GCC4.4.7",
    "DeviceSerialNumber": "35193",
    "EchoTime": 0.025,
    "EffectiveEchoSpacing": 0.000240001,
    "FlipAngle": 90,
    "ImageType": [
      "ORIGINAL",
      "PRIMARY",
      "M",
      "ND",
      "NORM",
      "MOSAIC"
    ],
    "InstitutionAddress": "Xinjiekouwai_Street_No_19_Beijing_Haidian_District_CN_100875",
    "InstitutionName": "BNU_MRI_Center",
    "MagneticFieldStrength": 3,
    "Manufacturer": "Siemens",
    "ManufacturersModelName": "TrioTim",
    "PhaseEncodingDirection": "j-",
    "PhaseEncodingLines": 64,
    "ProcedureStepDescription": "BNU_cst_2019_Zhu.Bi",
    "ProtocolName": "Test3_216",
    "RepetitionTime": 2,
    "ScanningSequence": "EP",
    "SequenceName": "_epfid2d1_64",
    "SequenceVariant": "SK",
    "SeriesDescription": "Test3_216",
    "SliceTiming": [
      0,
      1.02,
      0.05,
      1.0675,
      0.0975,
      1.115,
      0.1475,
      1.165,
      0.195,
      1.2125,
      0.2425,
      1.26,
      0.2925,
      1.31,
      0.34,
      1.3575,
      0.3875,
      1.4075,
      0.4375,
      1.455,
      0.485,
      1.5025,
      0.535,
      1.5525,
      0.5825,
      1.6,
      0.63,
      1.65,
      0.68,
      1.6975,
      0.7275,
      1.745,
      0.7775,
      1.795,
      0.825,
      1.8425,
      0.8725,
      1.8925,
      0.9225,
      1.94,
      0.97
    ],
    "SoftwareVersions": "syngo_MR_B17",
    "TaskName": "retrieval",
    "TotalReadoutTime": 0.01488,
    "TrueEchoSpacing": 0.000480001,
    "dataset": "ds003789",
    "modality": "bold",
    "run_id": 3,
    "subject_id": "5435",
    "task_id": "retrieval"
  },
  "dummy_trs": 0,
  "dvars_nstd": 34.863293049023255,
  "dvars_std": 1.2406948218139537,
  "dvars_vstd": 1.0047781081395353,
  "efc": 0.5918660515284258,
  "fber": 901.58984375,
  "fd_mean": 0.06562009323533562,
  "fd_num": 5,
  "fd_perc": 2.314814814814815,
  "fwhm_avg": 1.5791219266232375,
  "fwhm_x": 1.4819166666666668,
  "fwhm_y": 1.7125733333333333,
  "fwhm_z": 1.5428757798697124,
  "gcor": 0.0202153,
  "gsr_x": 0.009435526095330715,
  "gsr_y": 0.03433733433485031,
  "provenance": {
    "md5sum": "6eac85cd6c8ce1ea95ae5a25d9f1a4ec",
    "settings": {
      "fd_thres": 0.2,
      "testing": false
    },
    "software": "mriqc",
    "version": "23.1.0"
  },
  "size_t": 216,
  "size_x": 64,
  "size_y": 64,
  "size_z": 41,
  "snr": 6.211875444278786,
  "spacing_tr": 2.0,
  "spacing_x": 3.0,
  "spacing_y": 3.0,
  "spacing_z": 3.299999952316284,
  "summary_bg_k": 18.63163894860903,
  "summary_bg_mad": 23.481399234968023,
  "summary_bg_mean": 66.24163790659941,
  "summary_bg_median": 30.675926208496094,
  "summary_bg_n": 116946.0,
  "summary_bg_p05": 10.157407760620117,
  "summary_bg_p95": 272.03704833984375,
  "summary_bg_stdv": 98.96254005817899,
  "summary_fg_k": 2.593229631826075,
  "summary_fg_mad": 125.35540208477701,
  "summary_fg_mean": 918.3397618727115,
  "summary_fg_median": 921.0902709960938,
  "summary_fg_n": 50990.0,
  "summary_fg_p05": 659.388916015625,
  "summary_fg_p95": 1138.736083984375,
  "summary_fg_stdv": 148.27748031109812,
  "tsnr": 54.34970750100911
}