{
  "bids_meta": {
    "AcquisitionNumber": 1,
    "AcquisitionTime": "10:48:13.045000",
    "ConversionSoftware": "dcm2niix",
    "ConversionSoftwareVersion": "v1.0.20170724 GCC4.4.7",
    "DeviceSerialNumber": "35193",
    "EchoTime": 0.00309,
    "FlipAngle": 10,
    "ImageType": [
      "ORIGINAL",
      "PRIMARY",
      "M",
      "ND",
      "NORM"
    ],
    "InstitutionAddress": "Xinjiekouwai_Street_No_19_Beijing_Haidian_District_CN_100875",
    "InstitutionName": "BNU_MRI_Center",
    "InversionTime": 0.8,
    "MagneticFieldStrength": 3,
    "Manufacturer": "Siemens",
    "ManufacturersModelName": "TrioTim",
    "PhaseEncodingDirection": "i-",
    "PhaseEncodingLines": 256,
    "ProcedureStepDescription": "BNU_cst_2019_Zhu.Bi",
    "ProtocolName": "UCI_MPRAGE_Sag_1x1x1",
    "RepetitionTime": 2.53,
    "ScanningSequence": "GR_IR",
    "SequenceName": "_tfl3d1_ns",
    "SequenceVariant": "SP_MP",
    "SeriesDescription": "UCI_MPRAGE_Sag_1x1x1",
    "SoftwareVersions": "syngo_MR_B17",
    "dataset": "ds003789",
    "modality": "T1w",
    "subject_id": "5436"
  },
  "cjv": 0.529003608480872,
  "cnr": 1.8841571644760144,
  "efc": 0.46186579237644276,
  "fber": 8259.71582163875,
  "fwhm_avg": 4.07697013129903,
  "fwhm_x": 4.151920393897089,
  "fwhm_y": 4.1795,
  "fwhm_z": 3.89949,
  "icvs_csf": 0.2742538093229878,
  "icvs_gm": 0.38269449290390617,
  "icvs_wm": 0.34305169777310596,
  "inu_med": 0.5701952576637268,
  "inu_range": 0.23349222242832174,
  "provenance": {
    "md5sum": "d6367157fd82a530e1c942646c9bf1c9",
    "settings": {
      "testing": false
    },
    "software": "mriqc",
    "version": "23.1.0",
    "warnings": {
      "large_rot_frame": false,
      "small_air_mask": false
    }
  },
  "qi_1": 0.0,
  "qi_2": 0.00014032621926433265,
  "rpve_csf": 8.812055447086259,
  "rpve_gm": 8.731634670467262,
  "rpve_wm": 8.836069683760082,
  "size_x": 208,
  "size_y": 256,
  "size_z": 256,
  "snr_csf": 2.0790287138545596,
  "snr_gm": 5.217187407827433,
  "snr_total": 5.888613110039148,
  "snr_wm": 10.369623208435453,
  "snrd_csf": 29.333434489715817,
  "snrd_gm": 49.4477895683781,
  "snrd_total": 50.118268071000166,
  "snrd_wm": 71.5735801549066,
  "spacing_x": 0.9999974966049194,
  "spacing_y": 1.0,
  "spacing_z": 1.0,
  "summary_bg_k": 5.288748988082327,
  "summary_bg_mad": 0.0,
  "summary_bg_mean": 5.973294398148895,
  "summary_bg_median": 0.0,
  "summary_bg_n": 5086203.0,
  "summary_bg_p05": 0.0,
  "summary_bg_p95": 23.30810308456421,
  "summary_bg_stdv": 8.788086602890884,
  "summary_csf_k": -0.5534411206293526,
  "summary_csf_mad": 140.01075599298167,
  "summary_csf_mean": 400.737157615113,
  "summary_csf_median": 393.4825826436281,
  "summary_csf_n": 418938.8749743663,
  "summary_csf_p05": 92.78905168175697,
  "summary_csf_p95": 700.3514941781759,
  "summary_csf_stdv": 189.26247165470545,
  "summary_gm_k": -0.4732473295559765,
  "summary_gm_mad": 88.31664387082445,
  "summary_gm_mean": 670.449931452842,
  "summary_gm_median": 663.299210742116,
  "summary_gm_n": 584588.4172468616,
  "summary_gm_p05": 465.62369517982006,
  "summary_gm_p95": 908.1292989850044,
  "summary_gm_stdv": 127.137208532162,
  "summary_wm_k": -0.40578681472564204,
  "summary_wm_mad": 68.69072301064124,
  "summary_wm_mean": 936.9854258497045,
  "summary_wm_median": 960.0975016504526,
  "summary_wm_n": 524031.70872224955,
  "summary_wm_p05": 749.5328584313393,
  "summary_wm_p95": 1051.3664596527815,
  "summary_wm_stdv": 92.58741289662892,
  "tpm_overlap_csf": 0.20418310963316536,
  "tpm_overlap_gm": 0.5298852311555023,
  "tpm_overlap_wm": 0.5381918472162308,
  "wm2max": 0.5748933345975159
}