{
  "aor": 0.0005558278145695364,
  "aqi": 0.012730680794701986,
  "bids_meta": {
    "AcquisitionMatrixPE": 64,
    "AcquisitionNumber": 1,
    "AcquisitionTime": "14:39:41.850000",
    "BandwidthPerPixelPhaseEncode": 65.104,
    "BaseResolution": 64,
    "CoilString": "T:HEA;HEP",
    "ConversionSoftware": "dcm2niix",
    "ConversionSoftwareVersion": "v1.0.20200331",
    "DerivedVendorReportedEchoSpacing": 0.000480001,
    "DeviceSerialNumber": "35193",
    "DwellTime": 3.1e-06,
    "EchoTime": 0.025,
    "EffectiveEchoSpacing": 0.000240001,
    "FlipAngle": 90,
    "ImageOrientationPatientDICOM": [
      0.999263,
      -0.00133968,
      -0.0383644,
      -3.25027e-08,
      0.999391,
      -0.0348995
    ],
    "ImageType": [
      "ORIGINAL",
      "PRIMARY",
      "M",
      "ND",
      "NORM",
      "MOSAIC"
    ],
    "ImagingFrequency": 123.254,
    "InPlanePhaseEncodingDirectionDICOM": "COL",
    "InstitutionAddress": "Xinjiekouwai_Street_No_19_Beijing_Haidian_District_CN_100875",
    "InstitutionName": "BNU_MRI_Center",
    "InstitutionalDepartmentName": "Department",
    "MRAcquisitionType": "2D",
    "MagneticFieldStrength": 3,
    "Manufacturer": "Siemens",
    "ManufacturersModelName": "TrioTim",
    "Modality": "MR",
    "ParallelReductionFactorInPlane": 2,
    "PartialFourier": 1,
    "PatientPosition": "HFS",
    "PercentPhaseFOV": 100,
    "PercentSampling": 100,
    "PhaseEncodingDirection": "j-",
    "PhaseEncodingSteps": 64,
    "PhaseResolution": 1,
    "PixelBandwidth": 2520,
    "ProcedureStepDescription": "BNU_cst_2019_Zhu.Bi",
    "ProtocolName": "Learning5_154",
    "PulseSequenceDetails": "%SiemensSeq%_ep2d_pace",
    "ReceiveCoilName": "HeadMatrix",
    "ReconMatrixPE": 64,
    "RefLinesPE": 32,
    "RepetitionTime": 2,
    "SAR": 0.196249,
    "ScanOptions": "FS",
    "ScanningSequence": "EP",
    "SequenceName": "_epfid2d1_64",
    "SequenceVariant": "SK",
    "SeriesDescription": "Learning5_154",
    "SeriesNumber": 7,
    "ShimSetting": [
      -4566,
      -19463,
      -9765,
      1225,
      -238,
      -327,
      -150,
      2
    ],
    "SliceThickness": 3,
    "SliceTiming": [
      0,
      1.0175,
      0.0475,
      1.065,
      0.0975,
      1.115,
      0.145,
      1.1625,
      0.1925,
      1.21,
      0.2425,
      1.26,
      0.29,
      1.3075,
      0.3375,
      1.3575,
      0.3875,
      1.405,
      0.435,
      1.4525,
      0.485,
      1.5025,
      0.5325,
      1.55,
      0.58,
      1.6,
      0.63,
      1.6475,
      0.6775,
      1.695,
      0.7275,
      1.745,
      0.775,
      1.7925,
      0.8225,
      1.8425,
      0.8725,
      1.89,
      0.92,
      1.9375,
      0.97
    ],
    "SoftwareVersions": "syngo_MR_B17",
    "SpacingBetweenSlices": 3.3,
    "StationName": "MRC35193",
    "TaskName": "encoding",
    "TotalReadoutTime": 0.01512,
    "TxRefAmp": 309.498,
    "dataset": "ds003789",
    "modality": "bold",
    "run_id": 5,
    "subject_id": "5404",
    "task_id": "encoding"
  },
  "dummy_trs": 3,
  "dvars_nstd": 27.870943921333335,
  "dvars_std": 1.128643649333333,
  "dvars_vstd": 1.0105611214,
  "efc": 0.5426778075126926,
  "fber": 1281.247314453125,
  "fd_mean": 0.043464007937346685,
  "fd_num": 0,
  "fd_perc": 0.0,
  "fwhm_avg": 1.6112595022504745,
  "fwhm_x": 1.5513333333333332,
  "fwhm_y": 1.7666300000000001,
  "fwhm_z": 1.515815173418091,
  "gcor": 0.00557038,
  "gsr_x": 0.008165034465491772,
  "gsr_y": 0.01643068715929985,
  "provenance": {
    "md5sum": "428696930c81bd41851b3a9fa09c03db",
    "settings": {
      "fd_thres": 0.2,
      "testing": false
    },
    "software": "mriqc",
    "version": "23.1.0"
  },
  "size_t": 151,
  "size_x": 64,
  "size_y": 64,
  "size_z": 41,
  "snr": 6.659928072651433,
  "spacing_tr": 2.0,
  "spacing_x": 3.0,
  "spacing_y": 3.0,
  "spacing_z": 3.299999952316284,
  "summary_bg_k": 15.201808673343027,
  "summary_bg_mad": 16.711185710932174,
  "summary_bg_mean": 57.95206746531095,
  "summary_bg_median": 25.364238739013672,
  "summary_bg_n": 126557.0,
  "summary_bg_p05": 9.569536209106445,
  "summary_bg_p95": 256.25164794921875,
  "summary_bg_stdv": 91.4705456072899,
  "summary_fg_k": 3.533059734235893,
  "summary_fg_mad": 100.53226661891446,
  "summary_fg_mean": 897.8518160999753,
  "summary_fg_median": 907.900634765625,
  "summary_fg_n": 41379.0,
  "summary_fg_p05": 630.7152099609375,
  "summary_fg_p95": 1085.9337158203125,
  "summary_fg_stdv": 136.321241648127,
  "tsnr": 60.42121943831444
}