{
  "aor": 0.00034824074074074076,
  "aqi": 0.01313180648148148,
  "bids_meta": {
    "AcquisitionMatrixPE": 64,
    "AcquisitionNumber": 1,
    "AcquisitionTime": "14:31:17.492500",
    "BandwidthPerPixelPhaseEncode": 65.104,
    "BaseResolution": 64,
    "CoilString": "T:HEA;HEP",
    "ConversionSoftware": "dcm2niix",
    "ConversionSoftwareVersion": "v1.0.20200331",
    "DerivedVendorReportedEchoSpacing": 0.000480001,
    "DeviceSerialNumber": "35193",
    "DwellTime": 3.1e-06,
    "EchoTime": 0.025,
    "EffectiveEchoSpacing": 0.000240001,
    "FlipAngle": 90,
    "ImageOrientationPatientDICOM": [
      0.999999,
      -3.81204e-05,
      0.00145893,
      -2.29455e-08,
      0.999658,
      0.0261359
    ],
    "ImageType": [
      "ORIGINAL",
      "PRIMARY",
      "M",
      "ND",
      "NORM",
      "MOSAIC"
    ],
    "ImagingFrequency": 123.254,
    "InPlanePhaseEncodingDirectionDICOM": "COL",
    "InstitutionAddress": "Xinjiekouwai_Street_No_19_Beijing_Haidian_District_CN_100875",
    "InstitutionName": "BNU_MRI_Center",
    "InstitutionalDepartmentName": "Department",
    "MRAcquisitionType": "2D",
    "MagneticFieldStrength": 3,
    "Manufacturer": "Siemens",
    "ManufacturersModelName": "TrioTim",
    "Modality": "MR",
    "ParallelReductionFactorInPlane": 2,
    "PartialFourier": 1,
    "PatientPosition": "HFS",
    "PercentPhaseFOV": 100,
    "PercentSampling": 100,
    "PhaseEncodingDirection": "j-",
    "PhaseEncodingSteps": 64,
    "PhaseResolution": 1,
    "PixelBandwidth": 2520,
    "ProcedureStepDescription": "BNU_cst_2019_Zhu.Bi",
    "ProtocolName": "Test2_216",
    "PulseSequenceDetails": "%SiemensSeq%_ep2d_pace",
    "ReceiveCoilName": "HeadMatrix",
    "ReconMatrixPE": 64,
    "RefLinesPE": 32,
    "RepetitionTime": 2,
    "SAR": 0.173052,
    "ScanOptions": "FS",
    "ScanningSequence": "EP",
    "SequenceName": "_epfid2d1_64",
    "SequenceVariant": "SK",
    "SeriesDescription": "Test2_216",
    "SeriesNumber": 4,
    "ShimSetting": [
      -4519,
      -19436,
      -9763,
      1254,
      -104,
      -248,
      -76,
      5
    ],
    "SliceThickness": 3,
    "SliceTiming": [
      0,
      1.0175,
      0.0475,
      1.065,
      0.095,
      1.115,
      0.145,
      1.1625,
      0.1925,
      1.21,
      0.2425,
      1.26,
      0.29,
      1.3075,
      0.3375,
      1.355,
      0.3875,
      1.405,
      0.435,
      1.4525,
      0.4825,
      1.5025,
      0.5325,
      1.55,
      0.58,
      1.5975,
      0.63,
      1.6475,
      0.6775,
      1.695,
      0.725,
      1.745,
      0.775,
      1.7925,
      0.8225,
      1.84,
      0.8725,
      1.89,
      0.92,
      1.9375,
      0.9675
    ],
    "SoftwareVersions": "syngo_MR_B17",
    "SpacingBetweenSlices": 3.3,
    "StationName": "MRC35193",
    "TaskName": "retrieval",
    "TotalReadoutTime": 0.01512,
    "TxRefAmp": 316.931,
    "dataset": "ds003789",
    "modality": "bold",
    "run_id": 2,
    "subject_id": "5404",
    "task_id": "retrieval"
  },
  "dummy_trs": 0,
  "dvars_nstd": 25.497746268046537,
  "dvars_std": 1.0841575529767442,
  "dvars_vstd": 0.9999388618139532,
  "efc": 0.5472688245066784,
  "fber": 1162.1011962890625,
  "fd_mean": 0.037712681132845274,
  "fd_num": 0,
  "fd_perc": 0.0,
  "fwhm_avg": 1.5991793001713797,
  "fwhm_x": 1.54384,
  "fwhm_y": 1.75011,
  "fwhm_z": 1.5035879005141388,
  "gcor": 0.0109179,
  "gsr_x": 0.00500152911990881,
  "gsr_y": 0.016361121088266373,
  "provenance": {
    "md5sum": "49a9b350502a30a8217c228a71ea5a4b",
    "settings": {
      "fd_thres": 0.2,
      "testing": false
    },
    "software": "mriqc",
    "version": "23.1.0"
  },
  "size_t": 216,
  "size_x": 64,
  "size_y": 64,
  "size_z": 41,
  "snr": 6.741982727138046,
  "spacing_tr": 2.0,
  "spacing_x": 3.0,
  "spacing_y": 3.0,
  "spacing_z": 3.299999952316284,
  "summary_bg_k": 13.332486972054923,
  "summary_bg_mad": 19.006137087547014,
  "summary_bg_mean": 63.3067586093643,
  "summary_bg_median": 27.796297073364258,
  "summary_bg_n": 126521.0,
  "summary_bg_p05": 10.217592239379883,
  "summary_bg_p95": 280.4907531738281,
  "summary_bg_stdv": 97.3962535852256,
  "summary_fg_k": 3.7677464091925135,
  "summary_fg_mad": 103.11632356176395,
  "summary_fg_mean": 937.8368664077525,
  "summary_fg_median": 947.5648193359375,
  "summary_fg_n": 41415.0,
  "summary_fg_p05": 662.4490966796875,
  "summary_fg_p95": 1131.9212646484375,
  "summary_fg_stdv": 140.54521017653798,
  "tsnr": 60.27890712139197
}