{
  "aor": 0.0008409740259740261,
  "aqi": 0.016521523376623375,
  "bids_meta": {
    "AccelFactPE": 2,
    "AcquisitionNumber": 1,
    "AcquisitionTime": "09:08:31.052500",
    "BandwidthPerPixelPhaseEncode": 65.104,
    "ConversionSoftware": "dcm2niix",
    "ConversionSoftwareVersion": "v1.0.20170724 GCC4.4.7",
    "DeviceSerialNumber": "35193",
    "EchoTime": 0.025,
    "EffectiveEchoSpacing": 0.000240001,
    "FlipAngle": 90,
    "ImageType": [
      "ORIGINAL",
      "PRIMARY",
      "M",
      "ND",
      "NORM",
      "MOSAIC"
    ],
    "InstitutionAddress": "Xinjiekouwai_Street_No_19_Beijing_Haidian_District_CN_100875",
    "InstitutionName": "BNU_MRI_Center",
    "MagneticFieldStrength": 3,
    "Manufacturer": "Siemens",
    "ManufacturersModelName": "TrioTim",
    "PhaseEncodingDirection": "j-",
    "PhaseEncodingLines": 64,
    "ProcedureStepDescription": "BNU_cst_2019_Zhu.Bi",
    "ProtocolName": "Learning1_154",
    "RepetitionTime": 2,
    "ScanningSequence": "EP",
    "SequenceName": "_epfid2d1_64",
    "SequenceVariant": "SK",
    "SeriesDescription": "Learning1_154",
    "SliceTiming": [
      0,
      1.0175,
      0.0475,
      1.065,
      0.095,
      1.115,
      0.145,
      1.1625,
      0.1925,
      1.21,
      0.2425,
      1.26,
      0.29,
      1.3075,
      0.3375,
      1.3575,
      0.3875,
      1.405,
      0.435,
      1.4525,
      0.485,
      1.5025,
      0.5325,
      1.55,
      0.58,
      1.5975,
      0.63,
      1.6475,
      0.6775,
      1.695,
      0.725,
      1.745,
      0.775,
      1.7925,
      0.8225,
      1.84,
      0.8725,
      1.89,
      0.92,
      1.9375,
      0.9675
    ],
    "SoftwareVersions": "syngo_MR_B17",
    "TaskName": "encoding",
    "TotalReadoutTime": 0.01488,
    "TrueEchoSpacing": 0.000480001,
    "dataset": "ds003789",
    "modality": "bold",
    "run_id": 1,
    "subject_id": "5421",
    "task_id": "encoding"
  },
  "dummy_trs": 0,
  "dvars_nstd": 34.494920269738564,
  "dvars_std": 1.1572571898692814,
  "dvars_vstd": 1.0132758600000005,
  "efc": 0.6083680827141511,
  "fber": 669.06689453125,
  "fd_mean": 0.08318729584374303,
  "fd_num": 8,
  "fd_perc": 5.194805194805195,
  "fwhm_avg": 1.5351213859950332,
  "fwhm_x": 1.4889299999999999,
  "fwhm_y": 1.6555099999999998,
  "fwhm_z": 1.4609241579851,
  "gcor": 0.00516891,
  "gsr_x": 0.016579141840338707,
  "gsr_y": 0.03455643728375435,
  "provenance": {
    "md5sum": "e076761d71cd3847f6c8bbfe7f89bba1",
    "settings": {
      "fd_thres": 0.2,
      "testing": false
    },
    "software": "mriqc",
    "version": "23.1.0"
  },
  "size_t": 154,
  "size_x": 64,
  "size_y": 64,
  "size_z": 41,
  "snr": 6.3924873253411665,
  "spacing_tr": 2.0,
  "spacing_x": 3.0,
  "spacing_y": 3.0,
  "spacing_z": 3.3000001907348633,
  "summary_bg_k": 16.560092641545356,
  "summary_bg_mad": 22.71077060418484,
  "summary_bg_mean": 63.930945611679334,
  "summary_bg_median": 29.389610290527344,
  "summary_bg_n": 116269.0,
  "summary_bg_p05": 10.259739875793457,
  "summary_bg_p95": 257.7337646484375,
  "summary_bg_stdv": 92.3008174170984,
  "summary_fg_k": 2.9432664188093485,
  "summary_fg_mad": 98.4293495683864,
  "summary_fg_mean": 756.1351113057384,
  "summary_fg_median": 760.2012939453125,
  "summary_fg_n": 51667.0,
  "summary_fg_p05": 544.1753540039062,
  "summary_fg_p95": 928.56494140625,
  "summary_fg_stdv": 118.91989744850858,
  "tsnr": 47.607841321849264
}