{
  "aor": 0.0021394155844155845,
  "aqi": 0.023510508441558442,
  "bids_meta": {
    "AccelFactPE": 2,
    "AcquisitionNumber": 1,
    "AcquisitionTime": "09:20:36.937500",
    "BandwidthPerPixelPhaseEncode": 65.104,
    "ConversionSoftware": "dcm2niix",
    "ConversionSoftwareVersion": "v1.0.20170724 GCC4.4.7",
    "DeviceSerialNumber": "35193",
    "EchoTime": 0.025,
    "EffectiveEchoSpacing": 0.000240001,
    "FlipAngle": 90,
    "ImageType": [
      "ORIGINAL",
      "PRIMARY",
      "M",
      "ND",
      "NORM",
      "MOSAIC"
    ],
    "InstitutionAddress": "Xinjiekouwai_Street_No_19_Beijing_Haidian_District_CN_100875",
    "InstitutionName": "BNU_MRI_Center",
    "MagneticFieldStrength": 3,
    "Manufacturer": "Siemens",
    "ManufacturersModelName": "TrioTim",
    "PhaseEncodingDirection": "j-",
    "PhaseEncodingLines": 64,
    "ProcedureStepDescription": "BNU_cst_2019_Zhu.Bi",
    "ProtocolName": "Learning3_154",
    "RepetitionTime": 2,
    "ScanningSequence": "EP",
    "SequenceName": "_epfid2d1_64",
    "SequenceVariant": "SK",
    "SeriesDescription": "Learning3_154",
    "SliceTiming": [
      0,
      1.02,
      0.05,
      1.0675,
      0.0975,
      1.115,
      0.145,
      1.165,
      0.195,
      1.2125,
      0.2425,
      1.26,
      0.2925,
      1.31,
      0.34,
      1.3575,
      0.3875,
      1.4075,
      0.4375,
      1.455,
      0.485,
      1.5025,
      0.535,
      1.5525,
      0.5825,
      1.6,
      0.63,
      1.65,
      0.68,
      1.6975,
      0.7275,
      1.745,
      0.7775,
      1.795,
      0.825,
      1.8425,
      0.8725,
      1.8925,
      0.9225,
      1.94,
      0.97
    ],
    "SoftwareVersions": "syngo_MR_B17",
    "TaskName": "encoding",
    "TotalReadoutTime": 0.01488,
    "TrueEchoSpacing": 0.000480001,
    "dataset": "ds003789",
    "modality": "bold",
    "run_id": 3,
    "subject_id": "5421",
    "task_id": "encoding"
  },
  "dummy_trs": 0,
  "dvars_nstd": 34.56138615836601,
  "dvars_std": 1.1142001472549015,
  "dvars_vstd": 0.9983749522222221,
  "efc": 0.6081083165988048,
  "fber": 673.1300659179688,
  "fd_mean": 0.11524274642783983,
  "fd_num": 12,
  "fd_perc": 7.792207792207792,
  "fwhm_avg": 1.5666374456868863,
  "fwhm_x": 1.5066833333333334,
  "fwhm_y": 1.6848533333333335,
  "fwhm_z": 1.5083756703939917,
  "gcor": 0.0128751,
  "gsr_x": 0.018819740042090416,
  "gsr_y": 0.0363474003970623,
  "provenance": {
    "md5sum": "185fdaee3d76e2c921064f87bd169b8a",
    "settings": {
      "fd_thres": 0.2,
      "testing": false
    },
    "software": "mriqc",
    "version": "23.1.0"
  },
  "size_t": 154,
  "size_x": 64,
  "size_y": 64,
  "size_z": 41,
  "snr": 6.396382766726932,
  "spacing_tr": 2.0,
  "spacing_x": 3.0,
  "spacing_y": 3.0,
  "spacing_z": 3.3000001907348633,
  "summary_bg_k": 16.52807987919092,
  "summary_bg_mad": 22.98033438683683,
  "summary_bg_mean": 64.13805174737945,
  "summary_bg_median": 29.38311767578125,
  "summary_bg_n": 116351.0,
  "summary_bg_p05": 9.98051929473877,
  "summary_bg_p95": 255.64285278320312,
  "summary_bg_stdv": 92.41285736058884,
  "summary_fg_k": 2.645902006629215,
  "summary_fg_mad": 99.92163430870475,
  "summary_fg_mean": 758.7098895460526,
  "summary_fg_median": 762.337646484375,
  "summary_fg_n": 51585.0,
  "summary_fg_p05": 544.4155883789062,
  "summary_fg_p95": 933.4610595703125,
  "summary_fg_stdv": 119.18146319719835,
  "tsnr": 42.19029372208752
}