{
  "aor": 0.016241883116883116,
  "aqi": 0.02939160974025974,
  "bids_meta": {
    "AccelFactPE": 2,
    "AcquisitionNumber": 1,
    "AcquisitionTime": "10:00:11.847500",
    "BandwidthPerPixelPhaseEncode": 65.104,
    "ConversionSoftware": "dcm2niix",
    "ConversionSoftwareVersion": "v1.0.20170724 GCC4.4.7",
    "DeviceSerialNumber": "35193",
    "EchoTime": 0.025,
    "EffectiveEchoSpacing": 0.000240001,
    "FlipAngle": 90,
    "ImageType": [
      "ORIGINAL",
      "PRIMARY",
      "M",
      "ND",
      "NORM",
      "MOSAIC"
    ],
    "InstitutionAddress": "Xinjiekouwai_Street_No_19_Beijing_Haidian_District_CN_100875",
    "InstitutionName": "BNU_MRI_Center",
    "MagneticFieldStrength": 3,
    "Manufacturer": "Siemens",
    "ManufacturersModelName": "TrioTim",
    "PhaseEncodingDirection": "j-",
    "PhaseEncodingLines": 64,
    "ProcedureStepDescription": "BNU_cst_2019_Zhu.Bi",
    "ProtocolName": "Learning9_154",
    "RepetitionTime": 2,
    "ScanningSequence": "EP",
    "SequenceName": "_epfid2d1_64",
    "SequenceVariant": "SK",
    "SeriesDescription": "Learning9_154",
    "SliceTiming": [
      0,
      1.0175,
      0.05,
      1.0675,
      0.0975,
      1.115,
      0.145,
      1.165,
      0.195,
      1.2125,
      0.2425,
      1.26,
      0.2925,
      1.31,
      0.34,
      1.3575,
      0.3875,
      1.4075,
      0.4375,
      1.455,
      0.485,
      1.5025,
      0.535,
      1.5525,
      0.5825,
      1.6,
      0.63,
      1.65,
      0.68,
      1.6975,
      0.7275,
      1.745,
      0.7775,
      1.795,
      0.825,
      1.8425,
      0.8725,
      1.8925,
      0.9225,
      1.94,
      0.97
    ],
    "SoftwareVersions": "syngo_MR_B17",
    "TaskName": "encoding",
    "TotalReadoutTime": 0.01488,
    "TrueEchoSpacing": 0.000480001,
    "dataset": "ds003789",
    "modality": "bold",
    "run_id": 9,
    "subject_id": "5421",
    "task_id": "encoding"
  },
  "dummy_trs": 0,
  "dvars_nstd": 40.606085122941195,
  "dvars_std": 1.2247814306535956,
  "dvars_vstd": 1.1298201871241844,
  "efc": 0.6004806703589911,
  "fber": 822.1543579101562,
  "fd_mean": 0.260195229994991,
  "fd_num": 21,
  "fd_perc": 13.636363636363637,
  "fwhm_avg": 1.5846170414182659,
  "fwhm_x": 1.5215233333333333,
  "fwhm_y": 1.7121066666666669,
  "fwhm_z": 1.5202211242547974,
  "gcor": 0.0837068,
  "gsr_x": 0.025647500529885292,
  "gsr_y": 0.03948014974594116,
  "provenance": {
    "md5sum": "33ade9fbba9e9041b3b9fbb266c25e7f",
    "settings": {
      "fd_thres": 0.2,
      "testing": false
    },
    "software": "mriqc",
    "version": "23.1.0"
  },
  "size_t": 154,
  "size_x": 64,
  "size_y": 64,
  "size_z": 41,
  "snr": 6.316508519339548,
  "spacing_tr": 2.0,
  "spacing_x": 3.0,
  "spacing_y": 3.0,
  "spacing_z": 3.3000001907348633,
  "summary_bg_k": 18.356034596703694,
  "summary_bg_mad": 20.592768444833734,
  "summary_bg_mean": 60.87878743675745,
  "summary_bg_median": 26.688312530517578,
  "summary_bg_n": 116900.0,
  "summary_bg_p05": 9.077921867370605,
  "summary_bg_p95": 242.90909576416016,
  "summary_bg_stdv": 90.11114429646712,
  "summary_fg_k": 2.753393075143629,
  "summary_fg_mad": 100.87477451668325,
  "summary_fg_mean": 761.0767441072829,
  "summary_fg_median": 765.240234375,
  "summary_fg_n": 51036.0,
  "summary_fg_p05": 545.759765625,
  "summary_fg_p95": 939.3117065429688,
  "summary_fg_stdv": 121.14805749602526,
  "tsnr": 34.07121181138791
}