{
  "aor": 0.000522251655629139,
  "aqi": 0.012753703973509934,
  "bids_meta": {
    "AccelFactPE": 2,
    "AcquisitionNumber": 1,
    "AcquisitionTime": "11:41:54.300000",
    "BandwidthPerPixelPhaseEncode": 65.104,
    "ConversionSoftware": "dcm2niix",
    "ConversionSoftwareVersion": "v1.0.20170724 GCC4.4.7",
    "DeviceSerialNumber": "35193",
    "EchoTime": 0.025,
    "EffectiveEchoSpacing": 0.000240001,
    "FlipAngle": 90,
    "ImageType": [
      "ORIGINAL",
      "PRIMARY",
      "M",
      "ND",
      "NORM",
      "MOSAIC"
    ],
    "InstitutionAddress": "Xinjiekouwai_Street_No_19_Beijing_Haidian_District_CN_100875",
    "InstitutionName": "BNU_MRI_Center",
    "MagneticFieldStrength": 3,
    "Manufacturer": "Siemens",
    "ManufacturersModelName": "TrioTim",
    "PhaseEncodingDirection": "j-",
    "PhaseEncodingLines": 64,
    "ProcedureStepDescription": "BNU_cst_2019_Zhu.Bi",
    "ProtocolName": "Learning6_154",
    "RepetitionTime": 2,
    "ScanningSequence": "EP",
    "SequenceName": "_epfid2d1_64",
    "SequenceVariant": "SK",
    "SeriesDescription": "Learning6_154",
    "SliceTiming": [
      0,
      1.0175,
      0.0475,
      1.065,
      0.095,
      1.115,
      0.145,
      1.1625,
      0.1925,
      1.21,
      0.2425,
      1.26,
      0.29,
      1.3075,
      0.3375,
      1.3575,
      0.3875,
      1.405,
      0.435,
      1.4525,
      0.485,
      1.5025,
      0.5325,
      1.55,
      0.58,
      1.6,
      0.63,
      1.6475,
      0.6775,
      1.695,
      0.7275,
      1.745,
      0.775,
      1.7925,
      0.8225,
      1.8425,
      0.8725,
      1.89,
      0.92,
      1.9375,
      0.9675
    ],
    "SoftwareVersions": "syngo_MR_B17",
    "TaskName": "encoding",
    "TotalReadoutTime": 0.01488,
    "TrueEchoSpacing": 0.000480001,
    "dataset": "ds003789",
    "modality": "bold",
    "run_id": 6,
    "subject_id": "5436",
    "task_id": "encoding"
  },
  "dummy_trs": 3,
  "dvars_nstd": 34.35634257006667,
  "dvars_std": 1.2404401973333345,
  "dvars_vstd": 1.0028706572,
  "efc": 0.5591742432788536,
  "fber": 1105.620361328125,
  "fd_mean": 0.04683061207099601,
  "fd_num": 1,
  "fd_perc": 0.6622516556291391,
  "fwhm_avg": 1.6083905125449636,
  "fwhm_x": 1.5447333333333333,
  "fwhm_y": 1.7244533333333332,
  "fwhm_z": 1.5559848709682245,
  "gcor": 0.0065083,
  "gsr_x": 0.0036453348584473133,
  "gsr_y": 0.029902027919888496,
  "provenance": {
    "md5sum": "386675b3d28e4b5e623fc32906def77c",
    "settings": {
      "fd_thres": 0.2,
      "testing": false
    },
    "software": "mriqc",
    "version": "23.1.0"
  },
  "size_t": 151,
  "size_x": 64,
  "size_y": 64,
  "size_z": 41,
  "snr": 6.197505845718902,
  "spacing_tr": 2.0,
  "spacing_x": 3.0,
  "spacing_y": 3.0,
  "spacing_z": 3.299999952316284,
  "summary_bg_k": 20.758564214452118,
  "summary_bg_mad": 17.427939761015708,
  "summary_bg_mean": 56.51231129061615,
  "summary_bg_median": 24.682119369506836,
  "summary_bg_n": 123609.0,
  "summary_bg_p05": 8.774834632873535,
  "summary_bg_p95": 240.90066528320312,
  "summary_bg_stdv": 92.10397124350092,
  "summary_fg_k": 2.5709138607334188,
  "summary_fg_mad": 109.90892933141144,
  "summary_fg_mean": 817.0675157929999,
  "summary_fg_median": 820.7019653320312,
  "summary_fg_n": 44327.0,
  "summary_fg_p05": 578.4569702148438,
  "summary_fg_p95": 1010.74169921875,
  "summary_fg_stdv": 132.42306314032012,
  "tsnr": 54.48187074507587
}