{
  "aor": 0.0004280555555555556,
  "aqi": 0.015001814814814815,
  "bids_meta": {
    "AccelFactPE": 2,
    "AcquisitionNumber": 1,
    "AcquisitionTime": "10:40:26.660000",
    "BandwidthPerPixelPhaseEncode": 65.104,
    "ConversionSoftware": "dcm2niix",
    "ConversionSoftwareVersion": "v1.0.20170724 GCC4.4.7",
    "DeviceSerialNumber": "35193",
    "EchoTime": 0.025,
    "EffectiveEchoSpacing": 0.000240001,
    "FlipAngle": 90,
    "ImageType": [
      "ORIGINAL",
      "PRIMARY",
      "M",
      "ND",
      "NORM",
      "MOSAIC"
    ],
    "InstitutionAddress": "Xinjiekouwai_Street_No_19_Beijing_Haidian_District_CN_100875",
    "InstitutionName": "BNU_MRI_Center",
    "MagneticFieldStrength": 3,
    "Manufacturer": "Siemens",
    "ManufacturersModelName": "TrioTim",
    "PhaseEncodingDirection": "j-",
    "PhaseEncodingLines": 64,
    "ProcedureStepDescription": "BNU_cst_2019_Zhu.Bi",
    "ProtocolName": "Test3_216",
    "RepetitionTime": 2,
    "ScanningSequence": "EP",
    "SequenceName": "_epfid2d1_64",
    "SequenceVariant": "SK",
    "SeriesDescription": "Test3_216",
    "SliceTiming": [
      0,
      1.0175,
      0.0475,
      1.0675,
      0.0975,
      1.115,
      0.145,
      1.1625,
      0.195,
      1.2125,
      0.2425,
      1.26,
      0.29,
      1.31,
      0.34,
      1.3575,
      0.3875,
      1.405,
      0.4375,
      1.455,
      0.485,
      1.5025,
      0.5325,
      1.5525,
      0.5825,
      1.6,
      0.63,
      1.6475,
      0.68,
      1.6975,
      0.7275,
      1.745,
      0.775,
      1.7925,
      0.825,
      1.8425,
      0.8725,
      1.89,
      0.92,
      1.94,
      0.97
    ],
    "SoftwareVersions": "syngo_MR_B17",
    "TaskName": "retrieval",
    "TotalReadoutTime": 0.01488,
    "TrueEchoSpacing": 0.000480001,
    "dataset": "ds003789",
    "modality": "bold",
    "run_id": 3,
    "subject_id": "5436",
    "task_id": "retrieval"
  },
  "dummy_trs": 0,
  "dvars_nstd": 34.45114703502326,
  "dvars_std": 1.2301015593488378,
  "dvars_vstd": 0.9964448857674418,
  "efc": 0.5585702350678367,
  "fber": 1104.3927001953125,
  "fd_mean": 0.04426615704194786,
  "fd_num": 1,
  "fd_perc": 0.46296296296296297,
  "fwhm_avg": 1.5997743508169855,
  "fwhm_x": 1.5513366666666668,
  "fwhm_y": 1.7152166666666666,
  "fwhm_z": 1.5327697191176228,
  "gcor": 0.00789243,
  "gsr_x": 0.0008010548772290349,
  "gsr_y": 0.03251716494560242,
  "provenance": {
    "md5sum": "1351cee38815ca97aef42f0c2799103f",
    "settings": {
      "fd_thres": 0.2,
      "testing": false
    },
    "software": "mriqc",
    "version": "23.1.0"
  },
  "size_t": 216,
  "size_x": 64,
  "size_y": 64,
  "size_z": 41,
  "snr": 6.289542479208292,
  "spacing_tr": 2.0,
  "spacing_x": 3.0,
  "spacing_y": 3.0,
  "spacing_z": 3.299999952316284,
  "summary_bg_k": 24.628530116008506,
  "summary_bg_mad": 17.303888105968472,
  "summary_bg_mean": 56.45800163526578,
  "summary_bg_median": 24.86111068725586,
  "summary_bg_n": 123684.0,
  "summary_bg_p05": 9.26388931274414,
  "summary_bg_p95": 237.3981475830078,
  "summary_bg_stdv": 92.06793587180417,
  "summary_fg_k": 2.6857967111867227,
  "summary_fg_mad": 108.31230863174635,
  "summary_fg_mean": 822.7537718046792,
  "summary_fg_median": 826.1944580078125,
  "summary_fg_n": 44252.0,
  "summary_fg_p05": 585.620361328125,
  "summary_fg_p95": 1014.36572265625,
  "summary_fg_stdv": 131.35854087599677,
  "tsnr": 52.7799501568079
}