{
  "aor": 0.0003816203703703704,
  "aqi": 0.01569730509259259,
  "bids_meta": {
    "AccelFactPE": 2,
    "AcquisitionNumber": 1,
    "AcquisitionTime": "10:24:19.777500",
    "BandwidthPerPixelPhaseEncode": 65.104,
    "ConversionSoftware": "dcm2niix",
    "ConversionSoftwareVersion": "v1.0.20170724 GCC4.4.7",
    "DeviceSerialNumber": "35193",
    "EchoTime": 0.025,
    "EffectiveEchoSpacing": 0.000240001,
    "FlipAngle": 90,
    "ImageType": [
      "ORIGINAL",
      "PRIMARY",
      "M",
      "ND",
      "NORM",
      "MOSAIC"
    ],
    "InstitutionAddress": "Xinjiekouwai_Street_No_19_Beijing_Haidian_District_CN_100875",
    "InstitutionName": "BNU_MRI_Center",
    "MagneticFieldStrength": 3,
    "Manufacturer": "Siemens",
    "ManufacturersModelName": "TrioTim",
    "PhaseEncodingDirection": "j-",
    "PhaseEncodingLines": 64,
    "ProcedureStepDescription": "BNU_cst_2019_Zhu.Bi",
    "ProtocolName": "Test1_216",
    "RepetitionTime": 2,
    "ScanningSequence": "EP",
    "SequenceName": "_epfid2d1_64",
    "SequenceVariant": "SK",
    "SeriesDescription": "Test1_216",
    "SliceTiming": [
      0,
      1.0175,
      0.0475,
      1.0675,
      0.0975,
      1.115,
      0.145,
      1.1625,
      0.195,
      1.2125,
      0.2425,
      1.26,
      0.29,
      1.31,
      0.34,
      1.3575,
      0.3875,
      1.405,
      0.4375,
      1.455,
      0.485,
      1.5025,
      0.5325,
      1.5525,
      0.5825,
      1.6,
      0.63,
      1.6475,
      0.68,
      1.6975,
      0.7275,
      1.745,
      0.775,
      1.7925,
      0.825,
      1.8425,
      0.8725,
      1.89,
      0.92,
      1.94,
      0.97
    ],
    "SoftwareVersions": "syngo_MR_B17",
    "TaskName": "retrieval",
    "TotalReadoutTime": 0.01488,
    "TrueEchoSpacing": 0.000480001,
    "dataset": "ds003789",
    "modality": "bold",
    "run_id": 1,
    "subject_id": "5436",
    "task_id": "retrieval"
  },
  "dummy_trs": 0,
  "dvars_nstd": 31.156942465255828,
  "dvars_std": 1.1501852931627905,
  "dvars_vstd": 0.9887091272093026,
  "efc": 0.5561123108525182,
  "fber": 1142.3121337890625,
  "fd_mean": 0.04663405401397013,
  "fd_num": 0,
  "fd_perc": 0.0,
  "fwhm_avg": 1.6097405125334039,
  "fwhm_x": 1.55346,
  "fwhm_y": 1.7221766666666667,
  "fwhm_z": 1.5535848709335454,
  "gcor": 0.00318474,
  "gsr_x": 0.001740931300446391,
  "gsr_y": 0.03449397534132004,
  "provenance": {
    "md5sum": "ded0c6aaa00df1e58e70491bcd5f440c",
    "settings": {
      "fd_thres": 0.2,
      "testing": false
    },
    "software": "mriqc",
    "version": "23.1.0"
  },
  "size_t": 216,
  "size_x": 64,
  "size_y": 64,
  "size_z": 41,
  "snr": 6.340517763729528,
  "spacing_tr": 2.0,
  "spacing_x": 3.0,
  "spacing_y": 3.0,
  "spacing_z": 3.299999952316284,
  "summary_bg_k": 26.42162958626917,
  "summary_bg_mad": 16.782233759788614,
  "summary_bg_mean": 55.33231360097959,
  "summary_bg_median": 24.51388931274414,
  "summary_bg_n": 123807.0,
  "summary_bg_p05": 9.083333015441895,
  "summary_bg_p95": 233.8148193359375,
  "summary_bg_stdv": 91.42076322591525,
  "summary_fg_k": 2.398561184607101,
  "summary_fg_mad": 107.91423934712684,
  "summary_fg_mean": 824.5616943910717,
  "summary_fg_median": 828.5231323242188,
  "summary_fg_n": 44129.0,
  "summary_fg_p05": 586.1574096679688,
  "summary_fg_p95": 1016.0277709960938,
  "summary_fg_stdv": 130.66973008062146,
  "tsnr": 51.8006165495608
}