{
  "aor": 0.0005005194805194804,
  "aqi": 0.01339684051948052,
  "bids_meta": {
    "AccelFactPE": 2,
    "AcquisitionNumber": 1,
    "AcquisitionTime": "11:22:30.825000",
    "BandwidthPerPixelPhaseEncode": 65.104,
    "ConversionSoftware": "dcm2niix",
    "ConversionSoftwareVersion": "v1.0.20170724 GCC4.4.7",
    "DeviceSerialNumber": "35193",
    "EchoTime": 0.025,
    "EffectiveEchoSpacing": 0.000240001,
    "FlipAngle": 90,
    "ImageType": [
      "ORIGINAL",
      "PRIMARY",
      "M",
      "ND",
      "NORM",
      "MOSAIC"
    ],
    "InstitutionAddress": "Xinjiekouwai_Street_No_19_Beijing_Haidian_District_CN_100875",
    "InstitutionName": "BNU_MRI_Center",
    "MagneticFieldStrength": 3,
    "Manufacturer": "Siemens",
    "ManufacturersModelName": "TrioTim",
    "PhaseEncodingDirection": "j-",
    "PhaseEncodingLines": 64,
    "ProcedureStepDescription": "BNU_cst_2019_Zhu.Bi",
    "ProtocolName": "Learning3_154",
    "RepetitionTime": 2,
    "ScanningSequence": "EP",
    "SequenceName": "_epfid2d1_64",
    "SequenceVariant": "SK",
    "SeriesDescription": "Learning3_154",
    "SliceTiming": [
      0,
      1.0175,
      0.0475,
      1.065,
      0.0975,
      1.115,
      0.145,
      1.1625,
      0.1925,
      1.2125,
      0.2425,
      1.26,
      0.29,
      1.3075,
      0.34,
      1.3575,
      0.3875,
      1.405,
      0.435,
      1.4525,
      0.485,
      1.5025,
      0.5325,
      1.55,
      0.58,
      1.6,
      0.63,
      1.6475,
      0.6775,
      1.695,
      0.7275,
      1.745,
      0.775,
      1.7925,
      0.8225,
      1.8425,
      0.8725,
      1.89,
      0.92,
      1.9375,
      0.97
    ],
    "SoftwareVersions": "syngo_MR_B17",
    "TaskName": "encoding",
    "TotalReadoutTime": 0.01488,
    "TrueEchoSpacing": 0.000480001,
    "dataset": "ds003789",
    "modality": "bold",
    "run_id": 3,
    "subject_id": "5436",
    "task_id": "encoding"
  },
  "dummy_trs": 0,
  "dvars_nstd": 34.14799578013072,
  "dvars_std": 1.2488052696732024,
  "dvars_vstd": 1.0103505904575163,
  "efc": 0.5577620683182051,
  "fber": 1143.24658203125,
  "fd_mean": 0.04332740611339017,
  "fd_num": 1,
  "fd_perc": 0.6493506493506493,
  "fwhm_avg": 1.621885462064886,
  "fwhm_x": 1.56283,
  "fwhm_y": 1.7416566666666666,
  "fwhm_z": 1.5611697195279919,
  "gcor": 0.00522711,
  "gsr_x": 0.002802951028570533,
  "gsr_y": 0.03125675022602081,
  "provenance": {
    "md5sum": "434160a32d26c0766d1335afaf939b89",
    "settings": {
      "fd_thres": 0.2,
      "testing": false
    },
    "software": "mriqc",
    "version": "23.1.0"
  },
  "size_t": 154,
  "size_x": 64,
  "size_y": 64,
  "size_z": 41,
  "snr": 6.2080554921362525,
  "spacing_tr": 2.0,
  "spacing_x": 3.0,
  "spacing_y": 3.0,
  "spacing_z": 3.299999952316284,
  "summary_bg_k": 22.063604665451813,
  "summary_bg_mad": 17.088435028598894,
  "summary_bg_mean": 56.05171490443764,
  "summary_bg_median": 24.272727966308594,
  "summary_bg_n": 123693.0,
  "summary_bg_p05": 8.558441162109375,
  "summary_bg_p95": 239.467529296875,
  "summary_bg_stdv": 92.62424580914121,
  "summary_fg_k": 2.4829285638115053,
  "summary_fg_mad": 109.55845823813311,
  "summary_fg_mean": 817.8500504829653,
  "summary_fg_median": 820.707763671875,
  "summary_fg_n": 44243.0,
  "summary_fg_p05": 583.2792358398438,
  "summary_fg_p95": 1013.4739990234375,
  "summary_fg_stdv": 132.1989614393363,
  "tsnr": 53.3170454967767
}