{
  "bids_meta": {
    "AcquisitionNumber": 1,
    "AcquisitionTime": "15:36:25.900000",
    "ConversionSoftware": "dcm2niix",
    "ConversionSoftwareVersion": "v1.0.20170724 GCC4.4.7",
    "DeviceSerialNumber": "35193",
    "EchoTime": 0.00309,
    "FlipAngle": 10,
    "ImageType": [
      "ORIGINAL",
      "PRIMARY",
      "M",
      "ND",
      "NORM"
    ],
    "InstitutionAddress": "Xinjiekouwai_Street_No_19_Beijing_Haidian_District_CN_100875",
    "InstitutionName": "BNU_MRI_Center",
    "InversionTime": 0.8,
    "MagneticFieldStrength": 3,
    "Manufacturer": "Siemens",
    "ManufacturersModelName": "TrioTim",
    "PhaseEncodingDirection": "i-",
    "PhaseEncodingLines": 256,
    "ProcedureStepDescription": "BNU_cst_2019_Zhu.Bi",
    "ProtocolName": "UCI_MPRAGE_Sag_1x1x1",
    "RepetitionTime": 2.53,
    "ScanningSequence": "GR_IR",
    "SequenceName": "_tfl3d1_ns",
    "SequenceVariant": "SP_MP",
    "SeriesDescription": "UCI_MPRAGE_Sag_1x1x1",
    "SoftwareVersions": "syngo_MR_B17",
    "dataset": "ds003789",
    "modality": "T1w",
    "subject_id": "5410"
  },
  "cjv": 0.5235912903726431,
  "cnr": 1.8919303656612367,
  "efc": 0.5173440258685821,
  "fber": 12484.434516781921,
  "fwhm_avg": 3.9192099999999996,
  "fwhm_x": 3.99925,
  "fwhm_y": 4.01814,
  "fwhm_z": 3.74024,
  "icvs_csf": 0.2735082951093267,
  "icvs_gm": 0.3839855837833308,
  "icvs_wm": 0.34250612110734235,
  "inu_med": 0.5709559917449951,
  "inu_range": 0.21912580728530884,
  "provenance": {
    "md5sum": "6d2463231abd81cac241c33eaeeb6ec2",
    "settings": {
      "testing": false
    },
    "software": "mriqc",
    "version": "23.1.0",
    "warnings": {
      "large_rot_frame": true,
      "small_air_mask": false
    }
  },
  "qi_1": 0.0,
  "qi_2": 0.003624376118797657,
  "rpve_csf": 9.674364067898884,
  "rpve_gm": 9.596048371228587,
  "rpve_wm": 9.698278105715179,
  "size_x": 208,
  "size_y": 256,
  "size_z": 256,
  "snr_csf": 2.0945838181815564,
  "snr_gm": 5.595179718571704,
  "snr_total": 5.913228951345321,
  "snr_wm": 10.049923317282703,
  "snrd_csf": 31.972324174763607,
  "snrd_gm": 53.40980482770019,
  "snrd_total": 53.976498477433886,
  "snrd_wm": 76.54736642983787,
  "spacing_x": 1.0,
  "spacing_y": 1.0,
  "spacing_z": 1.0,
  "summary_bg_k": 8.07298535559393,
  "summary_bg_mad": 0.0,
  "summary_bg_mean": 4.458830319123558,
  "summary_bg_median": 0.0,
  "summary_bg_n": 5281124.0,
  "summary_bg_p05": 0.0,
  "summary_bg_p95": 21.919489659368992,
  "summary_bg_stdv": 8.222885687052967,
  "summary_csf_k": -0.09415337453302985,
  "summary_csf_mad": 137.98438816607768,
  "summary_csf_mean": 408.7696022631816,
  "summary_csf_median": 401.2977554574609,
  "summary_csf_n": 381027.41473650653,
  "summary_csf_p05": 98.97666464745998,
  "summary_csf_p95": 710.9791461825371,
  "summary_csf_stdv": 191.58804979498237,
  "summary_gm_k": -0.4797556172761772,
  "summary_gm_mad": 83.08737351935861,
  "summary_gm_mean": 674.6122586819396,
  "summary_gm_median": 670.3683685809374,
  "summary_gm_n": 534934.540930717,
  "summary_gm_p05": 476.54713748395443,
  "summary_gm_p95": 890.9191098958254,
  "summary_gm_stdv": 119.8116549797996,
  "summary_wm_k": 0.5849281403598972,
  "summary_wm_mad": 68.96826338790078,
  "summary_wm_mean": 936.6890473528332,
  "summary_wm_median": 960.777395054698,
  "summary_wm_n": 477149.0451680609,
  "summary_wm_p05": 743.0674712508917,
  "summary_wm_p95": 1053.4913483709097,
  "summary_wm_stdv": 95.6003700657432,
  "tpm_overlap_csf": 0.20932338115337365,
  "tpm_overlap_gm": 0.534373561419281,
  "tpm_overlap_wm": 0.55429809207513,
  "wm2max": 0.5489725901058767
}