{
  "aor": 0.0005900649350649352,
  "aqi": 0.011086598181818182,
  "bids_meta": {
    "AccelFactPE": 2,
    "AcquisitionNumber": 1,
    "AcquisitionTime": "10:35:37.982500",
    "BandwidthPerPixelPhaseEncode": 65.104,
    "ConversionSoftware": "dcm2niix",
    "ConversionSoftwareVersion": "v1.0.20170724 GCC4.4.7",
    "DeviceSerialNumber": "35193",
    "EchoTime": 0.025,
    "EffectiveEchoSpacing": 0.000240001,
    "FlipAngle": 90,
    "ImageType": [
      "ORIGINAL",
      "PRIMARY",
      "M",
      "ND",
      "NORM",
      "MOSAIC"
    ],
    "InstitutionAddress": "Xinjiekouwai_Street_No_19_Beijing_Haidian_District_CN_100875",
    "InstitutionName": "Beijing_Normal_Universtiy_7C3C54",
    "MagneticFieldStrength": 3,
    "Manufacturer": "Siemens",
    "ManufacturersModelName": "TrioTim",
    "PhaseEncodingDirection": "j-",
    "PhaseEncodingLines": 64,
    "ProcedureStepDescription": "BNU_cst_2019_Zhu.Bi",
    "ProtocolName": "Learning4_154",
    "RepetitionTime": 2,
    "ScanningSequence": "EP",
    "SequenceName": "_epfid2d1_64",
    "SequenceVariant": "SK",
    "SeriesDescription": "Learning4_154",
    "SliceTiming": [
      0,
      1.0175,
      0.05,
      1.0675,
      0.0975,
      1.115,
      0.145,
      1.165,
      0.195,
      1.2125,
      0.2425,
      1.26,
      0.2925,
      1.31,
      0.34,
      1.3575,
      0.3875,
      1.405,
      0.4375,
      1.455,
      0.485,
      1.5025,
      0.5325,
      1.5525,
      0.5825,
      1.6,
      0.63,
      1.6475,
      0.68,
      1.6975,
      0.7275,
      1.745,
      0.775,
      1.795,
      0.825,
      1.8425,
      0.8725,
      1.89,
      0.9225,
      1.94,
      0.97
    ],
    "SoftwareVersions": "syngo_MR_B17",
    "TaskName": "encoding",
    "TotalReadoutTime": 0.01488,
    "TrueEchoSpacing": 0.000480001,
    "dataset": "ds003789",
    "modality": "bold",
    "run_id": 4,
    "subject_id": "5439",
    "task_id": "encoding"
  },
  "dummy_trs": 0,
  "dvars_nstd": 29.143090491503262,
  "dvars_std": 1.1236001807843132,
  "dvars_vstd": 1.0209288158169931,
  "efc": 0.578392182183701,
  "fber": 888.36865234375,
  "fd_mean": 0.04706291677353569,
  "fd_num": 0,
  "fd_perc": 0.0,
  "fwhm_avg": 1.5594528354264678,
  "fwhm_x": 1.4853333333333334,
  "fwhm_y": 1.7098766666666665,
  "fwhm_z": 1.4831485062794034,
  "gcor": 0.00591481,
  "gsr_x": 0.011202746070921421,
  "gsr_y": 0.01779300719499588,
  "provenance": {
    "md5sum": "ad2b97804655c73812984e53fabbffd4",
    "settings": {
      "fd_thres": 0.2,
      "testing": false
    },
    "software": "mriqc",
    "version": "23.1.0"
  },
  "size_t": 154,
  "size_x": 64,
  "size_y": 64,
  "size_z": 41,
  "snr": 6.318020145348886,
  "spacing_tr": 2.0,
  "spacing_x": 3.0,
  "spacing_y": 3.0,
  "spacing_z": 3.299999952316284,
  "summary_bg_k": 13.918223511040871,
  "summary_bg_mad": 21.786550708875453,
  "summary_bg_mean": 63.036583006749055,
  "summary_bg_median": 29.68181800842285,
  "summary_bg_n": 120336.0,
  "summary_bg_p05": 10.253246307373047,
  "summary_bg_p95": 261.7792053222656,
  "summary_bg_stdv": 92.76947329281442,
  "summary_fg_k": 2.544729953559651,
  "summary_fg_mad": 116.60570528237012,
  "summary_fg_mean": 878.3315163121104,
  "summary_fg_median": 884.6818237304688,
  "summary_fg_n": 47600.0,
  "summary_fg_p05": 617.7695007324219,
  "summary_fg_p95": 1081.3701171875,
  "summary_fg_stdv": 140.023695786508,
  "tsnr": 56.15806681290269
}