{
  "aor": 0.0005376388888888889,
  "aqi": 0.011143005416666666,
  "bids_meta": {
    "AccelFactPE": 2,
    "AcquisitionNumber": 1,
    "AcquisitionTime": "09:59:2.612500",
    "BandwidthPerPixelPhaseEncode": 65.104,
    "ConversionSoftware": "dcm2niix",
    "ConversionSoftwareVersion": "v1.0.20170724 GCC4.4.7",
    "DeviceSerialNumber": "35193",
    "EchoTime": 0.025,
    "EffectiveEchoSpacing": 0.000240001,
    "FlipAngle": 90,
    "ImageType": [
      "ORIGINAL",
      "PRIMARY",
      "M",
      "ND",
      "NORM",
      "MOSAIC"
    ],
    "InstitutionAddress": "Xinjiekouwai_Street_No_19_Beijing_Haidian_District_CN_100875",
    "InstitutionName": "BNU_MRI_Center",
    "MagneticFieldStrength": 3,
    "Manufacturer": "Siemens",
    "ManufacturersModelName": "TrioTim",
    "PhaseEncodingDirection": "j-",
    "PhaseEncodingLines": 64,
    "ProcedureStepDescription": "BNU_cst_2019_Zhu.Bi",
    "ProtocolName": "Test2_216",
    "RepetitionTime": 2,
    "ScanningSequence": "EP",
    "SequenceName": "_epfid2d1_64",
    "SequenceVariant": "SK",
    "SeriesDescription": "Test2_216",
    "SliceTiming": [
      0,
      1.02,
      0.05,
      1.0675,
      0.0975,
      1.115,
      0.1475,
      1.165,
      0.195,
      1.2125,
      0.2425,
      1.26,
      0.2925,
      1.31,
      0.34,
      1.3575,
      0.3875,
      1.4075,
      0.4375,
      1.455,
      0.485,
      1.5025,
      0.535,
      1.5525,
      0.5825,
      1.6,
      0.63,
      1.65,
      0.68,
      1.6975,
      0.7275,
      1.745,
      0.7775,
      1.795,
      0.825,
      1.8425,
      0.8725,
      1.8925,
      0.9225,
      1.94,
      0.97
    ],
    "SoftwareVersions": "syngo_MR_B17",
    "TaskName": "retrieval",
    "TotalReadoutTime": 0.01488,
    "TrueEchoSpacing": 0.000480001,
    "dataset": "ds003789",
    "modality": "bold",
    "run_id": 2,
    "subject_id": "5439",
    "task_id": "retrieval"
  },
  "dummy_trs": 0,
  "dvars_nstd": 28.186160766046513,
  "dvars_std": 1.085965455860465,
  "dvars_vstd": 1.0049142097674426,
  "efc": 0.5761153911079054,
  "fber": 940.5675048828125,
  "fd_mean": 0.02811537816478358,
  "fd_num": 0,
  "fd_perc": 0.0,
  "fwhm_avg": 1.5508283909650047,
  "fwhm_x": 1.48015,
  "fwhm_y": 1.6927199999999998,
  "fwhm_z": 1.4796151728950149,
  "gcor": 0.0235758,
  "gsr_x": 0.011032640002667904,
  "gsr_y": 0.01773115247488022,
  "provenance": {
    "md5sum": "f685e54eae409598c9360a0f392a8e9e",
    "settings": {
      "fd_thres": 0.2,
      "testing": false
    },
    "software": "mriqc",
    "version": "23.1.0"
  },
  "size_t": 216,
  "size_x": 64,
  "size_y": 64,
  "size_z": 41,
  "snr": 6.253955050651815,
  "spacing_tr": 2.0,
  "spacing_x": 3.0,
  "spacing_y": 3.0,
  "spacing_z": 3.299999952316284,
  "summary_bg_k": 14.145575676677726,
  "summary_bg_mad": 20.468148394084295,
  "summary_bg_mean": 60.08307939830242,
  "summary_bg_median": 28.078704833984375,
  "summary_bg_n": 120392.0,
  "summary_bg_p05": 9.810185432434082,
  "summary_bg_p95": 249.1527862548828,
  "summary_bg_stdv": 89.1223294519033,
  "summary_fg_k": 2.602517171934438,
  "summary_fg_mad": 114.85018263594625,
  "summary_fg_mean": 855.517728662884,
  "summary_fg_median": 861.1365966796875,
  "summary_fg_n": 47544.0,
  "summary_fg_p05": 602.0879516601562,
  "summary_fg_p95": 1054.0833740234375,
  "summary_fg_stdv": 137.69327304894352,
  "tsnr": 54.747448755893856
}