{
  "aor": 0.0005311688311688313,
  "aqi": 0.011296537012987013,
  "bids_meta": {
    "AccelFactPE": 2,
    "AcquisitionNumber": 1,
    "AcquisitionTime": "10:47:17.415000",
    "BandwidthPerPixelPhaseEncode": 65.104,
    "ConversionSoftware": "dcm2niix",
    "ConversionSoftwareVersion": "v1.0.20170724 GCC4.4.7",
    "DeviceSerialNumber": "35193",
    "EchoTime": 0.025,
    "EffectiveEchoSpacing": 0.000240001,
    "FlipAngle": 90,
    "ImageType": [
      "ORIGINAL",
      "PRIMARY",
      "M",
      "ND",
      "NORM",
      "MOSAIC"
    ],
    "InstitutionAddress": "Xinjiekouwai_Street_No_19_Beijing_Haidian_District_CN_100875",
    "InstitutionName": "Beijing_Normal_Universtiy_7C3C54",
    "MagneticFieldStrength": 3,
    "Manufacturer": "Siemens",
    "ManufacturersModelName": "TrioTim",
    "PhaseEncodingDirection": "j-",
    "PhaseEncodingLines": 64,
    "ProcedureStepDescription": "BNU_cst_2019_Zhu.Bi",
    "ProtocolName": "Learning6_154",
    "RepetitionTime": 2,
    "ScanningSequence": "EP",
    "SequenceName": "_epfid2d1_64",
    "SequenceVariant": "SK",
    "SeriesDescription": "Learning6_154",
    "SliceTiming": [
      0,
      1.0175,
      0.0475,
      1.0675,
      0.0975,
      1.115,
      0.145,
      1.1625,
      0.195,
      1.2125,
      0.2425,
      1.26,
      0.29,
      1.3075,
      0.34,
      1.3575,
      0.3875,
      1.405,
      0.435,
      1.455,
      0.485,
      1.5025,
      0.5325,
      1.55,
      0.5825,
      1.6,
      0.63,
      1.6475,
      0.6775,
      1.6975,
      0.7275,
      1.745,
      0.775,
      1.7925,
      0.825,
      1.8425,
      0.8725,
      1.89,
      0.92,
      1.94,
      0.97
    ],
    "SoftwareVersions": "syngo_MR_B17",
    "TaskName": "encoding",
    "TotalReadoutTime": 0.01488,
    "TrueEchoSpacing": 0.000480001,
    "dataset": "ds003789",
    "modality": "bold",
    "run_id": 6,
    "subject_id": "5439",
    "task_id": "encoding"
  },
  "dummy_trs": 0,
  "dvars_nstd": 29.59574481228759,
  "dvars_std": 1.128055459477124,
  "dvars_vstd": 1.0196359387581708,
  "efc": 0.5787857927157041,
  "fber": 887.594482421875,
  "fd_mean": 0.04835750935279057,
  "fd_num": 0,
  "fd_perc": 0.0,
  "fwhm_avg": 1.564529704111702,
  "fwhm_x": 1.49777,
  "fwhm_y": 1.71301,
  "fwhm_z": 1.4828091123351057,
  "gcor": 0.0106846,
  "gsr_x": 0.011277385987341404,
  "gsr_y": 0.017847098410129547,
  "provenance": {
    "md5sum": "e6ffd645794a4e403b2c6ffec34277be",
    "settings": {
      "fd_thres": 0.2,
      "testing": false
    },
    "software": "mriqc",
    "version": "23.1.0"
  },
  "size_t": 154,
  "size_x": 64,
  "size_y": 64,
  "size_z": 41,
  "snr": 6.335088571089998,
  "spacing_tr": 2.0,
  "spacing_x": 3.0,
  "spacing_y": 3.0,
  "spacing_z": 3.299999952316284,
  "summary_bg_k": 13.811741007246372,
  "summary_bg_mad": 21.796176673901915,
  "summary_bg_mean": 63.33667479886394,
  "summary_bg_median": 29.701297760009766,
  "summary_bg_n": 120343.0,
  "summary_bg_p05": 10.435065269470215,
  "summary_bg_p95": 263.28570556640625,
  "summary_bg_stdv": 93.1865468579006,
  "summary_fg_k": 2.5887580068479323,
  "summary_fg_mad": 115.98955302981857,
  "summary_fg_mean": 878.185289152937,
  "summary_fg_median": 884.8766479492188,
  "summary_fg_n": 47593.0,
  "summary_fg_p05": 618.6753540039062,
  "summary_fg_p95": 1080.2208251953125,
  "summary_fg_stdv": 139.6771870954701,
  "tsnr": 55.444651956204325
}