{
  "aor": 0.0010483333333333334,
  "aqi": 0.013210212037037037,
  "bids_meta": {
    "AccelFactPE": 2,
    "AcquisitionNumber": 1,
    "AcquisitionTime": "09:51:4.342500",
    "BandwidthPerPixelPhaseEncode": 65.104,
    "ConversionSoftware": "dcm2niix",
    "ConversionSoftwareVersion": "v1.0.20170724 GCC4.4.7",
    "DeviceSerialNumber": "35193",
    "EchoTime": 0.025,
    "EffectiveEchoSpacing": 0.000240001,
    "FlipAngle": 90,
    "ImageType": [
      "ORIGINAL",
      "PRIMARY",
      "M",
      "ND",
      "NORM",
      "MOSAIC"
    ],
    "InstitutionAddress": "Xinjiekouwai_Street_No_19_Beijing_Haidian_District_CN_100875",
    "InstitutionName": "BNU_MRI_Center",
    "MagneticFieldStrength": 3,
    "Manufacturer": "Siemens",
    "ManufacturersModelName": "TrioTim",
    "PhaseEncodingDirection": "j-",
    "PhaseEncodingLines": 64,
    "ProcedureStepDescription": "BNU_cst_2019_Zhu.Bi",
    "ProtocolName": "Test1_216",
    "RepetitionTime": 2,
    "ScanningSequence": "EP",
    "SequenceName": "_epfid2d1_64",
    "SequenceVariant": "SK",
    "SeriesDescription": "Test1_216",
    "SliceTiming": [
      0,
      1.02,
      0.05,
      1.0675,
      0.0975,
      1.115,
      0.1475,
      1.165,
      0.195,
      1.2125,
      0.2425,
      1.2625,
      0.2925,
      1.31,
      0.34,
      1.3575,
      0.39,
      1.4075,
      0.4375,
      1.455,
      0.485,
      1.5025,
      0.535,
      1.5525,
      0.5825,
      1.6,
      0.63,
      1.65,
      0.68,
      1.6975,
      0.7275,
      1.745,
      0.7775,
      1.795,
      0.825,
      1.8425,
      0.8725,
      1.8925,
      0.9225,
      1.94,
      0.97
    ],
    "SoftwareVersions": "syngo_MR_B17",
    "TaskName": "retrieval",
    "TotalReadoutTime": 0.01488,
    "TrueEchoSpacing": 0.000480001,
    "dataset": "ds003789",
    "modality": "bold",
    "run_id": 1,
    "subject_id": "5439",
    "task_id": "retrieval"
  },
  "dummy_trs": 0,
  "dvars_nstd": 28.95120375013954,
  "dvars_std": 1.099930305488372,
  "dvars_vstd": 1.010137017906977,
  "efc": 0.5753956616975816,
  "fber": 947.3677368164062,
  "fd_mean": 0.0320424580113825,
  "fd_num": 0,
  "fd_perc": 0.0,
  "fwhm_avg": 1.5567458657022482,
  "fwhm_x": 1.48905,
  "fwhm_y": 1.7036966666666666,
  "fwhm_z": 1.477490930440078,
  "gcor": 0.0124463,
  "gsr_x": 0.01063158456236124,
  "gsr_y": 0.018648935481905937,
  "provenance": {
    "md5sum": "10439ad659d354e429e005ce2128b55b",
    "settings": {
      "fd_thres": 0.2,
      "testing": false
    },
    "software": "mriqc",
    "version": "23.1.0"
  },
  "size_t": 216,
  "size_x": 64,
  "size_y": 64,
  "size_z": 41,
  "snr": 6.244510727980762,
  "spacing_tr": 2.0,
  "spacing_x": 3.0,
  "spacing_y": 3.0,
  "spacing_z": 3.299999952316284,
  "summary_bg_k": 14.034310253042296,
  "summary_bg_mad": 20.752999476070315,
  "summary_bg_mean": 59.455658045085706,
  "summary_bg_median": 27.988426208496094,
  "summary_bg_n": 120360.0,
  "summary_bg_p05": 9.310185432434082,
  "summary_bg_p95": 247.40740966796875,
  "summary_bg_stdv": 88.0610434886296,
  "summary_fg_k": 2.617106945687029,
  "summary_fg_mad": 114.78846787074723,
  "summary_fg_mean": 855.6157825888356,
  "summary_fg_median": 861.4652709960938,
  "summary_fg_n": 47576.0,
  "summary_fg_p05": 599.9629516601562,
  "summary_fg_p95": 1054.0972900390625,
  "summary_fg_stdv": 137.95415764419843,
  "tsnr": 52.07468912890181
}