{
  "bids_meta": {
    "AcquisitionNumber": 1,
    "AcquisitionTime": "11:29:5.575000",
    "ConversionSoftware": "dcm2niix",
    "ConversionSoftwareVersion": "v1.0.20170724 GCC4.4.7",
    "DeviceSerialNumber": "35193",
    "EchoTime": 0.00309,
    "FlipAngle": 10,
    "ImageType": [
      "ORIGINAL",
      "PRIMARY",
      "M",
      "ND",
      "NORM"
    ],
    "InstitutionAddress": "Xinjiekouwai_Street_No_19_Beijing_Haidian_District_CN_100875",
    "InstitutionName": "BNU_MRI_Center",
    "InversionTime": 0.8,
    "MagneticFieldStrength": 3,
    "Manufacturer": "Siemens",
    "ManufacturersModelName": "TrioTim",
    "PhaseEncodingDirection": "i-",
    "PhaseEncodingLines": 256,
    "ProcedureStepDescription": "BNU_cst_2019_Zhu.Bi",
    "ProtocolName": "UCI_MPRAGE_Sag_1x1x1",
    "RepetitionTime": 2.53,
    "ScanningSequence": "GR_IR",
    "SequenceName": "_tfl3d1_ns",
    "SequenceVariant": "SP_MP",
    "SeriesDescription": "UCI_MPRAGE_Sag_1x1x1",
    "SoftwareVersions": "syngo_MR_B17",
    "dataset": "ds003789",
    "modality": "T1w",
    "subject_id": "5437"
  },
  "cjv": 0.5702696463934084,
  "cnr": 1.8394857068334751,
  "efc": 0.5548445647235258,
  "fber": 7709.7405391190005,
  "fwhm_avg": 4.28802,
  "fwhm_x": 4.2527,
  "fwhm_y": 4.50516,
  "fwhm_z": 4.1062,
  "icvs_csf": 0.2781215933213825,
  "icvs_gm": 0.3794205711287866,
  "icvs_wm": 0.3424578355498308,
  "inu_med": 0.589073896408081,
  "inu_range": 0.2659595757722854,
  "provenance": {
    "md5sum": "a0e3fbf088537a74db8aeb1c7c615f58",
    "settings": {
      "testing": false
    },
    "software": "mriqc",
    "version": "23.1.0",
    "warnings": {
      "large_rot_frame": true,
      "small_air_mask": false
    }
  },
  "qi_1": 0.0,
  "qi_2": 0.002504369215527814,
  "rpve_csf": 8.159269058483027,
  "rpve_gm": 8.078637043167141,
  "rpve_wm": 8.175916182035252,
  "size_x": 208,
  "size_y": 256,
  "size_z": 256,
  "snr_csf": 1.957267309874657,
  "snr_gm": 5.275733128331722,
  "snr_total": 5.951909157362805,
  "snr_wm": 10.622727033882034,
  "snrd_csf": 26.300163799628635,
  "snrd_gm": 46.87756545588711,
  "snrd_total": 46.71023322947278,
  "snrd_wm": 66.95297043290259,
  "spacing_x": 1.0,
  "spacing_y": 1.0,
  "spacing_z": 1.0,
  "summary_bg_k": 6.55035432441368,
  "summary_bg_mad": 0.0,
  "summary_bg_mean": 5.633182246715022,
  "summary_bg_median": 0.0,
  "summary_bg_n": 4638925.0,
  "summary_bg_p05": 0.0,
  "summary_bg_p95": 25.37408421188593,
  "summary_bg_stdv": 9.348575918952218,
  "summary_csf_k": -0.6887539277506871,
  "summary_csf_mad": 148.8738398509586,
  "summary_csf_mean": 384.7396366599086,
  "summary_csf_median": 375.29448518157005,
  "summary_csf_n": 458794.6650376881,
  "summary_csf_p05": 82.77618438005447,
  "summary_csf_p95": 698.4718111976981,
  "summary_csf_stdv": 191.7439045180249,
  "summary_gm_k": -0.6274736316669971,
  "summary_gm_mad": 92.84554311567393,
  "summary_gm_mean": 673.8722404489531,
  "summary_gm_median": 668.9270807728171,
  "summary_gm_n": 625899.3836493912,
  "summary_gm_p05": 470.20056427270174,
  "summary_gm_p95": 906.3992189615965,
  "summary_gm_stdv": 126.79309777965113,
  "summary_wm_k": -0.4973786335297965,
  "summary_wm_mad": 70.5191872978225,
  "summary_wm_mean": 934.7953834819826,
  "summary_wm_median": 955.3963527157903,
  "summary_wm_n": 564924.9526952741,
  "summary_wm_p05": 756.4469772577286,
  "summary_wm_p95": 1049.4109959751368,
  "summary_wm_stdv": 89.93881741216639,
  "tpm_overlap_csf": 0.19671597106672417,
  "tpm_overlap_gm": 0.5363905563575908,
  "tpm_overlap_wm": 0.5496461159304857,
  "wm2max": 0.5698549467644937
}