{
  "bids_meta": {
    "AcquisitionNumber": 1,
    "AcquisitionTime": "10:55:35.960000",
    "ConversionSoftware": "dcm2niix",
    "ConversionSoftwareVersion": "v1.0.20170724 GCC4.4.7",
    "DeviceSerialNumber": "35193",
    "EchoTime": 0.00309,
    "FlipAngle": 10,
    "ImageType": [
      "ORIGINAL",
      "PRIMARY",
      "M",
      "ND",
      "NORM"
    ],
    "InstitutionAddress": "Xinjiekouwai_Street_No_19_Beijing_Haidian_District_CN_100875",
    "InstitutionName": "Beijing_Normal_Universtiy_7C3C54",
    "InversionTime": 0.8,
    "MagneticFieldStrength": 3,
    "Manufacturer": "Siemens",
    "ManufacturersModelName": "TrioTim",
    "PhaseEncodingDirection": "i-",
    "PhaseEncodingLines": 256,
    "ProcedureStepDescription": "BNU_cst_2019_Zhu.Bi",
    "ProtocolName": "UCI_MPRAGE_Sag_1x1x1",
    "RepetitionTime": 2.53,
    "ScanningSequence": "GR_IR",
    "SequenceName": "_tfl3d1_ns",
    "SequenceVariant": "SP_MP",
    "SeriesDescription": "UCI_MPRAGE_Sag_1x1x1",
    "SoftwareVersions": "syngo_MR_B17",
    "dataset": "ds003789",
    "modality": "T1w",
    "subject_id": "5432"
  },
  "cjv": 0.6192025226478728,
  "cnr": 1.513632642910455,
  "efc": 0.5800304345971752,
  "fber": 8536.990017361111,
  "fwhm_avg": 4.046277724559787,
  "fwhm_x": 4.1514531736793625,
  "fwhm_y": 4.18672,
  "fwhm_z": 3.80066,
  "icvs_csf": 0.2727596790356579,
  "icvs_gm": 0.37763398248668556,
  "icvs_wm": 0.3496063384776566,
  "inu_med": 0.673383355140686,
  "inu_range": 0.3141012161970139,
  "provenance": {
    "md5sum": "2e4f190d2fa11179e761d0f060abcdfd",
    "settings": {
      "testing": false
    },
    "software": "mriqc",
    "version": "23.1.0",
    "warnings": {
      "large_rot_frame": true,
      "small_air_mask": false
    }
  },
  "qi_1": 0.0,
  "qi_2": 0.002770584393563181,
  "rpve_csf": 7.568138225528265,
  "rpve_gm": 7.459686712306235,
  "rpve_wm": 7.579141103290945,
  "size_x": 208,
  "size_y": 256,
  "size_z": 256,
  "snr_csf": 2.0934472222117035,
  "snr_gm": 4.319162061660971,
  "snr_total": 5.004808179870647,
  "snr_wm": 8.601815255739266,
  "snrd_csf": 17.33695645799055,
  "snrd_gm": 28.557648561762367,
  "snrd_total": 28.940629173645746,
  "snrd_wm": 40.92728250118433,
  "spacing_x": 1.0000040531158447,
  "spacing_y": 1.0,
  "spacing_z": 1.0,
  "summary_bg_k": 1357.4315193086632,
  "summary_bg_mad": 0.0,
  "summary_bg_mean": 7.542765898137432,
  "summary_bg_median": 0.0,
  "summary_bg_n": 3687292.0,
  "summary_bg_p05": 0.0,
  "summary_bg_p95": 32.06135720014572,
  "summary_bg_stdv": 15.01963698090476,
  "summary_csf_k": -0.3761022794525797,
  "summary_csf_mad": 145.67846283644863,
  "summary_csf_mean": 405.28445866819504,
  "summary_csf_median": 397.46653117239475,
  "summary_csf_n": 482983.2010658248,
  "summary_csf_p05": 111.58609613776207,
  "summary_csf_p95": 709.2160808891058,
  "summary_csf_stdv": 189.86202063499636,
  "summary_gm_k": 0.172324685624476,
  "summary_gm_mad": 93.76361715512945,
  "summary_gm_mean": 658.0235605769426,
  "summary_gm_median": 654.7117736488581,
  "summary_gm_n": 668687.0667156454,
  "summary_gm_p05": 404.0045334249735,
  "summary_gm_p95": 938.3290540575981,
  "summary_gm_stdv": 151.58294010544736,
  "summary_wm_k": -0.3656304179619654,
  "summary_wm_mad": 81.83345513141516,
  "summary_wm_mean": 911.5653410971188,
  "summary_wm_median": 938.2976213544607,
  "summary_wm_n": 619057.7326818401,
  "summary_wm_p05": 699.0633177757263,
  "summary_wm_p95": 1051.2981891334057,
  "summary_wm_stdv": 109.08126199114987,
  "tpm_overlap_csf": 0.21917990478026178,
  "tpm_overlap_gm": 0.5196606605190451,
  "tpm_overlap_wm": 0.5380127599044107,
  "wm2max": 0.5816300683903902
}