{
  "aor": 0.0005091203703703704,
  "aqi": 0.014213881018518516,
  "bids_meta": {
    "AccelFactPE": 2,
    "AcquisitionNumber": 1,
    "AcquisitionTime": "09:53:0.060000",
    "BandwidthPerPixelPhaseEncode": 65.104,
    "ConversionSoftware": "dcm2niix",
    "ConversionSoftwareVersion": "v1.0.20170724 GCC4.4.7",
    "DeviceSerialNumber": "35193",
    "EchoTime": 0.025,
    "EffectiveEchoSpacing": 0.000240001,
    "FlipAngle": 90,
    "ImageType": [
      "ORIGINAL",
      "PRIMARY",
      "M",
      "ND",
      "NORM",
      "MOSAIC"
    ],
    "InstitutionAddress": "Xinjiekouwai_Street_No_19_Beijing_Haidian_District_CN_100875",
    "InstitutionName": "BNU_MRI_Center",
    "MagneticFieldStrength": 3,
    "Manufacturer": "Siemens",
    "ManufacturersModelName": "TrioTim",
    "PhaseEncodingDirection": "j-",
    "PhaseEncodingLines": 64,
    "ProcedureStepDescription": "BNU_cst_2019_Zhu.Bi",
    "ProtocolName": "Test2_216",
    "RepetitionTime": 2,
    "ScanningSequence": "EP",
    "SequenceName": "_epfid2d1_64",
    "SequenceVariant": "SK",
    "SeriesDescription": "Test2_216",
    "SliceTiming": [
      0,
      1.0175,
      0.0475,
      1.065,
      0.095,
      1.115,
      0.145,
      1.1625,
      0.1925,
      1.21,
      0.2425,
      1.26,
      0.29,
      1.3075,
      0.3375,
      1.3575,
      0.3875,
      1.405,
      0.435,
      1.4525,
      0.485,
      1.5025,
      0.5325,
      1.55,
      0.58,
      1.6,
      0.63,
      1.6475,
      0.6775,
      1.695,
      0.7275,
      1.745,
      0.775,
      1.7925,
      0.8225,
      1.84,
      0.8725,
      1.89,
      0.92,
      1.9375,
      0.9675
    ],
    "SoftwareVersions": "syngo_MR_B17",
    "TaskName": "retrieval",
    "TotalReadoutTime": 0.01488,
    "TrueEchoSpacing": 0.000480001,
    "dataset": "ds003789",
    "modality": "bold",
    "run_id": 2,
    "subject_id": "5426",
    "task_id": "retrieval"
  },
  "dummy_trs": 0,
  "dvars_nstd": 33.77900328483721,
  "dvars_std": 1.201135167860465,
  "dvars_vstd": 0.9975268551627904,
  "efc": 0.5791313222530443,
  "fber": 883.6358642578125,
  "fd_mean": 0.06230585525694105,
  "fd_num": 0,
  "fd_perc": 0.0,
  "fwhm_avg": 1.5822674820455356,
  "fwhm_x": 1.5072133333333333,
  "fwhm_y": 1.72438,
  "fwhm_z": 1.515209112803273,
  "gcor": 0.0149564,
  "gsr_x": 0.010439560748636723,
  "gsr_y": 0.033190686255693436,
  "provenance": {
    "md5sum": "4159ebfdda9f4337cb4d3cbb7e854693",
    "settings": {
      "fd_thres": 0.2,
      "testing": false
    },
    "software": "mriqc",
    "version": "23.1.0"
  },
  "size_t": 216,
  "size_x": 64,
  "size_y": 64,
  "size_z": 41,
  "snr": 6.401784581459294,
  "spacing_tr": 2.0,
  "spacing_x": 3.0,
  "spacing_y": 3.0,
  "spacing_z": 3.299999952316284,
  "summary_bg_k": 15.089668269170474,
  "summary_bg_mad": 24.31193281378897,
  "summary_bg_mean": 71.31275892996744,
  "summary_bg_median": 31.55555534362793,
  "summary_bg_n": 121260.0,
  "summary_bg_p05": 9.486111640930176,
  "summary_bg_p95": 302.7129669189453,
  "summary_bg_stdv": 108.28844151011356,
  "summary_fg_k": 2.8529053911772664,
  "summary_fg_mad": 121.07572744354142,
  "summary_fg_mean": 931.2603520477469,
  "summary_fg_median": 938.0208435058594,
  "summary_fg_n": 46676.0,
  "summary_fg_p05": 668.5463256835938,
  "summary_fg_p95": 1146.101806640625,
  "summary_fg_stdv": 146.52333006565155,
  "tsnr": 52.03362525079865
}