{
  "aor": 0.000929025974025974,
  "aqi": 0.015404564935064933,
  "bids_meta": {
    "AccelFactPE": 2,
    "AcquisitionNumber": 1,
    "AcquisitionTime": "10:09:5.912500",
    "BandwidthPerPixelPhaseEncode": 65.104,
    "ConversionSoftware": "dcm2niix",
    "ConversionSoftwareVersion": "v1.0.20170724 GCC4.4.7",
    "DeviceSerialNumber": "35193",
    "EchoTime": 0.025,
    "EffectiveEchoSpacing": 0.000240001,
    "FlipAngle": 90,
    "ImageType": [
      "ORIGINAL",
      "PRIMARY",
      "M",
      "ND",
      "NORM",
      "MOSAIC"
    ],
    "InstitutionAddress": "Xinjiekouwai_Street_No_19_Beijing_Haidian_District_CN_100875",
    "InstitutionName": "BNU_MRI_Center",
    "MagneticFieldStrength": 3,
    "Manufacturer": "Siemens",
    "ManufacturersModelName": "TrioTim",
    "PhaseEncodingDirection": "j-",
    "PhaseEncodingLines": 64,
    "ProcedureStepDescription": "BNU_cst_2019_Zhu.Bi",
    "ProtocolName": "Learning1_154",
    "RepetitionTime": 2,
    "ScanningSequence": "EP",
    "SequenceName": "_epfid2d1_64",
    "SequenceVariant": "SK",
    "SeriesDescription": "Learning1_154",
    "SliceTiming": [
      0,
      1.0175,
      0.0475,
      1.0675,
      0.0975,
      1.115,
      0.145,
      1.1625,
      0.195,
      1.2125,
      0.2425,
      1.26,
      0.29,
      1.31,
      0.34,
      1.3575,
      0.3875,
      1.405,
      0.4375,
      1.455,
      0.485,
      1.5025,
      0.5325,
      1.5525,
      0.5825,
      1.6,
      0.63,
      1.6475,
      0.68,
      1.6975,
      0.7275,
      1.745,
      0.775,
      1.7925,
      0.825,
      1.8425,
      0.8725,
      1.89,
      0.92,
      1.94,
      0.97
    ],
    "SoftwareVersions": "syngo_MR_B17",
    "TaskName": "encoding",
    "TotalReadoutTime": 0.01488,
    "TrueEchoSpacing": 0.000480001,
    "dataset": "ds003789",
    "modality": "bold",
    "run_id": 1,
    "subject_id": "5426",
    "task_id": "encoding"
  },
  "dummy_trs": 0,
  "dvars_nstd": 33.59874351346404,
  "dvars_std": 1.1941080907843133,
  "dvars_vstd": 1.0157790565359488,
  "efc": 0.579941865818066,
  "fber": 856.02587890625,
  "fd_mean": 0.08156902229244739,
  "fd_num": 2,
  "fd_perc": 1.2987012987012987,
  "fwhm_avg": 1.5570668759018513,
  "fwhm_x": 1.4970166666666669,
  "fwhm_y": 1.6762233333333334,
  "fwhm_z": 1.4979606277055542,
  "gcor": 0.00657373,
  "gsr_x": 0.007155388593673706,
  "gsr_y": 0.028172653168439865,
  "provenance": {
    "md5sum": "b60d0bfadfe39d27fcf98853f64d7c71",
    "settings": {
      "fd_thres": 0.2,
      "testing": false
    },
    "software": "mriqc",
    "version": "23.1.0"
  },
  "size_t": 154,
  "size_x": 64,
  "size_y": 64,
  "size_z": 41,
  "snr": 6.441328230333794,
  "spacing_tr": 2.0,
  "spacing_x": 3.0,
  "spacing_y": 3.0,
  "spacing_z": 3.299999952316284,
  "summary_bg_k": 14.906784599995134,
  "summary_bg_mad": 23.644617878440343,
  "summary_bg_mean": 70.80427910067976,
  "summary_bg_median": 31.35714340209961,
  "summary_bg_n": 121356.0,
  "summary_bg_p05": 9.53246784210205,
  "summary_bg_p95": 299.7922058105469,
  "summary_bg_stdv": 108.4199196989627,
  "summary_fg_k": 2.9064616655806566,
  "summary_fg_mad": 116.43237004375028,
  "summary_fg_mean": 910.091491082463,
  "summary_fg_median": 917.4447937011719,
  "summary_fg_n": 46580.0,
  "summary_fg_p05": 651.2467651367188,
  "summary_fg_p95": 1114.5389404296875,
  "summary_fg_stdv": 142.42946684086024,
  "tsnr": 51.07492172328057
}