{
  "bids_meta": {
    "AcquisitionNumber": 1,
    "AcquisitionTime": "10:14:52.547500",
    "ConversionSoftware": "dcm2niix",
    "ConversionSoftwareVersion": "v1.0.20170724 GCC4.4.7",
    "DeviceSerialNumber": "35193",
    "EchoTime": 0.00309,
    "FlipAngle": 10,
    "ImageType": [
      "ORIGINAL",
      "PRIMARY",
      "M",
      "ND",
      "NORM"
    ],
    "InstitutionAddress": "Xinjiekouwai_Street_No_19_Beijing_Haidian_District_CN_100875",
    "InstitutionName": "BNU_MRI_Center",
    "InversionTime": 0.8,
    "MagneticFieldStrength": 3,
    "Manufacturer": "Siemens",
    "ManufacturersModelName": "TrioTim",
    "PhaseEncodingDirection": "i-",
    "PhaseEncodingLines": 256,
    "ProcedureStepDescription": "BNU_cst_2019_Zhu.Bi",
    "ProtocolName": "UCI_MPRAGE_Sag_1x1x1",
    "RepetitionTime": 2.53,
    "ScanningSequence": "GR_IR",
    "SequenceName": "_tfl3d1_ns",
    "SequenceVariant": "SP_MP",
    "SeriesDescription": "UCI_MPRAGE_Sag_1x1x1",
    "SoftwareVersions": "syngo_MR_B17",
    "dataset": "ds003789",
    "modality": "T1w",
    "subject_id": "5439"
  },
  "cjv": 0.5147129821050317,
  "cnr": 2.0147691098314264,
  "efc": 0.500712938870975,
  "fber": 6069.630614368536,
  "fwhm_avg": 4.162303333333333,
  "fwhm_x": 4.2898,
  "fwhm_y": 4.23422,
  "fwhm_z": 3.96289,
  "icvs_csf": 0.27693309479530087,
  "icvs_gm": 0.382122415135114,
  "icvs_wm": 0.340944490069585,
  "inu_med": 0.5808060467243195,
  "inu_range": 0.23236461728811264,
  "provenance": {
    "md5sum": "e3c81923f620905700951127df9ccfd1",
    "settings": {
      "testing": false
    },
    "software": "mriqc",
    "version": "23.1.0",
    "warnings": {
      "large_rot_frame": false,
      "small_air_mask": false
    }
  },
  "qi_1": 0.0,
  "qi_2": 0.00015164558486612006,
  "rpve_csf": 8.220705819132679,
  "rpve_gm": 8.158492793058052,
  "rpve_wm": 8.257841614557163,
  "size_x": 208,
  "size_y": 256,
  "size_z": 256,
  "snr_csf": 1.8689515399231185,
  "snr_gm": 5.212448541203916,
  "snr_total": 6.502392085550274,
  "snr_wm": 12.42577617552379,
  "snrd_csf": 26.98081450217041,
  "snrd_gm": 49.15408769893944,
  "snrd_total": 49.19360810618887,
  "snrd_wm": 71.44592211745676,
  "spacing_x": 1.0,
  "spacing_y": 1.0,
  "spacing_z": 1.0,
  "summary_bg_k": 26.03980123169681,
  "summary_bg_mad": 0.0,
  "summary_bg_mean": 5.882577902565312,
  "summary_bg_median": 0.0,
  "summary_bg_n": 3761417.0,
  "summary_bg_p05": 0.0,
  "summary_bg_p95": 24.311897680163383,
  "summary_bg_stdv": 8.874845453606225,
  "summary_csf_k": -0.5748220152152559,
  "summary_csf_mad": 149.43214693540273,
  "summary_csf_mean": 377.460836423081,
  "summary_csf_median": 365.49725968390703,
  "summary_csf_n": 453421.4488285811,
  "summary_csf_p05": 71.83346970006824,
  "summary_csf_p95": 697.5499140098691,
  "summary_csf_stdv": 195.56251129715375,
  "summary_gm_k": -0.42353686915616384,
  "summary_gm_mad": 93.9407841381129,
  "summary_gm_mean": 669.3383619582344,
  "summary_gm_median": 665.8688659965992,
  "summary_gm_n": 625647.5024355951,
  "summary_gm_p05": 460.2884669601917,
  "summary_gm_p95": 898.7214196845889,
  "summary_gm_stdv": 127.74578561092166,
  "summary_wm_k": -0.06801611415996067,
  "summary_wm_mad": 61.491059994977476,
  "summary_wm_mean": 951.5034738543374,
  "summary_wm_median": 967.8465691767633,
  "summary_wm_n": 558227.0503702044,
  "summary_wm_p05": 795.7422675937414,
  "summary_wm_p95": 1051.1116695217788,
  "summary_wm_stdv": 77.89016063153788,
  "tpm_overlap_csf": 0.20315266068477777,
  "tpm_overlap_gm": 0.5289707413009506,
  "tpm_overlap_wm": 0.5448227634786896,
  "wm2max": 0.5922721140874928
}