{
  "bids_meta": {
    "AcquisitionNumber": 1,
    "AcquisitionTime": "13:30:43.592500",
    "ConversionSoftware": "dcm2niix",
    "ConversionSoftwareVersion": "v1.0.20170724 GCC4.4.7",
    "DeviceSerialNumber": "35193",
    "EchoTime": 0.00309,
    "FlipAngle": 10,
    "ImageType": [
      "ORIGINAL",
      "PRIMARY",
      "M",
      "ND",
      "NORM"
    ],
    "InstitutionAddress": "Xinjiekouwai_Street_No_19_Beijing_Haidian_District_CN_100875",
    "InstitutionName": "BNU_MRI_Center",
    "InversionTime": 0.8,
    "MagneticFieldStrength": 3,
    "Manufacturer": "Siemens",
    "ManufacturersModelName": "TrioTim",
    "PhaseEncodingDirection": "i-",
    "PhaseEncodingLines": 256,
    "ProcedureStepDescription": "BNU_cst_2019_Zhu.Bi",
    "ProtocolName": "UCI_MPRAGE_Sag_1x1x1",
    "RepetitionTime": 2.53,
    "ScanningSequence": "GR_IR",
    "SequenceName": "_tfl3d1_ns",
    "SequenceVariant": "SP_MP",
    "SeriesDescription": "UCI_MPRAGE_Sag_1x1x1",
    "SoftwareVersions": "syngo_MR_B17",
    "dataset": "ds003789",
    "modality": "T1w",
    "subject_id": "5412"
  },
  "cjv": 0.5553134828426987,
  "cnr": 1.9451535824028137,
  "efc": 0.5171988575231349,
  "fber": 16595.03178895499,
  "fwhm_avg": 4.047630000000001,
  "fwhm_x": 4.06229,
  "fwhm_y": 4.18552,
  "fwhm_z": 3.89508,
  "icvs_csf": 0.2624042855146009,
  "icvs_gm": 0.38950333150382876,
  "icvs_wm": 0.3480923829815704,
  "inu_med": 0.5440341830253601,
  "inu_range": 0.22970980703830718,
  "provenance": {
    "md5sum": "b0f5aa178c3ae25fdba127768fcfe111",
    "settings": {
      "testing": false
    },
    "software": "mriqc",
    "version": "23.1.0",
    "warnings": {
      "large_rot_frame": true,
      "small_air_mask": false
    }
  },
  "qi_1": 0.0,
  "qi_2": 0.0042080248856787026,
  "rpve_csf": 10.225787759549656,
  "rpve_gm": 10.151564004849487,
  "rpve_wm": 10.248300885629524,
  "size_x": 208,
  "size_y": 256,
  "size_z": 256,
  "snr_csf": 2.116252056107468,
  "snr_gm": 6.25153100861428,
  "snr_total": 6.435269353507185,
  "snr_wm": 10.938024995799807,
  "snrd_csf": 38.704446575616835,
  "snrd_gm": 62.26264576796155,
  "snrd_total": 62.68871719269122,
  "snrd_wm": 87.09905923449529,
  "spacing_x": 1.0,
  "spacing_y": 1.0,
  "spacing_z": 1.0,
  "summary_bg_k": 10.732892857396514,
  "summary_bg_mad": 0.0,
  "summary_bg_mean": 3.561995906699102,
  "summary_bg_median": 0.0,
  "summary_bg_n": 5420267.0,
  "summary_bg_p05": 0.0,
  "summary_bg_p95": 19.116829574108124,
  "summary_bg_stdv": 7.247944096084014,
  "summary_csf_k": -0.34316718800696666,
  "summary_csf_mad": 141.2279502700953,
  "summary_csf_mean": 427.3243437648892,
  "summary_csf_median": 428.1973418816924,
  "summary_csf_n": 346168.7193982997,
  "summary_csf_p05": 92.21251525729895,
  "summary_csf_p95": 742.6430009379983,
  "summary_csf_stdv": 202.33729822720315,
  "summary_gm_k": -0.6849235567928749,
  "summary_gm_mad": 85.46474928716077,
  "summary_gm_mean": 692.356632237215,
  "summary_gm_median": 688.8278163149953,
  "summary_gm_n": 513840.19587801007,
  "summary_gm_p05": 514.223074965179,
  "summary_gm_p95": 885.3645367994905,
  "summary_gm_stdv": 110.18535221070523,
  "summary_wm_k": -0.4068728744600416,
  "summary_wm_mad": 67.11967533455045,
  "summary_wm_mean": 943.1152761762252,
  "summary_wm_median": 963.5995071455836,
  "summary_wm_n": 459210.08573744446,
  "summary_wm_p05": 768.2412213608623,
  "summary_wm_p95": 1055.7792881056666,
  "summary_wm_stdv": 88.09620185751875,
  "tpm_overlap_csf": 0.2185525150362862,
  "tpm_overlap_gm": 0.5452256320190583,
  "tpm_overlap_wm": 0.5584577442018783,
  "wm2max": 0.5623221073946016
}