{
  "aor": 0.00048499999999999997,
  "aqi": 0.013659866233766233,
  "bids_meta": {
    "AccelFactPE": 2,
    "AcquisitionNumber": 1,
    "AcquisitionTime": "10:58:27.275000",
    "BandwidthPerPixelPhaseEncode": 65.104,
    "ConversionSoftware": "dcm2niix",
    "ConversionSoftwareVersion": "v1.0.20170724 GCC4.4.7",
    "DeviceSerialNumber": "35193",
    "EchoTime": 0.025,
    "EffectiveEchoSpacing": 0.000240001,
    "FlipAngle": 90,
    "ImageType": [
      "ORIGINAL",
      "PRIMARY",
      "M",
      "ND",
      "NORM",
      "MOSAIC"
    ],
    "InstitutionAddress": "Xinjiekouwai_Street_No_19_Beijing_Haidian_District_CN_100875",
    "InstitutionName": "BNU_MRI_Center",
    "MagneticFieldStrength": 3,
    "Manufacturer": "Siemens",
    "ManufacturersModelName": "TrioTim",
    "PhaseEncodingDirection": "j-",
    "PhaseEncodingLines": 64,
    "ProcedureStepDescription": "BNU_cst_2019_Zhu.Bi",
    "ProtocolName": "Learning9_154",
    "RepetitionTime": 2,
    "ScanningSequence": "EP",
    "SequenceName": "_epfid2d1_64",
    "SequenceVariant": "SK",
    "SeriesDescription": "Learning9_154",
    "SliceTiming": [
      0,
      1.0175,
      0.0475,
      1.065,
      0.0975,
      1.115,
      0.145,
      1.1625,
      0.1925,
      1.2125,
      0.2425,
      1.26,
      0.29,
      1.3075,
      0.34,
      1.3575,
      0.3875,
      1.405,
      0.435,
      1.455,
      0.485,
      1.5025,
      0.5325,
      1.55,
      0.5825,
      1.6,
      0.63,
      1.6475,
      0.6775,
      1.695,
      0.7275,
      1.745,
      0.775,
      1.7925,
      0.8225,
      1.8425,
      0.8725,
      1.89,
      0.92,
      1.9375,
      0.97
    ],
    "SoftwareVersions": "syngo_MR_B17",
    "TaskName": "encoding",
    "TotalReadoutTime": 0.01488,
    "TrueEchoSpacing": 0.000480001,
    "dataset": "ds003789",
    "modality": "bold",
    "run_id": 9,
    "subject_id": "5426",
    "task_id": "encoding"
  },
  "dummy_trs": 0,
  "dvars_nstd": 32.226663689673195,
  "dvars_std": 1.1816771118954246,
  "dvars_vstd": 1.007124529607843,
  "efc": 0.5813469598495313,
  "fber": 845.2537841796875,
  "fd_mean": 0.0708832857710254,
  "fd_num": 0,
  "fd_perc": 0.0,
  "fwhm_avg": 1.5566698050944945,
  "fwhm_x": 1.5144866666666665,
  "fwhm_y": 1.6783833333333333,
  "fwhm_z": 1.4771394152834836,
  "gcor": 0.0135587,
  "gsr_x": 0.009876602329313755,
  "gsr_y": 0.030574385076761246,
  "provenance": {
    "md5sum": "da42d109a17addf5e0c8075fa1d3ccc5",
    "settings": {
      "fd_thres": 0.2,
      "testing": false
    },
    "software": "mriqc",
    "version": "23.1.0"
  },
  "size_t": 154,
  "size_x": 64,
  "size_y": 64,
  "size_z": 41,
  "snr": 6.4487367698568905,
  "spacing_tr": 2.0,
  "spacing_x": 3.0,
  "spacing_y": 3.0,
  "spacing_z": 3.299999952316284,
  "summary_bg_k": 14.185499416222097,
  "summary_bg_mad": 23.79865311373892,
  "summary_bg_mean": 71.48705527662878,
  "summary_bg_median": 31.60389518737793,
  "summary_bg_n": 121342.0,
  "summary_bg_p05": 9.707792282104492,
  "summary_bg_p95": 300.21429443359375,
  "summary_bg_stdv": 106.86390631107,
  "summary_fg_k": 2.8377223252755863,
  "summary_fg_mad": 116.50946825482004,
  "summary_fg_mean": 911.6763821980235,
  "summary_fg_median": 918.8279113769531,
  "summary_fg_n": 46594.0,
  "summary_fg_p05": 654.1882934570312,
  "summary_fg_p95": 1116.487060546875,
  "summary_fg_stdv": 142.4803157853724,
  "tsnr": 52.703119022771716
}