{
  "aor": 0.00030208333333333335,
  "aqi": 0.022037651388888888,
  "bids_meta": {
    "AccelFactPE": 2,
    "AcquisitionNumber": 1,
    "AcquisitionTime": "10:01:1.365000",
    "BandwidthPerPixelPhaseEncode": 65.104,
    "ConversionSoftware": "dcm2niix",
    "ConversionSoftwareVersion": "v1.0.20170724 GCC4.4.7",
    "DeviceSerialNumber": "35193",
    "EchoTime": 0.025,
    "EffectiveEchoSpacing": 0.000240001,
    "FlipAngle": 90,
    "ImageType": [
      "ORIGINAL",
      "PRIMARY",
      "M",
      "ND",
      "NORM",
      "MOSAIC"
    ],
    "InstitutionAddress": "Xinjiekouwai_Street_No_19_Beijing_Haidian_District_CN_100875",
    "InstitutionName": "BNU_MRI_Center",
    "MagneticFieldStrength": 3,
    "Manufacturer": "Siemens",
    "ManufacturersModelName": "TrioTim",
    "PhaseEncodingDirection": "j-",
    "PhaseEncodingLines": 64,
    "ProcedureStepDescription": "BNU_cst_2019_Zhu.Bi",
    "ProtocolName": "Test3_216",
    "RepetitionTime": 2,
    "ScanningSequence": "EP",
    "SequenceName": "_epfid2d1_64",
    "SequenceVariant": "SK",
    "SeriesDescription": "Test3_216",
    "SliceTiming": [
      0,
      1.0175,
      0.0475,
      1.065,
      0.095,
      1.115,
      0.145,
      1.1625,
      0.1925,
      1.21,
      0.2425,
      1.26,
      0.29,
      1.3075,
      0.3375,
      1.3575,
      0.3875,
      1.405,
      0.435,
      1.4525,
      0.485,
      1.5025,
      0.5325,
      1.55,
      0.58,
      1.6,
      0.63,
      1.6475,
      0.6775,
      1.695,
      0.725,
      1.745,
      0.775,
      1.7925,
      0.8225,
      1.84,
      0.8725,
      1.89,
      0.92,
      1.9375,
      0.9675
    ],
    "SoftwareVersions": "syngo_MR_B17",
    "TaskName": "retrieval",
    "TotalReadoutTime": 0.01488,
    "TrueEchoSpacing": 0.000480001,
    "dataset": "ds003789",
    "modality": "bold",
    "run_id": 3,
    "subject_id": "5426",
    "task_id": "retrieval"
  },
  "dummy_trs": 0,
  "dvars_nstd": 33.905643090418614,
  "dvars_std": 1.1570252467906972,
  "dvars_vstd": 0.9648432500465125,
  "efc": 0.5786986923350532,
  "fber": 879.9605102539062,
  "fd_mean": 0.07385111050934735,
  "fd_num": 0,
  "fd_perc": 0.0,
  "fwhm_avg": 1.592370411334188,
  "fwhm_x": 1.5276166666666666,
  "fwhm_y": 1.7351733333333332,
  "fwhm_z": 1.5143212340025647,
  "gcor": 0.0141334,
  "gsr_x": 0.011588813737034798,
  "gsr_y": 0.03328484669327736,
  "provenance": {
    "md5sum": "f99f345b86438a48023b1ec25ab29908",
    "settings": {
      "fd_thres": 0.2,
      "testing": false
    },
    "software": "mriqc",
    "version": "23.1.0"
  },
  "size_t": 216,
  "size_x": 64,
  "size_y": 64,
  "size_z": 41,
  "snr": 6.3990557409907,
  "spacing_tr": 2.0,
  "spacing_x": 3.0,
  "spacing_y": 3.0,
  "spacing_z": 3.299999952316284,
  "summary_bg_k": 15.364248667950303,
  "summary_bg_mad": 24.53843991503882,
  "summary_bg_mean": 70.75923569204924,
  "summary_bg_median": 31.606481552124023,
  "summary_bg_n": 121259.0,
  "summary_bg_p05": 9.449073791503906,
  "summary_bg_p95": 296.72686767578125,
  "summary_bg_stdv": 106.62347131732953,
  "summary_fg_k": 2.5329543909030816,
  "summary_fg_mad": 120.60558219047465,
  "summary_fg_mean": 931.4443708897444,
  "summary_fg_median": 937.5787353515625,
  "summary_fg_n": 46677.0,
  "summary_fg_p05": 668.5833129882812,
  "summary_fg_p95": 1148.49072265625,
  "summary_fg_stdv": 146.51672527703778,
  "tsnr": 47.55413033463992
}