{
  "aor": 0.0005555194805194805,
  "aqi": 0.011748684415584416,
  "bids_meta": {
    "AccelFactPE": 2,
    "AcquisitionNumber": 1,
    "AcquisitionTime": "10:20:51.675000",
    "BandwidthPerPixelPhaseEncode": 65.104,
    "ConversionSoftware": "dcm2niix",
    "ConversionSoftwareVersion": "v1.0.20170724 GCC4.4.7",
    "DeviceSerialNumber": "35193",
    "EchoTime": 0.025,
    "EffectiveEchoSpacing": 0.000240001,
    "FlipAngle": 90,
    "ImageType": [
      "ORIGINAL",
      "PRIMARY",
      "M",
      "ND",
      "NORM",
      "MOSAIC"
    ],
    "InstitutionAddress": "Xinjiekouwai_Street_No_19_Beijing_Haidian_District_CN_100875",
    "InstitutionName": "BNU_MRI_Center",
    "MagneticFieldStrength": 3,
    "Manufacturer": "Siemens",
    "ManufacturersModelName": "TrioTim",
    "PhaseEncodingDirection": "j-",
    "PhaseEncodingLines": 64,
    "ProcedureStepDescription": "BNU_cst_2019_Zhu.Bi",
    "ProtocolName": "Learning3_154",
    "RepetitionTime": 2,
    "ScanningSequence": "EP",
    "SequenceName": "_epfid2d1_64",
    "SequenceVariant": "SK",
    "SeriesDescription": "Learning3_154",
    "SliceTiming": [
      0,
      1.0175,
      0.0475,
      1.065,
      0.0975,
      1.115,
      0.145,
      1.1625,
      0.1925,
      1.2125,
      0.2425,
      1.26,
      0.29,
      1.3075,
      0.3375,
      1.3575,
      0.3875,
      1.405,
      0.435,
      1.4525,
      0.485,
      1.5025,
      0.5325,
      1.55,
      0.58,
      1.6,
      0.63,
      1.6475,
      0.6775,
      1.695,
      0.7275,
      1.745,
      0.775,
      1.7925,
      0.8225,
      1.8425,
      0.8725,
      1.89,
      0.92,
      1.9375,
      0.97
    ],
    "SoftwareVersions": "syngo_MR_B17",
    "TaskName": "encoding",
    "TotalReadoutTime": 0.01488,
    "TrueEchoSpacing": 0.000480001,
    "dataset": "ds003789",
    "modality": "bold",
    "run_id": 3,
    "subject_id": "5426",
    "task_id": "encoding"
  },
  "dummy_trs": 0,
  "dvars_nstd": 32.95375729274509,
  "dvars_std": 1.2143387409150326,
  "dvars_vstd": 1.017697599150326,
  "efc": 0.5823809735782126,
  "fber": 826.8991088867188,
  "fd_mean": 0.059909006568525255,
  "fd_num": 0,
  "fd_perc": 0.0,
  "fwhm_avg": 1.5414860677168019,
  "fwhm_x": 1.4863266666666668,
  "fwhm_y": 1.6618133333333331,
  "fwhm_z": 1.4763182031504054,
  "gcor": 0.010446,
  "gsr_x": 0.006422810722142458,
  "gsr_y": 0.027040928602218628,
  "provenance": {
    "md5sum": "9dedc0cfab46420d2eb90403061ac0cf",
    "settings": {
      "fd_thres": 0.2,
      "testing": false
    },
    "software": "mriqc",
    "version": "23.1.0"
  },
  "size_t": 154,
  "size_x": 64,
  "size_y": 64,
  "size_z": 41,
  "snr": 6.423305394042896,
  "spacing_tr": 2.0,
  "spacing_x": 3.0,
  "spacing_y": 3.0,
  "spacing_z": 3.299999952316284,
  "summary_bg_k": 14.141868596416824,
  "summary_bg_mad": 23.817907871631153,
  "summary_bg_mean": 72.27624427173832,
  "summary_bg_median": 31.889610290527344,
  "summary_bg_n": 121260.0,
  "summary_bg_p05": 9.863636016845703,
  "summary_bg_p95": 306.7987060546875,
  "summary_bg_stdv": 109.63193383914972,
  "summary_fg_k": 2.9363747327417364,
  "summary_fg_mad": 116.59127199050906,
  "summary_fg_mean": 908.769621242767,
  "summary_fg_median": 917.0130004882812,
  "summary_fg_n": 46676.0,
  "summary_fg_p05": 646.7857055664062,
  "summary_fg_p95": 1111.8765869140625,
  "summary_fg_stdv": 142.7618836419421,
  "tsnr": 56.01927236537449
}