{
  "aor": 0.0005320779220779221,
  "aqi": 0.012484507792207793,
  "bids_meta": {
    "AccelFactPE": 2,
    "AcquisitionNumber": 1,
    "AcquisitionTime": "10:27:53.697500",
    "BandwidthPerPixelPhaseEncode": 65.104,
    "ConversionSoftware": "dcm2niix",
    "ConversionSoftwareVersion": "v1.0.20170724 GCC4.4.7",
    "DeviceSerialNumber": "35193",
    "EchoTime": 0.025,
    "EffectiveEchoSpacing": 0.000240001,
    "FlipAngle": 90,
    "ImageType": [
      "ORIGINAL",
      "PRIMARY",
      "M",
      "ND",
      "NORM",
      "MOSAIC"
    ],
    "InstitutionAddress": "Xinjiekouwai_Street_No_19_Beijing_Haidian_District_CN_100875",
    "InstitutionName": "BNU_MRI_Center",
    "MagneticFieldStrength": 3,
    "Manufacturer": "Siemens",
    "ManufacturersModelName": "TrioTim",
    "PhaseEncodingDirection": "j-",
    "PhaseEncodingLines": 64,
    "ProcedureStepDescription": "BNU_cst_2019_Zhu.Bi",
    "ProtocolName": "Learning4_154",
    "RepetitionTime": 2,
    "ScanningSequence": "EP",
    "SequenceName": "_epfid2d1_64",
    "SequenceVariant": "SK",
    "SeriesDescription": "Learning4_154",
    "SliceTiming": [
      0,
      1.0175,
      0.0475,
      1.065,
      0.0975,
      1.115,
      0.145,
      1.1625,
      0.1925,
      1.21,
      0.2425,
      1.26,
      0.29,
      1.3075,
      0.3375,
      1.3575,
      0.3875,
      1.405,
      0.435,
      1.4525,
      0.485,
      1.5025,
      0.5325,
      1.55,
      0.58,
      1.6,
      0.63,
      1.6475,
      0.6775,
      1.695,
      0.7275,
      1.745,
      0.775,
      1.7925,
      0.8225,
      1.8425,
      0.8725,
      1.89,
      0.92,
      1.9375,
      0.97
    ],
    "SoftwareVersions": "syngo_MR_B17",
    "TaskName": "encoding",
    "TotalReadoutTime": 0.01488,
    "TrueEchoSpacing": 0.000480001,
    "dataset": "ds003789",
    "modality": "bold",
    "run_id": 4,
    "subject_id": "5426",
    "task_id": "encoding"
  },
  "dummy_trs": 0,
  "dvars_nstd": 32.1184298196732,
  "dvars_std": 1.1862101289542488,
  "dvars_vstd": 1.0162656406535946,
  "efc": 0.5828034525138083,
  "fber": 817.111083984375,
  "fd_mean": 0.06539348959870285,
  "fd_num": 0,
  "fd_perc": 0.0,
  "fwhm_avg": 1.5452160677415268,
  "fwhm_x": 1.4867366666666666,
  "fwhm_y": 1.66746,
  "fwhm_z": 1.4814515365579135,
  "gcor": 0.010955,
  "gsr_x": 0.0063893902115523815,
  "gsr_y": 0.027692314237356186,
  "provenance": {
    "md5sum": "b503e7b1510b22b83442b6e4f4591957",
    "settings": {
      "fd_thres": 0.2,
      "testing": false
    },
    "software": "mriqc",
    "version": "23.1.0"
  },
  "size_t": 154,
  "size_x": 64,
  "size_y": 64,
  "size_z": 41,
  "snr": 6.4520183712031915,
  "spacing_tr": 2.0,
  "spacing_x": 3.0,
  "spacing_y": 3.0,
  "spacing_z": 3.299999952316284,
  "summary_bg_k": 14.097416340279878,
  "summary_bg_mad": 23.98157331371516,
  "summary_bg_mean": 72.46162629932522,
  "summary_bg_median": 32.10389709472656,
  "summary_bg_n": 121278.0,
  "summary_bg_p05": 10.03246784210205,
  "summary_bg_p95": 306.6883239746094,
  "summary_bg_stdv": 108.78017246512734,
  "summary_fg_k": 2.9648732276313474,
  "summary_fg_mad": 116.69235027896553,
  "summary_fg_mean": 909.929728806374,
  "summary_fg_median": 917.69482421875,
  "summary_fg_n": 46658.0,
  "summary_fg_p05": 653.5389404296875,
  "summary_fg_p95": 1113.052001953125,
  "summary_fg_stdv": 142.23223448819996,
  "tsnr": 54.67078786739148
}