{
  "aor": 0.0005581818181818181,
  "aqi": 0.013705585714285713,
  "bids_meta": {
    "AccelFactPE": 2,
    "AcquisitionNumber": 1,
    "AcquisitionTime": "10:52:30.375000",
    "BandwidthPerPixelPhaseEncode": 65.104,
    "ConversionSoftware": "dcm2niix",
    "ConversionSoftwareVersion": "v1.0.20170724 GCC4.4.7",
    "DeviceSerialNumber": "35193",
    "EchoTime": 0.025,
    "EffectiveEchoSpacing": 0.000240001,
    "FlipAngle": 90,
    "ImageType": [
      "ORIGINAL",
      "PRIMARY",
      "M",
      "ND",
      "NORM",
      "MOSAIC"
    ],
    "InstitutionAddress": "Xinjiekouwai_Street_No_19_Beijing_Haidian_District_CN_100875",
    "InstitutionName": "BNU_MRI_Center",
    "MagneticFieldStrength": 3,
    "Manufacturer": "Siemens",
    "ManufacturersModelName": "TrioTim",
    "PhaseEncodingDirection": "j-",
    "PhaseEncodingLines": 64,
    "ProcedureStepDescription": "BNU_cst_2019_Zhu.Bi",
    "ProtocolName": "Learning8_154",
    "RepetitionTime": 2,
    "ScanningSequence": "EP",
    "SequenceName": "_epfid2d1_64",
    "SequenceVariant": "SK",
    "SeriesDescription": "Learning8_154",
    "SliceTiming": [
      0,
      1.0175,
      0.0475,
      1.065,
      0.0975,
      1.115,
      0.145,
      1.1625,
      0.1925,
      1.21,
      0.2425,
      1.26,
      0.29,
      1.3075,
      0.3375,
      1.3575,
      0.3875,
      1.405,
      0.435,
      1.4525,
      0.485,
      1.5025,
      0.5325,
      1.55,
      0.58,
      1.6,
      0.63,
      1.6475,
      0.6775,
      1.695,
      0.7275,
      1.745,
      0.775,
      1.7925,
      0.8225,
      1.8425,
      0.8725,
      1.89,
      0.92,
      1.9375,
      0.97
    ],
    "SoftwareVersions": "syngo_MR_B17",
    "TaskName": "encoding",
    "TotalReadoutTime": 0.01488,
    "TrueEchoSpacing": 0.000480001,
    "dataset": "ds003789",
    "modality": "bold",
    "run_id": 8,
    "subject_id": "5426",
    "task_id": "encoding"
  },
  "dummy_trs": 0,
  "dvars_nstd": 31.84488757771241,
  "dvars_std": 1.174214789411765,
  "dvars_vstd": 1.0122124868627451,
  "efc": 0.5815301231855332,
  "fber": 846.6064453125,
  "fd_mean": 0.06154519015057478,
  "fd_num": 0,
  "fd_perc": 0.0,
  "fwhm_avg": 1.5558080879300897,
  "fwhm_x": 1.51455,
  "fwhm_y": 1.6742166666666665,
  "fwhm_z": 1.4786575971236027,
  "gcor": 0.0144792,
  "gsr_x": 0.009306240826845169,
  "gsr_y": 0.030040524899959564,
  "provenance": {
    "md5sum": "7e94fe8607c91516034d8cebedd900a4",
    "settings": {
      "fd_thres": 0.2,
      "testing": false
    },
    "software": "mriqc",
    "version": "23.1.0"
  },
  "size_t": 154,
  "size_x": 64,
  "size_y": 64,
  "size_z": 41,
  "snr": 6.445031319843152,
  "spacing_tr": 2.0,
  "spacing_x": 3.0,
  "spacing_y": 3.0,
  "spacing_z": 3.299999952316284,
  "summary_bg_k": 13.958044696839902,
  "summary_bg_mad": 23.83716262952339,
  "summary_bg_mean": 71.58970260749777,
  "summary_bg_median": 31.558441162109375,
  "summary_bg_n": 121324.0,
  "summary_bg_p05": 9.681818008422852,
  "summary_bg_p95": 301.75323486328125,
  "summary_bg_stdv": 107.03395286549184,
  "summary_fg_k": 2.9311217242823773,
  "summary_fg_mad": 116.55756414588056,
  "summary_fg_mean": 911.5568293090502,
  "summary_fg_median": 918.240234375,
  "summary_fg_n": 46612.0,
  "summary_fg_p05": 654.5908813476562,
  "summary_fg_p95": 1115.3441162109375,
  "summary_fg_stdv": 142.47105078737198,
  "tsnr": 52.65021668700501
}