{
  "aor": 0.0005579220779220779,
  "aqi": 0.011951761688311687,
  "bids_meta": {
    "AccelFactPE": 2,
    "AcquisitionNumber": 1,
    "AcquisitionTime": "10:46:43.162500",
    "BandwidthPerPixelPhaseEncode": 65.104,
    "ConversionSoftware": "dcm2niix",
    "ConversionSoftwareVersion": "v1.0.20170724 GCC4.4.7",
    "DeviceSerialNumber": "35193",
    "EchoTime": 0.025,
    "EffectiveEchoSpacing": 0.000240001,
    "FlipAngle": 90,
    "ImageType": [
      "ORIGINAL",
      "PRIMARY",
      "M",
      "ND",
      "NORM",
      "MOSAIC"
    ],
    "InstitutionAddress": "Xinjiekouwai_Street_No_19_Beijing_Haidian_District_CN_100875",
    "InstitutionName": "BNU_MRI_Center",
    "MagneticFieldStrength": 3,
    "Manufacturer": "Siemens",
    "ManufacturersModelName": "TrioTim",
    "PhaseEncodingDirection": "j-",
    "PhaseEncodingLines": 64,
    "ProcedureStepDescription": "BNU_cst_2019_Zhu.Bi",
    "ProtocolName": "Learning7_154",
    "RepetitionTime": 2,
    "ScanningSequence": "EP",
    "SequenceName": "_epfid2d1_64",
    "SequenceVariant": "SK",
    "SeriesDescription": "Learning7_154",
    "SliceTiming": [
      0,
      1.0175,
      0.0475,
      1.065,
      0.095,
      1.115,
      0.145,
      1.1625,
      0.1925,
      1.21,
      0.2425,
      1.26,
      0.29,
      1.3075,
      0.3375,
      1.355,
      0.3875,
      1.405,
      0.435,
      1.4525,
      0.4825,
      1.5025,
      0.5325,
      1.55,
      0.58,
      1.5975,
      0.63,
      1.6475,
      0.6775,
      1.695,
      0.725,
      1.745,
      0.775,
      1.7925,
      0.8225,
      1.84,
      0.8725,
      1.89,
      0.92,
      1.9375,
      0.9675
    ],
    "SoftwareVersions": "syngo_MR_B17",
    "TaskName": "encoding",
    "TotalReadoutTime": 0.01488,
    "TrueEchoSpacing": 0.000480001,
    "dataset": "ds003789",
    "modality": "bold",
    "run_id": 7,
    "subject_id": "5426",
    "task_id": "encoding"
  },
  "dummy_trs": 0,
  "dvars_nstd": 31.70102840006534,
  "dvars_std": 1.1842867690849677,
  "dvars_vstd": 1.019896930653595,
  "efc": 0.5816381197348223,
  "fber": 840.02490234375,
  "fd_mean": 0.06293321319903959,
  "fd_num": 0,
  "fd_perc": 0.0,
  "fwhm_avg": 1.5547895021242815,
  "fwhm_x": 1.50682,
  "fwhm_y": 1.6679333333333333,
  "fwhm_z": 1.489615173039511,
  "gcor": 0.00836268,
  "gsr_x": 0.008286840282380581,
  "gsr_y": 0.029569175094366074,
  "provenance": {
    "md5sum": "1992147bd25e9855b43a48d1efcafd44",
    "settings": {
      "fd_thres": 0.2,
      "testing": false
    },
    "software": "mriqc",
    "version": "23.1.0"
  },
  "size_t": 154,
  "size_x": 64,
  "size_y": 64,
  "size_z": 41,
  "snr": 6.474763712247076,
  "spacing_tr": 2.0,
  "spacing_x": 3.0,
  "spacing_y": 3.0,
  "spacing_z": 3.299999952316284,
  "summary_bg_k": 13.819586068516614,
  "summary_bg_mad": 23.60610836265587,
  "summary_bg_mean": 71.7084193476811,
  "summary_bg_median": 31.662338256835938,
  "summary_bg_n": 121355.0,
  "summary_bg_p05": 9.863636016845703,
  "summary_bg_p95": 304.55194091796875,
  "summary_bg_stdv": 107.17975336978535,
  "summary_fg_k": 2.95275717934385,
  "summary_fg_mad": 116.875187057682,
  "summary_fg_mean": 911.4036496687497,
  "summary_fg_median": 917.6753540039062,
  "summary_fg_n": 46581.0,
  "summary_fg_p05": 658.0130004882812,
  "summary_fg_p95": 1114.4285888671875,
  "summary_fg_stdv": 141.7295741459971,
  "tsnr": 55.73259221948683
}