{
  "aor": 0.0004004629629629629,
  "aqi": 0.024965622222222223,
  "bids_meta": {
    "AccelFactPE": 2,
    "AcquisitionNumber": 1,
    "AcquisitionTime": "09:44:56.945000",
    "BandwidthPerPixelPhaseEncode": 65.104,
    "ConversionSoftware": "dcm2niix",
    "ConversionSoftwareVersion": "v1.0.20170724 GCC4.4.7",
    "DeviceSerialNumber": "35193",
    "EchoTime": 0.025,
    "EffectiveEchoSpacing": 0.000240001,
    "FlipAngle": 90,
    "ImageType": [
      "ORIGINAL",
      "PRIMARY",
      "M",
      "ND",
      "NORM",
      "MOSAIC"
    ],
    "InstitutionAddress": "Xinjiekouwai_Street_No_19_Beijing_Haidian_District_CN_100875",
    "InstitutionName": "BNU_MRI_Center",
    "MagneticFieldStrength": 3,
    "Manufacturer": "Siemens",
    "ManufacturersModelName": "TrioTim",
    "PhaseEncodingDirection": "j-",
    "PhaseEncodingLines": 64,
    "ProcedureStepDescription": "BNU_cst_2019_Zhu.Bi",
    "ProtocolName": "Test1_216",
    "RepetitionTime": 2,
    "ScanningSequence": "EP",
    "SequenceName": "_epfid2d1_64",
    "SequenceVariant": "SK",
    "SeriesDescription": "Test1_216",
    "SliceTiming": [
      0,
      1.0175,
      0.0475,
      1.0675,
      0.0975,
      1.115,
      0.145,
      1.1625,
      0.195,
      1.2125,
      0.2425,
      1.26,
      0.29,
      1.31,
      0.34,
      1.3575,
      0.3875,
      1.405,
      0.4375,
      1.455,
      0.485,
      1.5025,
      0.5325,
      1.5525,
      0.5825,
      1.6,
      0.63,
      1.6475,
      0.68,
      1.6975,
      0.7275,
      1.745,
      0.775,
      1.7925,
      0.825,
      1.8425,
      0.8725,
      1.89,
      0.92,
      1.94,
      0.97
    ],
    "SoftwareVersions": "syngo_MR_B17",
    "TaskName": "retrieval",
    "TotalReadoutTime": 0.01488,
    "TrueEchoSpacing": 0.000480001,
    "dataset": "ds003789",
    "modality": "bold",
    "run_id": 1,
    "subject_id": "5426",
    "task_id": "retrieval"
  },
  "dummy_trs": 0,
  "dvars_nstd": 33.21024095418603,
  "dvars_std": 1.132032870976745,
  "dvars_vstd": 0.9532476018139535,
  "efc": 0.5801727635298197,
  "fber": 865.7365112304688,
  "fd_mean": 0.06354206039722363,
  "fd_num": 0,
  "fd_perc": 0.0,
  "fwhm_avg": 1.6000669770119613,
  "fwhm_x": 1.5396466666666668,
  "fwhm_y": 1.74183,
  "fwhm_z": 1.5187242643692171,
  "gcor": 0.00954907,
  "gsr_x": 0.009476515464484692,
  "gsr_y": 0.03100067749619484,
  "provenance": {
    "md5sum": "aabc442268aa3c01c440fb6ed7b14256",
    "settings": {
      "fd_thres": 0.2,
      "testing": false
    },
    "software": "mriqc",
    "version": "23.1.0"
  },
  "size_t": 216,
  "size_x": 64,
  "size_y": 64,
  "size_z": 41,
  "snr": 6.404918061183694,
  "spacing_tr": 2.0,
  "spacing_x": 3.0,
  "spacing_y": 3.0,
  "spacing_z": 3.299999952316284,
  "summary_bg_k": 14.860173879370077,
  "summary_bg_mad": 25.060097089057994,
  "summary_bg_mean": 71.77332150431047,
  "summary_bg_median": 31.851852416992188,
  "summary_bg_n": 121143.0,
  "summary_bg_p05": 8.921296119689941,
  "summary_bg_p95": 305.5138854980469,
  "summary_bg_stdv": 109.0486731194829,
  "summary_fg_k": 2.456770534242585,
  "summary_fg_mad": 119.94662776205926,
  "summary_fg_mean": 930.5249371501621,
  "summary_fg_median": 937.1898193359375,
  "summary_fg_n": 46793.0,
  "summary_fg_p05": 661.74072265625,
  "summary_fg_p95": 1146.1712646484375,
  "summary_fg_stdv": 146.32190390576784,
  "tsnr": 45.56728177587502
}