{
  "aor": 0.0036388837209302325,
  "aqi": 0.02458587488372093,
  "bids_meta": {
    "AccelFactPE": 2,
    "AcquisitionNumber": 1,
    "AcquisitionTime": "12:29:31.527500",
    "BandwidthPerPixelPhaseEncode": 65.104,
    "ConversionSoftware": "dcm2niix",
    "ConversionSoftwareVersion": "v1.0.20170724 GCC4.4.7",
    "DeviceSerialNumber": "35193",
    "EchoTime": 0.025,
    "EffectiveEchoSpacing": 0.000240001,
    "FlipAngle": 90,
    "ImageType": [
      "ORIGINAL",
      "PRIMARY",
      "M",
      "ND",
      "NORM",
      "MOSAIC"
    ],
    "InstitutionAddress": "Xinjiekouwai_Street_No_19_Beijing_Haidian_District_CN_100875",
    "InstitutionName": "BNU_MRI_Center",
    "MagneticFieldStrength": 3,
    "Manufacturer": "Siemens",
    "ManufacturersModelName": "TrioTim",
    "PhaseEncodingDirection": "j-",
    "PhaseEncodingLines": 64,
    "ProcedureStepDescription": "BNU_cst_2019_Zhu.Bi",
    "ProtocolName": "Test3_216",
    "RepetitionTime": 2,
    "ScanningSequence": "EP",
    "SequenceName": "_epfid2d1_64",
    "SequenceVariant": "SK",
    "SeriesDescription": "Test3_216",
    "SliceTiming": [
      0,
      1.0175,
      0.0475,
      1.065,
      0.095,
      1.115,
      0.145,
      1.1625,
      0.1925,
      1.21,
      0.2425,
      1.26,
      0.29,
      1.3075,
      0.3375,
      1.3575,
      0.3875,
      1.405,
      0.435,
      1.4525,
      0.485,
      1.5025,
      0.5325,
      1.55,
      0.58,
      1.6,
      0.63,
      1.6475,
      0.6775,
      1.695,
      0.7275,
      1.745,
      0.775,
      1.7925,
      0.8225,
      1.8425,
      0.8725,
      1.89,
      0.92,
      1.9375,
      0.9675
    ],
    "SoftwareVersions": "syngo_MR_B17",
    "TaskName": "retrieval",
    "TotalReadoutTime": 0.01488,
    "TrueEchoSpacing": 0.000480001,
    "dataset": "ds003789",
    "modality": "bold",
    "run_id": 3,
    "subject_id": "5424",
    "task_id": "retrieval"
  },
  "dummy_trs": 1,
  "dvars_nstd": 29.334623524112132,
  "dvars_std": 1.1049641134579442,
  "dvars_vstd": 1.0278826639252339,
  "efc": 0.5622120114153892,
  "fber": 970.526611328125,
  "fd_mean": 0.131151134175482,
  "fd_num": 25,
  "fd_perc": 11.627906976744185,
  "fwhm_avg": 1.6093238456867596,
  "fwhm_x": 1.5561966666666667,
  "fwhm_y": 1.7555566666666669,
  "fwhm_z": 1.5162182037269447,
  "gcor": 0.0153659,
  "gsr_x": 0.009016946889460087,
  "gsr_y": 0.026739703491330147,
  "provenance": {
    "md5sum": "2ede524ba0f2311e36fd80399455fd4e",
    "settings": {
      "fd_thres": 0.2,
      "testing": false
    },
    "software": "mriqc",
    "version": "23.1.0"
  },
  "size_t": 215,
  "size_x": 64,
  "size_y": 64,
  "size_z": 41,
  "snr": 6.388908956717144,
  "spacing_tr": 2.0,
  "spacing_x": 3.0,
  "spacing_y": 3.0,
  "spacing_z": 3.299999952316284,
  "summary_bg_k": 18.49123957462141,
  "summary_bg_mad": 21.58048110931112,
  "summary_bg_mean": 61.14819021884778,
  "summary_bg_median": 27.73488426208496,
  "summary_bg_n": 124238.0,
  "summary_bg_p05": 8.623255729675293,
  "summary_bg_p95": 252.89767456054688,
  "summary_bg_stdv": 91.04899009789158,
  "summary_fg_k": 2.6881081997597702,
  "summary_fg_mad": 104.80275643805666,
  "summary_fg_mean": 852.0184011370744,
  "summary_fg_median": 864.0325317382812,
  "summary_fg_n": 43698.0,
  "summary_fg_p05": 581.5674438476562,
  "summary_fg_p95": 1036.172119140625,
  "summary_fg_stdv": 135.23790229708925,
  "tsnr": 45.07407270139083
}