{
  "aor": 0.0008181818181818182,
  "aqi": 0.014446687662337664,
  "bids_meta": {
    "AccelFactPE": 2,
    "AcquisitionNumber": 1,
    "AcquisitionTime": "11:24:11.267500",
    "BandwidthPerPixelPhaseEncode": 65.104,
    "ConversionSoftware": "dcm2niix",
    "ConversionSoftwareVersion": "v1.0.20170724 GCC4.4.7",
    "DeviceSerialNumber": "35193",
    "EchoTime": 0.025,
    "EffectiveEchoSpacing": 0.000240001,
    "FlipAngle": 90,
    "ImageType": [
      "ORIGINAL",
      "PRIMARY",
      "M",
      "ND",
      "NORM",
      "MOSAIC"
    ],
    "InstitutionAddress": "Xinjiekouwai_Street_No_19_Beijing_Haidian_District_CN_100875",
    "InstitutionName": "BNU_MRI_Center",
    "MagneticFieldStrength": 3,
    "Manufacturer": "Siemens",
    "ManufacturersModelName": "TrioTim",
    "PhaseEncodingDirection": "j-",
    "PhaseEncodingLines": 64,
    "ProcedureStepDescription": "BNU_cst_2019_Zhu.Bi",
    "ProtocolName": "Learning3_154",
    "RepetitionTime": 2,
    "ScanningSequence": "EP",
    "SequenceName": "_epfid2d1_64",
    "SequenceVariant": "SK",
    "SeriesDescription": "Learning3_154",
    "SliceTiming": [
      0,
      1.02,
      0.05,
      1.0675,
      0.0975,
      1.115,
      0.1475,
      1.165,
      0.195,
      1.2125,
      0.2425,
      1.2625,
      0.2925,
      1.31,
      0.34,
      1.3575,
      0.39,
      1.4075,
      0.4375,
      1.455,
      0.485,
      1.505,
      0.535,
      1.5525,
      0.5825,
      1.6,
      0.63,
      1.65,
      0.68,
      1.6975,
      0.7275,
      1.745,
      0.7775,
      1.795,
      0.825,
      1.8425,
      0.8725,
      1.8925,
      0.9225,
      1.94,
      0.97
    ],
    "SoftwareVersions": "syngo_MR_B17",
    "TaskName": "encoding",
    "TotalReadoutTime": 0.01488,
    "TrueEchoSpacing": 0.000480001,
    "dataset": "ds003789",
    "modality": "bold",
    "run_id": 3,
    "subject_id": "5424",
    "task_id": "encoding"
  },
  "dummy_trs": 0,
  "dvars_nstd": 29.287250880065354,
  "dvars_std": 1.110116924771242,
  "dvars_vstd": 1.0242328588235294,
  "efc": 0.561261433810299,
  "fber": 975.7371826171875,
  "fd_mean": 0.108825826352825,
  "fd_num": 17,
  "fd_perc": 11.03896103896104,
  "fwhm_avg": 1.5969694013095859,
  "fwhm_x": 1.5476366666666665,
  "fwhm_y": 1.7130866666666666,
  "fwhm_z": 1.5301848705954244,
  "gcor": 0.016729,
  "gsr_x": 0.011560501530766487,
  "gsr_y": 0.02136131003499031,
  "provenance": {
    "md5sum": "7db26c6a72eecc147b6a1ed5b87b9796",
    "settings": {
      "fd_thres": 0.2,
      "testing": false
    },
    "software": "mriqc",
    "version": "23.1.0"
  },
  "size_t": 154,
  "size_x": 64,
  "size_y": 64,
  "size_z": 41,
  "snr": 6.410484829533034,
  "spacing_tr": 2.0,
  "spacing_x": 3.0,
  "spacing_y": 3.0,
  "spacing_z": 3.299999952316284,
  "summary_bg_k": 17.383587509976863,
  "summary_bg_mad": 19.716684030335283,
  "summary_bg_mean": 59.62824696878659,
  "summary_bg_median": 26.915584564208984,
  "summary_bg_n": 124470.0,
  "summary_bg_p05": 9.435065269470215,
  "summary_bg_p95": 252.91558837890625,
  "summary_bg_stdv": 89.7445261013987,
  "summary_fg_k": 3.0263026007980454,
  "summary_fg_mad": 100.08528702551186,
  "summary_fg_mean": 829.2067875031667,
  "summary_fg_median": 840.7565002441406,
  "summary_fg_n": 43466.0,
  "summary_fg_p05": 567.5064697265625,
  "summary_fg_p95": 1006.662353515625,
  "summary_fg_stdv": 131.15183190015628,
  "tsnr": 53.90377395716496
}