{
  "aor": 0.0005791503267973855,
  "aqi": 0.012992187581699347,
  "bids_meta": {
    "AccelFactPE": 2,
    "AcquisitionNumber": 1,
    "AcquisitionTime": "11:11:54.222500",
    "BandwidthPerPixelPhaseEncode": 65.104,
    "ConversionSoftware": "dcm2niix",
    "ConversionSoftwareVersion": "v1.0.20170724 GCC4.4.7",
    "DeviceSerialNumber": "35193",
    "EchoTime": 0.025,
    "EffectiveEchoSpacing": 0.000240001,
    "FlipAngle": 90,
    "ImageType": [
      "ORIGINAL",
      "PRIMARY",
      "M",
      "ND",
      "NORM",
      "MOSAIC"
    ],
    "InstitutionAddress": "Xinjiekouwai_Street_No_19_Beijing_Haidian_District_CN_100875",
    "InstitutionName": "BNU_MRI_Center",
    "MagneticFieldStrength": 3,
    "Manufacturer": "Siemens",
    "ManufacturersModelName": "TrioTim",
    "PhaseEncodingDirection": "j-",
    "PhaseEncodingLines": 64,
    "ProcedureStepDescription": "BNU_cst_2019_Zhu.Bi",
    "ProtocolName": "Learning1_154",
    "RepetitionTime": 2,
    "ScanningSequence": "EP",
    "SequenceName": "_epfid2d1_64",
    "SequenceVariant": "SK",
    "SeriesDescription": "Learning1_154",
    "SliceTiming": [
      0,
      1.0175,
      0.0475,
      1.065,
      0.095,
      1.115,
      0.145,
      1.1625,
      0.1925,
      1.21,
      0.2425,
      1.26,
      0.29,
      1.3075,
      0.3375,
      1.3575,
      0.3875,
      1.405,
      0.435,
      1.4525,
      0.4825,
      1.5025,
      0.5325,
      1.55,
      0.58,
      1.5975,
      0.63,
      1.6475,
      0.6775,
      1.695,
      0.725,
      1.745,
      0.775,
      1.7925,
      0.8225,
      1.84,
      0.8725,
      1.89,
      0.92,
      1.9375,
      0.9675
    ],
    "SoftwareVersions": "syngo_MR_B17",
    "TaskName": "encoding",
    "TotalReadoutTime": 0.01488,
    "TrueEchoSpacing": 0.000480001,
    "dataset": "ds003789",
    "modality": "bold",
    "run_id": 1,
    "subject_id": "5424",
    "task_id": "encoding"
  },
  "dummy_trs": 1,
  "dvars_nstd": 28.13577766157894,
  "dvars_std": 1.0846233411184212,
  "dvars_vstd": 1.0099716129605263,
  "efc": 0.5592035078183445,
  "fber": 1008.26318359375,
  "fd_mean": 0.07136880756447617,
  "fd_num": 3,
  "fd_perc": 1.9607843137254901,
  "fwhm_avg": 1.6007177851083865,
  "fwhm_x": 1.5489533333333334,
  "fwhm_y": 1.7312333333333332,
  "fwhm_z": 1.521966688658493,
  "gcor": 0.00298595,
  "gsr_x": 0.012524662539362907,
  "gsr_y": 0.022208796814084053,
  "provenance": {
    "md5sum": "380707af865803cbf1b4da800927c7e4",
    "settings": {
      "fd_thres": 0.2,
      "testing": false
    },
    "software": "mriqc",
    "version": "23.1.0"
  },
  "size_t": 153,
  "size_x": 64,
  "size_y": 64,
  "size_z": 41,
  "snr": 6.339121914383809,
  "spacing_tr": 2.0,
  "spacing_x": 3.0,
  "spacing_y": 3.0,
  "spacing_z": 3.299999952316284,
  "summary_bg_k": 18.159962815090857,
  "summary_bg_mad": 19.293209437314555,
  "summary_bg_mean": 58.02209066150341,
  "summary_bg_median": 26.372549057006836,
  "summary_bg_n": 124429.0,
  "summary_bg_p05": 9.254901885986328,
  "summary_bg_p95": 242.26797485351562,
  "summary_bg_stdv": 88.0743677587219,
  "summary_fg_k": 3.0593891911923254,
  "summary_fg_mad": 101.17547563802688,
  "summary_fg_mean": 824.9050372867223,
  "summary_fg_median": 837.4118041992188,
  "summary_fg_n": 43507.0,
  "summary_fg_p05": 558.601318359375,
  "summary_fg_p95": 1001.9869384765625,
  "summary_fg_stdv": 132.10065866842524,
  "tsnr": 54.90032156277448
}