{
  "aor": 0.0006101298701298701,
  "aqi": 0.015813298701298703,
  "bids_meta": {
    "AccelFactPE": 2,
    "AcquisitionNumber": 1,
    "AcquisitionTime": "11:31:29.112500",
    "BandwidthPerPixelPhaseEncode": 65.104,
    "ConversionSoftware": "dcm2niix",
    "ConversionSoftwareVersion": "v1.0.20170724 GCC4.4.7",
    "DeviceSerialNumber": "35193",
    "EchoTime": 0.025,
    "EffectiveEchoSpacing": 0.000240001,
    "FlipAngle": 90,
    "ImageType": [
      "ORIGINAL",
      "PRIMARY",
      "M",
      "ND",
      "NORM",
      "MOSAIC"
    ],
    "InstitutionAddress": "Xinjiekouwai_Street_No_19_Beijing_Haidian_District_CN_100875",
    "InstitutionName": "BNU_MRI_Center",
    "MagneticFieldStrength": 3,
    "Manufacturer": "Siemens",
    "ManufacturersModelName": "TrioTim",
    "PhaseEncodingDirection": "j-",
    "PhaseEncodingLines": 64,
    "ProcedureStepDescription": "BNU_cst_2019_Zhu.Bi",
    "ProtocolName": "Learning4_154",
    "RepetitionTime": 2,
    "ScanningSequence": "EP",
    "SequenceName": "_epfid2d1_64",
    "SequenceVariant": "SK",
    "SeriesDescription": "Learning4_154",
    "SliceTiming": [
      0,
      1.0175,
      0.0475,
      1.065,
      0.095,
      1.1125,
      0.145,
      1.1625,
      0.1925,
      1.21,
      0.24,
      1.26,
      0.29,
      1.3075,
      0.3375,
      1.355,
      0.3875,
      1.405,
      0.435,
      1.4525,
      0.4825,
      1.5025,
      0.5325,
      1.55,
      0.58,
      1.5975,
      0.63,
      1.6475,
      0.6775,
      1.695,
      0.725,
      1.745,
      0.775,
      1.7925,
      0.8225,
      1.84,
      0.8725,
      1.89,
      0.92,
      1.9375,
      0.9675
    ],
    "SoftwareVersions": "syngo_MR_B17",
    "TaskName": "encoding",
    "TotalReadoutTime": 0.01488,
    "TrueEchoSpacing": 0.000480001,
    "dataset": "ds003789",
    "modality": "bold",
    "run_id": 4,
    "subject_id": "5424",
    "task_id": "encoding"
  },
  "dummy_trs": 0,
  "dvars_nstd": 29.238535513071874,
  "dvars_std": 1.0966438713071889,
  "dvars_vstd": 1.010574232156862,
  "efc": 0.5616989659100321,
  "fber": 967.0589599609375,
  "fd_mean": 0.11086461845468396,
  "fd_num": 17,
  "fd_perc": 11.03896103896104,
  "fwhm_avg": 1.589424855786339,
  "fwhm_x": 1.5418166666666666,
  "fwhm_y": 1.7105366666666668,
  "fwhm_z": 1.515921234025684,
  "gcor": 0.0132747,
  "gsr_x": 0.010463378392159939,
  "gsr_y": 0.020523786544799805,
  "provenance": {
    "md5sum": "b6550cc4af54e614b267761cee05df89",
    "settings": {
      "fd_thres": 0.2,
      "testing": false
    },
    "software": "mriqc",
    "version": "23.1.0"
  },
  "size_t": 154,
  "size_x": 64,
  "size_y": 64,
  "size_z": 41,
  "snr": 6.416505668600294,
  "spacing_tr": 2.0,
  "spacing_x": 3.0,
  "spacing_y": 3.0,
  "spacing_z": 3.299999952316284,
  "summary_bg_k": 17.144144012697968,
  "summary_bg_mad": 19.938110918256683,
  "summary_bg_mean": 59.70049586421081,
  "summary_bg_median": 27.019479751586914,
  "summary_bg_n": 124455.0,
  "summary_bg_p05": 9.564934730529785,
  "summary_bg_p95": 249.92857360839844,
  "summary_bg_stdv": 89.24195991830818,
  "summary_fg_k": 3.0559622802299415,
  "summary_fg_mad": 100.44150428827719,
  "summary_fg_mean": 828.3390364700977,
  "summary_fg_median": 840.240234375,
  "summary_fg_n": 43481.0,
  "summary_fg_p05": 566.6298828125,
  "summary_fg_p95": 1004.967529296875,
  "summary_fg_stdv": 130.94830980625548,
  "tsnr": 52.45325997029431
}