{
  "aor": 0.00040564814814814814,
  "aqi": 0.013099647222222224,
  "bids_meta": {
    "AccelFactPE": 2,
    "AcquisitionNumber": 1,
    "AcquisitionTime": "12:13:13.295000",
    "BandwidthPerPixelPhaseEncode": 65.104,
    "ConversionSoftware": "dcm2niix",
    "ConversionSoftwareVersion": "v1.0.20170724 GCC4.4.7",
    "DeviceSerialNumber": "35193",
    "EchoTime": 0.025,
    "EffectiveEchoSpacing": 0.000240001,
    "FlipAngle": 90,
    "ImageType": [
      "ORIGINAL",
      "PRIMARY",
      "M",
      "ND",
      "NORM",
      "MOSAIC"
    ],
    "InstitutionAddress": "Xinjiekouwai_Street_No_19_Beijing_Haidian_District_CN_100875",
    "InstitutionName": "BNU_MRI_Center",
    "MagneticFieldStrength": 3,
    "Manufacturer": "Siemens",
    "ManufacturersModelName": "TrioTim",
    "PhaseEncodingDirection": "j-",
    "PhaseEncodingLines": 64,
    "ProcedureStepDescription": "BNU_cst_2019_Zhu.Bi",
    "ProtocolName": "Test1_216",
    "RepetitionTime": 2,
    "ScanningSequence": "EP",
    "SequenceName": "_epfid2d1_64",
    "SequenceVariant": "SK",
    "SeriesDescription": "Test1_216",
    "SliceTiming": [
      0,
      1.02,
      0.05,
      1.0675,
      0.0975,
      1.115,
      0.1475,
      1.165,
      0.195,
      1.2125,
      0.2425,
      1.2625,
      0.2925,
      1.31,
      0.34,
      1.3575,
      0.39,
      1.4075,
      0.4375,
      1.455,
      0.485,
      1.505,
      0.535,
      1.5525,
      0.5825,
      1.6,
      0.6325,
      1.65,
      0.68,
      1.6975,
      0.7275,
      1.7475,
      0.7775,
      1.795,
      0.825,
      1.8425,
      0.875,
      1.8925,
      0.9225,
      1.94,
      0.97
    ],
    "SoftwareVersions": "syngo_MR_B17",
    "TaskName": "retrieval",
    "TotalReadoutTime": 0.01488,
    "TrueEchoSpacing": 0.000480001,
    "dataset": "ds003789",
    "modality": "bold",
    "run_id": 1,
    "subject_id": "5424",
    "task_id": "retrieval"
  },
  "dummy_trs": 0,
  "dvars_nstd": 27.602002503348842,
  "dvars_std": 1.0757882919069766,
  "dvars_vstd": 1.0000450351162788,
  "efc": 0.5604413829837167,
  "fber": 966.37353515625,
  "fd_mean": 0.061603748606772875,
  "fd_num": 0,
  "fd_perc": 0.0,
  "fwhm_avg": 1.6001418254856734,
  "fwhm_x": 1.5460866666666666,
  "fwhm_y": 1.7379266666666666,
  "fwhm_z": 1.5164121431236866,
  "gcor": 0.00840285,
  "gsr_x": 0.00921880453824997,
  "gsr_y": 0.025797255337238312,
  "provenance": {
    "md5sum": "be645ff6b2479062e80ce34d7f95086f",
    "settings": {
      "fd_thres": 0.2,
      "testing": false
    },
    "software": "mriqc",
    "version": "23.1.0"
  },
  "size_t": 216,
  "size_x": 64,
  "size_y": 64,
  "size_z": 41,
  "snr": 6.404274951767615,
  "spacing_tr": 2.0,
  "spacing_x": 3.0,
  "spacing_y": 3.0,
  "spacing_z": 3.299999952316284,
  "summary_bg_k": 19.219224114529705,
  "summary_bg_mad": 20.81134345680649,
  "summary_bg_mean": 60.1523046340798,
  "summary_bg_median": 27.70833396911621,
  "summary_bg_n": 124328.0,
  "summary_bg_p05": 9.412036895751953,
  "summary_bg_p95": 248.375,
  "summary_bg_stdv": 91.1343621106444,
  "summary_fg_k": 3.04868205261588,
  "summary_fg_mad": 104.66760834153943,
  "summary_fg_mean": 849.1775041580025,
  "summary_fg_median": 861.3565063476562,
  "summary_fg_n": 43608.0,
  "summary_fg_p05": 585.629638671875,
  "summary_fg_p95": 1031.6898193359375,
  "summary_fg_stdv": 134.49557313647938,
  "tsnr": 54.91933854762465
}