{
  "aor": 0.0017561038961038961,
  "aqi": 0.015223735064935065,
  "bids_meta": {
    "AccelFactPE": 2,
    "AcquisitionNumber": 1,
    "AcquisitionTime": "11:58:25.087500",
    "BandwidthPerPixelPhaseEncode": 65.104,
    "ConversionSoftware": "dcm2niix",
    "ConversionSoftwareVersion": "v1.0.20170724 GCC4.4.7",
    "DeviceSerialNumber": "35193",
    "EchoTime": 0.025,
    "EffectiveEchoSpacing": 0.000240001,
    "FlipAngle": 90,
    "ImageType": [
      "ORIGINAL",
      "PRIMARY",
      "M",
      "ND",
      "NORM",
      "MOSAIC"
    ],
    "InstitutionAddress": "Xinjiekouwai_Street_No_19_Beijing_Haidian_District_CN_100875",
    "InstitutionName": "BNU_MRI_Center",
    "MagneticFieldStrength": 3,
    "Manufacturer": "Siemens",
    "ManufacturersModelName": "TrioTim",
    "PhaseEncodingDirection": "j-",
    "PhaseEncodingLines": 64,
    "ProcedureStepDescription": "BNU_cst_2019_Zhu.Bi",
    "ProtocolName": "Learning8_154",
    "RepetitionTime": 2,
    "ScanningSequence": "EP",
    "SequenceName": "_epfid2d1_64",
    "SequenceVariant": "SK",
    "SeriesDescription": "Learning8_154",
    "SliceTiming": [
      0,
      1.0175,
      0.0475,
      1.065,
      0.095,
      1.115,
      0.145,
      1.1625,
      0.1925,
      1.21,
      0.24,
      1.26,
      0.29,
      1.3075,
      0.3375,
      1.355,
      0.3875,
      1.405,
      0.435,
      1.4525,
      0.4825,
      1.5025,
      0.5325,
      1.55,
      0.58,
      1.5975,
      0.63,
      1.6475,
      0.6775,
      1.695,
      0.725,
      1.745,
      0.775,
      1.7925,
      0.8225,
      1.84,
      0.8725,
      1.89,
      0.92,
      1.9375,
      0.9675
    ],
    "SoftwareVersions": "syngo_MR_B17",
    "TaskName": "encoding",
    "TotalReadoutTime": 0.01488,
    "TrueEchoSpacing": 0.000480001,
    "dataset": "ds003789",
    "modality": "bold",
    "run_id": 8,
    "subject_id": "5424",
    "task_id": "encoding"
  },
  "dummy_trs": 0,
  "dvars_nstd": 30.288088331307186,
  "dvars_std": 1.1219130932679735,
  "dvars_vstd": 1.0341836259477117,
  "efc": 0.5630609801625513,
  "fber": 969.5198974609375,
  "fd_mean": 0.17800893091373574,
  "fd_num": 46,
  "fd_perc": 29.87012987012987,
  "fwhm_avg": 1.5890915224542903,
  "fwhm_x": 1.5404866666666666,
  "fwhm_y": 1.7106000000000001,
  "fwhm_z": 1.516187900696204,
  "gcor": 0.0165256,
  "gsr_x": 0.009438840672373772,
  "gsr_y": 0.0201985202729702,
  "provenance": {
    "md5sum": "b9664491d28182257f2711060e8c99e4",
    "settings": {
      "fd_thres": 0.2,
      "testing": false
    },
    "software": "mriqc",
    "version": "23.1.0"
  },
  "size_t": 154,
  "size_x": 64,
  "size_y": 64,
  "size_z": 41,
  "snr": 6.453448841269655,
  "spacing_tr": 2.0,
  "spacing_x": 3.0,
  "spacing_y": 3.0,
  "spacing_z": 3.299999952316284,
  "summary_bg_k": 16.316965276615417,
  "summary_bg_mad": 20.380967521938796,
  "summary_bg_mean": 60.72636642123855,
  "summary_bg_median": 27.136363983154297,
  "summary_bg_n": 124462.0,
  "summary_bg_p05": 9.47402572631836,
  "summary_bg_p95": 255.08441162109375,
  "summary_bg_stdv": 89.36969198609654,
  "summary_fg_k": 2.7991204518809925,
  "summary_fg_mad": 101.17316812114626,
  "summary_fg_mean": 833.0909777075024,
  "summary_fg_median": 844.9480590820312,
  "summary_fg_n": 43474.0,
  "summary_fg_p05": 571.2207641601562,
  "summary_fg_p95": 1011.1168823242188,
  "summary_fg_stdv": 130.92818459608097,
  "tsnr": 52.4692828792613
}