{
  "aor": 0.000541388888888889,
  "aqi": 0.016445953240740743,
  "bids_meta": {
    "AccelFactPE": 2,
    "AcquisitionNumber": 1,
    "AcquisitionTime": "12:21:22.382500",
    "BandwidthPerPixelPhaseEncode": 65.104,
    "ConversionSoftware": "dcm2niix",
    "ConversionSoftwareVersion": "v1.0.20170724 GCC4.4.7",
    "DeviceSerialNumber": "35193",
    "EchoTime": 0.025,
    "EffectiveEchoSpacing": 0.000240001,
    "FlipAngle": 90,
    "ImageType": [
      "ORIGINAL",
      "PRIMARY",
      "M",
      "ND",
      "NORM",
      "MOSAIC"
    ],
    "InstitutionAddress": "Xinjiekouwai_Street_No_19_Beijing_Haidian_District_CN_100875",
    "InstitutionName": "BNU_MRI_Center",
    "MagneticFieldStrength": 3,
    "Manufacturer": "Siemens",
    "ManufacturersModelName": "TrioTim",
    "PhaseEncodingDirection": "j-",
    "PhaseEncodingLines": 64,
    "ProcedureStepDescription": "BNU_cst_2019_Zhu.Bi",
    "ProtocolName": "Test2_216",
    "RepetitionTime": 2,
    "ScanningSequence": "EP",
    "SequenceName": "_epfid2d1_64",
    "SequenceVariant": "SK",
    "SeriesDescription": "Test2_216",
    "SliceTiming": [
      0,
      1.02,
      0.05,
      1.0675,
      0.0975,
      1.115,
      0.1475,
      1.165,
      0.195,
      1.2125,
      0.2425,
      1.2625,
      0.2925,
      1.31,
      0.34,
      1.3575,
      0.39,
      1.4075,
      0.4375,
      1.455,
      0.485,
      1.505,
      0.535,
      1.5525,
      0.5825,
      1.6,
      0.6325,
      1.65,
      0.68,
      1.6975,
      0.7275,
      1.7475,
      0.7775,
      1.795,
      0.825,
      1.8425,
      0.875,
      1.8925,
      0.9225,
      1.94,
      0.97
    ],
    "SoftwareVersions": "syngo_MR_B17",
    "TaskName": "retrieval",
    "TotalReadoutTime": 0.01488,
    "TrueEchoSpacing": 0.000480001,
    "dataset": "ds003789",
    "modality": "bold",
    "run_id": 2,
    "subject_id": "5424",
    "task_id": "retrieval"
  },
  "dummy_trs": 0,
  "dvars_nstd": 29.031873844744197,
  "dvars_std": 1.0849900687906973,
  "dvars_vstd": 0.9878457090697669,
  "efc": 0.5620120123037072,
  "fber": 931.6110229492188,
  "fd_mean": 0.0799050727720263,
  "fd_num": 3,
  "fd_perc": 1.3888888888888888,
  "fwhm_avg": 1.6045373810906787,
  "fwhm_x": 1.5426266666666668,
  "fwhm_y": 1.7443066666666667,
  "fwhm_z": 1.5266788099387025,
  "gcor": 0.0128962,
  "gsr_x": 0.009048186242580414,
  "gsr_y": 0.02582576498389244,
  "provenance": {
    "md5sum": "70989055226ff8f5764affb731b0a004",
    "settings": {
      "fd_thres": 0.2,
      "testing": false
    },
    "software": "mriqc",
    "version": "23.1.0"
  },
  "size_t": 216,
  "size_x": 64,
  "size_y": 64,
  "size_z": 41,
  "snr": 6.427386949604542,
  "spacing_tr": 2.0,
  "spacing_x": 3.0,
  "spacing_y": 3.0,
  "spacing_z": 3.299999952316284,
  "summary_bg_k": 18.687038880192713,
  "summary_bg_mad": 21.470276676427027,
  "summary_bg_mean": 61.112901704164805,
  "summary_bg_median": 28.231481552124023,
  "summary_bg_n": 124305.0,
  "summary_bg_p05": 9.328703880310059,
  "summary_bg_p95": 252.4583282470703,
  "summary_bg_stdv": 91.8547503075007,
  "summary_fg_k": 2.985537812376215,
  "summary_fg_mad": 104.52345640464493,
  "summary_fg_mean": 850.2625211141409,
  "summary_fg_median": 861.6898193359375,
  "summary_fg_n": 43631.0,
  "summary_fg_p05": 584.870361328125,
  "summary_fg_p95": 1031.5185546875,
  "summary_fg_stdv": 134.06380404550282,
  "tsnr": 51.90635761991143
}