{
  "aor": 0.0012442207792207791,
  "aqi": 0.015763033116883114,
  "bids_meta": {
    "AccelFactPE": 2,
    "AcquisitionNumber": 1,
    "AcquisitionTime": "11:38:3.555000",
    "BandwidthPerPixelPhaseEncode": 65.104,
    "ConversionSoftware": "dcm2niix",
    "ConversionSoftwareVersion": "v1.0.20170724 GCC4.4.7",
    "DeviceSerialNumber": "35193",
    "EchoTime": 0.025,
    "EffectiveEchoSpacing": 0.000240001,
    "FlipAngle": 90,
    "ImageType": [
      "ORIGINAL",
      "PRIMARY",
      "M",
      "ND",
      "NORM",
      "MOSAIC"
    ],
    "InstitutionAddress": "Xinjiekouwai_Street_No_19_Beijing_Haidian_District_CN_100875",
    "InstitutionName": "BNU_MRI_Center",
    "MagneticFieldStrength": 3,
    "Manufacturer": "Siemens",
    "ManufacturersModelName": "TrioTim",
    "PhaseEncodingDirection": "j-",
    "PhaseEncodingLines": 64,
    "ProcedureStepDescription": "BNU_cst_2019_Zhu.Bi",
    "ProtocolName": "Learning5_154",
    "RepetitionTime": 2,
    "ScanningSequence": "EP",
    "SequenceName": "_epfid2d1_64",
    "SequenceVariant": "SK",
    "SeriesDescription": "Learning5_154",
    "SliceTiming": [
      0,
      1.0175,
      0.0475,
      1.065,
      0.0975,
      1.115,
      0.145,
      1.1625,
      0.1925,
      1.2125,
      0.2425,
      1.26,
      0.29,
      1.3075,
      0.34,
      1.3575,
      0.3875,
      1.405,
      0.435,
      1.455,
      0.485,
      1.5025,
      0.5325,
      1.55,
      0.5825,
      1.6,
      0.63,
      1.6475,
      0.6775,
      1.6975,
      0.7275,
      1.745,
      0.775,
      1.7925,
      0.825,
      1.8425,
      0.8725,
      1.89,
      0.92,
      1.9375,
      0.97
    ],
    "SoftwareVersions": "syngo_MR_B17",
    "TaskName": "encoding",
    "TotalReadoutTime": 0.01488,
    "TrueEchoSpacing": 0.000480001,
    "dataset": "ds003789",
    "modality": "bold",
    "run_id": 5,
    "subject_id": "5424",
    "task_id": "encoding"
  },
  "dummy_trs": 0,
  "dvars_nstd": 30.33611595594772,
  "dvars_std": 1.1135872007189533,
  "dvars_vstd": 1.0262115805228755,
  "efc": 0.5614452408671358,
  "fber": 975.4511108398438,
  "fd_mean": 0.14555387123786695,
  "fd_num": 29,
  "fd_perc": 18.83116883116883,
  "fwhm_avg": 1.5982199063306368,
  "fwhm_x": 1.5519,
  "fwhm_y": 1.7186899999999998,
  "fwhm_z": 1.5240697189919112,
  "gcor": 0.0215909,
  "gsr_x": 0.011100266128778458,
  "gsr_y": 0.020762773230671883,
  "provenance": {
    "md5sum": "2fe863319b7eed089eba861eb980c189",
    "settings": {
      "fd_thres": 0.2,
      "testing": false
    },
    "software": "mriqc",
    "version": "23.1.0"
  },
  "size_t": 154,
  "size_x": 64,
  "size_y": 64,
  "size_z": 41,
  "snr": 6.418160303920486,
  "spacing_tr": 2.0,
  "spacing_x": 3.0,
  "spacing_y": 3.0,
  "spacing_z": 3.299999952316284,
  "summary_bg_k": 17.298427524736205,
  "summary_bg_mad": 19.861093300607394,
  "summary_bg_mean": 59.7723144453134,
  "summary_bg_median": 27.01298713684082,
  "summary_bg_n": 124457.0,
  "summary_bg_p05": 9.454545021057129,
  "summary_bg_p95": 250.467529296875,
  "summary_bg_stdv": 89.34608551984586,
  "summary_fg_k": 3.001572324538289,
  "summary_fg_mad": 101.15393881380787,
  "summary_fg_mean": 831.8146244381506,
  "summary_fg_median": 843.6753540039062,
  "summary_fg_n": 43479.0,
  "summary_fg_p05": 569.3117065429688,
  "summary_fg_p95": 1009.5,
  "summary_fg_stdv": 131.44976315582787,
  "tsnr": 51.942062682821415
}