{
  "aor": 0.0008308552631578948,
  "aqi": 0.01562612894736842,
  "bids_meta": {
    "AccelFactPE": 2,
    "AcquisitionNumber": 1,
    "AcquisitionTime": "11:52:28.492500",
    "BandwidthPerPixelPhaseEncode": 65.104,
    "ConversionSoftware": "dcm2niix",
    "ConversionSoftwareVersion": "v1.0.20170724 GCC4.4.7",
    "DeviceSerialNumber": "35193",
    "EchoTime": 0.025,
    "EffectiveEchoSpacing": 0.000240001,
    "FlipAngle": 90,
    "ImageType": [
      "ORIGINAL",
      "PRIMARY",
      "M",
      "ND",
      "NORM",
      "MOSAIC"
    ],
    "InstitutionAddress": "Xinjiekouwai_Street_No_19_Beijing_Haidian_District_CN_100875",
    "InstitutionName": "BNU_MRI_Center",
    "MagneticFieldStrength": 3,
    "Manufacturer": "Siemens",
    "ManufacturersModelName": "TrioTim",
    "PhaseEncodingDirection": "j-",
    "PhaseEncodingLines": 64,
    "ProcedureStepDescription": "BNU_cst_2019_Zhu.Bi",
    "ProtocolName": "Learning7_154",
    "RepetitionTime": 2,
    "ScanningSequence": "EP",
    "SequenceName": "_epfid2d1_64",
    "SequenceVariant": "SK",
    "SeriesDescription": "Learning7_154",
    "SliceTiming": [
      0,
      1.0175,
      0.05,
      1.0675,
      0.0975,
      1.115,
      0.145,
      1.165,
      0.195,
      1.2125,
      0.2425,
      1.26,
      0.2925,
      1.31,
      0.34,
      1.3575,
      0.3875,
      1.405,
      0.4375,
      1.455,
      0.485,
      1.5025,
      0.5325,
      1.5525,
      0.5825,
      1.6,
      0.63,
      1.6475,
      0.68,
      1.6975,
      0.7275,
      1.745,
      0.775,
      1.795,
      0.825,
      1.8425,
      0.8725,
      1.89,
      0.9225,
      1.94,
      0.97
    ],
    "SoftwareVersions": "syngo_MR_B17",
    "TaskName": "encoding",
    "TotalReadoutTime": 0.01488,
    "TrueEchoSpacing": 0.000480001,
    "dataset": "ds003789",
    "modality": "bold",
    "run_id": 7,
    "subject_id": "5424",
    "task_id": "encoding"
  },
  "dummy_trs": 2,
  "dvars_nstd": 29.363460162251656,
  "dvars_std": 1.085969560198675,
  "dvars_vstd": 1.0004329614569538,
  "efc": 0.5632793995935069,
  "fber": 946.0340576171875,
  "fd_mean": 0.11950230196449355,
  "fd_num": 13,
  "fd_perc": 8.552631578947368,
  "fwhm_avg": 1.6004526336797138,
  "fwhm_x": 1.5490466666666667,
  "fwhm_y": 1.71239,
  "fwhm_z": 1.5399212343724746,
  "gcor": 0.0087509,
  "gsr_x": 0.009703453630208969,
  "gsr_y": 0.01904918998479843,
  "provenance": {
    "md5sum": "1cf55f4ea4edec848727beafe5098d46",
    "settings": {
      "fd_thres": 0.2,
      "testing": false
    },
    "software": "mriqc",
    "version": "23.1.0"
  },
  "size_t": 152,
  "size_x": 64,
  "size_y": 64,
  "size_z": 41,
  "snr": 6.4253179896657935,
  "spacing_tr": 2.0,
  "spacing_x": 3.0,
  "spacing_y": 3.0,
  "spacing_z": 3.299999952316284,
  "summary_bg_k": 16.582830017796184,
  "summary_bg_mad": 20.473567948130476,
  "summary_bg_mean": 60.618277582072935,
  "summary_bg_median": 27.460527420043945,
  "summary_bg_n": 124394.0,
  "summary_bg_p05": 9.625,
  "summary_bg_p95": 252.9144744873047,
  "summary_bg_stdv": 89.06786497685557,
  "summary_fg_k": 2.8532688480804236,
  "summary_fg_mad": 100.87549844354776,
  "summary_fg_mean": 832.5499252400638,
  "summary_fg_median": 844.6217346191406,
  "summary_fg_n": 43542.0,
  "summary_fg_p05": 567.3486938476562,
  "summary_fg_p95": 1010.7894897460938,
  "summary_fg_stdv": 131.45062034137078,
  "tsnr": 52.10402362188324
}