{
  "aor": 0.002033529411764706,
  "aqi": 0.014987495424836603,
  "bids_meta": {
    "AccelFactPE": 2,
    "AcquisitionNumber": 1,
    "AcquisitionTime": "12:04:24.255000",
    "BandwidthPerPixelPhaseEncode": 65.104,
    "ConversionSoftware": "dcm2niix",
    "ConversionSoftwareVersion": "v1.0.20170724 GCC4.4.7",
    "DeviceSerialNumber": "35193",
    "EchoTime": 0.025,
    "EffectiveEchoSpacing": 0.000240001,
    "FlipAngle": 90,
    "ImageType": [
      "ORIGINAL",
      "PRIMARY",
      "M",
      "ND",
      "NORM",
      "MOSAIC"
    ],
    "InstitutionAddress": "Xinjiekouwai_Street_No_19_Beijing_Haidian_District_CN_100875",
    "InstitutionName": "BNU_MRI_Center",
    "MagneticFieldStrength": 3,
    "Manufacturer": "Siemens",
    "ManufacturersModelName": "TrioTim",
    "PhaseEncodingDirection": "j-",
    "PhaseEncodingLines": 64,
    "ProcedureStepDescription": "BNU_cst_2019_Zhu.Bi",
    "ProtocolName": "Learning9_154",
    "RepetitionTime": 2,
    "ScanningSequence": "EP",
    "SequenceName": "_epfid2d1_64",
    "SequenceVariant": "SK",
    "SeriesDescription": "Learning9_154",
    "SliceTiming": [
      0,
      1.0175,
      0.0475,
      1.0675,
      0.0975,
      1.115,
      0.145,
      1.1625,
      0.195,
      1.2125,
      0.2425,
      1.26,
      0.29,
      1.31,
      0.34,
      1.3575,
      0.3875,
      1.405,
      0.4375,
      1.455,
      0.485,
      1.5025,
      0.5325,
      1.55,
      0.5825,
      1.6,
      0.63,
      1.6475,
      0.6775,
      1.6975,
      0.7275,
      1.745,
      0.775,
      1.7925,
      0.825,
      1.8425,
      0.8725,
      1.89,
      0.92,
      1.94,
      0.97
    ],
    "SoftwareVersions": "syngo_MR_B17",
    "TaskName": "encoding",
    "TotalReadoutTime": 0.01488,
    "TrueEchoSpacing": 0.000480001,
    "dataset": "ds003789",
    "modality": "bold",
    "run_id": 9,
    "subject_id": "5424",
    "task_id": "encoding"
  },
  "dummy_trs": 1,
  "dvars_nstd": 30.656309115657876,
  "dvars_std": 1.1266417207236836,
  "dvars_vstd": 1.03059324631579,
  "efc": 0.5620095364543425,
  "fber": 956.3826904296875,
  "fd_mean": 0.16544699546863534,
  "fd_num": 36,
  "fd_perc": 23.529411764705884,
  "fwhm_avg": 1.6018352598315013,
  "fwhm_x": 1.56171,
  "fwhm_y": 1.7268866666666665,
  "fwhm_z": 1.5169091128278371,
  "gcor": 0.0123945,
  "gsr_x": 0.011894376017153263,
  "gsr_y": 0.020995542407035828,
  "provenance": {
    "md5sum": "112f2545ea9adcc725753321be03f57a",
    "settings": {
      "fd_thres": 0.2,
      "testing": false
    },
    "software": "mriqc",
    "version": "23.1.0"
  },
  "size_t": 153,
  "size_x": 64,
  "size_y": 64,
  "size_z": 41,
  "snr": 6.397457119860747,
  "spacing_tr": 2.0,
  "spacing_x": 3.0,
  "spacing_y": 3.0,
  "spacing_z": 3.299999952316284,
  "summary_bg_k": 17.34809896530941,
  "summary_bg_mad": 20.417272736977637,
  "summary_bg_mean": 60.2265895423152,
  "summary_bg_median": 27.39215660095215,
  "summary_bg_n": 124396.0,
  "summary_bg_p05": 9.411765098571777,
  "summary_bg_p95": 251.31373596191406,
  "summary_bg_stdv": 89.74225314625681,
  "summary_fg_k": 3.0482552206479525,
  "summary_fg_mad": 101.36437530423358,
  "summary_fg_mean": 835.4791724707043,
  "summary_fg_median": 847.1144104003906,
  "summary_fg_n": 43540.0,
  "summary_fg_p05": 569.1078491210938,
  "summary_fg_p95": 1014.973876953125,
  "summary_fg_stdv": 132.41271750189009,
  "tsnr": 52.72732717945473
}