{
  "aor": 0.0007055844155844156,
  "aqi": 0.012600674025974026,
  "bids_meta": {
    "AccelFactPE": 2,
    "AcquisitionNumber": 1,
    "AcquisitionTime": "16:55:22.807500",
    "BandwidthPerPixelPhaseEncode": 65.104,
    "ConversionSoftware": "dcm2niix",
    "ConversionSoftwareVersion": "v1.0.20170724 GCC4.4.7",
    "DeviceSerialNumber": "35193",
    "EchoTime": 0.025,
    "EffectiveEchoSpacing": 0.000240001,
    "FlipAngle": 90,
    "ImageType": [
      "ORIGINAL",
      "PRIMARY",
      "M",
      "ND",
      "NORM",
      "MOSAIC"
    ],
    "InstitutionAddress": "Xinjiekouwai_Street_No_19_Beijing_Haidian_District_CN_100875",
    "InstitutionName": "BNU_MRI_Center",
    "MagneticFieldStrength": 3,
    "Manufacturer": "Siemens",
    "ManufacturersModelName": "TrioTim",
    "PhaseEncodingDirection": "j-",
    "PhaseEncodingLines": 64,
    "ProcedureStepDescription": "BNU_cst_2019_Zhu.Bi",
    "ProtocolName": "Learning7_154",
    "RepetitionTime": 2,
    "ScanningSequence": "EP",
    "SequenceName": "_epfid2d1_64",
    "SequenceVariant": "SK",
    "SeriesDescription": "Learning7_154",
    "SliceTiming": [
      0,
      1.0175,
      0.0475,
      1.065,
      0.095,
      1.115,
      0.145,
      1.1625,
      0.1925,
      1.21,
      0.2425,
      1.26,
      0.29,
      1.3075,
      0.3375,
      1.3575,
      0.3875,
      1.405,
      0.435,
      1.4525,
      0.485,
      1.5025,
      0.5325,
      1.55,
      0.58,
      1.5975,
      0.63,
      1.6475,
      0.6775,
      1.695,
      0.725,
      1.745,
      0.775,
      1.7925,
      0.8225,
      1.84,
      0.8725,
      1.89,
      0.92,
      1.9375,
      0.9675
    ],
    "SoftwareVersions": "syngo_MR_B17",
    "TaskName": "encoding",
    "TotalReadoutTime": 0.01488,
    "TrueEchoSpacing": 0.000480001,
    "dataset": "ds003789",
    "modality": "bold",
    "run_id": 7,
    "subject_id": "5416",
    "task_id": "encoding"
  },
  "dummy_trs": 0,
  "dvars_nstd": 30.202290529019603,
  "dvars_std": 1.1537367273856212,
  "dvars_vstd": 1.0216015129411764,
  "efc": 0.5620186475800046,
  "fber": 1000.402587890625,
  "fd_mean": 0.08215249052019306,
  "fd_num": 2,
  "fd_perc": 1.2987012987012987,
  "fwhm_avg": 1.6185715225576853,
  "fwhm_x": 1.5464866666666666,
  "fwhm_y": 1.7715733333333334,
  "fwhm_z": 1.5376545676730555,
  "gcor": 0.0195887,
  "gsr_x": -0.0016092699952423573,
  "gsr_y": 0.03606275096535683,
  "provenance": {
    "md5sum": "f5274fe1cb07f5f9f9988bd915f3726d",
    "settings": {
      "fd_thres": 0.2,
      "testing": false
    },
    "software": "mriqc",
    "version": "23.1.0"
  },
  "size_t": 154,
  "size_x": 64,
  "size_y": 64,
  "size_z": 41,
  "snr": 6.33505516877554,
  "spacing_tr": 2.0,
  "spacing_x": 3.0,
  "spacing_y": 3.0,
  "spacing_z": 3.299999952316284,
  "summary_bg_k": 27.67514976047909,
  "summary_bg_mad": 22.017606389662628,
  "summary_bg_mean": 61.096408305663594,
  "summary_bg_median": 29.590909957885742,
  "summary_bg_n": 122409.0,
  "summary_bg_p05": 9.370129585266113,
  "summary_bg_p95": 243.56494140625,
  "summary_bg_stdv": 95.22648202063844,
  "summary_fg_k": 2.7388792198571963,
  "summary_fg_mad": 120.36994399607838,
  "summary_fg_mean": 928.5375661885796,
  "summary_fg_median": 935.93505859375,
  "summary_fg_n": 45527.0,
  "summary_fg_p05": 655.2207641601562,
  "summary_fg_p95": 1138.7012939453125,
  "summary_fg_stdv": 147.73743159321654,
  "tsnr": 55.06491113174707
}