{
  "aor": 0.0005357142857142857,
  "aqi": 0.01201420194805195,
  "bids_meta": {
    "AccelFactPE": 2,
    "AcquisitionNumber": 1,
    "AcquisitionTime": "16:23:17.825000",
    "BandwidthPerPixelPhaseEncode": 65.104,
    "ConversionSoftware": "dcm2niix",
    "ConversionSoftwareVersion": "v1.0.20170724 GCC4.4.7",
    "DeviceSerialNumber": "35193",
    "EchoTime": 0.025,
    "EffectiveEchoSpacing": 0.000240001,
    "FlipAngle": 90,
    "ImageType": [
      "ORIGINAL",
      "PRIMARY",
      "M",
      "ND",
      "NORM",
      "MOSAIC"
    ],
    "InstitutionAddress": "Xinjiekouwai_Street_No_19_Beijing_Haidian_District_CN_100875",
    "InstitutionName": "BNU_MRI_Center",
    "MagneticFieldStrength": 3,
    "Manufacturer": "Siemens",
    "ManufacturersModelName": "TrioTim",
    "PhaseEncodingDirection": "j-",
    "PhaseEncodingLines": 64,
    "ProcedureStepDescription": "BNU_cst_2019_Zhu.Bi",
    "ProtocolName": "Learning2_154",
    "RepetitionTime": 2,
    "ScanningSequence": "EP",
    "SequenceName": "_epfid2d1_64",
    "SequenceVariant": "SK",
    "SeriesDescription": "Learning2_154",
    "SliceTiming": [
      0,
      1.02,
      0.05,
      1.0675,
      0.0975,
      1.115,
      0.1475,
      1.165,
      0.195,
      1.2125,
      0.2425,
      1.26,
      0.2925,
      1.31,
      0.34,
      1.3575,
      0.3875,
      1.4075,
      0.4375,
      1.455,
      0.485,
      1.5025,
      0.535,
      1.5525,
      0.5825,
      1.6,
      0.63,
      1.65,
      0.68,
      1.6975,
      0.7275,
      1.745,
      0.7775,
      1.795,
      0.825,
      1.8425,
      0.8725,
      1.8925,
      0.9225,
      1.94,
      0.97
    ],
    "SoftwareVersions": "syngo_MR_B17",
    "TaskName": "encoding",
    "TotalReadoutTime": 0.01488,
    "TrueEchoSpacing": 0.000480001,
    "dataset": "ds003789",
    "modality": "bold",
    "run_id": 2,
    "subject_id": "5416",
    "task_id": "encoding"
  },
  "dummy_trs": 0,
  "dvars_nstd": 31.29653225045752,
  "dvars_std": 1.1766201444444453,
  "dvars_vstd": 1.0177271627450981,
  "efc": 0.5598756018868911,
  "fber": 1039.9725341796875,
  "fd_mean": 0.07369549774977578,
  "fd_num": 1,
  "fd_perc": 0.6493506493506493,
  "fwhm_avg": 1.6245369771002645,
  "fwhm_x": 1.5581133333333332,
  "fwhm_y": 1.77844,
  "fwhm_z": 1.5370575979674599,
  "gcor": 0.00666678,
  "gsr_x": -0.0010559266665950418,
  "gsr_y": 0.03632267564535141,
  "provenance": {
    "md5sum": "3155188cdaeabf3301680c24c2cf8f9f",
    "settings": {
      "fd_thres": 0.2,
      "testing": false
    },
    "software": "mriqc",
    "version": "23.1.0"
  },
  "size_t": 154,
  "size_x": 64,
  "size_y": 64,
  "size_z": 41,
  "snr": 6.305229126417001,
  "spacing_tr": 2.0,
  "spacing_x": 3.0,
  "spacing_y": 3.0,
  "spacing_z": 3.299999952316284,
  "summary_bg_k": 28.310801770974237,
  "summary_bg_mad": 21.49773216833123,
  "summary_bg_mean": 60.023650095871545,
  "summary_bg_median": 29.097402572631836,
  "summary_bg_n": 122443.0,
  "summary_bg_p05": 9.272727012634277,
  "summary_bg_p95": 241.00650024414062,
  "summary_bg_stdv": 95.05527280761217,
  "summary_fg_k": 2.6555201926701013,
  "summary_fg_mad": 121.65038963767104,
  "summary_fg_mean": 931.1044687527245,
  "summary_fg_median": 938.3506469726562,
  "summary_fg_n": 45493.0,
  "summary_fg_p05": 653.3961181640625,
  "summary_fg_p95": 1143.1103515625,
  "summary_fg_stdv": 148.81938704692152,
  "tsnr": 56.00524375308305
}