{
  "aor": 0.0005113071895424836,
  "aqi": 0.012694732679738563,
  "bids_meta": {
    "AccelFactPE": 2,
    "AcquisitionNumber": 1,
    "AcquisitionTime": "16:48:20.962500",
    "BandwidthPerPixelPhaseEncode": 65.104,
    "ConversionSoftware": "dcm2niix",
    "ConversionSoftwareVersion": "v1.0.20170724 GCC4.4.7",
    "DeviceSerialNumber": "35193",
    "EchoTime": 0.025,
    "EffectiveEchoSpacing": 0.000240001,
    "FlipAngle": 90,
    "ImageType": [
      "ORIGINAL",
      "PRIMARY",
      "M",
      "ND",
      "NORM",
      "MOSAIC"
    ],
    "InstitutionAddress": "Xinjiekouwai_Street_No_19_Beijing_Haidian_District_CN_100875",
    "InstitutionName": "BNU_MRI_Center",
    "MagneticFieldStrength": 3,
    "Manufacturer": "Siemens",
    "ManufacturersModelName": "TrioTim",
    "PhaseEncodingDirection": "j-",
    "PhaseEncodingLines": 64,
    "ProcedureStepDescription": "BNU_cst_2019_Zhu.Bi",
    "ProtocolName": "Learning6_154",
    "RepetitionTime": 2,
    "ScanningSequence": "EP",
    "SequenceName": "_epfid2d1_64",
    "SequenceVariant": "SK",
    "SeriesDescription": "Learning6_154",
    "SliceTiming": [
      0,
      1.02,
      0.05,
      1.0675,
      0.0975,
      1.115,
      0.1475,
      1.165,
      0.195,
      1.2125,
      0.2425,
      1.2625,
      0.2925,
      1.31,
      0.34,
      1.3575,
      0.39,
      1.4075,
      0.4375,
      1.455,
      0.485,
      1.5025,
      0.535,
      1.5525,
      0.5825,
      1.6,
      0.63,
      1.65,
      0.68,
      1.6975,
      0.7275,
      1.745,
      0.7775,
      1.795,
      0.825,
      1.8425,
      0.8725,
      1.8925,
      0.9225,
      1.94,
      0.97
    ],
    "SoftwareVersions": "syngo_MR_B17",
    "TaskName": "encoding",
    "TotalReadoutTime": 0.01488,
    "TrueEchoSpacing": 0.000480001,
    "dataset": "ds003789",
    "modality": "bold",
    "run_id": 6,
    "subject_id": "5416",
    "task_id": "encoding"
  },
  "dummy_trs": 1,
  "dvars_nstd": 30.23612422677631,
  "dvars_std": 1.1399511088157894,
  "dvars_vstd": 1.0064756447368424,
  "efc": 0.5618275120090483,
  "fber": 1004.7289428710938,
  "fd_mean": 0.08023686502286838,
  "fd_num": 2,
  "fd_perc": 1.3071895424836601,
  "fwhm_avg": 1.6167618255999858,
  "fwhm_x": 1.5415633333333334,
  "fwhm_y": 1.7685766666666665,
  "fwhm_z": 1.5401454767999574,
  "gcor": 0.0123308,
  "gsr_x": -0.0018839354161173105,
  "gsr_y": 0.03620753809809685,
  "provenance": {
    "md5sum": "43169fd44acc8cccfe6eb0a11fc4f556",
    "settings": {
      "fd_thres": 0.2,
      "testing": false
    },
    "software": "mriqc",
    "version": "23.1.0"
  },
  "size_t": 153,
  "size_x": 64,
  "size_y": 64,
  "size_z": 41,
  "snr": 6.3337457625929705,
  "spacing_tr": 2.0,
  "spacing_x": 3.0,
  "spacing_y": 3.0,
  "spacing_z": 3.299999952316284,
  "summary_bg_k": 27.911973658857892,
  "summary_bg_mad": 22.074298912239154,
  "summary_bg_mean": 61.02924175980302,
  "summary_bg_median": 29.575162887573242,
  "summary_bg_n": 122407.0,
  "summary_bg_p05": 9.45751667022705,
  "summary_bg_p95": 243.72549438476562,
  "summary_bg_stdv": 95.12340028755744,
  "summary_fg_k": 2.753297808371615,
  "summary_fg_mad": 120.00354651178094,
  "summary_fg_mean": 929.7336875197313,
  "summary_fg_median": 937.45751953125,
  "summary_fg_n": 45529.0,
  "summary_fg_p05": 654.9673461914062,
  "summary_fg_p95": 1139.0,
  "summary_fg_stdv": 148.00834442109175,
  "tsnr": 55.49212795961648
}