{
  "aor": 0.0005372727272727273,
  "aqi": 0.012891896103896102,
  "bids_meta": {
    "AccelFactPE": 2,
    "AcquisitionNumber": 1,
    "AcquisitionTime": "17:07:14.162500",
    "BandwidthPerPixelPhaseEncode": 65.104,
    "ConversionSoftware": "dcm2niix",
    "ConversionSoftwareVersion": "v1.0.20170724 GCC4.4.7",
    "DeviceSerialNumber": "35193",
    "EchoTime": 0.025,
    "EffectiveEchoSpacing": 0.000240001,
    "FlipAngle": 90,
    "ImageType": [
      "ORIGINAL",
      "PRIMARY",
      "M",
      "ND",
      "NORM",
      "MOSAIC"
    ],
    "InstitutionAddress": "Xinjiekouwai_Street_No_19_Beijing_Haidian_District_CN_100875",
    "InstitutionName": "BNU_MRI_Center",
    "MagneticFieldStrength": 3,
    "Manufacturer": "Siemens",
    "ManufacturersModelName": "TrioTim",
    "PhaseEncodingDirection": "j-",
    "PhaseEncodingLines": 64,
    "ProcedureStepDescription": "BNU_cst_2019_Zhu.Bi",
    "ProtocolName": "Learning9_154",
    "RepetitionTime": 2,
    "ScanningSequence": "EP",
    "SequenceName": "_epfid2d1_64",
    "SequenceVariant": "SK",
    "SeriesDescription": "Learning9_154",
    "SliceTiming": [
      0,
      1.0175,
      0.0475,
      1.065,
      0.095,
      1.115,
      0.145,
      1.1625,
      0.1925,
      1.21,
      0.2425,
      1.26,
      0.29,
      1.3075,
      0.3375,
      1.355,
      0.3875,
      1.405,
      0.435,
      1.4525,
      0.4825,
      1.5025,
      0.5325,
      1.55,
      0.58,
      1.5975,
      0.63,
      1.6475,
      0.6775,
      1.695,
      0.725,
      1.745,
      0.775,
      1.7925,
      0.8225,
      1.84,
      0.8725,
      1.89,
      0.92,
      1.9375,
      0.9675
    ],
    "SoftwareVersions": "syngo_MR_B17",
    "TaskName": "encoding",
    "TotalReadoutTime": 0.01488,
    "TrueEchoSpacing": 0.000480001,
    "dataset": "ds003789",
    "modality": "bold",
    "run_id": 9,
    "subject_id": "5416",
    "task_id": "encoding"
  },
  "dummy_trs": 0,
  "dvars_nstd": 29.71760693751635,
  "dvars_std": 1.1353241556209155,
  "dvars_vstd": 1.0152401179084973,
  "efc": 0.5622853460735722,
  "fber": 997.4884033203125,
  "fd_mean": 0.08823872754411755,
  "fd_num": 4,
  "fd_perc": 2.5974025974025974,
  "fwhm_avg": 1.6221214215760165,
  "fwhm_x": 1.55235,
  "fwhm_y": 1.7704566666666668,
  "fwhm_z": 1.5435575980613825,
  "gcor": 0.0186142,
  "gsr_x": -0.0021161616314202547,
  "gsr_y": 0.035350799560546875,
  "provenance": {
    "md5sum": "2a45d12729e56273e784ce562472a1c2",
    "settings": {
      "fd_thres": 0.2,
      "testing": false
    },
    "software": "mriqc",
    "version": "23.1.0"
  },
  "size_t": 154,
  "size_x": 64,
  "size_y": 64,
  "size_z": 41,
  "snr": 6.3379318923774415,
  "spacing_tr": 2.0,
  "spacing_x": 3.0,
  "spacing_y": 3.0,
  "spacing_z": 3.299999952316284,
  "summary_bg_k": 27.949077782248928,
  "summary_bg_mad": 22.02723376860875,
  "summary_bg_mean": 61.49502407383026,
  "summary_bg_median": 29.675325393676758,
  "summary_bg_n": 122430.0,
  "summary_bg_p05": 9.363636016845703,
  "summary_bg_p95": 245.24026489257812,
  "summary_bg_stdv": 96.0366124975756,
  "summary_fg_k": 2.753606107417766,
  "summary_fg_mad": 120.40365184070689,
  "summary_fg_mean": 929.8538761026585,
  "summary_fg_median": 937.2369995117188,
  "summary_fg_n": 45506.0,
  "summary_fg_p05": 657.467529296875,
  "summary_fg_p95": 1140.097412109375,
  "summary_fg_stdv": 147.8757925172121,
  "tsnr": 54.89836024562828
}