{
  "aor": 0.0006132679738562092,
  "aqi": 0.012188356209150326,
  "bids_meta": {
    "AccelFactPE": 2,
    "AcquisitionNumber": 1,
    "AcquisitionTime": "17:01:15.012500",
    "BandwidthPerPixelPhaseEncode": 65.104,
    "ConversionSoftware": "dcm2niix",
    "ConversionSoftwareVersion": "v1.0.20170724 GCC4.4.7",
    "DeviceSerialNumber": "35193",
    "EchoTime": 0.025,
    "EffectiveEchoSpacing": 0.000240001,
    "FlipAngle": 90,
    "ImageType": [
      "ORIGINAL",
      "PRIMARY",
      "M",
      "ND",
      "NORM",
      "MOSAIC"
    ],
    "InstitutionAddress": "Xinjiekouwai_Street_No_19_Beijing_Haidian_District_CN_100875",
    "InstitutionName": "BNU_MRI_Center",
    "MagneticFieldStrength": 3,
    "Manufacturer": "Siemens",
    "ManufacturersModelName": "TrioTim",
    "PhaseEncodingDirection": "j-",
    "PhaseEncodingLines": 64,
    "ProcedureStepDescription": "BNU_cst_2019_Zhu.Bi",
    "ProtocolName": "Learning8_154",
    "RepetitionTime": 2,
    "ScanningSequence": "EP",
    "SequenceName": "_epfid2d1_64",
    "SequenceVariant": "SK",
    "SeriesDescription": "Learning8_154",
    "SliceTiming": [
      0,
      1.02,
      0.05,
      1.0675,
      0.0975,
      1.115,
      0.145,
      1.165,
      0.195,
      1.2125,
      0.2425,
      1.26,
      0.2925,
      1.31,
      0.34,
      1.3575,
      0.3875,
      1.4075,
      0.4375,
      1.455,
      0.485,
      1.5025,
      0.535,
      1.5525,
      0.5825,
      1.6,
      0.63,
      1.65,
      0.68,
      1.6975,
      0.7275,
      1.745,
      0.7775,
      1.795,
      0.825,
      1.8425,
      0.8725,
      1.8925,
      0.9225,
      1.94,
      0.97
    ],
    "SoftwareVersions": "syngo_MR_B17",
    "TaskName": "encoding",
    "TotalReadoutTime": 0.01488,
    "TrueEchoSpacing": 0.000480001,
    "dataset": "ds003789",
    "modality": "bold",
    "run_id": 8,
    "subject_id": "5416",
    "task_id": "encoding"
  },
  "dummy_trs": 1,
  "dvars_nstd": 29.98054863256578,
  "dvars_std": 1.1422191367105266,
  "dvars_vstd": 1.0125402628947369,
  "efc": 0.562144024591834,
  "fber": 1001.6617431640625,
  "fd_mean": 0.08356439152449714,
  "fd_num": 2,
  "fd_perc": 1.3071895424836601,
  "fwhm_avg": 1.6133864720053597,
  "fwhm_x": 1.5449133333333334,
  "fwhm_y": 1.7674066666666668,
  "fwhm_z": 1.527839416016079,
  "gcor": 0.0156938,
  "gsr_x": -0.0018009744817391038,
  "gsr_y": 0.03545038029551506,
  "provenance": {
    "md5sum": "7dd1b6899770c1511a9faca0b2d16bdf",
    "settings": {
      "fd_thres": 0.2,
      "testing": false
    },
    "software": "mriqc",
    "version": "23.1.0"
  },
  "size_t": 153,
  "size_x": 64,
  "size_y": 64,
  "size_z": 41,
  "snr": 6.330909204499147,
  "spacing_tr": 2.0,
  "spacing_x": 3.0,
  "spacing_y": 3.0,
  "spacing_z": 3.299999952316284,
  "summary_bg_k": 27.919310596761278,
  "summary_bg_mad": 21.86111376199978,
  "summary_bg_mean": 61.31157422734758,
  "summary_bg_median": 29.601306915283203,
  "summary_bg_n": 122420.0,
  "summary_bg_p05": 9.526144027709961,
  "summary_bg_p95": 244.60457611083984,
  "summary_bg_stdv": 95.6161677392659,
  "summary_fg_k": 2.7161153572243206,
  "summary_fg_mad": 121.10341764610872,
  "summary_fg_mean": 929.5109842014455,
  "summary_fg_median": 936.8529357910156,
  "summary_fg_n": 45516.0,
  "summary_fg_p05": 655.5032958984375,
  "summary_fg_p95": 1139.54248046875,
  "summary_fg_stdv": 147.9791628666037,
  "tsnr": 56.405953062698245
}