{
  "aor": 0.0006548051948051949,
  "aqi": 0.012608528571428572,
  "bids_meta": {
    "AccelFactPE": 2,
    "AcquisitionNumber": 1,
    "AcquisitionTime": "16:42:28.080000",
    "BandwidthPerPixelPhaseEncode": 65.104,
    "ConversionSoftware": "dcm2niix",
    "ConversionSoftwareVersion": "v1.0.20170724 GCC4.4.7",
    "DeviceSerialNumber": "35193",
    "EchoTime": 0.025,
    "EffectiveEchoSpacing": 0.000240001,
    "FlipAngle": 90,
    "ImageType": [
      "ORIGINAL",
      "PRIMARY",
      "M",
      "ND",
      "NORM",
      "MOSAIC"
    ],
    "InstitutionAddress": "Xinjiekouwai_Street_No_19_Beijing_Haidian_District_CN_100875",
    "InstitutionName": "BNU_MRI_Center",
    "MagneticFieldStrength": 3,
    "Manufacturer": "Siemens",
    "ManufacturersModelName": "TrioTim",
    "PhaseEncodingDirection": "j-",
    "PhaseEncodingLines": 64,
    "ProcedureStepDescription": "BNU_cst_2019_Zhu.Bi",
    "ProtocolName": "Learning5_154",
    "RepetitionTime": 2,
    "ScanningSequence": "EP",
    "SequenceName": "_epfid2d1_64",
    "SequenceVariant": "SK",
    "SeriesDescription": "Learning5_154",
    "SliceTiming": [
      0,
      1.0175,
      0.0475,
      1.065,
      0.095,
      1.115,
      0.145,
      1.1625,
      0.1925,
      1.21,
      0.2425,
      1.26,
      0.29,
      1.3075,
      0.3375,
      1.355,
      0.3875,
      1.405,
      0.435,
      1.4525,
      0.4825,
      1.5025,
      0.5325,
      1.55,
      0.58,
      1.5975,
      0.63,
      1.6475,
      0.6775,
      1.695,
      0.725,
      1.745,
      0.775,
      1.7925,
      0.8225,
      1.84,
      0.8725,
      1.89,
      0.92,
      1.9375,
      0.9675
    ],
    "SoftwareVersions": "syngo_MR_B17",
    "TaskName": "encoding",
    "TotalReadoutTime": 0.01488,
    "TrueEchoSpacing": 0.000480001,
    "dataset": "ds003789",
    "modality": "bold",
    "run_id": 5,
    "subject_id": "5416",
    "task_id": "encoding"
  },
  "dummy_trs": 0,
  "dvars_nstd": 30.273290222745118,
  "dvars_std": 1.1568388533986929,
  "dvars_vstd": 1.0211058674509803,
  "efc": 0.5612265243342565,
  "fber": 1019.0379028320312,
  "fd_mean": 0.07905079902560316,
  "fd_num": 1,
  "fd_perc": 0.6493506493506493,
  "fwhm_avg": 1.626627280150753,
  "fwhm_x": 1.5594566666666667,
  "fwhm_y": 1.7791766666666666,
  "fwhm_z": 1.5412485071189261,
  "gcor": 0.00987181,
  "gsr_x": -0.0011526779271662235,
  "gsr_y": 0.036548711359500885,
  "provenance": {
    "md5sum": "31dd09d37f741cae35bf363fcc93db76",
    "settings": {
      "fd_thres": 0.2,
      "testing": false
    },
    "software": "mriqc",
    "version": "23.1.0"
  },
  "size_t": 154,
  "size_x": 64,
  "size_y": 64,
  "size_z": 41,
  "snr": 6.317587127194156,
  "spacing_tr": 2.0,
  "spacing_x": 3.0,
  "spacing_y": 3.0,
  "spacing_z": 3.299999952316284,
  "summary_bg_k": 28.150054879048437,
  "summary_bg_mad": 21.85394094757862,
  "summary_bg_mean": 61.02482738787216,
  "summary_bg_median": 29.48701286315918,
  "summary_bg_n": 122426.0,
  "summary_bg_p05": 9.298701286315918,
  "summary_bg_p95": 244.0129852294922,
  "summary_bg_stdv": 95.67489079942577,
  "summary_fg_k": 2.7419293900359385,
  "summary_fg_mad": 121.24607648384517,
  "summary_fg_mean": 934.0911946347194,
  "summary_fg_median": 941.2954711914062,
  "summary_fg_n": 45510.0,
  "summary_fg_p05": 659.2207641601562,
  "summary_fg_p95": 1146.32470703125,
  "summary_fg_stdv": 148.99440412138182,
  "tsnr": 55.432298579253256
}