{
  "aor": 0.000364212962962963,
  "aqi": 0.016295960648148148,
  "bids_meta": {
    "AccelFactPE": 2,
    "AcquisitionNumber": 1,
    "AcquisitionTime": "12:29:25.700000",
    "BandwidthPerPixelPhaseEncode": 65.104,
    "ConversionSoftware": "dcm2niix",
    "ConversionSoftwareVersion": "v1.0.20170724 GCC4.4.7",
    "DeviceSerialNumber": "35193",
    "EchoTime": 0.025,
    "EffectiveEchoSpacing": 0.000240001,
    "FlipAngle": 90,
    "ImageType": [
      "ORIGINAL",
      "PRIMARY",
      "M",
      "ND",
      "NORM",
      "MOSAIC"
    ],
    "InstitutionAddress": "Xinjiekouwai_Street_No_19_Beijing_Haidian_District_CN_100875",
    "InstitutionName": "BNU_MRI_Center",
    "MagneticFieldStrength": 3,
    "Manufacturer": "Siemens",
    "ManufacturersModelName": "TrioTim",
    "PhaseEncodingDirection": "j-",
    "PhaseEncodingLines": 64,
    "ProcedureStepDescription": "BNU_cst_2015_Zhu.Bi",
    "ProtocolName": "Test2_216",
    "RepetitionTime": 2,
    "ScanningSequence": "EP",
    "SequenceName": "_epfid2d1_64",
    "SequenceVariant": "SK",
    "SeriesDescription": "Test2_216",
    "SliceTiming": [
      0,
      1.0175,
      0.0475,
      1.065,
      0.095,
      1.115,
      0.145,
      1.1625,
      0.1925,
      1.21,
      0.2425,
      1.26,
      0.29,
      1.3075,
      0.3375,
      1.3575,
      0.3875,
      1.405,
      0.435,
      1.4525,
      0.485,
      1.5025,
      0.5325,
      1.55,
      0.58,
      1.6,
      0.63,
      1.6475,
      0.6775,
      1.695,
      0.7275,
      1.745,
      0.775,
      1.7925,
      0.8225,
      1.8425,
      0.8725,
      1.89,
      0.92,
      1.9375,
      0.9675
    ],
    "SoftwareVersions": "syngo_MR_B17",
    "TaskName": "retrieval",
    "TotalReadoutTime": 0.01488,
    "TrueEchoSpacing": 0.000480001,
    "dataset": "ds003789",
    "modality": "bold",
    "run_id": 2,
    "subject_id": "5433",
    "task_id": "retrieval"
  },
  "dummy_trs": 0,
  "dvars_nstd": 36.89784499772092,
  "dvars_std": 1.2240638310697667,
  "dvars_vstd": 0.9853310127906975,
  "efc": 0.5955888871841792,
  "fber": 785.9955444335938,
  "fd_mean": 0.07864606636130221,
  "fd_num": 2,
  "fd_perc": 0.9259259259259259,
  "fwhm_avg": 1.615667545435113,
  "fwhm_x": 1.54273,
  "fwhm_y": 1.7304000000000002,
  "fwhm_z": 1.5738726363053388,
  "gcor": 0.00395728,
  "gsr_x": -0.0055125621147453785,
  "gsr_y": 0.030561670660972595,
  "provenance": {
    "md5sum": "2e7c27f00b326cd905254635be03b039",
    "settings": {
      "fd_thres": 0.2,
      "testing": false
    },
    "software": "mriqc",
    "version": "23.1.0"
  },
  "size_t": 216,
  "size_x": 64,
  "size_y": 64,
  "size_z": 41,
  "snr": 6.154320524552764,
  "spacing_tr": 2.0,
  "spacing_x": 3.0,
  "spacing_y": 3.0,
  "spacing_z": 3.3000001907348633,
  "summary_bg_k": 26.97355805755678,
  "summary_bg_mad": 18.39181727487124,
  "summary_bg_mean": 48.60229391413056,
  "summary_bg_median": 24.375,
  "summary_bg_n": 115822.0,
  "summary_bg_p05": 7.865740776062012,
  "summary_bg_p95": 187.10647583007812,
  "summary_bg_stdv": 73.66456283994037,
  "summary_fg_k": 1.8035612312760696,
  "summary_fg_mad": 100.86156285140603,
  "summary_fg_mean": 681.0597231032986,
  "summary_fg_median": 683.3680419921875,
  "summary_fg_n": 52114.0,
  "summary_fg_p05": 489.8055725097656,
  "summary_fg_p95": 846.1713256835938,
  "summary_fg_stdv": 111.03768202544873,
  "tsnr": 47.74019529763609
}