{
  "bids_meta": {
    "AcquisitionNumber": 1,
    "AcquisitionTime": "09:40:15.465000",
    "ConversionSoftware": "dcm2niix",
    "ConversionSoftwareVersion": "v1.0.20170724 GCC4.4.7",
    "DeviceSerialNumber": "35193",
    "EchoTime": 0.00309,
    "FlipAngle": 10,
    "ImageType": [
      "ORIGINAL",
      "PRIMARY",
      "M",
      "ND",
      "NORM"
    ],
    "InstitutionAddress": "Xinjiekouwai_Street_No_19_Beijing_Haidian_District_CN_100875",
    "InstitutionName": "BNU_MRI_Center",
    "InversionTime": 0.8,
    "MagneticFieldStrength": 3,
    "Manufacturer": "Siemens",
    "ManufacturersModelName": "TrioTim",
    "PhaseEncodingDirection": "i-",
    "PhaseEncodingLines": 256,
    "ProcedureStepDescription": "BNU_cst_2019_Zhu.Bi",
    "ProtocolName": "UCI_MPRAGE_Sag_1x1x1",
    "RepetitionTime": 2.53,
    "ScanningSequence": "GR_IR",
    "SequenceName": "_tfl3d1_ns",
    "SequenceVariant": "SP_MP",
    "SeriesDescription": "UCI_MPRAGE_Sag_1x1x1",
    "SoftwareVersions": "syngo_MR_B17",
    "dataset": "ds003789",
    "modality": "T1w",
    "subject_id": "5417"
  },
  "cjv": 0.5401338050519696,
  "cnr": 1.8426388460837408,
  "efc": 0.47186700746680754,
  "fber": 12052.098783694937,
  "fwhm_avg": 4.03455,
  "fwhm_x": 4.10648,
  "fwhm_y": 4.1888,
  "fwhm_z": 3.80837,
  "icvs_csf": 0.26954218385146417,
  "icvs_gm": 0.3829037266007066,
  "icvs_wm": 0.34755408954782924,
  "inu_med": 0.584679514169693,
  "inu_range": 0.24766802340745925,
  "provenance": {
    "md5sum": "78ce4d97fc7e293dd271c94f8ae6bdfc",
    "settings": {
      "testing": false
    },
    "software": "mriqc",
    "version": "23.1.0",
    "warnings": {
      "large_rot_frame": false,
      "small_air_mask": false
    }
  },
  "qi_1": 0.0,
  "qi_2": 0.000121880480197077,
  "rpve_csf": 8.698931186751144,
  "rpve_gm": 8.616247548740377,
  "rpve_wm": 8.715574559142366,
  "size_x": 208,
  "size_y": 256,
  "size_z": 256,
  "snr_csf": 2.042814739157285,
  "snr_gm": 5.508155374420114,
  "snr_total": 5.997087819368889,
  "snr_wm": 10.440293344529266,
  "snrd_csf": 28.96179371743246,
  "snrd_gm": 49.726767180006064,
  "snrd_total": 49.74275429111892,
  "snrd_wm": 70.53970197591822,
  "spacing_x": 1.0,
  "spacing_y": 1.0,
  "spacing_z": 1.0,
  "summary_bg_k": 6.780123245060823,
  "summary_bg_mad": 0.0,
  "summary_bg_mean": 5.311324404627713,
  "summary_bg_median": 0.0,
  "summary_bg_n": 5092123.0,
  "summary_bg_p05": 0.0,
  "summary_bg_p95": 24.24486998654902,
  "summary_bg_stdv": 8.904890884172103,
  "summary_csf_k": -0.6544874497307962,
  "summary_csf_mad": 151.79033610894334,
  "summary_csf_mean": 403.73277426645967,
  "summary_csf_median": 393.6609427649528,
  "summary_csf_n": 417248.06637937424,
  "summary_csf_p05": 104.92658201605082,
  "summary_csf_p95": 711.4208520893008,
  "summary_csf_stdv": 192.7049298617132,
  "summary_gm_k": -0.5420518299559114,
  "summary_gm_mad": 85.74451066433033,
  "summary_gm_mean": 681.8473002208424,
  "summary_gm_median": 675.9072397146374,
  "summary_gm_n": 592730.3743359261,
  "summary_gm_p05": 484.3696624841541,
  "summary_gm_p95": 911.9610058832914,
  "summary_gm_stdv": 122.71016767049501,
  "summary_wm_k": -0.36287339717907496,
  "summary_wm_mad": 67.05837468487884,
  "summary_wm_mean": 937.2239120652495,
  "summary_wm_median": 958.8054473809898,
  "summary_wm_n": 538009.5603365346,
  "summary_wm_p05": 751.5599262155592,
  "summary_wm_p95": 1053.5498048700392,
  "summary_wm_stdv": 91.83693644160832,
  "tpm_overlap_csf": 0.22633889744424332,
  "tpm_overlap_gm": 0.5320081620284134,
  "tpm_overlap_wm": 0.5605774340670617,
  "wm2max": 0.5699127914043792
}