{
  "bids_meta": {
    "AcquisitionNumber": 1,
    "AcquisitionTime": "10:55:50.207500",
    "ConversionSoftware": "dcm2niix",
    "ConversionSoftwareVersion": "v1.0.20170724 GCC4.4.7",
    "DeviceSerialNumber": "35193",
    "EchoTime": 0.00309,
    "FlipAngle": 10,
    "ImageType": [
      "ORIGINAL",
      "PRIMARY",
      "M",
      "ND",
      "NORM"
    ],
    "InstitutionAddress": "Xinjiekouwai_Street_No_19_Beijing_Haidian_District_CN_100875",
    "InstitutionName": "BNU_MRI_Center",
    "InversionTime": 0.8,
    "MagneticFieldStrength": 3,
    "Manufacturer": "Siemens",
    "ManufacturersModelName": "TrioTim",
    "PhaseEncodingDirection": "i-",
    "PhaseEncodingLines": 256,
    "ProcedureStepDescription": "BNU_cst_2019_Zhu.Bi",
    "ProtocolName": "UCI_MPRAGE_Sag_1x1x1",
    "RepetitionTime": 2.53,
    "ScanningSequence": "GR_IR",
    "SequenceName": "_tfl3d1_ns",
    "SequenceVariant": "SP_MP",
    "SeriesDescription": "UCI_MPRAGE_Sag_1x1x1",
    "SoftwareVersions": "syngo_MR_B17",
    "dataset": "ds003789",
    "modality": "T1w",
    "subject_id": "5440"
  },
  "cjv": 0.5110838333895548,
  "cnr": 2.0072656375144056,
  "efc": 0.5880146041107037,
  "fber": 7260.493722063746,
  "fwhm_avg": 4.024268843492131,
  "fwhm_x": 4.101596530476395,
  "fwhm_y": 4.08195,
  "fwhm_z": 3.88926,
  "icvs_csf": 0.2753436139130123,
  "icvs_gm": 0.38153706724538883,
  "icvs_wm": 0.34311931884159885,
  "inu_med": 0.577858030796051,
  "inu_range": 0.2524931117892265,
  "provenance": {
    "md5sum": "1f180a147cf36f48c219dbd42b7d259a",
    "settings": {
      "testing": false
    },
    "software": "mriqc",
    "version": "23.1.0",
    "warnings": {
      "large_rot_frame": true,
      "small_air_mask": false
    }
  },
  "qi_1": 0.0,
  "qi_2": 0.0016767780016698369,
  "rpve_csf": 7.673233603107959,
  "rpve_gm": 7.611588722712668,
  "rpve_wm": 7.72784112423947,
  "size_x": 208,
  "size_y": 256,
  "size_z": 256,
  "snr_csf": 2.23666847865473,
  "snr_gm": 5.200249938309731,
  "snr_total": 6.6312072703988205,
  "snr_wm": 12.456703394232,
  "snrd_csf": 27.18397214007171,
  "snrd_gm": 42.76986187664273,
  "snrd_total": 44.02503212786602,
  "snrd_wm": 62.121262366883634,
  "spacing_x": 1.0000057220458984,
  "spacing_y": 1.0,
  "spacing_z": 1.0,
  "summary_bg_k": 6.442198906311818,
  "summary_bg_mad": 0.0,
  "summary_bg_mean": 7.006895105793696,
  "summary_bg_median": 0.0,
  "summary_bg_n": 3391980.0,
  "summary_bg_p05": 0.0,
  "summary_bg_p95": 27.8667711019516,
  "summary_bg_stdv": 10.243597831052073,
  "summary_csf_k": -0.36928635985639735,
  "summary_csf_mad": 138.55425265465414,
  "summary_csf_mean": 426.18328762954576,
  "summary_csf_median": 425.04381996393204,
  "summary_csf_n": 481388.1967829354,
  "summary_csf_p05": 117.20969450473785,
  "summary_csf_p95": 723.1759567856789,
  "summary_csf_stdv": 190.03414343378986,
  "summary_gm_k": -0.41644334806507466,
  "summary_gm_mad": 93.29558668402002,
  "summary_gm_mean": 674.0017369730712,
  "summary_gm_median": 668.7420579195023,
  "summary_gm_n": 667048.1228779552,
  "summary_gm_p05": 466.1790428161621,
  "summary_gm_p95": 908.0577776432037,
  "summary_gm_stdv": 128.59796444071588,
  "summary_wm_k": 0.21491569352443074,
  "summary_wm_mad": 61.34565714237436,
  "summary_wm_mean": 956.7332011883384,
  "summary_wm_median": 971.317161500454,
  "summary_wm_n": 599881.6817691971,
  "summary_wm_p05": 802.1217334866524,
  "summary_wm_p95": 1059.3906658291817,
  "summary_wm_stdv": 77.97539374336085,
  "tpm_overlap_csf": 0.2117384699942626,
  "tpm_overlap_gm": 0.5210774642109353,
  "tpm_overlap_wm": 0.5331349142704398,
  "wm2max": 0.6850047959074923
}